{
  "aor": 0.0035603571428571438,
  "aqi": 0.0032878297023809524,
  "bids_meta": {
    "AcquisitionMatrixPE": 64,
    "ConversionSoftware": "dcm2niix",
    "ConversionSoftwareVersion": "v1.0.20171017 (OpenJPEG build) GCC4.8.4",
    "DeviceSerialNumber": "0000000517353VH3",
    "EchoTime": 0.0279,
    "EffectiveEchoSpacing": 0.000608,
    "FlipAngle": 76,
    "ImageOrientationPatientDICOM": [
      1,
      0,
      0,
      0,
      1,
      0
    ],
    "ImageType": [
      "ORIGINAL",
      "PRIMARY",
      "EPI",
      "NONE"
    ],
    "InPlanePhaseEncodingDirectionDICOM": "COL",
    "InstitutionName": "Michigan_State_University",
    "MRAcquisitionType": "2D",
    "MagneticFieldStrength": 3,
    "Manufacturer": "GE",
    "ManufacturersModelName": "Signa_HDxt",
    "Modality": "MR",
    "PatientPosition": "HFS",
    "PercentPhaseFOV": 100,
    "PixelBandwidth": 7812.5,
    "ProtocolName": "fMRI",
    "ReconMatrixPE": 64,
    "RepetitionTime": 2,
    "SAR": 0.225736,
    "ScanOptions": "EPI_GEMS",
    "ScanningSequence": "EP_GR",
    "SequenceVariant": "SS",
    "SeriesDescription": "fMRI",
    "SliceThickness": 4,
    "SoftwareVersions": "24_LX_MR_Software_release:HD16.0_V02_1131.a",
    "SpacingBetweenSlices": 4,
    "StationName": "MR03MR03",
    "TaskName": "rest",
    "TotalReadoutTime": 0.038304,
    "modality": "bold",
    "session_id": "ExercisePre",
    "subject_id": "030",
    "task_id": "rest"
  },
  "dummy_trs": 0,
  "dvars_nstd": 14.438751129281432,
  "dvars_std": 1.1743288809580843,
  "dvars_vstd": 1.0121754782035925,
  "efc": 0.4823375000926978,
  "fber": 6493.73876953125,
  "fd_mean": 0.08171903997480823,
  "fd_num": 0,
  "fd_perc": 0.0,
  "fwhm_avg": 2.898526121212121,
  "fwhm_x": 2.8615447272727272,
  "fwhm_y": 3.1342836363636364,
  "fwhm_z": 2.69975,
  "gcor": 0.0308684,
  "gsr_x": -0.007430803030729294,
  "gsr_y": 0.00935224536806345,
  "provenance": {
    "md5sum": "15902205ab10afd648d5eb5e386c2ef4",
    "settings": {
      "fd_thres": 0.5,
      "hmc_fsl": false
    },
    "software": "mriqc",
    "version": "0.10.4"
  },
  "size_t": 168,
  "size_x": 64,
  "size_y": 64,
  "size_z": 30,
  "snr": 5.207757983890209,
  "spacing_tr": 2.0,
  "spacing_x": 3.4375,
  "spacing_y": 3.4375,
  "spacing_z": 4.0,
  "summary_bg_k": 82.15325554910055,
  "summary_bg_mad": 13.219871520996094,
  "summary_bg_mean": 56.82807922363281,
  "summary_bg_median": 36.46428680419922,
  "summary_bg_n": 67915.0,
  "summary_bg_p05": 0.065476194024086,
  "summary_bg_p95": 146.989888000488,
  "summary_bg_stdv": 85.75267791748047,
  "summary_fg_k": 2.7062755908338234,
  "summary_fg_mad": 456.00189208984375,
  "summary_fg_mean": 2957.06005859375,
  "summary_fg_median": 3026.76806640625,
  "summary_fg_n": 26904.0,
  "summary_fg_p05": 1840.5264953613282,
  "summary_fg_p95": 3731.713427734375,
  "summary_fg_stdv": 581.19287109375,
  "tsnr": 91.69493103027344
}