{
  "aor": 0.03179744047619047,
  "aqi": 0.030002502738095238,
  "bids_meta": {
    "AcquisitionMatrixPE": 64,
    "ConversionSoftware": "dcm2niix",
    "ConversionSoftwareVersion": "v1.0.20171017 (OpenJPEG build) GCC4.8.4",
    "DeviceSerialNumber": "0000000517353VH3",
    "EchoTime": 0.0279,
    "EffectiveEchoSpacing": 0.000608,
    "FlipAngle": 76,
    "ImageOrientationPatientDICOM": [
      1,
      0,
      0,
      0,
      1,
      0
    ],
    "ImageType": [
      "ORIGINAL",
      "PRIMARY",
      "EPI",
      "NONE"
    ],
    "InPlanePhaseEncodingDirectionDICOM": "COL",
    "InstitutionName": "Michigan_State_University",
    "MRAcquisitionType": "2D",
    "MagneticFieldStrength": 3,
    "Manufacturer": "GE",
    "ManufacturersModelName": "Signa_HDxt",
    "Modality": "MR",
    "PatientPosition": "HFS",
    "PercentPhaseFOV": 100,
    "PixelBandwidth": 7812.5,
    "ProtocolName": "fMRI",
    "ReconMatrixPE": 64,
    "RepetitionTime": 2,
    "SAR": 0.225736,
    "ScanOptions": "EPI_GEMS",
    "ScanningSequence": "EP_GR",
    "SequenceVariant": "SS",
    "SeriesDescription": "fMRI",
    "SliceThickness": 4,
    "SoftwareVersions": "24_LX_MR_Software_release:HD16.0_V02_1131.a",
    "SpacingBetweenSlices": 4,
    "StationName": "MR03MR03",
    "TaskName": "flanker",
    "TotalReadoutTime": 0.038304,
    "modality": "bold",
    "run_id": "01",
    "session_id": "ControlPre",
    "subject_id": "035",
    "task_id": "flanker"
  },
  "dummy_trs": 0,
  "dvars_nstd": 45.26042655592812,
  "dvars_std": 1.1249134713173656,
  "dvars_vstd": 1.1271860424550892,
  "efc": 0.47924984175856933,
  "fber": 8874.8671875,
  "fd_mean": 1.028904125556391,
  "fd_num": 77,
  "fd_perc": 45.833333333333336,
  "fwhm_avg": 3.0262825757575755,
  "fwhm_x": 2.9446690909090907,
  "fwhm_y": 3.3346036363636364,
  "fwhm_z": 2.799575,
  "gcor": 0.14221,
  "gsr_x": -0.0009535870049148798,
  "gsr_y": 0.008209937252104282,
  "provenance": {
    "md5sum": "ad1b1fa4ce987f842fd112850ff7db74",
    "settings": {
      "fd_thres": 0.5,
      "hmc_fsl": false
    },
    "software": "mriqc",
    "version": "0.10.4"
  },
  "size_t": 168,
  "size_x": 64,
  "size_y": 64,
  "size_z": 30,
  "snr": 5.020146354487438,
  "spacing_tr": 2.0,
  "spacing_x": 3.4375,
  "spacing_y": 3.4375,
  "spacing_z": 4.0,
  "summary_bg_k": 63.41922409670667,
  "summary_bg_mad": 14.94074821472168,
  "summary_bg_mean": 59.595760345458984,
  "summary_bg_median": 29.0238094329834,
  "summary_bg_n": 68867.0,
  "summary_bg_p05": 1.6785714626312256,
  "summary_bg_p95": 206.9172668457031,
  "summary_bg_stdv": 107.94172668457031,
  "summary_fg_k": 2.680534511936827,
  "summary_fg_mad": 415.8786315917969,
  "summary_fg_mean": 2670.3466796875,
  "summary_fg_median": 2761.351318359375,
  "summary_fg_n": 26371.0,
  "summary_fg_p05": 1554.2232666015625,
  "summary_fg_p95": 3358.34228515625,
  "summary_fg_stdv": 550.0435180664062,
  "tsnr": 25.871652603149414
}