{
  "aor": 0.0021038690476190476,
  "aqi": 0.0029800504166666666,
  "bids_meta": {
    "AcquisitionMatrixPE": 64,
    "ConversionSoftware": "dcm2niix",
    "ConversionSoftwareVersion": "v1.0.20171017 (OpenJPEG build) GCC4.8.4",
    "DeviceSerialNumber": "0000000517353VH3",
    "EchoTime": 0.0279,
    "EffectiveEchoSpacing": 0.000608,
    "FlipAngle": 76,
    "ImageOrientationPatientDICOM": [
      1,
      0,
      0,
      0,
      1,
      0
    ],
    "ImageType": [
      "ORIGINAL",
      "PRIMARY",
      "EPI",
      "NONE"
    ],
    "InPlanePhaseEncodingDirectionDICOM": "COL",
    "InstitutionName": "Michigan_State_University",
    "MRAcquisitionType": "2D",
    "MagneticFieldStrength": 3,
    "Manufacturer": "GE",
    "ManufacturersModelName": "Signa_HDxt",
    "Modality": "MR",
    "PatientPosition": "HFS",
    "PercentPhaseFOV": 100,
    "PixelBandwidth": 7812.5,
    "ProtocolName": "fMRI",
    "ReconMatrixPE": 64,
    "RepetitionTime": 2,
    "SAR": 0.225736,
    "ScanOptions": "EPI_GEMS",
    "ScanningSequence": "EP_GR",
    "SequenceVariant": "SS",
    "SeriesDescription": "fMRI",
    "SliceThickness": 4,
    "SoftwareVersions": "24_LX_MR_Software_release:HD16.0_V02_1131.a",
    "SpacingBetweenSlices": 4,
    "StationName": "MR03MR03",
    "TaskName": "flanker",
    "TotalReadoutTime": 0.038304,
    "modality": "bold",
    "run_id": "01",
    "session_id": "ExercisePre",
    "subject_id": "044",
    "task_id": "flanker"
  },
  "dummy_trs": 0,
  "dvars_nstd": 15.371429472095814,
  "dvars_std": 1.360141731796407,
  "dvars_vstd": 0.9617524335928141,
  "efc": 0.4637130438383827,
  "fber": 12118.486328125,
  "fd_mean": 0.11198719784096482,
  "fd_num": 2,
  "fd_perc": 1.1904761904761905,
  "fwhm_avg": 2.956707878787879,
  "fwhm_x": 2.9570036363636363,
  "fwhm_y": 3.21952,
  "fwhm_z": 2.6936,
  "gcor": 0.0335393,
  "gsr_x": -0.006542103830724955,
  "gsr_y": 0.006228141952306032,
  "provenance": {
    "md5sum": "c94134d75e1c487f2fe91eae78920438",
    "settings": {
      "fd_thres": 0.5,
      "hmc_fsl": false
    },
    "software": "mriqc",
    "version": "0.10.4"
  },
  "size_t": 168,
  "size_x": 64,
  "size_y": 64,
  "size_z": 30,
  "snr": 5.0632549284574315,
  "spacing_tr": 2.0,
  "spacing_x": 3.4375,
  "spacing_y": 3.4375,
  "spacing_z": 4.0,
  "summary_bg_k": 98.93996617999034,
  "summary_bg_mad": 10.484115600585938,
  "summary_bg_mean": 48.79072570800781,
  "summary_bg_median": 25.428571701049805,
  "summary_bg_n": 70004.0,
  "summary_bg_p05": 0.0773809552192688,
  "summary_bg_p95": 140.85506210327102,
  "summary_bg_stdv": 101.39859008789062,
  "summary_fg_k": 2.658468197862322,
  "summary_fg_mad": 430.9299621582031,
  "summary_fg_mean": 2780.27490234375,
  "summary_fg_median": 2864.5537109375,
  "summary_fg_n": 25358.0,
  "summary_fg_p05": 1660.9634704589844,
  "summary_fg_p95": 3517.101843261719,
  "summary_fg_stdv": 565.7422485351562,
  "tsnr": 97.21566772460938
}