{
  "aor": 0.015718214285714287,
  "aqi": 0.005444470892857143,
  "bids_meta": {
    "AcquisitionMatrixPE": 64,
    "ConversionSoftware": "dcm2niix",
    "ConversionSoftwareVersion": "v1.0.20171017 (OpenJPEG build) GCC4.8.4",
    "DeviceSerialNumber": "0000000517353VH3",
    "EchoTime": 0.0279,
    "EffectiveEchoSpacing": 0.000608,
    "FlipAngle": 76,
    "ImageOrientationPatientDICOM": [
      1,
      0,
      0,
      0,
      1,
      0
    ],
    "ImageType": [
      "ORIGINAL",
      "PRIMARY",
      "EPI",
      "NONE"
    ],
    "InPlanePhaseEncodingDirectionDICOM": "COL",
    "InstitutionName": "Michigan_State_University",
    "MRAcquisitionType": "2D",
    "MagneticFieldStrength": 3,
    "Manufacturer": "GE",
    "ManufacturersModelName": "Signa_HDxt",
    "Modality": "MR",
    "PatientPosition": "HFS",
    "PercentPhaseFOV": 100,
    "PixelBandwidth": 7812.5,
    "ProtocolName": "fMRI",
    "ReconMatrixPE": 64,
    "RepetitionTime": 2,
    "SAR": 0.225736,
    "ScanOptions": "EPI_GEMS",
    "ScanningSequence": "EP_GR",
    "SequenceVariant": "SS",
    "SeriesDescription": "fMRI",
    "SliceThickness": 4,
    "SoftwareVersions": "24_LX_MR_Software_release:HD16.0_V02_1131.a",
    "SpacingBetweenSlices": 4,
    "StationName": "MR03MR03",
    "TaskName": "flanker",
    "TotalReadoutTime": 0.038304,
    "modality": "bold",
    "run_id": "02",
    "session_id": "ControlPost",
    "subject_id": "030",
    "task_id": "flanker"
  },
  "dummy_trs": 0,
  "dvars_nstd": 19.075244498023956,
  "dvars_std": 1.1190697716167661,
  "dvars_vstd": 1.0709262699401196,
  "efc": 0.4898158924939899,
  "fber": 3704.314208984375,
  "fd_mean": 0.1866279213299503,
  "fd_num": 14,
  "fd_perc": 8.333333333333334,
  "fwhm_avg": 2.9541413636363636,
  "fwhm_x": 2.9033599999999997,
  "fwhm_y": 3.287389090909091,
  "fwhm_z": 2.671675,
  "gcor": 0.100169,
  "gsr_x": -0.00638978136703372,
  "gsr_y": 0.010420245118439198,
  "provenance": {
    "md5sum": "9d79d3dc3269f4a56b6f6b1c507fae57",
    "settings": {
      "fd_thres": 0.5,
      "hmc_fsl": false
    },
    "software": "mriqc",
    "version": "0.10.4"
  },
  "size_t": 168,
  "size_x": 64,
  "size_y": 64,
  "size_z": 30,
  "snr": 5.1187127705858755,
  "spacing_tr": 2.0,
  "spacing_x": 3.4375,
  "spacing_y": 3.4375,
  "spacing_z": 4.0,
  "summary_bg_k": 96.61257737457477,
  "summary_bg_mad": 13.149266242980957,
  "summary_bg_mean": 65.90632629394531,
  "summary_bg_median": 48.39285659790039,
  "summary_bg_n": 67512.0,
  "summary_bg_p05": 0.2976190447807312,
  "summary_bg_p95": 159.33363265991193,
  "summary_bg_stdv": 91.41230773925781,
  "summary_fg_k": 2.6907151395588977,
  "summary_fg_mad": 467.02838134765625,
  "summary_fg_mean": 2966.172119140625,
  "summary_fg_median": 3041.607177734375,
  "summary_fg_n": 27407.0,
  "summary_fg_p05": 1807.791101074219,
  "summary_fg_p95": 3748.2898925781246,
  "summary_fg_stdv": 594.2024536132812,
  "tsnr": 62.20441436767578
}