{
  "aor": 0.04553369047619048,
  "aqi": 0.008518283333333335,
  "bids_meta": {
    "AcquisitionMatrixPE": 64,
    "ConversionSoftware": "dcm2niix",
    "ConversionSoftwareVersion": "v1.0.20171017 (OpenJPEG build) GCC4.8.4",
    "DeviceSerialNumber": "0000000517353VH3",
    "EchoTime": 0.0279,
    "EffectiveEchoSpacing": 0.000608,
    "FlipAngle": 76,
    "ImageOrientationPatientDICOM": [
      1,
      0,
      0,
      0,
      1,
      0
    ],
    "ImageType": [
      "ORIGINAL",
      "PRIMARY",
      "EPI",
      "NONE"
    ],
    "InPlanePhaseEncodingDirectionDICOM": "COL",
    "InstitutionName": "Michigan_State_University",
    "MRAcquisitionType": "2D",
    "MagneticFieldStrength": 3,
    "Manufacturer": "GE",
    "ManufacturersModelName": "Signa_HDxt",
    "Modality": "MR",
    "PatientPosition": "HFS",
    "PercentPhaseFOV": 100,
    "PixelBandwidth": 7812.5,
    "ProtocolName": "fMRI",
    "ReconMatrixPE": 64,
    "RepetitionTime": 2,
    "SAR": 0.225736,
    "ScanOptions": "EPI_GEMS",
    "ScanningSequence": "EP_GR",
    "SequenceVariant": "SS",
    "SeriesDescription": "fMRI",
    "SliceThickness": 4,
    "SoftwareVersions": "24_LX_MR_Software_release:HD16.0_V02_1131.a",
    "SpacingBetweenSlices": 4,
    "StationName": "MR03MR03",
    "TaskName": "rest",
    "TotalReadoutTime": 0.038304,
    "modality": "bold",
    "session_id": "ExercisePre",
    "subject_id": "023",
    "task_id": "rest"
  },
  "dummy_trs": 0,
  "dvars_nstd": 16.90439092922156,
  "dvars_std": 1.4116185286826348,
  "dvars_vstd": 1.297373179281437,
  "efc": 0.4752380670278875,
  "fber": 12936.80859375,
  "fd_mean": 0.1869281316067379,
  "fd_num": 13,
  "fd_perc": 7.738095238095238,
  "fwhm_avg": 2.920398696969697,
  "fwhm_x": 2.858897454545455,
  "fwhm_y": 3.2245236363636365,
  "fwhm_z": 2.677775,
  "gcor": 0.0592058,
  "gsr_x": -0.005826092325150967,
  "gsr_y": 0.00997671578079462,
  "provenance": {
    "md5sum": "6e3585426efad65063bc6685396abac1",
    "settings": {
      "fd_thres": 0.5,
      "hmc_fsl": false
    },
    "software": "mriqc",
    "version": "0.10.4"
  },
  "size_t": 168,
  "size_x": 64,
  "size_y": 64,
  "size_z": 30,
  "snr": 5.225721641853312,
  "spacing_tr": 2.0,
  "spacing_x": 3.4375,
  "spacing_y": 3.4375,
  "spacing_z": 4.0,
  "summary_bg_k": 85.77027065217298,
  "summary_bg_mad": 11.622544288635254,
  "summary_bg_mean": 49.248992919921875,
  "summary_bg_median": 26.35714340209961,
  "summary_bg_n": 68149.0,
  "summary_bg_p05": 0.3035714328289032,
  "summary_bg_p95": 159.48809204101553,
  "summary_bg_stdv": 83.80596923828125,
  "summary_fg_k": 3.119483375556313,
  "summary_fg_mad": 433.5860595703125,
  "summary_fg_mean": 2944.4326171875,
  "summary_fg_median": 3047.6279296875,
  "summary_fg_n": 26802.0,
  "summary_fg_p05": 1765.5743896484375,
  "summary_fg_p95": 3669.7299438476557,
  "summary_fg_stdv": 583.1866455078125,
  "tsnr": 57.57526779174805
}