{
  "aor": 0.004452321428571429,
  "aqi": 0.0032842207738095243,
  "bids_meta": {
    "AcquisitionMatrixPE": 64,
    "ConversionSoftware": "dcm2niix",
    "ConversionSoftwareVersion": "v1.0.20171017 (OpenJPEG build) GCC4.8.4",
    "DeviceSerialNumber": "0000000517353VH3",
    "EchoTime": 0.0279,
    "EffectiveEchoSpacing": 0.000608,
    "FlipAngle": 76,
    "ImageOrientationPatientDICOM": [
      1,
      0,
      0,
      0,
      1,
      0
    ],
    "ImageType": [
      "ORIGINAL",
      "PRIMARY",
      "EPI",
      "NONE"
    ],
    "InPlanePhaseEncodingDirectionDICOM": "COL",
    "InstitutionName": "Michigan_State_University",
    "MRAcquisitionType": "2D",
    "MagneticFieldStrength": 3,
    "Manufacturer": "GE",
    "ManufacturersModelName": "Signa_HDxt",
    "Modality": "MR",
    "PatientPosition": "HFS",
    "PercentPhaseFOV": 100,
    "PixelBandwidth": 7812.5,
    "ProtocolName": "fMRI",
    "ReconMatrixPE": 64,
    "RepetitionTime": 2,
    "SAR": 0.225736,
    "ScanOptions": "EPI_GEMS",
    "ScanningSequence": "EP_GR",
    "SequenceVariant": "SS",
    "SeriesDescription": "fMRI",
    "SliceThickness": 4,
    "SoftwareVersions": "24_LX_MR_Software_release:HD16.0_V02_1131.a",
    "SpacingBetweenSlices": 4,
    "StationName": "MR03MR03",
    "TaskName": "rest",
    "TotalReadoutTime": 0.038304,
    "modality": "bold",
    "session_id": "ExercisePre",
    "subject_id": "034",
    "task_id": "rest"
  },
  "dummy_trs": 0,
  "dvars_nstd": 16.199791948023954,
  "dvars_std": 1.230078721556886,
  "dvars_vstd": 0.9936390753892209,
  "efc": 0.49246349681620294,
  "fber": 10948.9580078125,
  "fd_mean": 0.14924821237594893,
  "fd_num": 9,
  "fd_perc": 5.357142857142857,
  "fwhm_avg": 2.983424787878788,
  "fwhm_x": 2.8022516363636365,
  "fwhm_y": 3.444072727272727,
  "fwhm_z": 2.70395,
  "gcor": 0.0489471,
  "gsr_x": -0.012024334631860256,
  "gsr_y": 0.020216239616274834,
  "provenance": {
    "md5sum": "7a7774ab6064df1114e2bcfb0f4fb26a",
    "settings": {
      "fd_thres": 0.5,
      "hmc_fsl": false
    },
    "software": "mriqc",
    "version": "0.10.4"
  },
  "size_t": 168,
  "size_x": 64,
  "size_y": 64,
  "size_z": 30,
  "snr": 4.857044455428153,
  "spacing_tr": 2.0,
  "spacing_x": 3.4375,
  "spacing_y": 3.4375,
  "spacing_z": 4.0,
  "summary_bg_k": 129.79017558065127,
  "summary_bg_mad": 12.302071571350098,
  "summary_bg_mean": 61.773048400878906,
  "summary_bg_median": 27.119049072265625,
  "summary_bg_n": 66907.0,
  "summary_bg_p05": 0.02380952425301075,
  "summary_bg_p95": 234.97202606201137,
  "summary_bg_stdv": 140.54278564453125,
  "summary_fg_k": 1.9217524868041034,
  "summary_fg_mad": 492.5240173339844,
  "summary_fg_mean": 2856.978759765625,
  "summary_fg_median": 2918.916748046875,
  "summary_fg_n": 28009.0,
  "summary_fg_p05": 1748.333349609375,
  "summary_fg_p95": 3700.4630859375,
  "summary_fg_stdv": 600.9548950195312,
  "tsnr": 86.04730224609375
}