{
  "aor": 0.018222619047619047,
  "aqi": 0.006486177261904762,
  "bids_meta": {
    "AcquisitionMatrixPE": 64,
    "ConversionSoftware": "dcm2niix",
    "ConversionSoftwareVersion": "v1.0.20171017 (OpenJPEG build) GCC4.8.4",
    "DeviceSerialNumber": "0000000517353VH3",
    "EchoTime": 0.0279,
    "EffectiveEchoSpacing": 0.000608,
    "FlipAngle": 76,
    "ImageOrientationPatientDICOM": [
      1,
      0,
      0,
      0,
      1,
      0
    ],
    "ImageType": [
      "ORIGINAL",
      "PRIMARY",
      "EPI",
      "NONE"
    ],
    "InPlanePhaseEncodingDirectionDICOM": "COL",
    "InstitutionName": "Michigan_State_University",
    "MRAcquisitionType": "2D",
    "MagneticFieldStrength": 3,
    "Manufacturer": "GE",
    "ManufacturersModelName": "Signa_HDxt",
    "Modality": "MR",
    "PatientPosition": "HFS",
    "PercentPhaseFOV": 100,
    "PixelBandwidth": 7812.5,
    "ProtocolName": "fMRI",
    "ReconMatrixPE": 64,
    "RepetitionTime": 2,
    "SAR": 0.225736,
    "ScanOptions": "EPI_GEMS",
    "ScanningSequence": "EP_GR",
    "SequenceVariant": "SS",
    "SeriesDescription": "fMRI",
    "SliceThickness": 4,
    "SoftwareVersions": "24_LX_MR_Software_release:HD16.0_V02_1131.a",
    "SpacingBetweenSlices": 4,
    "StationName": "MR03MR03",
    "TaskName": "flanker",
    "TotalReadoutTime": 0.038304,
    "modality": "bold",
    "run_id": "02",
    "session_id": "ControlPost",
    "subject_id": "034",
    "task_id": "flanker"
  },
  "dummy_trs": 0,
  "dvars_nstd": 25.54065972173652,
  "dvars_std": 1.244720438023952,
  "dvars_vstd": 1.0930763868862274,
  "efc": 0.4919027986494913,
  "fber": 11171.8447265625,
  "fd_mean": 0.3763954493486284,
  "fd_num": 37,
  "fd_perc": 22.023809523809526,
  "fwhm_avg": 3.0166814848484846,
  "fwhm_x": 2.886245818181818,
  "fwhm_y": 3.4549236363636364,
  "fwhm_z": 2.708875,
  "gcor": 0.0846748,
  "gsr_x": -0.007915953174233437,
  "gsr_y": 0.016488922759890556,
  "provenance": {
    "md5sum": "ce0aad83d02deebeca0aa2e5ca89de03",
    "settings": {
      "fd_thres": 0.5,
      "hmc_fsl": false
    },
    "software": "mriqc",
    "version": "0.10.4"
  },
  "size_t": 168,
  "size_x": 64,
  "size_y": 64,
  "size_z": 30,
  "snr": 4.765444391540105,
  "spacing_tr": 2.0,
  "spacing_x": 3.4375,
  "spacing_y": 3.4375,
  "spacing_z": 4.0,
  "summary_bg_k": 62.15025142666457,
  "summary_bg_mad": 12.443267822265625,
  "summary_bg_mean": 60.43037033081055,
  "summary_bg_median": 28.202381134033203,
  "summary_bg_n": 66358.0,
  "summary_bg_p05": 0.184523805975914,
  "summary_bg_p95": 245.28066253662104,
  "summary_bg_stdv": 121.27608489990234,
  "summary_fg_k": 2.0625946327326963,
  "summary_fg_mad": 510.97711181640625,
  "summary_fg_mean": 3003.0126953125,
  "summary_fg_median": 3069.52978515625,
  "summary_fg_n": 28300.0,
  "summary_fg_p05": 1794.7890319824219,
  "summary_fg_p95": 3902.0113159179687,
  "summary_fg_stdv": 644.111083984375,
  "tsnr": 52.23479080200195
}