{
  "aor": 0.0168325,
  "aqi": 0.0073313890476190465,
  "bids_meta": {
    "AcquisitionMatrixPE": 64,
    "ConversionSoftware": "dcm2niix",
    "ConversionSoftwareVersion": "v1.0.20171017 (OpenJPEG build) GCC4.8.4",
    "DeviceSerialNumber": "0000000517353VH3",
    "EchoTime": 0.0279,
    "EffectiveEchoSpacing": 0.000608,
    "FlipAngle": 76,
    "ImageOrientationPatientDICOM": [
      1,
      0,
      0,
      0,
      1,
      0
    ],
    "ImageType": [
      "ORIGINAL",
      "PRIMARY",
      "EPI",
      "NONE"
    ],
    "InPlanePhaseEncodingDirectionDICOM": "COL",
    "InstitutionName": "Michigan_State_University",
    "MRAcquisitionType": "2D",
    "MagneticFieldStrength": 3,
    "Manufacturer": "GE",
    "ManufacturersModelName": "Signa_HDxt",
    "Modality": "MR",
    "PatientPosition": "HFS",
    "PercentPhaseFOV": 100,
    "PixelBandwidth": 7812.5,
    "ProtocolName": "fMRI",
    "ReconMatrixPE": 64,
    "RepetitionTime": 2,
    "SAR": 0.225736,
    "ScanOptions": "EPI_GEMS",
    "ScanningSequence": "EP_GR",
    "SequenceVariant": "SS",
    "SeriesDescription": "fMRI",
    "SliceThickness": 4,
    "SoftwareVersions": "24_LX_MR_Software_release:HD16.0_V02_1131.a",
    "SpacingBetweenSlices": 4,
    "StationName": "MR03MR03",
    "TaskName": "rest",
    "TotalReadoutTime": 0.038304,
    "modality": "bold",
    "session_id": "ExercisePost",
    "subject_id": "029",
    "task_id": "rest"
  },
  "dummy_trs": 0,
  "dvars_nstd": 18.48884850922155,
  "dvars_std": 1.3389750922155685,
  "dvars_vstd": 1.0728665895209581,
  "efc": 0.47959489592741006,
  "fber": 7105.47119140625,
  "fd_mean": 0.1323720078697604,
  "fd_num": 2,
  "fd_perc": 1.1904761904761905,
  "fwhm_avg": 2.946949606060606,
  "fwhm_x": 2.8231447272727275,
  "fwhm_y": 3.296029090909091,
  "fwhm_z": 2.721675,
  "gcor": 0.046007,
  "gsr_x": -0.011269611306488514,
  "gsr_y": 0.013511992059648037,
  "provenance": {
    "md5sum": "8880f2e1d147dbd2c537b2d20f5d7ef4",
    "settings": {
      "fd_thres": 0.5,
      "hmc_fsl": false
    },
    "software": "mriqc",
    "version": "0.10.4"
  },
  "size_t": 168,
  "size_x": 64,
  "size_y": 64,
  "size_z": 30,
  "snr": 5.166316772397734,
  "spacing_tr": 2.0,
  "spacing_x": 3.4375,
  "spacing_y": 3.4375,
  "spacing_z": 4.0,
  "summary_bg_k": 66.19131003249358,
  "summary_bg_mad": 11.984369277954102,
  "summary_bg_mean": 62.80082321166992,
  "summary_bg_median": 37.05952453613281,
  "summary_bg_n": 68751.0,
  "summary_bg_p05": 0.1547619104385376,
  "summary_bg_p95": 209.58333587646484,
  "summary_bg_stdv": 104.27642059326172,
  "summary_fg_k": 2.054527448860446,
  "summary_fg_mad": 494.84490966796875,
  "summary_fg_mean": 3147.578125,
  "summary_fg_median": 3227.196533203125,
  "summary_fg_n": 26707.0,
  "summary_fg_p05": 1964.7309448242186,
  "summary_fg_p95": 4005.416748046873,
  "summary_fg_stdv": 624.6492919921875,
  "tsnr": 60.60743713378906
}