{
  "aor": 0.019589583333333334,
  "aqi": 0.014080868988095237,
  "bids_meta": {
    "AcquisitionMatrixPE": 64,
    "ConversionSoftware": "dcm2niix",
    "ConversionSoftwareVersion": "v1.0.20171017 (OpenJPEG build) GCC4.8.4",
    "DeviceSerialNumber": "0000000517353VH3",
    "EchoTime": 0.0279,
    "EffectiveEchoSpacing": 0.000608,
    "FlipAngle": 76,
    "ImageOrientationPatientDICOM": [
      1,
      0,
      0,
      0,
      1,
      0
    ],
    "ImageType": [
      "ORIGINAL",
      "PRIMARY",
      "EPI",
      "NONE"
    ],
    "InPlanePhaseEncodingDirectionDICOM": "COL",
    "InstitutionName": "Michigan_State_University",
    "MRAcquisitionType": "2D",
    "MagneticFieldStrength": 3,
    "Manufacturer": "GE",
    "ManufacturersModelName": "Signa_HDxt",
    "Modality": "MR",
    "PatientPosition": "HFS",
    "PercentPhaseFOV": 100,
    "PixelBandwidth": 7812.5,
    "ProtocolName": "fMRI",
    "ReconMatrixPE": 64,
    "RepetitionTime": 2,
    "SAR": 0.225736,
    "ScanOptions": "EPI_GEMS",
    "ScanningSequence": "EP_GR",
    "SequenceVariant": "SS",
    "SeriesDescription": "fMRI",
    "SliceThickness": 4,
    "SoftwareVersions": "24_LX_MR_Software_release:HD16.0_V02_1131.a",
    "SpacingBetweenSlices": 4,
    "StationName": "MR03MR03",
    "TaskName": "flanker",
    "TotalReadoutTime": 0.038304,
    "modality": "bold",
    "run_id": "02",
    "session_id": "ExercisePre",
    "subject_id": "014",
    "task_id": "flanker"
  },
  "dummy_trs": 0,
  "dvars_nstd": 27.503213762694624,
  "dvars_std": 1.0740801932335329,
  "dvars_vstd": 0.9789777238323353,
  "efc": 0.44666828312917095,
  "fber": 12535.5703125,
  "fd_mean": 0.3547320909011042,
  "fd_num": 33,
  "fd_perc": 19.642857142857142,
  "fwhm_avg": 2.962009939393939,
  "fwhm_x": 2.8678952727272726,
  "fwhm_y": 3.3323345454545454,
  "fwhm_z": 2.6858,
  "gcor": 0.0828748,
  "gsr_x": -0.008539238944649696,
  "gsr_y": 0.007375374902039766,
  "provenance": {
    "md5sum": "d605c67222c42a7e411090e8c6891507",
    "settings": {
      "fd_thres": 0.5,
      "hmc_fsl": false
    },
    "software": "mriqc",
    "version": "0.10.4"
  },
  "size_t": 168,
  "size_x": 64,
  "size_y": 64,
  "size_z": 30,
  "snr": 5.229197430540289,
  "spacing_tr": 2.0,
  "spacing_x": 3.4375,
  "spacing_y": 3.4375,
  "spacing_z": 4.0,
  "summary_bg_k": 77.22104206048218,
  "summary_bg_mad": 15.174610137939453,
  "summary_bg_mean": 66.24684143066406,
  "summary_bg_median": 34.8601188659668,
  "summary_bg_n": 72916.0,
  "summary_bg_p05": 0.5952380895614624,
  "summary_bg_p95": 213.67113494873047,
  "summary_bg_stdv": 118.0398178100586,
  "summary_fg_k": 3.1985730097560188,
  "summary_fg_mad": 596.870849609375,
  "summary_fg_mean": 3867.9970703125,
  "summary_fg_median": 4001.321533203125,
  "summary_fg_n": 23153.0,
  "summary_fg_p05": 2331.13447265625,
  "summary_fg_p95": 4790.93583984375,
  "summary_fg_stdv": 765.1719360351562,
  "tsnr": 40.0048942565918
}