{
  "bids_meta": {
    "AcquisitionMatrixPE": 256,
    "ConversionSoftware": "dcm2niix",
    "ConversionSoftwareVersion": "v1.0.20171017 (OpenJPEG build) GCC4.8.4",
    "DeviceSerialNumber": "0000000517353VH3",
    "EchoTime": 0.003828,
    "FlipAngle": 8,
    "ImageOrientationPatientDICOM": [
      0,
      1,
      0,
      0,
      0,
      -1
    ],
    "ImageType": [
      "ORIGINAL",
      "PRIMARY",
      "OTHER"
    ],
    "InPlanePhaseEncodingDirectionDICOM": "ROW",
    "InstitutionName": "Michigan_State_University",
    "InversionTime": 0.04,
    "MRAcquisitionType": "3D",
    "MagneticFieldStrength": 3,
    "Manufacturer": "GE",
    "ManufacturersModelName": "Signa_HDxt",
    "Modality": "MR",
    "PatientPosition": "HFS",
    "PercentPhaseFOV": 100,
    "PixelBandwidth": 162.734,
    "ProtocolName": "mprage_1mm_iso_20.83_bw",
    "ReconMatrixPE": 256,
    "RepetitionTime": 0.008596,
    "SAR": 0.306132,
    "ScanOptions": "NONE",
    "ScanningSequence": "RM",
    "SequenceVariant": "NONE",
    "SeriesDescription": "mprage_1mm_iso_20.83_bw",
    "SliceThickness": 1,
    "SoftwareVersions": "24_LX_MR_Software_release:HD16.0_V02_1131.a",
    "SpacingBetweenSlices": 1,
    "StationName": "MR03MR03",
    "modality": "T1w",
    "session_id": "ExercisePre",
    "subject_id": "046"
  },
  "cjv": 0.2604841521022162,
  "cnr": 4.886088488643636,
  "efc": 0.5933687471915365,
  "fber": 92.69485473632812,
  "fwhm_avg": 3.8770433333333334,
  "fwhm_x": 3.76018,
  "fwhm_y": 4.15899,
  "fwhm_z": 3.71196,
  "icvs_csf": 0.20816101261274042,
  "icvs_gm": 0.4687940468118374,
  "icvs_wm": 0.3230449405754222,
  "inu_med": 1.072716474533081,
  "inu_range": 0.2883013129234313,
  "provenance": {
    "md5sum": "d12623acfe389ea99ac971eae7c15435",
    "settings": {
      "testing": false
    },
    "software": "mriqc",
    "version": "0.10.4",
    "warnings": {
      "large_rot_frame": true,
      "small_air_mask": false
    }
  },
  "qi_1": 0.0,
  "qi_2": 0.003508690176583704,
  "rpve_csf": 23.729655303968084,
  "rpve_gm": 11.792131809147955,
  "rpve_wm": 19.575199555041113,
  "size_x": 180,
  "size_y": 256,
  "size_z": 256,
  "snr_csf": 3.0241827441359304,
  "snr_gm": 10.694066976017453,
  "snr_total": 12.160289226561673,
  "snr_wm": 22.76261795953164,
  "snrd_csf": 16.249254440864828,
  "snrd_gm": 32.64870607274378,
  "snrd_total": 33.46975292491999,
  "snrd_wm": 51.51129826115136,
  "spacing_x": 1.0,
  "spacing_y": 1.0,
  "spacing_z": 1.0,
  "summary_bg_k": 0.7042222919501611,
  "summary_bg_mad": 12.718400001525879,
  "summary_bg_mean": 52.81952667236328,
  "summary_bg_median": 51.94453430175781,
  "summary_bg_n": 2709505.0,
  "summary_bg_p05": 33.18787384033203,
  "summary_bg_p95": 75.64781188964842,
  "summary_bg_stdv": 13.191526412963867,
  "summary_csf_k": -0.02784417927117122,
  "summary_csf_mad": 114.75675201416016,
  "summary_csf_mean": 317.73236083984375,
  "summary_csf_median": 315.4526672363281,
  "summary_csf_n": 24373.0,
  "summary_csf_p05": 157.182080078125,
  "summary_csf_p95": 485.5948486328124,
  "summary_csf_stdv": 104.30791473388672,
  "summary_gm_k": 0.3687467951862957,
  "summary_gm_mad": 56.20672607421875,
  "summary_gm_mean": 635.278564453125,
  "summary_gm_median": 633.8211669921875,
  "summary_gm_n": 46464.0,
  "summary_gm_p05": 540.4657165527343,
  "summary_gm_p95": 736.3771209716797,
  "summary_gm_stdv": 59.26784896850586,
  "summary_wm_k": 1.025325267806445,
  "summary_wm_mad": 39.179012298583984,
  "summary_wm_mean": 996.9541015625,
  "summary_wm_median": 1000.0075073242188,
  "summary_wm_n": 184413.0,
  "summary_wm_p05": 918.3149536132812,
  "summary_wm_p95": 1062.257763671875,
  "summary_wm_stdv": 43.931888580322266,
  "tpm_overlap_csf": 0.20840556919574738,
  "tpm_overlap_gm": 0.5322839617729187,
  "tpm_overlap_wm": 0.5409848690032959,
  "wm2max": 0.5487503632275005
}