{
  "aor": 0.013351904761904761,
  "aqi": 0.0199827,
  "bids_meta": {
    "AcquisitionMatrixPE": 64,
    "ConversionSoftware": "dcm2niix",
    "ConversionSoftwareVersion": "v1.0.20171017 (OpenJPEG build) GCC4.8.4",
    "DeviceSerialNumber": "0000000517353VH3",
    "EchoTime": 0.0279,
    "EffectiveEchoSpacing": 0.000608,
    "FlipAngle": 76,
    "ImageOrientationPatientDICOM": [
      1,
      0,
      0,
      0,
      1,
      0
    ],
    "ImageType": [
      "ORIGINAL",
      "PRIMARY",
      "EPI",
      "NONE"
    ],
    "InPlanePhaseEncodingDirectionDICOM": "COL",
    "InstitutionName": "Michigan_State_University",
    "MRAcquisitionType": "2D",
    "MagneticFieldStrength": 3,
    "Manufacturer": "GE",
    "ManufacturersModelName": "Signa_HDxt",
    "Modality": "MR",
    "PatientPosition": "HFS",
    "PercentPhaseFOV": 100,
    "PixelBandwidth": 7812.5,
    "ProtocolName": "fMRI",
    "ReconMatrixPE": 64,
    "RepetitionTime": 2,
    "SAR": 0.225736,
    "ScanOptions": "EPI_GEMS",
    "ScanningSequence": "EP_GR",
    "SequenceVariant": "SS",
    "SeriesDescription": "fMRI",
    "SliceThickness": 4,
    "SoftwareVersions": "24_LX_MR_Software_release:HD16.0_V02_1131.a",
    "SpacingBetweenSlices": 4,
    "StationName": "MR03MR03",
    "TaskName": "flanker",
    "TotalReadoutTime": 0.038304,
    "modality": "bold",
    "run_id": "01",
    "session_id": "ControlPre",
    "subject_id": "014",
    "task_id": "flanker"
  },
  "dummy_trs": 0,
  "dvars_nstd": 26.998536818143723,
  "dvars_std": 0.950952375269461,
  "dvars_vstd": 0.8710622309580842,
  "efc": 0.44689679385586617,
  "fber": 12565.4833984375,
  "fd_mean": 0.3833549224810077,
  "fd_num": 33,
  "fd_perc": 19.642857142857142,
  "fwhm_avg": 2.9706622727272727,
  "fwhm_x": 2.8897745454545456,
  "fwhm_y": 3.2960872727272728,
  "fwhm_z": 2.726125,
  "gcor": 0.0668536,
  "gsr_x": -0.008066805079579353,
  "gsr_y": 0.008219661191105843,
  "provenance": {
    "md5sum": "9897066d6029f60aefdb15a3baee1c91",
    "settings": {
      "fd_thres": 0.5,
      "hmc_fsl": false
    },
    "software": "mriqc",
    "version": "0.10.4"
  },
  "size_t": 168,
  "size_x": 64,
  "size_y": 64,
  "size_z": 30,
  "snr": 5.14499793802113,
  "spacing_tr": 2.0,
  "spacing_x": 3.4375,
  "spacing_y": 3.4375,
  "spacing_z": 4.0,
  "summary_bg_k": 83.59388312351092,
  "summary_bg_mad": 15.523198127746582,
  "summary_bg_mean": 64.88264465332031,
  "summary_bg_median": 34.25,
  "summary_bg_n": 72706.0,
  "summary_bg_p05": 1.5833333730697632,
  "summary_bg_p95": 200.5416717529297,
  "summary_bg_stdv": 116.86882781982422,
  "summary_fg_k": 2.997011159515319,
  "summary_fg_mad": 584.6835327148438,
  "summary_fg_mean": 3793.592529296875,
  "summary_fg_median": 3918.67578125,
  "summary_fg_n": 23134.0,
  "summary_fg_p05": 2264.2948974609376,
  "summary_fg_p95": 4734.71640625,
  "summary_fg_stdv": 761.6312255859375,
  "tsnr": 34.89784240722656
}