{
  "aor": 0.01028738095238095,
  "aqi": 0.0034713015476190473,
  "bids_meta": {
    "AcquisitionMatrixPE": 64,
    "ConversionSoftware": "dcm2niix",
    "ConversionSoftwareVersion": "v1.0.20171017 (OpenJPEG build) GCC4.8.4",
    "DeviceSerialNumber": "0000000517353VH3",
    "EchoTime": 0.0279,
    "EffectiveEchoSpacing": 0.000608,
    "FlipAngle": 76,
    "ImageOrientationPatientDICOM": [
      1,
      0,
      0,
      0,
      1,
      0
    ],
    "ImageType": [
      "ORIGINAL",
      "PRIMARY",
      "EPI",
      "NONE"
    ],
    "InPlanePhaseEncodingDirectionDICOM": "COL",
    "InstitutionName": "Michigan_State_University",
    "MRAcquisitionType": "2D",
    "MagneticFieldStrength": 3,
    "Manufacturer": "GE",
    "ManufacturersModelName": "Signa_HDxt",
    "Modality": "MR",
    "PatientPosition": "HFS",
    "PercentPhaseFOV": 100,
    "PixelBandwidth": 7812.5,
    "ProtocolName": "fMRI",
    "ReconMatrixPE": 64,
    "RepetitionTime": 2,
    "SAR": 0.225736,
    "ScanOptions": "EPI_GEMS",
    "ScanningSequence": "EP_GR",
    "SequenceVariant": "SS",
    "SeriesDescription": "fMRI",
    "SliceThickness": 4,
    "SoftwareVersions": "24_LX_MR_Software_release:HD16.0_V02_1131.a",
    "SpacingBetweenSlices": 4,
    "StationName": "MR03MR03",
    "TaskName": "rest",
    "TotalReadoutTime": 0.038304,
    "modality": "bold",
    "session_id": "ControlPost",
    "subject_id": "024",
    "task_id": "rest"
  },
  "dummy_trs": 0,
  "dvars_nstd": 17.56918884892217,
  "dvars_std": 1.2463623223952094,
  "dvars_vstd": 1.0357364508383229,
  "efc": 0.4804570856198759,
  "fber": 12650.203125,
  "fd_mean": 0.17730247625038983,
  "fd_num": 9,
  "fd_perc": 5.357142857142857,
  "fwhm_avg": 2.979870515151515,
  "fwhm_x": 2.873341090909091,
  "fwhm_y": 3.3297454545454546,
  "fwhm_z": 2.736525,
  "gcor": 0.0728521,
  "gsr_x": -0.006766033824533224,
  "gsr_y": 0.009117654524743557,
  "provenance": {
    "md5sum": "4080cdb3ea3a28612f166a80a00bb0f3",
    "settings": {
      "fd_thres": 0.5,
      "hmc_fsl": false
    },
    "software": "mriqc",
    "version": "0.10.4"
  },
  "size_t": 168,
  "size_x": 64,
  "size_y": 64,
  "size_z": 30,
  "snr": 5.061631702598325,
  "spacing_tr": 2.0,
  "spacing_x": 3.4375,
  "spacing_y": 3.4375,
  "spacing_z": 4.0,
  "summary_bg_k": 123.52974411454636,
  "summary_bg_mad": 12.8403959274292,
  "summary_bg_mean": 56.42231369018555,
  "summary_bg_median": 30.255952835083008,
  "summary_bg_n": 67516.0,
  "summary_bg_p05": 0.2916666865348816,
  "summary_bg_p95": 175.6190528869629,
  "summary_bg_stdv": 104.42713165283203,
  "summary_fg_k": 2.2779539309919876,
  "summary_fg_mad": 534.8310546875,
  "summary_fg_mean": 3388.60791015625,
  "summary_fg_median": 3473.946533203125,
  "summary_fg_n": 27627.0,
  "summary_fg_p05": 2102.755395507813,
  "summary_fg_p95": 4353.416259765624,
  "summary_fg_stdv": 686.3169555664062,
  "tsnr": 79.2690200805664
}