{
  "bids_meta": {
    "AcquisitionMatrixPE": 256,
    "ConversionSoftware": "dcm2niix",
    "ConversionSoftwareVersion": "v1.0.20171017 (OpenJPEG build) GCC4.8.4",
    "DeviceSerialNumber": "0000000517353VH3",
    "EchoTime": 0.003828,
    "FlipAngle": 8,
    "ImageOrientationPatientDICOM": [
      0,
      1,
      0,
      0,
      0,
      -1
    ],
    "ImageType": [
      "ORIGINAL",
      "PRIMARY",
      "OTHER"
    ],
    "InPlanePhaseEncodingDirectionDICOM": "ROW",
    "InstitutionName": "Michigan_State_University",
    "InversionTime": 0.04,
    "MRAcquisitionType": "3D",
    "MagneticFieldStrength": 3,
    "Manufacturer": "GE",
    "ManufacturersModelName": "Signa_HDxt",
    "Modality": "MR",
    "PatientPosition": "HFS",
    "PercentPhaseFOV": 100,
    "PixelBandwidth": 162.734,
    "ProtocolName": "mprage_1mm_iso_20.83_bw",
    "ReconMatrixPE": 256,
    "RepetitionTime": 0.008596,
    "SAR": 0.306132,
    "ScanOptions": "NONE",
    "ScanningSequence": "RM",
    "SequenceVariant": "NONE",
    "SeriesDescription": "mprage_1mm_iso_20.83_bw",
    "SliceThickness": 1,
    "SoftwareVersions": "24_LX_MR_Software_release:HD16.0_V02_1131.a",
    "SpacingBetweenSlices": 1,
    "StationName": "MR03MR03",
    "modality": "T1w",
    "session_id": "ExercisePre",
    "subject_id": "029"
  },
  "cjv": 0.3151505242460001,
  "cnr": 4.02668473688988,
  "efc": 0.5942667023034703,
  "fber": 89.30513000488281,
  "fwhm_avg": 3.80637,
  "fwhm_x": 3.58201,
  "fwhm_y": 4.10099,
  "fwhm_z": 3.73611,
  "icvs_csf": 0.185666619604416,
  "icvs_gm": 0.4770565465607862,
  "icvs_wm": 0.33727683383479784,
  "inu_med": 1.0794744491577148,
  "inu_range": 0.3710852503776554,
  "provenance": {
    "md5sum": "20abd1a0ea557c5b8d37f9077b45249d",
    "settings": {
      "testing": false
    },
    "software": "mriqc",
    "version": "0.10.4",
    "warnings": {
      "large_rot_frame": true,
      "small_air_mask": false
    }
  },
  "qi_1": 0.0,
  "qi_2": 0.0008918405246663159,
  "rpve_csf": 27.813916472656434,
  "rpve_gm": 12.277024364528762,
  "rpve_wm": 18.97485414235706,
  "size_x": 180,
  "size_y": 256,
  "size_z": 256,
  "snr_csf": 2.29183412336738,
  "snr_gm": 11.085857520957314,
  "snr_total": 10.09864123339815,
  "snr_wm": 16.918232055869755,
  "snrd_csf": 11.778196518439414,
  "snrd_gm": 27.78153799558466,
  "snrd_total": 27.295677158755023,
  "snrd_wm": 42.32729696224099,
  "spacing_x": 1.0,
  "spacing_y": 1.0,
  "spacing_z": 1.0,
  "summary_bg_k": 1.441560853038271,
  "summary_bg_mad": 15.47791576385498,
  "summary_bg_mean": 56.27249526977539,
  "summary_bg_median": 54.28047180175781,
  "summary_bg_n": 2744658.0,
  "summary_bg_p05": 33.00993747711182,
  "summary_bg_p95": 86.64974403381346,
  "summary_bg_stdv": 16.865428924560547,
  "summary_csf_k": 3.8672150186242753,
  "summary_csf_mad": 114.2756118774414,
  "summary_csf_mean": 298.6155700683594,
  "summary_csf_median": 278.265625,
  "summary_csf_n": 14662.0,
  "summary_csf_p05": 138.29228591918945,
  "summary_csf_p95": 518.1863708496093,
  "summary_csf_stdv": 121.4119873046875,
  "summary_gm_k": 0.424740616148529,
  "summary_gm_mad": 55.488182067871094,
  "summary_gm_mean": 657.6155395507812,
  "summary_gm_median": 656.3523559570312,
  "summary_gm_n": 43747.0,
  "summary_gm_p05": 562.5901000976562,
  "summary_gm_p95": 757.9896484375,
  "summary_gm_stdv": 59.20560073852539,
  "summary_wm_k": 0.8912230219640236,
  "summary_wm_mad": 52.81349563598633,
  "summary_wm_mean": 998.5294189453125,
  "summary_wm_median": 1000.0029907226562,
  "summary_wm_n": 170004.0,
  "summary_wm_p05": 895.9311218261719,
  "summary_wm_p95": 1091.2890319824219,
  "summary_wm_stdv": 59.10783386230469,
  "tpm_overlap_csf": 0.21390490233898163,
  "tpm_overlap_gm": 0.535510778427124,
  "tpm_overlap_wm": 0.533884584903717,
  "wm2max": 0.520548672946565
}