{
  "bids_meta": {
    "AcquisitionMatrixPE": 256,
    "ConversionSoftware": "dcm2niix",
    "ConversionSoftwareVersion": "v1.0.20171017 (OpenJPEG build) GCC4.8.4",
    "DeviceSerialNumber": "0000000517353VH3",
    "EchoTime": 0.003828,
    "FlipAngle": 8,
    "ImageOrientationPatientDICOM": [
      0,
      1,
      0,
      0,
      0,
      -1
    ],
    "ImageType": [
      "ORIGINAL",
      "PRIMARY",
      "OTHER"
    ],
    "InPlanePhaseEncodingDirectionDICOM": "ROW",
    "InstitutionName": "Michigan_State_University",
    "InversionTime": 0.04,
    "MRAcquisitionType": "3D",
    "MagneticFieldStrength": 3,
    "Manufacturer": "GE",
    "ManufacturersModelName": "Signa_HDxt",
    "Modality": "MR",
    "PatientPosition": "HFS",
    "PercentPhaseFOV": 100,
    "PixelBandwidth": 162.734,
    "ProtocolName": "mprage_1mm_iso_20.83_bw",
    "ReconMatrixPE": 256,
    "RepetitionTime": 0.008596,
    "SAR": 0.306132,
    "ScanOptions": "NONE",
    "ScanningSequence": "RM",
    "SequenceVariant": "NONE",
    "SeriesDescription": "mprage_1mm_iso_20.83_bw",
    "SliceThickness": 1,
    "SoftwareVersions": "24_LX_MR_Software_release:HD16.0_V02_1131.a",
    "SpacingBetweenSlices": 1,
    "StationName": "MR03MR03",
    "modality": "T1w",
    "session_id": "ExercisePre",
    "subject_id": "043"
  },
  "cjv": 0.2744382128412476,
  "cnr": 4.249097022468517,
  "efc": 0.5769430596574843,
  "fber": 103.49820709228516,
  "fwhm_avg": 3.9402666666666666,
  "fwhm_x": 3.85478,
  "fwhm_y": 4.16507,
  "fwhm_z": 3.80095,
  "icvs_csf": 0.18013416727881393,
  "icvs_gm": 0.47862106364419454,
  "icvs_wm": 0.3412447690769915,
  "inu_med": 1.0190260410308838,
  "inu_range": 0.3248100519180297,
  "provenance": {
    "md5sum": "a1b95341a236862e137dbffaca1f8163",
    "settings": {
      "testing": false
    },
    "software": "mriqc",
    "version": "0.10.4",
    "warnings": {
      "large_rot_frame": true,
      "small_air_mask": false
    }
  },
  "qi_1": 2.3005875371914625e-06,
  "qi_2": 0.0008305832613933354,
  "rpve_csf": 28.557513509557324,
  "rpve_gm": 12.465289191516005,
  "rpve_wm": 19.7732098982099,
  "size_x": 180,
  "size_y": 256,
  "size_z": 256,
  "snr_csf": 2.6346909628402315,
  "snr_gm": 11.114828715722062,
  "snr_total": 9.726833093753498,
  "snr_wm": 15.430979602698201,
  "snrd_csf": 14.760354032509815,
  "snrd_gm": 29.56759040110977,
  "snrd_total": 30.475387447013542,
  "snrd_wm": 47.09821790742103,
  "spacing_x": 1.0,
  "spacing_y": 1.0,
  "spacing_z": 1.0,
  "summary_bg_k": 6.801189929460385,
  "summary_bg_mad": 13.910087585449219,
  "summary_bg_mean": 51.481727600097656,
  "summary_bg_median": 49.16500473022461,
  "summary_bg_n": 2823326.0,
  "summary_bg_p05": 30.13501214981079,
  "summary_bg_p95": 80.13584518432617,
  "summary_bg_stdv": 16.844526290893555,
  "summary_csf_k": -0.022492181421026824,
  "summary_csf_mad": 140.02713012695312,
  "summary_csf_mean": 316.6553649902344,
  "summary_csf_median": 313.3970642089844,
  "summary_csf_n": 9554.0,
  "summary_csf_p05": 146.3317497253418,
  "summary_csf_p95": 505.18218078613285,
  "summary_csf_stdv": 118.9439926147461,
  "summary_gm_k": 0.17292810543497517,
  "summary_gm_mad": 55.321044921875,
  "summary_gm_mean": 628.1415405273438,
  "summary_gm_median": 627.78955078125,
  "summary_gm_n": 45211.0,
  "summary_gm_p05": 535.27294921875,
  "summary_gm_p95": 720.74072265625,
  "summary_gm_stdv": 56.481536865234375,
  "summary_wm_k": 0.9940297443332899,
  "summary_wm_mad": 46.829383850097656,
  "summary_wm_mean": 984.9253540039062,
  "summary_wm_median": 1000.0060424804688,
  "summary_wm_n": 177472.0,
  "summary_wm_p05": 845.199575805664,
  "summary_wm_p95": 1064.3525695800781,
  "summary_wm_stdv": 64.8049087524414,
  "tpm_overlap_csf": 0.21179421246051788,
  "tpm_overlap_gm": 0.5350035429000854,
  "tpm_overlap_wm": 0.5386399030685425,
  "wm2max": 0.583977432716266
}