{
  "aor": 0.013557738095238097,
  "aqi": 0.010871554345238095,
  "bids_meta": {
    "AcquisitionMatrixPE": 64,
    "ConversionSoftware": "dcm2niix",
    "ConversionSoftwareVersion": "v1.0.20171017 (OpenJPEG build) GCC4.8.4",
    "DeviceSerialNumber": "0000000517353VH3",
    "EchoTime": 0.0279,
    "EffectiveEchoSpacing": 0.000608,
    "FlipAngle": 76,
    "ImageOrientationPatientDICOM": [
      1,
      0,
      0,
      0,
      1,
      0
    ],
    "ImageType": [
      "ORIGINAL",
      "PRIMARY",
      "EPI",
      "NONE"
    ],
    "InPlanePhaseEncodingDirectionDICOM": "COL",
    "InstitutionName": "Michigan_State_University",
    "MRAcquisitionType": "2D",
    "MagneticFieldStrength": 3,
    "Manufacturer": "GE",
    "ManufacturersModelName": "Signa_HDxt",
    "Modality": "MR",
    "PatientPosition": "HFS",
    "PercentPhaseFOV": 100,
    "PixelBandwidth": 7812.5,
    "ProtocolName": "fMRI",
    "ReconMatrixPE": 64,
    "RepetitionTime": 2,
    "SAR": 0.225736,
    "ScanOptions": "EPI_GEMS",
    "ScanningSequence": "EP_GR",
    "SequenceVariant": "SS",
    "SeriesDescription": "fMRI",
    "SliceThickness": 4,
    "SoftwareVersions": "24_LX_MR_Software_release:HD16.0_V02_1131.a",
    "SpacingBetweenSlices": 4,
    "StationName": "MR03MR03",
    "TaskName": "rest",
    "TotalReadoutTime": 0.038304,
    "modality": "bold",
    "session_id": "ExercisePre",
    "subject_id": "024",
    "task_id": "rest"
  },
  "dummy_trs": 0,
  "dvars_nstd": 21.785069591257486,
  "dvars_std": 1.142498095149701,
  "dvars_vstd": 1.0009383117964075,
  "efc": 0.47427270578235464,
  "fber": 13561.8720703125,
  "fd_mean": 0.2986633530848441,
  "fd_num": 21,
  "fd_perc": 12.5,
  "fwhm_avg": 2.927776393939394,
  "fwhm_x": 2.8536669090909093,
  "fwhm_y": 3.2128872727272726,
  "fwhm_z": 2.716775,
  "gcor": 0.139281,
  "gsr_x": -0.006852402817457914,
  "gsr_y": 0.00849715992808342,
  "provenance": {
    "md5sum": "ba9a828f8b0b16a678bdd1cffb3971ca",
    "settings": {
      "fd_thres": 0.5,
      "hmc_fsl": false
    },
    "software": "mriqc",
    "version": "0.10.4"
  },
  "size_t": 168,
  "size_x": 64,
  "size_y": 64,
  "size_z": 30,
  "snr": 5.398590256162413,
  "spacing_tr": 2.0,
  "spacing_x": 3.4375,
  "spacing_y": 3.4375,
  "spacing_z": 4.0,
  "summary_bg_k": 88.70164835301219,
  "summary_bg_mad": 12.22264289855957,
  "summary_bg_mean": 54.658729553222656,
  "summary_bg_median": 31.45833396911621,
  "summary_bg_n": 68421.0,
  "summary_bg_p05": 0.386904776096344,
  "summary_bg_p95": 168.83929443359375,
  "summary_bg_stdv": 88.62574005126953,
  "summary_fg_k": 3.211480534912309,
  "summary_fg_mad": 531.8173217773438,
  "summary_fg_mean": 3616.49951171875,
  "summary_fg_median": 3713.53564453125,
  "summary_fg_n": 27166.0,
  "summary_fg_p05": 2302.0684814453125,
  "summary_fg_p95": 4505.67431640625,
  "summary_fg_stdv": 687.8587036132812,
  "tsnr": 47.26536560058594
}