{
  "aor": 0.057790595238095245,
  "aqi": 0.014732370357142855,
  "bids_meta": {
    "AcquisitionMatrixPE": 64,
    "ConversionSoftware": "dcm2niix",
    "ConversionSoftwareVersion": "v1.0.20171017 (OpenJPEG build) GCC4.8.4",
    "DeviceSerialNumber": "0000000517353VH3",
    "EchoTime": 0.0279,
    "EffectiveEchoSpacing": 0.000608,
    "FlipAngle": 76,
    "ImageOrientationPatientDICOM": [
      1,
      0,
      0,
      0,
      1,
      0
    ],
    "ImageType": [
      "ORIGINAL",
      "PRIMARY",
      "EPI",
      "NONE"
    ],
    "InPlanePhaseEncodingDirectionDICOM": "COL",
    "InstitutionName": "Michigan_State_University",
    "MRAcquisitionType": "2D",
    "MagneticFieldStrength": 3,
    "Manufacturer": "GE",
    "ManufacturersModelName": "Signa_HDxt",
    "Modality": "MR",
    "PatientPosition": "HFS",
    "PercentPhaseFOV": 100,
    "PixelBandwidth": 7812.5,
    "ProtocolName": "fMRI",
    "ReconMatrixPE": 64,
    "RepetitionTime": 2,
    "SAR": 0.225736,
    "ScanOptions": "EPI_GEMS",
    "ScanningSequence": "EP_GR",
    "SequenceVariant": "SS",
    "SeriesDescription": "fMRI",
    "SliceThickness": 4,
    "SoftwareVersions": "24_LX_MR_Software_release:HD16.0_V02_1131.a",
    "SpacingBetweenSlices": 4,
    "StationName": "MR03MR03",
    "TaskName": "flanker",
    "TotalReadoutTime": 0.038304,
    "modality": "bold",
    "run_id": "02",
    "session_id": "ExercisePost",
    "subject_id": "014",
    "task_id": "flanker"
  },
  "dummy_trs": 0,
  "dvars_nstd": 24.019455270299392,
  "dvars_std": 1.448365985568862,
  "dvars_vstd": 1.3169254134131734,
  "efc": 0.4460465200023347,
  "fber": 12672.427734375,
  "fd_mean": 0.26966052844305477,
  "fd_num": 17,
  "fd_perc": 10.119047619047619,
  "fwhm_avg": 2.9405055757575753,
  "fwhm_x": 2.8261294545454545,
  "fwhm_y": 3.2512872727272724,
  "fwhm_z": 2.7441,
  "gcor": 0.0918217,
  "gsr_x": -0.00795758981257677,
  "gsr_y": 0.005724432412534952,
  "provenance": {
    "md5sum": "994d63913a7da2e0ae7ae3e6a5957625",
    "settings": {
      "fd_thres": 0.5,
      "hmc_fsl": false
    },
    "software": "mriqc",
    "version": "0.10.4"
  },
  "size_t": 168,
  "size_x": 64,
  "size_y": 64,
  "size_z": 30,
  "snr": 5.278254252298282,
  "spacing_tr": 2.0,
  "spacing_x": 3.4375,
  "spacing_y": 3.4375,
  "spacing_z": 4.0,
  "summary_bg_k": 70.87472488152255,
  "summary_bg_mad": 14.199446678161621,
  "summary_bg_mean": 66.13182830810547,
  "summary_bg_median": 33.75,
  "summary_bg_n": 73221.0,
  "summary_bg_p05": 0.8095238208770752,
  "summary_bg_p95": 219.5178680419922,
  "summary_bg_stdv": 122.95307922363281,
  "summary_fg_k": 3.0125155521643476,
  "summary_fg_mad": 580.9725341796875,
  "summary_fg_mean": 3770.385986328125,
  "summary_fg_median": 3889.1875,
  "summary_fg_n": 22850.0,
  "summary_fg_p05": 2299.2556762695312,
  "summary_fg_p95": 4679.76181640625,
  "summary_fg_stdv": 736.8160400390625,
  "tsnr": 38.68507766723633
}