{
  "aor": 0.023192797619047616,
  "aqi": 0.009799798749999998,
  "bids_meta": {
    "AcquisitionMatrixPE": 64,
    "ConversionSoftware": "dcm2niix",
    "ConversionSoftwareVersion": "v1.0.20171017 (OpenJPEG build) GCC4.8.4",
    "DeviceSerialNumber": "0000000517353VH3",
    "EchoTime": 0.0279,
    "EffectiveEchoSpacing": 0.000608,
    "FlipAngle": 76,
    "ImageOrientationPatientDICOM": [
      1,
      0,
      0,
      0,
      1,
      0
    ],
    "ImageType": [
      "ORIGINAL",
      "PRIMARY",
      "EPI",
      "NONE"
    ],
    "InPlanePhaseEncodingDirectionDICOM": "COL",
    "InstitutionName": "Michigan_State_University",
    "MRAcquisitionType": "2D",
    "MagneticFieldStrength": 3,
    "Manufacturer": "GE",
    "ManufacturersModelName": "Signa_HDxt",
    "Modality": "MR",
    "PatientPosition": "HFS",
    "PercentPhaseFOV": 100,
    "PixelBandwidth": 7812.5,
    "ProtocolName": "fMRI",
    "ReconMatrixPE": 64,
    "RepetitionTime": 2,
    "SAR": 0.225736,
    "ScanOptions": "EPI_GEMS",
    "ScanningSequence": "EP_GR",
    "SequenceVariant": "SS",
    "SeriesDescription": "fMRI",
    "SliceThickness": 4,
    "SoftwareVersions": "24_LX_MR_Software_release:HD16.0_V02_1131.a",
    "SpacingBetweenSlices": 4,
    "StationName": "MR03MR03",
    "TaskName": "flanker",
    "TotalReadoutTime": 0.038304,
    "modality": "bold",
    "run_id": "02",
    "session_id": "ExercisePre",
    "subject_id": "029",
    "task_id": "flanker"
  },
  "dummy_trs": 0,
  "dvars_nstd": 27.118993559221547,
  "dvars_std": 1.2374567686826352,
  "dvars_vstd": 1.190542234790419,
  "efc": 0.4927109064794623,
  "fber": 1881.3017578125,
  "fd_mean": 0.283368245865109,
  "fd_num": 22,
  "fd_perc": 13.095238095238095,
  "fwhm_avg": 2.9478058787878787,
  "fwhm_x": 2.8464494545454544,
  "fwhm_y": 3.257018181818182,
  "fwhm_z": 2.73995,
  "gcor": 0.103628,
  "gsr_x": -0.007907423190772533,
  "gsr_y": 0.008691707625985146,
  "provenance": {
    "md5sum": "e5f0986886a29c85a90ca21e631ceeef",
    "settings": {
      "fd_thres": 0.5,
      "hmc_fsl": false
    },
    "software": "mriqc",
    "version": "0.10.4"
  },
  "size_t": 168,
  "size_x": 64,
  "size_y": 64,
  "size_z": 30,
  "snr": 5.1378698685636035,
  "spacing_tr": 2.0,
  "spacing_x": 3.4375,
  "spacing_y": 3.4375,
  "spacing_z": 4.0,
  "summary_bg_k": 65.33390263026958,
  "summary_bg_mad": 12.319719314575195,
  "summary_bg_mean": 84.10614776611328,
  "summary_bg_median": 70.1547622680664,
  "summary_bg_n": 68634.0,
  "summary_bg_p05": 0.3571428656578064,
  "summary_bg_p95": 196.6904754638672,
  "summary_bg_stdv": 90.18938446044922,
  "summary_fg_k": 1.7457091741724735,
  "summary_fg_mad": 489.66033935546875,
  "summary_fg_mean": 3075.682373046875,
  "summary_fg_median": 3150.8720703125,
  "summary_fg_n": 26726.0,
  "summary_fg_p05": 1907.0834045410156,
  "summary_fg_p95": 3935.6087646484375,
  "summary_fg_stdv": 613.2528076171875,
  "tsnr": 41.97001266479492
}