{
  "bids_meta": {
    "AcquisitionMatrixPE": 256,
    "ConversionSoftware": "dcm2niix",
    "ConversionSoftwareVersion": "v1.0.20171017 (OpenJPEG build) GCC4.8.4",
    "DeviceSerialNumber": "0000000517353VH3",
    "EchoTime": 0.003828,
    "FlipAngle": 8,
    "ImageOrientationPatientDICOM": [
      0,
      1,
      0,
      0,
      0,
      -1
    ],
    "ImageType": [
      "ORIGINAL",
      "PRIMARY",
      "OTHER"
    ],
    "InPlanePhaseEncodingDirectionDICOM": "ROW",
    "InstitutionName": "Michigan_State_University",
    "InversionTime": 0.04,
    "MRAcquisitionType": "3D",
    "MagneticFieldStrength": 3,
    "Manufacturer": "GE",
    "ManufacturersModelName": "Signa_HDxt",
    "Modality": "MR",
    "PatientPosition": "HFS",
    "PercentPhaseFOV": 100,
    "PixelBandwidth": 162.734,
    "ProtocolName": "mprage_1mm_iso_20.83_bw",
    "ReconMatrixPE": 256,
    "RepetitionTime": 0.008596,
    "SAR": 0.306132,
    "ScanOptions": "NONE",
    "ScanningSequence": "RM",
    "SequenceVariant": "NONE",
    "SeriesDescription": "mprage_1mm_iso_20.83_bw",
    "SliceThickness": 1,
    "SoftwareVersions": "24_LX_MR_Software_release:HD16.0_V02_1131.a",
    "SpacingBetweenSlices": 1,
    "StationName": "MR03MR03",
    "modality": "T1w",
    "session_id": "ExercisePre",
    "subject_id": "058"
  },
  "cjv": 0.271947223257786,
  "cnr": 4.469151677951823,
  "efc": 0.5830175714898691,
  "fber": 104.5616226196289,
  "fwhm_avg": 4.1191933333333335,
  "fwhm_x": 3.89045,
  "fwhm_y": 4.36394,
  "fwhm_z": 4.10319,
  "icvs_csf": 0.19335819540252747,
  "icvs_gm": 0.4684699756928325,
  "icvs_wm": 0.33817182890464004,
  "inu_med": 0.7879089117050171,
  "inu_range": 0.25930255651473977,
  "provenance": {
    "md5sum": "d6c74163396736ab9d4d4a53a3904544",
    "settings": {
      "testing": false
    },
    "software": "mriqc",
    "version": "0.10.4",
    "warnings": {
      "large_rot_frame": true,
      "small_air_mask": false
    }
  },
  "qi_1": 0.0,
  "qi_2": 0.0016343391032916832,
  "rpve_csf": 25.684188683554087,
  "rpve_gm": 12.185652955114483,
  "rpve_wm": 19.303834545837947,
  "size_x": 180,
  "size_y": 256,
  "size_z": 256,
  "snr_csf": 2.618844703013041,
  "snr_gm": 10.46799128110354,
  "snr_total": 9.615605977181094,
  "snr_wm": 15.759981947426699,
  "snrd_csf": 13.514767640250794,
  "snrd_gm": 27.258763595503325,
  "snrd_total": 28.51414595683541,
  "snrd_wm": 44.768906634752106,
  "spacing_x": 1.0,
  "spacing_y": 1.0,
  "spacing_z": 1.0,
  "summary_bg_k": 1.8078310448914277,
  "summary_bg_mad": 14.633859634399414,
  "summary_bg_mean": 46.64576721191406,
  "summary_bg_median": 44.595184326171875,
  "summary_bg_n": 3203471.0,
  "summary_bg_p05": 25.44497299194336,
  "summary_bg_p95": 75.005126953125,
  "summary_bg_stdv": 15.805094718933105,
  "summary_csf_k": 0.875142101370693,
  "summary_csf_mad": 121.7108383178711,
  "summary_csf_mean": 310.5670471191406,
  "summary_csf_median": 301.8809814453125,
  "summary_csf_n": 13409.0,
  "summary_csf_p05": 139.7668670654297,
  "summary_csf_p95": 505.239306640625,
  "summary_csf_stdv": 115.26828002929688,
  "summary_gm_k": 0.14603725028862158,
  "summary_gm_mad": 57.37763214111328,
  "summary_gm_mean": 609.095947265625,
  "summary_gm_median": 608.8822631835938,
  "summary_gm_n": 43814.0,
  "summary_gm_p05": 513.2102447509766,
  "summary_gm_p95": 704.3197448730468,
  "summary_gm_stdv": 58.16543960571289,
  "summary_wm_k": 1.2018033506689534,
  "summary_wm_mad": 48.988040924072266,
  "summary_wm_mean": 989.212646484375,
  "summary_wm_median": 1000.0084228515625,
  "summary_wm_n": 182016.0,
  "summary_wm_p05": 856.5211486816406,
  "summary_wm_p95": 1072.333251953125,
  "summary_wm_stdv": 63.45220947265625,
  "tpm_overlap_csf": 0.2025691717863083,
  "tpm_overlap_gm": 0.5352903008460999,
  "tpm_overlap_wm": 0.5466902256011963,
  "wm2max": 0.7323295668502408
}