{
  "bids_meta": {
    "AcquisitionMatrixPE": 256,
    "ConversionSoftware": "dcm2niix",
    "ConversionSoftwareVersion": "v1.0.20171017 (OpenJPEG build) GCC4.8.4",
    "DeviceSerialNumber": "0000000517353VH3",
    "EchoTime": 0.003828,
    "FlipAngle": 8,
    "ImageOrientationPatientDICOM": [
      0,
      1,
      0,
      0,
      0,
      -1
    ],
    "ImageType": [
      "ORIGINAL",
      "PRIMARY",
      "OTHER"
    ],
    "InPlanePhaseEncodingDirectionDICOM": "ROW",
    "InstitutionName": "Michigan_State_University",
    "InversionTime": 0.04,
    "MRAcquisitionType": "3D",
    "MagneticFieldStrength": 3,
    "Manufacturer": "GE",
    "ManufacturersModelName": "Signa_HDxt",
    "Modality": "MR",
    "PatientPosition": "HFS",
    "PercentPhaseFOV": 100,
    "PixelBandwidth": 162.734,
    "ProtocolName": "mprage_1mm_iso_20.83_bw",
    "ReconMatrixPE": 256,
    "RepetitionTime": 0.008596,
    "SAR": 0.306132,
    "ScanOptions": "NONE",
    "ScanningSequence": "RM",
    "SequenceVariant": "NONE",
    "SeriesDescription": "mprage_1mm_iso_20.83_bw",
    "SliceThickness": 1,
    "SoftwareVersions": "24_LX_MR_Software_release:HD16.0_V02_1131.a",
    "SpacingBetweenSlices": 1,
    "StationName": "MR03MR03",
    "modality": "T1w",
    "session_id": "ControlPre",
    "subject_id": "030"
  },
  "cjv": 0.2680633974028946,
  "cnr": 4.205731730452323,
  "efc": 0.5701032672794021,
  "fber": 124.26522064208984,
  "fwhm_avg": 3.9661299999999997,
  "fwhm_x": 3.86096,
  "fwhm_y": 4.16298,
  "fwhm_z": 3.87445,
  "icvs_csf": 0.19311216443350848,
  "icvs_gm": 0.46430644884947386,
  "icvs_wm": 0.34258138671701766,
  "inu_med": 0.7551570534706116,
  "inu_range": 0.25368091464042664,
  "provenance": {
    "md5sum": "049eaedb9cc0c1fa28ef32b52b7f1f99",
    "settings": {
      "testing": false
    },
    "software": "mriqc",
    "version": "0.10.4",
    "warnings": {
      "large_rot_frame": true,
      "small_air_mask": false
    }
  },
  "qi_1": 0.0,
  "qi_2": 0.0007064540845584702,
  "rpve_csf": 25.251614951502862,
  "rpve_gm": 11.946611516676183,
  "rpve_wm": 18.79674882838133,
  "size_x": 180,
  "size_y": 256,
  "size_z": 256,
  "snr_csf": 2.802675551419396,
  "snr_gm": 10.433986627765691,
  "snr_total": 9.623975080153357,
  "snr_wm": 15.635263061274983,
  "snrd_csf": 16.66041070648861,
  "snrd_gm": 31.45861446763656,
  "snrd_total": 32.77555562862242,
  "snrd_wm": 50.20764171174209,
  "spacing_x": 1.0,
  "spacing_y": 1.0,
  "spacing_z": 1.0,
  "summary_bg_k": 1.4841461491775236,
  "summary_bg_mad": 13.04870319366455,
  "summary_bg_mean": 45.526729583740234,
  "summary_bg_median": 44.171958923339844,
  "summary_bg_n": 2854881.0,
  "summary_bg_p05": 26.130002975463867,
  "summary_bg_p95": 69.59378051757812,
  "summary_bg_stdv": 13.680598258972168,
  "summary_csf_k": 3.7846325750607983,
  "summary_csf_mad": 125.18460083007812,
  "summary_csf_mean": 336.0317687988281,
  "summary_csf_median": 331.8343505859375,
  "summary_csf_n": 12318.0,
  "summary_csf_p05": 158.36677246093748,
  "summary_csf_p95": 522.3801147460936,
  "summary_csf_stdv": 118.39432525634766,
  "summary_gm_k": 0.14774541775307215,
  "summary_gm_mad": 58.746437072753906,
  "summary_gm_mean": 624.7046508789062,
  "summary_gm_median": 626.578125,
  "summary_gm_n": 43478.0,
  "summary_gm_p05": 523.0306335449219,
  "summary_gm_p95": 720.2158416748048,
  "summary_gm_stdv": 60.050960540771484,
  "summary_wm_k": 1.9970680919618111,
  "summary_wm_mad": 41.357669830322266,
  "summary_wm_mean": 985.5755004882812,
  "summary_wm_median": 1000.0125732421875,
  "summary_wm_n": 185630.0,
  "summary_wm_p05": 839.3344024658203,
  "summary_wm_p95": 1060.1872009277345,
  "summary_wm_stdv": 63.958621978759766,
  "tpm_overlap_csf": 0.20254629850387573,
  "tpm_overlap_gm": 0.5355372428894043,
  "tpm_overlap_wm": 0.5517828464508057,
  "wm2max": 0.7113825851092789
}