{
  "bids_meta": {
    "AcquisitionMatrixPE": 256,
    "ConversionSoftware": "dcm2niix",
    "ConversionSoftwareVersion": "v1.0.20171017 (OpenJPEG build) GCC4.8.4",
    "DeviceSerialNumber": "0000000517353VH3",
    "EchoTime": 0.003828,
    "FlipAngle": 8,
    "ImageOrientationPatientDICOM": [
      0,
      1,
      0,
      0,
      0,
      -1
    ],
    "ImageType": [
      "ORIGINAL",
      "PRIMARY",
      "OTHER"
    ],
    "InPlanePhaseEncodingDirectionDICOM": "ROW",
    "InstitutionName": "Michigan_State_University",
    "InversionTime": 0.04,
    "MRAcquisitionType": "3D",
    "MagneticFieldStrength": 3,
    "Manufacturer": "GE",
    "ManufacturersModelName": "Signa_HDxt",
    "Modality": "MR",
    "PatientPosition": "HFS",
    "PercentPhaseFOV": 100,
    "PixelBandwidth": 162.734,
    "ProtocolName": "mprage_1mm_iso_20.83_bw",
    "ReconMatrixPE": 256,
    "RepetitionTime": 0.008596,
    "SAR": 0.306132,
    "ScanOptions": "NONE",
    "ScanningSequence": "RM",
    "SequenceVariant": "NONE",
    "SeriesDescription": "mprage_1mm_iso_20.83_bw",
    "SliceThickness": 1,
    "SoftwareVersions": "24_LX_MR_Software_release:HD16.0_V02_1131.a",
    "SpacingBetweenSlices": 1,
    "StationName": "MR03MR03",
    "modality": "T1w",
    "session_id": "ExercisePre",
    "subject_id": "037"
  },
  "cjv": 0.2593145084465896,
  "cnr": 4.840410820935071,
  "efc": 0.606056094222638,
  "fber": 81.09690856933594,
  "fwhm_avg": 3.673716666666667,
  "fwhm_x": 3.61094,
  "fwhm_y": 3.79121,
  "fwhm_z": 3.619,
  "icvs_csf": 0.20075625435713296,
  "icvs_gm": 0.4707623271330047,
  "icvs_wm": 0.32848141850986234,
  "inu_med": 1.0039782524108887,
  "inu_range": 0.27594998478889454,
  "provenance": {
    "md5sum": "fa04ba0c0ad226fb5567531436539a6e",
    "settings": {
      "testing": false
    },
    "software": "mriqc",
    "version": "0.10.4",
    "warnings": {
      "large_rot_frame": true,
      "small_air_mask": false
    }
  },
  "qi_1": 0.0,
  "qi_2": 0.0007247759290014842,
  "rpve_csf": 22.830176324682913,
  "rpve_gm": 11.104497132861173,
  "rpve_wm": 18.556670262666394,
  "size_x": 180,
  "size_y": 256,
  "size_z": 256,
  "snr_csf": 2.5022101278320528,
  "snr_gm": 10.357998575458552,
  "snr_total": 10.862858368505693,
  "snr_wm": 19.728366402226477,
  "snrd_csf": 13.950482296546857,
  "snrd_gm": 28.319053100331097,
  "snrd_total": 29.424472344727587,
  "snrd_wm": 46.003881637304794,
  "spacing_x": 1.0,
  "spacing_y": 1.0,
  "spacing_z": 1.0,
  "summary_bg_k": 0.4181725058266341,
  "summary_bg_mad": 14.241022109985352,
  "summary_bg_mean": 53.11139678955078,
  "summary_bg_median": 52.13323211669922,
  "summary_bg_n": 2895535.0,
  "summary_bg_p05": 31.75866413116455,
  "summary_bg_p95": 78.06133651733396,
  "summary_bg_stdv": 14.359395980834961,
  "summary_csf_k": 9.162059210248698,
  "summary_csf_mad": 135.8461456298828,
  "summary_csf_mean": 302.8103942871094,
  "summary_csf_median": 303.2485046386719,
  "summary_csf_n": 10717.0,
  "summary_csf_p05": 120.32892913818361,
  "summary_csf_p95": 484.201513671875,
  "summary_csf_stdv": 121.18660736083984,
  "summary_gm_k": 0.4412554722490265,
  "summary_gm_mad": 55.86774444580078,
  "summary_gm_mean": 615.2129516601562,
  "summary_gm_median": 615.585205078125,
  "summary_gm_n": 39234.0,
  "summary_gm_p05": 516.5509429931641,
  "summary_gm_p95": 712.8464294433594,
  "summary_gm_stdv": 59.430145263671875,
  "summary_wm_k": 0.9393589064513184,
  "summary_wm_mad": 43.818931579589844,
  "summary_wm_mean": 994.53173828125,
  "summary_wm_median": 1000.009033203125,
  "summary_wm_n": 180075.0,
  "summary_wm_p05": 899.0630676269532,
  "summary_wm_p95": 1067.5867919921875,
  "summary_wm_stdv": 50.688751220703125,
  "tpm_overlap_csf": 0.2043996900320053,
  "tpm_overlap_gm": 0.5309135913848877,
  "tpm_overlap_wm": 0.5296463370323181,
  "wm2max": 0.5898407932050055
}