{
  "aor": 0.011524404761904763,
  "aqi": 0.0064022040476190475,
  "bids_meta": {
    "AcquisitionMatrixPE": 64,
    "ConversionSoftware": "dcm2niix",
    "ConversionSoftwareVersion": "v1.0.20171017 (OpenJPEG build) GCC4.8.4",
    "DeviceSerialNumber": "0000000517353VH3",
    "EchoTime": 0.0279,
    "EffectiveEchoSpacing": 0.000608,
    "FlipAngle": 76,
    "ImageOrientationPatientDICOM": [
      1,
      0,
      0,
      0,
      1,
      0
    ],
    "ImageType": [
      "ORIGINAL",
      "PRIMARY",
      "EPI",
      "NONE"
    ],
    "InPlanePhaseEncodingDirectionDICOM": "COL",
    "InstitutionName": "Michigan_State_University",
    "MRAcquisitionType": "2D",
    "MagneticFieldStrength": 3,
    "Manufacturer": "GE",
    "ManufacturersModelName": "Signa_HDxt",
    "Modality": "MR",
    "PatientPosition": "HFS",
    "PercentPhaseFOV": 100,
    "PixelBandwidth": 7812.5,
    "ProtocolName": "fMRI",
    "ReconMatrixPE": 64,
    "RepetitionTime": 2,
    "SAR": 0.225736,
    "ScanOptions": "EPI_GEMS",
    "ScanningSequence": "EP_GR",
    "SequenceVariant": "SS",
    "SeriesDescription": "fMRI",
    "SliceThickness": 4,
    "SoftwareVersions": "24_LX_MR_Software_release:HD16.0_V02_1131.a",
    "SpacingBetweenSlices": 4,
    "StationName": "MR03MR03",
    "TaskName": "flanker",
    "TotalReadoutTime": 0.038304,
    "modality": "bold",
    "run_id": "02",
    "session_id": "ControlPre",
    "subject_id": "052",
    "task_id": "flanker"
  },
  "dummy_trs": 0,
  "dvars_nstd": 16.845323323113764,
  "dvars_std": 1.2049106229341324,
  "dvars_vstd": 0.9640290664071859,
  "efc": 0.49530618214241523,
  "fber": 11515.4599609375,
  "fd_mean": 0.15719837216002325,
  "fd_num": 5,
  "fd_perc": 2.9761904761904763,
  "fwhm_avg": 2.8707559090909096,
  "fwhm_x": 2.732989090909091,
  "fwhm_y": 3.145803636363637,
  "fwhm_z": 2.733475,
  "gcor": 0.064071,
  "gsr_x": -0.005315633025020361,
  "gsr_y": 0.010504452511668205,
  "provenance": {
    "md5sum": "bdb406c5dcd2edfbe654506c91de789a",
    "settings": {
      "fd_thres": 0.5,
      "hmc_fsl": false
    },
    "software": "mriqc",
    "version": "0.10.4"
  },
  "size_t": 168,
  "size_x": 64,
  "size_y": 64,
  "size_z": 30,
  "snr": 5.466308683224063,
  "spacing_tr": 2.0,
  "spacing_x": 3.4375,
  "spacing_y": 3.4375,
  "spacing_z": 4.0,
  "summary_bg_k": 124.09798883094675,
  "summary_bg_mad": 10.863592147827148,
  "summary_bg_mean": 49.01744079589844,
  "summary_bg_median": 26.017858505249023,
  "summary_bg_n": 66326.0,
  "summary_bg_p05": 0.1607142835855484,
  "summary_bg_p95": 140.03422927856445,
  "summary_bg_stdv": 105.58970642089844,
  "summary_fg_k": 2.636669740497471,
  "summary_fg_mad": 415.92730712890625,
  "summary_fg_mean": 2771.235595703125,
  "summary_fg_median": 2837.71435546875,
  "summary_fg_n": 29022.0,
  "summary_fg_p05": 1798.6777038574219,
  "summary_fg_p95": 3460.058081054687,
  "summary_fg_stdv": 519.119140625,
  "tsnr": 66.0083999633789
}