{
  "aor": 0.03633160714285714,
  "aqi": 0.07608980773809523,
  "bids_meta": {
    "AcquisitionMatrixPE": 64,
    "ConversionSoftware": "dcm2niix",
    "ConversionSoftwareVersion": "v1.0.20171017 (OpenJPEG build) GCC4.8.4",
    "DeviceSerialNumber": "0000000517353VH3",
    "EchoTime": 0.0279,
    "EffectiveEchoSpacing": 0.000608,
    "FlipAngle": 76,
    "ImageOrientationPatientDICOM": [
      1,
      0,
      0,
      0,
      1,
      0
    ],
    "ImageType": [
      "ORIGINAL",
      "PRIMARY",
      "EPI",
      "NONE"
    ],
    "InPlanePhaseEncodingDirectionDICOM": "COL",
    "InstitutionName": "Michigan_State_University",
    "MRAcquisitionType": "2D",
    "MagneticFieldStrength": 3,
    "Manufacturer": "GE",
    "ManufacturersModelName": "Signa_HDxt",
    "Modality": "MR",
    "PatientPosition": "HFS",
    "PercentPhaseFOV": 100,
    "PixelBandwidth": 7812.5,
    "ProtocolName": "fMRI",
    "ReconMatrixPE": 64,
    "RepetitionTime": 2,
    "SAR": 0.225736,
    "ScanOptions": "EPI_GEMS",
    "ScanningSequence": "EP_GR",
    "SequenceVariant": "SS",
    "SeriesDescription": "fMRI",
    "SliceThickness": 4,
    "SoftwareVersions": "24_LX_MR_Software_release:HD16.0_V02_1131.a",
    "SpacingBetweenSlices": 4,
    "StationName": "MR03MR03",
    "TaskName": "rest",
    "TotalReadoutTime": 0.038304,
    "modality": "bold",
    "session_id": "ExercisePost",
    "subject_id": "049",
    "task_id": "rest"
  },
  "dummy_trs": 0,
  "dvars_nstd": 65.15525536371254,
  "dvars_std": 1.086412651437126,
  "dvars_vstd": 1.1295452182634729,
  "efc": 0.46604314008325654,
  "fber": 15446.9248046875,
  "fd_mean": 2.174672537047262,
  "fd_num": 109,
  "fd_perc": 64.88095238095238,
  "fwhm_avg": 3.135235454545455,
  "fwhm_x": 2.9407418181818183,
  "fwhm_y": 3.4552145454545453,
  "fwhm_z": 3.00975,
  "gcor": 0.0754747,
  "gsr_x": -0.011121449992060661,
  "gsr_y": 0.009500700049102306,
  "provenance": {
    "md5sum": "109acc7af71752831675e944db90a2fb",
    "settings": {
      "fd_thres": 0.5,
      "hmc_fsl": false
    },
    "software": "mriqc",
    "version": "0.10.4"
  },
  "size_t": 168,
  "size_x": 64,
  "size_y": 64,
  "size_z": 30,
  "snr": 5.734332197135902,
  "spacing_tr": 2.0,
  "spacing_x": 3.4375,
  "spacing_y": 3.4375,
  "spacing_z": 4.0,
  "summary_bg_k": 83.34463626402622,
  "summary_bg_mad": 29.731468200683594,
  "summary_bg_mean": 62.2779541015625,
  "summary_bg_median": 33.238094329833984,
  "summary_bg_n": 69877.0,
  "summary_bg_p05": 1.2202380895614624,
  "summary_bg_p95": 198.813098144531,
  "summary_bg_stdv": 124.99987030029297,
  "summary_fg_k": 2.73510619312884,
  "summary_fg_mad": 620.7864990234375,
  "summary_fg_mean": 4134.73681640625,
  "summary_fg_median": 4209.8154296875,
  "summary_fg_n": 25559.0,
  "summary_fg_p05": 2803.162646484375,
  "summary_fg_p95": 5123.75615234375,
  "summary_fg_stdv": 734.1278686523438,
  "tsnr": 17.137941360473633
}