{
  "aor": 0.0029501785714285715,
  "aqi": 0.0031135545238095232,
  "bids_meta": {
    "AcquisitionMatrixPE": 64,
    "ConversionSoftware": "dcm2niix",
    "ConversionSoftwareVersion": "v1.0.20171017 (OpenJPEG build) GCC4.8.4",
    "DeviceSerialNumber": "0000000517353VH3",
    "EchoTime": 0.0279,
    "EffectiveEchoSpacing": 0.000608,
    "FlipAngle": 76,
    "ImageOrientationPatientDICOM": [
      1,
      0,
      0,
      0,
      1,
      0
    ],
    "ImageType": [
      "ORIGINAL",
      "PRIMARY",
      "EPI",
      "NONE"
    ],
    "InPlanePhaseEncodingDirectionDICOM": "COL",
    "InstitutionName": "Michigan_State_University",
    "MRAcquisitionType": "2D",
    "MagneticFieldStrength": 3,
    "Manufacturer": "GE",
    "ManufacturersModelName": "Signa_HDxt",
    "Modality": "MR",
    "PatientPosition": "HFS",
    "PercentPhaseFOV": 100,
    "PixelBandwidth": 7812.5,
    "ProtocolName": "fMRI",
    "ReconMatrixPE": 64,
    "RepetitionTime": 2,
    "SAR": 0.225736,
    "ScanOptions": "EPI_GEMS",
    "ScanningSequence": "EP_GR",
    "SequenceVariant": "SS",
    "SeriesDescription": "fMRI",
    "SliceThickness": 4,
    "SoftwareVersions": "24_LX_MR_Software_release:HD16.0_V02_1131.a",
    "SpacingBetweenSlices": 4,
    "StationName": "MR03MR03",
    "TaskName": "flanker",
    "TotalReadoutTime": 0.038304,
    "modality": "bold",
    "run_id": "02",
    "session_id": "ExercisePre",
    "subject_id": "050",
    "task_id": "flanker"
  },
  "dummy_trs": 0,
  "dvars_nstd": 12.499789049520963,
  "dvars_std": 1.174870408922156,
  "dvars_vstd": 0.9444249630538926,
  "efc": 0.4530149382694858,
  "fber": 12901.6357421875,
  "fd_mean": 0.11771170912728672,
  "fd_num": 1,
  "fd_perc": 0.5952380952380952,
  "fwhm_avg": 2.9964960606060607,
  "fwhm_x": 2.9419636363636363,
  "fwhm_y": 3.2593745454545457,
  "fwhm_z": 2.78815,
  "gcor": 0.0372256,
  "gsr_x": -0.008317490108311176,
  "gsr_y": 0.009824248030781746,
  "provenance": {
    "md5sum": "e9b1d676dafd3d31c4c337e22a6b6110",
    "settings": {
      "fd_thres": 0.5,
      "hmc_fsl": false
    },
    "software": "mriqc",
    "version": "0.10.4"
  },
  "size_t": 168,
  "size_x": 64,
  "size_y": 64,
  "size_z": 30,
  "snr": 5.189834504562013,
  "spacing_tr": 2.0,
  "spacing_x": 3.4375,
  "spacing_y": 3.4375,
  "spacing_z": 4.0,
  "summary_bg_k": 89.85573147397662,
  "summary_bg_mad": 10.148764610290527,
  "summary_bg_mean": 50.67277908325195,
  "summary_bg_median": 24.970237731933594,
  "summary_bg_n": 72226.0,
  "summary_bg_p05": 0.2023809552192688,
  "summary_bg_p95": 182.15476989746094,
  "summary_bg_stdv": 100.3493423461914,
  "summary_fg_k": 2.6007107862882464,
  "summary_fg_mad": 417.7054443359375,
  "summary_fg_mean": 2799.265380859375,
  "summary_fg_median": 2902.39892578125,
  "summary_fg_n": 23809.0,
  "summary_fg_p05": 1659.4322021484377,
  "summary_fg_p95": 3493.840576171875,
  "summary_fg_stdv": 559.2351684570312,
  "tsnr": 97.89154052734375
}