{
  "aor": 0.0215575,
  "aqi": 0.0052622492857142865,
  "bids_meta": {
    "AcquisitionMatrixPE": 64,
    "ConversionSoftware": "dcm2niix",
    "ConversionSoftwareVersion": "v1.0.20171017 (OpenJPEG build) GCC4.8.4",
    "DeviceSerialNumber": "0000000517353VH3",
    "EchoTime": 0.0279,
    "EffectiveEchoSpacing": 0.000608,
    "FlipAngle": 76,
    "ImageOrientationPatientDICOM": [
      1,
      0,
      0,
      0,
      1,
      0
    ],
    "ImageType": [
      "ORIGINAL",
      "PRIMARY",
      "EPI",
      "NONE"
    ],
    "InPlanePhaseEncodingDirectionDICOM": "COL",
    "InstitutionName": "Michigan_State_University",
    "MRAcquisitionType": "2D",
    "MagneticFieldStrength": 3,
    "Manufacturer": "GE",
    "ManufacturersModelName": "Signa_HDxt",
    "Modality": "MR",
    "PatientPosition": "HFS",
    "PercentPhaseFOV": 100,
    "PixelBandwidth": 7812.5,
    "ProtocolName": "fMRI",
    "ReconMatrixPE": 64,
    "RepetitionTime": 2,
    "SAR": 0.225736,
    "ScanOptions": "EPI_GEMS",
    "ScanningSequence": "EP_GR",
    "SequenceVariant": "SS",
    "SeriesDescription": "fMRI",
    "SliceThickness": 4,
    "SoftwareVersions": "24_LX_MR_Software_release:HD16.0_V02_1131.a",
    "SpacingBetweenSlices": 4,
    "StationName": "MR03MR03",
    "TaskName": "flanker",
    "TotalReadoutTime": 0.038304,
    "modality": "bold",
    "run_id": "02",
    "session_id": "ControlPost",
    "subject_id": "050",
    "task_id": "flanker"
  },
  "dummy_trs": 0,
  "dvars_nstd": 18.488118417305387,
  "dvars_std": 1.3257758638922166,
  "dvars_vstd": 1.0879136432335321,
  "efc": 0.4541408810451957,
  "fber": 12104.19921875,
  "fd_mean": 0.21143112029711114,
  "fd_num": 21,
  "fd_perc": 12.5,
  "fwhm_avg": 2.9992316666666667,
  "fwhm_x": 2.9762327272727274,
  "fwhm_y": 3.260887272727273,
  "fwhm_z": 2.760575,
  "gcor": 0.0606653,
  "gsr_x": -0.007589885499328375,
  "gsr_y": 0.01016929280012846,
  "provenance": {
    "md5sum": "6ba8176ddff25f5fb05937bbcb7358d2",
    "settings": {
      "fd_thres": 0.5,
      "hmc_fsl": false
    },
    "software": "mriqc",
    "version": "0.10.4"
  },
  "size_t": 168,
  "size_x": 64,
  "size_y": 64,
  "size_z": 30,
  "snr": 5.096094071015492,
  "spacing_tr": 2.0,
  "spacing_x": 3.4375,
  "spacing_y": 3.4375,
  "spacing_z": 4.0,
  "summary_bg_k": 98.33096499896482,
  "summary_bg_mad": 11.410741806030273,
  "summary_bg_mean": 53.57730484008789,
  "summary_bg_median": 26.428571701049805,
  "summary_bg_n": 72029.0,
  "summary_bg_p05": 0.3571428656578064,
  "summary_bg_p95": 190.13810119628846,
  "summary_bg_stdv": 109.00938415527344,
  "summary_fg_k": 2.9577811637108793,
  "summary_fg_mad": 418.341064453125,
  "summary_fg_mean": 2863.61181640625,
  "summary_fg_median": 2983.83349609375,
  "summary_fg_n": 23817.0,
  "summary_fg_p05": 1653.0107177734374,
  "summary_fg_p95": 3561.227392578125,
  "summary_fg_stdv": 585.5015258789062,
  "tsnr": 71.55847930908203
}