{
  "aor": 0.00791922619047619,
  "aqi": 0.012352883095238097,
  "bids_meta": {
    "AcquisitionMatrixPE": 64,
    "ConversionSoftware": "dcm2niix",
    "ConversionSoftwareVersion": "v1.0.20171017 (OpenJPEG build) GCC4.8.4",
    "DeviceSerialNumber": "0000000517353VH3",
    "EchoTime": 0.0279,
    "EffectiveEchoSpacing": 0.000608,
    "FlipAngle": 76,
    "ImageOrientationPatientDICOM": [
      1,
      0,
      0,
      0,
      1,
      0
    ],
    "ImageType": [
      "ORIGINAL",
      "PRIMARY",
      "EPI",
      "NONE"
    ],
    "InPlanePhaseEncodingDirectionDICOM": "COL",
    "InstitutionName": "Michigan_State_University",
    "MRAcquisitionType": "2D",
    "MagneticFieldStrength": 3,
    "Manufacturer": "GE",
    "ManufacturersModelName": "Signa_HDxt",
    "Modality": "MR",
    "PatientPosition": "HFS",
    "PercentPhaseFOV": 100,
    "PixelBandwidth": 7812.5,
    "ProtocolName": "fMRI",
    "ReconMatrixPE": 64,
    "RepetitionTime": 2,
    "SAR": 0.225736,
    "ScanOptions": "EPI_GEMS",
    "ScanningSequence": "EP_GR",
    "SequenceVariant": "SS",
    "SeriesDescription": "fMRI",
    "SliceThickness": 4,
    "SoftwareVersions": "24_LX_MR_Software_release:HD16.0_V02_1131.a",
    "SpacingBetweenSlices": 4,
    "StationName": "MR03MR03",
    "TaskName": "flanker",
    "TotalReadoutTime": 0.038304,
    "modality": "bold",
    "run_id": "01",
    "session_id": "ControlPost",
    "subject_id": "042",
    "task_id": "flanker"
  },
  "dummy_trs": 0,
  "dvars_nstd": 21.3392520608982,
  "dvars_std": 1.0244699652694613,
  "dvars_vstd": 0.942224385748503,
  "efc": 0.4736428600914532,
  "fber": 11429.4736328125,
  "fd_mean": 0.3204066608679357,
  "fd_num": 17,
  "fd_perc": 10.119047619047619,
  "fwhm_avg": 3.0297259090909088,
  "fwhm_x": 2.8925381818181815,
  "fwhm_y": 3.4776145454545455,
  "fwhm_z": 2.719025,
  "gcor": 0.0398411,
  "gsr_x": -0.009628954343497753,
  "gsr_y": 0.013839340768754482,
  "provenance": {
    "md5sum": "8dae2af89c8fb74803f5fe9f72195a27",
    "settings": {
      "fd_thres": 0.5,
      "hmc_fsl": false
    },
    "software": "mriqc",
    "version": "0.10.4"
  },
  "size_t": 168,
  "size_x": 64,
  "size_y": 64,
  "size_z": 30,
  "snr": 5.023871857932439,
  "spacing_tr": 2.0,
  "spacing_x": 3.4375,
  "spacing_y": 3.4375,
  "spacing_z": 4.0,
  "summary_bg_k": 69.93153145877375,
  "summary_bg_mad": 12.752144813537598,
  "summary_bg_mean": 52.33672332763672,
  "summary_bg_median": 26.4761905670166,
  "summary_bg_n": 68869.0,
  "summary_bg_p05": 0.9761905074119568,
  "summary_bg_p95": 177.17976379394528,
  "summary_bg_stdv": 86.93694305419922,
  "summary_fg_k": 2.3143244723109477,
  "summary_fg_mad": 474.900390625,
  "summary_fg_mean": 2803.1865234375,
  "summary_fg_median": 2880.363037109375,
  "summary_fg_n": 26623.0,
  "summary_fg_p05": 1729.0821411132813,
  "summary_fg_p95": 3556.014868164062,
  "summary_fg_stdv": 573.3245239257812,
  "tsnr": 45.24884796142578
}