{
  "aor": 0.03769232142857143,
  "aqi": 0.039299465476190475,
  "bids_meta": {
    "AcquisitionMatrixPE": 64,
    "ConversionSoftware": "dcm2niix",
    "ConversionSoftwareVersion": "v1.0.20171017 (OpenJPEG build) GCC4.8.4",
    "DeviceSerialNumber": "0000000517353VH3",
    "EchoTime": 0.0279,
    "EffectiveEchoSpacing": 0.000608,
    "FlipAngle": 76,
    "ImageOrientationPatientDICOM": [
      1,
      0,
      0,
      0,
      1,
      0
    ],
    "ImageType": [
      "ORIGINAL",
      "PRIMARY",
      "EPI",
      "NONE"
    ],
    "InPlanePhaseEncodingDirectionDICOM": "COL",
    "InstitutionName": "Michigan_State_University",
    "MRAcquisitionType": "2D",
    "MagneticFieldStrength": 3,
    "Manufacturer": "GE",
    "ManufacturersModelName": "Signa_HDxt",
    "Modality": "MR",
    "PatientPosition": "HFS",
    "PercentPhaseFOV": 100,
    "PixelBandwidth": 7812.5,
    "ProtocolName": "fMRI",
    "ReconMatrixPE": 64,
    "RepetitionTime": 2,
    "SAR": 0.225736,
    "ScanOptions": "EPI_GEMS",
    "ScanningSequence": "EP_GR",
    "SequenceVariant": "SS",
    "SeriesDescription": "fMRI",
    "SliceThickness": 4,
    "SoftwareVersions": "24_LX_MR_Software_release:HD16.0_V02_1131.a",
    "SpacingBetweenSlices": 4,
    "StationName": "MR03MR03",
    "TaskName": "rest",
    "TotalReadoutTime": 0.038304,
    "modality": "bold",
    "session_id": "ControlPre",
    "subject_id": "027",
    "task_id": "rest"
  },
  "dummy_trs": 0,
  "dvars_nstd": 48.941421862994,
  "dvars_std": 1.0911855339520955,
  "dvars_vstd": 1.1419293668263475,
  "efc": 0.45977193211265294,
  "fber": 11871.666015625,
  "fd_mean": 1.2499519411253857,
  "fd_num": 80,
  "fd_perc": 47.61904761904762,
  "fwhm_avg": 3.011574090909091,
  "fwhm_x": 2.978123636363636,
  "fwhm_y": 3.3429236363636368,
  "fwhm_z": 2.713675,
  "gcor": 0.142914,
  "gsr_x": -0.003313786815851927,
  "gsr_y": 0.008510732091963291,
  "provenance": {
    "md5sum": "c7e5e94cdcbed8edbc81d028c02dc8d5",
    "settings": {
      "fd_thres": 0.5,
      "hmc_fsl": false
    },
    "software": "mriqc",
    "version": "0.10.4"
  },
  "size_t": 168,
  "size_x": 64,
  "size_y": 64,
  "size_z": 30,
  "snr": 5.378928859523515,
  "spacing_tr": 2.0,
  "spacing_x": 3.4375,
  "spacing_y": 3.4375,
  "spacing_z": 4.0,
  "summary_bg_k": 59.11799898168673,
  "summary_bg_mad": 13.122797966003418,
  "summary_bg_mean": 53.45922088623047,
  "summary_bg_median": 26.047618865966797,
  "summary_bg_n": 71695.0,
  "summary_bg_p05": 1.446428656578064,
  "summary_bg_p95": 176.63452606201176,
  "summary_bg_stdv": 96.302734375,
  "summary_fg_k": 2.869560062572525,
  "summary_fg_mad": 422.8194580078125,
  "summary_fg_mean": 2784.85400390625,
  "summary_fg_median": 2881.1162109375,
  "summary_fg_n": 24434.0,
  "summary_fg_p05": 1752.7592712402343,
  "summary_fg_p95": 3447.3092041015625,
  "summary_fg_stdv": 535.619140625,
  "tsnr": 22.136451721191406
}