{
  "aor": 0.016319583333333335,
  "aqi": 0.009403684226190475,
  "bids_meta": {
    "AcquisitionMatrixPE": 64,
    "ConversionSoftware": "dcm2niix",
    "ConversionSoftwareVersion": "v1.0.20171017 (OpenJPEG build) GCC4.8.4",
    "DeviceSerialNumber": "0000000517353VH3",
    "EchoTime": 0.0279,
    "EffectiveEchoSpacing": 0.000608,
    "FlipAngle": 76,
    "ImageOrientationPatientDICOM": [
      1,
      0,
      0,
      0,
      1,
      0
    ],
    "ImageType": [
      "ORIGINAL",
      "PRIMARY",
      "EPI",
      "NONE"
    ],
    "InPlanePhaseEncodingDirectionDICOM": "COL",
    "InstitutionName": "Michigan_State_University",
    "MRAcquisitionType": "2D",
    "MagneticFieldStrength": 3,
    "Manufacturer": "GE",
    "ManufacturersModelName": "Signa_HDxt",
    "Modality": "MR",
    "PatientPosition": "HFS",
    "PercentPhaseFOV": 100,
    "PixelBandwidth": 7812.5,
    "ProtocolName": "fMRI",
    "ReconMatrixPE": 64,
    "RepetitionTime": 2,
    "SAR": 0.225736,
    "ScanOptions": "EPI_GEMS",
    "ScanningSequence": "EP_GR",
    "SequenceVariant": "SS",
    "SeriesDescription": "fMRI",
    "SliceThickness": 4,
    "SoftwareVersions": "24_LX_MR_Software_release:HD16.0_V02_1131.a",
    "SpacingBetweenSlices": 4,
    "StationName": "MR03MR03",
    "TaskName": "flanker",
    "TotalReadoutTime": 0.038304,
    "modality": "bold",
    "run_id": "02",
    "session_id": "ControlPre",
    "subject_id": "025",
    "task_id": "flanker"
  },
  "dummy_trs": 0,
  "dvars_nstd": 29.514389477904196,
  "dvars_std": 1.2111963742514968,
  "dvars_vstd": 1.074794946227545,
  "efc": 0.5083000924895272,
  "fber": 11630.787109375,
  "fd_mean": 0.37066996754796744,
  "fd_num": 34,
  "fd_perc": 20.238095238095237,
  "fwhm_avg": 2.9011535757575757,
  "fwhm_x": 2.7977425454545455,
  "fwhm_y": 3.2586181818181816,
  "fwhm_z": 2.6471,
  "gcor": 0.0653471,
  "gsr_x": -0.008025064133107662,
  "gsr_y": 0.014562972821295261,
  "provenance": {
    "md5sum": "16e212ccec2b4e195ccc4ba2d368e290",
    "settings": {
      "fd_thres": 0.5,
      "hmc_fsl": false
    },
    "software": "mriqc",
    "version": "0.10.4"
  },
  "size_t": 168,
  "size_x": 64,
  "size_y": 64,
  "size_z": 30,
  "snr": 5.154658975719131,
  "spacing_tr": 2.0,
  "spacing_x": 3.4375,
  "spacing_y": 3.4375,
  "spacing_z": 4.0,
  "summary_bg_k": 67.47518862715498,
  "summary_bg_mad": 13.758196830749512,
  "summary_bg_mean": 56.13102722167969,
  "summary_bg_median": 32.404762268066406,
  "summary_bg_n": 63155.0,
  "summary_bg_p05": 0.386904776096344,
  "summary_bg_p95": 176.21012878417966,
  "summary_bg_stdv": 88.2928466796875,
  "summary_fg_k": 2.3472283464728223,
  "summary_fg_mad": 576.7677612304688,
  "summary_fg_mean": 3507.023681640625,
  "summary_fg_median": 3561.797607421875,
  "summary_fg_n": 31109.0,
  "summary_fg_p05": 2263.002490234375,
  "summary_fg_p95": 4489.4119140625,
  "summary_fg_stdv": 690.9749755859375,
  "tsnr": 47.12359619140625
}