{
  "aor": 0.023696369047619046,
  "aqi": 0.008681286547619047,
  "bids_meta": {
    "AcquisitionMatrixPE": 64,
    "ConversionSoftware": "dcm2niix",
    "ConversionSoftwareVersion": "v1.0.20171017 (OpenJPEG build) GCC4.8.4",
    "DeviceSerialNumber": "0000000517353VH3",
    "EchoTime": 0.0279,
    "EffectiveEchoSpacing": 0.000608,
    "FlipAngle": 76,
    "ImageOrientationPatientDICOM": [
      1,
      0,
      0,
      0,
      1,
      0
    ],
    "ImageType": [
      "ORIGINAL",
      "PRIMARY",
      "EPI",
      "NONE"
    ],
    "InPlanePhaseEncodingDirectionDICOM": "COL",
    "InstitutionName": "Michigan_State_University",
    "MRAcquisitionType": "2D",
    "MagneticFieldStrength": 3,
    "Manufacturer": "GE",
    "ManufacturersModelName": "Signa_HDxt",
    "Modality": "MR",
    "PatientPosition": "HFS",
    "PercentPhaseFOV": 100,
    "PixelBandwidth": 7812.5,
    "ProtocolName": "fMRI",
    "ReconMatrixPE": 64,
    "RepetitionTime": 2,
    "SAR": 0.225736,
    "ScanOptions": "EPI_GEMS",
    "ScanningSequence": "EP_GR",
    "SequenceVariant": "SS",
    "SeriesDescription": "fMRI",
    "SliceThickness": 4,
    "SoftwareVersions": "24_LX_MR_Software_release:HD16.0_V02_1131.a",
    "SpacingBetweenSlices": 4,
    "StationName": "MR03MR03",
    "TaskName": "flanker",
    "TotalReadoutTime": 0.038304,
    "modality": "bold",
    "run_id": "02",
    "session_id": "ExercisePost",
    "subject_id": "009",
    "task_id": "flanker"
  },
  "dummy_trs": 0,
  "dvars_nstd": 20.758164131437127,
  "dvars_std": 1.0897519022155688,
  "dvars_vstd": 1.0643943407185623,
  "efc": 0.48963670918033936,
  "fber": 12059.6572265625,
  "fd_mean": 0.24916231042032383,
  "fd_num": 18,
  "fd_perc": 10.714285714285714,
  "fwhm_avg": 2.9787167575757576,
  "fwhm_x": 2.871226181818182,
  "fwhm_y": 3.200349090909091,
  "fwhm_z": 2.864575,
  "gcor": 0.108838,
  "gsr_x": -0.0035674467217177153,
  "gsr_y": 0.00658593000844121,
  "provenance": {
    "md5sum": "5a9007fb649a4bab2b69e3de7d49b405",
    "settings": {
      "fd_thres": 0.5,
      "hmc_fsl": false
    },
    "software": "mriqc",
    "version": "0.10.4"
  },
  "size_t": 168,
  "size_x": 64,
  "size_y": 64,
  "size_z": 30,
  "snr": 5.050129699924523,
  "spacing_tr": 2.0,
  "spacing_x": 3.4375,
  "spacing_y": 3.4375,
  "spacing_z": 4.0,
  "summary_bg_k": 65.61691761024585,
  "summary_bg_mad": 13.687596321105957,
  "summary_bg_mean": 61.756893157958984,
  "summary_bg_median": 32.261905670166016,
  "summary_bg_n": 66705.0,
  "summary_bg_p05": 0.5833333730697632,
  "summary_bg_p95": 206.12857055664045,
  "summary_bg_stdv": 116.12945556640625,
  "summary_fg_k": 2.357640606873372,
  "summary_fg_mad": 568.427978515625,
  "summary_fg_mean": 3528.106689453125,
  "summary_fg_median": 3623.431640625,
  "summary_fg_n": 28416.0,
  "summary_fg_p05": 2181.7083129882812,
  "summary_fg_p95": 4488.189208984375,
  "summary_fg_stdv": 717.4801635742188,
  "tsnr": 49.992122650146484
}