{
  "bids_meta": {
    "AcquisitionMatrixPE": 256,
    "ConversionSoftware": "dcm2niix",
    "ConversionSoftwareVersion": "v1.0.20171017 (OpenJPEG build) GCC4.8.4",
    "DeviceSerialNumber": "0000000517353VH3",
    "EchoTime": 0.003828,
    "FlipAngle": 8,
    "ImageOrientationPatientDICOM": [
      0,
      1,
      0,
      0,
      0,
      -1
    ],
    "ImageType": [
      "ORIGINAL",
      "PRIMARY",
      "OTHER"
    ],
    "InPlanePhaseEncodingDirectionDICOM": "ROW",
    "InstitutionName": "Michigan_State_University",
    "InversionTime": 0.04,
    "MRAcquisitionType": "3D",
    "MagneticFieldStrength": 3,
    "Manufacturer": "GE",
    "ManufacturersModelName": "Signa_HDxt",
    "Modality": "MR",
    "PatientPosition": "HFS",
    "PercentPhaseFOV": 100,
    "PixelBandwidth": 162.734,
    "ProtocolName": "mprage_1mm_iso_20.83_bw",
    "ReconMatrixPE": 256,
    "RepetitionTime": 0.008596,
    "SAR": 0.306132,
    "ScanOptions": "NONE",
    "ScanningSequence": "RM",
    "SequenceVariant": "NONE",
    "SeriesDescription": "mprage_1mm_iso_20.83_bw",
    "SliceThickness": 1,
    "SoftwareVersions": "24_LX_MR_Software_release:HD16.0_V02_1131.a",
    "SpacingBetweenSlices": 1,
    "StationName": "MR03MR03",
    "modality": "T1w",
    "session_id": "ExercisePre",
    "subject_id": "019"
  },
  "cjv": 0.3349237136979798,
  "cnr": 3.80330620303583,
  "efc": 0.6092073090201912,
  "fber": 62.415802001953125,
  "fwhm_avg": 4.0116233333333335,
  "fwhm_x": 3.90294,
  "fwhm_y": 4.14316,
  "fwhm_z": 3.98877,
  "icvs_csf": 0.222110804101084,
  "icvs_gm": 0.44012466691654933,
  "icvs_wm": 0.33776452898236664,
  "inu_med": 1.2773739099502563,
  "inu_range": 0.36435792446136483,
  "provenance": {
    "md5sum": "4662d70c8a3de64014421490a144d7a4",
    "settings": {
      "testing": false
    },
    "software": "mriqc",
    "version": "0.10.4",
    "warnings": {
      "large_rot_frame": true,
      "small_air_mask": false
    }
  },
  "qi_1": 0.0,
  "qi_2": 0.000671408356266929,
  "rpve_csf": 24.35228131696052,
  "rpve_gm": 12.905867704280155,
  "rpve_wm": 19.40578542937491,
  "size_x": 180,
  "size_y": 256,
  "size_z": 256,
  "snr_csf": 2.428279951674083,
  "snr_gm": 10.131253251196553,
  "snr_total": 8.89982801895934,
  "snr_wm": 14.139950854007385,
  "snrd_csf": 10.438644909723559,
  "snrd_gm": 23.419817670455082,
  "snrd_total": 23.609415728456565,
  "snrd_wm": 36.969784605191045,
  "spacing_x": 1.0,
  "spacing_y": 1.0,
  "spacing_z": 1.0,
  "summary_bg_k": 1.794461262483468,
  "summary_bg_mad": 17.72134780883789,
  "summary_bg_mean": 66.57316589355469,
  "summary_bg_median": 64.48492431640625,
  "summary_bg_n": 3088568.0,
  "summary_bg_p05": 39.75108413696289,
  "summary_bg_p95": 100.81667137145995,
  "summary_bg_stdv": 19.38036346435547,
  "summary_csf_k": -0.19805453114443283,
  "summary_csf_mad": 125.87403106689453,
  "summary_csf_mean": 289.63726806640625,
  "summary_csf_median": 282.3638916015625,
  "summary_csf_n": 15552.0,
  "summary_csf_p05": 113.08110694885255,
  "summary_csf_p95": 486.949087524414,
  "summary_csf_stdv": 116.27770233154297,
  "summary_gm_k": 0.1387881745314825,
  "summary_gm_mad": 61.032920837402344,
  "summary_gm_mean": 632.572021484375,
  "summary_gm_median": 633.5028076171875,
  "summary_gm_n": 25456.0,
  "summary_gm_p05": 528.8382415771484,
  "summary_gm_p95": 733.6737976074219,
  "summary_gm_stdv": 62.5283317565918,
  "summary_wm_k": 1.8851792857341216,
  "summary_wm_mad": 61.72489929199219,
  "summary_wm_mean": 1002.9365234375,
  "summary_wm_median": 1000.0275268554688,
  "summary_wm_n": 170416.0,
  "summary_wm_p05": 892.2814025878906,
  "summary_wm_p95": 1121.0283203125,
  "summary_wm_stdv": 70.72334289550781,
  "tpm_overlap_csf": 0.21613501012325287,
  "tpm_overlap_gm": 0.5216102600097656,
  "tpm_overlap_wm": 0.5647225975990295,
  "wm2max": 0.6497572389052793
}