{
  "aor": 0.03358404761904762,
  "aqi": 0.013835564047619047,
  "bids_meta": {
    "AcquisitionMatrixPE": 64,
    "ConversionSoftware": "dcm2niix",
    "ConversionSoftwareVersion": "v1.0.20171017 (OpenJPEG build) GCC4.8.4",
    "DeviceSerialNumber": "0000000517353VH3",
    "EchoTime": 0.0279,
    "EffectiveEchoSpacing": 0.000608,
    "FlipAngle": 76,
    "ImageOrientationPatientDICOM": [
      1,
      0,
      0,
      0,
      1,
      0
    ],
    "ImageType": [
      "ORIGINAL",
      "PRIMARY",
      "EPI",
      "NONE"
    ],
    "InPlanePhaseEncodingDirectionDICOM": "COL",
    "InstitutionName": "Michigan_State_University",
    "MRAcquisitionType": "2D",
    "MagneticFieldStrength": 3,
    "Manufacturer": "GE",
    "ManufacturersModelName": "Signa_HDxt",
    "Modality": "MR",
    "PatientPosition": "HFS",
    "PercentPhaseFOV": 100,
    "PixelBandwidth": 7812.5,
    "ProtocolName": "fMRI",
    "ReconMatrixPE": 64,
    "RepetitionTime": 2,
    "SAR": 0.225736,
    "ScanOptions": "EPI_GEMS",
    "ScanningSequence": "EP_GR",
    "SequenceVariant": "SS",
    "SeriesDescription": "fMRI",
    "SliceThickness": 4,
    "SoftwareVersions": "24_LX_MR_Software_release:HD16.0_V02_1131.a",
    "SpacingBetweenSlices": 4,
    "StationName": "MR03MR03",
    "TaskName": "rest",
    "TotalReadoutTime": 0.038304,
    "modality": "bold",
    "session_id": "ExercisePost",
    "subject_id": "035",
    "task_id": "rest"
  },
  "dummy_trs": 0,
  "dvars_nstd": 21.45881028664671,
  "dvars_std": 1.2001541585628737,
  "dvars_vstd": 1.2070693647305388,
  "efc": 0.4846276589621909,
  "fber": 3986.446044921875,
  "fd_mean": 0.25868207102080176,
  "fd_num": 17,
  "fd_perc": 10.119047619047619,
  "fwhm_avg": 2.9851648484848483,
  "fwhm_x": 2.945018181818182,
  "fwhm_y": 3.2346763636363636,
  "fwhm_z": 2.7758,
  "gcor": 0.0647243,
  "gsr_x": -0.0008542985888198018,
  "gsr_y": 0.007309579756110907,
  "provenance": {
    "md5sum": "0abfc2735a43b3662fb1ecf9a2da6cce",
    "settings": {
      "fd_thres": 0.5,
      "hmc_fsl": false
    },
    "software": "mriqc",
    "version": "0.10.4"
  },
  "size_t": 168,
  "size_x": 64,
  "size_y": 64,
  "size_z": 30,
  "snr": 5.208815607349298,
  "spacing_tr": 2.0,
  "spacing_x": 3.4375,
  "spacing_y": 3.4375,
  "spacing_z": 4.0,
  "summary_bg_k": 47.962833981267394,
  "summary_bg_mad": 17.48235321044922,
  "summary_bg_mean": 79.3368911743164,
  "summary_bg_median": 46.75,
  "summary_bg_n": 69912.0,
  "summary_bg_p05": 1.2619048357009888,
  "summary_bg_p95": 263.75983276367157,
  "summary_bg_stdv": 118.34902954101562,
  "summary_fg_k": 3.0196953952925982,
  "summary_fg_mad": 433.36541748046875,
  "summary_fg_mean": 2910.384765625,
  "summary_fg_median": 3010.47021484375,
  "summary_fg_n": 25784.0,
  "summary_fg_p05": 1730.3622802734376,
  "summary_fg_p95": 3616.1483642578123,
  "summary_fg_stdv": 577.945556640625,
  "tsnr": 43.92230224609375
}