{
  "aor": 0.05285767857142857,
  "aqi": 0.045443873809523805,
  "bids_meta": {
    "AcquisitionMatrixPE": 64,
    "ConversionSoftware": "dcm2niix",
    "ConversionSoftwareVersion": "v1.0.20171017 (OpenJPEG build) GCC4.8.4",
    "DeviceSerialNumber": "0000000517353VH3",
    "EchoTime": 0.0279,
    "EffectiveEchoSpacing": 0.000608,
    "FlipAngle": 76,
    "ImageOrientationPatientDICOM": [
      1,
      0,
      0,
      0,
      1,
      0
    ],
    "ImageType": [
      "ORIGINAL",
      "PRIMARY",
      "EPI",
      "NONE"
    ],
    "InPlanePhaseEncodingDirectionDICOM": "COL",
    "InstitutionName": "Michigan_State_University",
    "MRAcquisitionType": "2D",
    "MagneticFieldStrength": 3,
    "Manufacturer": "GE",
    "ManufacturersModelName": "Signa_HDxt",
    "Modality": "MR",
    "PatientPosition": "HFS",
    "PercentPhaseFOV": 100,
    "PixelBandwidth": 7812.5,
    "ProtocolName": "fMRI",
    "ReconMatrixPE": 64,
    "RepetitionTime": 2,
    "SAR": 0.225736,
    "ScanOptions": "EPI_GEMS",
    "ScanningSequence": "EP_GR",
    "SequenceVariant": "SS",
    "SeriesDescription": "fMRI",
    "SliceThickness": 4,
    "SoftwareVersions": "24_LX_MR_Software_release:HD16.0_V02_1131.a",
    "SpacingBetweenSlices": 4,
    "StationName": "MR03MR03",
    "TaskName": "rest",
    "TotalReadoutTime": 0.038304,
    "modality": "bold",
    "session_id": "ExercisePost",
    "subject_id": "008",
    "task_id": "rest"
  },
  "dummy_trs": 0,
  "dvars_nstd": 59.89683199802392,
  "dvars_std": 1.1597378104790412,
  "dvars_vstd": 1.2641436046107783,
  "efc": 0.48221388440699536,
  "fber": 11002.640625,
  "fd_mean": 1.5446130009449708,
  "fd_num": 78,
  "fd_perc": 46.42857142857143,
  "fwhm_avg": 3.002792878787879,
  "fwhm_x": 2.9326545454545454,
  "fwhm_y": 3.2803490909090907,
  "fwhm_z": 2.795375,
  "gcor": 0.120579,
  "gsr_x": -0.006121497135609388,
  "gsr_y": 0.01342908013612032,
  "provenance": {
    "md5sum": "a3790d6d6dbb869577846b7d148c6393",
    "settings": {
      "fd_thres": 0.5,
      "hmc_fsl": false
    },
    "software": "mriqc",
    "version": "0.10.4"
  },
  "size_t": 168,
  "size_x": 64,
  "size_y": 64,
  "size_z": 30,
  "snr": 5.164211419367919,
  "spacing_tr": 2.0,
  "spacing_x": 3.4375,
  "spacing_y": 3.4375,
  "spacing_z": 4.0,
  "summary_bg_k": 81.88717492939888,
  "summary_bg_mad": 16.899898529052734,
  "summary_bg_mean": 78.66249084472656,
  "summary_bg_median": 40.83928680419922,
  "summary_bg_n": 68076.0,
  "summary_bg_p05": 5.111607193946838,
  "summary_bg_p95": 274.98958587646484,
  "summary_bg_stdv": 145.9775848388672,
  "summary_fg_k": 2.743797808518851,
  "summary_fg_mad": 689.9044799804688,
  "summary_fg_mean": 4312.830078125,
  "summary_fg_median": 4368.1962890625,
  "summary_fg_n": 27511.0,
  "summary_fg_p05": 2842.7977294921875,
  "summary_fg_p95": 5530.952392578125,
  "summary_fg_stdv": 845.8439331054688,
  "tsnr": 18.987159729003906
}