{
  "aor": 0.012024107142857142,
  "aqi": 0.007070257023809524,
  "bids_meta": {
    "AcquisitionMatrixPE": 64,
    "ConversionSoftware": "dcm2niix",
    "ConversionSoftwareVersion": "v1.0.20171017 (OpenJPEG build) GCC4.8.4",
    "DeviceSerialNumber": "0000000517353VH3",
    "EchoTime": 0.0279,
    "EffectiveEchoSpacing": 0.000608,
    "FlipAngle": 76,
    "ImageOrientationPatientDICOM": [
      1,
      0,
      0,
      0,
      1,
      0
    ],
    "ImageType": [
      "ORIGINAL",
      "PRIMARY",
      "EPI",
      "NONE"
    ],
    "InPlanePhaseEncodingDirectionDICOM": "COL",
    "InstitutionName": "Michigan_State_University",
    "MRAcquisitionType": "2D",
    "MagneticFieldStrength": 3,
    "Manufacturer": "GE",
    "ManufacturersModelName": "Signa_HDxt",
    "Modality": "MR",
    "PatientPosition": "HFS",
    "PercentPhaseFOV": 100,
    "PixelBandwidth": 7812.5,
    "ProtocolName": "fMRI",
    "ReconMatrixPE": 64,
    "RepetitionTime": 2,
    "SAR": 0.225736,
    "ScanOptions": "EPI_GEMS",
    "ScanningSequence": "EP_GR",
    "SequenceVariant": "SS",
    "SeriesDescription": "fMRI",
    "SliceThickness": 4,
    "SoftwareVersions": "24_LX_MR_Software_release:HD16.0_V02_1131.a",
    "SpacingBetweenSlices": 4,
    "StationName": "MR03MR03",
    "TaskName": "rest",
    "TotalReadoutTime": 0.038304,
    "modality": "bold",
    "session_id": "ExercisePost",
    "subject_id": "048",
    "task_id": "rest"
  },
  "dummy_trs": 0,
  "dvars_nstd": 18.039719724550892,
  "dvars_std": 1.0552934688622757,
  "dvars_vstd": 0.9678559807185626,
  "efc": 0.45347356434956565,
  "fber": 13122.98828125,
  "fd_mean": 0.23501556347500774,
  "fd_num": 18,
  "fd_perc": 10.714285714285714,
  "fwhm_avg": 2.939543393939394,
  "fwhm_x": 2.9074356363636364,
  "fwhm_y": 3.2708945454545457,
  "fwhm_z": 2.6403,
  "gcor": 0.0662761,
  "gsr_x": -0.008434691466391087,
  "gsr_y": 0.010775797069072723,
  "provenance": {
    "md5sum": "a7c1bfe889239403e6a14ba003d8f7cb",
    "settings": {
      "fd_thres": 0.5,
      "hmc_fsl": false
    },
    "software": "mriqc",
    "version": "0.10.4"
  },
  "size_t": 168,
  "size_x": 64,
  "size_y": 64,
  "size_z": 30,
  "snr": 5.161599955630768,
  "spacing_tr": 2.0,
  "spacing_x": 3.4375,
  "spacing_y": 3.4375,
  "spacing_z": 4.0,
  "summary_bg_k": 100.92135024402218,
  "summary_bg_mad": 10.528241157531738,
  "summary_bg_mean": 51.567317962646484,
  "summary_bg_median": 25.196428298950195,
  "summary_bg_n": 71676.0,
  "summary_bg_p05": 0.3020833358168602,
  "summary_bg_p95": 164.1383934020996,
  "summary_bg_stdv": 110.72940063476562,
  "summary_fg_k": 2.9048180782492787,
  "summary_fg_mad": 427.28082275390625,
  "summary_fg_mean": 2870.521484375,
  "summary_fg_median": 2945.02978515625,
  "summary_fg_n": 23879.0,
  "summary_fg_p05": 1761.8530151367188,
  "summary_fg_p95": 3633.9125976562495,
  "summary_fg_stdv": 570.5533447265625,
  "tsnr": 58.27226257324219
}