{
  "aor": 0.05192107142857144,
  "aqi": 0.030047105476190477,
  "bids_meta": {
    "AcquisitionMatrixPE": 64,
    "ConversionSoftware": "dcm2niix",
    "ConversionSoftwareVersion": "v1.0.20171017 (OpenJPEG build) GCC4.8.4",
    "DeviceSerialNumber": "0000000517353VH3",
    "EchoTime": 0.0279,
    "EffectiveEchoSpacing": 0.000608,
    "FlipAngle": 76,
    "ImageOrientationPatientDICOM": [
      1,
      0,
      0,
      0,
      1,
      0
    ],
    "ImageType": [
      "ORIGINAL",
      "PRIMARY",
      "EPI",
      "NONE"
    ],
    "InPlanePhaseEncodingDirectionDICOM": "COL",
    "InstitutionName": "Michigan_State_University",
    "MRAcquisitionType": "2D",
    "MagneticFieldStrength": 3,
    "Manufacturer": "GE",
    "ManufacturersModelName": "Signa_HDxt",
    "Modality": "MR",
    "PatientPosition": "HFS",
    "PercentPhaseFOV": 100,
    "PixelBandwidth": 7812.5,
    "ProtocolName": "fMRI",
    "ReconMatrixPE": 64,
    "RepetitionTime": 2,
    "SAR": 0.225736,
    "ScanOptions": "EPI_GEMS",
    "ScanningSequence": "EP_GR",
    "SequenceVariant": "SS",
    "SeriesDescription": "fMRI",
    "SliceThickness": 4,
    "SoftwareVersions": "24_LX_MR_Software_release:HD16.0_V02_1131.a",
    "SpacingBetweenSlices": 4,
    "StationName": "MR03MR03",
    "TaskName": "flanker",
    "TotalReadoutTime": 0.038304,
    "modality": "bold",
    "run_id": "01",
    "session_id": "ControlPost",
    "subject_id": "049",
    "task_id": "flanker"
  },
  "dummy_trs": 0,
  "dvars_nstd": 45.95844842736526,
  "dvars_std": 1.2830123941916167,
  "dvars_vstd": 1.4124119144311373,
  "efc": 0.46687288065822546,
  "fber": 14755.5576171875,
  "fd_mean": 1.22132741167491,
  "fd_num": 73,
  "fd_perc": 43.45238095238095,
  "fwhm_avg": 3.0337454545454547,
  "fwhm_x": 2.94528,
  "fwhm_y": 3.434356363636364,
  "fwhm_z": 2.7216,
  "gcor": 0.131737,
  "gsr_x": -0.010049226693809032,
  "gsr_y": 0.007620573975145817,
  "provenance": {
    "md5sum": "ce91833a41b53c45fda5ec56b19813b4",
    "settings": {
      "fd_thres": 0.5,
      "hmc_fsl": false
    },
    "software": "mriqc",
    "version": "0.10.4"
  },
  "size_t": 168,
  "size_x": 64,
  "size_y": 64,
  "size_z": 30,
  "snr": 5.479859604910001,
  "spacing_tr": 2.0,
  "spacing_x": 3.4375,
  "spacing_y": 3.4375,
  "spacing_z": 4.0,
  "summary_bg_k": 109.22217319900861,
  "summary_bg_mad": 18.347206115722656,
  "summary_bg_mean": 64.38227081298828,
  "summary_bg_median": 35.27381134033203,
  "summary_bg_n": 69405.0,
  "summary_bg_p05": 2.279762029647827,
  "summary_bg_p95": 184.1607177734376,
  "summary_bg_stdv": 125.15087127685547,
  "summary_fg_k": 2.737830076792071,
  "summary_fg_mad": 651.0390014648438,
  "summary_fg_mean": 4247.8212890625,
  "summary_fg_median": 4325.9404296875,
  "summary_fg_n": 26293.0,
  "summary_fg_p05": 2787.9525390625004,
  "summary_fg_p95": 5315.224023437499,
  "summary_fg_stdv": 789.410400390625,
  "tsnr": 24.311050415039062
}