{
  "aor": 0.02259720238095238,
  "aqi": 0.015543633452380953,
  "bids_meta": {
    "AcquisitionMatrixPE": 64,
    "ConversionSoftware": "dcm2niix",
    "ConversionSoftwareVersion": "v1.0.20171017 (OpenJPEG build) GCC4.8.4",
    "DeviceSerialNumber": "0000000517353VH3",
    "EchoTime": 0.0279,
    "EffectiveEchoSpacing": 0.000608,
    "FlipAngle": 76,
    "ImageOrientationPatientDICOM": [
      1,
      0,
      0,
      0,
      1,
      0
    ],
    "ImageType": [
      "ORIGINAL",
      "PRIMARY",
      "EPI",
      "NONE"
    ],
    "InPlanePhaseEncodingDirectionDICOM": "COL",
    "InstitutionName": "Michigan_State_University",
    "MRAcquisitionType": "2D",
    "MagneticFieldStrength": 3,
    "Manufacturer": "GE",
    "ManufacturersModelName": "Signa_HDxt",
    "Modality": "MR",
    "PatientPosition": "HFS",
    "PercentPhaseFOV": 100,
    "PixelBandwidth": 7812.5,
    "ProtocolName": "fMRI",
    "ReconMatrixPE": 64,
    "RepetitionTime": 2,
    "SAR": 0.225736,
    "ScanOptions": "EPI_GEMS",
    "ScanningSequence": "EP_GR",
    "SequenceVariant": "SS",
    "SeriesDescription": "fMRI",
    "SliceThickness": 4,
    "SoftwareVersions": "24_LX_MR_Software_release:HD16.0_V02_1131.a",
    "SpacingBetweenSlices": 4,
    "StationName": "MR03MR03",
    "TaskName": "flanker",
    "TotalReadoutTime": 0.038304,
    "modality": "bold",
    "run_id": "02",
    "session_id": "ExercisePre",
    "subject_id": "040",
    "task_id": "flanker"
  },
  "dummy_trs": 0,
  "dvars_nstd": 22.968074073532936,
  "dvars_std": 0.9306234964071858,
  "dvars_vstd": 1.0035041525748503,
  "efc": 0.4988599548145075,
  "fber": 9792.7197265625,
  "fd_mean": 0.38285912355780294,
  "fd_num": 19,
  "fd_perc": 11.30952380952381,
  "fwhm_avg": 2.9535851515151514,
  "fwhm_x": 2.840058181818182,
  "fwhm_y": 3.266647272727273,
  "fwhm_z": 2.75405,
  "gcor": 0.101576,
  "gsr_x": -0.007696723099797964,
  "gsr_y": 0.01156607735902071,
  "provenance": {
    "md5sum": "b3d0df6ae35ef7c681bae3037f0651f8",
    "settings": {
      "fd_thres": 0.5,
      "hmc_fsl": false
    },
    "software": "mriqc",
    "version": "0.10.4"
  },
  "size_t": 168,
  "size_x": 64,
  "size_y": 64,
  "size_z": 30,
  "snr": 5.051375578391565,
  "spacing_tr": 2.0,
  "spacing_x": 3.4375,
  "spacing_y": 3.4375,
  "spacing_z": 4.0,
  "summary_bg_k": 102.67788521959912,
  "summary_bg_mad": 11.551941871643066,
  "summary_bg_mean": 48.99649429321289,
  "summary_bg_median": 27.738096237182617,
  "summary_bg_n": 65174.0,
  "summary_bg_p05": 0.7023809552192688,
  "summary_bg_p95": 145.82589492797848,
  "summary_bg_stdv": 90.07575988769531,
  "summary_fg_k": 1.7296037797805441,
  "summary_fg_mad": 478.0335388183594,
  "summary_fg_mean": 2748.755615234375,
  "summary_fg_median": 2815.601318359375,
  "summary_fg_n": 29519.0,
  "summary_fg_p05": 1700.6934326171875,
  "summary_fg_p95": 3502.247143554687,
  "summary_fg_stdv": 557.383544921875,
  "tsnr": 35.462528228759766
}