{
  "bids_meta": {
    "AcquisitionMatrixPE": 256,
    "ConversionSoftware": "dcm2niix",
    "ConversionSoftwareVersion": "v1.0.20171017 (OpenJPEG build) GCC4.8.4",
    "DeviceSerialNumber": "0000000517353VH3",
    "EchoTime": 0.003828,
    "FlipAngle": 8,
    "ImageOrientationPatientDICOM": [
      0,
      1,
      0,
      0,
      0,
      -1
    ],
    "ImageType": [
      "ORIGINAL",
      "PRIMARY",
      "OTHER"
    ],
    "InPlanePhaseEncodingDirectionDICOM": "ROW",
    "InstitutionName": "Michigan_State_University",
    "InversionTime": 0.04,
    "MRAcquisitionType": "3D",
    "MagneticFieldStrength": 3,
    "Manufacturer": "GE",
    "ManufacturersModelName": "Signa_HDxt",
    "Modality": "MR",
    "PatientPosition": "HFS",
    "PercentPhaseFOV": 100,
    "PixelBandwidth": 162.734,
    "ProtocolName": "mprage_1mm_iso_20.83_bw",
    "ReconMatrixPE": 256,
    "RepetitionTime": 0.008596,
    "SAR": 0.306132,
    "ScanOptions": "NONE",
    "ScanningSequence": "RM",
    "SequenceVariant": "NONE",
    "SeriesDescription": "mprage_1mm_iso_20.83_bw",
    "SliceThickness": 1,
    "SoftwareVersions": "24_LX_MR_Software_release:HD16.0_V02_1131.a",
    "SpacingBetweenSlices": 1,
    "StationName": "MR03MR03",
    "modality": "T1w",
    "session_id": "ExercisePre",
    "subject_id": "018"
  },
  "cjv": 0.3094352285603724,
  "cnr": 4.159010863900912,
  "efc": 0.5814633592205587,
  "fber": 96.35266876220703,
  "fwhm_avg": 4.048233333333333,
  "fwhm_x": 3.70177,
  "fwhm_y": 4.49117,
  "fwhm_z": 3.95176,
  "icvs_csf": 0.2060129750338058,
  "icvs_gm": 0.45402605660558515,
  "icvs_wm": 0.3399609683606091,
  "inu_med": 0.8476404547691345,
  "inu_range": 0.28940606713295003,
  "provenance": {
    "md5sum": "a6f452cf093da7cd0dd0d833e3df1ae2",
    "settings": {
      "testing": false
    },
    "software": "mriqc",
    "version": "0.10.4",
    "warnings": {
      "large_rot_frame": true,
      "small_air_mask": false
    }
  },
  "qi_1": 0.0,
  "qi_2": 0.0028658824256086253,
  "rpve_csf": 26.05318670254473,
  "rpve_gm": 13.158283358787614,
  "rpve_wm": 20.595870507085706,
  "size_x": 180,
  "size_y": 256,
  "size_z": 256,
  "snr_csf": 2.4946806154300094,
  "snr_gm": 10.581438831164235,
  "snr_total": 10.7669427599646,
  "snr_wm": 19.224708833299555,
  "snrd_csf": 15.420286911528516,
  "snrd_gm": 29.92237733598004,
  "snrd_total": 30.2931170825253,
  "snrd_wm": 45.536687000067346,
  "spacing_x": 1.0,
  "spacing_y": 1.0,
  "spacing_z": 1.0,
  "summary_bg_k": 1.5107371001007603,
  "summary_bg_mad": 14.387215614318848,
  "summary_bg_mean": 53.664276123046875,
  "summary_bg_median": 52.454933166503906,
  "summary_bg_n": 2908113.0,
  "summary_bg_p05": 31.65931053161621,
  "summary_bg_p95": 80.14055175781249,
  "summary_bg_stdv": 15.343666076660156,
  "summary_csf_k": 0.5496045925400987,
  "summary_csf_mad": 143.46372985839844,
  "summary_csf_mean": 346.5785217285156,
  "summary_csf_median": 338.639404296875,
  "summary_csf_n": 12543.0,
  "summary_csf_p05": 145.96975860595705,
  "summary_csf_p95": 572.8198181152343,
  "summary_csf_stdv": 135.7391815185547,
  "summary_gm_k": 0.1808590598780775,
  "summary_gm_mad": 59.578369140625,
  "summary_gm_mean": 658.5513916015625,
  "summary_gm_median": 657.1146240234375,
  "summary_gm_n": 40786.0,
  "summary_gm_p05": 558.6318359375,
  "summary_gm_p95": 763.9722290039062,
  "summary_gm_stdv": 62.09992599487305,
  "summary_wm_k": 0.9355010997308311,
  "summary_wm_mad": 46.52705383300781,
  "summary_wm_mean": 999.97900390625,
  "summary_wm_median": 1000.014892578125,
  "summary_wm_n": 173652.0,
  "summary_wm_p05": 913.3709136962891,
  "summary_wm_p95": 1084.1567932128905,
  "summary_wm_stdv": 52.01701736450195,
  "tpm_overlap_csf": 0.20381298661231995,
  "tpm_overlap_gm": 0.5278275609016418,
  "tpm_overlap_wm": 0.543171226978302,
  "wm2max": 0.7406558452195066
}