{
  "aor": 0.0016930952380952383,
  "aqi": 0.0019245993988095237,
  "bids_meta": {
    "AcquisitionMatrixPE": 64,
    "ConversionSoftware": "dcm2niix",
    "ConversionSoftwareVersion": "v1.0.20171017 (OpenJPEG build) GCC4.8.4",
    "DeviceSerialNumber": "0000000517353VH3",
    "EchoTime": 0.0279,
    "EffectiveEchoSpacing": 0.000608,
    "FlipAngle": 76,
    "ImageOrientationPatientDICOM": [
      1,
      0,
      0,
      0,
      1,
      0
    ],
    "ImageType": [
      "ORIGINAL",
      "PRIMARY",
      "EPI",
      "NONE"
    ],
    "InPlanePhaseEncodingDirectionDICOM": "COL",
    "InstitutionName": "Michigan_State_University",
    "MRAcquisitionType": "2D",
    "MagneticFieldStrength": 3,
    "Manufacturer": "GE",
    "ManufacturersModelName": "Signa_HDxt",
    "Modality": "MR",
    "PatientPosition": "HFS",
    "PercentPhaseFOV": 100,
    "PixelBandwidth": 7812.5,
    "ProtocolName": "fMRI",
    "ReconMatrixPE": 64,
    "RepetitionTime": 2,
    "SAR": 0.225736,
    "ScanOptions": "EPI_GEMS",
    "ScanningSequence": "EP_GR",
    "SequenceVariant": "SS",
    "SeriesDescription": "fMRI",
    "SliceThickness": 4,
    "SoftwareVersions": "24_LX_MR_Software_release:HD16.0_V02_1131.a",
    "SpacingBetweenSlices": 4,
    "StationName": "MR03MR03",
    "TaskName": "flanker",
    "TotalReadoutTime": 0.038304,
    "modality": "bold",
    "run_id": "01",
    "session_id": "ExercisePost",
    "subject_id": "044",
    "task_id": "flanker"
  },
  "dummy_trs": 0,
  "dvars_nstd": 14.704921825329338,
  "dvars_std": 1.3573914189820357,
  "dvars_vstd": 1.0015897162275442,
  "efc": 0.46068267662012785,
  "fber": 11685.1953125,
  "fd_mean": 0.11564975563008081,
  "fd_num": 0,
  "fd_perc": 0.0,
  "fwhm_avg": 2.9590860606060603,
  "fwhm_x": 2.9409454545454548,
  "fwhm_y": 3.233512727272727,
  "fwhm_z": 2.7028,
  "gcor": 0.0689717,
  "gsr_x": -0.005090552382171154,
  "gsr_y": 0.006555532105267048,
  "provenance": {
    "md5sum": "e1f95388d31f5b2e0131f4d35ae97900",
    "settings": {
      "fd_thres": 0.5,
      "hmc_fsl": false
    },
    "software": "mriqc",
    "version": "0.10.4"
  },
  "size_t": 168,
  "size_x": 64,
  "size_y": 64,
  "size_z": 30,
  "snr": 5.029330216260743,
  "spacing_tr": 2.0,
  "spacing_x": 3.4375,
  "spacing_y": 3.4375,
  "spacing_z": 4.0,
  "summary_bg_k": 98.2556995922425,
  "summary_bg_mad": 10.916543006896973,
  "summary_bg_mean": 49.058006286621094,
  "summary_bg_median": 25.73214340209961,
  "summary_bg_n": 70723.0,
  "summary_bg_p05": 0.0535714291036129,
  "summary_bg_p95": 145.78512420654258,
  "summary_bg_stdv": 97.4508285522461,
  "summary_fg_k": 2.7638495835075947,
  "summary_fg_mad": 437.9500732421875,
  "summary_fg_mean": 2751.004638671875,
  "summary_fg_median": 2828.756103515625,
  "summary_fg_n": 24883.0,
  "summary_fg_p05": 1662.8886840820314,
  "summary_fg_p95": 3482.6910888671864,
  "summary_fg_stdv": 562.4405517578125,
  "tsnr": 111.78825378417969
}