{
  "aor": 0.04668672619047619,
  "aqi": 0.017986365892857143,
  "bids_meta": {
    "AcquisitionMatrixPE": 64,
    "ConversionSoftware": "dcm2niix",
    "ConversionSoftwareVersion": "v1.0.20171017 (OpenJPEG build) GCC4.8.4",
    "DeviceSerialNumber": "0000000517353VH3",
    "EchoTime": 0.0279,
    "EffectiveEchoSpacing": 0.000608,
    "FlipAngle": 76,
    "ImageOrientationPatientDICOM": [
      1,
      0,
      0,
      0,
      1,
      0
    ],
    "ImageType": [
      "ORIGINAL",
      "PRIMARY",
      "EPI",
      "NONE"
    ],
    "InPlanePhaseEncodingDirectionDICOM": "COL",
    "InstitutionName": "Michigan_State_University",
    "MRAcquisitionType": "2D",
    "MagneticFieldStrength": 3,
    "Manufacturer": "GE",
    "ManufacturersModelName": "Signa_HDxt",
    "Modality": "MR",
    "PatientPosition": "HFS",
    "PercentPhaseFOV": 100,
    "PixelBandwidth": 7812.5,
    "ProtocolName": "fMRI",
    "ReconMatrixPE": 64,
    "RepetitionTime": 2,
    "SAR": 0.225736,
    "ScanOptions": "EPI_GEMS",
    "ScanningSequence": "EP_GR",
    "SequenceVariant": "SS",
    "SeriesDescription": "fMRI",
    "SliceThickness": 4,
    "SoftwareVersions": "24_LX_MR_Software_release:HD16.0_V02_1131.a",
    "SpacingBetweenSlices": 4,
    "StationName": "MR03MR03",
    "TaskName": "flanker",
    "TotalReadoutTime": 0.038304,
    "modality": "bold",
    "run_id": "02",
    "session_id": "ControlPost",
    "subject_id": "025",
    "task_id": "flanker"
  },
  "dummy_trs": 0,
  "dvars_nstd": 43.30072054616765,
  "dvars_std": 1.3382278706586823,
  "dvars_vstd": 1.3599242739520963,
  "efc": 0.5083380686545098,
  "fber": 11288.53515625,
  "fd_mean": 0.7238550935992771,
  "fd_num": 65,
  "fd_perc": 38.69047619047619,
  "fwhm_avg": 2.9019651818181824,
  "fwhm_x": 2.834583272727273,
  "fwhm_y": 3.224087272727273,
  "fwhm_z": 2.647225,
  "gcor": 0.178919,
  "gsr_x": -0.00869446899741888,
  "gsr_y": 0.014239202253520489,
  "provenance": {
    "md5sum": "2a3a1832451114986f2da0c1a02abef3",
    "settings": {
      "fd_thres": 0.5,
      "hmc_fsl": false
    },
    "software": "mriqc",
    "version": "0.10.4"
  },
  "size_t": 168,
  "size_x": 64,
  "size_y": 64,
  "size_z": 30,
  "snr": 5.160723741155766,
  "spacing_tr": 2.0,
  "spacing_x": 3.4375,
  "spacing_y": 3.4375,
  "spacing_z": 4.0,
  "summary_bg_k": 80.21896812494924,
  "summary_bg_mad": 14.675999641418457,
  "summary_bg_mean": 59.053680419921875,
  "summary_bg_median": 33.738094329833984,
  "summary_bg_n": 63078.0,
  "summary_bg_p05": 0.6904761791229248,
  "summary_bg_p95": 181.08423614501947,
  "summary_bg_stdv": 97.54458618164062,
  "summary_fg_k": 2.2682999157395516,
  "summary_fg_mad": 586.4622192382812,
  "summary_fg_mean": 3619.76611328125,
  "summary_fg_median": 3673.294921875,
  "summary_fg_n": 31086.0,
  "summary_fg_p05": 2344.56396484375,
  "summary_fg_p95": 4645.3079833984375,
  "summary_fg_stdv": 711.767578125,
  "tsnr": 30.186138153076172
}