{
  "aor": 0.0027101190476190476,
  "aqi": 0.0025470833333333335,
  "bids_meta": {
    "AcquisitionMatrixPE": 64,
    "ConversionSoftware": "dcm2niix",
    "ConversionSoftwareVersion": "v1.0.20171017 (OpenJPEG build) GCC4.8.4",
    "DeviceSerialNumber": "0000000517353VH3",
    "EchoTime": 0.0279,
    "EffectiveEchoSpacing": 0.000608,
    "FlipAngle": 76,
    "ImageOrientationPatientDICOM": [
      1,
      0,
      0,
      0,
      1,
      0
    ],
    "ImageType": [
      "ORIGINAL",
      "PRIMARY",
      "EPI",
      "NONE"
    ],
    "InPlanePhaseEncodingDirectionDICOM": "COL",
    "InstitutionName": "Michigan_State_University",
    "MRAcquisitionType": "2D",
    "MagneticFieldStrength": 3,
    "Manufacturer": "GE",
    "ManufacturersModelName": "Signa_HDxt",
    "Modality": "MR",
    "PatientPosition": "HFS",
    "PercentPhaseFOV": 100,
    "PixelBandwidth": 7812.5,
    "ProtocolName": "fMRI",
    "ReconMatrixPE": 64,
    "RepetitionTime": 2,
    "SAR": 0.225736,
    "ScanOptions": "EPI_GEMS",
    "ScanningSequence": "EP_GR",
    "SequenceVariant": "SS",
    "SeriesDescription": "fMRI",
    "SliceThickness": 4,
    "SoftwareVersions": "24_LX_MR_Software_release:HD16.0_V02_1131.a",
    "SpacingBetweenSlices": 4,
    "StationName": "MR03MR03",
    "TaskName": "rest",
    "TotalReadoutTime": 0.038304,
    "modality": "bold",
    "session_id": "ExercisePre",
    "subject_id": "044",
    "task_id": "rest"
  },
  "dummy_trs": 0,
  "dvars_nstd": 15.445515610059878,
  "dvars_std": 1.364449586646707,
  "dvars_vstd": 0.9811328693413174,
  "efc": 0.46293203637027724,
  "fber": 12138.6044921875,
  "fd_mean": 0.09858541398428308,
  "fd_num": 1,
  "fd_perc": 0.5952380952380952,
  "fwhm_avg": 2.9484501515151518,
  "fwhm_x": 2.934370909090909,
  "fwhm_y": 3.2254545454545456,
  "fwhm_z": 2.685525,
  "gcor": 0.0646922,
  "gsr_x": -0.006363671272993088,
  "gsr_y": 0.006965480279177427,
  "provenance": {
    "md5sum": "fb4f1a9ed6a96a6209cfb9a00d4528ae",
    "settings": {
      "fd_thres": 0.5,
      "hmc_fsl": false
    },
    "software": "mriqc",
    "version": "0.10.4"
  },
  "size_t": 168,
  "size_x": 64,
  "size_y": 64,
  "size_z": 30,
  "snr": 5.096056136093378,
  "spacing_tr": 2.0,
  "spacing_x": 3.4375,
  "spacing_y": 3.4375,
  "spacing_z": 4.0,
  "summary_bg_k": 102.93053998198042,
  "summary_bg_mad": 10.387043952941895,
  "summary_bg_mean": 47.98609924316406,
  "summary_bg_median": 25.345237731933594,
  "summary_bg_n": 70077.0,
  "summary_bg_p05": 0.065476194024086,
  "summary_bg_p95": 137.25000305175774,
  "summary_bg_stdv": 96.80525970458984,
  "summary_fg_k": 2.772566795037653,
  "summary_fg_mad": 432.9904479980469,
  "summary_fg_mean": 2777.37939453125,
  "summary_fg_median": 2858.196533203125,
  "summary_fg_n": 25309.0,
  "summary_fg_p05": 1685.49169921875,
  "summary_fg_p95": 3503.66552734375,
  "summary_fg_stdv": 560.8533325195312,
  "tsnr": 100.49553680419922
}