{
  "aor": 0.02380532934131736,
  "aqi": 0.00680531880239521,
  "bids_meta": {
    "AcquisitionMatrixPE": 64,
    "ConversionSoftware": "dcm2niix",
    "ConversionSoftwareVersion": "v1.0.20171017 (OpenJPEG build) GCC4.8.4",
    "DeviceSerialNumber": "0000000517353VH3",
    "EchoTime": 0.0279,
    "EffectiveEchoSpacing": 0.000608,
    "FlipAngle": 76,
    "ImageOrientationPatientDICOM": [
      1,
      0,
      0,
      0,
      1,
      0
    ],
    "ImageType": [
      "ORIGINAL",
      "PRIMARY",
      "EPI",
      "NONE"
    ],
    "InPlanePhaseEncodingDirectionDICOM": "COL",
    "InstitutionName": "Michigan_State_University",
    "MRAcquisitionType": "2D",
    "MagneticFieldStrength": 3,
    "Manufacturer": "GE",
    "ManufacturersModelName": "Signa_HDxt",
    "Modality": "MR",
    "PatientPosition": "HFS",
    "PercentPhaseFOV": 100,
    "PixelBandwidth": 7812.5,
    "ProtocolName": "fMRI",
    "ReconMatrixPE": 64,
    "RepetitionTime": 2,
    "SAR": 0.225736,
    "ScanOptions": "EPI_GEMS",
    "ScanningSequence": "EP_GR",
    "SequenceVariant": "SS",
    "SeriesDescription": "fMRI",
    "SliceThickness": 4,
    "SoftwareVersions": "24_LX_MR_Software_release:HD16.0_V02_1131.a",
    "SpacingBetweenSlices": 4,
    "StationName": "MR03MR03",
    "TaskName": "flanker",
    "TotalReadoutTime": 0.038304,
    "modality": "bold",
    "run_id": "02",
    "session_id": "ExercisePost",
    "subject_id": "012",
    "task_id": "flanker"
  },
  "dummy_trs": 1,
  "dvars_nstd": 22.090945071506013,
  "dvars_std": 1.2111444991566267,
  "dvars_vstd": 1.126212421445783,
  "efc": 0.49063969000714613,
  "fber": 11249.947265625,
  "fd_mean": 0.3129766385576754,
  "fd_num": 21,
  "fd_perc": 12.574850299401197,
  "fwhm_avg": 2.863983303030303,
  "fwhm_x": 2.8309876363636364,
  "fwhm_y": 3.1536872727272725,
  "fwhm_z": 2.607275,
  "gcor": 0.158109,
  "gsr_x": -0.008757313713431358,
  "gsr_y": 0.01347433589398861,
  "provenance": {
    "md5sum": "4ceda58305238eddb1584b6104c9d26a",
    "settings": {
      "fd_thres": 0.5,
      "hmc_fsl": false
    },
    "software": "mriqc",
    "version": "0.10.4"
  },
  "size_t": 167,
  "size_x": 64,
  "size_y": 64,
  "size_z": 30,
  "snr": 5.107728633035902,
  "spacing_tr": 2.0,
  "spacing_x": 3.4375,
  "spacing_y": 3.4375,
  "spacing_z": 4.0,
  "summary_bg_k": 37.236623998363086,
  "summary_bg_mad": 18.97197914123535,
  "summary_bg_mean": 84.19073486328125,
  "summary_bg_median": 39.76047897338867,
  "summary_bg_n": 66342.0,
  "summary_bg_p05": 0.3955090105533611,
  "summary_bg_p95": 345.7649826049804,
  "summary_bg_stdv": 145.42568969726562,
  "summary_fg_k": 2.1761453168969895,
  "summary_fg_mad": 680.1680297851562,
  "summary_fg_mean": 4204.294921875,
  "summary_fg_median": 4298.3173828125,
  "summary_fg_n": 28113.0,
  "summary_fg_p05": 2612.076708984375,
  "summary_fg_p95": 5365.231445312499,
  "summary_fg_stdv": 841.51708984375,
  "tsnr": 49.44487380981445
}