{
  "aor": 0.029206964285714284,
  "aqi": 0.010007684761904763,
  "bids_meta": {
    "AcquisitionMatrixPE": 64,
    "ConversionSoftware": "dcm2niix",
    "ConversionSoftwareVersion": "v1.0.20171017 (OpenJPEG build) GCC4.8.4",
    "DeviceSerialNumber": "0000000517353VH3",
    "EchoTime": 0.0279,
    "EffectiveEchoSpacing": 0.000608,
    "FlipAngle": 76,
    "ImageOrientationPatientDICOM": [
      1,
      0,
      0,
      0,
      1,
      0
    ],
    "ImageType": [
      "ORIGINAL",
      "PRIMARY",
      "EPI",
      "NONE"
    ],
    "InPlanePhaseEncodingDirectionDICOM": "COL",
    "InstitutionName": "Michigan_State_University",
    "MRAcquisitionType": "2D",
    "MagneticFieldStrength": 3,
    "Manufacturer": "GE",
    "ManufacturersModelName": "Signa_HDxt",
    "Modality": "MR",
    "PatientPosition": "HFS",
    "PercentPhaseFOV": 100,
    "PixelBandwidth": 7812.5,
    "ProtocolName": "fMRI",
    "ReconMatrixPE": 64,
    "RepetitionTime": 2,
    "SAR": 0.225736,
    "ScanOptions": "EPI_GEMS",
    "ScanningSequence": "EP_GR",
    "SequenceVariant": "SS",
    "SeriesDescription": "fMRI",
    "SliceThickness": 4,
    "SoftwareVersions": "24_LX_MR_Software_release:HD16.0_V02_1131.a",
    "SpacingBetweenSlices": 4,
    "StationName": "MR03MR03",
    "TaskName": "rest",
    "TotalReadoutTime": 0.038304,
    "modality": "bold",
    "session_id": "ExercisePost",
    "subject_id": "050",
    "task_id": "rest"
  },
  "dummy_trs": 0,
  "dvars_nstd": 16.548041606526947,
  "dvars_std": 1.1473277989221553,
  "dvars_vstd": 0.9746910189820351,
  "efc": 0.460076662607095,
  "fber": 12522.58203125,
  "fd_mean": 0.1818932217080796,
  "fd_num": 12,
  "fd_perc": 7.142857142857143,
  "fwhm_avg": 3.103677121212121,
  "fwhm_x": 3.044363636363636,
  "fwhm_y": 3.4427927272727272,
  "fwhm_z": 2.823875,
  "gcor": 0.0752795,
  "gsr_x": -0.008368127979338169,
  "gsr_y": 0.01193193718791008,
  "provenance": {
    "md5sum": "b19b85a00460dd3439f58a8faa8be7f5",
    "settings": {
      "fd_thres": 0.5,
      "hmc_fsl": false
    },
    "software": "mriqc",
    "version": "0.10.4"
  },
  "size_t": 168,
  "size_x": 64,
  "size_y": 64,
  "size_z": 30,
  "snr": 4.877894238996792,
  "spacing_tr": 2.0,
  "spacing_x": 3.4375,
  "spacing_y": 3.4375,
  "spacing_z": 4.0,
  "summary_bg_k": 93.71286146222417,
  "summary_bg_mad": 10.598840713500977,
  "summary_bg_mean": 51.524662017822266,
  "summary_bg_median": 25.113096237182617,
  "summary_bg_n": 70609.0,
  "summary_bg_p05": 0.7142857313156128,
  "summary_bg_p95": 177.13810119628897,
  "summary_bg_stdv": 104.41019439697266,
  "summary_fg_k": 2.159706822679283,
  "summary_fg_mad": 429.93292236328125,
  "summary_fg_mean": 2767.103515625,
  "summary_fg_median": 2877.193359375,
  "summary_fg_n": 24774.0,
  "summary_fg_p05": 1539.2012023925781,
  "summary_fg_p95": 3509.6593017578125,
  "summary_fg_stdv": 589.8314208984375,
  "tsnr": 52.69940185546875
}