{
  "aor": 0.01447702380952381,
  "aqi": 0.009681652083333334,
  "bids_meta": {
    "AcquisitionMatrixPE": 64,
    "ConversionSoftware": "dcm2niix",
    "ConversionSoftwareVersion": "v1.0.20171017 (OpenJPEG build) GCC4.8.4",
    "DeviceSerialNumber": "0000000517353VH3",
    "EchoTime": 0.0279,
    "EffectiveEchoSpacing": 0.000608,
    "FlipAngle": 76,
    "ImageOrientationPatientDICOM": [
      1,
      0,
      0,
      0,
      1,
      0
    ],
    "ImageType": [
      "ORIGINAL",
      "PRIMARY",
      "EPI",
      "NONE"
    ],
    "InPlanePhaseEncodingDirectionDICOM": "COL",
    "InstitutionName": "Michigan_State_University",
    "MRAcquisitionType": "2D",
    "MagneticFieldStrength": 3,
    "Manufacturer": "GE",
    "ManufacturersModelName": "Signa_HDxt",
    "Modality": "MR",
    "PatientPosition": "HFS",
    "PercentPhaseFOV": 100,
    "PixelBandwidth": 7812.5,
    "ProtocolName": "fMRI",
    "ReconMatrixPE": 64,
    "RepetitionTime": 2,
    "SAR": 0.225736,
    "ScanOptions": "EPI_GEMS",
    "ScanningSequence": "EP_GR",
    "SequenceVariant": "SS",
    "SeriesDescription": "fMRI",
    "SliceThickness": 4,
    "SoftwareVersions": "24_LX_MR_Software_release:HD16.0_V02_1131.a",
    "SpacingBetweenSlices": 4,
    "StationName": "MR03MR03",
    "TaskName": "flanker",
    "TotalReadoutTime": 0.038304,
    "modality": "bold",
    "run_id": "01",
    "session_id": "ExercisePost",
    "subject_id": "018",
    "task_id": "flanker"
  },
  "dummy_trs": 0,
  "dvars_nstd": 25.447316683952103,
  "dvars_std": 1.2753186184431138,
  "dvars_vstd": 1.061965108742515,
  "efc": 0.4555027336595575,
  "fber": 13558.8427734375,
  "fd_mean": 0.3953237091176094,
  "fd_num": 39,
  "fd_perc": 23.214285714285715,
  "fwhm_avg": 2.8926436363636365,
  "fwhm_x": 2.7396945454545456,
  "fwhm_y": 3.2516363636363637,
  "fwhm_z": 2.6866,
  "gcor": 0.0428621,
  "gsr_x": -0.008915400132536888,
  "gsr_y": 0.009577907621860504,
  "provenance": {
    "md5sum": "7a2b2d4e4762c33463a381a707424877",
    "settings": {
      "fd_thres": 0.5,
      "hmc_fsl": false
    },
    "software": "mriqc",
    "version": "0.10.4"
  },
  "size_t": 168,
  "size_x": 64,
  "size_y": 64,
  "size_z": 30,
  "snr": 5.529245362418934,
  "spacing_tr": 2.0,
  "spacing_x": 3.4375,
  "spacing_y": 3.4375,
  "spacing_z": 4.0,
  "summary_bg_k": 92.13864990316814,
  "summary_bg_mad": 9.151538848876953,
  "summary_bg_mean": 41.66263961791992,
  "summary_bg_median": 23.928571701049805,
  "summary_bg_n": 71487.0,
  "summary_bg_p05": 0.9583333730697632,
  "summary_bg_p95": 119.40535736083979,
  "summary_bg_stdv": 74.038330078125,
  "summary_fg_k": 3.640092371145844,
  "summary_fg_mad": 397.2711486816406,
  "summary_fg_mean": 2768.75,
  "summary_fg_median": 2851.693359375,
  "summary_fg_n": 24318.0,
  "summary_fg_p05": 1810.2104431152345,
  "summary_fg_p95": 3425.8390624999993,
  "summary_fg_stdv": 515.7366943359375,
  "tsnr": 56.225040435791016
}