{
  "aor": 0.004129880952380952,
  "aqi": 0.012071982380952381,
  "bids_meta": {
    "AcquisitionMatrixPE": 64,
    "ConversionSoftware": "dcm2niix",
    "ConversionSoftwareVersion": "v1.0.20171017 (OpenJPEG build) GCC4.8.4",
    "DeviceSerialNumber": "0000000517353VH3",
    "EchoTime": 0.0279,
    "EffectiveEchoSpacing": 0.000608,
    "FlipAngle": 76,
    "ImageOrientationPatientDICOM": [
      1,
      0,
      0,
      0,
      1,
      0
    ],
    "ImageType": [
      "ORIGINAL",
      "PRIMARY",
      "EPI",
      "NONE"
    ],
    "InPlanePhaseEncodingDirectionDICOM": "COL",
    "InstitutionName": "Michigan_State_University",
    "MRAcquisitionType": "2D",
    "MagneticFieldStrength": 3,
    "Manufacturer": "GE",
    "ManufacturersModelName": "Signa_HDxt",
    "Modality": "MR",
    "PatientPosition": "HFS",
    "PercentPhaseFOV": 100,
    "PixelBandwidth": 7812.5,
    "ProtocolName": "fMRI",
    "ReconMatrixPE": 64,
    "RepetitionTime": 2,
    "SAR": 0.225736,
    "ScanOptions": "EPI_GEMS",
    "ScanningSequence": "EP_GR",
    "SequenceVariant": "SS",
    "SeriesDescription": "fMRI",
    "SliceThickness": 4,
    "SoftwareVersions": "24_LX_MR_Software_release:HD16.0_V02_1131.a",
    "SpacingBetweenSlices": 4,
    "StationName": "MR03MR03",
    "TaskName": "rest",
    "TotalReadoutTime": 0.038304,
    "modality": "bold",
    "session_id": "ExercisePre",
    "subject_id": "027",
    "task_id": "rest"
  },
  "dummy_trs": 0,
  "dvars_nstd": 21.01685536005988,
  "dvars_std": 0.9914965685628738,
  "dvars_vstd": 0.9234348850299398,
  "efc": 0.4637317347677834,
  "fber": 11833.75390625,
  "fd_mean": 0.29584607946821423,
  "fd_num": 22,
  "fd_perc": 13.095238095238095,
  "fwhm_avg": 2.9454754545454542,
  "fwhm_x": 2.913803636363636,
  "fwhm_y": 3.226472727272727,
  "fwhm_z": 2.69615,
  "gcor": 0.0411729,
  "gsr_x": -0.0015475956024602056,
  "gsr_y": 0.008047707378864288,
  "provenance": {
    "md5sum": "603a9cd895effbfe6d58ad33d10c3531",
    "settings": {
      "fd_thres": 0.5,
      "hmc_fsl": false
    },
    "software": "mriqc",
    "version": "0.10.4"
  },
  "size_t": 168,
  "size_x": 64,
  "size_y": 64,
  "size_z": 30,
  "snr": 5.345322639398369,
  "spacing_tr": 2.0,
  "spacing_x": 3.4375,
  "spacing_y": 3.4375,
  "spacing_z": 4.0,
  "summary_bg_k": 91.78819551095353,
  "summary_bg_mad": 12.633007049560547,
  "summary_bg_mean": 55.05677795410156,
  "summary_bg_median": 26.755952835083008,
  "summary_bg_n": 70814.0,
  "summary_bg_p05": 0.45625000745058114,
  "summary_bg_p95": 177.63690185546875,
  "summary_bg_stdv": 109.57440185546875,
  "summary_fg_k": 2.5982752359522134,
  "summary_fg_mad": 456.734130859375,
  "summary_fg_mean": 2896.386474609375,
  "summary_fg_median": 2985.40478515625,
  "summary_fg_n": 25000.0,
  "summary_fg_p05": 1822.6619201660158,
  "summary_fg_p95": 3609.708947753906,
  "summary_fg_stdv": 558.4967041015625,
  "tsnr": 48.53014373779297
}