{
  "aor": 0.0021784939759036145,
  "aqi": 0.0030843136746987955,
  "bids_meta": {
    "AcquisitionMatrixPE": 64,
    "ConversionSoftware": "dcm2niix",
    "ConversionSoftwareVersion": "v1.0.20171017 (OpenJPEG build) GCC4.8.4",
    "DeviceSerialNumber": "0000000517353VH3",
    "EchoTime": 0.0279,
    "EffectiveEchoSpacing": 0.000608,
    "FlipAngle": 76,
    "ImageOrientationPatientDICOM": [
      1,
      0,
      0,
      0,
      1,
      0
    ],
    "ImageType": [
      "ORIGINAL",
      "PRIMARY",
      "EPI",
      "NONE"
    ],
    "InPlanePhaseEncodingDirectionDICOM": "COL",
    "InstitutionName": "Michigan_State_University",
    "MRAcquisitionType": "2D",
    "MagneticFieldStrength": 3,
    "Manufacturer": "GE",
    "ManufacturersModelName": "Signa_HDxt",
    "Modality": "MR",
    "PatientPosition": "HFS",
    "PercentPhaseFOV": 100,
    "PixelBandwidth": 7812.5,
    "ProtocolName": "fMRI",
    "ReconMatrixPE": 64,
    "RepetitionTime": 2,
    "SAR": 0.225736,
    "ScanOptions": "EPI_GEMS",
    "ScanningSequence": "EP_GR",
    "SequenceVariant": "SS",
    "SeriesDescription": "fMRI",
    "SliceThickness": 4,
    "SoftwareVersions": "24_LX_MR_Software_release:HD16.0_V02_1131.a",
    "SpacingBetweenSlices": 4,
    "StationName": "MR03MR03",
    "TaskName": "flanker",
    "TotalReadoutTime": 0.038304,
    "modality": "bold",
    "run_id": "02",
    "session_id": "ControlPre",
    "subject_id": "037",
    "task_id": "flanker"
  },
  "dummy_trs": 2,
  "dvars_nstd": 15.397947947575755,
  "dvars_std": 1.2242618208484848,
  "dvars_vstd": 0.9975577187272731,
  "efc": 0.4913285503018469,
  "fber": 11492.775390625,
  "fd_mean": 0.13744130570042967,
  "fd_num": 2,
  "fd_perc": 1.2048192771084338,
  "fwhm_avg": 2.9040763030303034,
  "fwhm_x": 2.8536989090909093,
  "fwhm_y": 3.16608,
  "fwhm_z": 2.69245,
  "gcor": 0.0252915,
  "gsr_x": -0.002695654984563589,
  "gsr_y": 0.011549007147550583,
  "provenance": {
    "md5sum": "a04f4aed421b238f905d4eaa9ba7a35f",
    "settings": {
      "fd_thres": 0.5,
      "hmc_fsl": false
    },
    "software": "mriqc",
    "version": "0.10.4"
  },
  "size_t": 166,
  "size_x": 64,
  "size_y": 64,
  "size_z": 30,
  "snr": 5.1842891793658055,
  "spacing_tr": 2.0,
  "spacing_x": 3.4375,
  "spacing_y": 3.4375,
  "spacing_z": 4.0,
  "summary_bg_k": 64.58576899803194,
  "summary_bg_mad": 13.343420028686523,
  "summary_bg_mean": 57.06894302368164,
  "summary_bg_median": 27.98192596435547,
  "summary_bg_n": 66439.0,
  "summary_bg_p05": 0.1927710771560669,
  "summary_bg_p95": 204.61083831787104,
  "summary_bg_stdv": 105.67889404296875,
  "summary_fg_k": 2.672241477272224,
  "summary_fg_mad": 434.3843688964844,
  "summary_fg_mean": 2961.105224609375,
  "summary_fg_median": 3058.7529296875,
  "summary_fg_n": 28345.0,
  "summary_fg_p05": 1781.5638427734375,
  "summary_fg_p95": 3722.4890625,
  "summary_fg_stdv": 589.993896484375,
  "tsnr": 98.40422821044922
}