{
  "aor": 0.002845892857142857,
  "aqi": 0.002877416726190476,
  "bids_meta": {
    "AcquisitionMatrixPE": 64,
    "ConversionSoftware": "dcm2niix",
    "ConversionSoftwareVersion": "v1.0.20171017 (OpenJPEG build) GCC4.8.4",
    "DeviceSerialNumber": "0000000517353VH3",
    "EchoTime": 0.0279,
    "EffectiveEchoSpacing": 0.000608,
    "FlipAngle": 76,
    "ImageOrientationPatientDICOM": [
      1,
      0,
      0,
      0,
      1,
      0
    ],
    "ImageType": [
      "ORIGINAL",
      "PRIMARY",
      "EPI",
      "NONE"
    ],
    "InPlanePhaseEncodingDirectionDICOM": "COL",
    "InstitutionName": "Michigan_State_University",
    "MRAcquisitionType": "2D",
    "MagneticFieldStrength": 3,
    "Manufacturer": "GE",
    "ManufacturersModelName": "Signa_HDxt",
    "Modality": "MR",
    "PatientPosition": "HFS",
    "PercentPhaseFOV": 100,
    "PixelBandwidth": 7812.5,
    "ProtocolName": "fMRI",
    "ReconMatrixPE": 64,
    "RepetitionTime": 2,
    "SAR": 0.225736,
    "ScanOptions": "EPI_GEMS",
    "ScanningSequence": "EP_GR",
    "SequenceVariant": "SS",
    "SeriesDescription": "fMRI",
    "SliceThickness": 4,
    "SoftwareVersions": "24_LX_MR_Software_release:HD16.0_V02_1131.a",
    "SpacingBetweenSlices": 4,
    "StationName": "MR03MR03",
    "TaskName": "rest",
    "TotalReadoutTime": 0.038304,
    "modality": "bold",
    "session_id": "ExercisePost",
    "subject_id": "043",
    "task_id": "rest"
  },
  "dummy_trs": 0,
  "dvars_nstd": 15.696435573892217,
  "dvars_std": 1.2958184623353288,
  "dvars_vstd": 1.0247876788622756,
  "efc": 0.47912390827875995,
  "fber": 8045.91650390625,
  "fd_mean": 0.0900337488869366,
  "fd_num": 0,
  "fd_perc": 0.0,
  "fwhm_avg": 2.9360217575757575,
  "fwhm_x": 2.885858909090909,
  "fwhm_y": 3.277556363636364,
  "fwhm_z": 2.64465,
  "gcor": 0.0586527,
  "gsr_x": -0.008391953073441982,
  "gsr_y": 0.011024538427591324,
  "provenance": {
    "md5sum": "c74a4aa1623c550bffe165c9f9c78373",
    "settings": {
      "fd_thres": 0.5,
      "hmc_fsl": false
    },
    "software": "mriqc",
    "version": "0.10.4"
  },
  "size_t": 168,
  "size_x": 64,
  "size_y": 64,
  "size_z": 30,
  "snr": 5.235861895056214,
  "spacing_tr": 2.0,
  "spacing_x": 3.4375,
  "spacing_y": 3.4375,
  "spacing_z": 4.0,
  "summary_bg_k": 57.894293651931,
  "summary_bg_mad": 10.916540145874023,
  "summary_bg_mean": 54.52777862548828,
  "summary_bg_median": 30.077381134033203,
  "summary_bg_n": 68774.0,
  "summary_bg_p05": 0.0595238097012043,
  "summary_bg_p95": 190.7169624328613,
  "summary_bg_stdv": 91.0257797241211,
  "summary_fg_k": 3.059405224420459,
  "summary_fg_mad": 394.358642578125,
  "summary_fg_mean": 2673.447998046875,
  "summary_fg_median": 2764.45556640625,
  "summary_fg_n": 26344.0,
  "summary_fg_p05": 1638.9959045410158,
  "summary_fg_p95": 3338.958447265625,
  "summary_fg_stdv": 527.9747924804688,
  "tsnr": 99.5166244506836
}