{
  "bids_meta": {
    "AcquisitionMatrixPE": 256,
    "ConversionSoftware": "dcm2niix",
    "ConversionSoftwareVersion": "v1.0.20171017 (OpenJPEG build) GCC4.8.4",
    "DeviceSerialNumber": "0000000517353VH3",
    "EchoTime": 0.003828,
    "FlipAngle": 8,
    "ImageOrientationPatientDICOM": [
      0,
      1,
      0,
      0,
      0,
      -1
    ],
    "ImageType": [
      "ORIGINAL",
      "PRIMARY",
      "OTHER"
    ],
    "InPlanePhaseEncodingDirectionDICOM": "ROW",
    "InstitutionName": "Michigan_State_University",
    "InversionTime": 0.04,
    "MRAcquisitionType": "3D",
    "MagneticFieldStrength": 3,
    "Manufacturer": "GE",
    "ManufacturersModelName": "Signa_HDxt",
    "Modality": "MR",
    "PatientPosition": "HFS",
    "PercentPhaseFOV": 100,
    "PixelBandwidth": 162.734,
    "ProtocolName": "mprage_1mm_iso_20.83_bw",
    "ReconMatrixPE": 256,
    "RepetitionTime": 0.008596,
    "SAR": 0.306132,
    "ScanOptions": "NONE",
    "ScanningSequence": "RM",
    "SequenceVariant": "NONE",
    "SeriesDescription": "mprage_1mm_iso_20.83_bw",
    "SliceThickness": 1,
    "SoftwareVersions": "24_LX_MR_Software_release:HD16.0_V02_1131.a",
    "SpacingBetweenSlices": 1,
    "StationName": "MR03MR03",
    "modality": "T1w",
    "session_id": "ControlPre",
    "subject_id": "046"
  },
  "cjv": 0.27859380754174734,
  "cnr": 4.519409049758413,
  "efc": 0.6102610152284795,
  "fber": 73.51237487792969,
  "fwhm_avg": 3.9121733333333335,
  "fwhm_x": 3.80661,
  "fwhm_y": 4.14356,
  "fwhm_z": 3.78635,
  "icvs_csf": 0.20782589086437717,
  "icvs_gm": 0.46549669156003004,
  "icvs_wm": 0.3266774175755928,
  "inu_med": 1.1466578245162964,
  "inu_range": 0.33249982595443717,
  "provenance": {
    "md5sum": "53ff3a7c9000f82e4ad6b71919f800ab",
    "settings": {
      "testing": false
    },
    "software": "mriqc",
    "version": "0.10.4",
    "warnings": {
      "large_rot_frame": true,
      "small_air_mask": false
    }
  },
  "qi_1": 0.0,
  "qi_2": 0.0008385838331280143,
  "rpve_csf": 23.462695854292033,
  "rpve_gm": 11.747895579882968,
  "rpve_wm": 19.273117405843564,
  "size_x": 180,
  "size_y": 256,
  "size_z": 256,
  "snr_csf": 2.835589802308237,
  "snr_gm": 10.481764843052648,
  "snr_total": 11.2997095004308,
  "snr_wm": 20.581773855931516,
  "snrd_csf": 12.278699267700825,
  "snrd_gm": 24.877009561713752,
  "snrd_total": 25.375148072717618,
  "snrd_wm": 38.96973538873828,
  "spacing_x": 1.0,
  "spacing_y": 1.0,
  "spacing_z": 1.0,
  "summary_bg_k": 1.7477993063638158,
  "summary_bg_mad": 16.81157875061035,
  "summary_bg_mean": 61.37723159790039,
  "summary_bg_median": 58.927608489990234,
  "summary_bg_n": 2851108.0,
  "summary_bg_p05": 36.67909545898438,
  "summary_bg_p95": 94.48470726013184,
  "summary_bg_stdv": 18.252243041992188,
  "summary_csf_k": -0.0405618493195834,
  "summary_csf_mad": 123.15512084960938,
  "summary_csf_mean": 318.0879821777344,
  "summary_csf_median": 315.0860290527344,
  "summary_csf_n": 19117.0,
  "summary_csf_p05": 145.2146728515625,
  "summary_csf_p95": 496.56533203125,
  "summary_csf_stdv": 111.11543273925781,
  "summary_gm_k": 0.37767427366250494,
  "summary_gm_mad": 57.37206268310547,
  "summary_gm_mean": 639.7645874023438,
  "summary_gm_median": 638.3736572265625,
  "summary_gm_n": 37944.0,
  "summary_gm_p05": 542.0676544189453,
  "summary_gm_p95": 743.7293182373046,
  "summary_gm_stdv": 60.90245819091797,
  "summary_wm_k": 1.0491425931107639,
  "summary_wm_mad": 43.37751770019531,
  "summary_wm_mean": 997.3768310546875,
  "summary_wm_median": 1000.009765625,
  "summary_wm_n": 185899.0,
  "summary_wm_p05": 912.3724609375,
  "summary_wm_p95": 1071.5480346679688,
  "summary_wm_stdv": 48.58702087402344,
  "tpm_overlap_csf": 0.21046942472457886,
  "tpm_overlap_gm": 0.5278806090354919,
  "tpm_overlap_wm": 0.5343533754348755,
  "wm2max": 0.5718595662186237
}