{
  "aor": 0.014383273809523808,
  "aqi": 0.015218337738095238,
  "bids_meta": {
    "AcquisitionMatrixPE": 64,
    "ConversionSoftware": "dcm2niix",
    "ConversionSoftwareVersion": "v1.0.20171017 (OpenJPEG build) GCC4.8.4",
    "DeviceSerialNumber": "0000000517353VH3",
    "EchoTime": 0.0279,
    "EffectiveEchoSpacing": 0.000608,
    "FlipAngle": 76,
    "ImageOrientationPatientDICOM": [
      1,
      0,
      0,
      0,
      1,
      0
    ],
    "ImageType": [
      "ORIGINAL",
      "PRIMARY",
      "EPI",
      "NONE"
    ],
    "InPlanePhaseEncodingDirectionDICOM": "COL",
    "InstitutionName": "Michigan_State_University",
    "MRAcquisitionType": "2D",
    "MagneticFieldStrength": 3,
    "Manufacturer": "GE",
    "ManufacturersModelName": "Signa_HDxt",
    "Modality": "MR",
    "PatientPosition": "HFS",
    "PercentPhaseFOV": 100,
    "PixelBandwidth": 7812.5,
    "ProtocolName": "fMRI",
    "ReconMatrixPE": 64,
    "RepetitionTime": 2,
    "SAR": 0.225736,
    "ScanOptions": "EPI_GEMS",
    "ScanningSequence": "EP_GR",
    "SequenceVariant": "SS",
    "SeriesDescription": "fMRI",
    "SliceThickness": 4,
    "SoftwareVersions": "24_LX_MR_Software_release:HD16.0_V02_1131.a",
    "SpacingBetweenSlices": 4,
    "StationName": "MR03MR03",
    "TaskName": "rest",
    "TotalReadoutTime": 0.038304,
    "modality": "bold",
    "session_id": "ControlPre",
    "subject_id": "026",
    "task_id": "rest"
  },
  "dummy_trs": 0,
  "dvars_nstd": 26.445946625089817,
  "dvars_std": 0.9737320864670658,
  "dvars_vstd": 0.9393126507784428,
  "efc": 0.4823510502736306,
  "fber": 12766.1865234375,
  "fd_mean": 0.43586248443327097,
  "fd_num": 37,
  "fd_perc": 22.023809523809526,
  "fwhm_avg": 2.970910121212121,
  "fwhm_x": 2.806929454545455,
  "fwhm_y": 3.358050909090909,
  "fwhm_z": 2.74775,
  "gcor": 0.0542466,
  "gsr_x": -0.009312232956290245,
  "gsr_y": 0.01160676870495081,
  "provenance": {
    "md5sum": "bbe71407eaad1b51d8737f0a3d91ee15",
    "settings": {
      "fd_thres": 0.5,
      "hmc_fsl": false
    },
    "software": "mriqc",
    "version": "0.10.4"
  },
  "size_t": 168,
  "size_x": 64,
  "size_y": 64,
  "size_z": 30,
  "snr": 5.019799333283353,
  "spacing_tr": 2.0,
  "spacing_x": 3.4375,
  "spacing_y": 3.4375,
  "spacing_z": 4.0,
  "summary_bg_k": 53.26764642687904,
  "summary_bg_mad": 11.23424243927002,
  "summary_bg_mean": 54.36006164550781,
  "summary_bg_median": 26.386905670166016,
  "summary_bg_n": 67767.0,
  "summary_bg_p05": 0.4880952537059784,
  "summary_bg_p95": 198.4815475463866,
  "summary_bg_stdv": 101.70449829101562,
  "summary_fg_k": 2.203576515966782,
  "summary_fg_mad": 488.6805114746094,
  "summary_fg_mean": 2977.91943359375,
  "summary_fg_median": 3060.130859375,
  "summary_fg_n": 27424.0,
  "summary_fg_p05": 1864.702734375,
  "summary_fg_p95": 3809.529565429687,
  "summary_fg_stdv": 609.60107421875,
  "tsnr": 38.824954986572266
}