{
  "aor": 0.00926327380952381,
  "aqi": 0.00495857625,
  "bids_meta": {
    "AcquisitionMatrixPE": 64,
    "ConversionSoftware": "dcm2niix",
    "ConversionSoftwareVersion": "v1.0.20171017 (OpenJPEG build) GCC4.8.4",
    "DeviceSerialNumber": "0000000517353VH3",
    "EchoTime": 0.0279,
    "EffectiveEchoSpacing": 0.000608,
    "FlipAngle": 76,
    "ImageOrientationPatientDICOM": [
      1,
      0,
      0,
      0,
      1,
      0
    ],
    "ImageType": [
      "ORIGINAL",
      "PRIMARY",
      "EPI",
      "NONE"
    ],
    "InPlanePhaseEncodingDirectionDICOM": "COL",
    "InstitutionName": "Michigan_State_University",
    "MRAcquisitionType": "2D",
    "MagneticFieldStrength": 3,
    "Manufacturer": "GE",
    "ManufacturersModelName": "Signa_HDxt",
    "Modality": "MR",
    "PatientPosition": "HFS",
    "PercentPhaseFOV": 100,
    "PixelBandwidth": 7812.5,
    "ProtocolName": "fMRI",
    "ReconMatrixPE": 64,
    "RepetitionTime": 2,
    "SAR": 0.225736,
    "ScanOptions": "EPI_GEMS",
    "ScanningSequence": "EP_GR",
    "SequenceVariant": "SS",
    "SeriesDescription": "fMRI",
    "SliceThickness": 4,
    "SoftwareVersions": "24_LX_MR_Software_release:HD16.0_V02_1131.a",
    "SpacingBetweenSlices": 4,
    "StationName": "MR03MR03",
    "TaskName": "flanker",
    "TotalReadoutTime": 0.038304,
    "modality": "bold",
    "run_id": "01",
    "session_id": "ExercisePost",
    "subject_id": "020",
    "task_id": "flanker"
  },
  "dummy_trs": 0,
  "dvars_nstd": 16.43328747191616,
  "dvars_std": 1.263600506706587,
  "dvars_vstd": 1.0027548173652698,
  "efc": 0.46009989997878237,
  "fber": 14000.322265625,
  "fd_mean": 0.14804790344441013,
  "fd_num": 5,
  "fd_perc": 2.9761904761904763,
  "fwhm_avg": 2.9080645454545455,
  "fwhm_x": 2.836610909090909,
  "fwhm_y": 3.1746327272727273,
  "fwhm_z": 2.71295,
  "gcor": 0.08369,
  "gsr_x": -0.009711403399705887,
  "gsr_y": 0.009089704602956772,
  "provenance": {
    "md5sum": "2c96143f66c1c1fabf79c55f72ae6a08",
    "settings": {
      "fd_thres": 0.5,
      "hmc_fsl": false
    },
    "software": "mriqc",
    "version": "0.10.4"
  },
  "size_t": 168,
  "size_x": 64,
  "size_y": 64,
  "size_z": 30,
  "snr": 5.590379916141955,
  "spacing_tr": 2.0,
  "spacing_x": 3.4375,
  "spacing_y": 3.4375,
  "spacing_z": 4.0,
  "summary_bg_k": 69.43887473607691,
  "summary_bg_mad": 13.634642601013184,
  "summary_bg_mean": 66.4854965209961,
  "summary_bg_median": 33.101192474365234,
  "summary_bg_n": 71035.0,
  "summary_bg_p05": 0.130952388048172,
  "summary_bg_p95": 219.6952407836915,
  "summary_bg_stdv": 126.32057189941406,
  "summary_fg_k": 4.4924919198796704,
  "summary_fg_mad": 518.0369873046875,
  "summary_fg_mean": 3863.545654296875,
  "summary_fg_median": 3989.244140625,
  "summary_fg_n": 24663.0,
  "summary_fg_p05": 2476.3916503906253,
  "summary_fg_p95": 4713.35380859375,
  "summary_fg_stdv": 713.576416015625,
  "tsnr": 80.42288970947266
}