{
  "aor": 0.013015297619047619,
  "aqi": 0.007037436309523809,
  "bids_meta": {
    "AcquisitionMatrixPE": 64,
    "ConversionSoftware": "dcm2niix",
    "ConversionSoftwareVersion": "v1.0.20171017 (OpenJPEG build) GCC4.8.4",
    "DeviceSerialNumber": "0000000517353VH3",
    "EchoTime": 0.0279,
    "EffectiveEchoSpacing": 0.000608,
    "FlipAngle": 76,
    "ImageOrientationPatientDICOM": [
      1,
      0,
      0,
      0,
      1,
      0
    ],
    "ImageType": [
      "ORIGINAL",
      "PRIMARY",
      "EPI",
      "NONE"
    ],
    "InPlanePhaseEncodingDirectionDICOM": "COL",
    "InstitutionName": "Michigan_State_University",
    "MRAcquisitionType": "2D",
    "MagneticFieldStrength": 3,
    "Manufacturer": "GE",
    "ManufacturersModelName": "Signa_HDxt",
    "Modality": "MR",
    "PatientPosition": "HFS",
    "PercentPhaseFOV": 100,
    "PixelBandwidth": 7812.5,
    "ProtocolName": "fMRI",
    "ReconMatrixPE": 64,
    "RepetitionTime": 2,
    "SAR": 0.225736,
    "ScanOptions": "EPI_GEMS",
    "ScanningSequence": "EP_GR",
    "SequenceVariant": "SS",
    "SeriesDescription": "fMRI",
    "SliceThickness": 4,
    "SoftwareVersions": "24_LX_MR_Software_release:HD16.0_V02_1131.a",
    "SpacingBetweenSlices": 4,
    "StationName": "MR03MR03",
    "TaskName": "rest",
    "TotalReadoutTime": 0.038304,
    "modality": "bold",
    "session_id": "ExercisePre",
    "subject_id": "005",
    "task_id": "rest"
  },
  "dummy_trs": 0,
  "dvars_nstd": 23.999858199640723,
  "dvars_std": 1.2348328050299398,
  "dvars_vstd": 1.0518323882634733,
  "efc": 0.5084424882505576,
  "fber": 11126.17578125,
  "fd_mean": 0.34508196702915533,
  "fd_num": 30,
  "fd_perc": 17.857142857142858,
  "fwhm_avg": 2.8550308181818185,
  "fwhm_x": 2.7510865454545455,
  "fwhm_y": 3.074530909090909,
  "fwhm_z": 2.739475,
  "gcor": 0.201817,
  "gsr_x": -0.005903456825762987,
  "gsr_y": 0.013788788579404354,
  "provenance": {
    "md5sum": "425a656ceaaf8ff6df49a5f466560581",
    "settings": {
      "fd_thres": 0.5,
      "hmc_fsl": false
    },
    "software": "mriqc",
    "version": "0.10.4"
  },
  "size_t": 168,
  "size_x": 64,
  "size_y": 64,
  "size_z": 30,
  "snr": 5.137119994504019,
  "spacing_tr": 2.0,
  "spacing_x": 3.4375,
  "spacing_y": 3.4375,
  "spacing_z": 4.0,
  "summary_bg_k": 106.31052333974615,
  "summary_bg_mad": 15.540849685668945,
  "summary_bg_mean": 65.40415954589844,
  "summary_bg_median": 36.41666793823242,
  "summary_bg_n": 63761.0,
  "summary_bg_p05": 0.2738095223903656,
  "summary_bg_p95": 199.375,
  "summary_bg_stdv": 113.402587890625,
  "summary_fg_k": 2.9862054775150684,
  "summary_fg_mad": 610.015869140625,
  "summary_fg_mean": 3818.87255859375,
  "summary_fg_median": 3889.011962890625,
  "summary_fg_n": 31236.0,
  "summary_fg_p05": 2473.1339111328125,
  "summary_fg_p95": 4886.6192626953125,
  "summary_fg_stdv": 757.0291748046875,
  "tsnr": 55.02869415283203
}