{
  "aor": 0.047755833333333324,
  "aqi": 0.07772258928571428,
  "bids_meta": {
    "AcquisitionMatrixPE": 64,
    "ConversionSoftware": "dcm2niix",
    "ConversionSoftwareVersion": "v1.0.20171017 (OpenJPEG build) GCC4.8.4",
    "DeviceSerialNumber": "0000000517353VH3",
    "EchoTime": 0.0279,
    "EffectiveEchoSpacing": 0.000608,
    "FlipAngle": 76,
    "ImageOrientationPatientDICOM": [
      1,
      0,
      0,
      0,
      1,
      0
    ],
    "ImageType": [
      "ORIGINAL",
      "PRIMARY",
      "EPI",
      "NONE"
    ],
    "InPlanePhaseEncodingDirectionDICOM": "COL",
    "InstitutionName": "Michigan_State_University",
    "MRAcquisitionType": "2D",
    "MagneticFieldStrength": 3,
    "Manufacturer": "GE",
    "ManufacturersModelName": "Signa_HDxt",
    "Modality": "MR",
    "PatientPosition": "HFS",
    "PercentPhaseFOV": 100,
    "PixelBandwidth": 7812.5,
    "ProtocolName": "fMRI",
    "ReconMatrixPE": 64,
    "RepetitionTime": 2,
    "SAR": 0.225736,
    "ScanOptions": "EPI_GEMS",
    "ScanningSequence": "EP_GR",
    "SequenceVariant": "SS",
    "SeriesDescription": "fMRI",
    "SliceThickness": 4,
    "SoftwareVersions": "24_LX_MR_Software_release:HD16.0_V02_1131.a",
    "SpacingBetweenSlices": 4,
    "StationName": "MR03MR03",
    "TaskName": "flanker",
    "TotalReadoutTime": 0.038304,
    "modality": "bold",
    "run_id": "01",
    "session_id": "ControlPost",
    "subject_id": "010",
    "task_id": "flanker"
  },
  "dummy_trs": 0,
  "dvars_nstd": 94.34348144670662,
  "dvars_std": 1.2979206903592813,
  "dvars_vstd": 1.3148473068263473,
  "efc": 0.45207352756305774,
  "fber": 13277.7421875,
  "fd_mean": 3.1235029526361444,
  "fd_num": 145,
  "fd_perc": 86.30952380952381,
  "fwhm_avg": 3.0406881818181817,
  "fwhm_x": 2.9728,
  "fwhm_y": 3.3672145454545452,
  "fwhm_z": 2.78205,
  "gcor": 0.112859,
  "gsr_x": -0.007828272879123688,
  "gsr_y": 0.007388504222035408,
  "provenance": {
    "md5sum": "7bb15928a748f06c8493e5872c094f3a",
    "settings": {
      "fd_thres": 0.5,
      "hmc_fsl": false
    },
    "software": "mriqc",
    "version": "0.10.4"
  },
  "size_t": 168,
  "size_x": 64,
  "size_y": 64,
  "size_z": 30,
  "snr": 5.426321915623596,
  "spacing_tr": 2.0,
  "spacing_x": 3.4375,
  "spacing_y": 3.4375,
  "spacing_z": 4.0,
  "summary_bg_k": 54.47023778460071,
  "summary_bg_mad": 19.732728958129883,
  "summary_bg_mean": 69.43323516845703,
  "summary_bg_median": 39.8273811340332,
  "summary_bg_n": 72143.0,
  "summary_bg_p05": 4.13095235824585,
  "summary_bg_p95": 225.63274841308535,
  "summary_bg_stdv": 106.8771743774414,
  "summary_fg_k": 2.8260162562015108,
  "summary_fg_mad": 615.6419067382812,
  "summary_fg_mean": 4511.38623046875,
  "summary_fg_median": 4626.45849609375,
  "summary_fg_n": 24065.0,
  "summary_fg_p05": 2887.708349609375,
  "summary_fg_p95": 5678.94990234375,
  "summary_fg_stdv": 852.5779418945312,
  "tsnr": 15.2822847366333
}