{
  "aor": 0.020662857142857143,
  "aqi": 0.005304651845238095,
  "bids_meta": {
    "AcquisitionMatrixPE": 64,
    "ConversionSoftware": "dcm2niix",
    "ConversionSoftwareVersion": "v1.0.20171017 (OpenJPEG build) GCC4.8.4",
    "DeviceSerialNumber": "0000000517353VH3",
    "EchoTime": 0.0279,
    "EffectiveEchoSpacing": 0.000608,
    "FlipAngle": 76,
    "ImageOrientationPatientDICOM": [
      1,
      0,
      0,
      0,
      1,
      0
    ],
    "ImageType": [
      "ORIGINAL",
      "PRIMARY",
      "EPI",
      "NONE"
    ],
    "InPlanePhaseEncodingDirectionDICOM": "COL",
    "InstitutionName": "Michigan_State_University",
    "MRAcquisitionType": "2D",
    "MagneticFieldStrength": 3,
    "Manufacturer": "GE",
    "ManufacturersModelName": "Signa_HDxt",
    "Modality": "MR",
    "PatientPosition": "HFS",
    "PercentPhaseFOV": 100,
    "PixelBandwidth": 7812.5,
    "ProtocolName": "fMRI",
    "ReconMatrixPE": 64,
    "RepetitionTime": 2,
    "SAR": 0.225736,
    "ScanOptions": "EPI_GEMS",
    "ScanningSequence": "EP_GR",
    "SequenceVariant": "SS",
    "SeriesDescription": "fMRI",
    "SliceThickness": 4,
    "SoftwareVersions": "24_LX_MR_Software_release:HD16.0_V02_1131.a",
    "SpacingBetweenSlices": 4,
    "StationName": "MR03MR03",
    "TaskName": "flanker",
    "TotalReadoutTime": 0.038304,
    "modality": "bold",
    "run_id": "01",
    "session_id": "ExercisePost",
    "subject_id": "050",
    "task_id": "flanker"
  },
  "dummy_trs": 0,
  "dvars_nstd": 15.661943852574838,
  "dvars_std": 1.2541629583233531,
  "dvars_vstd": 1.0620745340119764,
  "efc": 0.46038216569957274,
  "fber": 12454.6474609375,
  "fd_mean": 0.18712097020436322,
  "fd_num": 14,
  "fd_perc": 8.333333333333334,
  "fwhm_avg": 3.059042424242424,
  "fwhm_x": 3.0072436363636363,
  "fwhm_y": 3.382283636363636,
  "fwhm_z": 2.7876,
  "gcor": 0.0358512,
  "gsr_x": -0.007828393951058388,
  "gsr_y": 0.010528058744966984,
  "provenance": {
    "md5sum": "8f19cbcb7a3bcde80a3a5832db12c5c4",
    "settings": {
      "fd_thres": 0.5,
      "hmc_fsl": false
    },
    "software": "mriqc",
    "version": "0.10.4"
  },
  "size_t": 168,
  "size_x": 64,
  "size_y": 64,
  "size_z": 30,
  "snr": 4.907051663039028,
  "spacing_tr": 2.0,
  "spacing_x": 3.4375,
  "spacing_y": 3.4375,
  "spacing_z": 4.0,
  "summary_bg_k": 83.05119642773259,
  "summary_bg_mad": 10.228190422058105,
  "summary_bg_mean": 51.281982421875,
  "summary_bg_median": 25.113096237182617,
  "summary_bg_n": 70695.0,
  "summary_bg_p05": 0.3988095223903656,
  "summary_bg_p95": 179.50952606201176,
  "summary_bg_stdv": 102.94941711425781,
  "summary_fg_k": 2.156745786411747,
  "summary_fg_mad": 426.9805908203125,
  "summary_fg_mean": 2764.311279296875,
  "summary_fg_median": 2878.357177734375,
  "summary_fg_n": 24772.0,
  "summary_fg_p05": 1539.0797668457035,
  "summary_fg_p95": 3489.5503540039062,
  "summary_fg_stdv": 586.5638427734375,
  "tsnr": 71.39646911621094
}