{
  "aor": 0.0159075,
  "aqi": 0.0072038057142857145,
  "bids_meta": {
    "AcquisitionMatrixPE": 64,
    "ConversionSoftware": "dcm2niix",
    "ConversionSoftwareVersion": "v1.0.20171017 (OpenJPEG build) GCC4.8.4",
    "DeviceSerialNumber": "0000000517353VH3",
    "EchoTime": 0.0279,
    "EffectiveEchoSpacing": 0.000608,
    "FlipAngle": 76,
    "ImageOrientationPatientDICOM": [
      1,
      0,
      0,
      0,
      1,
      0
    ],
    "ImageType": [
      "ORIGINAL",
      "PRIMARY",
      "EPI",
      "NONE"
    ],
    "InPlanePhaseEncodingDirectionDICOM": "COL",
    "InstitutionName": "Michigan_State_University",
    "MRAcquisitionType": "2D",
    "MagneticFieldStrength": 3,
    "Manufacturer": "GE",
    "ManufacturersModelName": "Signa_HDxt",
    "Modality": "MR",
    "PatientPosition": "HFS",
    "PercentPhaseFOV": 100,
    "PixelBandwidth": 7812.5,
    "ProtocolName": "fMRI",
    "ReconMatrixPE": 64,
    "RepetitionTime": 2,
    "SAR": 0.225736,
    "ScanOptions": "EPI_GEMS",
    "ScanningSequence": "EP_GR",
    "SequenceVariant": "SS",
    "SeriesDescription": "fMRI",
    "SliceThickness": 4,
    "SoftwareVersions": "24_LX_MR_Software_release:HD16.0_V02_1131.a",
    "SpacingBetweenSlices": 4,
    "StationName": "MR03MR03",
    "TaskName": "flanker",
    "TotalReadoutTime": 0.038304,
    "modality": "bold",
    "run_id": "01",
    "session_id": "ControlPost",
    "subject_id": "035",
    "task_id": "flanker"
  },
  "dummy_trs": 0,
  "dvars_nstd": 17.917464444730538,
  "dvars_std": 1.160747583952095,
  "dvars_vstd": 1.0209351220958083,
  "efc": 0.4794265884168767,
  "fber": 8810.3154296875,
  "fd_mean": 0.2017601930294328,
  "fd_num": 11,
  "fd_perc": 6.5476190476190474,
  "fwhm_avg": 2.9555298787878788,
  "fwhm_x": 2.8644014545454546,
  "fwhm_y": 3.2253381818181817,
  "fwhm_z": 2.77685,
  "gcor": 0.0388927,
  "gsr_x": -0.0027750814333558083,
  "gsr_y": 0.009973021224141121,
  "provenance": {
    "md5sum": "16989b5de30c5cca1cf2318cf5cd0e21",
    "settings": {
      "fd_thres": 0.5,
      "hmc_fsl": false
    },
    "software": "mriqc",
    "version": "0.10.4"
  },
  "size_t": 168,
  "size_x": 64,
  "size_y": 64,
  "size_z": 30,
  "snr": 5.084289465795026,
  "spacing_tr": 2.0,
  "spacing_x": 3.4375,
  "spacing_y": 3.4375,
  "spacing_z": 4.0,
  "summary_bg_k": 51.678172479432035,
  "summary_bg_mad": 14.711299896240234,
  "summary_bg_mean": 61.801368713378906,
  "summary_bg_median": 29.035715103149414,
  "summary_bg_n": 69395.0,
  "summary_bg_p05": 0.4702380895614624,
  "summary_bg_p95": 224.74464874267608,
  "summary_bg_stdv": 110.17151641845703,
  "summary_fg_k": 2.415166038360004,
  "summary_fg_mad": 422.921142578125,
  "summary_fg_mean": 2687.394287109375,
  "summary_fg_median": 2758.7470703125,
  "summary_fg_n": 26178.0,
  "summary_fg_p05": 1632.0589233398437,
  "summary_fg_p95": 3402.884497070312,
  "summary_fg_stdv": 542.5919189453125,
  "tsnr": 60.301048278808594
}