{
  "bids_meta": {
    "AcquisitionMatrixPE": 256,
    "ConversionSoftware": "dcm2niix",
    "ConversionSoftwareVersion": "v1.0.20171017 (OpenJPEG build) GCC4.8.4",
    "DeviceSerialNumber": "0000000517353VH3",
    "EchoTime": 0.003828,
    "FlipAngle": 8,
    "ImageOrientationPatientDICOM": [
      0,
      1,
      0,
      0,
      0,
      -1
    ],
    "ImageType": [
      "ORIGINAL",
      "PRIMARY",
      "OTHER"
    ],
    "InPlanePhaseEncodingDirectionDICOM": "ROW",
    "InstitutionName": "Michigan_State_University",
    "InversionTime": 0.04,
    "MRAcquisitionType": "3D",
    "MagneticFieldStrength": 3,
    "Manufacturer": "GE",
    "ManufacturersModelName": "Signa_HDxt",
    "Modality": "MR",
    "PatientPosition": "HFS",
    "PercentPhaseFOV": 100,
    "PixelBandwidth": 162.734,
    "ProtocolName": "mprage_1mm_iso_20.83_bw",
    "ReconMatrixPE": 256,
    "RepetitionTime": 0.008596,
    "SAR": 0.306132,
    "ScanOptions": "NONE",
    "ScanningSequence": "RM",
    "SequenceVariant": "NONE",
    "SeriesDescription": "mprage_1mm_iso_20.83_bw",
    "SliceThickness": 1,
    "SoftwareVersions": "24_LX_MR_Software_release:HD16.0_V02_1131.a",
    "SpacingBetweenSlices": 1,
    "StationName": "MR03MR03",
    "modality": "T1w",
    "session_id": "ExercisePre",
    "subject_id": "044"
  },
  "cjv": 0.25295455139021683,
  "cnr": 4.800934887006745,
  "efc": 0.5879720969826226,
  "fber": 99.23409271240234,
  "fwhm_avg": 3.58602,
  "fwhm_x": 3.54871,
  "fwhm_y": 3.83986,
  "fwhm_z": 3.36949,
  "icvs_csf": 0.16215021863546814,
  "icvs_gm": 0.511229817103548,
  "icvs_wm": 0.3266199642609839,
  "inu_med": 0.9974812269210815,
  "inu_range": 0.32216643095016473,
  "provenance": {
    "md5sum": "ca8f44126ec449771abfec1cedb14e1d",
    "settings": {
      "testing": false
    },
    "software": "mriqc",
    "version": "0.10.4",
    "warnings": {
      "large_rot_frame": true,
      "small_air_mask": false
    }
  },
  "qi_1": 0.0,
  "qi_2": 0.0011118738839113337,
  "rpve_csf": 33.29802881530153,
  "rpve_gm": 12.479066892752437,
  "rpve_wm": 20.560463353522877,
  "size_x": 180,
  "size_y": 256,
  "size_z": 256,
  "snr_csf": 2.219996828102306,
  "snr_gm": 11.007913463767334,
  "snr_total": 10.765057284499699,
  "snr_wm": 19.067261561629458,
  "snrd_csf": 15.170710149680543,
  "snrd_gm": 31.73244696913356,
  "snrd_total": 32.592401477752546,
  "snrd_wm": 50.87404731444354,
  "spacing_x": 1.0,
  "spacing_y": 1.0,
  "spacing_z": 1.0,
  "summary_bg_k": 0.8452255629327516,
  "summary_bg_mad": 12.877657890319824,
  "summary_bg_mean": 51.851619720458984,
  "summary_bg_median": 51.046871185302734,
  "summary_bg_n": 2844871.0,
  "summary_bg_p05": 31.95773220062256,
  "summary_bg_p95": 74.92452621459961,
  "summary_bg_stdv": 13.446025848388672,
  "summary_csf_k": 16.877328460166733,
  "summary_csf_mad": 110.96333312988281,
  "summary_csf_mean": 321.4983825683594,
  "summary_csf_median": 298.2023620605469,
  "summary_csf_n": 11109.0,
  "summary_csf_p05": 155.131787109375,
  "summary_csf_p95": 523.7067138671875,
  "summary_csf_stdv": 134.3195343017578,
  "summary_gm_k": 0.8702044108729452,
  "summary_gm_mad": 50.837493896484375,
  "summary_gm_mean": 627.1173706054688,
  "summary_gm_median": 623.7473754882812,
  "summary_gm_n": 61503.0,
  "summary_gm_p05": 540.5733581542969,
  "summary_gm_p95": 727.9801025390624,
  "summary_gm_stdv": 56.663082122802734,
  "summary_wm_k": 1.2876631700674048,
  "summary_wm_mad": 44.33816909790039,
  "summary_wm_mean": 992.9866333007812,
  "summary_wm_median": 1000.0033569335938,
  "summary_wm_n": 162201.0,
  "summary_wm_p05": 892.6107177734375,
  "summary_wm_p95": 1065.9185791015625,
  "summary_wm_stdv": 52.44593048095703,
  "tpm_overlap_csf": 0.21163122355937958,
  "tpm_overlap_gm": 0.5477677583694458,
  "tpm_overlap_wm": 0.5268206596374512,
  "wm2max": 0.6237196698984646
}