{
  "bids_meta": {
    "AcquisitionMatrixPE": 256,
    "ConversionSoftware": "dcm2niix",
    "ConversionSoftwareVersion": "v1.0.20171017 (OpenJPEG build) GCC4.8.4",
    "DeviceSerialNumber": "0000000517353VH3",
    "EchoTime": 0.003828,
    "FlipAngle": 8,
    "ImageOrientationPatientDICOM": [
      0,
      1,
      0,
      0,
      0,
      -1
    ],
    "ImageType": [
      "ORIGINAL",
      "PRIMARY",
      "OTHER"
    ],
    "InPlanePhaseEncodingDirectionDICOM": "ROW",
    "InstitutionName": "Michigan_State_University",
    "InversionTime": 0.04,
    "MRAcquisitionType": "3D",
    "MagneticFieldStrength": 3,
    "Manufacturer": "GE",
    "ManufacturersModelName": "Signa_HDxt",
    "Modality": "MR",
    "PatientPosition": "HFS",
    "PercentPhaseFOV": 100,
    "PixelBandwidth": 162.734,
    "ProtocolName": "mprage_1mm_iso_20.83_bw",
    "ReconMatrixPE": 256,
    "RepetitionTime": 0.008596,
    "SAR": 0.306132,
    "ScanOptions": "NONE",
    "ScanningSequence": "RM",
    "SequenceVariant": "NONE",
    "SeriesDescription": "mprage_1mm_iso_20.83_bw",
    "SliceThickness": 1,
    "SoftwareVersions": "24_LX_MR_Software_release:HD16.0_V02_1131.a",
    "SpacingBetweenSlices": 1,
    "StationName": "MR03MR03",
    "modality": "T1w",
    "session_id": "ControlPre",
    "subject_id": "054"
  },
  "cjv": 0.29802447720614617,
  "cnr": 4.258169317773265,
  "efc": 0.5840881990335695,
  "fber": 108.50336456298828,
  "fwhm_avg": 3.83271,
  "fwhm_x": 3.71774,
  "fwhm_y": 4.04502,
  "fwhm_z": 3.73537,
  "icvs_csf": 0.2147608600797538,
  "icvs_gm": 0.4407759945482638,
  "icvs_wm": 0.34446314537198236,
  "inu_med": 0.8803324699401855,
  "inu_range": 0.28962653875350963,
  "provenance": {
    "md5sum": "cb7edc70c4d4a02355d78425e74e3b83",
    "settings": {
      "testing": false
    },
    "software": "mriqc",
    "version": "0.10.4",
    "warnings": {
      "large_rot_frame": true,
      "small_air_mask": false
    }
  },
  "qi_1": 0.0,
  "qi_2": 0.0007811425762647462,
  "rpve_csf": 23.82447873142694,
  "rpve_gm": 12.485399152208839,
  "rpve_wm": 19.05802305894522,
  "size_x": 180,
  "size_y": 256,
  "size_z": 256,
  "snr_csf": 2.836738740154159,
  "snr_gm": 10.778999911383453,
  "snr_total": 11.681081116257019,
  "snr_wm": 21.42750469723345,
  "snrd_csf": 15.231650020442574,
  "snrd_gm": 30.26960178005337,
  "snrd_total": 30.354757675378824,
  "snrd_wm": 45.563021225640526,
  "spacing_x": 1.0,
  "spacing_y": 1.0,
  "spacing_z": 1.0,
  "summary_bg_k": 1.4167208931150332,
  "summary_bg_mad": 14.378907203674316,
  "summary_bg_mean": 52.955318450927734,
  "summary_bg_median": 51.33439636230469,
  "summary_bg_n": 3017655.0,
  "summary_bg_p05": 31.37257442474365,
  "summary_bg_p95": 80.1854438781738,
  "summary_bg_stdv": 15.394749641418457,
  "summary_csf_k": -0.006846406096665092,
  "summary_csf_mad": 127.16454315185547,
  "summary_csf_mean": 336.9818115234375,
  "summary_csf_median": 334.30364990234375,
  "summary_csf_n": 14983.0,
  "summary_csf_p05": 155.46237335205078,
  "summary_csf_p95": 529.8389526367187,
  "summary_csf_stdv": 117.84394836425781,
  "summary_gm_k": 0.45654389225254155,
  "summary_gm_mad": 57.629966735839844,
  "summary_gm_mean": 665.4104614257812,
  "summary_gm_median": 664.3560180664062,
  "summary_gm_n": 33300.0,
  "summary_gm_p05": 566.3446716308594,
  "summary_gm_p95": 770.0757415771484,
  "summary_gm_stdv": 61.633365631103516,
  "summary_wm_k": 1.1478297690281476,
  "summary_wm_mad": 42.40473937988281,
  "summary_wm_mean": 1000.0614624023438,
  "summary_wm_median": 1000.015380859375,
  "summary_wm_n": 186190.0,
  "summary_wm_p05": 924.119351196289,
  "summary_wm_p95": 1075.4337158203125,
  "summary_wm_stdv": 46.66958236694336,
  "tpm_overlap_csf": 0.210318922996521,
  "tpm_overlap_gm": 0.5183640122413635,
  "tpm_overlap_wm": 0.5361310243606567,
  "wm2max": 0.7053870808992876
}