{
  "aor": 0.030128392857142854,
  "aqi": 0.008943385,
  "bids_meta": {
    "AcquisitionMatrixPE": 64,
    "ConversionSoftware": "dcm2niix",
    "ConversionSoftwareVersion": "v1.0.20171017 (OpenJPEG build) GCC4.8.4",
    "DeviceSerialNumber": "0000000517353VH3",
    "EchoTime": 0.0279,
    "EffectiveEchoSpacing": 0.000608,
    "FlipAngle": 76,
    "ImageOrientationPatientDICOM": [
      1,
      0,
      0,
      0,
      1,
      0
    ],
    "ImageType": [
      "ORIGINAL",
      "PRIMARY",
      "EPI",
      "NONE"
    ],
    "InPlanePhaseEncodingDirectionDICOM": "COL",
    "InstitutionName": "Michigan_State_University",
    "MRAcquisitionType": "2D",
    "MagneticFieldStrength": 3,
    "Manufacturer": "GE",
    "ManufacturersModelName": "Signa_HDxt",
    "Modality": "MR",
    "PatientPosition": "HFS",
    "PercentPhaseFOV": 100,
    "PixelBandwidth": 7812.5,
    "ProtocolName": "fMRI",
    "ReconMatrixPE": 64,
    "RepetitionTime": 2,
    "SAR": 0.225736,
    "ScanOptions": "EPI_GEMS",
    "ScanningSequence": "EP_GR",
    "SequenceVariant": "SS",
    "SeriesDescription": "fMRI",
    "SliceThickness": 4,
    "SoftwareVersions": "24_LX_MR_Software_release:HD16.0_V02_1131.a",
    "SpacingBetweenSlices": 4,
    "StationName": "MR03MR03",
    "TaskName": "flanker",
    "TotalReadoutTime": 0.038304,
    "modality": "bold",
    "run_id": "01",
    "session_id": "ControlPre",
    "subject_id": "023",
    "task_id": "flanker"
  },
  "dummy_trs": 0,
  "dvars_nstd": 21.212607046766458,
  "dvars_std": 1.3405094616766466,
  "dvars_vstd": 1.250849678502994,
  "efc": 0.47368484782315934,
  "fber": 12779.9482421875,
  "fd_mean": 0.35229777020148795,
  "fd_num": 16,
  "fd_perc": 9.523809523809524,
  "fwhm_avg": 2.9534637878787877,
  "fwhm_x": 2.8947927272727276,
  "fwhm_y": 3.267723636363636,
  "fwhm_z": 2.697875,
  "gcor": 0.08324,
  "gsr_x": -0.005607495550066233,
  "gsr_y": 0.009500605054199696,
  "provenance": {
    "md5sum": "86605d3b30984faee5f4c7fc92e15118",
    "settings": {
      "fd_thres": 0.5,
      "hmc_fsl": false
    },
    "software": "mriqc",
    "version": "0.10.4"
  },
  "size_t": 168,
  "size_x": 64,
  "size_y": 64,
  "size_z": 30,
  "snr": 4.954637221071941,
  "spacing_tr": 2.0,
  "spacing_x": 3.4375,
  "spacing_y": 3.4375,
  "spacing_z": 4.0,
  "summary_bg_k": 85.56675153914497,
  "summary_bg_mad": 11.062154769897461,
  "summary_bg_mean": 47.49229049682617,
  "summary_bg_median": 25.904762268066406,
  "summary_bg_n": 68160.0,
  "summary_bg_p05": 0.3095238208770752,
  "summary_bg_p95": 154.8514938354492,
  "summary_bg_stdv": 80.22451782226562,
  "summary_fg_k": 3.038775082764772,
  "summary_fg_mad": 436.0836181640625,
  "summary_fg_mean": 2877.334228515625,
  "summary_fg_median": 2982.71435546875,
  "summary_fg_n": 26916.0,
  "summary_fg_p05": 1640.2410583496094,
  "summary_fg_p95": 3621.0595703125,
  "summary_fg_stdv": 601.993408203125,
  "tsnr": 52.1883544921875
}