{
  "aor": 0.0013057738095238096,
  "aqi": 0.005604464702380953,
  "bids_meta": {
    "AcquisitionMatrixPE": 64,
    "ConversionSoftware": "dcm2niix",
    "ConversionSoftwareVersion": "v1.0.20171017 (OpenJPEG build) GCC4.8.4",
    "DeviceSerialNumber": "0000000517353VH3",
    "EchoTime": 0.0279,
    "EffectiveEchoSpacing": 0.000608,
    "FlipAngle": 76,
    "ImageOrientationPatientDICOM": [
      1,
      0,
      0,
      0,
      1,
      0
    ],
    "ImageType": [
      "ORIGINAL",
      "PRIMARY",
      "EPI",
      "NONE"
    ],
    "InPlanePhaseEncodingDirectionDICOM": "COL",
    "InstitutionName": "Michigan_State_University",
    "MRAcquisitionType": "2D",
    "MagneticFieldStrength": 3,
    "Manufacturer": "GE",
    "ManufacturersModelName": "Signa_HDxt",
    "Modality": "MR",
    "PatientPosition": "HFS",
    "PercentPhaseFOV": 100,
    "PixelBandwidth": 7812.5,
    "ProtocolName": "fMRI",
    "ReconMatrixPE": 64,
    "RepetitionTime": 2,
    "SAR": 0.225736,
    "ScanOptions": "EPI_GEMS",
    "ScanningSequence": "EP_GR",
    "SequenceVariant": "SS",
    "SeriesDescription": "fMRI",
    "SliceThickness": 4,
    "SoftwareVersions": "24_LX_MR_Software_release:HD16.0_V02_1131.a",
    "SpacingBetweenSlices": 4,
    "StationName": "MR03MR03",
    "TaskName": "rest",
    "TotalReadoutTime": 0.038304,
    "modality": "bold",
    "session_id": "ControlPre",
    "subject_id": "009",
    "task_id": "rest"
  },
  "dummy_trs": 0,
  "dvars_nstd": 15.456102548443097,
  "dvars_std": 1.2077991892814373,
  "dvars_vstd": 0.925006778562874,
  "efc": 0.4923003003388284,
  "fber": 11852.1103515625,
  "fd_mean": 0.11970912264852891,
  "fd_num": 1,
  "fd_perc": 0.5952380952380952,
  "fwhm_avg": 2.9447295454545457,
  "fwhm_x": 2.8297454545454546,
  "fwhm_y": 3.2090181818181818,
  "fwhm_z": 2.795425,
  "gcor": 0.0195732,
  "gsr_x": -0.00401261867955327,
  "gsr_y": 0.008319174870848656,
  "provenance": {
    "md5sum": "79d9d4b4bd0002a36ee2c22d505fb374",
    "settings": {
      "fd_thres": 0.5,
      "hmc_fsl": false
    },
    "software": "mriqc",
    "version": "0.10.4"
  },
  "size_t": 168,
  "size_x": 64,
  "size_y": 64,
  "size_z": 30,
  "snr": 5.344915820290913,
  "spacing_tr": 2.0,
  "spacing_x": 3.4375,
  "spacing_y": 3.4375,
  "spacing_z": 4.0,
  "summary_bg_k": 68.01185818054573,
  "summary_bg_mad": 17.332324981689453,
  "summary_bg_mean": 78.02789306640625,
  "summary_bg_median": 38.9523811340332,
  "summary_bg_n": 66746.0,
  "summary_bg_p05": 0.523809552192688,
  "summary_bg_p95": 259.25743865966797,
  "summary_bg_stdv": 149.44618225097656,
  "summary_fg_k": 2.4760819710985222,
  "summary_fg_mad": 649.4239501953125,
  "summary_fg_mean": 4204.7822265625,
  "summary_fg_median": 4315.130859375,
  "summary_fg_n": 28393.0,
  "summary_fg_p05": 2706.047607421875,
  "summary_fg_p95": 5273.1322265625,
  "summary_fg_stdv": 807.3195190429688,
  "tsnr": 79.83467102050781
}