{
  "aor": 0.010140416666666666,
  "aqi": 0.0037380874404761904,
  "bids_meta": {
    "AcquisitionMatrixPE": 64,
    "ConversionSoftware": "dcm2niix",
    "ConversionSoftwareVersion": "v1.0.20171017 (OpenJPEG build) GCC4.8.4",
    "DeviceSerialNumber": "0000000517353VH3",
    "EchoTime": 0.0279,
    "EffectiveEchoSpacing": 0.000608,
    "FlipAngle": 76,
    "ImageOrientationPatientDICOM": [
      1,
      0,
      0,
      0,
      1,
      0
    ],
    "ImageType": [
      "ORIGINAL",
      "PRIMARY",
      "EPI",
      "NONE"
    ],
    "InPlanePhaseEncodingDirectionDICOM": "COL",
    "InstitutionName": "Michigan_State_University",
    "MRAcquisitionType": "2D",
    "MagneticFieldStrength": 3,
    "Manufacturer": "GE",
    "ManufacturersModelName": "Signa_HDxt",
    "Modality": "MR",
    "PatientPosition": "HFS",
    "PercentPhaseFOV": 100,
    "PixelBandwidth": 7812.5,
    "ProtocolName": "fMRI",
    "ReconMatrixPE": 64,
    "RepetitionTime": 2,
    "SAR": 0.225736,
    "ScanOptions": "EPI_GEMS",
    "ScanningSequence": "EP_GR",
    "SequenceVariant": "SS",
    "SeriesDescription": "fMRI",
    "SliceThickness": 4,
    "SoftwareVersions": "24_LX_MR_Software_release:HD16.0_V02_1131.a",
    "SpacingBetweenSlices": 4,
    "StationName": "MR03MR03",
    "TaskName": "rest",
    "TotalReadoutTime": 0.038304,
    "modality": "bold",
    "session_id": "ExercisePre",
    "subject_id": "017",
    "task_id": "rest"
  },
  "dummy_trs": 0,
  "dvars_nstd": 13.332558651556893,
  "dvars_std": 1.2154186446706587,
  "dvars_vstd": 1.0182775865868268,
  "efc": 0.5037849701386256,
  "fber": 12814.01953125,
  "fd_mean": 0.1559916335456494,
  "fd_num": 6,
  "fd_perc": 3.5714285714285716,
  "fwhm_avg": 2.8382529393939393,
  "fwhm_x": 2.686010181818182,
  "fwhm_y": 3.2325236363636365,
  "fwhm_z": 2.596225,
  "gcor": 0.0671694,
  "gsr_x": -0.010419242084026337,
  "gsr_y": 0.018874501809477806,
  "provenance": {
    "md5sum": "1dfef980e097ae70e407f46d2acd5d90",
    "settings": {
      "fd_thres": 0.5,
      "hmc_fsl": false
    },
    "software": "mriqc",
    "version": "0.10.4"
  },
  "size_t": 168,
  "size_x": 64,
  "size_y": 64,
  "size_z": 30,
  "snr": 5.5000405887738015,
  "spacing_tr": 2.0,
  "spacing_x": 3.4375,
  "spacing_y": 3.4375,
  "spacing_z": 4.0,
  "summary_bg_k": 116.32673722812427,
  "summary_bg_mad": 13.33459758758545,
  "summary_bg_mean": 61.0151252746582,
  "summary_bg_median": 34.80357360839844,
  "summary_bg_n": 64132.0,
  "summary_bg_p05": 0.1488095223903656,
  "summary_bg_p95": 181.86667556762683,
  "summary_bg_stdv": 112.66950988769531,
  "summary_fg_k": 2.9815379888932023,
  "summary_fg_mad": 610.5233764648438,
  "summary_fg_mean": 3961.2294921875,
  "summary_fg_median": 4026.702392578125,
  "summary_fg_n": 30469.0,
  "summary_fg_p05": 2687.0642578125,
  "summary_fg_p95": 4977.45126953125,
  "summary_fg_stdv": 732.1102905273438,
  "tsnr": 86.04498291015625
}