{
  "aor": 0.005457797619047619,
  "aqi": 0.006034749821428572,
  "bids_meta": {
    "AcquisitionMatrixPE": 64,
    "ConversionSoftware": "dcm2niix",
    "ConversionSoftwareVersion": "v1.0.20171017 (OpenJPEG build) GCC4.8.4",
    "DeviceSerialNumber": "0000000517353VH3",
    "EchoTime": 0.0279,
    "EffectiveEchoSpacing": 0.000608,
    "FlipAngle": 76,
    "ImageOrientationPatientDICOM": [
      1,
      0,
      0,
      0,
      1,
      0
    ],
    "ImageType": [
      "ORIGINAL",
      "PRIMARY",
      "EPI",
      "NONE"
    ],
    "InPlanePhaseEncodingDirectionDICOM": "COL",
    "InstitutionName": "Michigan_State_University",
    "MRAcquisitionType": "2D",
    "MagneticFieldStrength": 3,
    "Manufacturer": "GE",
    "ManufacturersModelName": "Signa_HDxt",
    "Modality": "MR",
    "PatientPosition": "HFS",
    "PercentPhaseFOV": 100,
    "PixelBandwidth": 7812.5,
    "ProtocolName": "fMRI",
    "ReconMatrixPE": 64,
    "RepetitionTime": 2,
    "SAR": 0.225736,
    "ScanOptions": "EPI_GEMS",
    "ScanningSequence": "EP_GR",
    "SequenceVariant": "SS",
    "SeriesDescription": "fMRI",
    "SliceThickness": 4,
    "SoftwareVersions": "24_LX_MR_Software_release:HD16.0_V02_1131.a",
    "SpacingBetweenSlices": 4,
    "StationName": "MR03MR03",
    "TaskName": "rest",
    "TotalReadoutTime": 0.038304,
    "modality": "bold",
    "session_id": "ControlPost",
    "subject_id": "033",
    "task_id": "rest"
  },
  "dummy_trs": 0,
  "dvars_nstd": 22.442238185209572,
  "dvars_std": 1.3079406497005983,
  "dvars_vstd": 1.0258017349101798,
  "efc": 0.4545597777570582,
  "fber": 12860.6484375,
  "fd_mean": 0.29603561235897685,
  "fd_num": 12,
  "fd_perc": 7.142857142857143,
  "fwhm_avg": 3.0126118181818184,
  "fwhm_x": 2.9919418181818185,
  "fwhm_y": 3.3128436363636364,
  "fwhm_z": 2.73305,
  "gcor": 0.0260378,
  "gsr_x": -0.006362440064549446,
  "gsr_y": 0.008006585761904716,
  "provenance": {
    "md5sum": "83568a1d0b26abbf0477dc572a7305f2",
    "settings": {
      "fd_thres": 0.5,
      "hmc_fsl": false
    },
    "software": "mriqc",
    "version": "0.10.4"
  },
  "size_t": 168,
  "size_x": 64,
  "size_y": 64,
  "size_z": 30,
  "snr": 5.120427716162954,
  "spacing_tr": 2.0,
  "spacing_x": 3.4375,
  "spacing_y": 3.4375,
  "spacing_z": 4.0,
  "summary_bg_k": 87.93256476014578,
  "summary_bg_mad": 10.590018272399902,
  "summary_bg_mean": 43.75693893432617,
  "summary_bg_median": 24.785715103149414,
  "summary_bg_n": 71221.0,
  "summary_bg_p05": 0.511904776096344,
  "summary_bg_p95": 133.15476989746094,
  "summary_bg_stdv": 76.82205963134766,
  "summary_fg_k": 2.875699761287046,
  "summary_fg_mad": 406.7799377441406,
  "summary_fg_mean": 2756.243408203125,
  "summary_fg_median": 2856.881103515625,
  "summary_fg_n": 24457.0,
  "summary_fg_p05": 1584.5666992187498,
  "summary_fg_p95": 3431.333447265625,
  "summary_fg_stdv": 557.9265747070312,
  "tsnr": 73.11873626708984
}