{
  "aor": 0.025896249999999996,
  "aqi": 0.007334759107142857,
  "bids_meta": {
    "AcquisitionMatrixPE": 64,
    "ConversionSoftware": "dcm2niix",
    "ConversionSoftwareVersion": "v1.0.20171017 (OpenJPEG build) GCC4.8.4",
    "DeviceSerialNumber": "0000000517353VH3",
    "EchoTime": 0.0279,
    "EffectiveEchoSpacing": 0.000608,
    "FlipAngle": 76,
    "ImageOrientationPatientDICOM": [
      1,
      0,
      0,
      0,
      1,
      0
    ],
    "ImageType": [
      "ORIGINAL",
      "PRIMARY",
      "EPI",
      "NONE"
    ],
    "InPlanePhaseEncodingDirectionDICOM": "COL",
    "InstitutionName": "Michigan_State_University",
    "MRAcquisitionType": "2D",
    "MagneticFieldStrength": 3,
    "Manufacturer": "GE",
    "ManufacturersModelName": "Signa_HDxt",
    "Modality": "MR",
    "PatientPosition": "HFS",
    "PercentPhaseFOV": 100,
    "PixelBandwidth": 7812.5,
    "ProtocolName": "fMRI",
    "ReconMatrixPE": 64,
    "RepetitionTime": 2,
    "SAR": 0.225736,
    "ScanOptions": "EPI_GEMS",
    "ScanningSequence": "EP_GR",
    "SequenceVariant": "SS",
    "SeriesDescription": "fMRI",
    "SliceThickness": 4,
    "SoftwareVersions": "24_LX_MR_Software_release:HD16.0_V02_1131.a",
    "SpacingBetweenSlices": 4,
    "StationName": "MR03MR03",
    "TaskName": "rest",
    "TotalReadoutTime": 0.038304,
    "modality": "bold",
    "session_id": "ControlPre",
    "subject_id": "034",
    "task_id": "rest"
  },
  "dummy_trs": 0,
  "dvars_nstd": 18.80520602461077,
  "dvars_std": 1.1068885207185633,
  "dvars_vstd": 0.9205012388622755,
  "efc": 0.4888061960073348,
  "fber": 11717.3154296875,
  "fd_mean": 0.19709289044217868,
  "fd_num": 7,
  "fd_perc": 4.166666666666667,
  "fwhm_avg": 3.0391126666666666,
  "fwhm_x": 2.8462807272727275,
  "fwhm_y": 3.528407272727273,
  "fwhm_z": 2.74265,
  "gcor": 0.0297587,
  "gsr_x": -0.010220636613667011,
  "gsr_y": 0.019661912694573402,
  "provenance": {
    "md5sum": "a90db1265948add9845c585719b68304",
    "settings": {
      "fd_thres": 0.5,
      "hmc_fsl": false
    },
    "software": "mriqc",
    "version": "0.10.4"
  },
  "size_t": 168,
  "size_x": 64,
  "size_y": 64,
  "size_z": 30,
  "snr": 4.943801172158847,
  "spacing_tr": 2.0,
  "spacing_x": 3.4375,
  "spacing_y": 3.4375,
  "spacing_z": 4.0,
  "summary_bg_k": 45.657776839370776,
  "summary_bg_mad": 11.525469779968262,
  "summary_bg_mean": 62.25532531738281,
  "summary_bg_median": 27.309524536132812,
  "summary_bg_n": 67318.0,
  "summary_bg_p05": 0.3511904776096344,
  "summary_bg_p95": 265.4253158569335,
  "summary_bg_stdv": 121.45360565185547,
  "summary_fg_k": 1.9458339743124613,
  "summary_fg_mad": 513.1218872070312,
  "summary_fg_mean": 2973.955810546875,
  "summary_fg_median": 3041.1904296875,
  "summary_fg_n": 27763.0,
  "summary_fg_p05": 1827.9744018554688,
  "summary_fg_p95": 3829.122021484375,
  "summary_fg_stdv": 615.1411743164062,
  "tsnr": 59.033145904541016
}