{
  "aor": 0.0033476190476190476,
  "aqi": 0.002098252714285714,
  "bids_meta": {
    "AcquisitionMatrixPE": 64,
    "ConversionSoftware": "dcm2niix",
    "ConversionSoftwareVersion": "v1.0.20171017 (OpenJPEG build) GCC4.8.4",
    "DeviceSerialNumber": "0000000517353VH3",
    "EchoTime": 0.0279,
    "EffectiveEchoSpacing": 0.000608,
    "FlipAngle": 76,
    "ImageOrientationPatientDICOM": [
      1,
      0,
      0,
      0,
      1,
      0
    ],
    "ImageType": [
      "ORIGINAL",
      "PRIMARY",
      "EPI",
      "NONE"
    ],
    "InPlanePhaseEncodingDirectionDICOM": "COL",
    "InstitutionName": "Michigan_State_University",
    "MRAcquisitionType": "2D",
    "MagneticFieldStrength": 3,
    "Manufacturer": "GE",
    "ManufacturersModelName": "Signa_HDxt",
    "Modality": "MR",
    "PatientPosition": "HFS",
    "PercentPhaseFOV": 100,
    "PixelBandwidth": 7812.5,
    "ProtocolName": "fMRI",
    "ReconMatrixPE": 64,
    "RepetitionTime": 2,
    "SAR": 0.225736,
    "ScanOptions": "EPI_GEMS",
    "ScanningSequence": "EP_GR",
    "SequenceVariant": "SS",
    "SeriesDescription": "fMRI",
    "SliceThickness": 4,
    "SoftwareVersions": "24_LX_MR_Software_release:HD16.0_V02_1131.a",
    "SpacingBetweenSlices": 4,
    "StationName": "MR03MR03",
    "TaskName": "flanker",
    "TotalReadoutTime": 0.038304,
    "modality": "bold",
    "run_id": "01",
    "session_id": "ControlPre",
    "subject_id": "044",
    "task_id": "flanker"
  },
  "dummy_trs": 0,
  "dvars_nstd": 13.870495950538922,
  "dvars_std": 1.368528622275449,
  "dvars_vstd": 1.0261348743113772,
  "efc": 0.4628992306690716,
  "fber": 12231.822265625,
  "fd_mean": 0.09509815494368264,
  "fd_num": 1,
  "fd_perc": 0.5952380952380952,
  "fwhm_avg": 2.9417013636363634,
  "fwhm_x": 2.926632727272727,
  "fwhm_y": 3.226996363636364,
  "fwhm_z": 2.671475,
  "gcor": 0.0971088,
  "gsr_x": -0.006363051477819681,
  "gsr_y": 0.008571307174861431,
  "provenance": {
    "md5sum": "9f8810ab69b72106664947e6d1af9364",
    "settings": {
      "fd_thres": 0.5,
      "hmc_fsl": false
    },
    "software": "mriqc",
    "version": "0.10.4"
  },
  "size_t": 168,
  "size_x": 64,
  "size_y": 64,
  "size_z": 30,
  "snr": 5.135588653914098,
  "spacing_tr": 2.0,
  "spacing_x": 3.4375,
  "spacing_y": 3.4375,
  "spacing_z": 4.0,
  "summary_bg_k": 118.3621526791239,
  "summary_bg_mad": 10.872417449951172,
  "summary_bg_mean": 48.3162956237793,
  "summary_bg_median": 25.446428298950195,
  "summary_bg_n": 70166.0,
  "summary_bg_p05": 0.0357142873108387,
  "summary_bg_p95": 138.35416793823242,
  "summary_bg_stdv": 96.5843276977539,
  "summary_fg_k": 2.917546626392352,
  "summary_fg_mad": 429.107666015625,
  "summary_fg_mean": 2783.456298828125,
  "summary_fg_median": 2863.541748046875,
  "summary_fg_n": 25229.0,
  "summary_fg_p05": 1693.527392578125,
  "summary_fg_p95": 3499.251318359375,
  "summary_fg_stdv": 557.5767822265625,
  "tsnr": 110.6417465209961
}