{
  "aor": 0.0010804761904761905,
  "aqi": 0.0038190827976190478,
  "bids_meta": {
    "AcquisitionMatrixPE": 64,
    "ConversionSoftware": "dcm2niix",
    "ConversionSoftwareVersion": "v1.0.20171017 (OpenJPEG build) GCC4.8.4",
    "DeviceSerialNumber": "0000000517353VH3",
    "EchoTime": 0.0279,
    "EffectiveEchoSpacing": 0.000608,
    "FlipAngle": 76,
    "ImageOrientationPatientDICOM": [
      1,
      0,
      0,
      0,
      1,
      0
    ],
    "ImageType": [
      "ORIGINAL",
      "PRIMARY",
      "EPI",
      "NONE"
    ],
    "InPlanePhaseEncodingDirectionDICOM": "COL",
    "InstitutionName": "Michigan_State_University",
    "MRAcquisitionType": "2D",
    "MagneticFieldStrength": 3,
    "Manufacturer": "GE",
    "ManufacturersModelName": "Signa_HDxt",
    "Modality": "MR",
    "PatientPosition": "HFS",
    "PercentPhaseFOV": 100,
    "PixelBandwidth": 7812.5,
    "ProtocolName": "fMRI",
    "ReconMatrixPE": 64,
    "RepetitionTime": 2,
    "SAR": 0.225736,
    "ScanOptions": "EPI_GEMS",
    "ScanningSequence": "EP_GR",
    "SequenceVariant": "SS",
    "SeriesDescription": "fMRI",
    "SliceThickness": 4,
    "SoftwareVersions": "24_LX_MR_Software_release:HD16.0_V02_1131.a",
    "SpacingBetweenSlices": 4,
    "StationName": "MR03MR03",
    "TaskName": "rest",
    "TotalReadoutTime": 0.038304,
    "modality": "bold",
    "session_id": "ControlPost",
    "subject_id": "001",
    "task_id": "rest"
  },
  "dummy_trs": 0,
  "dvars_nstd": 15.778747638622754,
  "dvars_std": 1.1360224459281436,
  "dvars_vstd": 0.9659637308383237,
  "efc": 0.5014174326043321,
  "fber": 6365.29638671875,
  "fd_mean": 0.16951063474273723,
  "fd_num": 2,
  "fd_perc": 1.1904761904761905,
  "fwhm_avg": 2.855866060606061,
  "fwhm_x": 2.7687854545454544,
  "fwhm_y": 3.2447127272727276,
  "fwhm_z": 2.5541,
  "gcor": 0.0439863,
  "gsr_x": -0.005188332870602608,
  "gsr_y": 0.016215767711400986,
  "provenance": {
    "md5sum": "de8ae0d3270aa2b097089a40e9b59675",
    "settings": {
      "fd_thres": 0.5,
      "hmc_fsl": false
    },
    "software": "mriqc",
    "version": "0.10.4"
  },
  "size_t": 168,
  "size_x": 64,
  "size_y": 64,
  "size_z": 30,
  "snr": 5.113552615987779,
  "spacing_tr": 2.0,
  "spacing_x": 3.4375,
  "spacing_y": 3.4375,
  "spacing_z": 4.0,
  "summary_bg_k": 41.5112551644532,
  "summary_bg_mad": 30.07564353942871,
  "summary_bg_mean": 114.30341339111328,
  "summary_bg_median": 51.488094329833984,
  "summary_bg_n": 66357.0,
  "summary_bg_p05": 0.7321428656578064,
  "summary_bg_p95": 377.8273986816402,
  "summary_bg_stdv": 198.58377075195312,
  "summary_fg_k": 2.0586509825720114,
  "summary_fg_mad": 682.6981201171875,
  "summary_fg_mean": 4155.18359375,
  "summary_fg_median": 4204.830078125,
  "summary_fg_n": 28488.0,
  "summary_fg_p05": 2709.9860595703126,
  "summary_fg_p95": 5390.474584960937,
  "summary_fg_stdv": 822.2769165039062,
  "tsnr": 80.8484878540039
}