{
  "aor": 0.021859702380952382,
  "aqi": 0.02497361511904762,
  "bids_meta": {
    "AcquisitionMatrixPE": 64,
    "ConversionSoftware": "dcm2niix",
    "ConversionSoftwareVersion": "v1.0.20171017 (OpenJPEG build) GCC4.8.4",
    "DeviceSerialNumber": "0000000517353VH3",
    "EchoTime": 0.0279,
    "EffectiveEchoSpacing": 0.000608,
    "FlipAngle": 76,
    "ImageOrientationPatientDICOM": [
      1,
      0,
      0,
      0,
      1,
      0
    ],
    "ImageType": [
      "ORIGINAL",
      "PRIMARY",
      "EPI",
      "NONE"
    ],
    "InPlanePhaseEncodingDirectionDICOM": "COL",
    "InstitutionName": "Michigan_State_University",
    "MRAcquisitionType": "2D",
    "MagneticFieldStrength": 3,
    "Manufacturer": "GE",
    "ManufacturersModelName": "Signa_HDxt",
    "Modality": "MR",
    "PatientPosition": "HFS",
    "PercentPhaseFOV": 100,
    "PixelBandwidth": 7812.5,
    "ProtocolName": "fMRI",
    "ReconMatrixPE": 64,
    "RepetitionTime": 2,
    "SAR": 0.225736,
    "ScanOptions": "EPI_GEMS",
    "ScanningSequence": "EP_GR",
    "SequenceVariant": "SS",
    "SeriesDescription": "fMRI",
    "SliceThickness": 4,
    "SoftwareVersions": "24_LX_MR_Software_release:HD16.0_V02_1131.a",
    "SpacingBetweenSlices": 4,
    "StationName": "MR03MR03",
    "TaskName": "flanker",
    "TotalReadoutTime": 0.038304,
    "modality": "bold",
    "run_id": "02",
    "session_id": "ControlPre",
    "subject_id": "038",
    "task_id": "flanker"
  },
  "dummy_trs": 0,
  "dvars_nstd": 30.937077573952113,
  "dvars_std": 0.9876147394610783,
  "dvars_vstd": 1.0289400143113774,
  "efc": 0.488573643998607,
  "fber": 11295.0078125,
  "fd_mean": 0.6862434801789924,
  "fd_num": 61,
  "fd_perc": 36.30952380952381,
  "fwhm_avg": 3.0410942727272725,
  "fwhm_x": 2.880008727272727,
  "fwhm_y": 3.424349090909091,
  "fwhm_z": 2.818925,
  "gcor": 0.0685196,
  "gsr_x": -0.012103988789021969,
  "gsr_y": 0.01351925078779459,
  "provenance": {
    "md5sum": "98c4c87958a000a56cb145df9ad137b7",
    "settings": {
      "fd_thres": 0.5,
      "hmc_fsl": false
    },
    "software": "mriqc",
    "version": "0.10.4"
  },
  "size_t": 168,
  "size_x": 64,
  "size_y": 64,
  "size_z": 30,
  "snr": 5.499545840254774,
  "spacing_tr": 2.0,
  "spacing_x": 3.4375,
  "spacing_y": 3.4375,
  "spacing_z": 4.0,
  "summary_bg_k": 68.94063142438262,
  "summary_bg_mad": 14.005295753479004,
  "summary_bg_mean": 63.70941162109375,
  "summary_bg_median": 28.380952835083008,
  "summary_bg_n": 68122.0,
  "summary_bg_p05": 1.1729167222976695,
  "summary_bg_p95": 236.55446548461885,
  "summary_bg_stdv": 126.5008544921875,
  "summary_fg_k": 2.475339581078119,
  "summary_fg_mad": 443.3554382324219,
  "summary_fg_mean": 2980.676513671875,
  "summary_fg_median": 3061.83056640625,
  "summary_fg_n": 27290.0,
  "summary_fg_p05": 1915.6393127441406,
  "summary_fg_p95": 3708.6443603515627,
  "summary_fg_stdv": 556.7322387695312,
  "tsnr": 32.21699523925781
}