{
  "aor": 0.0030099404761904764,
  "aqi": 0.003037548035714286,
  "bids_meta": {
    "AcquisitionMatrixPE": 64,
    "ConversionSoftware": "dcm2niix",
    "ConversionSoftwareVersion": "v1.0.20171017 (OpenJPEG build) GCC4.8.4",
    "DeviceSerialNumber": "0000000517353VH3",
    "EchoTime": 0.0279,
    "EffectiveEchoSpacing": 0.000608,
    "FlipAngle": 76,
    "ImageOrientationPatientDICOM": [
      1,
      0,
      0,
      0,
      1,
      0
    ],
    "ImageType": [
      "ORIGINAL",
      "PRIMARY",
      "EPI",
      "NONE"
    ],
    "InPlanePhaseEncodingDirectionDICOM": "COL",
    "InstitutionName": "Michigan_State_University",
    "MRAcquisitionType": "2D",
    "MagneticFieldStrength": 3,
    "Manufacturer": "GE",
    "ManufacturersModelName": "Signa_HDxt",
    "Modality": "MR",
    "PatientPosition": "HFS",
    "PercentPhaseFOV": 100,
    "PixelBandwidth": 7812.5,
    "ProtocolName": "fMRI",
    "ReconMatrixPE": 64,
    "RepetitionTime": 2,
    "SAR": 0.225736,
    "ScanOptions": "EPI_GEMS",
    "ScanningSequence": "EP_GR",
    "SequenceVariant": "SS",
    "SeriesDescription": "fMRI",
    "SliceThickness": 4,
    "SoftwareVersions": "24_LX_MR_Software_release:HD16.0_V02_1131.a",
    "SpacingBetweenSlices": 4,
    "StationName": "MR03MR03",
    "TaskName": "rest",
    "TotalReadoutTime": 0.038304,
    "modality": "bold",
    "session_id": "ExercisePost",
    "subject_id": "046",
    "task_id": "rest"
  },
  "dummy_trs": 0,
  "dvars_nstd": 17.997323658802397,
  "dvars_std": 1.453662630598802,
  "dvars_vstd": 1.0047513771257484,
  "efc": 0.4875064483889149,
  "fber": 9992.9658203125,
  "fd_mean": 0.0734054321257086,
  "fd_num": 0,
  "fd_perc": 0.0,
  "fwhm_avg": 2.9569936363636367,
  "fwhm_x": 2.8936290909090907,
  "fwhm_y": 3.2361018181818184,
  "fwhm_z": 2.74125,
  "gcor": 0.0327067,
  "gsr_x": -0.0049237399362027645,
  "gsr_y": 0.009794065728783607,
  "provenance": {
    "md5sum": "c68c7bebc3b0d07285c087db20570b76",
    "settings": {
      "fd_thres": 0.5,
      "hmc_fsl": false
    },
    "software": "mriqc",
    "version": "0.10.4"
  },
  "size_t": 168,
  "size_x": 64,
  "size_y": 64,
  "size_z": 30,
  "snr": 4.794977807219721,
  "spacing_tr": 2.0,
  "spacing_x": 3.4375,
  "spacing_y": 3.4375,
  "spacing_z": 4.0,
  "summary_bg_k": 66.97727456226933,
  "summary_bg_mad": 14.20827579498291,
  "summary_bg_mean": 58.8123893737793,
  "summary_bg_median": 27.672618865966797,
  "summary_bg_n": 67065.0,
  "summary_bg_p05": 0.0892857164144516,
  "summary_bg_p95": 209.65238647460905,
  "summary_bg_stdv": 109.6978759765625,
  "summary_fg_k": 2.007405891191123,
  "summary_fg_mad": 457.1004638671875,
  "summary_fg_mean": 2747.996826171875,
  "summary_fg_median": 2845.006103515625,
  "summary_fg_n": 27417.0,
  "summary_fg_p05": 1541.1893310546875,
  "summary_fg_p95": 3524.251220703125,
  "summary_fg_stdv": 593.319580078125,
  "tsnr": 99.09519958496094
}