{
  "aor": 0.03830874251497006,
  "aqi": 0.02701673994011976,
  "bids_meta": {
    "AcquisitionMatrixPE": 64,
    "ConversionSoftware": "dcm2niix",
    "ConversionSoftwareVersion": "v1.0.20171017 (OpenJPEG build) GCC4.8.4",
    "DeviceSerialNumber": "0000000517353VH3",
    "EchoTime": 0.0279,
    "EffectiveEchoSpacing": 0.000608,
    "FlipAngle": 76,
    "ImageOrientationPatientDICOM": [
      1,
      0,
      0,
      0,
      1,
      0
    ],
    "ImageType": [
      "ORIGINAL",
      "PRIMARY",
      "EPI",
      "NONE"
    ],
    "InPlanePhaseEncodingDirectionDICOM": "COL",
    "InstitutionName": "Michigan_State_University",
    "MRAcquisitionType": "2D",
    "MagneticFieldStrength": 3,
    "Manufacturer": "GE",
    "ManufacturersModelName": "Signa_HDxt",
    "Modality": "MR",
    "PatientPosition": "HFS",
    "PercentPhaseFOV": 100,
    "PixelBandwidth": 7812.5,
    "ProtocolName": "fMRI",
    "ReconMatrixPE": 64,
    "RepetitionTime": 2,
    "SAR": 0.225736,
    "ScanOptions": "EPI_GEMS",
    "ScanningSequence": "EP_GR",
    "SequenceVariant": "SS",
    "SeriesDescription": "fMRI",
    "SliceThickness": 4,
    "SoftwareVersions": "24_LX_MR_Software_release:HD16.0_V02_1131.a",
    "SpacingBetweenSlices": 4,
    "StationName": "MR03MR03",
    "TaskName": "flanker",
    "TotalReadoutTime": 0.038304,
    "modality": "bold",
    "run_id": "01",
    "session_id": "ExercisePost",
    "subject_id": "017",
    "task_id": "flanker"
  },
  "dummy_trs": 1,
  "dvars_nstd": 35.378495790722916,
  "dvars_std": 1.055594291445783,
  "dvars_vstd": 1.1689193240963853,
  "efc": 0.501803018454735,
  "fber": 12280.6171875,
  "fd_mean": 0.7605467386316227,
  "fd_num": 52,
  "fd_perc": 31.137724550898202,
  "fwhm_avg": 2.9112666666666667,
  "fwhm_x": 2.7237236363636366,
  "fwhm_y": 3.3370763636363634,
  "fwhm_z": 2.673,
  "gcor": 0.183076,
  "gsr_x": -0.009273366071283817,
  "gsr_y": 0.017941467463970184,
  "provenance": {
    "md5sum": "02651a7ffa90c3f85df674a9bcacdc62",
    "settings": {
      "fd_thres": 0.5,
      "hmc_fsl": false
    },
    "software": "mriqc",
    "version": "0.10.4"
  },
  "size_t": 167,
  "size_x": 64,
  "size_y": 64,
  "size_z": 30,
  "snr": 5.542763994065445,
  "spacing_tr": 2.0,
  "spacing_x": 3.4375,
  "spacing_y": 3.4375,
  "spacing_z": 4.0,
  "summary_bg_k": 103.76677002423003,
  "summary_bg_mad": 13.458829879760742,
  "summary_bg_mean": 59.38992691040039,
  "summary_bg_median": 34.95808410644531,
  "summary_bg_n": 64458.0,
  "summary_bg_p05": 2.1317365169525146,
  "summary_bg_p95": 179.18233795166003,
  "summary_bg_stdv": 101.68335723876953,
  "summary_fg_k": 2.8319494120606654,
  "summary_fg_mad": 599.1222534179688,
  "summary_fg_mean": 3885.555908203125,
  "summary_fg_median": 3957.419189453125,
  "summary_fg_n": 30285.0,
  "summary_fg_p05": 2632.150927734375,
  "summary_fg_p95": 4866.35830078125,
  "summary_fg_stdv": 713.9675903320312,
  "tsnr": 27.106487274169922
}