{
  "aor": 0.04179535714285715,
  "aqi": 0.0509851,
  "bids_meta": {
    "AcquisitionMatrixPE": 64,
    "ConversionSoftware": "dcm2niix",
    "ConversionSoftwareVersion": "v1.0.20171017 (OpenJPEG build) GCC4.8.4",
    "DeviceSerialNumber": "0000000517353VH3",
    "EchoTime": 0.0279,
    "EffectiveEchoSpacing": 0.000608,
    "FlipAngle": 76,
    "ImageOrientationPatientDICOM": [
      1,
      0,
      0,
      0,
      1,
      0
    ],
    "ImageType": [
      "ORIGINAL",
      "PRIMARY",
      "EPI",
      "NONE"
    ],
    "InPlanePhaseEncodingDirectionDICOM": "COL",
    "InstitutionName": "Michigan_State_University",
    "MRAcquisitionType": "2D",
    "MagneticFieldStrength": 3,
    "Manufacturer": "GE",
    "ManufacturersModelName": "Signa_HDxt",
    "Modality": "MR",
    "PatientPosition": "HFS",
    "PercentPhaseFOV": 100,
    "PixelBandwidth": 7812.5,
    "ProtocolName": "fMRI",
    "ReconMatrixPE": 64,
    "RepetitionTime": 2,
    "SAR": 0.225736,
    "ScanOptions": "EPI_GEMS",
    "ScanningSequence": "EP_GR",
    "SequenceVariant": "SS",
    "SeriesDescription": "fMRI",
    "SliceThickness": 4,
    "SoftwareVersions": "24_LX_MR_Software_release:HD16.0_V02_1131.a",
    "SpacingBetweenSlices": 4,
    "StationName": "MR03MR03",
    "TaskName": "flanker",
    "TotalReadoutTime": 0.038304,
    "modality": "bold",
    "run_id": "01",
    "session_id": "ExercisePost",
    "subject_id": "058",
    "task_id": "flanker"
  },
  "dummy_trs": 0,
  "dvars_nstd": 56.687066420718544,
  "dvars_std": 1.0703914861676644,
  "dvars_vstd": 1.1962954743712577,
  "efc": 0.4660227553812393,
  "fber": 13297.30859375,
  "fd_mean": 1.072986783306132,
  "fd_num": 92,
  "fd_perc": 54.76190476190476,
  "fwhm_avg": 3.0410986363636368,
  "fwhm_x": 2.955461818181818,
  "fwhm_y": 3.414109090909091,
  "fwhm_z": 2.753725,
  "gcor": 0.135443,
  "gsr_x": -0.005245695821940899,
  "gsr_y": 0.006660976447165012,
  "provenance": {
    "md5sum": "9a5efac484200e1053702db75f98ff54",
    "settings": {
      "fd_thres": 0.5,
      "hmc_fsl": false
    },
    "software": "mriqc",
    "version": "0.10.4"
  },
  "size_t": 168,
  "size_x": 64,
  "size_y": 64,
  "size_z": 30,
  "snr": 5.445082846903862,
  "spacing_tr": 2.0,
  "spacing_x": 3.4375,
  "spacing_y": 3.4375,
  "spacing_z": 4.0,
  "summary_bg_k": 82.81686332879146,
  "summary_bg_mad": 15.60262680053711,
  "summary_bg_mean": 59.591796875,
  "summary_bg_median": 35.583335876464844,
  "summary_bg_n": 70022.0,
  "summary_bg_p05": 3.4642858505249023,
  "summary_bg_p95": 165.69017791748047,
  "summary_bg_stdv": 96.60728454589844,
  "summary_fg_k": 3.340854484352586,
  "summary_fg_mad": 561.2706298828125,
  "summary_fg_mean": 4011.9638671875,
  "summary_fg_median": 4137.15478515625,
  "summary_fg_n": 25769.0,
  "summary_fg_p05": 2506.213134765625,
  "summary_fg_p95": 4953.25244140625,
  "summary_fg_stdv": 759.78173828125,
  "tsnr": 20.760547637939453
}