{
  "aor": 0.028915773809523808,
  "aqi": 0.028577198809523807,
  "bids_meta": {
    "AcquisitionMatrixPE": 64,
    "ConversionSoftware": "dcm2niix",
    "ConversionSoftwareVersion": "v1.0.20171017 (OpenJPEG build) GCC4.8.4",
    "DeviceSerialNumber": "0000000517353VH3",
    "EchoTime": 0.0279,
    "EffectiveEchoSpacing": 0.000608,
    "FlipAngle": 76,
    "ImageOrientationPatientDICOM": [
      1,
      0,
      0,
      0,
      1,
      0
    ],
    "ImageType": [
      "ORIGINAL",
      "PRIMARY",
      "EPI",
      "NONE"
    ],
    "InPlanePhaseEncodingDirectionDICOM": "COL",
    "InstitutionName": "Michigan_State_University",
    "MRAcquisitionType": "2D",
    "MagneticFieldStrength": 3,
    "Manufacturer": "GE",
    "ManufacturersModelName": "Signa_HDxt",
    "Modality": "MR",
    "PatientPosition": "HFS",
    "PercentPhaseFOV": 100,
    "PixelBandwidth": 7812.5,
    "ProtocolName": "fMRI",
    "ReconMatrixPE": 64,
    "RepetitionTime": 2,
    "SAR": 0.225736,
    "ScanOptions": "EPI_GEMS",
    "ScanningSequence": "EP_GR",
    "SequenceVariant": "SS",
    "SeriesDescription": "fMRI",
    "SliceThickness": 4,
    "SoftwareVersions": "24_LX_MR_Software_release:HD16.0_V02_1131.a",
    "SpacingBetweenSlices": 4,
    "StationName": "MR03MR03",
    "TaskName": "flanker",
    "TotalReadoutTime": 0.038304,
    "modality": "bold",
    "run_id": "01",
    "session_id": "ExercisePre",
    "subject_id": "018",
    "task_id": "flanker"
  },
  "dummy_trs": 0,
  "dvars_nstd": 46.28954567598802,
  "dvars_std": 1.243645777365269,
  "dvars_vstd": 1.1993721205988026,
  "efc": 0.45183307128211914,
  "fber": 13869.060546875,
  "fd_mean": 1.1373997063748251,
  "fd_num": 108,
  "fd_perc": 64.28571428571429,
  "fwhm_avg": 2.9798792121212117,
  "fwhm_x": 2.8104203636363634,
  "fwhm_y": 3.375767272727273,
  "fwhm_z": 2.75345,
  "gcor": 0.0781351,
  "gsr_x": -0.00783543474972248,
  "gsr_y": 0.010057012550532818,
  "provenance": {
    "md5sum": "055cddde5ec29957603c19c4698f66ca",
    "settings": {
      "fd_thres": 0.5,
      "hmc_fsl": false
    },
    "software": "mriqc",
    "version": "0.10.4"
  },
  "size_t": 168,
  "size_x": 64,
  "size_y": 64,
  "size_z": 30,
  "snr": 5.425087330546105,
  "spacing_tr": 2.0,
  "spacing_x": 3.4375,
  "spacing_y": 3.4375,
  "spacing_z": 4.0,
  "summary_bg_k": 90.31471760196901,
  "summary_bg_mad": 9.398637771606445,
  "summary_bg_mean": 40.52151107788086,
  "summary_bg_median": 23.821428298950195,
  "summary_bg_n": 71680.0,
  "summary_bg_p05": 1.3928571939468384,
  "summary_bg_p95": 112.80952453613281,
  "summary_bg_stdv": 70.46569061279297,
  "summary_fg_k": 4.001912971991949,
  "summary_fg_mad": 393.4368896484375,
  "summary_fg_mean": 2770.516845703125,
  "summary_fg_median": 2863.3095703125,
  "summary_fg_n": 24209.0,
  "summary_fg_p05": 1766.6285888671878,
  "summary_fg_p95": 3419.220263671875,
  "summary_fg_stdv": 527.7796020507812,
  "tsnr": 28.352569580078125
}