{
  "aor": 0.04258779761904762,
  "aqi": 0.03272402071428571,
  "bids_meta": {
    "AcquisitionMatrixPE": 64,
    "ConversionSoftware": "dcm2niix",
    "ConversionSoftwareVersion": "v1.0.20171017 (OpenJPEG build) GCC4.8.4",
    "DeviceSerialNumber": "0000000517353VH3",
    "EchoTime": 0.0279,
    "EffectiveEchoSpacing": 0.000608,
    "FlipAngle": 76,
    "ImageOrientationPatientDICOM": [
      1,
      0,
      0,
      0,
      1,
      0
    ],
    "ImageType": [
      "ORIGINAL",
      "PRIMARY",
      "EPI",
      "NONE"
    ],
    "InPlanePhaseEncodingDirectionDICOM": "COL",
    "InstitutionName": "Michigan_State_University",
    "MRAcquisitionType": "2D",
    "MagneticFieldStrength": 3,
    "Manufacturer": "GE",
    "ManufacturersModelName": "Signa_HDxt",
    "Modality": "MR",
    "PatientPosition": "HFS",
    "PercentPhaseFOV": 100,
    "PixelBandwidth": 7812.5,
    "ProtocolName": "fMRI",
    "ReconMatrixPE": 64,
    "RepetitionTime": 2,
    "SAR": 0.225736,
    "ScanOptions": "EPI_GEMS",
    "ScanningSequence": "EP_GR",
    "SequenceVariant": "SS",
    "SeriesDescription": "fMRI",
    "SliceThickness": 4,
    "SoftwareVersions": "24_LX_MR_Software_release:HD16.0_V02_1131.a",
    "SpacingBetweenSlices": 4,
    "StationName": "MR03MR03",
    "TaskName": "flanker",
    "TotalReadoutTime": 0.038304,
    "modality": "bold",
    "run_id": "01",
    "session_id": "ControlPre",
    "subject_id": "008",
    "task_id": "flanker"
  },
  "dummy_trs": 0,
  "dvars_nstd": 42.09239254437126,
  "dvars_std": 1.069946065389221,
  "dvars_vstd": 1.131782015988024,
  "efc": 0.47878542119322215,
  "fber": 11839.2099609375,
  "fd_mean": 1.3315998911437175,
  "fd_num": 61,
  "fd_perc": 36.30952380952381,
  "fwhm_avg": 2.9506633333333334,
  "fwhm_x": 2.872029090909091,
  "fwhm_y": 3.2374109090909093,
  "fwhm_z": 2.74255,
  "gcor": 0.101825,
  "gsr_x": -0.004719963297247887,
  "gsr_y": 0.011879234574735165,
  "provenance": {
    "md5sum": "9b0daad71da647fd9f70f547e0629854",
    "settings": {
      "fd_thres": 0.5,
      "hmc_fsl": false
    },
    "software": "mriqc",
    "version": "0.10.4"
  },
  "size_t": 168,
  "size_x": 64,
  "size_y": 64,
  "size_z": 30,
  "snr": 5.2350615482729,
  "spacing_tr": 2.0,
  "spacing_x": 3.4375,
  "spacing_y": 3.4375,
  "spacing_z": 4.0,
  "summary_bg_k": 81.39485365114302,
  "summary_bg_mad": 15.134896278381348,
  "summary_bg_mean": 62.677337646484375,
  "summary_bg_median": 33.10714340209961,
  "summary_bg_n": 68420.0,
  "summary_bg_p05": 3.392857313156128,
  "summary_bg_p95": 220.6845245361328,
  "summary_bg_stdv": 115.00505828857422,
  "summary_fg_k": 2.818369409742524,
  "summary_fg_mad": 569.173583984375,
  "summary_fg_mean": 3608.278564453125,
  "summary_fg_median": 3661.67578125,
  "summary_fg_n": 27118.0,
  "summary_fg_p05": 2367.3618896484377,
  "summary_fg_p95": 4604.261303710937,
  "summary_fg_stdv": 699.4393920898438,
  "tsnr": 23.89853858947754
}