{
  "aor": 0.040045476190476194,
  "aqi": 0.08956521130952382,
  "bids_meta": {
    "AcquisitionMatrixPE": 64,
    "ConversionSoftware": "dcm2niix",
    "ConversionSoftwareVersion": "v1.0.20171017 (OpenJPEG build) GCC4.8.4",
    "DeviceSerialNumber": "0000000517353VH3",
    "EchoTime": 0.0279,
    "EffectiveEchoSpacing": 0.000608,
    "FlipAngle": 76,
    "ImageOrientationPatientDICOM": [
      1,
      0,
      0,
      0,
      1,
      0
    ],
    "ImageType": [
      "ORIGINAL",
      "PRIMARY",
      "EPI",
      "NONE"
    ],
    "InPlanePhaseEncodingDirectionDICOM": "COL",
    "InstitutionName": "Michigan_State_University",
    "MRAcquisitionType": "2D",
    "MagneticFieldStrength": 3,
    "Manufacturer": "GE",
    "ManufacturersModelName": "Signa_HDxt",
    "Modality": "MR",
    "PatientPosition": "HFS",
    "PercentPhaseFOV": 100,
    "PixelBandwidth": 7812.5,
    "ProtocolName": "fMRI",
    "ReconMatrixPE": 64,
    "RepetitionTime": 2,
    "SAR": 0.225736,
    "ScanOptions": "EPI_GEMS",
    "ScanningSequence": "EP_GR",
    "SequenceVariant": "SS",
    "SeriesDescription": "fMRI",
    "SliceThickness": 4,
    "SoftwareVersions": "24_LX_MR_Software_release:HD16.0_V02_1131.a",
    "SpacingBetweenSlices": 4,
    "StationName": "MR03MR03",
    "TaskName": "flanker",
    "TotalReadoutTime": 0.038304,
    "modality": "bold",
    "run_id": "02",
    "session_id": "ControlPost",
    "subject_id": "010",
    "task_id": "flanker"
  },
  "dummy_trs": 0,
  "dvars_nstd": 99.07191322251491,
  "dvars_std": 1.2317293832934137,
  "dvars_vstd": 1.2484261301796409,
  "efc": 0.45285147435432965,
  "fber": 13068.8525390625,
  "fd_mean": 3.016115701630721,
  "fd_num": 148,
  "fd_perc": 88.0952380952381,
  "fwhm_avg": 3.155708484848485,
  "fwhm_x": 3.0644072727272724,
  "fwhm_y": 3.490618181818182,
  "fwhm_z": 2.9121,
  "gcor": 0.101849,
  "gsr_x": -0.008493130095303059,
  "gsr_y": 0.00706483842805028,
  "provenance": {
    "md5sum": "ec72f5a4a6169864aa577d9462328aaf",
    "settings": {
      "fd_thres": 0.5,
      "hmc_fsl": false
    },
    "software": "mriqc",
    "version": "0.10.4"
  },
  "size_t": 168,
  "size_x": 64,
  "size_y": 64,
  "size_z": 30,
  "snr": 5.131193576161523,
  "spacing_tr": 2.0,
  "spacing_x": 3.4375,
  "spacing_y": 3.4375,
  "spacing_z": 4.0,
  "summary_bg_k": 50.58127136739808,
  "summary_bg_mad": 17.49117660522461,
  "summary_bg_mean": 72.41511535644531,
  "summary_bg_median": 39.96428680419922,
  "summary_bg_n": 72159.0,
  "summary_bg_p05": 4.738095283508301,
  "summary_bg_p95": 247.1708389282223,
  "summary_bg_stdv": 114.56290435791016,
  "summary_fg_k": 2.8223571858014633,
  "summary_fg_mad": 630.2818603515625,
  "summary_fg_mean": 4464.6376953125,
  "summary_fg_median": 4609.1640625,
  "summary_fg_n": 24230.0,
  "summary_fg_p05": 2641.889868164062,
  "summary_fg_p95": 5634.5816650390625,
  "summary_fg_stdv": 898.2449951171875,
  "tsnr": 14.684389114379883
}