{
  "aor": 0.06389125748502994,
  "aqi": 0.03141753329341318,
  "bids_meta": {
    "AcquisitionMatrixPE": 64,
    "ConversionSoftware": "dcm2niix",
    "ConversionSoftwareVersion": "v1.0.20171017 (OpenJPEG build) GCC4.8.4",
    "DeviceSerialNumber": "0000000517353VH3",
    "EchoTime": 0.0279,
    "EffectiveEchoSpacing": 0.000608,
    "FlipAngle": 76,
    "ImageOrientationPatientDICOM": [
      1,
      0,
      0,
      0,
      1,
      0
    ],
    "ImageType": [
      "ORIGINAL",
      "PRIMARY",
      "EPI",
      "NONE"
    ],
    "InPlanePhaseEncodingDirectionDICOM": "COL",
    "InstitutionName": "Michigan_State_University",
    "MRAcquisitionType": "2D",
    "MagneticFieldStrength": 3,
    "Manufacturer": "GE",
    "ManufacturersModelName": "Signa_HDxt",
    "Modality": "MR",
    "PatientPosition": "HFS",
    "PercentPhaseFOV": 100,
    "PixelBandwidth": 7812.5,
    "ProtocolName": "fMRI",
    "ReconMatrixPE": 64,
    "RepetitionTime": 2,
    "SAR": 0.225736,
    "ScanOptions": "EPI_GEMS",
    "ScanningSequence": "EP_GR",
    "SequenceVariant": "SS",
    "SeriesDescription": "fMRI",
    "SliceThickness": 4,
    "SoftwareVersions": "24_LX_MR_Software_release:HD16.0_V02_1131.a",
    "SpacingBetweenSlices": 4,
    "StationName": "MR03MR03",
    "TaskName": "rest",
    "TotalReadoutTime": 0.038304,
    "modality": "bold",
    "session_id": "ControlPost",
    "subject_id": "010",
    "task_id": "rest"
  },
  "dummy_trs": 1,
  "dvars_nstd": 46.42973222524093,
  "dvars_std": 1.3706320596987955,
  "dvars_vstd": 1.4158480234939763,
  "efc": 0.45497706984223124,
  "fber": 13495.6611328125,
  "fd_mean": 1.224032292224945,
  "fd_num": 73,
  "fd_perc": 43.712574850299404,
  "fwhm_avg": 2.9250440606060604,
  "fwhm_x": 2.8907694545454548,
  "fwhm_y": 3.2111127272727273,
  "fwhm_z": 2.67325,
  "gcor": 0.132753,
  "gsr_x": -0.008660972118377686,
  "gsr_y": 0.009335914626717567,
  "provenance": {
    "md5sum": "c2a5d28d9c47cf1b3e3bd992b06f128f",
    "settings": {
      "fd_thres": 0.5,
      "hmc_fsl": false
    },
    "software": "mriqc",
    "version": "0.10.4"
  },
  "size_t": 167,
  "size_x": 64,
  "size_y": 64,
  "size_z": 30,
  "snr": 5.38752210603008,
  "spacing_tr": 2.0,
  "spacing_x": 3.4375,
  "spacing_y": 3.4375,
  "spacing_z": 4.0,
  "summary_bg_k": 63.94680897948365,
  "summary_bg_mad": 14.932558059692383,
  "summary_bg_mean": 70.52462768554688,
  "summary_bg_median": 39.25149917602539,
  "summary_bg_n": 71317.0,
  "summary_bg_p05": 1.9820359945297241,
  "summary_bg_p95": 221.61318664550777,
  "summary_bg_stdv": 120.75251007080078,
  "summary_fg_k": 3.0505760457875732,
  "summary_fg_mad": 615.4754028320312,
  "summary_fg_mean": 4522.1552734375,
  "summary_fg_median": 4632.80859375,
  "summary_fg_n": 24475.0,
  "summary_fg_p05": 2890.8994873046877,
  "summary_fg_p95": 5709.236865234374,
  "summary_fg_stdv": 859.89697265625,
  "tsnr": 24.710010528564453
}