{
  "aor": 0.015506666666666669,
  "aqi": 0.01918745410714286,
  "bids_meta": {
    "AcquisitionMatrixPE": 64,
    "ConversionSoftware": "dcm2niix",
    "ConversionSoftwareVersion": "v1.0.20171017 (OpenJPEG build) GCC4.8.4",
    "DeviceSerialNumber": "0000000517353VH3",
    "EchoTime": 0.0279,
    "EffectiveEchoSpacing": 0.000608,
    "FlipAngle": 76,
    "ImageOrientationPatientDICOM": [
      1,
      0,
      0,
      0,
      1,
      0
    ],
    "ImageType": [
      "ORIGINAL",
      "PRIMARY",
      "EPI",
      "NONE"
    ],
    "InPlanePhaseEncodingDirectionDICOM": "COL",
    "InstitutionName": "Michigan_State_University",
    "MRAcquisitionType": "2D",
    "MagneticFieldStrength": 3,
    "Manufacturer": "GE",
    "ManufacturersModelName": "Signa_HDxt",
    "Modality": "MR",
    "PatientPosition": "HFS",
    "PercentPhaseFOV": 100,
    "PixelBandwidth": 7812.5,
    "ProtocolName": "fMRI",
    "ReconMatrixPE": 64,
    "RepetitionTime": 2,
    "SAR": 0.225736,
    "ScanOptions": "EPI_GEMS",
    "ScanningSequence": "EP_GR",
    "SequenceVariant": "SS",
    "SeriesDescription": "fMRI",
    "SliceThickness": 4,
    "SoftwareVersions": "24_LX_MR_Software_release:HD16.0_V02_1131.a",
    "SpacingBetweenSlices": 4,
    "StationName": "MR03MR03",
    "TaskName": "rest",
    "TotalReadoutTime": 0.038304,
    "modality": "bold",
    "session_id": "ControlPost",
    "subject_id": "041",
    "task_id": "rest"
  },
  "dummy_trs": 0,
  "dvars_nstd": 26.20789628976047,
  "dvars_std": 0.9319122137724555,
  "dvars_vstd": 0.9313568575449108,
  "efc": 0.49877158148535383,
  "fber": 2399.864990234375,
  "fd_mean": 0.4422041706814716,
  "fd_num": 26,
  "fd_perc": 15.476190476190476,
  "fwhm_avg": 2.9817768484848486,
  "fwhm_x": 2.8262923636363637,
  "fwhm_y": 3.3293381818181818,
  "fwhm_z": 2.7897,
  "gcor": 0.042888,
  "gsr_x": -0.007905670441687107,
  "gsr_y": 0.012693135999143124,
  "provenance": {
    "md5sum": "13ae5b9368ba393eadc85abdf1aa6631",
    "settings": {
      "fd_thres": 0.5,
      "hmc_fsl": false
    },
    "software": "mriqc",
    "version": "0.10.4"
  },
  "size_t": 168,
  "size_x": 64,
  "size_y": 64,
  "size_z": 30,
  "snr": 5.037759389867345,
  "spacing_tr": 2.0,
  "spacing_x": 3.4375,
  "spacing_y": 3.4375,
  "spacing_z": 4.0,
  "summary_bg_k": 102.17860476367458,
  "summary_bg_mad": 11.366619110107422,
  "summary_bg_mean": 70.1175537109375,
  "summary_bg_median": 56.351192474365234,
  "summary_bg_n": 67227.0,
  "summary_bg_p05": 2.251785707473756,
  "summary_bg_p95": 167.40357513427728,
  "summary_bg_stdv": 82.3305435180664,
  "summary_fg_k": 2.5323658286368467,
  "summary_fg_mad": 450.4110107421875,
  "summary_fg_mean": 2778.082763671875,
  "summary_fg_median": 2856.699462890625,
  "summary_fg_n": 27852.0,
  "summary_fg_p05": 1678.3902526855468,
  "summary_fg_p95": 3524.4440307617188,
  "summary_fg_stdv": 567.04736328125,
  "tsnr": 36.12978744506836
}