{
  "aor": 0.022072083333333332,
  "aqi": 0.027224121071428575,
  "bids_meta": {
    "AcquisitionMatrixPE": 64,
    "ConversionSoftware": "dcm2niix",
    "ConversionSoftwareVersion": "v1.0.20171017 (OpenJPEG build) GCC4.8.4",
    "DeviceSerialNumber": "0000000517353VH3",
    "EchoTime": 0.0279,
    "EffectiveEchoSpacing": 0.000608,
    "FlipAngle": 76,
    "ImageOrientationPatientDICOM": [
      1,
      0,
      0,
      0,
      1,
      0
    ],
    "ImageType": [
      "ORIGINAL",
      "PRIMARY",
      "EPI",
      "NONE"
    ],
    "InPlanePhaseEncodingDirectionDICOM": "COL",
    "InstitutionName": "Michigan_State_University",
    "MRAcquisitionType": "2D",
    "MagneticFieldStrength": 3,
    "Manufacturer": "GE",
    "ManufacturersModelName": "Signa_HDxt",
    "Modality": "MR",
    "PatientPosition": "HFS",
    "PercentPhaseFOV": 100,
    "PixelBandwidth": 7812.5,
    "ProtocolName": "fMRI",
    "ReconMatrixPE": 64,
    "RepetitionTime": 2,
    "SAR": 0.225736,
    "ScanOptions": "EPI_GEMS",
    "ScanningSequence": "EP_GR",
    "SequenceVariant": "SS",
    "SeriesDescription": "fMRI",
    "SliceThickness": 4,
    "SoftwareVersions": "24_LX_MR_Software_release:HD16.0_V02_1131.a",
    "SpacingBetweenSlices": 4,
    "StationName": "MR03MR03",
    "TaskName": "flanker",
    "TotalReadoutTime": 0.038304,
    "modality": "bold",
    "run_id": "01",
    "session_id": "ControlPost",
    "subject_id": "058",
    "task_id": "flanker"
  },
  "dummy_trs": 0,
  "dvars_nstd": 43.16031644455088,
  "dvars_std": 1.134986567005988,
  "dvars_vstd": 1.0739859815568866,
  "efc": 0.4700320637412688,
  "fber": 12663.4345703125,
  "fd_mean": 0.8342360280781957,
  "fd_num": 95,
  "fd_perc": 56.54761904761905,
  "fwhm_avg": 2.9480881818181817,
  "fwhm_x": 2.831709090909091,
  "fwhm_y": 3.2395054545454545,
  "fwhm_z": 2.77305,
  "gcor": 0.144771,
  "gsr_x": -0.006332853343337774,
  "gsr_y": 0.007542005740106106,
  "provenance": {
    "md5sum": "008c1e416e12da8d0d6b11c6da549152",
    "settings": {
      "fd_thres": 0.5,
      "hmc_fsl": false
    },
    "software": "mriqc",
    "version": "0.10.4"
  },
  "size_t": 168,
  "size_x": 64,
  "size_y": 64,
  "size_z": 30,
  "snr": 5.620066443004042,
  "spacing_tr": 2.0,
  "spacing_x": 3.4375,
  "spacing_y": 3.4375,
  "spacing_z": 4.0,
  "summary_bg_k": 84.12380099220613,
  "summary_bg_mad": 18.444276809692383,
  "summary_bg_mean": 63.658226013183594,
  "summary_bg_median": 37.16666793823242,
  "summary_bg_n": 69790.0,
  "summary_bg_p05": 2.136904716491699,
  "summary_bg_p95": 179.1636894226076,
  "summary_bg_stdv": 106.09313201904297,
  "summary_fg_k": 3.5596478879531093,
  "summary_fg_mad": 555.68896484375,
  "summary_fg_mean": 4081.939453125,
  "summary_fg_median": 4201.9521484375,
  "summary_fg_n": 25872.0,
  "summary_fg_p05": 2664.4500488281255,
  "summary_fg_p95": 5017.646264648436,
  "summary_fg_stdv": 747.655029296875,
  "tsnr": 28.567977905273438
}