{
  "bids_meta": {
    "AcquisitionMatrixPE": 256,
    "ConversionSoftware": "dcm2niix",
    "ConversionSoftwareVersion": "v1.0.20171017 (OpenJPEG build) GCC4.8.4",
    "DeviceSerialNumber": "0000000517353VH3",
    "EchoTime": 0.003828,
    "FlipAngle": 8,
    "ImageOrientationPatientDICOM": [
      0,
      1,
      0,
      0,
      0,
      -1
    ],
    "ImageType": [
      "ORIGINAL",
      "PRIMARY",
      "OTHER"
    ],
    "InPlanePhaseEncodingDirectionDICOM": "ROW",
    "InstitutionName": "Michigan_State_University",
    "InversionTime": 0.04,
    "MRAcquisitionType": "3D",
    "MagneticFieldStrength": 3,
    "Manufacturer": "GE",
    "ManufacturersModelName": "Signa_HDxt",
    "Modality": "MR",
    "PatientPosition": "HFS",
    "PercentPhaseFOV": 100,
    "PixelBandwidth": 162.734,
    "ProtocolName": "mprage_1mm_iso_20.83_bw",
    "ReconMatrixPE": 256,
    "RepetitionTime": 0.008596,
    "SAR": 0.306132,
    "ScanOptions": "NONE",
    "ScanningSequence": "RM",
    "SequenceVariant": "NONE",
    "SeriesDescription": "mprage_1mm_iso_20.83_bw",
    "SliceThickness": 1,
    "SoftwareVersions": "24_LX_MR_Software_release:HD16.0_V02_1131.a",
    "SpacingBetweenSlices": 1,
    "StationName": "MR03MR03",
    "modality": "T1w",
    "session_id": "ControlPre",
    "subject_id": "020"
  },
  "cjv": 0.24972415046729027,
  "cnr": 4.995332472478641,
  "efc": 0.5677361144951352,
  "fber": 105.6996841430664,
  "fwhm_avg": 3.69961,
  "fwhm_x": 3.54661,
  "fwhm_y": 3.93786,
  "fwhm_z": 3.61436,
  "icvs_csf": 0.15913476829332704,
  "icvs_gm": 0.5134462169510722,
  "icvs_wm": 0.3274190147556008,
  "inu_med": 1.092482566833496,
  "inu_range": 0.3259128987789155,
  "provenance": {
    "md5sum": "c24b53095c60bf484d4db17b175c026f",
    "settings": {
      "testing": false
    },
    "software": "mriqc",
    "version": "0.10.4",
    "warnings": {
      "large_rot_frame": true,
      "small_air_mask": false
    }
  },
  "qi_1": 0.0,
  "qi_2": 0.000664616122816759,
  "rpve_csf": 33.83828015202629,
  "rpve_gm": 12.63328756991934,
  "rpve_wm": 20.860744915287423,
  "size_x": 180,
  "size_y": 256,
  "size_z": 256,
  "snr_csf": 2.036789829884126,
  "snr_gm": 10.98047721776065,
  "snr_total": 9.748623196090946,
  "snr_wm": 16.228602540628064,
  "snrd_csf": 12.713122985590102,
  "snrd_gm": 28.790904278370643,
  "snrd_total": 30.186048127108283,
  "snrd_wm": 49.05411711736411,
  "spacing_x": 1.0,
  "spacing_y": 1.0,
  "spacing_z": 1.0,
  "summary_bg_k": 0.6777492595987575,
  "summary_bg_mad": 13.355525970458984,
  "summary_bg_mean": 50.75455093383789,
  "summary_bg_median": 49.82073211669922,
  "summary_bg_n": 3063004.0,
  "summary_bg_p05": 30.72521238327026,
  "summary_bg_p95": 74.2076587677002,
  "summary_bg_stdv": 13.571340560913086,
  "summary_csf_k": 0.05535881155114408,
  "summary_csf_mad": 146.01426696777344,
  "summary_csf_mean": 277.17547607421875,
  "summary_csf_median": 259.1680908203125,
  "summary_csf_n": 9087.0,
  "summary_csf_p05": 106.7512435913086,
  "summary_csf_p95": 493.797619628906,
  "summary_csf_stdv": 127.23641204833984,
  "summary_gm_k": 0.3324827085060762,
  "summary_gm_mad": 51.15375900268555,
  "summary_gm_mean": 588.77880859375,
  "summary_gm_median": 586.9276733398438,
  "summary_gm_n": 55555.0,
  "summary_gm_p05": 503.5295989990234,
  "summary_gm_p95": 679.2027770996094,
  "summary_gm_stdv": 53.451446533203125,
  "summary_wm_k": 0.5951047237539102,
  "summary_wm_mad": 52.00310516357422,
  "summary_wm_mean": 990.2911987304688,
  "summary_wm_median": 1000.0109252929688,
  "summary_wm_n": 155478.0,
  "summary_wm_p05": 869.1825225830078,
  "summary_wm_p95": 1076.2530151367187,
  "summary_wm_stdv": 61.62007522583008,
  "tpm_overlap_csf": 0.21521104872226715,
  "tpm_overlap_gm": 0.5511982440948486,
  "tpm_overlap_wm": 0.5416935086250305,
  "wm2max": 0.6261076928400167
}