{
  "aor": 0.007557738095238096,
  "aqi": 0.004544257976190476,
  "bids_meta": {
    "AcquisitionMatrixPE": 64,
    "ConversionSoftware": "dcm2niix",
    "ConversionSoftwareVersion": "v1.0.20171017 (OpenJPEG build) GCC4.8.4",
    "DeviceSerialNumber": "0000000517353VH3",
    "EchoTime": 0.0279,
    "EffectiveEchoSpacing": 0.000608,
    "FlipAngle": 76,
    "ImageOrientationPatientDICOM": [
      1,
      0,
      0,
      0,
      1,
      0
    ],
    "ImageType": [
      "ORIGINAL",
      "PRIMARY",
      "EPI",
      "NONE"
    ],
    "InPlanePhaseEncodingDirectionDICOM": "COL",
    "InstitutionName": "Michigan_State_University",
    "MRAcquisitionType": "2D",
    "MagneticFieldStrength": 3,
    "Manufacturer": "GE",
    "ManufacturersModelName": "Signa_HDxt",
    "Modality": "MR",
    "PatientPosition": "HFS",
    "PercentPhaseFOV": 100,
    "PixelBandwidth": 7812.5,
    "ProtocolName": "fMRI",
    "ReconMatrixPE": 64,
    "RepetitionTime": 2,
    "SAR": 0.225736,
    "ScanOptions": "EPI_GEMS",
    "ScanningSequence": "EP_GR",
    "SequenceVariant": "SS",
    "SeriesDescription": "fMRI",
    "SliceThickness": 4,
    "SoftwareVersions": "24_LX_MR_Software_release:HD16.0_V02_1131.a",
    "SpacingBetweenSlices": 4,
    "StationName": "MR03MR03",
    "TaskName": "rest",
    "TotalReadoutTime": 0.038304,
    "modality": "bold",
    "session_id": "ExercisePost",
    "subject_id": "028",
    "task_id": "rest"
  },
  "dummy_trs": 0,
  "dvars_nstd": 15.831607720958086,
  "dvars_std": 1.1681913505389223,
  "dvars_vstd": 1.0272148837125752,
  "efc": 0.4224306049928364,
  "fber": 10338.0126953125,
  "fd_mean": 0.14780508054488473,
  "fd_num": 4,
  "fd_perc": 2.380952380952381,
  "fwhm_avg": 3.0900683333333334,
  "fwhm_x": 3.0974254545454545,
  "fwhm_y": 3.4270545454545456,
  "fwhm_z": 2.745725,
  "gcor": 0.0680864,
  "gsr_x": -0.00539798429235816,
  "gsr_y": 0.0033828788436949253,
  "provenance": {
    "md5sum": "9618a59f537710cfc02846b296b53680",
    "settings": {
      "fd_thres": 0.5,
      "hmc_fsl": false
    },
    "software": "mriqc",
    "version": "0.10.4"
  },
  "size_t": 168,
  "size_x": 64,
  "size_y": 64,
  "size_z": 30,
  "snr": 4.629646200056586,
  "spacing_tr": 2.0,
  "spacing_x": 3.4375,
  "spacing_y": 3.4375,
  "spacing_z": 4.0,
  "summary_bg_k": 75.60596093165415,
  "summary_bg_mad": 10.837114334106445,
  "summary_bg_mean": 57.56517791748047,
  "summary_bg_median": 27.946428298950195,
  "summary_bg_n": 76638.0,
  "summary_bg_p05": 0.4285714328289032,
  "summary_bg_p95": 185.10238876342746,
  "summary_bg_stdv": 123.98125457763672,
  "summary_fg_k": 2.26413181238972,
  "summary_fg_mad": 450.1902160644531,
  "summary_fg_mean": 2796.529541015625,
  "summary_fg_median": 2917.267822265625,
  "summary_fg_n": 19969.0,
  "summary_fg_p05": 1441.090478515625,
  "summary_fg_p95": 3564.03349609375,
  "summary_fg_stdv": 630.11181640625,
  "tsnr": 70.76820373535156
}