{
  "bids_meta": {
    "AcquisitionMatrixPE": 256,
    "ConversionSoftware": "dcm2niix",
    "ConversionSoftwareVersion": "v1.0.20171017 (OpenJPEG build) GCC4.8.4",
    "DeviceSerialNumber": "0000000517353VH3",
    "EchoTime": 0.003828,
    "FlipAngle": 8,
    "ImageOrientationPatientDICOM": [
      0,
      1,
      0,
      0,
      0,
      -1
    ],
    "ImageType": [
      "ORIGINAL",
      "PRIMARY",
      "OTHER"
    ],
    "InPlanePhaseEncodingDirectionDICOM": "ROW",
    "InstitutionName": "Michigan_State_University",
    "InversionTime": 0.04,
    "MRAcquisitionType": "3D",
    "MagneticFieldStrength": 3,
    "Manufacturer": "GE",
    "ManufacturersModelName": "Signa_HDxt",
    "Modality": "MR",
    "PatientPosition": "HFS",
    "PercentPhaseFOV": 100,
    "PixelBandwidth": 162.734,
    "ProtocolName": "mprage_1mm_iso_20.83_bw",
    "ReconMatrixPE": 256,
    "RepetitionTime": 0.008596,
    "SAR": 0.306132,
    "ScanOptions": "NONE",
    "ScanningSequence": "RM",
    "SequenceVariant": "NONE",
    "SeriesDescription": "mprage_1mm_iso_20.83_bw",
    "SliceThickness": 1,
    "SoftwareVersions": "24_LX_MR_Software_release:HD16.0_V02_1131.a",
    "SpacingBetweenSlices": 1,
    "StationName": "MR03MR03",
    "modality": "T1w",
    "session_id": "ExercisePre",
    "subject_id": "025"
  },
  "cjv": 0.3002607098263379,
  "cnr": 4.24350230777127,
  "efc": 0.611961906310506,
  "fber": 78.53665161132812,
  "fwhm_avg": 4.146066666666667,
  "fwhm_x": 3.90371,
  "fwhm_y": 4.39761,
  "fwhm_z": 4.13688,
  "icvs_csf": 0.20536384961407023,
  "icvs_gm": 0.461455374698419,
  "icvs_wm": 0.33318077568751076,
  "inu_med": 1.0123718976974487,
  "inu_range": 0.32248190641403185,
  "provenance": {
    "md5sum": "0c1ca6640d792e8eb2d68d11c878fc16",
    "settings": {
      "testing": false
    },
    "software": "mriqc",
    "version": "0.10.4",
    "warnings": {
      "large_rot_frame": true,
      "small_air_mask": false
    }
  },
  "qi_1": 0.0,
  "qi_2": 0.0008942998312311452,
  "rpve_csf": 21.631700025560953,
  "rpve_gm": 10.645753975292214,
  "rpve_wm": 16.82102509182126,
  "size_x": 180,
  "size_y": 256,
  "size_z": 256,
  "snr_csf": 2.6319340760429273,
  "snr_gm": 10.614555203544892,
  "snr_total": 10.140542546448044,
  "snr_wm": 17.17513835975631,
  "snrd_csf": 11.13277027483673,
  "snrd_gm": 23.657063155692867,
  "snrd_total": 24.02550110577927,
  "snrd_wm": 37.28666988680821,
  "spacing_x": 1.0,
  "spacing_y": 1.0,
  "spacing_z": 1.0,
  "summary_bg_k": 3.0037202677095323,
  "summary_bg_mad": 17.570404052734375,
  "summary_bg_mean": 58.76471710205078,
  "summary_bg_median": 54.81216049194336,
  "summary_bg_n": 2535516.0,
  "summary_bg_p05": 32.52068901062012,
  "summary_bg_p95": 99.92409706115723,
  "summary_bg_stdv": 21.38701629638672,
  "summary_csf_k": -0.018471608850016086,
  "summary_csf_mad": 122.18669891357422,
  "summary_csf_mean": 307.7210388183594,
  "summary_csf_median": 298.57489013671875,
  "summary_csf_n": 20916.0,
  "summary_csf_p05": 138.71043395996094,
  "summary_csf_p95": 499.4286804199219,
  "summary_csf_stdv": 113.44043731689453,
  "summary_gm_k": 0.2024143651111867,
  "summary_gm_mad": 58.215213775634766,
  "summary_gm_mean": 636.7765502929688,
  "summary_gm_median": 634.4696655273438,
  "summary_gm_n": 43293.0,
  "summary_gm_p05": 541.99345703125,
  "summary_gm_p95": 739.4398681640625,
  "summary_gm_stdv": 59.77286148071289,
  "summary_wm_k": 0.9729014669592231,
  "summary_wm_mad": 51.54169464111328,
  "summary_wm_mean": 999.252685546875,
  "summary_wm_median": 1000.0083618164062,
  "summary_wm_n": 202632.0,
  "summary_wm_p05": 899.7598083496093,
  "summary_wm_p95": 1092.2673828125,
  "summary_wm_stdv": 58.224037170410156,
  "tpm_overlap_csf": 0.2121449112892151,
  "tpm_overlap_gm": 0.5294151306152344,
  "tpm_overlap_wm": 0.5407320857048035,
  "wm2max": 0.5948702410216332
}