{
  "bids_meta": {
    "AcquisitionMatrixPE": 256,
    "ConversionSoftware": "dcm2niix",
    "ConversionSoftwareVersion": "v1.0.20171017 (OpenJPEG build) GCC4.8.4",
    "DeviceSerialNumber": "0000000517353VH3",
    "EchoTime": 0.003828,
    "FlipAngle": 8,
    "ImageOrientationPatientDICOM": [
      0,
      1,
      0,
      0,
      0,
      -1
    ],
    "ImageType": [
      "ORIGINAL",
      "PRIMARY",
      "OTHER"
    ],
    "InPlanePhaseEncodingDirectionDICOM": "ROW",
    "InstitutionName": "Michigan_State_University",
    "InversionTime": 0.04,
    "MRAcquisitionType": "3D",
    "MagneticFieldStrength": 3,
    "Manufacturer": "GE",
    "ManufacturersModelName": "Signa_HDxt",
    "Modality": "MR",
    "PatientPosition": "HFS",
    "PercentPhaseFOV": 100,
    "PixelBandwidth": 162.734,
    "ProtocolName": "mprage_1mm_iso_20.83_bw",
    "ReconMatrixPE": 256,
    "RepetitionTime": 0.008596,
    "SAR": 0.306132,
    "ScanOptions": "NONE",
    "ScanningSequence": "RM",
    "SequenceVariant": "NONE",
    "SeriesDescription": "mprage_1mm_iso_20.83_bw",
    "SliceThickness": 1,
    "SoftwareVersions": "24_LX_MR_Software_release:HD16.0_V02_1131.a",
    "SpacingBetweenSlices": 1,
    "StationName": "MR03MR03",
    "modality": "T1w",
    "session_id": "ExercisePre",
    "subject_id": "020"
  },
  "cjv": 0.2538738412334193,
  "cnr": 5.021967969709653,
  "efc": 0.5713787310774954,
  "fber": 99.83003234863281,
  "fwhm_avg": 3.667683333333333,
  "fwhm_x": 3.60272,
  "fwhm_y": 3.8528,
  "fwhm_z": 3.54753,
  "icvs_csf": 0.15945845176986767,
  "icvs_gm": 0.5116810152157788,
  "icvs_wm": 0.3288605330143535,
  "inu_med": 1.1044912338256836,
  "inu_range": 0.34009801745414725,
  "provenance": {
    "md5sum": "599b971e84f110b9f849a05a879a322d",
    "settings": {
      "testing": false
    },
    "software": "mriqc",
    "version": "0.10.4",
    "warnings": {
      "large_rot_frame": true,
      "small_air_mask": false
    }
  },
  "qi_1": 0.0,
  "qi_2": 0.0006213054873516128,
  "rpve_csf": 34.39913274107803,
  "rpve_gm": 12.938781017917453,
  "rpve_wm": 21.41644679622578,
  "size_x": 180,
  "size_y": 256,
  "size_z": 256,
  "snr_csf": 2.0856520425772396,
  "snr_gm": 10.678088370960129,
  "snr_total": 10.352172184574313,
  "snr_wm": 18.292776140185566,
  "snrd_csf": 12.73418929952114,
  "snrd_gm": 29.8865217183013,
  "snrd_total": 30.800249639885383,
  "snrd_wm": 49.78003790183371,
  "spacing_x": 1.0,
  "spacing_y": 1.0,
  "spacing_z": 1.0,
  "summary_bg_k": 0.6631698193831022,
  "summary_bg_mad": 13.160776138305664,
  "summary_bg_mean": 50.68353271484375,
  "summary_bg_median": 49.81511688232422,
  "summary_bg_n": 2600496.0,
  "summary_bg_p05": 30.59009885787964,
  "summary_bg_p95": 74.0329532623291,
  "summary_bg_stdv": 13.520787239074707,
  "summary_csf_k": 4.407007400418474,
  "summary_csf_mad": 132.6105499267578,
  "summary_csf_mean": 275.61431884765625,
  "summary_csf_median": 255.81210327148438,
  "summary_csf_n": 8045.0,
  "summary_csf_p05": 108.85134735107422,
  "summary_csf_p95": 478.52994384765617,
  "summary_csf_stdv": 122.64567565917969,
  "summary_gm_k": 0.42172640851930643,
  "summary_gm_mad": 53.31341552734375,
  "summary_gm_mean": 602.5692138671875,
  "summary_gm_median": 600.3785400390625,
  "summary_gm_n": 50279.0,
  "summary_gm_p05": 514.3632690429688,
  "summary_gm_p95": 698.9183898925781,
  "summary_gm_stdv": 56.22472381591797,
  "summary_wm_k": 0.8852708836471943,
  "summary_wm_mad": 48.142948150634766,
  "summary_wm_mean": 994.5484008789062,
  "summary_wm_median": 1000.0115356445312,
  "summary_wm_n": 149419.0,
  "summary_wm_p05": 892.7666015625,
  "summary_wm_p95": 1074.5420043945312,
  "summary_wm_stdv": 54.66683578491211,
  "tpm_overlap_csf": 0.21720130741596222,
  "tpm_overlap_gm": 0.5525786876678467,
  "tpm_overlap_wm": 0.5414729714393616,
  "wm2max": 0.6161788136626166
}