{
  "aor": 0.007924940476190476,
  "aqi": 0.004442798392857143,
  "bids_meta": {
    "AcquisitionMatrixPE": 64,
    "ConversionSoftware": "dcm2niix",
    "ConversionSoftwareVersion": "v1.0.20171017 (OpenJPEG build) GCC4.8.4",
    "DeviceSerialNumber": "0000000517353VH3",
    "EchoTime": 0.0279,
    "EffectiveEchoSpacing": 0.000608,
    "FlipAngle": 76,
    "ImageOrientationPatientDICOM": [
      1,
      0,
      0,
      0,
      1,
      0
    ],
    "ImageType": [
      "ORIGINAL",
      "PRIMARY",
      "EPI",
      "NONE"
    ],
    "InPlanePhaseEncodingDirectionDICOM": "COL",
    "InstitutionName": "Michigan_State_University",
    "MRAcquisitionType": "2D",
    "MagneticFieldStrength": 3,
    "Manufacturer": "GE",
    "ManufacturersModelName": "Signa_HDxt",
    "Modality": "MR",
    "PatientPosition": "HFS",
    "PercentPhaseFOV": 100,
    "PixelBandwidth": 7812.5,
    "ProtocolName": "fMRI",
    "ReconMatrixPE": 64,
    "RepetitionTime": 2,
    "SAR": 0.225736,
    "ScanOptions": "EPI_GEMS",
    "ScanningSequence": "EP_GR",
    "SequenceVariant": "SS",
    "SeriesDescription": "fMRI",
    "SliceThickness": 4,
    "SoftwareVersions": "24_LX_MR_Software_release:HD16.0_V02_1131.a",
    "SpacingBetweenSlices": 4,
    "StationName": "MR03MR03",
    "TaskName": "flanker",
    "TotalReadoutTime": 0.038304,
    "modality": "bold",
    "run_id": "01",
    "session_id": "ExercisePre",
    "subject_id": "030",
    "task_id": "flanker"
  },
  "dummy_trs": 0,
  "dvars_nstd": 14.48033870161676,
  "dvars_std": 1.1953947596407186,
  "dvars_vstd": 1.0314468998802397,
  "efc": 0.4780959963076492,
  "fber": 11353.13671875,
  "fd_mean": 0.12609514012834003,
  "fd_num": 5,
  "fd_perc": 2.9761904761904763,
  "fwhm_avg": 2.9128221212121215,
  "fwhm_x": 2.8609163636363637,
  "fwhm_y": 3.1552000000000002,
  "fwhm_z": 2.72235,
  "gcor": 0.0382898,
  "gsr_x": -0.007373007945716381,
  "gsr_y": 0.00901998020708561,
  "provenance": {
    "md5sum": "99032cb4428769ab462d9c15628b3b3a",
    "settings": {
      "fd_thres": 0.5,
      "hmc_fsl": false
    },
    "software": "mriqc",
    "version": "0.10.4"
  },
  "size_t": 168,
  "size_x": 64,
  "size_y": 64,
  "size_z": 30,
  "snr": 5.193319618786481,
  "spacing_tr": 2.0,
  "spacing_x": 3.4375,
  "spacing_y": 3.4375,
  "spacing_z": 4.0,
  "summary_bg_k": 76.5413599180712,
  "summary_bg_mad": 12.540345191955566,
  "summary_bg_mean": 50.166893005371094,
  "summary_bg_median": 27.779762268066406,
  "summary_bg_n": 67984.0,
  "summary_bg_p05": 0.0714285746216774,
  "summary_bg_p95": 144.65030441284176,
  "summary_bg_stdv": 87.01959991455078,
  "summary_fg_k": 2.8678963776721655,
  "summary_fg_mad": 451.8139953613281,
  "summary_fg_mean": 2955.94189453125,
  "summary_fg_median": 3027.285888671875,
  "summary_fg_n": 26871.0,
  "summary_fg_p05": 1817.3690795898438,
  "summary_fg_p95": 3727.4852294921875,
  "summary_fg_stdv": 582.9083862304688,
  "tsnr": 80.27996826171875
}