{
  "bids_meta": {
    "AcquisitionMatrixPE": 256,
    "ConversionSoftware": "dcm2niix",
    "ConversionSoftwareVersion": "v1.0.20171017 (OpenJPEG build) GCC4.8.4",
    "DeviceSerialNumber": "0000000517353VH3",
    "EchoTime": 0.003828,
    "FlipAngle": 8,
    "ImageOrientationPatientDICOM": [
      0,
      1,
      0,
      0,
      0,
      -1
    ],
    "ImageType": [
      "ORIGINAL",
      "PRIMARY",
      "OTHER"
    ],
    "InPlanePhaseEncodingDirectionDICOM": "ROW",
    "InstitutionName": "Michigan_State_University",
    "InversionTime": 0.04,
    "MRAcquisitionType": "3D",
    "MagneticFieldStrength": 3,
    "Manufacturer": "GE",
    "ManufacturersModelName": "Signa_HDxt",
    "Modality": "MR",
    "PatientPosition": "HFS",
    "PercentPhaseFOV": 100,
    "PixelBandwidth": 162.734,
    "ProtocolName": "mprage_1mm_iso_20.83_bw",
    "ReconMatrixPE": 256,
    "RepetitionTime": 0.008596,
    "SAR": 0.306132,
    "ScanOptions": "NONE",
    "ScanningSequence": "RM",
    "SequenceVariant": "NONE",
    "SeriesDescription": "mprage_1mm_iso_20.83_bw",
    "SliceThickness": 1,
    "SoftwareVersions": "24_LX_MR_Software_release:HD16.0_V02_1131.a",
    "SpacingBetweenSlices": 1,
    "StationName": "MR03MR03",
    "modality": "T1w",
    "session_id": "ExercisePre",
    "subject_id": "041"
  },
  "cjv": 0.27132181178162423,
  "cnr": 4.77989330384017,
  "efc": 0.5739953856743463,
  "fber": 129.99981689453125,
  "fwhm_avg": 3.723986666666667,
  "fwhm_x": 3.63398,
  "fwhm_y": 3.92457,
  "fwhm_z": 3.61341,
  "icvs_csf": 0.18796183498441457,
  "icvs_gm": 0.4673531884378434,
  "icvs_wm": 0.344684976577742,
  "inu_med": 0.9147466421127319,
  "inu_range": 0.2845170378684996,
  "provenance": {
    "md5sum": "b11144844c7b38a40eb8496dc97f801d",
    "settings": {
      "testing": false
    },
    "software": "mriqc",
    "version": "0.10.4",
    "warnings": {
      "large_rot_frame": true,
      "small_air_mask": false
    }
  },
  "qi_1": 0.0,
  "qi_2": 0.0007877600368377227,
  "rpve_csf": 25.142844854652036,
  "rpve_gm": 11.637722483415534,
  "rpve_wm": 18.327238398558364,
  "size_x": 180,
  "size_y": 256,
  "size_z": 256,
  "snr_csf": 2.1345195596067423,
  "snr_gm": 10.285268490182823,
  "snr_total": 11.677758716997483,
  "snr_wm": 22.613488101202886,
  "snrd_csf": 16.175170133483974,
  "snrd_gm": 35.97862910513428,
  "snrd_total": 36.324301305360315,
  "snrd_wm": 56.81910467746271,
  "spacing_x": 1.0,
  "spacing_y": 1.0,
  "spacing_z": 1.0,
  "summary_bg_k": 0.7394786931526522,
  "summary_bg_mad": 11.530305862426758,
  "summary_bg_mean": 45.88459777832031,
  "summary_bg_median": 45.144527435302734,
  "summary_bg_n": 2810777.0,
  "summary_bg_p05": 28.069744873046872,
  "summary_bg_p95": 66.47606506347654,
  "summary_bg_stdv": 11.941722869873047,
  "summary_csf_k": 23.497630569636417,
  "summary_csf_mad": 126.74594116210938,
  "summary_csf_mean": 305.9510192871094,
  "summary_csf_median": 284.6806640625,
  "summary_csf_n": 10984.0,
  "summary_csf_p05": 145.6942512512207,
  "summary_csf_p95": 501.9774154663087,
  "summary_csf_stdv": 133.36383056640625,
  "summary_gm_k": 0.15048489025348433,
  "summary_gm_mad": 59.81165313720703,
  "summary_gm_mean": 633.3875122070312,
  "summary_gm_median": 633.2186889648438,
  "summary_gm_n": 45409.0,
  "summary_gm_p05": 531.768408203125,
  "summary_gm_p95": 735.4942993164062,
  "summary_gm_stdv": 61.564918518066406,
  "summary_wm_k": 1.0190639694821213,
  "summary_wm_mad": 39.706302642822266,
  "summary_wm_mean": 996.9736938476562,
  "summary_wm_median": 1000.008056640625,
  "summary_wm_n": 187663.0,
  "summary_wm_p05": 918.1552307128907,
  "summary_wm_p95": 1063.3022338867188,
  "summary_wm_stdv": 44.22163391113281,
  "tpm_overlap_csf": 0.2202862650156021,
  "tpm_overlap_gm": 0.539592444896698,
  "tpm_overlap_wm": 0.5523368120193481,
  "wm2max": 0.6533126562771467
}