{
  "aor": 0.03425880952380952,
  "aqi": 0.02110495375,
  "bids_meta": {
    "AcquisitionMatrixPE": 64,
    "ConversionSoftware": "dcm2niix",
    "ConversionSoftwareVersion": "v1.0.20171017 (OpenJPEG build) GCC4.8.4",
    "DeviceSerialNumber": "0000000517353VH3",
    "EchoTime": 0.0279,
    "EffectiveEchoSpacing": 0.000608,
    "FlipAngle": 76,
    "ImageOrientationPatientDICOM": [
      1,
      0,
      0,
      0,
      1,
      0
    ],
    "ImageType": [
      "ORIGINAL",
      "PRIMARY",
      "EPI",
      "NONE"
    ],
    "InPlanePhaseEncodingDirectionDICOM": "COL",
    "InstitutionName": "Michigan_State_University",
    "MRAcquisitionType": "2D",
    "MagneticFieldStrength": 3,
    "Manufacturer": "GE",
    "ManufacturersModelName": "Signa_HDxt",
    "Modality": "MR",
    "PatientPosition": "HFS",
    "PercentPhaseFOV": 100,
    "PixelBandwidth": 7812.5,
    "ProtocolName": "fMRI",
    "ReconMatrixPE": 64,
    "RepetitionTime": 2,
    "SAR": 0.225736,
    "ScanOptions": "EPI_GEMS",
    "ScanningSequence": "EP_GR",
    "SequenceVariant": "SS",
    "SeriesDescription": "fMRI",
    "SliceThickness": 4,
    "SoftwareVersions": "24_LX_MR_Software_release:HD16.0_V02_1131.a",
    "SpacingBetweenSlices": 4,
    "StationName": "MR03MR03",
    "TaskName": "flanker",
    "TotalReadoutTime": 0.038304,
    "modality": "bold",
    "run_id": "02",
    "session_id": "ControlPost",
    "subject_id": "038",
    "task_id": "flanker"
  },
  "dummy_trs": 0,
  "dvars_nstd": 32.06759714371257,
  "dvars_std": 1.0680272511976043,
  "dvars_vstd": 1.171134558502994,
  "efc": 0.4783500027695206,
  "fber": 11650.302734375,
  "fd_mean": 0.6600545299677982,
  "fd_num": 57,
  "fd_perc": 33.92857142857143,
  "fwhm_avg": 2.9676686363636366,
  "fwhm_x": 2.8510545454545455,
  "fwhm_y": 3.305076363636364,
  "fwhm_z": 2.746875,
  "gcor": 0.13776,
  "gsr_x": -0.009533966891467571,
  "gsr_y": 0.008981115184724331,
  "provenance": {
    "md5sum": "76497ebb980e8040c222554e3762a502",
    "settings": {
      "fd_thres": 0.5,
      "hmc_fsl": false
    },
    "software": "mriqc",
    "version": "0.10.4"
  },
  "size_t": 168,
  "size_x": 64,
  "size_y": 64,
  "size_z": 30,
  "snr": 5.619939965247824,
  "spacing_tr": 2.0,
  "spacing_x": 3.4375,
  "spacing_y": 3.4375,
  "spacing_z": 4.0,
  "summary_bg_k": 64.97402757060291,
  "summary_bg_mad": 11.534293174743652,
  "summary_bg_mean": 56.20584487915039,
  "summary_bg_median": 27.60714340209961,
  "summary_bg_n": 69215.0,
  "summary_bg_p05": 0.9702380895614624,
  "summary_bg_p95": 205.4577423095707,
  "summary_bg_stdv": 106.43524169921875,
  "summary_fg_k": 2.8990317925620674,
  "summary_fg_mad": 428.2780456542969,
  "summary_fg_mean": 2961.909423828125,
  "summary_fg_median": 3034.9404296875,
  "summary_fg_n": 26505.0,
  "summary_fg_p05": 1943.9143310546874,
  "summary_fg_p95": 3676.2287109374997,
  "summary_fg_stdv": 540.0205688476562,
  "tsnr": 31.72965431213379
}