{
  "aor": 0.02332107142857143,
  "aqi": 0.020302600595238095,
  "bids_meta": {
    "AcquisitionMatrixPE": 64,
    "ConversionSoftware": "dcm2niix",
    "ConversionSoftwareVersion": "v1.0.20171017 (OpenJPEG build) GCC4.8.4",
    "DeviceSerialNumber": "0000000517353VH3",
    "EchoTime": 0.0279,
    "EffectiveEchoSpacing": 0.000608,
    "FlipAngle": 76,
    "ImageOrientationPatientDICOM": [
      1,
      0,
      0,
      0,
      1,
      0
    ],
    "ImageType": [
      "ORIGINAL",
      "PRIMARY",
      "EPI",
      "NONE"
    ],
    "InPlanePhaseEncodingDirectionDICOM": "COL",
    "InstitutionName": "Michigan_State_University",
    "MRAcquisitionType": "2D",
    "MagneticFieldStrength": 3,
    "Manufacturer": "GE",
    "ManufacturersModelName": "Signa_HDxt",
    "Modality": "MR",
    "PatientPosition": "HFS",
    "PercentPhaseFOV": 100,
    "PixelBandwidth": 7812.5,
    "ProtocolName": "fMRI",
    "ReconMatrixPE": 64,
    "RepetitionTime": 2,
    "SAR": 0.225736,
    "ScanOptions": "EPI_GEMS",
    "ScanningSequence": "EP_GR",
    "SequenceVariant": "SS",
    "SeriesDescription": "fMRI",
    "SliceThickness": 4,
    "SoftwareVersions": "24_LX_MR_Software_release:HD16.0_V02_1131.a",
    "SpacingBetweenSlices": 4,
    "StationName": "MR03MR03",
    "TaskName": "flanker",
    "TotalReadoutTime": 0.038304,
    "modality": "bold",
    "run_id": "02",
    "session_id": "ControlPre",
    "subject_id": "035",
    "task_id": "flanker"
  },
  "dummy_trs": 0,
  "dvars_nstd": 32.082998772874234,
  "dvars_std": 1.0530069710179633,
  "dvars_vstd": 1.0429134670059885,
  "efc": 0.4794514601305625,
  "fber": 8866.423828125,
  "fd_mean": 0.6503948412933981,
  "fd_num": 53,
  "fd_perc": 31.547619047619047,
  "fwhm_avg": 2.972770303030303,
  "fwhm_x": 2.8863272727272724,
  "fwhm_y": 3.2606836363636367,
  "fwhm_z": 2.7713,
  "gcor": 0.086256,
  "gsr_x": -0.000852702185511589,
  "gsr_y": 0.008076267316937447,
  "provenance": {
    "md5sum": "4b75e379c716904edf029bb1c425a74d",
    "settings": {
      "fd_thres": 0.5,
      "hmc_fsl": false
    },
    "software": "mriqc",
    "version": "0.10.4"
  },
  "size_t": 168,
  "size_x": 64,
  "size_y": 64,
  "size_z": 30,
  "snr": 5.175174837564216,
  "spacing_tr": 2.0,
  "spacing_x": 3.4375,
  "spacing_y": 3.4375,
  "spacing_z": 4.0,
  "summary_bg_k": 58.784504661407375,
  "summary_bg_mad": 14.790725708007812,
  "summary_bg_mean": 60.6879997253418,
  "summary_bg_median": 29.095237731933594,
  "summary_bg_n": 69047.0,
  "summary_bg_p05": 1.571428656578064,
  "summary_bg_p95": 213.87142944335935,
  "summary_bg_stdv": 112.64237976074219,
  "summary_fg_k": 2.6146141654860697,
  "summary_fg_mad": 414.5152587890625,
  "summary_fg_mean": 2688.014892578125,
  "summary_fg_median": 2772.136962890625,
  "summary_fg_n": 26224.0,
  "summary_fg_p05": 1619.5095092773438,
  "summary_fg_p95": 3368.562231445312,
  "summary_fg_stdv": 535.6503295898438,
  "tsnr": 33.504005432128906
}