{
  "bids_meta": {
    "AcquisitionMatrixPE": 256,
    "ConversionSoftware": "dcm2niix",
    "ConversionSoftwareVersion": "v1.0.20171017 (OpenJPEG build) GCC4.8.4",
    "DeviceSerialNumber": "0000000517353VH3",
    "EchoTime": 0.003828,
    "FlipAngle": 8,
    "ImageOrientationPatientDICOM": [
      0,
      1,
      0,
      0,
      0,
      -1
    ],
    "ImageType": [
      "ORIGINAL",
      "PRIMARY",
      "OTHER"
    ],
    "InPlanePhaseEncodingDirectionDICOM": "ROW",
    "InstitutionName": "Michigan_State_University",
    "InversionTime": 0.04,
    "MRAcquisitionType": "3D",
    "MagneticFieldStrength": 3,
    "Manufacturer": "GE",
    "ManufacturersModelName": "Signa_HDxt",
    "Modality": "MR",
    "PatientPosition": "HFS",
    "PercentPhaseFOV": 100,
    "PixelBandwidth": 162.734,
    "ProtocolName": "mprage_1mm_iso_20.83_bw",
    "ReconMatrixPE": 256,
    "RepetitionTime": 0.008596,
    "SAR": 0.306132,
    "ScanOptions": "NONE",
    "ScanningSequence": "RM",
    "SequenceVariant": "NONE",
    "SeriesDescription": "mprage_1mm_iso_20.83_bw",
    "SliceThickness": 1,
    "SoftwareVersions": "24_LX_MR_Software_release:HD16.0_V02_1131.a",
    "SpacingBetweenSlices": 1,
    "StationName": "MR03MR03",
    "modality": "T1w",
    "session_id": "ExercisePre",
    "subject_id": "048"
  },
  "cjv": 0.32150331477245453,
  "cnr": 3.9495625658318803,
  "efc": 0.5912950617195897,
  "fber": 80.33953857421875,
  "fwhm_avg": 3.8896866666666665,
  "fwhm_x": 3.72127,
  "fwhm_y": 4.06265,
  "fwhm_z": 3.88514,
  "icvs_csf": 0.20672051270187364,
  "icvs_gm": 0.4620397831691475,
  "icvs_wm": 0.33123970412897885,
  "inu_med": 1.073140025138855,
  "inu_range": 0.39830554127693185,
  "provenance": {
    "md5sum": "25dac1d2e813a5ef35ec736fc775ad80",
    "settings": {
      "testing": false
    },
    "software": "mriqc",
    "version": "0.10.4",
    "warnings": {
      "large_rot_frame": true,
      "small_air_mask": false
    }
  },
  "qi_1": 0.0,
  "qi_2": 0.0010245997954845538,
  "rpve_csf": 27.884646895750173,
  "rpve_gm": 13.632320461419427,
  "rpve_wm": 21.26862203731033,
  "size_x": 180,
  "size_y": 256,
  "size_z": 256,
  "snr_csf": 2.4821510348600984,
  "snr_gm": 10.051530541371195,
  "snr_total": 9.421833205069868,
  "snr_wm": 15.731818038978314,
  "snrd_csf": 9.745452501977459,
  "snrd_gm": 21.863973053910172,
  "snrd_total": 22.026300593242567,
  "snrd_wm": 34.46947622384007,
  "spacing_x": 1.0,
  "spacing_y": 1.0,
  "spacing_z": 1.0,
  "summary_bg_k": 3.116984591799188,
  "summary_bg_mad": 19.006839752197266,
  "summary_bg_mean": 59.093692779541016,
  "summary_bg_median": 54.23350143432617,
  "summary_bg_n": 2857950.0,
  "summary_bg_p05": 31.164661502838136,
  "summary_bg_p95": 104.52978782653807,
  "summary_bg_stdv": 23.46982192993164,
  "summary_csf_k": 0.7147028539124691,
  "summary_csf_mad": 108.3433609008789,
  "summary_csf_mean": 297.238525390625,
  "summary_csf_median": 282.73541259765625,
  "summary_csf_n": 12320.0,
  "summary_csf_p05": 135.38227767944338,
  "summary_csf_p95": 502.5098281860352,
  "summary_csf_stdv": 113.90279388427734,
  "summary_gm_k": 0.26494598078177223,
  "summary_gm_mad": 60.87383270263672,
  "summary_gm_mean": 635.896728515625,
  "summary_gm_median": 634.318359375,
  "summary_gm_n": 26420.0,
  "summary_gm_p05": 534.4528869628906,
  "summary_gm_p95": 740.9185516357422,
  "summary_gm_stdv": 63.10544967651367,
  "summary_wm_k": 0.8580957777868798,
  "summary_wm_mad": 56.70356369018555,
  "summary_wm_mean": 997.95703125,
  "summary_wm_median": 1000.0296630859375,
  "summary_wm_n": 141074.0,
  "summary_wm_p05": 884.6456298828125,
  "summary_wm_p95": 1097.196435546875,
  "summary_wm_stdv": 63.56710433959961,
  "tpm_overlap_csf": 0.19899986684322357,
  "tpm_overlap_gm": 0.5200638175010681,
  "tpm_overlap_wm": 0.5138612389564514,
  "wm2max": 0.6505030268293771
}