{
  "aor": 0.008224940476190476,
  "aqi": 0.008232211785714285,
  "bids_meta": {
    "AcquisitionMatrixPE": 64,
    "ConversionSoftware": "dcm2niix",
    "ConversionSoftwareVersion": "v1.0.20171017 (OpenJPEG build) GCC4.8.4",
    "DeviceSerialNumber": "0000000517353VH3",
    "EchoTime": 0.0279,
    "EffectiveEchoSpacing": 0.000608,
    "FlipAngle": 76,
    "ImageOrientationPatientDICOM": [
      1,
      0,
      0,
      0,
      1,
      0
    ],
    "ImageType": [
      "ORIGINAL",
      "PRIMARY",
      "EPI",
      "NONE"
    ],
    "InPlanePhaseEncodingDirectionDICOM": "COL",
    "InstitutionName": "Michigan_State_University",
    "MRAcquisitionType": "2D",
    "MagneticFieldStrength": 3,
    "Manufacturer": "GE",
    "ManufacturersModelName": "Signa_HDxt",
    "Modality": "MR",
    "PatientPosition": "HFS",
    "PercentPhaseFOV": 100,
    "PixelBandwidth": 7812.5,
    "ProtocolName": "fMRI",
    "ReconMatrixPE": 64,
    "RepetitionTime": 2,
    "SAR": 0.225736,
    "ScanOptions": "EPI_GEMS",
    "ScanningSequence": "EP_GR",
    "SequenceVariant": "SS",
    "SeriesDescription": "fMRI",
    "SliceThickness": 4,
    "SoftwareVersions": "24_LX_MR_Software_release:HD16.0_V02_1131.a",
    "SpacingBetweenSlices": 4,
    "StationName": "MR03MR03",
    "TaskName": "rest",
    "TotalReadoutTime": 0.038304,
    "modality": "bold",
    "session_id": "ExercisePre",
    "subject_id": "019",
    "task_id": "rest"
  },
  "dummy_trs": 0,
  "dvars_nstd": 18.81340741832337,
  "dvars_std": 1.2807650695808377,
  "dvars_vstd": 0.9990635915568864,
  "efc": 0.47858799267980695,
  "fber": 13638.123046875,
  "fd_mean": 0.19929579546512358,
  "fd_num": 10,
  "fd_perc": 5.9523809523809526,
  "fwhm_avg": 2.908957818181818,
  "fwhm_x": 2.848578909090909,
  "fwhm_y": 3.118894545454545,
  "fwhm_z": 2.7594,
  "gcor": 0.0584543,
  "gsr_x": -0.00676262890920043,
  "gsr_y": 0.009271867573261261,
  "provenance": {
    "md5sum": "4df0ab1128d1e822b4f660c6d7d39e85",
    "settings": {
      "fd_thres": 0.5,
      "hmc_fsl": false
    },
    "software": "mriqc",
    "version": "0.10.4"
  },
  "size_t": 168,
  "size_x": 64,
  "size_y": 64,
  "size_z": 30,
  "snr": 5.464803350455663,
  "spacing_tr": 2.0,
  "spacing_x": 3.4375,
  "spacing_y": 3.4375,
  "spacing_z": 4.0,
  "summary_bg_k": 124.85785776792194,
  "summary_bg_mad": 12.893341064453125,
  "summary_bg_mean": 61.13294982910156,
  "summary_bg_median": 32.14881134033203,
  "summary_bg_n": 68425.0,
  "summary_bg_p05": 0.4166666865348816,
  "summary_bg_p95": 176.24999694824191,
  "summary_bg_stdv": 129.94345092773438,
  "summary_fg_k": 2.9908508472575894,
  "summary_fg_mad": 531.8526611328125,
  "summary_fg_mean": 3719.63818359375,
  "summary_fg_median": 3809.8720703125,
  "summary_fg_n": 27368.0,
  "summary_fg_p05": 2366.4970825195314,
  "summary_fg_p95": 4636.601098632812,
  "summary_fg_stdv": 697.1527099609375,
  "tsnr": 63.53022766113281
}