{
  "aor": 0.014552142857142856,
  "aqi": 0.01279689494047619,
  "bids_meta": {
    "AcquisitionMatrixPE": 64,
    "ConversionSoftware": "dcm2niix",
    "ConversionSoftwareVersion": "v1.0.20171017 (OpenJPEG build) GCC4.8.4",
    "DeviceSerialNumber": "0000000517353VH3",
    "EchoTime": 0.0279,
    "EffectiveEchoSpacing": 0.000608,
    "FlipAngle": 76,
    "ImageOrientationPatientDICOM": [
      1,
      0,
      0,
      0,
      1,
      0
    ],
    "ImageType": [
      "ORIGINAL",
      "PRIMARY",
      "EPI",
      "NONE"
    ],
    "InPlanePhaseEncodingDirectionDICOM": "COL",
    "InstitutionName": "Michigan_State_University",
    "MRAcquisitionType": "2D",
    "MagneticFieldStrength": 3,
    "Manufacturer": "GE",
    "ManufacturersModelName": "Signa_HDxt",
    "Modality": "MR",
    "PatientPosition": "HFS",
    "PercentPhaseFOV": 100,
    "PixelBandwidth": 7812.5,
    "ProtocolName": "fMRI",
    "ReconMatrixPE": 64,
    "RepetitionTime": 2,
    "SAR": 0.225736,
    "ScanOptions": "EPI_GEMS",
    "ScanningSequence": "EP_GR",
    "SequenceVariant": "SS",
    "SeriesDescription": "fMRI",
    "SliceThickness": 4,
    "SoftwareVersions": "24_LX_MR_Software_release:HD16.0_V02_1131.a",
    "SpacingBetweenSlices": 4,
    "StationName": "MR03MR03",
    "TaskName": "flanker",
    "TotalReadoutTime": 0.038304,
    "modality": "bold",
    "run_id": "02",
    "session_id": "ExercisePre",
    "subject_id": "005",
    "task_id": "flanker"
  },
  "dummy_trs": 0,
  "dvars_nstd": 30.023264147904175,
  "dvars_std": 1.1296703708383233,
  "dvars_vstd": 1.0337395413772454,
  "efc": 0.5072822242928798,
  "fber": 11140.8505859375,
  "fd_mean": 0.5575659250986056,
  "fd_num": 57,
  "fd_perc": 33.92857142857143,
  "fwhm_avg": 2.8717700303030305,
  "fwhm_x": 2.7455941818181815,
  "fwhm_y": 3.0930909090909093,
  "fwhm_z": 2.776625,
  "gcor": 0.147541,
  "gsr_x": -0.00523874256759882,
  "gsr_y": 0.013768895529210567,
  "provenance": {
    "md5sum": "2466a52892f3196bdb8d63ca0b3a2a77",
    "settings": {
      "fd_thres": 0.5,
      "hmc_fsl": false
    },
    "software": "mriqc",
    "version": "0.10.4"
  },
  "size_t": 168,
  "size_x": 64,
  "size_y": 64,
  "size_z": 30,
  "snr": 5.1995275817729825,
  "spacing_tr": 2.0,
  "spacing_x": 3.4375,
  "spacing_y": 3.4375,
  "spacing_z": 4.0,
  "summary_bg_k": 108.64155050007554,
  "summary_bg_mad": 15.960037231445312,
  "summary_bg_mean": 64.11759948730469,
  "summary_bg_median": 36.324405670166016,
  "summary_bg_n": 63866.0,
  "summary_bg_p05": 0.7261905074119568,
  "summary_bg_p95": 195.05506134033203,
  "summary_bg_stdv": 109.7122802734375,
  "summary_fg_k": 3.04467604604058,
  "summary_fg_mad": 600.9041748046875,
  "summary_fg_mean": 3822.622314453125,
  "summary_fg_median": 3886.625,
  "summary_fg_n": 31069.0,
  "summary_fg_p05": 2519.145361328125,
  "summary_fg_p95": 4889.87509765625,
  "summary_fg_stdv": 747.4837646484375,
  "tsnr": 41.37361526489258
}