{
  "aor": 0.009109761904761905,
  "aqi": 0.012499793154761903,
  "bids_meta": {
    "AcquisitionMatrixPE": 64,
    "ConversionSoftware": "dcm2niix",
    "ConversionSoftwareVersion": "v1.0.20171017 (OpenJPEG build) GCC4.8.4",
    "DeviceSerialNumber": "0000000517353VH3",
    "EchoTime": 0.0279,
    "EffectiveEchoSpacing": 0.000608,
    "FlipAngle": 76,
    "ImageOrientationPatientDICOM": [
      1,
      0,
      0,
      0,
      1,
      0
    ],
    "ImageType": [
      "ORIGINAL",
      "PRIMARY",
      "EPI",
      "NONE"
    ],
    "InPlanePhaseEncodingDirectionDICOM": "COL",
    "InstitutionName": "Michigan_State_University",
    "MRAcquisitionType": "2D",
    "MagneticFieldStrength": 3,
    "Manufacturer": "GE",
    "ManufacturersModelName": "Signa_HDxt",
    "Modality": "MR",
    "PatientPosition": "HFS",
    "PercentPhaseFOV": 100,
    "PixelBandwidth": 7812.5,
    "ProtocolName": "fMRI",
    "ReconMatrixPE": 64,
    "RepetitionTime": 2,
    "SAR": 0.225736,
    "ScanOptions": "EPI_GEMS",
    "ScanningSequence": "EP_GR",
    "SequenceVariant": "SS",
    "SeriesDescription": "fMRI",
    "SliceThickness": 4,
    "SoftwareVersions": "24_LX_MR_Software_release:HD16.0_V02_1131.a",
    "SpacingBetweenSlices": 4,
    "StationName": "MR03MR03",
    "TaskName": "rest",
    "TotalReadoutTime": 0.038304,
    "modality": "bold",
    "session_id": "ExercisePre",
    "subject_id": "056",
    "task_id": "rest"
  },
  "dummy_trs": 0,
  "dvars_nstd": 22.395926104311375,
  "dvars_std": 1.0785273415568863,
  "dvars_vstd": 0.9621349123353294,
  "efc": 0.49479409822133086,
  "fber": 10405.9287109375,
  "fd_mean": 0.42415898758796244,
  "fd_num": 29,
  "fd_perc": 17.261904761904763,
  "fwhm_avg": 2.9615710606060603,
  "fwhm_x": 2.834938181818182,
  "fwhm_y": 3.2912,
  "fwhm_z": 2.758575,
  "gcor": 0.0385122,
  "gsr_x": -0.005390665493905544,
  "gsr_y": 0.015132096596062183,
  "provenance": {
    "md5sum": "edd6298a4211f4112be840ebf62c485a",
    "settings": {
      "fd_thres": 0.5,
      "hmc_fsl": false
    },
    "software": "mriqc",
    "version": "0.10.4"
  },
  "size_t": 168,
  "size_x": 64,
  "size_y": 64,
  "size_z": 30,
  "snr": 5.115867545010931,
  "spacing_tr": 2.0,
  "spacing_x": 3.4375,
  "spacing_y": 3.4375,
  "spacing_z": 4.0,
  "summary_bg_k": 79.18473818286016,
  "summary_bg_mad": 13.255168914794922,
  "summary_bg_mean": 58.48043441772461,
  "summary_bg_median": 27.261905670166016,
  "summary_bg_n": 66540.0,
  "summary_bg_p05": 0.9880952835083008,
  "summary_bg_p95": 195.52471160888663,
  "summary_bg_stdv": 126.41188049316406,
  "summary_fg_k": 2.379673169484093,
  "summary_fg_mad": 474.335693359375,
  "summary_fg_mean": 2785.895263671875,
  "summary_fg_median": 2840.27099609375,
  "summary_fg_n": 28440.0,
  "summary_fg_p05": 1789.1434692382813,
  "summary_fg_p95": 3543.0987915039063,
  "summary_fg_stdv": 555.1787719726562,
  "tsnr": 47.4599609375
}