{
  "bids_meta": {
    "AcquisitionMatrixPE": 256,
    "ConversionSoftware": "dcm2niix",
    "ConversionSoftwareVersion": "v1.0.20171017 (OpenJPEG build) GCC4.8.4",
    "DeviceSerialNumber": "0000000517353VH3",
    "EchoTime": 0.003828,
    "FlipAngle": 8,
    "ImageOrientationPatientDICOM": [
      0,
      1,
      0,
      0,
      0,
      -1
    ],
    "ImageType": [
      "ORIGINAL",
      "PRIMARY",
      "OTHER"
    ],
    "InPlanePhaseEncodingDirectionDICOM": "ROW",
    "InstitutionName": "Michigan_State_University",
    "InversionTime": 0.04,
    "MRAcquisitionType": "3D",
    "MagneticFieldStrength": 3,
    "Manufacturer": "GE",
    "ManufacturersModelName": "Signa_HDxt",
    "Modality": "MR",
    "PatientPosition": "HFS",
    "PercentPhaseFOV": 100,
    "PixelBandwidth": 162.734,
    "ProtocolName": "mprage_1mm_iso_20.83_bw",
    "ReconMatrixPE": 256,
    "RepetitionTime": 0.008596,
    "SAR": 0.306132,
    "ScanOptions": "NONE",
    "ScanningSequence": "RM",
    "SequenceVariant": "NONE",
    "SeriesDescription": "mprage_1mm_iso_20.83_bw",
    "SliceThickness": 1,
    "SoftwareVersions": "24_LX_MR_Software_release:HD16.0_V02_1131.a",
    "SpacingBetweenSlices": 1,
    "StationName": "MR03MR03",
    "modality": "T1w",
    "session_id": "ControlPre",
    "subject_id": "028"
  },
  "cjv": 0.26179356427806794,
  "cnr": 4.3984120617162885,
  "efc": 0.55945088997977,
  "fber": 110.1865005493164,
  "fwhm_avg": 3.8885166666666664,
  "fwhm_x": 3.8446,
  "fwhm_y": 4.04574,
  "fwhm_z": 3.77521,
  "icvs_csf": 0.17597143580296556,
  "icvs_gm": 0.48980237032465834,
  "icvs_wm": 0.33422619387237607,
  "inu_med": 1.0219320058822632,
  "inu_range": 0.33682421445846566,
  "provenance": {
    "md5sum": "0d9f36a872dab8ba34539f8f683d0393",
    "settings": {
      "testing": false
    },
    "software": "mriqc",
    "version": "0.10.4",
    "warnings": {
      "large_rot_frame": true,
      "small_air_mask": false
    }
  },
  "qi_1": 0.0,
  "qi_2": 0.0007985988773304267,
  "rpve_csf": 35.10015360339185,
  "rpve_gm": 14.833911509740343,
  "rpve_wm": 24.070777501898096,
  "size_x": 180,
  "size_y": 256,
  "size_z": 256,
  "snr_csf": 2.671035256243939,
  "snr_gm": 10.894112591383912,
  "snr_total": 9.40888123610961,
  "snr_wm": 14.661495860700974,
  "snrd_csf": 16.6553848412681,
  "snrd_gm": 29.901577753743478,
  "snrd_total": 31.925754856862273,
  "snrd_wm": 49.22030197557524,
  "spacing_x": 1.0,
  "spacing_y": 1.0,
  "spacing_z": 1.0,
  "summary_bg_k": 2.0518985647054215,
  "summary_bg_mad": 13.310447692871094,
  "summary_bg_mean": 47.64028549194336,
  "summary_bg_median": 46.22151184082031,
  "summary_bg_n": 2906474.0,
  "summary_bg_p05": 27.74668369293213,
  "summary_bg_p95": 72.3302215576172,
  "summary_bg_stdv": 14.19143295288086,
  "summary_csf_k": 6.892557101533386,
  "summary_csf_mad": 139.03207397460938,
  "summary_csf_mean": 330.42327880859375,
  "summary_csf_median": 338.3885192871094,
  "summary_csf_n": 7566.0,
  "summary_csf_p05": 138.08706665039062,
  "summary_csf_p95": 521.4380187988281,
  "summary_csf_stdv": 126.67977905273438,
  "summary_gm_k": 0.37451042753905606,
  "summary_gm_mad": 52.850826263427734,
  "summary_gm_mean": 606.3238525390625,
  "summary_gm_median": 607.5122680664062,
  "summary_gm_n": 37255.0,
  "summary_gm_p05": 512.61044921875,
  "summary_gm_p95": 696.2825744628906,
  "summary_gm_stdv": 55.764442443847656,
  "summary_wm_k": 0.6959242308095872,
  "summary_wm_mad": 49.90308380126953,
  "summary_wm_mean": 983.4766845703125,
  "summary_wm_median": 1000.0120239257812,
  "summary_wm_n": 137269.0,
  "summary_wm_p05": 837.0470703125,
  "summary_wm_p95": 1066.9248046875,
  "summary_wm_stdv": 68.20643615722656,
  "tpm_overlap_csf": 0.19861404597759247,
  "tpm_overlap_gm": 0.535171389579773,
  "tpm_overlap_wm": 0.5248131155967712,
  "wm2max": 0.6088894994952614
}