{
  "aor": 0.017915119047619048,
  "aqi": 0.010072298273809524,
  "bids_meta": {
    "AcquisitionMatrixPE": 64,
    "ConversionSoftware": "dcm2niix",
    "ConversionSoftwareVersion": "v1.0.20171017 (OpenJPEG build) GCC4.8.4",
    "DeviceSerialNumber": "0000000517353VH3",
    "EchoTime": 0.0279,
    "EffectiveEchoSpacing": 0.000608,
    "FlipAngle": 76,
    "ImageOrientationPatientDICOM": [
      1,
      0,
      0,
      0,
      1,
      0
    ],
    "ImageType": [
      "ORIGINAL",
      "PRIMARY",
      "EPI",
      "NONE"
    ],
    "InPlanePhaseEncodingDirectionDICOM": "COL",
    "InstitutionName": "Michigan_State_University",
    "MRAcquisitionType": "2D",
    "MagneticFieldStrength": 3,
    "Manufacturer": "GE",
    "ManufacturersModelName": "Signa_HDxt",
    "Modality": "MR",
    "PatientPosition": "HFS",
    "PercentPhaseFOV": 100,
    "PixelBandwidth": 7812.5,
    "ProtocolName": "fMRI",
    "ReconMatrixPE": 64,
    "RepetitionTime": 2,
    "SAR": 0.225736,
    "ScanOptions": "EPI_GEMS",
    "ScanningSequence": "EP_GR",
    "SequenceVariant": "SS",
    "SeriesDescription": "fMRI",
    "SliceThickness": 4,
    "SoftwareVersions": "24_LX_MR_Software_release:HD16.0_V02_1131.a",
    "SpacingBetweenSlices": 4,
    "StationName": "MR03MR03",
    "TaskName": "rest",
    "TotalReadoutTime": 0.038304,
    "modality": "bold",
    "session_id": "ExercisePost",
    "subject_id": "022",
    "task_id": "rest"
  },
  "dummy_trs": 0,
  "dvars_nstd": 20.18302955155689,
  "dvars_std": 1.2696816915568867,
  "dvars_vstd": 1.2196938834131736,
  "efc": 0.4729440154529072,
  "fber": 9113.0078125,
  "fd_mean": 0.26074451125639897,
  "fd_num": 19,
  "fd_perc": 11.30952380952381,
  "fwhm_avg": 2.9420788181818183,
  "fwhm_x": 2.8750487272727274,
  "fwhm_y": 3.268712727272727,
  "fwhm_z": 2.682475,
  "gcor": 0.0348388,
  "gsr_x": -0.008336840197443962,
  "gsr_y": 0.011763956397771835,
  "provenance": {
    "md5sum": "3b26ffb37c9a741ef2fc53dfc9e8c740",
    "settings": {
      "fd_thres": 0.5,
      "hmc_fsl": false
    },
    "software": "mriqc",
    "version": "0.10.4"
  },
  "size_t": 168,
  "size_x": 64,
  "size_y": 64,
  "size_z": 30,
  "snr": 5.161988621981774,
  "spacing_tr": 2.0,
  "spacing_x": 3.4375,
  "spacing_y": 3.4375,
  "spacing_z": 4.0,
  "summary_bg_k": 48.174555168286695,
  "summary_bg_mad": 17.839765548706055,
  "summary_bg_mean": 75.42498779296875,
  "summary_bg_median": 31.0238094329834,
  "summary_bg_n": 71152.0,
  "summary_bg_p05": 0.9047619104385376,
  "summary_bg_p95": 298.6309509277344,
  "summary_bg_stdv": 142.40658569335938,
  "summary_fg_k": 2.9345037750329235,
  "summary_fg_mad": 450.17266845703125,
  "summary_fg_mean": 2916.512939453125,
  "summary_fg_median": 3001.794677734375,
  "summary_fg_n": 24814.0,
  "summary_fg_p05": 1781.280694580078,
  "summary_fg_p95": 3660.792370605469,
  "summary_fg_stdv": 581.50732421875,
  "tsnr": 53.295040130615234
}