{
  "aor": 0.018353214285714285,
  "aqi": 0.006395397678571429,
  "bids_meta": {
    "AcquisitionMatrixPE": 64,
    "ConversionSoftware": "dcm2niix",
    "ConversionSoftwareVersion": "v1.0.20171017 (OpenJPEG build) GCC4.8.4",
    "DeviceSerialNumber": "0000000517353VH3",
    "EchoTime": 0.0279,
    "EffectiveEchoSpacing": 0.000608,
    "FlipAngle": 76,
    "ImageOrientationPatientDICOM": [
      1,
      0,
      0,
      0,
      1,
      0
    ],
    "ImageType": [
      "ORIGINAL",
      "PRIMARY",
      "EPI",
      "NONE"
    ],
    "InPlanePhaseEncodingDirectionDICOM": "COL",
    "InstitutionName": "Michigan_State_University",
    "MRAcquisitionType": "2D",
    "MagneticFieldStrength": 3,
    "Manufacturer": "GE",
    "ManufacturersModelName": "Signa_HDxt",
    "Modality": "MR",
    "PatientPosition": "HFS",
    "PercentPhaseFOV": 100,
    "PixelBandwidth": 7812.5,
    "ProtocolName": "fMRI",
    "ReconMatrixPE": 64,
    "RepetitionTime": 2,
    "SAR": 0.225736,
    "ScanOptions": "EPI_GEMS",
    "ScanningSequence": "EP_GR",
    "SequenceVariant": "SS",
    "SeriesDescription": "fMRI",
    "SliceThickness": 4,
    "SoftwareVersions": "24_LX_MR_Software_release:HD16.0_V02_1131.a",
    "SpacingBetweenSlices": 4,
    "StationName": "MR03MR03",
    "TaskName": "rest",
    "TotalReadoutTime": 0.038304,
    "modality": "bold",
    "session_id": "ControlPre",
    "subject_id": "012",
    "task_id": "rest"
  },
  "dummy_trs": 0,
  "dvars_nstd": 19.868031558862278,
  "dvars_std": 1.2554728008383234,
  "dvars_vstd": 1.109734714790419,
  "efc": 0.49167428792279605,
  "fber": 11287.2421875,
  "fd_mean": 0.2602306014557922,
  "fd_num": 21,
  "fd_perc": 12.5,
  "fwhm_avg": 2.90023906060606,
  "fwhm_x": 2.8610094545454547,
  "fwhm_y": 3.1986327272727273,
  "fwhm_z": 2.641075,
  "gcor": 0.0533297,
  "gsr_x": -0.009990086778998375,
  "gsr_y": 0.014544409699738026,
  "provenance": {
    "md5sum": "172426004b59fd50d616448e5ecaf3c7",
    "settings": {
      "fd_thres": 0.5,
      "hmc_fsl": false
    },
    "software": "mriqc",
    "version": "0.10.4"
  },
  "size_t": 168,
  "size_x": 64,
  "size_y": 64,
  "size_z": 30,
  "snr": 5.000708175816132,
  "spacing_tr": 2.0,
  "spacing_x": 3.4375,
  "spacing_y": 3.4375,
  "spacing_z": 4.0,
  "summary_bg_k": 47.48259860018055,
  "summary_bg_mad": 19.397380828857422,
  "summary_bg_mean": 84.57755279541016,
  "summary_bg_median": 39.55952453613281,
  "summary_bg_n": 66045.0,
  "summary_bg_p05": 0.3988095223903656,
  "summary_bg_p95": 331.5738098144521,
  "summary_bg_stdv": 148.75308227539062,
  "summary_fg_k": 2.3218737251057027,
  "summary_fg_mad": 686.4933471679688,
  "summary_fg_mean": 4196.193359375,
  "summary_fg_median": 4297.3154296875,
  "summary_fg_n": 28266.0,
  "summary_fg_p05": 2552.259033203125,
  "summary_fg_p95": 5378.0938720703125,
  "summary_fg_stdv": 859.326171875,
  "tsnr": 62.98554229736328
}