{
  "aor": 0.003981369047619048,
  "aqi": 0.0033050049404761907,
  "bids_meta": {
    "AcquisitionMatrixPE": 64,
    "ConversionSoftware": "dcm2niix",
    "ConversionSoftwareVersion": "v1.0.20171017 (OpenJPEG build) GCC4.8.4",
    "DeviceSerialNumber": "0000000517353VH3",
    "EchoTime": 0.0279,
    "EffectiveEchoSpacing": 0.000608,
    "FlipAngle": 76,
    "ImageOrientationPatientDICOM": [
      1,
      0,
      0,
      0,
      1,
      0
    ],
    "ImageType": [
      "ORIGINAL",
      "PRIMARY",
      "EPI",
      "NONE"
    ],
    "InPlanePhaseEncodingDirectionDICOM": "COL",
    "InstitutionName": "Michigan_State_University",
    "MRAcquisitionType": "2D",
    "MagneticFieldStrength": 3,
    "Manufacturer": "GE",
    "ManufacturersModelName": "Signa_HDxt",
    "Modality": "MR",
    "PatientPosition": "HFS",
    "PercentPhaseFOV": 100,
    "PixelBandwidth": 7812.5,
    "ProtocolName": "fMRI",
    "ReconMatrixPE": 64,
    "RepetitionTime": 2,
    "SAR": 0.225736,
    "ScanOptions": "EPI_GEMS",
    "ScanningSequence": "EP_GR",
    "SequenceVariant": "SS",
    "SeriesDescription": "fMRI",
    "SliceThickness": 4,
    "SoftwareVersions": "24_LX_MR_Software_release:HD16.0_V02_1131.a",
    "SpacingBetweenSlices": 4,
    "StationName": "MR03MR03",
    "TaskName": "rest",
    "TotalReadoutTime": 0.038304,
    "modality": "bold",
    "session_id": "ControlPre",
    "subject_id": "036",
    "task_id": "rest"
  },
  "dummy_trs": 0,
  "dvars_nstd": 15.883805023413169,
  "dvars_std": 1.2657363636526946,
  "dvars_vstd": 0.9955052223353295,
  "efc": 0.48357995659524416,
  "fber": 6674.5126953125,
  "fd_mean": 0.07179184299487155,
  "fd_num": 3,
  "fd_perc": 1.7857142857142858,
  "fwhm_avg": 2.92508796969697,
  "fwhm_x": 2.8907025454545456,
  "fwhm_y": 3.2324363636363636,
  "fwhm_z": 2.652125,
  "gcor": 0.0189325,
  "gsr_x": -0.007539675105363131,
  "gsr_y": 0.008826821111142635,
  "provenance": {
    "md5sum": "c9538ac6358b1c504910f5279cd14436",
    "settings": {
      "fd_thres": 0.5,
      "hmc_fsl": false
    },
    "software": "mriqc",
    "version": "0.10.4"
  },
  "size_t": 168,
  "size_x": 64,
  "size_y": 64,
  "size_z": 30,
  "snr": 5.151474223754031,
  "spacing_tr": 2.0,
  "spacing_x": 3.4375,
  "spacing_y": 3.4375,
  "spacing_z": 4.0,
  "summary_bg_k": 89.28547157072869,
  "summary_bg_mad": 12.79626750946045,
  "summary_bg_mean": 57.236515045166016,
  "summary_bg_median": 35.43452453613281,
  "summary_bg_n": 67832.0,
  "summary_bg_p05": 0.2440476268529892,
  "summary_bg_p95": 158.50267791748047,
  "summary_bg_stdv": 102.07865905761719,
  "summary_fg_k": 2.427362553192122,
  "summary_fg_mad": 454.08673095703125,
  "summary_fg_mean": 2899.917236328125,
  "summary_fg_median": 2979.875,
  "summary_fg_n": 27100.0,
  "summary_fg_p05": 1771.965185546875,
  "summary_fg_p95": 3662.3557250976564,
  "summary_fg_stdv": 578.4402465820312,
  "tsnr": 91.40823364257812
}