{
  "aor": 0.010396766467065869,
  "aqi": 0.005215037425149701,
  "bids_meta": {
    "AcquisitionMatrixPE": 64,
    "ConversionSoftware": "dcm2niix",
    "ConversionSoftwareVersion": "v1.0.20171017 (OpenJPEG build) GCC4.8.4",
    "DeviceSerialNumber": "0000000517353VH3",
    "EchoTime": 0.0279,
    "EffectiveEchoSpacing": 0.000608,
    "FlipAngle": 76,
    "ImageOrientationPatientDICOM": [
      1,
      0,
      0,
      0,
      1,
      0
    ],
    "ImageType": [
      "ORIGINAL",
      "PRIMARY",
      "EPI",
      "NONE"
    ],
    "InPlanePhaseEncodingDirectionDICOM": "COL",
    "InstitutionName": "Michigan_State_University",
    "MRAcquisitionType": "2D",
    "MagneticFieldStrength": 3,
    "Manufacturer": "GE",
    "ManufacturersModelName": "Signa_HDxt",
    "Modality": "MR",
    "PatientPosition": "HFS",
    "PercentPhaseFOV": 100,
    "PixelBandwidth": 7812.5,
    "ProtocolName": "fMRI",
    "ReconMatrixPE": 64,
    "RepetitionTime": 2,
    "SAR": 0.225736,
    "ScanOptions": "EPI_GEMS",
    "ScanningSequence": "EP_GR",
    "SequenceVariant": "SS",
    "SeriesDescription": "fMRI",
    "SliceThickness": 4,
    "SoftwareVersions": "24_LX_MR_Software_release:HD16.0_V02_1131.a",
    "SpacingBetweenSlices": 4,
    "StationName": "MR03MR03",
    "TaskName": "flanker",
    "TotalReadoutTime": 0.038304,
    "modality": "bold",
    "run_id": "02",
    "session_id": "ExercisePre",
    "subject_id": "037",
    "task_id": "flanker"
  },
  "dummy_trs": 1,
  "dvars_nstd": 18.20209483060241,
  "dvars_std": 1.2742178512048192,
  "dvars_vstd": 1.0713447507831328,
  "efc": 0.4926261881333234,
  "fber": 11448.3505859375,
  "fd_mean": 0.21849510144720216,
  "fd_num": 10,
  "fd_perc": 5.9880239520958085,
  "fwhm_avg": 2.9226844545454544,
  "fwhm_x": 2.8459956363636367,
  "fwhm_y": 3.201832727272727,
  "fwhm_z": 2.720225,
  "gcor": 0.0486408,
  "gsr_x": -0.005725555121898651,
  "gsr_y": 0.012254358269274235,
  "provenance": {
    "md5sum": "292169298ad6c0be04ee70e4496362e2",
    "settings": {
      "fd_thres": 0.5,
      "hmc_fsl": false
    },
    "software": "mriqc",
    "version": "0.10.4"
  },
  "size_t": 167,
  "size_x": 64,
  "size_y": 64,
  "size_z": 30,
  "snr": 5.115551607424266,
  "spacing_tr": 2.0,
  "spacing_x": 3.4375,
  "spacing_y": 3.4375,
  "spacing_z": 4.0,
  "summary_bg_k": 57.23266136671086,
  "summary_bg_mad": 13.56536865234375,
  "summary_bg_mean": 59.48726272583008,
  "summary_bg_median": 28.341318130493164,
  "summary_bg_n": 66473.0,
  "summary_bg_p05": 0.16167664527893066,
  "summary_bg_p95": 212.62635192871045,
  "summary_bg_stdv": 108.4383773803711,
  "summary_fg_k": 2.6296718562983967,
  "summary_fg_mad": 454.59967041015625,
  "summary_fg_mean": 2992.689453125,
  "summary_fg_median": 3085.83837890625,
  "summary_fg_n": 28293.0,
  "summary_fg_p05": 1797.358154296875,
  "summary_fg_p95": 3784.7210937499995,
  "summary_fg_stdv": 603.2162475585938,
  "tsnr": 72.02011108398438
}