{
  "aor": 0.035857738095238095,
  "aqi": 0.019326507976190472,
  "bids_meta": {
    "AcquisitionMatrixPE": 64,
    "ConversionSoftware": "dcm2niix",
    "ConversionSoftwareVersion": "v1.0.20171017 (OpenJPEG build) GCC4.8.4",
    "DeviceSerialNumber": "0000000517353VH3",
    "EchoTime": 0.0279,
    "EffectiveEchoSpacing": 0.000608,
    "FlipAngle": 76,
    "ImageOrientationPatientDICOM": [
      1,
      0,
      0,
      0,
      1,
      0
    ],
    "ImageType": [
      "ORIGINAL",
      "PRIMARY",
      "EPI",
      "NONE"
    ],
    "InPlanePhaseEncodingDirectionDICOM": "COL",
    "InstitutionName": "Michigan_State_University",
    "MRAcquisitionType": "2D",
    "MagneticFieldStrength": 3,
    "Manufacturer": "GE",
    "ManufacturersModelName": "Signa_HDxt",
    "Modality": "MR",
    "PatientPosition": "HFS",
    "PercentPhaseFOV": 100,
    "PixelBandwidth": 7812.5,
    "ProtocolName": "fMRI",
    "ReconMatrixPE": 64,
    "RepetitionTime": 2,
    "SAR": 0.225736,
    "ScanOptions": "EPI_GEMS",
    "ScanningSequence": "EP_GR",
    "SequenceVariant": "SS",
    "SeriesDescription": "fMRI",
    "SliceThickness": 4,
    "SoftwareVersions": "24_LX_MR_Software_release:HD16.0_V02_1131.a",
    "SpacingBetweenSlices": 4,
    "StationName": "MR03MR03",
    "TaskName": "rest",
    "TotalReadoutTime": 0.038304,
    "modality": "bold",
    "session_id": "ControlPost",
    "subject_id": "017",
    "task_id": "rest"
  },
  "dummy_trs": 0,
  "dvars_nstd": 24.59834046862276,
  "dvars_std": 1.0506086161676642,
  "dvars_vstd": 1.017127852035928,
  "efc": 0.5008737018790956,
  "fber": 12085.7890625,
  "fd_mean": 0.4136242603134249,
  "fd_num": 28,
  "fd_perc": 16.666666666666668,
  "fwhm_avg": 2.87123396969697,
  "fwhm_x": 2.6772887272727273,
  "fwhm_y": 3.295738181818182,
  "fwhm_z": 2.640675,
  "gcor": 0.0999812,
  "gsr_x": -0.010115954093635082,
  "gsr_y": 0.016751093789935112,
  "provenance": {
    "md5sum": "a7e7deb886452bd2beb676702fc80f97",
    "settings": {
      "fd_thres": 0.5,
      "hmc_fsl": false
    },
    "software": "mriqc",
    "version": "0.10.4"
  },
  "size_t": 168,
  "size_x": 64,
  "size_y": 64,
  "size_z": 30,
  "snr": 5.490512705313433,
  "spacing_tr": 2.0,
  "spacing_x": 3.4375,
  "spacing_y": 3.4375,
  "spacing_z": 4.0,
  "summary_bg_k": 79.38994456547147,
  "summary_bg_mad": 15.196676254272461,
  "summary_bg_mean": 61.174346923828125,
  "summary_bg_median": 35.958335876464844,
  "summary_bg_n": 64713.0,
  "summary_bg_p05": 1.7023810148239136,
  "summary_bg_p95": 189.80476989746066,
  "summary_bg_stdv": 97.11357879638672,
  "summary_fg_k": 2.7567460231465457,
  "summary_fg_mad": 618.5716552734375,
  "summary_fg_mean": 3962.329833984375,
  "summary_fg_median": 4034.056640625,
  "summary_fg_n": 29968.0,
  "summary_fg_p05": 2705.218530273438,
  "summary_fg_p95": 4975.412329101562,
  "summary_fg_stdv": 734.719970703125,
  "tsnr": 37.184844970703125
}