{
  "aor": 0.003969107142857142,
  "aqi": 0.009654132380952382,
  "bids_meta": {
    "AcquisitionMatrixPE": 64,
    "ConversionSoftware": "dcm2niix",
    "ConversionSoftwareVersion": "v1.0.20171017 (OpenJPEG build) GCC4.8.4",
    "DeviceSerialNumber": "0000000517353VH3",
    "EchoTime": 0.0279,
    "EffectiveEchoSpacing": 0.000608,
    "FlipAngle": 76,
    "ImageOrientationPatientDICOM": [
      1,
      0,
      0,
      0,
      1,
      0
    ],
    "ImageType": [
      "ORIGINAL",
      "PRIMARY",
      "EPI",
      "NONE"
    ],
    "InPlanePhaseEncodingDirectionDICOM": "COL",
    "InstitutionName": "Michigan_State_University",
    "MRAcquisitionType": "2D",
    "MagneticFieldStrength": 3,
    "Manufacturer": "GE",
    "ManufacturersModelName": "Signa_HDxt",
    "Modality": "MR",
    "PatientPosition": "HFS",
    "PercentPhaseFOV": 100,
    "PixelBandwidth": 7812.5,
    "ProtocolName": "fMRI",
    "ReconMatrixPE": 64,
    "RepetitionTime": 2,
    "SAR": 0.225736,
    "ScanOptions": "EPI_GEMS",
    "ScanningSequence": "EP_GR",
    "SequenceVariant": "SS",
    "SeriesDescription": "fMRI",
    "SliceThickness": 4,
    "SoftwareVersions": "24_LX_MR_Software_release:HD16.0_V02_1131.a",
    "SpacingBetweenSlices": 4,
    "StationName": "MR03MR03",
    "TaskName": "rest",
    "TotalReadoutTime": 0.038304,
    "modality": "bold",
    "session_id": "ExercisePre",
    "subject_id": "033",
    "task_id": "rest"
  },
  "dummy_trs": 0,
  "dvars_nstd": 35.43219085556886,
  "dvars_std": 1.2226085446706583,
  "dvars_vstd": 1.0119348131736525,
  "efc": 0.4560381440982564,
  "fber": 13087.7431640625,
  "fd_mean": 0.5383594417070968,
  "fd_num": 84,
  "fd_perc": 50.0,
  "fwhm_avg": 3.055678939393939,
  "fwhm_x": 3.049512727272727,
  "fwhm_y": 3.2915490909090908,
  "fwhm_z": 2.825975,
  "gcor": 0.0773853,
  "gsr_x": -0.0067435577511787415,
  "gsr_y": 0.00911916047334671,
  "provenance": {
    "md5sum": "ccc3ac775628cc7d5ef06281410ef7ac",
    "settings": {
      "fd_thres": 0.5,
      "hmc_fsl": false
    },
    "software": "mriqc",
    "version": "0.10.4"
  },
  "size_t": 168,
  "size_x": 64,
  "size_y": 64,
  "size_z": 30,
  "snr": 4.970418772811879,
  "spacing_tr": 2.0,
  "spacing_x": 3.4375,
  "spacing_y": 3.4375,
  "spacing_z": 4.0,
  "summary_bg_k": 115.70645517696185,
  "summary_bg_mad": 10.298789978027344,
  "summary_bg_mean": 44.194400787353516,
  "summary_bg_median": 24.886905670166016,
  "summary_bg_n": 70655.0,
  "summary_bg_p05": 0.3035714328289032,
  "summary_bg_p95": 121.38690948486328,
  "summary_bg_stdv": 85.6574935913086,
  "summary_fg_k": 2.612168817387924,
  "summary_fg_mad": 427.6952819824219,
  "summary_fg_mean": 2802.084716796875,
  "summary_fg_median": 2911.96435546875,
  "summary_fg_n": 24721.0,
  "summary_fg_p05": 1564.416748046875,
  "summary_fg_p95": 3511.70849609375,
  "summary_fg_stdv": 585.8471069335938,
  "tsnr": 50.10834503173828
}