{
  "aor": 0.0025643452380952384,
  "aqi": 0.006113873095238095,
  "bids_meta": {
    "AcquisitionMatrixPE": 64,
    "ConversionSoftware": "dcm2niix",
    "ConversionSoftwareVersion": "v1.0.20171017 (OpenJPEG build) GCC4.8.4",
    "DeviceSerialNumber": "0000000517353VH3",
    "EchoTime": 0.0279,
    "EffectiveEchoSpacing": 0.000608,
    "FlipAngle": 76,
    "ImageOrientationPatientDICOM": [
      1,
      0,
      0,
      0,
      1,
      0
    ],
    "ImageType": [
      "ORIGINAL",
      "PRIMARY",
      "EPI",
      "NONE"
    ],
    "InPlanePhaseEncodingDirectionDICOM": "COL",
    "InstitutionName": "Michigan_State_University",
    "MRAcquisitionType": "2D",
    "MagneticFieldStrength": 3,
    "Manufacturer": "GE",
    "ManufacturersModelName": "Signa_HDxt",
    "Modality": "MR",
    "PatientPosition": "HFS",
    "PercentPhaseFOV": 100,
    "PixelBandwidth": 7812.5,
    "ProtocolName": "fMRI",
    "ReconMatrixPE": 64,
    "RepetitionTime": 2,
    "SAR": 0.225736,
    "ScanOptions": "EPI_GEMS",
    "ScanningSequence": "EP_GR",
    "SequenceVariant": "SS",
    "SeriesDescription": "fMRI",
    "SliceThickness": 4,
    "SoftwareVersions": "24_LX_MR_Software_release:HD16.0_V02_1131.a",
    "SpacingBetweenSlices": 4,
    "StationName": "MR03MR03",
    "TaskName": "flanker",
    "TotalReadoutTime": 0.038304,
    "modality": "bold",
    "run_id": "02",
    "session_id": "ExercisePre",
    "subject_id": "033",
    "task_id": "flanker"
  },
  "dummy_trs": 0,
  "dvars_nstd": 24.144225926047913,
  "dvars_std": 1.2111531208982036,
  "dvars_vstd": 1.0441801357485037,
  "efc": 0.4703778607928361,
  "fber": 2767.350830078125,
  "fd_mean": 0.3072607784159794,
  "fd_num": 14,
  "fd_perc": 8.333333333333334,
  "fwhm_avg": 3.0528990909090914,
  "fwhm_x": 3.053730909090909,
  "fwhm_y": 3.307316363636364,
  "fwhm_z": 2.79765,
  "gcor": 0.0276101,
  "gsr_x": -0.004822520539164543,
  "gsr_y": 0.005527246743440628,
  "provenance": {
    "md5sum": "26b7691e28afd6aaf776b9b576ffbf95",
    "settings": {
      "fd_thres": 0.5,
      "hmc_fsl": false
    },
    "software": "mriqc",
    "version": "0.10.4"
  },
  "size_t": 168,
  "size_x": 64,
  "size_y": 64,
  "size_z": 30,
  "snr": 4.9984021552702815,
  "spacing_tr": 2.0,
  "spacing_x": 3.4375,
  "spacing_y": 3.4375,
  "spacing_z": 4.0,
  "summary_bg_k": 95.47711111909636,
  "summary_bg_mad": 10.025216102600098,
  "summary_bg_mean": 64.7512435913086,
  "summary_bg_median": 53.43452453613281,
  "summary_bg_n": 70786.0,
  "summary_bg_p05": 0.380952388048172,
  "summary_bg_p95": 133.4613151550293,
  "summary_bg_stdv": 72.42206573486328,
  "summary_fg_k": 2.601012336722607,
  "summary_fg_mad": 427.6159973144531,
  "summary_fg_mean": 2806.333740234375,
  "summary_fg_median": 2914.791748046875,
  "summary_fg_n": 24645.0,
  "summary_fg_p05": 1573.3357666015627,
  "summary_fg_p95": 3518.7560058593745,
  "summary_fg_stdv": 583.1328735351562,
  "tsnr": 67.7608642578125
}