{
  "aor": 0.03756267857142857,
  "aqi": 0.02629730601190476,
  "bids_meta": {
    "AcquisitionMatrixPE": 64,
    "ConversionSoftware": "dcm2niix",
    "ConversionSoftwareVersion": "v1.0.20171017 (OpenJPEG build) GCC4.8.4",
    "DeviceSerialNumber": "0000000517353VH3",
    "EchoTime": 0.0279,
    "EffectiveEchoSpacing": 0.000608,
    "FlipAngle": 76,
    "ImageOrientationPatientDICOM": [
      1,
      0,
      0,
      0,
      1,
      0
    ],
    "ImageType": [
      "ORIGINAL",
      "PRIMARY",
      "EPI",
      "NONE"
    ],
    "InPlanePhaseEncodingDirectionDICOM": "COL",
    "InstitutionName": "Michigan_State_University",
    "MRAcquisitionType": "2D",
    "MagneticFieldStrength": 3,
    "Manufacturer": "GE",
    "ManufacturersModelName": "Signa_HDxt",
    "Modality": "MR",
    "PatientPosition": "HFS",
    "PercentPhaseFOV": 100,
    "PixelBandwidth": 7812.5,
    "ProtocolName": "fMRI",
    "ReconMatrixPE": 64,
    "RepetitionTime": 2,
    "SAR": 0.225736,
    "ScanOptions": "EPI_GEMS",
    "ScanningSequence": "EP_GR",
    "SequenceVariant": "SS",
    "SeriesDescription": "fMRI",
    "SliceThickness": 4,
    "SoftwareVersions": "24_LX_MR_Software_release:HD16.0_V02_1131.a",
    "SpacingBetweenSlices": 4,
    "StationName": "MR03MR03",
    "TaskName": "flanker",
    "TotalReadoutTime": 0.038304,
    "modality": "bold",
    "run_id": "02",
    "session_id": "ExercisePost",
    "subject_id": "008",
    "task_id": "flanker"
  },
  "dummy_trs": 0,
  "dvars_nstd": 41.47775379880238,
  "dvars_std": 1.2007892566467064,
  "dvars_vstd": 1.3120272429341318,
  "efc": 0.4797427890206171,
  "fber": 11293.1015625,
  "fd_mean": 0.9124114259884964,
  "fd_num": 72,
  "fd_perc": 42.857142857142854,
  "fwhm_avg": 2.9285573030303027,
  "fwhm_x": 2.8567069090909087,
  "fwhm_y": 3.2022399999999998,
  "fwhm_z": 2.726725,
  "gcor": 0.0873744,
  "gsr_x": -0.0051840366795659065,
  "gsr_y": 0.010947594419121742,
  "provenance": {
    "md5sum": "5cd2c2847c6066d2153c697c3c416d92",
    "settings": {
      "fd_thres": 0.5,
      "hmc_fsl": false
    },
    "software": "mriqc",
    "version": "0.10.4"
  },
  "size_t": 168,
  "size_x": 64,
  "size_y": 64,
  "size_z": 30,
  "snr": 5.177735992430389,
  "spacing_tr": 2.0,
  "spacing_x": 3.4375,
  "spacing_y": 3.4375,
  "spacing_z": 4.0,
  "summary_bg_k": 84.01384543982324,
  "summary_bg_mad": 15.576146125793457,
  "summary_bg_mean": 77.66728210449219,
  "summary_bg_median": 40.64285659790039,
  "summary_bg_n": 68403.0,
  "summary_bg_p05": 4.029761791229248,
  "summary_bg_p95": 290.0934570312495,
  "summary_bg_stdv": 144.41445922851562,
  "summary_fg_k": 2.8431270951259213,
  "summary_fg_mad": 693.412109375,
  "summary_fg_mean": 4345.51025390625,
  "summary_fg_median": 4399.47314453125,
  "summary_fg_n": 27154.0,
  "summary_fg_p05": 2871.311975097656,
  "summary_fg_p95": 5574.07177734375,
  "summary_fg_stdv": 849.6748657226562,
  "tsnr": 28.089305877685547
}