{
  "aor": 0.0016768452380952381,
  "aqi": 0.0035158119642857144,
  "bids_meta": {
    "AcquisitionMatrixPE": 64,
    "ConversionSoftware": "dcm2niix",
    "ConversionSoftwareVersion": "v1.0.20171017 (OpenJPEG build) GCC4.8.4",
    "DeviceSerialNumber": "0000000517353VH3",
    "EchoTime": 0.0279,
    "EffectiveEchoSpacing": 0.000608,
    "FlipAngle": 76,
    "ImageOrientationPatientDICOM": [
      1,
      0,
      0,
      0,
      1,
      0
    ],
    "ImageType": [
      "ORIGINAL",
      "PRIMARY",
      "EPI",
      "NONE"
    ],
    "InPlanePhaseEncodingDirectionDICOM": "COL",
    "InstitutionName": "Michigan_State_University",
    "MRAcquisitionType": "2D",
    "MagneticFieldStrength": 3,
    "Manufacturer": "GE",
    "ManufacturersModelName": "Signa_HDxt",
    "Modality": "MR",
    "PatientPosition": "HFS",
    "PercentPhaseFOV": 100,
    "PixelBandwidth": 7812.5,
    "ProtocolName": "fMRI",
    "ReconMatrixPE": 64,
    "RepetitionTime": 2,
    "SAR": 0.225736,
    "ScanOptions": "EPI_GEMS",
    "ScanningSequence": "EP_GR",
    "SequenceVariant": "SS",
    "SeriesDescription": "fMRI",
    "SliceThickness": 4,
    "SoftwareVersions": "24_LX_MR_Software_release:HD16.0_V02_1131.a",
    "SpacingBetweenSlices": 4,
    "StationName": "MR03MR03",
    "TaskName": "flanker",
    "TotalReadoutTime": 0.038304,
    "modality": "bold",
    "run_id": "02",
    "session_id": "ControlPost",
    "subject_id": "052",
    "task_id": "flanker"
  },
  "dummy_trs": 0,
  "dvars_nstd": 15.843676692395215,
  "dvars_std": 1.3324246284431132,
  "dvars_vstd": 0.979598873532934,
  "efc": 0.49072978682422547,
  "fber": 11416.3642578125,
  "fd_mean": 0.11341443879878862,
  "fd_num": 1,
  "fd_perc": 0.5952380952380952,
  "fwhm_avg": 2.8574349393939396,
  "fwhm_x": 2.731066181818182,
  "fwhm_y": 3.1227636363636364,
  "fwhm_z": 2.718475,
  "gcor": 0.0266059,
  "gsr_x": -0.005423957947641611,
  "gsr_y": 0.009736517444252968,
  "provenance": {
    "md5sum": "fbc2107364ab60a60453bb7ec39ec0b6",
    "settings": {
      "fd_thres": 0.5,
      "hmc_fsl": false
    },
    "software": "mriqc",
    "version": "0.10.4"
  },
  "size_t": 168,
  "size_x": 64,
  "size_y": 64,
  "size_z": 30,
  "snr": 5.424885635549195,
  "spacing_tr": 2.0,
  "spacing_x": 3.4375,
  "spacing_y": 3.4375,
  "spacing_z": 4.0,
  "summary_bg_k": 129.00272341394378,
  "summary_bg_mad": 11.06656551361084,
  "summary_bg_mean": 48.594871520996094,
  "summary_bg_median": 25.95833396911621,
  "summary_bg_n": 67017.0,
  "summary_bg_p05": 0.5297619104385376,
  "summary_bg_p95": 141.1916687011716,
  "summary_bg_stdv": 99.96253204345703,
  "summary_fg_k": 2.8927875486248587,
  "summary_fg_mad": 415.40228271484375,
  "summary_fg_mean": 2761.5107421875,
  "summary_fg_median": 2823.696533203125,
  "summary_fg_n": 28511.0,
  "summary_fg_p05": 1780.4910888671875,
  "summary_fg_p95": 3450.27978515625,
  "summary_fg_stdv": 520.4989013671875,
  "tsnr": 95.04552459716797
}