{
  "aor": 0.011984107142857142,
  "aqi": 0.005853508809523809,
  "bids_meta": {
    "AcquisitionMatrixPE": 64,
    "ConversionSoftware": "dcm2niix",
    "ConversionSoftwareVersion": "v1.0.20171017 (OpenJPEG build) GCC4.8.4",
    "DeviceSerialNumber": "0000000517353VH3",
    "EchoTime": 0.0279,
    "EffectiveEchoSpacing": 0.000608,
    "FlipAngle": 76,
    "ImageOrientationPatientDICOM": [
      1,
      0,
      0,
      0,
      1,
      0
    ],
    "ImageType": [
      "ORIGINAL",
      "PRIMARY",
      "EPI",
      "NONE"
    ],
    "InPlanePhaseEncodingDirectionDICOM": "COL",
    "InstitutionName": "Michigan_State_University",
    "MRAcquisitionType": "2D",
    "MagneticFieldStrength": 3,
    "Manufacturer": "GE",
    "ManufacturersModelName": "Signa_HDxt",
    "Modality": "MR",
    "PatientPosition": "HFS",
    "PercentPhaseFOV": 100,
    "PixelBandwidth": 7812.5,
    "ProtocolName": "fMRI",
    "ReconMatrixPE": 64,
    "RepetitionTime": 2,
    "SAR": 0.225736,
    "ScanOptions": "EPI_GEMS",
    "ScanningSequence": "EP_GR",
    "SequenceVariant": "SS",
    "SeriesDescription": "fMRI",
    "SliceThickness": 4,
    "SoftwareVersions": "24_LX_MR_Software_release:HD16.0_V02_1131.a",
    "SpacingBetweenSlices": 4,
    "StationName": "MR03MR03",
    "TaskName": "flanker",
    "TotalReadoutTime": 0.038304,
    "modality": "bold",
    "run_id": "02",
    "session_id": "ExercisePre",
    "subject_id": "020",
    "task_id": "flanker"
  },
  "dummy_trs": 0,
  "dvars_nstd": 17.5231826460479,
  "dvars_std": 1.3001653244910178,
  "dvars_vstd": 1.075980363413174,
  "efc": 0.456271528135638,
  "fber": 14254.6142578125,
  "fd_mean": 0.2229183951837834,
  "fd_num": 13,
  "fd_perc": 7.738095238095238,
  "fwhm_avg": 2.9380123636363638,
  "fwhm_x": 2.868229818181818,
  "fwhm_y": 3.1988072727272727,
  "fwhm_z": 2.747,
  "gcor": 0.0986515,
  "gsr_x": -0.008261565119028091,
  "gsr_y": 0.00777684710919857,
  "provenance": {
    "md5sum": "76b947625cca33461e54e83f8e56477c",
    "settings": {
      "fd_thres": 0.5,
      "hmc_fsl": false
    },
    "software": "mriqc",
    "version": "0.10.4"
  },
  "size_t": 168,
  "size_x": 64,
  "size_y": 64,
  "size_z": 30,
  "snr": 5.419186133805165,
  "spacing_tr": 2.0,
  "spacing_x": 3.4375,
  "spacing_y": 3.4375,
  "spacing_z": 4.0,
  "summary_bg_k": 72.09969632061588,
  "summary_bg_mad": 12.319719314575195,
  "summary_bg_mean": 59.30419921875,
  "summary_bg_median": 31.470237731933594,
  "summary_bg_n": 71029.0,
  "summary_bg_p05": 0.23452381491661126,
  "summary_bg_p95": 187.346429443359,
  "summary_bg_stdv": 109.05452728271484,
  "summary_fg_k": 3.792895712679246,
  "summary_fg_mad": 521.9642944335938,
  "summary_fg_mean": 3720.8046875,
  "summary_fg_median": 3835.96142578125,
  "summary_fg_n": 24494.0,
  "summary_fg_p05": 2347.4392578125,
  "summary_fg_p95": 4593.309765624999,
  "summary_fg_stdv": 707.8338012695312,
  "tsnr": 69.18816375732422
}