{
  "aor": 0.019239226190476192,
  "aqi": 0.015174076666666666,
  "bids_meta": {
    "AcquisitionMatrixPE": 64,
    "ConversionSoftware": "dcm2niix",
    "ConversionSoftwareVersion": "v1.0.20171017 (OpenJPEG build) GCC4.8.4",
    "DeviceSerialNumber": "0000000517353VH3",
    "EchoTime": 0.0279,
    "EffectiveEchoSpacing": 0.000608,
    "FlipAngle": 76,
    "ImageOrientationPatientDICOM": [
      1,
      0,
      0,
      0,
      1,
      0
    ],
    "ImageType": [
      "ORIGINAL",
      "PRIMARY",
      "EPI",
      "NONE"
    ],
    "InPlanePhaseEncodingDirectionDICOM": "COL",
    "InstitutionName": "Michigan_State_University",
    "MRAcquisitionType": "2D",
    "MagneticFieldStrength": 3,
    "Manufacturer": "GE",
    "ManufacturersModelName": "Signa_HDxt",
    "Modality": "MR",
    "PatientPosition": "HFS",
    "PercentPhaseFOV": 100,
    "PixelBandwidth": 7812.5,
    "ProtocolName": "fMRI",
    "ReconMatrixPE": 64,
    "RepetitionTime": 2,
    "SAR": 0.225736,
    "ScanOptions": "EPI_GEMS",
    "ScanningSequence": "EP_GR",
    "SequenceVariant": "SS",
    "SeriesDescription": "fMRI",
    "SliceThickness": 4,
    "SoftwareVersions": "24_LX_MR_Software_release:HD16.0_V02_1131.a",
    "SpacingBetweenSlices": 4,
    "StationName": "MR03MR03",
    "TaskName": "rest",
    "TotalReadoutTime": 0.038304,
    "modality": "bold",
    "session_id": "ExercisePre",
    "subject_id": "014",
    "task_id": "rest"
  },
  "dummy_trs": 0,
  "dvars_nstd": 25.187859951976034,
  "dvars_std": 0.999880274011976,
  "dvars_vstd": 0.9018852604191621,
  "efc": 0.4459335126819677,
  "fber": 12801.1015625,
  "fd_mean": 0.308833230094793,
  "fd_num": 20,
  "fd_perc": 11.904761904761905,
  "fwhm_avg": 2.963135787878788,
  "fwhm_x": 2.8715141818181817,
  "fwhm_y": 3.3466181818181817,
  "fwhm_z": 2.671275,
  "gcor": 0.0749061,
  "gsr_x": -0.008484557271003723,
  "gsr_y": 0.007003827020525932,
  "provenance": {
    "md5sum": "45e382d508348e835a37c469ce288d61",
    "settings": {
      "fd_thres": 0.5,
      "hmc_fsl": false
    },
    "software": "mriqc",
    "version": "0.10.4"
  },
  "size_t": 168,
  "size_x": 64,
  "size_y": 64,
  "size_z": 30,
  "snr": 5.285789493562076,
  "spacing_tr": 2.0,
  "spacing_x": 3.4375,
  "spacing_y": 3.4375,
  "spacing_z": 4.0,
  "summary_bg_k": 83.69660530469245,
  "summary_bg_mad": 14.543617248535156,
  "summary_bg_mean": 65.02994537353516,
  "summary_bg_median": 34.38095474243164,
  "summary_bg_n": 72939.0,
  "summary_bg_p05": 0.7559524178504944,
  "summary_bg_p95": 208.5744033813474,
  "summary_bg_stdv": 114.65198516845703,
  "summary_fg_k": 2.9294071506883324,
  "summary_fg_mad": 603.4501953125,
  "summary_fg_mean": 3871.1640625,
  "summary_fg_median": 3995.047607421875,
  "summary_fg_n": 23216.0,
  "summary_fg_p05": 2352.6920166015625,
  "summary_fg_p95": 4792.60888671875,
  "summary_fg_stdv": 755.7927856445312,
  "tsnr": 38.81434631347656
}