{
  "aor": 0.0054175,
  "aqi": 0.003034480238095238,
  "bids_meta": {
    "AcquisitionMatrixPE": 64,
    "ConversionSoftware": "dcm2niix",
    "ConversionSoftwareVersion": "v1.0.20171017 (OpenJPEG build) GCC4.8.4",
    "DeviceSerialNumber": "0000000517353VH3",
    "EchoTime": 0.0279,
    "EffectiveEchoSpacing": 0.000608,
    "FlipAngle": 76,
    "ImageOrientationPatientDICOM": [
      1,
      0,
      0,
      0,
      1,
      0
    ],
    "ImageType": [
      "ORIGINAL",
      "PRIMARY",
      "EPI",
      "NONE"
    ],
    "InPlanePhaseEncodingDirectionDICOM": "COL",
    "InstitutionName": "Michigan_State_University",
    "MRAcquisitionType": "2D",
    "MagneticFieldStrength": 3,
    "Manufacturer": "GE",
    "ManufacturersModelName": "Signa_HDxt",
    "Modality": "MR",
    "PatientPosition": "HFS",
    "PercentPhaseFOV": 100,
    "PixelBandwidth": 7812.5,
    "ProtocolName": "fMRI",
    "ReconMatrixPE": 64,
    "RepetitionTime": 2,
    "SAR": 0.225736,
    "ScanOptions": "EPI_GEMS",
    "ScanningSequence": "EP_GR",
    "SequenceVariant": "SS",
    "SeriesDescription": "fMRI",
    "SliceThickness": 4,
    "SoftwareVersions": "24_LX_MR_Software_release:HD16.0_V02_1131.a",
    "SpacingBetweenSlices": 4,
    "StationName": "MR03MR03",
    "TaskName": "rest",
    "TotalReadoutTime": 0.038304,
    "modality": "bold",
    "session_id": "ControlPre",
    "subject_id": "018",
    "task_id": "rest"
  },
  "dummy_trs": 0,
  "dvars_nstd": 14.95654085011977,
  "dvars_std": 1.3559282131736523,
  "dvars_vstd": 1.0682614571257487,
  "efc": 0.4524961684038622,
  "fber": 13757.9130859375,
  "fd_mean": 0.09129288663028162,
  "fd_num": 0,
  "fd_perc": 0.0,
  "fwhm_avg": 2.931894666666667,
  "fwhm_x": 2.7968785454545455,
  "fwhm_y": 3.2507054545454546,
  "fwhm_z": 2.7481,
  "gcor": 0.0188852,
  "gsr_x": -0.00943032093346119,
  "gsr_y": 0.009482023306190968,
  "provenance": {
    "md5sum": "59edfc53efd90df0092ceeacaeb2c8f5",
    "settings": {
      "fd_thres": 0.5,
      "hmc_fsl": false
    },
    "software": "mriqc",
    "version": "0.10.4"
  },
  "size_t": 168,
  "size_x": 64,
  "size_y": 64,
  "size_z": 30,
  "snr": 5.203247591351745,
  "spacing_tr": 2.0,
  "spacing_x": 3.4375,
  "spacing_y": 3.4375,
  "spacing_z": 4.0,
  "summary_bg_k": 94.44885959671986,
  "summary_bg_mad": 9.610440254211426,
  "summary_bg_mean": 44.5531005859375,
  "summary_bg_median": 25.23214340209961,
  "summary_bg_n": 71492.0,
  "summary_bg_p05": 0.1071428582072258,
  "summary_bg_p95": 123.47381172180162,
  "summary_bg_stdv": 83.72464752197266,
  "summary_fg_k": 2.5131652074116104,
  "summary_fg_mad": 474.49896240234375,
  "summary_fg_mean": 2961.498291015625,
  "summary_fg_median": 3060.4404296875,
  "summary_fg_n": 24086.0,
  "summary_fg_p05": 1819.2976379394531,
  "summary_fg_p95": 3717.2857055664062,
  "summary_fg_stdv": 588.1666870117188,
  "tsnr": 97.58895874023438
}