{
  "bids_meta": {
    "AcquisitionMatrixPE": 256,
    "ConversionSoftware": "dcm2niix",
    "ConversionSoftwareVersion": "v1.0.20171017 (OpenJPEG build) GCC4.8.4",
    "DeviceSerialNumber": "0000000517353VH3",
    "EchoTime": 0.003828,
    "FlipAngle": 8,
    "ImageOrientationPatientDICOM": [
      0,
      1,
      0,
      0,
      0,
      -1
    ],
    "ImageType": [
      "ORIGINAL",
      "PRIMARY",
      "OTHER"
    ],
    "InPlanePhaseEncodingDirectionDICOM": "ROW",
    "InstitutionName": "Michigan_State_University",
    "InversionTime": 0.04,
    "MRAcquisitionType": "3D",
    "MagneticFieldStrength": 3,
    "Manufacturer": "GE",
    "ManufacturersModelName": "Signa_HDxt",
    "Modality": "MR",
    "PatientPosition": "HFS",
    "PercentPhaseFOV": 100,
    "PixelBandwidth": 162.734,
    "ProtocolName": "mprage_1mm_iso_20.83_bw",
    "ReconMatrixPE": 256,
    "RepetitionTime": 0.008596,
    "SAR": 0.306132,
    "ScanOptions": "NONE",
    "ScanningSequence": "RM",
    "SequenceVariant": "NONE",
    "SeriesDescription": "mprage_1mm_iso_20.83_bw",
    "SliceThickness": 1,
    "SoftwareVersions": "24_LX_MR_Software_release:HD16.0_V02_1131.a",
    "SpacingBetweenSlices": 1,
    "StationName": "MR03MR03",
    "modality": "T1w",
    "session_id": "ExercisePre",
    "subject_id": "042"
  },
  "cjv": 0.273618380929872,
  "cnr": 4.703721965298806,
  "efc": 0.5748118548334211,
  "fber": 103.35131072998047,
  "fwhm_avg": 4.045223333333333,
  "fwhm_x": 3.90863,
  "fwhm_y": 4.39769,
  "fwhm_z": 3.82935,
  "icvs_csf": 0.20573432726810123,
  "icvs_gm": 0.44764395723247263,
  "icvs_wm": 0.34662171549942616,
  "inu_med": 1.068211555480957,
  "inu_range": 0.3115203231573105,
  "provenance": {
    "md5sum": "59270a0bb35ec90356f131370fe27aba",
    "settings": {
      "testing": false
    },
    "software": "mriqc",
    "version": "0.10.4",
    "warnings": {
      "large_rot_frame": true,
      "small_air_mask": false
    }
  },
  "qi_1": 0.0,
  "qi_2": 0.0023846417067090184,
  "rpve_csf": 24.30865658357439,
  "rpve_gm": 12.278936550368613,
  "rpve_wm": 18.7585257706701,
  "size_x": 180,
  "size_y": 256,
  "size_z": 256,
  "snr_csf": 2.655066972630816,
  "snr_gm": 10.669456612609201,
  "snr_total": 11.14335058468862,
  "snr_wm": 20.10552816882584,
  "snrd_csf": 15.576685794552949,
  "snrd_gm": 32.79969042540665,
  "snrd_total": 33.460251686674546,
  "snrd_wm": 52.00437884006403,
  "spacing_x": 1.0,
  "spacing_y": 1.0,
  "spacing_z": 1.0,
  "summary_bg_k": 1.8805881674608838,
  "summary_bg_mad": 12.597851753234863,
  "summary_bg_mean": 49.85059356689453,
  "summary_bg_median": 48.29456329345703,
  "summary_bg_n": 2606364.0,
  "summary_bg_p05": 30.46491813659668,
  "summary_bg_p95": 74.78659248352051,
  "summary_bg_stdv": 13.989479064941406,
  "summary_csf_k": -0.10858025485313805,
  "summary_csf_mad": 125.48231506347656,
  "summary_csf_mean": 301.0760803222656,
  "summary_csf_median": 299.5296630859375,
  "summary_csf_n": 15536.0,
  "summary_csf_p05": 129.12244415283203,
  "summary_csf_p95": 484.6630096435547,
  "summary_csf_stdv": 112.81072235107422,
  "summary_gm_k": 0.11508538798192625,
  "summary_gm_mad": 58.4039306640625,
  "summary_gm_mean": 630.2451782226562,
  "summary_gm_median": 630.7169799804688,
  "summary_gm_n": 37928.0,
  "summary_gm_p05": 531.8061706542969,
  "summary_gm_p95": 726.3871398925781,
  "summary_gm_stdv": 59.11347579956055,
  "summary_wm_k": 1.0472431185020588,
  "summary_wm_mad": 42.64164733886719,
  "summary_wm_mean": 996.0865478515625,
  "summary_wm_median": 1000.0108032226562,
  "summary_wm_n": 186737.0,
  "summary_wm_p05": 902.8346313476562,
  "summary_wm_p95": 1069.862890625,
  "summary_wm_stdv": 49.73796844482422,
  "tpm_overlap_csf": 0.20327045023441315,
  "tpm_overlap_gm": 0.5247706770896912,
  "tpm_overlap_wm": 0.5417400598526001,
  "wm2max": 0.56111045770147
}