{
  "bids_meta": {
    "AcquisitionMatrixPE": 256,
    "ConversionSoftware": "dcm2niix",
    "ConversionSoftwareVersion": "v1.0.20171017 (OpenJPEG build) GCC4.8.4",
    "DeviceSerialNumber": "0000000517353VH3",
    "EchoTime": 0.003828,
    "FlipAngle": 8,
    "ImageOrientationPatientDICOM": [
      0,
      1,
      0,
      0,
      0,
      -1
    ],
    "ImageType": [
      "ORIGINAL",
      "PRIMARY",
      "OTHER"
    ],
    "InPlanePhaseEncodingDirectionDICOM": "ROW",
    "InstitutionName": "Michigan_State_University",
    "InversionTime": 0.04,
    "MRAcquisitionType": "3D",
    "MagneticFieldStrength": 3,
    "Manufacturer": "GE",
    "ManufacturersModelName": "Signa_HDxt",
    "Modality": "MR",
    "PatientPosition": "HFS",
    "PercentPhaseFOV": 100,
    "PixelBandwidth": 162.734,
    "ProtocolName": "mprage_1mm_iso_20.83_bw",
    "ReconMatrixPE": 256,
    "RepetitionTime": 0.008596,
    "SAR": 0.306132,
    "ScanOptions": "NONE",
    "ScanningSequence": "RM",
    "SequenceVariant": "NONE",
    "SeriesDescription": "mprage_1mm_iso_20.83_bw",
    "SliceThickness": 1,
    "SoftwareVersions": "24_LX_MR_Software_release:HD16.0_V02_1131.a",
    "SpacingBetweenSlices": 1,
    "StationName": "MR03MR03",
    "modality": "T1w",
    "session_id": "ControlPre",
    "subject_id": "050"
  },
  "cjv": 0.3105230227031944,
  "cnr": 4.178476936878429,
  "efc": 0.5871935686758923,
  "fber": 96.4317855834961,
  "fwhm_avg": 3.80205,
  "fwhm_x": 3.57942,
  "fwhm_y": 4.03214,
  "fwhm_z": 3.79459,
  "icvs_csf": 0.19467964240919866,
  "icvs_gm": 0.47211700951321317,
  "icvs_wm": 0.33320334807758817,
  "inu_med": 0.9196101427078247,
  "inu_range": 0.2855645984411237,
  "provenance": {
    "md5sum": "548619179bb157e5c7ab4cc4192b37d9",
    "settings": {
      "testing": false
    },
    "software": "mriqc",
    "version": "0.10.4",
    "warnings": {
      "large_rot_frame": true,
      "small_air_mask": false
    }
  },
  "qi_1": 0.0,
  "qi_2": 0.0009539641335758293,
  "rpve_csf": 27.88900273305423,
  "rpve_gm": 13.216190452384632,
  "rpve_wm": 21.32163193895051,
  "size_x": 180,
  "size_y": 256,
  "size_z": 256,
  "snr_csf": 2.3633913376801448,
  "snr_gm": 10.299516481533965,
  "snr_total": 10.749489878940258,
  "snr_wm": 19.58556181760666,
  "snrd_csf": 14.092479998963713,
  "snrd_gm": 29.108736558184326,
  "snrd_total": 29.241934767764633,
  "snrd_wm": 44.524587746145855,
  "spacing_x": 1.0,
  "spacing_y": 1.0,
  "spacing_z": 1.0,
  "summary_bg_k": 0.6771871546569792,
  "summary_bg_mad": 14.71429443359375,
  "summary_bg_mean": 55.02661895751953,
  "summary_bg_median": 53.825870513916016,
  "summary_bg_n": 3001269.0,
  "summary_bg_p05": 32.862639617919925,
  "summary_bg_p95": 81.55072937011718,
  "summary_bg_stdv": 15.165124893188477,
  "summary_csf_k": 0.754778001602789,
  "summary_csf_mad": 146.21286010742188,
  "summary_csf_mean": 326.9571533203125,
  "summary_csf_median": 316.515625,
  "summary_csf_n": 9872.0,
  "summary_csf_p05": 141.29126663208007,
  "summary_csf_p95": 549.9133331298826,
  "summary_csf_stdv": 133.9175567626953,
  "summary_gm_k": 0.12285408193332525,
  "summary_gm_mad": 62.350555419921875,
  "summary_gm_mean": 655.3055419921875,
  "summary_gm_median": 653.7791748046875,
  "summary_gm_n": 40704.0,
  "summary_gm_p05": 553.3679351806641,
  "summary_gm_p95": 762.7581420898438,
  "summary_gm_stdv": 63.47590637207031,
  "summary_wm_k": 0.9149971973106354,
  "summary_wm_mad": 45.1644401550293,
  "summary_wm_mean": 998.3588256835938,
  "summary_wm_median": 1000.017578125,
  "summary_wm_n": 160195.0,
  "summary_wm_p05": 908.5255432128906,
  "summary_wm_p95": 1078.1213500976562,
  "summary_wm_stdv": 51.05875778198242,
  "tpm_overlap_csf": 0.21129409968852997,
  "tpm_overlap_gm": 0.5384071469306946,
  "tpm_overlap_wm": 0.5381829738616943,
  "wm2max": 0.6965901137069402
}