{
  "aor": 0.06375797619047618,
  "aqi": 0.018111072023809526,
  "bids_meta": {
    "AcquisitionMatrixPE": 64,
    "ConversionSoftware": "dcm2niix",
    "ConversionSoftwareVersion": "v1.0.20171017 (OpenJPEG build) GCC4.8.4",
    "DeviceSerialNumber": "0000000517353VH3",
    "EchoTime": 0.0279,
    "EffectiveEchoSpacing": 0.000608,
    "FlipAngle": 76,
    "ImageOrientationPatientDICOM": [
      1,
      0,
      0,
      0,
      1,
      0
    ],
    "ImageType": [
      "ORIGINAL",
      "PRIMARY",
      "EPI",
      "NONE"
    ],
    "InPlanePhaseEncodingDirectionDICOM": "COL",
    "InstitutionName": "Michigan_State_University",
    "MRAcquisitionType": "2D",
    "MagneticFieldStrength": 3,
    "Manufacturer": "GE",
    "ManufacturersModelName": "Signa_HDxt",
    "Modality": "MR",
    "PatientPosition": "HFS",
    "PercentPhaseFOV": 100,
    "PixelBandwidth": 7812.5,
    "ProtocolName": "fMRI",
    "ReconMatrixPE": 64,
    "RepetitionTime": 2,
    "SAR": 0.225736,
    "ScanOptions": "EPI_GEMS",
    "ScanningSequence": "EP_GR",
    "SequenceVariant": "SS",
    "SeriesDescription": "fMRI",
    "SliceThickness": 4,
    "SoftwareVersions": "24_LX_MR_Software_release:HD16.0_V02_1131.a",
    "SpacingBetweenSlices": 4,
    "StationName": "MR03MR03",
    "TaskName": "flanker",
    "TotalReadoutTime": 0.038304,
    "modality": "bold",
    "run_id": "02",
    "session_id": "ControlPre",
    "subject_id": "009",
    "task_id": "flanker"
  },
  "dummy_trs": 0,
  "dvars_nstd": 28.51994188413173,
  "dvars_std": 1.4588450975449105,
  "dvars_vstd": 1.4702172338922153,
  "efc": 0.49603477180533334,
  "fber": 11610.4638671875,
  "fd_mean": 0.4839913515030814,
  "fd_num": 32,
  "fd_perc": 19.047619047619047,
  "fwhm_avg": 2.9931207878787878,
  "fwhm_x": 2.861826909090909,
  "fwhm_y": 3.2631854545454546,
  "fwhm_z": 2.85435,
  "gcor": 0.103014,
  "gsr_x": -0.004402335733175278,
  "gsr_y": 0.008363655768334866,
  "provenance": {
    "md5sum": "4c11d7b1f5e8b7a93a947bbe59612db7",
    "settings": {
      "fd_thres": 0.5,
      "hmc_fsl": false
    },
    "software": "mriqc",
    "version": "0.10.4"
  },
  "size_t": 168,
  "size_x": 64,
  "size_y": 64,
  "size_z": 30,
  "snr": 5.17705296780012,
  "spacing_tr": 2.0,
  "spacing_x": 3.4375,
  "spacing_y": 3.4375,
  "spacing_z": 4.0,
  "summary_bg_k": 59.59440557437343,
  "summary_bg_mad": 17.085227966308594,
  "summary_bg_mean": 77.52168273925781,
  "summary_bg_median": 39.238094329833984,
  "summary_bg_n": 66054.0,
  "summary_bg_p05": 1.2083333730697632,
  "summary_bg_p95": 261.00001068115216,
  "summary_bg_stdv": 147.84454345703125,
  "summary_fg_k": 2.705211847532391,
  "summary_fg_mad": 634.9505004882812,
  "summary_fg_mean": 4171.05322265625,
  "summary_fg_median": 4300.9287109375,
  "summary_fg_n": 28835.0,
  "summary_fg_p05": 2571.3482421875,
  "summary_fg_p95": 5245.51669921875,
  "summary_fg_stdv": 830.7533569335938,
  "tsnr": 35.764102935791016
}