{
  "aor": 0.017287730061349694,
  "aqi": 0.0050927018404907974,
  "bids_meta": {
    "AcquisitionMatrixPE": 64,
    "ConversionSoftware": "dcm2niix",
    "ConversionSoftwareVersion": "v1.0.20171017 (OpenJPEG build) GCC4.8.4",
    "DeviceSerialNumber": "0000000517353VH3",
    "EchoTime": 0.0279,
    "EffectiveEchoSpacing": 0.000608,
    "FlipAngle": 76,
    "ImageOrientationPatientDICOM": [
      1,
      0,
      0,
      0,
      1,
      0
    ],
    "ImageType": [
      "ORIGINAL",
      "PRIMARY",
      "EPI",
      "NONE"
    ],
    "InPlanePhaseEncodingDirectionDICOM": "COL",
    "InstitutionName": "Michigan_State_University",
    "MRAcquisitionType": "2D",
    "MagneticFieldStrength": 3,
    "Manufacturer": "GE",
    "ManufacturersModelName": "Signa_HDxt",
    "Modality": "MR",
    "PatientPosition": "HFS",
    "PercentPhaseFOV": 100,
    "PixelBandwidth": 7812.5,
    "ProtocolName": "fMRI",
    "ReconMatrixPE": 64,
    "RepetitionTime": 2,
    "SAR": 0.225736,
    "ScanOptions": "EPI_GEMS",
    "ScanningSequence": "EP_GR",
    "SequenceVariant": "SS",
    "SeriesDescription": "fMRI",
    "SliceThickness": 4,
    "SoftwareVersions": "24_LX_MR_Software_release:HD16.0_V02_1131.a",
    "SpacingBetweenSlices": 4,
    "StationName": "MR03MR03",
    "TaskName": "rest",
    "TotalReadoutTime": 0.038304,
    "modality": "bold",
    "session_id": "ControlPre",
    "subject_id": "030",
    "task_id": "rest"
  },
  "dummy_trs": 5,
  "dvars_nstd": 20.34076836067902,
  "dvars_std": 1.2586788351234568,
  "dvars_vstd": 1.0832848623456786,
  "efc": 0.4786728596024912,
  "fber": 12380.103515625,
  "fd_mean": 0.2319768573836037,
  "fd_num": 13,
  "fd_perc": 7.975460122699387,
  "fwhm_avg": 2.918052515151515,
  "fwhm_x": 2.845829818181818,
  "fwhm_y": 3.1973527272727273,
  "fwhm_z": 2.710975,
  "gcor": 0.120658,
  "gsr_x": -0.008282114751636982,
  "gsr_y": 0.010755577124655247,
  "provenance": {
    "md5sum": "3e55452d6e258a1b21ab041a60da4984",
    "settings": {
      "fd_thres": 0.5,
      "hmc_fsl": false
    },
    "software": "mriqc",
    "version": "0.10.4"
  },
  "size_t": 163,
  "size_x": 64,
  "size_y": 64,
  "size_z": 30,
  "snr": 5.269600627987048,
  "spacing_tr": 2.0,
  "spacing_x": 3.4375,
  "spacing_y": 3.4375,
  "spacing_z": 4.0,
  "summary_bg_k": 85.3861652001568,
  "summary_bg_mad": 11.687997817993164,
  "summary_bg_mean": 50.84012222290039,
  "summary_bg_median": 26.680980682373047,
  "summary_bg_n": 68061.0,
  "summary_bg_p05": 0.07975459843873978,
  "summary_bg_p95": 156.28834533691406,
  "summary_bg_stdv": 96.3747329711914,
  "summary_fg_k": 2.339017510964289,
  "summary_fg_mad": 472.0589599609375,
  "summary_fg_mean": 2980.768798828125,
  "summary_fg_median": 3048.33740234375,
  "summary_fg_n": 27002.0,
  "summary_fg_p05": 1883.6527526855468,
  "summary_fg_p95": 3758.0167480468745,
  "summary_fg_stdv": 578.4652709960938,
  "tsnr": 65.13492584228516
}