{
  "aor": 0.013234047619047621,
  "aqi": 0.019676146726190474,
  "bids_meta": {
    "AcquisitionMatrixPE": 64,
    "ConversionSoftware": "dcm2niix",
    "ConversionSoftwareVersion": "v1.0.20171017 (OpenJPEG build) GCC4.8.4",
    "DeviceSerialNumber": "0000000517353VH3",
    "EchoTime": 0.0279,
    "EffectiveEchoSpacing": 0.000608,
    "FlipAngle": 76,
    "ImageOrientationPatientDICOM": [
      1,
      0,
      0,
      0,
      1,
      0
    ],
    "ImageType": [
      "ORIGINAL",
      "PRIMARY",
      "EPI",
      "NONE"
    ],
    "InPlanePhaseEncodingDirectionDICOM": "COL",
    "InstitutionName": "Michigan_State_University",
    "MRAcquisitionType": "2D",
    "MagneticFieldStrength": 3,
    "Manufacturer": "GE",
    "ManufacturersModelName": "Signa_HDxt",
    "Modality": "MR",
    "PatientPosition": "HFS",
    "PercentPhaseFOV": 100,
    "PixelBandwidth": 7812.5,
    "ProtocolName": "fMRI",
    "ReconMatrixPE": 64,
    "RepetitionTime": 2,
    "SAR": 0.225736,
    "ScanOptions": "EPI_GEMS",
    "ScanningSequence": "EP_GR",
    "SequenceVariant": "SS",
    "SeriesDescription": "fMRI",
    "SliceThickness": 4,
    "SoftwareVersions": "24_LX_MR_Software_release:HD16.0_V02_1131.a",
    "SpacingBetweenSlices": 4,
    "StationName": "MR03MR03",
    "TaskName": "flanker",
    "TotalReadoutTime": 0.038304,
    "modality": "bold",
    "run_id": "01",
    "session_id": "ControlPost",
    "subject_id": "054",
    "task_id": "flanker"
  },
  "dummy_trs": 0,
  "dvars_nstd": 30.92219125999999,
  "dvars_std": 1.0189169153892217,
  "dvars_vstd": 0.9255818735928145,
  "efc": 0.4695589960209843,
  "fber": 12309.25390625,
  "fd_mean": 0.6179062866064335,
  "fd_num": 59,
  "fd_perc": 35.11904761904762,
  "fwhm_avg": 2.967030909090909,
  "fwhm_x": 2.940130909090909,
  "fwhm_y": 3.219461818181818,
  "fwhm_z": 2.7415,
  "gcor": 0.0669987,
  "gsr_x": -0.007957400754094124,
  "gsr_y": 0.010257750749588013,
  "provenance": {
    "md5sum": "3175b5b2eee7f8ca1574326d49a61d0b",
    "settings": {
      "fd_thres": 0.5,
      "hmc_fsl": false
    },
    "software": "mriqc",
    "version": "0.10.4"
  },
  "size_t": 168,
  "size_x": 64,
  "size_y": 64,
  "size_z": 30,
  "snr": 4.988505281916775,
  "spacing_tr": 2.0,
  "spacing_x": 3.4375,
  "spacing_y": 3.4375,
  "spacing_z": 4.0,
  "summary_bg_k": 193.6863623861952,
  "summary_bg_mad": 11.61371898651123,
  "summary_bg_mean": 41.07786560058594,
  "summary_bg_median": 24.9761905670166,
  "summary_bg_n": 68689.0,
  "summary_bg_p05": 1.9190476894378667,
  "summary_bg_p95": 106.44881134033196,
  "summary_bg_stdv": 74.578857421875,
  "summary_fg_k": 2.5773405075283717,
  "summary_fg_mad": 428.1368713378906,
  "summary_fg_mean": 2739.256591796875,
  "summary_fg_median": 2807.119140625,
  "summary_fg_n": 26607.0,
  "summary_fg_p05": 1634.7773803710936,
  "summary_fg_p95": 3497.456005859374,
  "summary_fg_stdv": 562.7069091796875,
  "tsnr": 34.496070861816406
}