{
  "aor": 0.03385684523809524,
  "aqi": 0.049647871428571425,
  "bids_meta": {
    "AcquisitionMatrixPE": 64,
    "ConversionSoftware": "dcm2niix",
    "ConversionSoftwareVersion": "v1.0.20171017 (OpenJPEG build) GCC4.8.4",
    "DeviceSerialNumber": "0000000517353VH3",
    "EchoTime": 0.0279,
    "EffectiveEchoSpacing": 0.000608,
    "FlipAngle": 76,
    "ImageOrientationPatientDICOM": [
      1,
      0,
      0,
      0,
      1,
      0
    ],
    "ImageType": [
      "ORIGINAL",
      "PRIMARY",
      "EPI",
      "NONE"
    ],
    "InPlanePhaseEncodingDirectionDICOM": "COL",
    "InstitutionName": "Michigan_State_University",
    "MRAcquisitionType": "2D",
    "MagneticFieldStrength": 3,
    "Manufacturer": "GE",
    "ManufacturersModelName": "Signa_HDxt",
    "Modality": "MR",
    "PatientPosition": "HFS",
    "PercentPhaseFOV": 100,
    "PixelBandwidth": 7812.5,
    "ProtocolName": "fMRI",
    "ReconMatrixPE": 64,
    "RepetitionTime": 2,
    "SAR": 0.225736,
    "ScanOptions": "EPI_GEMS",
    "ScanningSequence": "EP_GR",
    "SequenceVariant": "SS",
    "SeriesDescription": "fMRI",
    "SliceThickness": 4,
    "SoftwareVersions": "24_LX_MR_Software_release:HD16.0_V02_1131.a",
    "SpacingBetweenSlices": 4,
    "StationName": "MR03MR03",
    "TaskName": "flanker",
    "TotalReadoutTime": 0.038304,
    "modality": "bold",
    "run_id": "02",
    "session_id": "ExercisePre",
    "subject_id": "010",
    "task_id": "flanker"
  },
  "dummy_trs": 0,
  "dvars_nstd": 50.490429135748485,
  "dvars_std": 0.9820223488622756,
  "dvars_vstd": 1.0631541246107783,
  "efc": 0.4545435829136188,
  "fber": 13189.1845703125,
  "fd_mean": 1.3216066986612813,
  "fd_num": 83,
  "fd_perc": 49.404761904761905,
  "fwhm_avg": 3.010801515151515,
  "fwhm_x": 2.9215709090909088,
  "fwhm_y": 3.3134836363636366,
  "fwhm_z": 2.79735,
  "gcor": 0.119901,
  "gsr_x": -0.008059809915721416,
  "gsr_y": 0.007493841927498579,
  "provenance": {
    "md5sum": "6706b1a5d7da0058f81c64c58719e844",
    "settings": {
      "fd_thres": 0.5,
      "hmc_fsl": false
    },
    "software": "mriqc",
    "version": "0.10.4"
  },
  "size_t": 168,
  "size_x": 64,
  "size_y": 64,
  "size_z": 30,
  "snr": 5.506171845106177,
  "spacing_tr": 2.0,
  "spacing_x": 3.4375,
  "spacing_y": 3.4375,
  "spacing_z": 4.0,
  "summary_bg_k": 60.514545172992534,
  "summary_bg_mad": 17.120529174804688,
  "summary_bg_mean": 68.65870666503906,
  "summary_bg_median": 38.82143020629883,
  "summary_bg_n": 71925.0,
  "summary_bg_p05": 5.067857360839847,
  "summary_bg_p95": 229.14167175293005,
  "summary_bg_stdv": 111.0620346069336,
  "summary_fg_k": 2.4740484015565523,
  "summary_fg_mad": 612.4243774414062,
  "summary_fg_mean": 4408.89697265625,
  "summary_fg_median": 4496.8359375,
  "summary_fg_n": 24390.0,
  "summary_fg_p05": 2855.058435058594,
  "summary_fg_p95": 5565.151904296875,
  "summary_fg_stdv": 816.67333984375,
  "tsnr": 20.9013729095459
}