{
  "aor": 0.01701916666666667,
  "aqi": 0.012302062499999999,
  "bids_meta": {
    "AcquisitionMatrixPE": 64,
    "ConversionSoftware": "dcm2niix",
    "ConversionSoftwareVersion": "v1.0.20171017 (OpenJPEG build) GCC4.8.4",
    "DeviceSerialNumber": "0000000517353VH3",
    "EchoTime": 0.0279,
    "EffectiveEchoSpacing": 0.000608,
    "FlipAngle": 76,
    "ImageOrientationPatientDICOM": [
      1,
      0,
      0,
      0,
      1,
      0
    ],
    "ImageType": [
      "ORIGINAL",
      "PRIMARY",
      "EPI",
      "NONE"
    ],
    "InPlanePhaseEncodingDirectionDICOM": "COL",
    "InstitutionName": "Michigan_State_University",
    "MRAcquisitionType": "2D",
    "MagneticFieldStrength": 3,
    "Manufacturer": "GE",
    "ManufacturersModelName": "Signa_HDxt",
    "Modality": "MR",
    "PatientPosition": "HFS",
    "PercentPhaseFOV": 100,
    "PixelBandwidth": 7812.5,
    "ProtocolName": "fMRI",
    "ReconMatrixPE": 64,
    "RepetitionTime": 2,
    "SAR": 0.225736,
    "ScanOptions": "EPI_GEMS",
    "ScanningSequence": "EP_GR",
    "SequenceVariant": "SS",
    "SeriesDescription": "fMRI",
    "SliceThickness": 4,
    "SoftwareVersions": "24_LX_MR_Software_release:HD16.0_V02_1131.a",
    "SpacingBetweenSlices": 4,
    "StationName": "MR03MR03",
    "TaskName": "flanker",
    "TotalReadoutTime": 0.038304,
    "modality": "bold",
    "run_id": "01",
    "session_id": "ControlPost",
    "subject_id": "017",
    "task_id": "flanker"
  },
  "dummy_trs": 0,
  "dvars_nstd": 27.057019262335313,
  "dvars_std": 1.1034280977844313,
  "dvars_vstd": 1.0082439365269473,
  "efc": 0.5018402814523001,
  "fber": 11976.1162109375,
  "fd_mean": 0.46565714485032605,
  "fd_num": 41,
  "fd_perc": 24.404761904761905,
  "fwhm_avg": 2.8559754848484844,
  "fwhm_x": 2.683310545454545,
  "fwhm_y": 3.264290909090909,
  "fwhm_z": 2.620325,
  "gcor": 0.118644,
  "gsr_x": -0.009860949590802193,
  "gsr_y": 0.01643320918083191,
  "provenance": {
    "md5sum": "46fa6f6597da0492bfed414308863f52",
    "settings": {
      "fd_thres": 0.5,
      "hmc_fsl": false
    },
    "software": "mriqc",
    "version": "0.10.4"
  },
  "size_t": 168,
  "size_x": 64,
  "size_y": 64,
  "size_z": 30,
  "snr": 5.442149824725515,
  "spacing_tr": 2.0,
  "spacing_x": 3.4375,
  "spacing_y": 3.4375,
  "spacing_z": 4.0,
  "summary_bg_k": 87.33249983965923,
  "summary_bg_mad": 14.2788724899292,
  "summary_bg_mean": 61.525508880615234,
  "summary_bg_median": 35.875,
  "summary_bg_n": 64498.0,
  "summary_bg_p05": 0.6547619104385376,
  "summary_bg_p95": 186.9928611755367,
  "summary_bg_stdv": 103.49008178710938,
  "summary_fg_k": 2.819241434772528,
  "summary_fg_mad": 618.6602783203125,
  "summary_fg_mean": 3943.31689453125,
  "summary_fg_median": 4021.505859375,
  "summary_fg_n": 30140.0,
  "summary_fg_p05": 2654.4624511718753,
  "summary_fg_p95": 4956.329418945313,
  "summary_fg_stdv": 738.943115234375,
  "tsnr": 42.5403938293457
}