{
  "bids_meta": {
    "AcquisitionMatrixPE": 256,
    "ConversionSoftware": "dcm2niix",
    "ConversionSoftwareVersion": "v1.0.20171017 (OpenJPEG build) GCC4.8.4",
    "DeviceSerialNumber": "0000000517353VH3",
    "EchoTime": 0.003828,
    "FlipAngle": 8,
    "ImageOrientationPatientDICOM": [
      0,
      1,
      0,
      0,
      0,
      -1
    ],
    "ImageType": [
      "ORIGINAL",
      "PRIMARY",
      "OTHER"
    ],
    "InPlanePhaseEncodingDirectionDICOM": "ROW",
    "InstitutionName": "Michigan_State_University",
    "InversionTime": 0.04,
    "MRAcquisitionType": "3D",
    "MagneticFieldStrength": 3,
    "Manufacturer": "GE",
    "ManufacturersModelName": "Signa_HDxt",
    "Modality": "MR",
    "PatientPosition": "HFS",
    "PercentPhaseFOV": 100,
    "PixelBandwidth": 162.734,
    "ProtocolName": "mprage_1mm_iso_20.83_bw",
    "ReconMatrixPE": 256,
    "RepetitionTime": 0.008596,
    "SAR": 0.306132,
    "ScanOptions": "NONE",
    "ScanningSequence": "RM",
    "SequenceVariant": "NONE",
    "SeriesDescription": "mprage_1mm_iso_20.83_bw",
    "SliceThickness": 1,
    "SoftwareVersions": "24_LX_MR_Software_release:HD16.0_V02_1131.a",
    "SpacingBetweenSlices": 1,
    "StationName": "MR03MR03",
    "modality": "T1w",
    "session_id": "ControlPre",
    "subject_id": "017"
  },
  "cjv": 0.266335712324565,
  "cnr": 4.31804083399006,
  "efc": 0.589942853769926,
  "fber": 108.29917907714844,
  "fwhm_avg": 3.83091,
  "fwhm_x": 3.58979,
  "fwhm_y": 4.15283,
  "fwhm_z": 3.75011,
  "icvs_csf": 0.19813602692354929,
  "icvs_gm": 0.466639289098557,
  "icvs_wm": 0.3352246839778937,
  "inu_med": 0.9931334257125854,
  "inu_range": 0.3183633357286455,
  "provenance": {
    "md5sum": "e774cb43bdcec806588c0d652c41118c",
    "settings": {
      "testing": false
    },
    "software": "mriqc",
    "version": "0.10.4",
    "warnings": {
      "large_rot_frame": true,
      "small_air_mask": false
    }
  },
  "qi_1": 0.0,
  "qi_2": 0.0006820328643303327,
  "rpve_csf": 22.37687695166574,
  "rpve_gm": 10.689375078981037,
  "rpve_wm": 17.123576995498176,
  "size_x": 180,
  "size_y": 256,
  "size_z": 256,
  "snr_csf": 2.3816590606189902,
  "snr_gm": 10.386326755768625,
  "snr_total": 8.99236053552906,
  "snr_wm": 14.209095790199566,
  "snrd_csf": 14.350519278665631,
  "snrd_gm": 29.61852002942689,
  "snrd_total": 31.06019152598724,
  "snrd_wm": 49.2115352698692,
  "spacing_x": 1.0,
  "spacing_y": 1.0,
  "spacing_z": 1.0,
  "summary_bg_k": 1.0332292745151985,
  "summary_bg_mad": 13.312738418579102,
  "summary_bg_mean": 47.264923095703125,
  "summary_bg_median": 46.012290954589844,
  "summary_bg_n": 2777299.0,
  "summary_bg_p05": 27.510950660705564,
  "summary_bg_p95": 71.43453521728516,
  "summary_bg_stdv": 13.809713363647461,
  "summary_csf_k": -0.26295680117931974,
  "summary_csf_mad": 146.07156372070312,
  "summary_csf_mean": 289.8341064453125,
  "summary_csf_median": 291.610595703125,
  "summary_csf_n": 12737.0,
  "summary_csf_p05": 111.39846343994141,
  "summary_csf_p95": 485.38677978515625,
  "summary_csf_stdv": 122.435302734375,
  "summary_gm_k": 0.04547241649651568,
  "summary_gm_mad": 57.58919906616211,
  "summary_gm_mean": 602.7405395507812,
  "summary_gm_median": 601.8649291992188,
  "summary_gm_n": 41121.0,
  "summary_gm_p05": 508.4110412597656,
  "summary_gm_p95": 698.8953857421875,
  "summary_gm_stdv": 57.94710922241211,
  "summary_wm_k": 1.5023165719867944,
  "summary_wm_mad": 48.449981689453125,
  "summary_wm_mean": 986.1085205078125,
  "summary_wm_median": 1000.0059814453125,
  "summary_wm_n": 192486.0,
  "summary_wm_p05": 831.1702423095703,
  "summary_wm_p95": 1074.0186767578125,
  "summary_wm_stdv": 70.37769317626953,
  "tpm_overlap_csf": 0.19485361874103546,
  "tpm_overlap_gm": 0.5110290050506592,
  "tpm_overlap_wm": 0.5083010792732239,
  "wm2max": 0.614719678166579
}