{
  "aor": 0.022980595238095237,
  "aqi": 0.022118313392857143,
  "bids_meta": {
    "AcquisitionMatrixPE": 64,
    "ConversionSoftware": "dcm2niix",
    "ConversionSoftwareVersion": "v1.0.20171017 (OpenJPEG build) GCC4.8.4",
    "DeviceSerialNumber": "0000000517353VH3",
    "EchoTime": 0.0279,
    "EffectiveEchoSpacing": 0.000608,
    "FlipAngle": 76,
    "ImageOrientationPatientDICOM": [
      1,
      0,
      0,
      0,
      1,
      0
    ],
    "ImageType": [
      "ORIGINAL",
      "PRIMARY",
      "EPI",
      "NONE"
    ],
    "InPlanePhaseEncodingDirectionDICOM": "COL",
    "InstitutionName": "Michigan_State_University",
    "MRAcquisitionType": "2D",
    "MagneticFieldStrength": 3,
    "Manufacturer": "GE",
    "ManufacturersModelName": "Signa_HDxt",
    "Modality": "MR",
    "PatientPosition": "HFS",
    "PercentPhaseFOV": 100,
    "PixelBandwidth": 7812.5,
    "ProtocolName": "fMRI",
    "ReconMatrixPE": 64,
    "RepetitionTime": 2,
    "SAR": 0.225736,
    "ScanOptions": "EPI_GEMS",
    "ScanningSequence": "EP_GR",
    "SequenceVariant": "SS",
    "SeriesDescription": "fMRI",
    "SliceThickness": 4,
    "SoftwareVersions": "24_LX_MR_Software_release:HD16.0_V02_1131.a",
    "SpacingBetweenSlices": 4,
    "StationName": "MR03MR03",
    "TaskName": "rest",
    "TotalReadoutTime": 0.038304,
    "modality": "bold",
    "session_id": "ExercisePost",
    "subject_id": "024",
    "task_id": "rest"
  },
  "dummy_trs": 0,
  "dvars_nstd": 38.097518481377236,
  "dvars_std": 1.065530239101797,
  "dvars_vstd": 1.0512342469461076,
  "efc": 0.47413417301150246,
  "fber": 13028.8056640625,
  "fd_mean": 0.6457018850612964,
  "fd_num": 68,
  "fd_perc": 40.476190476190474,
  "fwhm_avg": 2.9753565151515153,
  "fwhm_x": 2.921163636363636,
  "fwhm_y": 3.303330909090909,
  "fwhm_z": 2.701575,
  "gcor": 0.141112,
  "gsr_x": -0.007209958974272013,
  "gsr_y": 0.008946284651756287,
  "provenance": {
    "md5sum": "567c272688b5d748647bc933583203b6",
    "settings": {
      "fd_thres": 0.5,
      "hmc_fsl": false
    },
    "software": "mriqc",
    "version": "0.10.4"
  },
  "size_t": 168,
  "size_x": 64,
  "size_y": 64,
  "size_z": 30,
  "snr": 5.25629996225196,
  "spacing_tr": 2.0,
  "spacing_x": 3.4375,
  "spacing_y": 3.4375,
  "spacing_z": 4.0,
  "summary_bg_k": 80.30022955615885,
  "summary_bg_mad": 13.53757095336914,
  "summary_bg_mean": 56.51090621948242,
  "summary_bg_median": 31.95833396911621,
  "summary_bg_n": 68310.0,
  "summary_bg_p05": 1.1845238208770752,
  "summary_bg_p95": 177.63482742309563,
  "summary_bg_stdv": 91.25862884521484,
  "summary_fg_k": 2.395268319497249,
  "summary_fg_mad": 555.2964477539062,
  "summary_fg_mean": 3603.648193359375,
  "summary_fg_median": 3697.744140625,
  "summary_fg_n": 27185.0,
  "summary_fg_p05": 2253.346533203125,
  "summary_fg_p95": 4550.4333984375,
  "summary_fg_stdv": 703.47509765625,
  "tsnr": 29.36190414428711
}