{
  "aor": 0.014660833333333335,
  "aqi": 0.010085974047619049,
  "bids_meta": {
    "AcquisitionMatrixPE": 64,
    "ConversionSoftware": "dcm2niix",
    "ConversionSoftwareVersion": "v1.0.20171017 (OpenJPEG build) GCC4.8.4",
    "DeviceSerialNumber": "0000000517353VH3",
    "EchoTime": 0.0279,
    "EffectiveEchoSpacing": 0.000608,
    "FlipAngle": 76,
    "ImageOrientationPatientDICOM": [
      1,
      0,
      0,
      0,
      1,
      0
    ],
    "ImageType": [
      "ORIGINAL",
      "PRIMARY",
      "EPI",
      "NONE"
    ],
    "InPlanePhaseEncodingDirectionDICOM": "COL",
    "InstitutionName": "Michigan_State_University",
    "MRAcquisitionType": "2D",
    "MagneticFieldStrength": 3,
    "Manufacturer": "GE",
    "ManufacturersModelName": "Signa_HDxt",
    "Modality": "MR",
    "PatientPosition": "HFS",
    "PercentPhaseFOV": 100,
    "PixelBandwidth": 7812.5,
    "ProtocolName": "fMRI",
    "ReconMatrixPE": 64,
    "RepetitionTime": 2,
    "SAR": 0.225736,
    "ScanOptions": "EPI_GEMS",
    "ScanningSequence": "EP_GR",
    "SequenceVariant": "SS",
    "SeriesDescription": "fMRI",
    "SliceThickness": 4,
    "SoftwareVersions": "24_LX_MR_Software_release:HD16.0_V02_1131.a",
    "SpacingBetweenSlices": 4,
    "StationName": "MR03MR03",
    "TaskName": "flanker",
    "TotalReadoutTime": 0.038304,
    "modality": "bold",
    "run_id": "01",
    "session_id": "ExercisePre",
    "subject_id": "029",
    "task_id": "flanker"
  },
  "dummy_trs": 0,
  "dvars_nstd": 24.245982489700594,
  "dvars_std": 1.0845142323952093,
  "dvars_vstd": 1.0325342338922157,
  "efc": 0.48161556665900984,
  "fber": 4648.48193359375,
  "fd_mean": 0.27826808911049256,
  "fd_num": 19,
  "fd_perc": 11.30952380952381,
  "fwhm_avg": 2.9359627878787875,
  "fwhm_x": 2.8300974545454545,
  "fwhm_y": 3.272290909090909,
  "fwhm_z": 2.7055,
  "gcor": 0.107256,
  "gsr_x": -0.009468897245824337,
  "gsr_y": 0.011085564270615578,
  "provenance": {
    "md5sum": "d63ff6786aeac49c8a9bc9a79a569133",
    "settings": {
      "fd_thres": 0.5,
      "hmc_fsl": false
    },
    "software": "mriqc",
    "version": "0.10.4"
  },
  "size_t": 168,
  "size_x": 64,
  "size_y": 64,
  "size_z": 30,
  "snr": 5.147812845754211,
  "spacing_tr": 2.0,
  "spacing_x": 3.4375,
  "spacing_y": 3.4375,
  "spacing_z": 4.0,
  "summary_bg_k": 65.20994161714067,
  "summary_bg_mad": 12.160868644714355,
  "summary_bg_mean": 65.31700897216797,
  "summary_bg_median": 44.75595474243164,
  "summary_bg_n": 68745.0,
  "summary_bg_p05": 0.5416666865348816,
  "summary_bg_p95": 194.57380676269526,
  "summary_bg_stdv": 93.18761444091797,
  "summary_fg_k": 1.8238418315661589,
  "summary_fg_mad": 491.66778564453125,
  "summary_fg_mean": 3083.79541015625,
  "summary_fg_median": 3157.1103515625,
  "summary_fg_n": 26654.0,
  "summary_fg_p05": 1924.8545288085938,
  "summary_fg_p95": 3952.3206298828118,
  "summary_fg_stdv": 613.2800903320312,
  "tsnr": 44.814231872558594
}