{
  "aor": 0.014233214285714288,
  "aqi": 0.006835909404761905,
  "bids_meta": {
    "AcquisitionMatrixPE": 64,
    "ConversionSoftware": "dcm2niix",
    "ConversionSoftwareVersion": "v1.0.20171017 (OpenJPEG build) GCC4.8.4",
    "DeviceSerialNumber": "0000000517353VH3",
    "EchoTime": 0.0279,
    "EffectiveEchoSpacing": 0.000608,
    "FlipAngle": 76,
    "ImageOrientationPatientDICOM": [
      1,
      0,
      0,
      0,
      1,
      0
    ],
    "ImageType": [
      "ORIGINAL",
      "PRIMARY",
      "EPI",
      "NONE"
    ],
    "InPlanePhaseEncodingDirectionDICOM": "COL",
    "InstitutionName": "Michigan_State_University",
    "MRAcquisitionType": "2D",
    "MagneticFieldStrength": 3,
    "Manufacturer": "GE",
    "ManufacturersModelName": "Signa_HDxt",
    "Modality": "MR",
    "PatientPosition": "HFS",
    "PercentPhaseFOV": 100,
    "PixelBandwidth": 7812.5,
    "ProtocolName": "fMRI",
    "ReconMatrixPE": 64,
    "RepetitionTime": 2,
    "SAR": 0.225736,
    "ScanOptions": "EPI_GEMS",
    "ScanningSequence": "EP_GR",
    "SequenceVariant": "SS",
    "SeriesDescription": "fMRI",
    "SliceThickness": 4,
    "SoftwareVersions": "24_LX_MR_Software_release:HD16.0_V02_1131.a",
    "SpacingBetweenSlices": 4,
    "StationName": "MR03MR03",
    "TaskName": "rest",
    "TotalReadoutTime": 0.038304,
    "modality": "bold",
    "session_id": "ControlPost",
    "subject_id": "034",
    "task_id": "rest"
  },
  "dummy_trs": 0,
  "dvars_nstd": 25.098608964910177,
  "dvars_std": 1.2605266123353291,
  "dvars_vstd": 1.0873730735329339,
  "efc": 0.4914316921396049,
  "fber": 11147.0048828125,
  "fd_mean": 0.3509327127538846,
  "fd_num": 30,
  "fd_perc": 17.857142857142858,
  "fwhm_avg": 3.0136922727272726,
  "fwhm_x": 2.8920872727272724,
  "fwhm_y": 3.4472145454545453,
  "fwhm_z": 2.701775,
  "gcor": 0.0557693,
  "gsr_x": -0.009811135940253735,
  "gsr_y": 0.02026631124317646,
  "provenance": {
    "md5sum": "e7da65011c7c85f6e57a97c6e0693aef",
    "settings": {
      "fd_thres": 0.5,
      "hmc_fsl": false
    },
    "software": "mriqc",
    "version": "0.10.4"
  },
  "size_t": 168,
  "size_x": 64,
  "size_y": 64,
  "size_z": 30,
  "snr": 4.7829521004918405,
  "spacing_tr": 2.0,
  "spacing_x": 3.4375,
  "spacing_y": 3.4375,
  "spacing_z": 4.0,
  "summary_bg_k": 79.07340287868142,
  "summary_bg_mad": 13.016892433166504,
  "summary_bg_mean": 62.88911056518555,
  "summary_bg_median": 28.220237731933594,
  "summary_bg_n": 66553.0,
  "summary_bg_p05": 0.2083333432674408,
  "summary_bg_p95": 248.52738037109344,
  "summary_bg_stdv": 135.73843383789062,
  "summary_fg_k": 2.035175842170892,
  "summary_fg_mad": 504.7554931640625,
  "summary_fg_mean": 3012.916259765625,
  "summary_fg_median": 3073.8037109375,
  "summary_fg_n": 28145.0,
  "summary_fg_p05": 1815.6142822265624,
  "summary_fg_p95": 3920.0656249999997,
  "summary_fg_stdv": 642.6468505859375,
  "tsnr": 56.9028205871582
}