{
  "bids_meta": {
    "AcquisitionMatrixPE": 256,
    "ConversionSoftware": "dcm2niix",
    "ConversionSoftwareVersion": "v1.0.20171017 (OpenJPEG build) GCC4.8.4",
    "DeviceSerialNumber": "0000000517353VH3",
    "EchoTime": 0.003828,
    "FlipAngle": 8,
    "ImageOrientationPatientDICOM": [
      0,
      1,
      0,
      0,
      0,
      -1
    ],
    "ImageType": [
      "ORIGINAL",
      "PRIMARY",
      "OTHER"
    ],
    "InPlanePhaseEncodingDirectionDICOM": "ROW",
    "InstitutionName": "Michigan_State_University",
    "InversionTime": 0.04,
    "MRAcquisitionType": "3D",
    "MagneticFieldStrength": 3,
    "Manufacturer": "GE",
    "ManufacturersModelName": "Signa_HDxt",
    "Modality": "MR",
    "PatientPosition": "HFS",
    "PercentPhaseFOV": 100,
    "PixelBandwidth": 162.734,
    "ProtocolName": "mprage_1mm_iso_20.83_bw",
    "ReconMatrixPE": 256,
    "RepetitionTime": 0.008596,
    "SAR": 0.306132,
    "ScanOptions": "NONE",
    "ScanningSequence": "RM",
    "SequenceVariant": "NONE",
    "SeriesDescription": "mprage_1mm_iso_20.83_bw",
    "SliceThickness": 1,
    "SoftwareVersions": "24_LX_MR_Software_release:HD16.0_V02_1131.a",
    "SpacingBetweenSlices": 1,
    "StationName": "MR03MR03",
    "modality": "T1w",
    "session_id": "ExercisePre",
    "subject_id": "024"
  },
  "cjv": 0.2816419767051824,
  "cnr": 4.448933950205649,
  "efc": 0.59086680918525,
  "fber": 78.64485931396484,
  "fwhm_avg": 4.072126666666667,
  "fwhm_x": 3.90792,
  "fwhm_y": 4.27415,
  "fwhm_z": 4.03431,
  "icvs_csf": 0.2048932309782737,
  "icvs_gm": 0.460229021270303,
  "icvs_wm": 0.3348777477514233,
  "inu_med": 1.0159199237823486,
  "inu_range": 0.3350638747215269,
  "provenance": {
    "md5sum": "938f98ed667d194eabefde5f602c1253",
    "settings": {
      "testing": false
    },
    "software": "mriqc",
    "version": "0.10.4",
    "warnings": {
      "large_rot_frame": true,
      "small_air_mask": false
    }
  },
  "qi_1": 0.0,
  "qi_2": 0.0009713881177390929,
  "rpve_csf": 24.798263252562275,
  "rpve_gm": 12.321489637429433,
  "rpve_wm": 19.49358157243987,
  "size_x": 180,
  "size_y": 256,
  "size_z": 256,
  "snr_csf": 2.32291888699429,
  "snr_gm": 10.421792612241985,
  "snr_total": 9.620006143219756,
  "snr_wm": 16.115306930422996,
  "snrd_csf": 11.175996907052227,
  "snrd_gm": 25.220499628180363,
  "snrd_total": 25.879557297432168,
  "snrd_wm": 41.24217535706391,
  "spacing_x": 1.0,
  "spacing_y": 1.0,
  "spacing_z": 1.0,
  "summary_bg_k": 2.765028719604315,
  "summary_bg_mad": 15.885387420654297,
  "summary_bg_mean": 55.37176513671875,
  "summary_bg_median": 52.65940475463867,
  "summary_bg_n": 3254537.0,
  "summary_bg_p05": 31.794748687744143,
  "summary_bg_p95": 88.44052124023435,
  "summary_bg_stdv": 18.200092315673828,
  "summary_csf_k": 0.12317380527684652,
  "summary_csf_mad": 126.20929718017578,
  "summary_csf_mean": 281.54345703125,
  "summary_csf_median": 270.98944091796875,
  "summary_csf_n": 11725.0,
  "summary_csf_p05": 113.4708938598633,
  "summary_csf_p95": 481.04580078125,
  "summary_csf_stdv": 116.65404510498047,
  "summary_gm_k": 0.12773017831082534,
  "summary_gm_mad": 57.38613510131836,
  "summary_gm_mean": 610.9724731445312,
  "summary_gm_median": 611.5328369140625,
  "summary_gm_n": 30481.0,
  "summary_gm_p05": 511.7138671875,
  "summary_gm_p95": 704.7233276367188,
  "summary_gm_stdv": 58.67731475830078,
  "summary_wm_k": 0.7675058146787865,
  "summary_wm_mad": 52.02749252319336,
  "summary_wm_mean": 994.4925537109375,
  "summary_wm_median": 1000.0176391601562,
  "summary_wm_n": 175024.0,
  "summary_wm_p05": 875.6023651123047,
  "summary_wm_p95": 1086.3260131835937,
  "summary_wm_stdv": 62.0537223815918,
  "tpm_overlap_csf": 0.20919805765151978,
  "tpm_overlap_gm": 0.5318276882171631,
  "tpm_overlap_wm": 0.546286404132843,
  "wm2max": 0.6341142769109861
}