{
  "aor": 0.006308154761904761,
  "aqi": 0.008402002738095238,
  "bids_meta": {
    "AcquisitionMatrixPE": 64,
    "ConversionSoftware": "dcm2niix",
    "ConversionSoftwareVersion": "v1.0.20171017 (OpenJPEG build) GCC4.8.4",
    "DeviceSerialNumber": "0000000517353VH3",
    "EchoTime": 0.0279,
    "EffectiveEchoSpacing": 0.000608,
    "FlipAngle": 76,
    "ImageOrientationPatientDICOM": [
      1,
      0,
      0,
      0,
      1,
      0
    ],
    "ImageType": [
      "ORIGINAL",
      "PRIMARY",
      "EPI",
      "NONE"
    ],
    "InPlanePhaseEncodingDirectionDICOM": "COL",
    "InstitutionName": "Michigan_State_University",
    "MRAcquisitionType": "2D",
    "MagneticFieldStrength": 3,
    "Manufacturer": "GE",
    "ManufacturersModelName": "Signa_HDxt",
    "Modality": "MR",
    "PatientPosition": "HFS",
    "PercentPhaseFOV": 100,
    "PixelBandwidth": 7812.5,
    "ProtocolName": "fMRI",
    "ReconMatrixPE": 64,
    "RepetitionTime": 2,
    "SAR": 0.225736,
    "ScanOptions": "EPI_GEMS",
    "ScanningSequence": "EP_GR",
    "SequenceVariant": "SS",
    "SeriesDescription": "fMRI",
    "SliceThickness": 4,
    "SoftwareVersions": "24_LX_MR_Software_release:HD16.0_V02_1131.a",
    "SpacingBetweenSlices": 4,
    "StationName": "MR03MR03",
    "TaskName": "flanker",
    "TotalReadoutTime": 0.038304,
    "modality": "bold",
    "run_id": "02",
    "session_id": "ExercisePre",
    "subject_id": "027",
    "task_id": "flanker"
  },
  "dummy_trs": 0,
  "dvars_nstd": 20.232878804850298,
  "dvars_std": 1.0823251244910175,
  "dvars_vstd": 0.9829959400598804,
  "efc": 0.46076528517932325,
  "fber": 12299.421875,
  "fd_mean": 0.37533403035171226,
  "fd_num": 33,
  "fd_perc": 19.642857142857142,
  "fwhm_avg": 2.9559762121212123,
  "fwhm_x": 2.9589527272727274,
  "fwhm_y": 3.222050909090909,
  "fwhm_z": 2.686925,
  "gcor": 0.0306736,
  "gsr_x": 0.00012389714538585395,
  "gsr_y": 0.0066487472504377365,
  "provenance": {
    "md5sum": "0b2a288ee21c86090c30df5e153bc707",
    "settings": {
      "fd_thres": 0.5,
      "hmc_fsl": false
    },
    "software": "mriqc",
    "version": "0.10.4"
  },
  "size_t": 168,
  "size_x": 64,
  "size_y": 64,
  "size_z": 30,
  "snr": 5.197266190215011,
  "spacing_tr": 2.0,
  "spacing_x": 3.4375,
  "spacing_y": 3.4375,
  "spacing_z": 4.0,
  "summary_bg_k": 82.80258239387832,
  "summary_bg_mad": 11.816692352294922,
  "summary_bg_mean": 52.86194610595703,
  "summary_bg_median": 26.059524536132812,
  "summary_bg_n": 70834.0,
  "summary_bg_p05": 0.386904776096344,
  "summary_bg_p95": 173.59196243286095,
  "summary_bg_stdv": 104.86688995361328,
  "summary_fg_k": 2.7934209461504267,
  "summary_fg_mad": 452.12744140625,
  "summary_fg_mean": 2863.448486328125,
  "summary_fg_median": 2958.9345703125,
  "summary_fg_n": 24816.0,
  "summary_fg_p05": 1749.8511962890625,
  "summary_fg_p95": 3574.0863647460938,
  "summary_fg_stdv": 569.313720703125,
  "tsnr": 58.55555725097656
}