{
  "bids_meta": {
    "AcquisitionMatrixPE": 256,
    "ConversionSoftware": "dcm2niix",
    "ConversionSoftwareVersion": "v1.0.20171017 (OpenJPEG build) GCC4.8.4",
    "DeviceSerialNumber": "0000000517353VH3",
    "EchoTime": 0.003828,
    "FlipAngle": 8,
    "ImageOrientationPatientDICOM": [
      0,
      1,
      0,
      0,
      0,
      -1
    ],
    "ImageType": [
      "ORIGINAL",
      "PRIMARY",
      "OTHER"
    ],
    "InPlanePhaseEncodingDirectionDICOM": "ROW",
    "InstitutionName": "Michigan_State_University",
    "InversionTime": 0.04,
    "MRAcquisitionType": "3D",
    "MagneticFieldStrength": 3,
    "Manufacturer": "GE",
    "ManufacturersModelName": "Signa_HDxt",
    "Modality": "MR",
    "PatientPosition": "HFS",
    "PercentPhaseFOV": 100,
    "PixelBandwidth": 162.734,
    "ProtocolName": "mprage_1mm_iso_20.83_bw",
    "ReconMatrixPE": 256,
    "RepetitionTime": 0.008596,
    "SAR": 0.306132,
    "ScanOptions": "NONE",
    "ScanningSequence": "RM",
    "SequenceVariant": "NONE",
    "SeriesDescription": "mprage_1mm_iso_20.83_bw",
    "SliceThickness": 1,
    "SoftwareVersions": "24_LX_MR_Software_release:HD16.0_V02_1131.a",
    "SpacingBetweenSlices": 1,
    "StationName": "MR03MR03",
    "modality": "T1w",
    "session_id": "ExercisePre",
    "subject_id": "027"
  },
  "cjv": 0.27573602985695034,
  "cnr": 4.700596181449917,
  "efc": 0.5797054464259158,
  "fber": 101.15534973144531,
  "fwhm_avg": 3.879123333333333,
  "fwhm_x": 3.80052,
  "fwhm_y": 4.07271,
  "fwhm_z": 3.76414,
  "icvs_csf": 0.17936223123040873,
  "icvs_gm": 0.4866035457745121,
  "icvs_wm": 0.3340342229950792,
  "inu_med": 0.9809685349464417,
  "inu_range": 0.2803493916988372,
  "provenance": {
    "md5sum": "ca33a7903d3bf962f46c04ec7002b4e6",
    "settings": {
      "testing": false
    },
    "software": "mriqc",
    "version": "0.10.4",
    "warnings": {
      "large_rot_frame": true,
      "small_air_mask": false
    }
  },
  "qi_1": 0.0,
  "qi_2": 0.0010879532575583596,
  "rpve_csf": 29.820759617441258,
  "rpve_gm": 12.860594848944968,
  "rpve_wm": 20.8154174531778,
  "size_x": 180,
  "size_y": 256,
  "size_z": 256,
  "snr_csf": 2.4846175185063393,
  "snr_gm": 10.073499780245042,
  "snr_total": 11.282774458473552,
  "snr_wm": 21.290206076669275,
  "snrd_csf": 14.94835872235685,
  "snrd_gm": 34.03937522525508,
  "snrd_total": 34.390566301560234,
  "snrd_wm": 54.183964957068774,
  "spacing_x": 1.0,
  "spacing_y": 1.0,
  "spacing_z": 1.0,
  "summary_bg_k": 0.9059995730092663,
  "summary_bg_mad": 12.091054916381836,
  "summary_bg_mean": 47.788169860839844,
  "summary_bg_median": 47.01874923706055,
  "summary_bg_n": 2567387.0,
  "summary_bg_p05": 29.046434593200683,
  "summary_bg_p95": 69.49286193847655,
  "summary_bg_stdv": 12.661697387695312,
  "summary_csf_k": 0.35731920260451044,
  "summary_csf_mad": 115.48574829101562,
  "summary_csf_mean": 294.09539794921875,
  "summary_csf_median": 275.8836669921875,
  "summary_csf_n": 15097.0,
  "summary_csf_p05": 142.82301635742186,
  "summary_csf_p95": 489.87861328124967,
  "summary_csf_stdv": 111.03299713134766,
  "summary_gm_k": 0.10496456373573482,
  "summary_gm_mad": 61.40601348876953,
  "summary_gm_mean": 631.17724609375,
  "summary_gm_median": 628.2233276367188,
  "summary_gm_n": 49941.0,
  "summary_gm_p05": 533.6472778320312,
  "summary_gm_p95": 739.4221801757812,
  "summary_gm_stdv": 62.36333465576172,
  "summary_wm_k": 1.2376664291332764,
  "summary_wm_mad": 41.108280181884766,
  "summary_wm_mean": 995.7000732421875,
  "summary_wm_median": 1000.0075073242188,
  "summary_wm_n": 161769.0,
  "summary_wm_p05": 909.6682739257812,
  "summary_wm_p95": 1063.8825439453126,
  "summary_wm_stdv": 46.97016143798828,
  "tpm_overlap_csf": 0.22733435034751892,
  "tpm_overlap_gm": 0.5479221940040588,
  "tpm_overlap_wm": 0.5423957705497742,
  "wm2max": 0.6195212363153308
}