{
  "bids_meta": {
    "AcquisitionMatrixPE": 256,
    "ConversionSoftware": "dcm2niix",
    "ConversionSoftwareVersion": "v1.0.20171017 (OpenJPEG build) GCC4.8.4",
    "DeviceSerialNumber": "0000000517353VH3",
    "EchoTime": 0.003828,
    "FlipAngle": 8,
    "ImageOrientationPatientDICOM": [
      0,
      1,
      0,
      0,
      0,
      -1
    ],
    "ImageType": [
      "ORIGINAL",
      "PRIMARY",
      "OTHER"
    ],
    "InPlanePhaseEncodingDirectionDICOM": "ROW",
    "InstitutionName": "Michigan_State_University",
    "InversionTime": 0.04,
    "MRAcquisitionType": "3D",
    "MagneticFieldStrength": 3,
    "Manufacturer": "GE",
    "ManufacturersModelName": "Signa_HDxt",
    "Modality": "MR",
    "PatientPosition": "HFS",
    "PercentPhaseFOV": 100,
    "PixelBandwidth": 162.734,
    "ProtocolName": "mprage_1mm_iso_20.83_bw",
    "ReconMatrixPE": 256,
    "RepetitionTime": 0.008596,
    "SAR": 0.306132,
    "ScanOptions": "NONE",
    "ScanningSequence": "RM",
    "SequenceVariant": "NONE",
    "SeriesDescription": "mprage_1mm_iso_20.83_bw",
    "SliceThickness": 1,
    "SoftwareVersions": "24_LX_MR_Software_release:HD16.0_V02_1131.a",
    "SpacingBetweenSlices": 1,
    "StationName": "MR03MR03",
    "modality": "T1w",
    "session_id": "ExercisePre",
    "subject_id": "030"
  },
  "cjv": 0.28590470654168293,
  "cnr": 3.562495668034981,
  "efc": 0.578668284665291,
  "fber": 114.02033996582031,
  "fwhm_avg": 3.937453333333334,
  "fwhm_x": 3.8413,
  "fwhm_y": 4.08473,
  "fwhm_z": 3.88633,
  "icvs_csf": 0.20337917410512266,
  "icvs_gm": 0.45274270558180685,
  "icvs_wm": 0.34387812031307047,
  "inu_med": 0.7607671618461609,
  "inu_range": 0.25524622201919556,
  "provenance": {
    "md5sum": "3cb63dddbd9443b8d8e17b028a02a170",
    "settings": {
      "testing": false
    },
    "software": "mriqc",
    "version": "0.10.4",
    "warnings": {
      "large_rot_frame": true,
      "small_air_mask": false
    }
  },
  "qi_1": 0.0,
  "qi_2": 0.0007215817078964817,
  "rpve_csf": 24.33635958444761,
  "rpve_gm": 12.164683313415939,
  "rpve_wm": 19.00761493786704,
  "size_x": 180,
  "size_y": 256,
  "size_z": 256,
  "snr_csf": 2.9911252707151252,
  "snr_gm": 10.638009672425154,
  "snr_total": 8.429205380588487,
  "snr_wm": 11.658481198625182,
  "snrd_csf": 15.56434662742827,
  "snrd_gm": 27.47613456903772,
  "snrd_total": 28.99738886369525,
  "snrd_wm": 43.95168539461976,
  "spacing_x": 1.0,
  "spacing_y": 1.0,
  "spacing_z": 1.0,
  "summary_bg_k": 1.8586267824878275,
  "summary_bg_mad": 14.905993461608887,
  "summary_bg_mean": 48.754337310791016,
  "summary_bg_median": 46.55953598022461,
  "summary_bg_n": 2806719.0,
  "summary_bg_p05": 27.023556327819826,
  "summary_bg_p95": 77.92670211791994,
  "summary_bg_stdv": 16.16735076904297,
  "summary_csf_k": -0.11147898886721919,
  "summary_csf_mad": 130.9265899658203,
  "summary_csf_mean": 348.9398498535156,
  "summary_csf_median": 354.12786865234375,
  "summary_csf_n": 10752.0,
  "summary_csf_p05": 161.80138931274416,
  "summary_csf_p95": 530.547152709961,
  "summary_csf_stdv": 118.3873519897461,
  "summary_gm_k": 0.09876522695330703,
  "summary_gm_mad": 59.061798095703125,
  "summary_gm_mean": 623.857666015625,
  "summary_gm_median": 625.15087890625,
  "summary_gm_n": 38858.0,
  "summary_gm_p05": 525.3095001220703,
  "summary_gm_p95": 717.3005920410156,
  "summary_gm_stdv": 58.765018463134766,
  "summary_wm_k": 1.2350876934223116,
  "summary_wm_mad": 48.11245346069336,
  "summary_wm_mean": 975.0310668945312,
  "summary_wm_median": 1000.0109252929688,
  "summary_wm_n": 183431.0,
  "summary_wm_p05": 775.5316772460938,
  "summary_wm_p95": 1066.6441650390625,
  "summary_wm_stdv": 85.7751693725586,
  "tpm_overlap_csf": 0.2019559144973755,
  "tpm_overlap_gm": 0.5296800136566162,
  "tpm_overlap_wm": 0.5512219071388245,
  "wm2max": 0.7175055669824831
}