{
  "bids_meta": {
    "AcquisitionMatrixPE": 256,
    "ConversionSoftware": "dcm2niix",
    "ConversionSoftwareVersion": "v1.0.20171017 (OpenJPEG build) GCC4.8.4",
    "DeviceSerialNumber": "0000000517353VH3",
    "EchoTime": 0.003828,
    "FlipAngle": 8,
    "ImageOrientationPatientDICOM": [
      0,
      1,
      0,
      0,
      0,
      -1
    ],
    "ImageType": [
      "ORIGINAL",
      "PRIMARY",
      "OTHER"
    ],
    "InPlanePhaseEncodingDirectionDICOM": "ROW",
    "InstitutionName": "Michigan_State_University",
    "InversionTime": 0.04,
    "MRAcquisitionType": "3D",
    "MagneticFieldStrength": 3,
    "Manufacturer": "GE",
    "ManufacturersModelName": "Signa_HDxt",
    "Modality": "MR",
    "PatientPosition": "HFS",
    "PercentPhaseFOV": 100,
    "PixelBandwidth": 162.734,
    "ProtocolName": "mprage_1mm_iso_20.83_bw",
    "ReconMatrixPE": 256,
    "RepetitionTime": 0.008596,
    "SAR": 0.306132,
    "ScanOptions": "NONE",
    "ScanningSequence": "RM",
    "SequenceVariant": "NONE",
    "SeriesDescription": "mprage_1mm_iso_20.83_bw",
    "SliceThickness": 1,
    "SoftwareVersions": "24_LX_MR_Software_release:HD16.0_V02_1131.a",
    "SpacingBetweenSlices": 1,
    "StationName": "MR03MR03",
    "modality": "T1w",
    "session_id": "ExercisePre",
    "subject_id": "023"
  },
  "cjv": 0.3267451842579852,
  "cnr": 3.828012914471337,
  "efc": 0.6067886115038116,
  "fber": 83.96290588378906,
  "fwhm_avg": 4.2032066666666665,
  "fwhm_x": 4.14975,
  "fwhm_y": 4.2988,
  "fwhm_z": 4.16107,
  "icvs_csf": 0.20784030519538949,
  "icvs_gm": 0.4468774790494629,
  "icvs_wm": 0.34528221575514767,
  "inu_med": 1.101635217666626,
  "inu_range": 0.37921770513057695,
  "provenance": {
    "md5sum": "1b459ae40be403897558ae338e04bb3e",
    "settings": {
      "testing": false
    },
    "software": "mriqc",
    "version": "0.10.4",
    "warnings": {
      "large_rot_frame": true,
      "small_air_mask": false
    }
  },
  "qi_1": 0.00012816164379565758,
  "qi_2": 0.0007718482357756324,
  "rpve_csf": 24.440468851547756,
  "rpve_gm": 12.196139806706636,
  "rpve_wm": 18.0696340654083,
  "size_x": 180,
  "size_y": 256,
  "size_z": 256,
  "snr_csf": 3.2557411159259373,
  "snr_gm": 11.458982914990353,
  "snr_total": 10.408102622640484,
  "snr_wm": 16.509583837005163,
  "snrd_csf": 13.795992173371515,
  "snrd_gm": 25.07849671836493,
  "snrd_total": 25.631622194785024,
  "snrd_wm": 38.02037769261863,
  "spacing_x": 1.0,
  "spacing_y": 1.0,
  "spacing_z": 1.0,
  "summary_bg_k": 16.28125674450957,
  "summary_bg_mad": 17.231569290161133,
  "summary_bg_mean": 61.76039505004883,
  "summary_bg_median": 54.255027770996094,
  "summary_bg_n": 2992978.0,
  "summary_bg_p05": 32.924631881713864,
  "summary_bg_p95": 117.72068443298335,
  "summary_bg_stdv": 30.412818908691406,
  "summary_csf_k": -0.11203241448266965,
  "summary_csf_mad": 116.22804260253906,
  "summary_csf_mean": 358.3309326171875,
  "summary_csf_median": 362.8658142089844,
  "summary_csf_n": 24222.0,
  "summary_csf_p05": 173.96062698364258,
  "summary_csf_p95": 531.2387573242188,
  "summary_csf_stdv": 111.45183563232422,
  "summary_gm_k": 0.36057050722385364,
  "summary_gm_mad": 55.19824981689453,
  "summary_gm_mean": 660.7202758789062,
  "summary_gm_median": 659.6212158203125,
  "summary_gm_n": 41206.0,
  "summary_gm_p05": 567.5628204345703,
  "summary_gm_p95": 756.7674865722656,
  "summary_gm_stdv": 57.56298065185547,
  "summary_wm_k": 0.5971349815884812,
  "summary_wm_mad": 56.026058197021484,
  "summary_wm_mean": 1000.342041015625,
  "summary_wm_median": 1000.02197265625,
  "summary_wm_n": 192168.0,
  "summary_wm_p05": 899.5626007080078,
  "summary_wm_p95": 1100.0161865234377,
  "summary_wm_stdv": 60.572052001953125,
  "tpm_overlap_csf": 0.19666606187820435,
  "tpm_overlap_gm": 0.5211575627326965,
  "tpm_overlap_wm": 0.5409469604492188,
  "wm2max": 0.5358867839629546
}