{
  "aor": 0.005147738095238095,
  "aqi": 0.003030742619047619,
  "bids_meta": {
    "AcquisitionMatrixPE": 64,
    "ConversionSoftware": "dcm2niix",
    "ConversionSoftwareVersion": "v1.0.20171017 (OpenJPEG build) GCC4.8.4",
    "DeviceSerialNumber": "0000000517353VH3",
    "EchoTime": 0.0279,
    "EffectiveEchoSpacing": 0.000608,
    "FlipAngle": 76,
    "ImageOrientationPatientDICOM": [
      1,
      0,
      0,
      0,
      1,
      0
    ],
    "ImageType": [
      "ORIGINAL",
      "PRIMARY",
      "EPI",
      "NONE"
    ],
    "InPlanePhaseEncodingDirectionDICOM": "COL",
    "InstitutionName": "Michigan_State_University",
    "MRAcquisitionType": "2D",
    "MagneticFieldStrength": 3,
    "Manufacturer": "GE",
    "ManufacturersModelName": "Signa_HDxt",
    "Modality": "MR",
    "PatientPosition": "HFS",
    "PercentPhaseFOV": 100,
    "PixelBandwidth": 7812.5,
    "ProtocolName": "fMRI",
    "ReconMatrixPE": 64,
    "RepetitionTime": 2,
    "SAR": 0.225736,
    "ScanOptions": "EPI_GEMS",
    "ScanningSequence": "EP_GR",
    "SequenceVariant": "SS",
    "SeriesDescription": "fMRI",
    "SliceThickness": 4,
    "SoftwareVersions": "24_LX_MR_Software_release:HD16.0_V02_1131.a",
    "SpacingBetweenSlices": 4,
    "StationName": "MR03MR03",
    "TaskName": "rest",
    "TotalReadoutTime": 0.038304,
    "modality": "bold",
    "session_id": "ControlPre",
    "subject_id": "020",
    "task_id": "rest"
  },
  "dummy_trs": 0,
  "dvars_nstd": 15.053601333353292,
  "dvars_std": 1.2829551490419164,
  "dvars_vstd": 0.9794322377844316,
  "efc": 0.4589133676878928,
  "fber": 14374.515625,
  "fd_mean": 0.11746998557928949,
  "fd_num": 5,
  "fd_perc": 2.9761904761904763,
  "fwhm_avg": 2.953724909090909,
  "fwhm_x": 2.8791883636363633,
  "fwhm_y": 3.2772363636363635,
  "fwhm_z": 2.70475,
  "gcor": 0.0514787,
  "gsr_x": -0.009643127210438251,
  "gsr_y": 0.009960681200027466,
  "provenance": {
    "md5sum": "d8eccedb693913f1cb31002b5ebf3850",
    "settings": {
      "fd_thres": 0.5,
      "hmc_fsl": false
    },
    "software": "mriqc",
    "version": "0.10.4"
  },
  "size_t": 168,
  "size_x": 64,
  "size_y": 64,
  "size_z": 30,
  "snr": 5.450193156273569,
  "spacing_tr": 2.0,
  "spacing_x": 3.4375,
  "spacing_y": 3.4375,
  "spacing_z": 4.0,
  "summary_bg_k": 95.18762246440079,
  "summary_bg_mad": 13.140443801879883,
  "summary_bg_mean": 62.93360137939453,
  "summary_bg_median": 32.779762268066406,
  "summary_bg_n": 70627.0,
  "summary_bg_p05": 0.3511904776096344,
  "summary_bg_p95": 191.36666870117173,
  "summary_bg_stdv": 115.85596466064453,
  "summary_fg_k": 4.171887248557796,
  "summary_fg_mad": 525.3399658203125,
  "summary_fg_mean": 3884.870849609375,
  "summary_fg_median": 4014.4404296875,
  "summary_fg_n": 24852.0,
  "summary_fg_p05": 2437.7395996093755,
  "summary_fg_p95": 4757.872265624999,
  "summary_fg_stdv": 736.5536499023438,
  "tsnr": 105.23954010009766
}