{
  "aor": 0.04145494047619048,
  "aqi": 0.04674273488095239,
  "bids_meta": {
    "AcquisitionMatrixPE": 64,
    "ConversionSoftware": "dcm2niix",
    "ConversionSoftwareVersion": "v1.0.20171017 (OpenJPEG build) GCC4.8.4",
    "DeviceSerialNumber": "0000000517353VH3",
    "EchoTime": 0.0279,
    "EffectiveEchoSpacing": 0.000608,
    "FlipAngle": 76,
    "ImageOrientationPatientDICOM": [
      1,
      0,
      0,
      0,
      1,
      0
    ],
    "ImageType": [
      "ORIGINAL",
      "PRIMARY",
      "EPI",
      "NONE"
    ],
    "InPlanePhaseEncodingDirectionDICOM": "COL",
    "InstitutionName": "Michigan_State_University",
    "MRAcquisitionType": "2D",
    "MagneticFieldStrength": 3,
    "Manufacturer": "GE",
    "ManufacturersModelName": "Signa_HDxt",
    "Modality": "MR",
    "PatientPosition": "HFS",
    "PercentPhaseFOV": 100,
    "PixelBandwidth": 7812.5,
    "ProtocolName": "fMRI",
    "ReconMatrixPE": 64,
    "RepetitionTime": 2,
    "SAR": 0.225736,
    "ScanOptions": "EPI_GEMS",
    "ScanningSequence": "EP_GR",
    "SequenceVariant": "SS",
    "SeriesDescription": "fMRI",
    "SliceThickness": 4,
    "SoftwareVersions": "24_LX_MR_Software_release:HD16.0_V02_1131.a",
    "SpacingBetweenSlices": 4,
    "StationName": "MR03MR03",
    "TaskName": "flanker",
    "TotalReadoutTime": 0.038304,
    "modality": "bold",
    "run_id": "02",
    "session_id": "ControlPost",
    "subject_id": "029",
    "task_id": "flanker"
  },
  "dummy_trs": 0,
  "dvars_nstd": 64.52059892000001,
  "dvars_std": 1.1965610195209582,
  "dvars_vstd": 1.2139006274850295,
  "efc": 0.5425734922404332,
  "fber": 285.9466552734375,
  "fd_mean": 1.241288515979416,
  "fd_num": 67,
  "fd_perc": 39.88095238095238,
  "fwhm_avg": 3.1342554545454546,
  "fwhm_x": 2.9134545454545457,
  "fwhm_y": 3.520261818181818,
  "fwhm_z": 2.96905,
  "gcor": 0.120812,
  "gsr_x": -0.004757230635732412,
  "gsr_y": 0.010116972960531712,
  "provenance": {
    "md5sum": "fe9253f115876fe83d31eeef63b128f8",
    "settings": {
      "fd_thres": 0.5,
      "hmc_fsl": false
    },
    "software": "mriqc",
    "version": "0.10.4"
  },
  "size_t": 168,
  "size_x": 64,
  "size_y": 64,
  "size_z": 30,
  "snr": 4.982444868545552,
  "spacing_tr": 2.0,
  "spacing_x": 3.4375,
  "spacing_y": 3.4375,
  "spacing_z": 4.0,
  "summary_bg_k": 44.87102349872311,
  "summary_bg_mad": 25.888168334960938,
  "summary_bg_mean": 179.54617309570312,
  "summary_bg_median": 178.05059814453125,
  "summary_bg_n": 69612.0,
  "summary_bg_p05": 9.229464626312257,
  "summary_bg_p95": 299.83274841308594,
  "summary_bg_stdv": 103.76470184326172,
  "summary_fg_k": 1.3627510646928531,
  "summary_fg_mad": 530.4539794921875,
  "summary_fg_mean": 3008.681396484375,
  "summary_fg_median": 3108.125,
  "summary_fg_n": 26512.0,
  "summary_fg_p05": 1772.1604858398437,
  "summary_fg_p95": 3831.132861328124,
  "summary_fg_stdv": 623.803466796875,
  "tsnr": 17.810611724853516
}