{
  "aor": 0.02752261904761905,
  "aqi": 0.01242682976190476,
  "bids_meta": {
    "AcquisitionMatrixPE": 64,
    "ConversionSoftware": "dcm2niix",
    "ConversionSoftwareVersion": "v1.0.20171017 (OpenJPEG build) GCC4.8.4",
    "DeviceSerialNumber": "0000000517353VH3",
    "EchoTime": 0.0279,
    "EffectiveEchoSpacing": 0.000608,
    "FlipAngle": 76,
    "ImageOrientationPatientDICOM": [
      1,
      0,
      0,
      0,
      1,
      0
    ],
    "ImageType": [
      "ORIGINAL",
      "PRIMARY",
      "EPI",
      "NONE"
    ],
    "InPlanePhaseEncodingDirectionDICOM": "COL",
    "InstitutionName": "Michigan_State_University",
    "MRAcquisitionType": "2D",
    "MagneticFieldStrength": 3,
    "Manufacturer": "GE",
    "ManufacturersModelName": "Signa_HDxt",
    "Modality": "MR",
    "PatientPosition": "HFS",
    "PercentPhaseFOV": 100,
    "PixelBandwidth": 7812.5,
    "ProtocolName": "fMRI",
    "ReconMatrixPE": 64,
    "RepetitionTime": 2,
    "SAR": 0.225736,
    "ScanOptions": "EPI_GEMS",
    "ScanningSequence": "EP_GR",
    "SequenceVariant": "SS",
    "SeriesDescription": "fMRI",
    "SliceThickness": 4,
    "SoftwareVersions": "24_LX_MR_Software_release:HD16.0_V02_1131.a",
    "SpacingBetweenSlices": 4,
    "StationName": "MR03MR03",
    "TaskName": "rest",
    "TotalReadoutTime": 0.038304,
    "modality": "bold",
    "session_id": "ExercisePost",
    "subject_id": "017",
    "task_id": "rest"
  },
  "dummy_trs": 0,
  "dvars_nstd": 21.863745449401204,
  "dvars_std": 1.069818256167665,
  "dvars_vstd": 1.0660475895209576,
  "efc": 0.502500496189064,
  "fber": 12466.5458984375,
  "fd_mean": 0.4148477888713264,
  "fd_num": 34,
  "fd_perc": 20.238095238095237,
  "fwhm_avg": 2.872186272727273,
  "fwhm_x": 2.6916974545454546,
  "fwhm_y": 3.2788363636363638,
  "fwhm_z": 2.646025,
  "gcor": 0.0960208,
  "gsr_x": -0.009631985798478127,
  "gsr_y": 0.018552102148532867,
  "provenance": {
    "md5sum": "d1dd89d2bcfa52ab10e81cf46368ebf1",
    "settings": {
      "fd_thres": 0.5,
      "hmc_fsl": false
    },
    "software": "mriqc",
    "version": "0.10.4"
  },
  "size_t": 168,
  "size_x": 64,
  "size_y": 64,
  "size_z": 30,
  "snr": 5.459185878610763,
  "spacing_tr": 2.0,
  "spacing_x": 3.4375,
  "spacing_y": 3.4375,
  "spacing_z": 4.0,
  "summary_bg_k": 125.40824792455399,
  "summary_bg_mad": 12.946292877197266,
  "summary_bg_mean": 60.08049011230469,
  "summary_bg_median": 34.863094329833984,
  "summary_bg_n": 64364.0,
  "summary_bg_p05": 0.8690476417541504,
  "summary_bg_p95": 177.84583816528314,
  "summary_bg_stdv": 108.95447540283203,
  "summary_fg_k": 3.0715671488526644,
  "summary_fg_mad": 607.9020385742188,
  "summary_fg_mean": 3903.115234375,
  "summary_fg_median": 3977.732177734375,
  "summary_fg_n": 30355.0,
  "summary_fg_p05": 2630.882861328125,
  "summary_fg_p95": 4896.83330078125,
  "summary_fg_stdv": 728.6190185546875,
  "tsnr": 43.54088592529297
}