{
  "bids_meta": {
    "AcquisitionMatrixPE": 256,
    "ConversionSoftware": "dcm2niix",
    "ConversionSoftwareVersion": "v1.0.20171017 (OpenJPEG build) GCC4.8.4",
    "DeviceSerialNumber": "0000000517353VH3",
    "EchoTime": 0.003828,
    "FlipAngle": 8,
    "ImageOrientationPatientDICOM": [
      0,
      1,
      0,
      0,
      0,
      -1
    ],
    "ImageType": [
      "ORIGINAL",
      "PRIMARY",
      "OTHER"
    ],
    "InPlanePhaseEncodingDirectionDICOM": "ROW",
    "InstitutionName": "Michigan_State_University",
    "InversionTime": 0.04,
    "MRAcquisitionType": "3D",
    "MagneticFieldStrength": 3,
    "Manufacturer": "GE",
    "ManufacturersModelName": "Signa_HDxt",
    "Modality": "MR",
    "PatientPosition": "HFS",
    "PercentPhaseFOV": 100,
    "PixelBandwidth": 162.734,
    "ProtocolName": "mprage_1mm_iso_20.83_bw",
    "ReconMatrixPE": 256,
    "RepetitionTime": 0.008596,
    "SAR": 0.306132,
    "ScanOptions": "NONE",
    "ScanningSequence": "RM",
    "SequenceVariant": "NONE",
    "SeriesDescription": "mprage_1mm_iso_20.83_bw",
    "SliceThickness": 1,
    "SoftwareVersions": "24_LX_MR_Software_release:HD16.0_V02_1131.a",
    "SpacingBetweenSlices": 1,
    "StationName": "MR03MR03",
    "modality": "T1w",
    "session_id": "ControlPre",
    "subject_id": "010"
  },
  "cjv": 0.2916830062545831,
  "cnr": 4.334370341628646,
  "efc": 0.5949722752549861,
  "fber": 74.21919250488281,
  "fwhm_avg": 3.89507,
  "fwhm_x": 3.72487,
  "fwhm_y": 4.21227,
  "fwhm_z": 3.74807,
  "icvs_csf": 0.19500925237424657,
  "icvs_gm": 0.4768534537621267,
  "icvs_wm": 0.3281372938636268,
  "inu_med": 1.046762228012085,
  "inu_range": 0.3684720635414125,
  "provenance": {
    "md5sum": "a5c84040a39a90d074bf8b0e1bb3f081",
    "settings": {
      "testing": false
    },
    "software": "mriqc",
    "version": "0.10.4",
    "warnings": {
      "large_rot_frame": true,
      "small_air_mask": false
    }
  },
  "qi_1": 0.0,
  "qi_2": 0.0005267087366391189,
  "rpve_csf": 27.755968484221956,
  "rpve_gm": 12.878761196228476,
  "rpve_wm": 20.697192154424442,
  "size_x": 180,
  "size_y": 256,
  "size_z": 256,
  "snr_csf": 2.2083406042470894,
  "snr_gm": 10.4911872775184,
  "snr_total": 9.76669776880867,
  "snr_wm": 16.600565424660523,
  "snrd_csf": 10.811105970612077,
  "snrd_gm": 23.652835814205964,
  "snrd_total": 24.11723872853891,
  "snrd_wm": 37.88777440079869,
  "spacing_x": 1.0,
  "spacing_y": 1.0,
  "spacing_z": 1.0,
  "summary_bg_k": 1.455133332710882,
  "summary_bg_mad": 17.29183578491211,
  "summary_bg_mean": 59.58869552612305,
  "summary_bg_median": 57.554264068603516,
  "summary_bg_n": 2890487.0,
  "summary_bg_p05": 33.89585151672364,
  "summary_bg_p95": 92.61598052978515,
  "summary_bg_stdv": 18.55511474609375,
  "summary_csf_k": 1.4775179517516008,
  "summary_csf_mad": 128.6802978515625,
  "summary_csf_mean": 300.0755615234375,
  "summary_csf_median": 285.35107421875,
  "summary_csf_n": 10342.0,
  "summary_csf_p05": 117.98013877868654,
  "summary_csf_p95": 523.513037109375,
  "summary_csf_stdv": 129.2089080810547,
  "summary_gm_k": 0.3565522313272873,
  "summary_gm_mad": 56.835227966308594,
  "summary_gm_mean": 626.299072265625,
  "summary_gm_median": 624.2989501953125,
  "summary_gm_n": 34707.0,
  "summary_gm_p05": 532.217694091797,
  "summary_gm_p95": 727.8934143066406,
  "summary_gm_stdv": 59.50613021850586,
  "summary_wm_k": 1.6625612812214934,
  "summary_wm_mad": 52.756080627441406,
  "summary_wm_mean": 999.5112915039062,
  "summary_wm_median": 1000.01953125,
  "summary_wm_n": 155508.0,
  "summary_wm_p05": 899.0478088378907,
  "summary_wm_p95": 1094.6364013671875,
  "summary_wm_stdv": 60.23989486694336,
  "tpm_overlap_csf": 0.2029138207435608,
  "tpm_overlap_gm": 0.5355764627456665,
  "tpm_overlap_wm": 0.5373735427856445,
  "wm2max": 0.6639964850528183
}