{
  "aor": 0.02121672619047619,
  "aqi": 0.007813447797619047,
  "bids_meta": {
    "AcquisitionMatrixPE": 64,
    "ConversionSoftware": "dcm2niix",
    "ConversionSoftwareVersion": "v1.0.20171017 (OpenJPEG build) GCC4.8.4",
    "DeviceSerialNumber": "0000000517353VH3",
    "EchoTime": 0.0279,
    "EffectiveEchoSpacing": 0.000608,
    "FlipAngle": 76,
    "ImageOrientationPatientDICOM": [
      1,
      0,
      0,
      0,
      1,
      0
    ],
    "ImageType": [
      "ORIGINAL",
      "PRIMARY",
      "EPI",
      "NONE"
    ],
    "InPlanePhaseEncodingDirectionDICOM": "COL",
    "InstitutionName": "Michigan_State_University",
    "MRAcquisitionType": "2D",
    "MagneticFieldStrength": 3,
    "Manufacturer": "GE",
    "ManufacturersModelName": "Signa_HDxt",
    "Modality": "MR",
    "PatientPosition": "HFS",
    "PercentPhaseFOV": 100,
    "PixelBandwidth": 7812.5,
    "ProtocolName": "fMRI",
    "ReconMatrixPE": 64,
    "RepetitionTime": 2,
    "SAR": 0.225736,
    "ScanOptions": "EPI_GEMS",
    "ScanningSequence": "EP_GR",
    "SequenceVariant": "SS",
    "SeriesDescription": "fMRI",
    "SliceThickness": 4,
    "SoftwareVersions": "24_LX_MR_Software_release:HD16.0_V02_1131.a",
    "SpacingBetweenSlices": 4,
    "StationName": "MR03MR03",
    "TaskName": "flanker",
    "TotalReadoutTime": 0.038304,
    "modality": "bold",
    "run_id": "02",
    "session_id": "ControlPre",
    "subject_id": "034",
    "task_id": "flanker"
  },
  "dummy_trs": 0,
  "dvars_nstd": 25.109295462095808,
  "dvars_std": 1.1977973825748507,
  "dvars_vstd": 1.1010075498203593,
  "efc": 0.49527091007055735,
  "fber": 11444.625,
  "fd_mean": 0.3969677888890764,
  "fd_num": 38,
  "fd_perc": 22.61904761904762,
  "fwhm_avg": 3.062379121212121,
  "fwhm_x": 2.8734923636363634,
  "fwhm_y": 3.55552,
  "fwhm_z": 2.758125,
  "gcor": 0.0898992,
  "gsr_x": -0.009360878728330135,
  "gsr_y": 0.019411468878388405,
  "provenance": {
    "md5sum": "d952e8155ca372f19a6fb496cf3e84cd",
    "settings": {
      "fd_thres": 0.5,
      "hmc_fsl": false
    },
    "software": "mriqc",
    "version": "0.10.4"
  },
  "size_t": 168,
  "size_x": 64,
  "size_y": 64,
  "size_z": 30,
  "snr": 4.7712197731653365,
  "spacing_tr": 2.0,
  "spacing_x": 3.4375,
  "spacing_y": 3.4375,
  "spacing_z": 4.0,
  "summary_bg_k": 49.5882221392005,
  "summary_bg_mad": 11.366619110107422,
  "summary_bg_mean": 61.971649169921875,
  "summary_bg_median": 27.33928680419922,
  "summary_bg_n": 66145.0,
  "summary_bg_p05": 0.3095238208770752,
  "summary_bg_p95": 262.90120849609326,
  "summary_bg_stdv": 124.23173522949219,
  "summary_fg_k": 1.7693557210969946,
  "summary_fg_mad": 516.8986206054688,
  "summary_fg_mean": 2936.128662109375,
  "summary_fg_median": 3016.369140625,
  "summary_fg_n": 28529.0,
  "summary_fg_p05": 1742.8107177734375,
  "summary_fg_p95": 3811.769140625,
  "summary_fg_stdv": 632.1897583007812,
  "tsnr": 49.87913131713867
}