{
  "aor": 0.02483738095238095,
  "aqi": 0.00787594744047619,
  "bids_meta": {
    "AcquisitionMatrixPE": 64,
    "ConversionSoftware": "dcm2niix",
    "ConversionSoftwareVersion": "v1.0.20171017 (OpenJPEG build) GCC4.8.4",
    "DeviceSerialNumber": "0000000517353VH3",
    "EchoTime": 0.0279,
    "EffectiveEchoSpacing": 0.000608,
    "FlipAngle": 76,
    "ImageOrientationPatientDICOM": [
      1,
      0,
      0,
      0,
      1,
      0
    ],
    "ImageType": [
      "ORIGINAL",
      "PRIMARY",
      "EPI",
      "NONE"
    ],
    "InPlanePhaseEncodingDirectionDICOM": "COL",
    "InstitutionName": "Michigan_State_University",
    "MRAcquisitionType": "2D",
    "MagneticFieldStrength": 3,
    "Manufacturer": "GE",
    "ManufacturersModelName": "Signa_HDxt",
    "Modality": "MR",
    "PatientPosition": "HFS",
    "PercentPhaseFOV": 100,
    "PixelBandwidth": 7812.5,
    "ProtocolName": "fMRI",
    "ReconMatrixPE": 64,
    "RepetitionTime": 2,
    "SAR": 0.225736,
    "ScanOptions": "EPI_GEMS",
    "ScanningSequence": "EP_GR",
    "SequenceVariant": "SS",
    "SeriesDescription": "fMRI",
    "SliceThickness": 4,
    "SoftwareVersions": "24_LX_MR_Software_release:HD16.0_V02_1131.a",
    "SpacingBetweenSlices": 4,
    "StationName": "MR03MR03",
    "TaskName": "flanker",
    "TotalReadoutTime": 0.038304,
    "modality": "bold",
    "run_id": "01",
    "session_id": "ExercisePost",
    "subject_id": "026",
    "task_id": "flanker"
  },
  "dummy_trs": 0,
  "dvars_nstd": 23.003585620958084,
  "dvars_std": 1.208811800239521,
  "dvars_vstd": 1.1656241456287426,
  "efc": 0.48903693538220977,
  "fber": 4046.179443359375,
  "fd_mean": 0.35089855467470243,
  "fd_num": 27,
  "fd_perc": 16.071428571428573,
  "fwhm_avg": 2.9354692727272726,
  "fwhm_x": 2.7853469090909093,
  "fwhm_y": 3.346210909090909,
  "fwhm_z": 2.67485,
  "gcor": 0.0638732,
  "gsr_x": -0.00801770854741335,
  "gsr_y": 0.012131349183619022,
  "provenance": {
    "md5sum": "fd6ce70cb14b2f1c5d269865627878c5",
    "settings": {
      "fd_thres": 0.5,
      "hmc_fsl": false
    },
    "software": "mriqc",
    "version": "0.10.4"
  },
  "size_t": 168,
  "size_x": 64,
  "size_y": 64,
  "size_z": 30,
  "snr": 5.051753398123695,
  "spacing_tr": 2.0,
  "spacing_x": 3.4375,
  "spacing_y": 3.4375,
  "spacing_z": 4.0,
  "summary_bg_k": 55.01420708754561,
  "summary_bg_mad": 12.39031982421875,
  "summary_bg_mean": 63.50357437133789,
  "summary_bg_median": 42.76785659790039,
  "summary_bg_n": 67953.0,
  "summary_bg_p05": 0.9702380895614624,
  "summary_bg_p95": 191.55357055663993,
  "summary_bg_stdv": 89.10722351074219,
  "summary_fg_k": 2.2004132920753454,
  "summary_fg_mad": 444.7100830078125,
  "summary_fg_mean": 2734.500244140625,
  "summary_fg_median": 2801.1904296875,
  "summary_fg_n": 27225.0,
  "summary_fg_p05": 1718.2905517578124,
  "summary_fg_p95": 3497.9881347656246,
  "summary_fg_stdv": 554.4884643554688,
  "tsnr": 50.567108154296875
}