{
  "aor": 0.027931964285714286,
  "aqi": 0.018317183333333334,
  "bids_meta": {
    "AcquisitionMatrixPE": 64,
    "ConversionSoftware": "dcm2niix",
    "ConversionSoftwareVersion": "v1.0.20171017 (OpenJPEG build) GCC4.8.4",
    "DeviceSerialNumber": "0000000517353VH3",
    "EchoTime": 0.0279,
    "EffectiveEchoSpacing": 0.000608,
    "FlipAngle": 76,
    "ImageOrientationPatientDICOM": [
      1,
      0,
      0,
      0,
      1,
      0
    ],
    "ImageType": [
      "ORIGINAL",
      "PRIMARY",
      "EPI",
      "NONE"
    ],
    "InPlanePhaseEncodingDirectionDICOM": "COL",
    "InstitutionName": "Michigan_State_University",
    "MRAcquisitionType": "2D",
    "MagneticFieldStrength": 3,
    "Manufacturer": "GE",
    "ManufacturersModelName": "Signa_HDxt",
    "Modality": "MR",
    "PatientPosition": "HFS",
    "PercentPhaseFOV": 100,
    "PixelBandwidth": 7812.5,
    "ProtocolName": "fMRI",
    "ReconMatrixPE": 64,
    "RepetitionTime": 2,
    "SAR": 0.225736,
    "ScanOptions": "EPI_GEMS",
    "ScanningSequence": "EP_GR",
    "SequenceVariant": "SS",
    "SeriesDescription": "fMRI",
    "SliceThickness": 4,
    "SoftwareVersions": "24_LX_MR_Software_release:HD16.0_V02_1131.a",
    "SpacingBetweenSlices": 4,
    "StationName": "MR03MR03",
    "TaskName": "rest",
    "TotalReadoutTime": 0.038304,
    "modality": "bold",
    "session_id": "ExercisePost",
    "subject_id": "037",
    "task_id": "rest"
  },
  "dummy_trs": 0,
  "dvars_nstd": 33.19963651095808,
  "dvars_std": 1.1645080651497004,
  "dvars_vstd": 1.1216978489820355,
  "efc": 0.49253924113900477,
  "fber": 10788.17578125,
  "fd_mean": 0.9083379625616155,
  "fd_num": 64,
  "fd_perc": 38.095238095238095,
  "fwhm_avg": 2.9379190303030303,
  "fwhm_x": 2.856768,
  "fwhm_y": 3.186589090909091,
  "fwhm_z": 2.7704,
  "gcor": 0.0834328,
  "gsr_x": -0.0063827140256762505,
  "gsr_y": 0.012887336313724518,
  "provenance": {
    "md5sum": "eb356e378b88a90cf064ab268101f4fe",
    "settings": {
      "fd_thres": 0.5,
      "hmc_fsl": false
    },
    "software": "mriqc",
    "version": "0.10.4"
  },
  "size_t": 168,
  "size_x": 64,
  "size_y": 64,
  "size_z": 30,
  "snr": 5.2351254857189105,
  "spacing_tr": 2.0,
  "spacing_x": 3.4375,
  "spacing_y": 3.4375,
  "spacing_z": 4.0,
  "summary_bg_k": 49.19827380117676,
  "summary_bg_mad": 14.76424789428711,
  "summary_bg_mean": 59.84292221069336,
  "summary_bg_median": 28.95833396911621,
  "summary_bg_n": 66728.0,
  "summary_bg_p05": 1.0714285373687744,
  "summary_bg_p95": 215.65268707275388,
  "summary_bg_stdv": 104.2743911743164,
  "summary_fg_k": 2.5469622796908533,
  "summary_fg_mad": 439.73272705078125,
  "summary_fg_mean": 2973.623779296875,
  "summary_fg_median": 3063.8037109375,
  "summary_fg_n": 28098.0,
  "summary_fg_p05": 1822.4491882324219,
  "summary_fg_p95": 3740.5573120117188,
  "summary_fg_stdv": 585.2293701171875,
  "tsnr": 35.630760192871094
}