{
  "aor": 0.0033804761904761903,
  "aqi": 0.004044054642857143,
  "bids_meta": {
    "AcquisitionMatrixPE": 64,
    "ConversionSoftware": "dcm2niix",
    "ConversionSoftwareVersion": "v1.0.20171017 (OpenJPEG build) GCC4.8.4",
    "DeviceSerialNumber": "0000000517353VH3",
    "EchoTime": 0.0279,
    "EffectiveEchoSpacing": 0.000608,
    "FlipAngle": 76,
    "ImageOrientationPatientDICOM": [
      1,
      0,
      0,
      0,
      1,
      0
    ],
    "ImageType": [
      "ORIGINAL",
      "PRIMARY",
      "EPI",
      "NONE"
    ],
    "InPlanePhaseEncodingDirectionDICOM": "COL",
    "InstitutionName": "Michigan_State_University",
    "MRAcquisitionType": "2D",
    "MagneticFieldStrength": 3,
    "Manufacturer": "GE",
    "ManufacturersModelName": "Signa_HDxt",
    "Modality": "MR",
    "PatientPosition": "HFS",
    "PercentPhaseFOV": 100,
    "PixelBandwidth": 7812.5,
    "ProtocolName": "fMRI",
    "ReconMatrixPE": 64,
    "RepetitionTime": 2,
    "SAR": 0.225736,
    "ScanOptions": "EPI_GEMS",
    "ScanningSequence": "EP_GR",
    "SequenceVariant": "SS",
    "SeriesDescription": "fMRI",
    "SliceThickness": 4,
    "SoftwareVersions": "24_LX_MR_Software_release:HD16.0_V02_1131.a",
    "SpacingBetweenSlices": 4,
    "StationName": "MR03MR03",
    "TaskName": "rest",
    "TotalReadoutTime": 0.038304,
    "modality": "bold",
    "session_id": "ExercisePost",
    "subject_id": "030",
    "task_id": "rest"
  },
  "dummy_trs": 0,
  "dvars_nstd": 13.591214237185632,
  "dvars_std": 1.087607978443114,
  "dvars_vstd": 0.9427420580838319,
  "efc": 0.48001209886665597,
  "fber": 11387.9921875,
  "fd_mean": 0.12442210397420204,
  "fd_num": 2,
  "fd_perc": 1.1904761904761905,
  "fwhm_avg": 2.917010909090909,
  "fwhm_x": 2.871098181818182,
  "fwhm_y": 3.1515345454545454,
  "fwhm_z": 2.7284,
  "gcor": 0.0615631,
  "gsr_x": -0.007819684222340584,
  "gsr_y": 0.011178595945239067,
  "provenance": {
    "md5sum": "20ed8696a6bb159f52f87aa1a94dfabc",
    "settings": {
      "fd_thres": 0.5,
      "hmc_fsl": false
    },
    "software": "mriqc",
    "version": "0.10.4"
  },
  "size_t": 168,
  "size_x": 64,
  "size_y": 64,
  "size_z": 30,
  "snr": 5.139489685357947,
  "spacing_tr": 2.0,
  "spacing_x": 3.4375,
  "spacing_y": 3.4375,
  "spacing_z": 4.0,
  "summary_bg_k": 79.34033491171874,
  "summary_bg_mad": 13.219871520996094,
  "summary_bg_mean": 51.5136833190918,
  "summary_bg_median": 27.386905670166016,
  "summary_bg_n": 67839.0,
  "summary_bg_p05": 0.25,
  "summary_bg_p95": 153.4898864746092,
  "summary_bg_stdv": 95.40802764892578,
  "summary_fg_k": 2.620808762906732,
  "summary_fg_mad": 454.09979248046875,
  "summary_fg_mean": 2907.83740234375,
  "summary_fg_median": 2982.535888671875,
  "summary_fg_n": 26983.0,
  "summary_fg_p05": 1763.7648681640626,
  "summary_fg_p95": 3669.1114746093754,
  "summary_fg_stdv": 580.3067626953125,
  "tsnr": 79.89974975585938
}