{
  "aor": 0.04649583333333334,
  "aqi": 0.028517618273809525,
  "bids_meta": {
    "AcquisitionMatrixPE": 64,
    "ConversionSoftware": "dcm2niix",
    "ConversionSoftwareVersion": "v1.0.20171017 (OpenJPEG build) GCC4.8.4",
    "DeviceSerialNumber": "0000000517353VH3",
    "EchoTime": 0.0279,
    "EffectiveEchoSpacing": 0.000608,
    "FlipAngle": 76,
    "ImageOrientationPatientDICOM": [
      1,
      0,
      0,
      0,
      1,
      0
    ],
    "ImageType": [
      "ORIGINAL",
      "PRIMARY",
      "EPI",
      "NONE"
    ],
    "InPlanePhaseEncodingDirectionDICOM": "COL",
    "InstitutionName": "Michigan_State_University",
    "MRAcquisitionType": "2D",
    "MagneticFieldStrength": 3,
    "Manufacturer": "GE",
    "ManufacturersModelName": "Signa_HDxt",
    "Modality": "MR",
    "PatientPosition": "HFS",
    "PercentPhaseFOV": 100,
    "PixelBandwidth": 7812.5,
    "ProtocolName": "fMRI",
    "ReconMatrixPE": 64,
    "RepetitionTime": 2,
    "SAR": 0.225736,
    "ScanOptions": "EPI_GEMS",
    "ScanningSequence": "EP_GR",
    "SequenceVariant": "SS",
    "SeriesDescription": "fMRI",
    "SliceThickness": 4,
    "SoftwareVersions": "24_LX_MR_Software_release:HD16.0_V02_1131.a",
    "SpacingBetweenSlices": 4,
    "StationName": "MR03MR03",
    "TaskName": "flanker",
    "TotalReadoutTime": 0.038304,
    "modality": "bold",
    "run_id": "01",
    "session_id": "ExercisePost",
    "subject_id": "028",
    "task_id": "flanker"
  },
  "dummy_trs": 0,
  "dvars_nstd": 48.85080500850299,
  "dvars_std": 1.2084257802395206,
  "dvars_vstd": 1.3008978727544906,
  "efc": 0.4197694802049996,
  "fber": 12894.7333984375,
  "fd_mean": 1.1019825803133416,
  "fd_num": 90,
  "fd_perc": 53.57142857142857,
  "fwhm_avg": 3.1705290909090906,
  "fwhm_x": 3.1729163636363635,
  "fwhm_y": 3.537570909090909,
  "fwhm_z": 2.8011,
  "gcor": 0.122808,
  "gsr_x": -0.004628727212548256,
  "gsr_y": 0.004788932390511036,
  "provenance": {
    "md5sum": "0bbb516462e33ae8e3fcba24f6ad4643",
    "settings": {
      "fd_thres": 0.5,
      "hmc_fsl": false
    },
    "software": "mriqc",
    "version": "0.10.4"
  },
  "size_t": 168,
  "size_x": 64,
  "size_y": 64,
  "size_z": 30,
  "snr": 4.606020970631028,
  "spacing_tr": 2.0,
  "spacing_x": 3.4375,
  "spacing_y": 3.4375,
  "spacing_z": 4.0,
  "summary_bg_k": 79.56320528487417,
  "summary_bg_mad": 10.74003791809082,
  "summary_bg_mean": 53.84931182861328,
  "summary_bg_median": 24.791667938232422,
  "summary_bg_n": 76525.0,
  "summary_bg_p05": 1.0178571939468384,
  "summary_bg_p95": 174.20596008300802,
  "summary_bg_stdv": 121.22195434570312,
  "summary_fg_k": 2.290689023160801,
  "summary_fg_mad": 446.051513671875,
  "summary_fg_mean": 2748.6005859375,
  "summary_fg_median": 2874.02392578125,
  "summary_fg_n": 20019.0,
  "summary_fg_p05": 1399.34228515625,
  "summary_fg_p95": 3499.3827392578123,
  "summary_fg_stdv": 623.9555053710938,
  "tsnr": 22.2077579498291
}