{
  "aor": 0.03283452380952381,
  "aqi": 0.018085202976190477,
  "bids_meta": {
    "AcquisitionMatrixPE": 64,
    "ConversionSoftware": "dcm2niix",
    "ConversionSoftwareVersion": "v1.0.20171017 (OpenJPEG build) GCC4.8.4",
    "DeviceSerialNumber": "0000000517353VH3",
    "EchoTime": 0.0279,
    "EffectiveEchoSpacing": 0.000608,
    "FlipAngle": 76,
    "ImageOrientationPatientDICOM": [
      1,
      0,
      0,
      0,
      1,
      0
    ],
    "ImageType": [
      "ORIGINAL",
      "PRIMARY",
      "EPI",
      "NONE"
    ],
    "InPlanePhaseEncodingDirectionDICOM": "COL",
    "InstitutionName": "Michigan_State_University",
    "MRAcquisitionType": "2D",
    "MagneticFieldStrength": 3,
    "Manufacturer": "GE",
    "ManufacturersModelName": "Signa_HDxt",
    "Modality": "MR",
    "PatientPosition": "HFS",
    "PercentPhaseFOV": 100,
    "PixelBandwidth": 7812.5,
    "ProtocolName": "fMRI",
    "ReconMatrixPE": 64,
    "RepetitionTime": 2,
    "SAR": 0.225736,
    "ScanOptions": "EPI_GEMS",
    "ScanningSequence": "EP_GR",
    "SequenceVariant": "SS",
    "SeriesDescription": "fMRI",
    "SliceThickness": 4,
    "SoftwareVersions": "24_LX_MR_Software_release:HD16.0_V02_1131.a",
    "SpacingBetweenSlices": 4,
    "StationName": "MR03MR03",
    "TaskName": "flanker",
    "TotalReadoutTime": 0.038304,
    "modality": "bold",
    "run_id": "02",
    "session_id": "ExercisePre",
    "subject_id": "036",
    "task_id": "flanker"
  },
  "dummy_trs": 0,
  "dvars_nstd": 26.880184527425143,
  "dvars_std": 1.067405351616767,
  "dvars_vstd": 1.1047125938323354,
  "efc": 0.4801353579686497,
  "fber": 12498.3896484375,
  "fd_mean": 0.4613469385398249,
  "fd_num": 44,
  "fd_perc": 26.19047619047619,
  "fwhm_avg": 2.9530883333333335,
  "fwhm_x": 2.94656,
  "fwhm_y": 3.19008,
  "fwhm_z": 2.722625,
  "gcor": 0.0785553,
  "gsr_x": -0.0070259952917695045,
  "gsr_y": 0.007684995420277119,
  "provenance": {
    "md5sum": "80dc32ea6337c233c027dc5d6004f9dd",
    "settings": {
      "fd_thres": 0.5,
      "hmc_fsl": false
    },
    "software": "mriqc",
    "version": "0.10.4"
  },
  "size_t": 168,
  "size_x": 64,
  "size_y": 64,
  "size_z": 30,
  "snr": 5.271138099082612,
  "spacing_tr": 2.0,
  "spacing_x": 3.4375,
  "spacing_y": 3.4375,
  "spacing_z": 4.0,
  "summary_bg_k": 79.87136770829841,
  "summary_bg_mad": 12.487396240234375,
  "summary_bg_mean": 50.636783599853516,
  "summary_bg_median": 27.071428298950195,
  "summary_bg_n": 67806.0,
  "summary_bg_p05": 1.1205357313156128,
  "summary_bg_p95": 158.87053680419922,
  "summary_bg_stdv": 93.58708190917969,
  "summary_fg_k": 2.6967855330363895,
  "summary_fg_mad": 446.24554443359375,
  "summary_fg_mean": 2992.26904296875,
  "summary_fg_median": 3075.821533203125,
  "summary_fg_n": 27079.0,
  "summary_fg_p05": 1843.0083740234375,
  "summary_fg_p95": 3757.4102783203116,
  "summary_fg_stdv": 583.5105590820312,
  "tsnr": 37.01948165893555
}