{
  "bids_meta": {
    "AcquisitionMatrixPE": 256,
    "ConversionSoftware": "dcm2niix",
    "ConversionSoftwareVersion": "v1.0.20171017 (OpenJPEG build) GCC4.8.4",
    "DeviceSerialNumber": "0000000517353VH3",
    "EchoTime": 0.003828,
    "FlipAngle": 8,
    "ImageOrientationPatientDICOM": [
      0,
      1,
      0,
      0,
      0,
      -1
    ],
    "ImageType": [
      "ORIGINAL",
      "PRIMARY",
      "OTHER"
    ],
    "InPlanePhaseEncodingDirectionDICOM": "ROW",
    "InstitutionName": "Michigan_State_University",
    "InversionTime": 0.04,
    "MRAcquisitionType": "3D",
    "MagneticFieldStrength": 3,
    "Manufacturer": "GE",
    "ManufacturersModelName": "Signa_HDxt",
    "Modality": "MR",
    "PatientPosition": "HFS",
    "PercentPhaseFOV": 100,
    "PixelBandwidth": 162.734,
    "ProtocolName": "mprage_1mm_iso_20.83_bw",
    "ReconMatrixPE": 256,
    "RepetitionTime": 0.008596,
    "SAR": 0.306132,
    "ScanOptions": "NONE",
    "ScanningSequence": "RM",
    "SequenceVariant": "NONE",
    "SeriesDescription": "mprage_1mm_iso_20.83_bw",
    "SliceThickness": 1,
    "SoftwareVersions": "24_LX_MR_Software_release:HD16.0_V02_1131.a",
    "SpacingBetweenSlices": 1,
    "StationName": "MR03MR03",
    "modality": "T1w",
    "session_id": "ExercisePre",
    "subject_id": "049"
  },
  "cjv": 0.40182325014587206,
  "cnr": 3.249426765726484,
  "efc": 0.6194389470769553,
  "fber": 68.45143127441406,
  "fwhm_avg": 4.053383333333334,
  "fwhm_x": 3.87754,
  "fwhm_y": 4.30218,
  "fwhm_z": 3.98043,
  "icvs_csf": 0.19220368584215677,
  "icvs_gm": 0.4724132663810736,
  "icvs_wm": 0.3353830477767696,
  "inu_med": 1.2651698589324951,
  "inu_range": 0.4804101288318634,
  "provenance": {
    "md5sum": "87e5ed694aedc787caedfb4e47401ee0",
    "settings": {
      "testing": false
    },
    "software": "mriqc",
    "version": "0.10.4",
    "warnings": {
      "large_rot_frame": true,
      "small_air_mask": false
    }
  },
  "qi_1": 0.0,
  "qi_2": 0.0006743978138671455,
  "rpve_csf": 28.002552831419905,
  "rpve_gm": 12.265740351529413,
  "rpve_wm": 18.085239065946134,
  "size_x": 180,
  "size_y": 256,
  "size_z": 256,
  "snr_csf": 2.8075045997452515,
  "snr_gm": 10.527386474976167,
  "snr_total": 8.51413134504171,
  "snr_wm": 12.20750296040371,
  "snrd_csf": 10.860926924680081,
  "snrd_gm": 21.68421394112699,
  "snrd_total": 21.883219120235328,
  "snrd_wm": 33.104516494898924,
  "spacing_x": 1.0,
  "spacing_y": 1.0,
  "spacing_z": 1.0,
  "summary_bg_k": 6.131589204179031,
  "summary_bg_mad": 19.79031753540039,
  "summary_bg_mean": 68.92007446289062,
  "summary_bg_median": 63.567108154296875,
  "summary_bg_n": 2700985.0,
  "summary_bg_p05": 38.5001937866211,
  "summary_bg_p95": 117.99969329833982,
  "summary_bg_stdv": 26.25804328918457,
  "summary_csf_k": 0.18655374976409744,
  "summary_csf_mad": 118.43054962158203,
  "summary_csf_mean": 330.5289306640625,
  "summary_csf_median": 328.086181640625,
  "summary_csf_n": 21353.0,
  "summary_csf_p05": 143.65472106933595,
  "summary_csf_p95": 523.4436157226562,
  "summary_csf_stdv": 116.8576889038086,
  "summary_gm_k": 0.12010678080369752,
  "summary_gm_mad": 60.71936798095703,
  "summary_gm_mean": 656.2943115234375,
  "summary_gm_median": 655.0353393554688,
  "summary_gm_n": 41317.0,
  "summary_gm_p05": 555.77392578125,
  "summary_gm_p95": 761.22490234375,
  "summary_gm_stdv": 62.221275329589844,
  "summary_wm_k": 0.775917199069283,
  "summary_wm_mad": 77.90312957763672,
  "summary_wm_mean": 1004.306396484375,
  "summary_wm_median": 1000.0191040039062,
  "summary_wm_n": 160473.0,
  "summary_wm_p05": 877.6509155273437,
  "summary_wm_p95": 1146.76708984375,
  "summary_wm_stdv": 81.91814422607422,
  "tpm_overlap_csf": 0.18696965277194977,
  "tpm_overlap_gm": 0.5224738121032715,
  "tpm_overlap_wm": 0.5214062333106995,
  "wm2max": 0.5705065756008961
}