{
  "aor": 0.020187261904761906,
  "aqi": 0.007477831369047619,
  "bids_meta": {
    "AcquisitionMatrixPE": 64,
    "ConversionSoftware": "dcm2niix",
    "ConversionSoftwareVersion": "v1.0.20171017 (OpenJPEG build) GCC4.8.4",
    "DeviceSerialNumber": "0000000517353VH3",
    "EchoTime": 0.0279,
    "EffectiveEchoSpacing": 0.000608,
    "FlipAngle": 76,
    "ImageOrientationPatientDICOM": [
      1,
      0,
      0,
      0,
      1,
      0
    ],
    "ImageType": [
      "ORIGINAL",
      "PRIMARY",
      "EPI",
      "NONE"
    ],
    "InPlanePhaseEncodingDirectionDICOM": "COL",
    "InstitutionName": "Michigan_State_University",
    "MRAcquisitionType": "2D",
    "MagneticFieldStrength": 3,
    "Manufacturer": "GE",
    "ManufacturersModelName": "Signa_HDxt",
    "Modality": "MR",
    "PatientPosition": "HFS",
    "PercentPhaseFOV": 100,
    "PixelBandwidth": 7812.5,
    "ProtocolName": "fMRI",
    "ReconMatrixPE": 64,
    "RepetitionTime": 2,
    "SAR": 0.225736,
    "ScanOptions": "EPI_GEMS",
    "ScanningSequence": "EP_GR",
    "SequenceVariant": "SS",
    "SeriesDescription": "fMRI",
    "SliceThickness": 4,
    "SoftwareVersions": "24_LX_MR_Software_release:HD16.0_V02_1131.a",
    "SpacingBetweenSlices": 4,
    "StationName": "MR03MR03",
    "TaskName": "flanker",
    "TotalReadoutTime": 0.038304,
    "modality": "bold",
    "run_id": "01",
    "session_id": "ExercisePost",
    "subject_id": "048",
    "task_id": "flanker"
  },
  "dummy_trs": 0,
  "dvars_nstd": 20.851750853413172,
  "dvars_std": 1.1410358567664667,
  "dvars_vstd": 1.1579644582035922,
  "efc": 0.454005884396122,
  "fber": 13093.5009765625,
  "fd_mean": 0.2744293588617461,
  "fd_num": 19,
  "fd_perc": 11.30952380952381,
  "fwhm_avg": 2.938570484848485,
  "fwhm_x": 2.899688727272727,
  "fwhm_y": 3.2728727272727274,
  "fwhm_z": 2.64315,
  "gcor": 0.0875066,
  "gsr_x": -0.00810088962316513,
  "gsr_y": 0.008831016719341278,
  "provenance": {
    "md5sum": "8a71ca86d7e46cd57c70be9931d844cb",
    "settings": {
      "fd_thres": 0.5,
      "hmc_fsl": false
    },
    "software": "mriqc",
    "version": "0.10.4"
  },
  "size_t": 168,
  "size_x": 64,
  "size_y": 64,
  "size_z": 30,
  "snr": 5.1545042715198495,
  "spacing_tr": 2.0,
  "spacing_x": 3.4375,
  "spacing_y": 3.4375,
  "spacing_z": 4.0,
  "summary_bg_k": 75.18672469366389,
  "summary_bg_mad": 10.581189155578613,
  "summary_bg_mean": 49.76106262207031,
  "summary_bg_median": 25.1488094329834,
  "summary_bg_n": 71591.0,
  "summary_bg_p05": 0.580357164144516,
  "summary_bg_p95": 162.70238494873047,
  "summary_bg_stdv": 97.95426177978516,
  "summary_fg_k": 2.661894391621443,
  "summary_fg_mad": 430.7839050292969,
  "summary_fg_mean": 2873.0732421875,
  "summary_fg_median": 2941.58349609375,
  "summary_fg_n": 23965.0,
  "summary_fg_p05": 1779.7833984375,
  "summary_fg_p95": 3661.940576171875,
  "summary_fg_stdv": 570.6702270507812,
  "tsnr": 49.87837600708008
}