{
  "aor": 0.011491964285714286,
  "aqi": 0.01237837904761905,
  "bids_meta": {
    "AcquisitionMatrixPE": 64,
    "ConversionSoftware": "dcm2niix",
    "ConversionSoftwareVersion": "v1.0.20171017 (OpenJPEG build) GCC4.8.4",
    "DeviceSerialNumber": "0000000517353VH3",
    "EchoTime": 0.0279,
    "EffectiveEchoSpacing": 0.000608,
    "FlipAngle": 76,
    "ImageOrientationPatientDICOM": [
      1,
      0,
      0,
      0,
      1,
      0
    ],
    "ImageType": [
      "ORIGINAL",
      "PRIMARY",
      "EPI",
      "NONE"
    ],
    "InPlanePhaseEncodingDirectionDICOM": "COL",
    "InstitutionName": "Michigan_State_University",
    "MRAcquisitionType": "2D",
    "MagneticFieldStrength": 3,
    "Manufacturer": "GE",
    "ManufacturersModelName": "Signa_HDxt",
    "Modality": "MR",
    "PatientPosition": "HFS",
    "PercentPhaseFOV": 100,
    "PixelBandwidth": 7812.5,
    "ProtocolName": "fMRI",
    "ReconMatrixPE": 64,
    "RepetitionTime": 2,
    "SAR": 0.225736,
    "ScanOptions": "EPI_GEMS",
    "ScanningSequence": "EP_GR",
    "SequenceVariant": "SS",
    "SeriesDescription": "fMRI",
    "SliceThickness": 4,
    "SoftwareVersions": "24_LX_MR_Software_release:HD16.0_V02_1131.a",
    "SpacingBetweenSlices": 4,
    "StationName": "MR03MR03",
    "TaskName": "rest",
    "TotalReadoutTime": 0.038304,
    "modality": "bold",
    "session_id": "ControlPre",
    "subject_id": "014",
    "task_id": "rest"
  },
  "dummy_trs": 0,
  "dvars_nstd": 22.8908639439521,
  "dvars_std": 1.0305906382035923,
  "dvars_vstd": 0.9140064704191619,
  "efc": 0.44614582856522356,
  "fber": 12819.4072265625,
  "fd_mean": 0.24010205078269795,
  "fd_num": 20,
  "fd_perc": 11.904761904761905,
  "fwhm_avg": 2.9507584545454546,
  "fwhm_x": 2.8710458181818184,
  "fwhm_y": 3.2910545454545455,
  "fwhm_z": 2.690175,
  "gcor": 0.0376664,
  "gsr_x": -0.008057166822254658,
  "gsr_y": 0.007919290103018284,
  "provenance": {
    "md5sum": "831b74de72dc87a70ec67680ea85fa51",
    "settings": {
      "fd_thres": 0.5,
      "hmc_fsl": false
    },
    "software": "mriqc",
    "version": "0.10.4"
  },
  "size_t": 168,
  "size_x": 64,
  "size_y": 64,
  "size_z": 30,
  "snr": 5.153629539146403,
  "spacing_tr": 2.0,
  "spacing_x": 3.4375,
  "spacing_y": 3.4375,
  "spacing_z": 4.0,
  "summary_bg_k": 83.25406848116005,
  "summary_bg_mad": 14.631871223449707,
  "summary_bg_mean": 64.39082336425781,
  "summary_bg_median": 33.761905670166016,
  "summary_bg_n": 72785.0,
  "summary_bg_p05": 0.7023809552192688,
  "summary_bg_p95": 197.43571472167974,
  "summary_bg_stdv": 116.7681655883789,
  "summary_fg_k": 2.9420991310165974,
  "summary_fg_mad": 586.007568359375,
  "summary_fg_mean": 3787.688720703125,
  "summary_fg_median": 3910.785888671875,
  "summary_fg_n": 23151.0,
  "summary_fg_p05": 2266.824462890625,
  "summary_fg_p95": 4721.71142578125,
  "summary_fg_stdv": 758.82470703125,
  "tsnr": 47.311485290527344
}