{
  "aor": 0.01275797619047619,
  "aqi": 0.01598786113095238,
  "bids_meta": {
    "AcquisitionMatrixPE": 64,
    "ConversionSoftware": "dcm2niix",
    "ConversionSoftwareVersion": "v1.0.20171017 (OpenJPEG build) GCC4.8.4",
    "DeviceSerialNumber": "0000000517353VH3",
    "EchoTime": 0.0279,
    "EffectiveEchoSpacing": 0.000608,
    "FlipAngle": 76,
    "ImageOrientationPatientDICOM": [
      1,
      0,
      0,
      0,
      1,
      0
    ],
    "ImageType": [
      "ORIGINAL",
      "PRIMARY",
      "EPI",
      "NONE"
    ],
    "InPlanePhaseEncodingDirectionDICOM": "COL",
    "InstitutionName": "Michigan_State_University",
    "MRAcquisitionType": "2D",
    "MagneticFieldStrength": 3,
    "Manufacturer": "GE",
    "ManufacturersModelName": "Signa_HDxt",
    "Modality": "MR",
    "PatientPosition": "HFS",
    "PercentPhaseFOV": 100,
    "PixelBandwidth": 7812.5,
    "ProtocolName": "fMRI",
    "ReconMatrixPE": 64,
    "RepetitionTime": 2,
    "SAR": 0.225736,
    "ScanOptions": "EPI_GEMS",
    "ScanningSequence": "EP_GR",
    "SequenceVariant": "SS",
    "SeriesDescription": "fMRI",
    "SliceThickness": 4,
    "SoftwareVersions": "24_LX_MR_Software_release:HD16.0_V02_1131.a",
    "SpacingBetweenSlices": 4,
    "StationName": "MR03MR03",
    "TaskName": "rest",
    "TotalReadoutTime": 0.038304,
    "modality": "bold",
    "session_id": "ExercisePre",
    "subject_id": "022",
    "task_id": "rest"
  },
  "dummy_trs": 0,
  "dvars_nstd": 25.994466096287436,
  "dvars_std": 1.1190007603592813,
  "dvars_vstd": 1.0130396955688625,
  "efc": 0.4747175736743383,
  "fber": 8938.8291015625,
  "fd_mean": 0.35558273353071523,
  "fd_num": 33,
  "fd_perc": 19.642857142857142,
  "fwhm_avg": 2.9480890303030303,
  "fwhm_x": 2.880258909090909,
  "fwhm_y": 3.2720581818181818,
  "fwhm_z": 2.69195,
  "gcor": 0.0673721,
  "gsr_x": -0.0072225830517709255,
  "gsr_y": 0.012292631901800632,
  "provenance": {
    "md5sum": "acc4b3a7de289160f0091f0b5fbd3222",
    "settings": {
      "fd_thres": 0.5,
      "hmc_fsl": false
    },
    "software": "mriqc",
    "version": "0.10.4"
  },
  "size_t": 168,
  "size_x": 64,
  "size_y": 64,
  "size_z": 30,
  "snr": 5.279947235966071,
  "spacing_tr": 2.0,
  "spacing_x": 3.4375,
  "spacing_y": 3.4375,
  "spacing_z": 4.0,
  "summary_bg_k": 53.29799938243157,
  "summary_bg_mad": 17.385276794433594,
  "summary_bg_mean": 75.05384063720703,
  "summary_bg_median": 31.113096237182617,
  "summary_bg_n": 70804.0,
  "summary_bg_p05": 0.738095223903656,
  "summary_bg_p95": 295.1172637939452,
  "summary_bg_stdv": 143.64337158203125,
  "summary_fg_k": 3.1139463511929986,
  "summary_fg_mad": 446.2764892578125,
  "summary_fg_mean": 2912.499755859375,
  "summary_fg_median": 2992.4912109375,
  "summary_fg_n": 25002.0,
  "summary_fg_p05": 1818.2905334472657,
  "summary_fg_p95": 3643.3270996093747,
  "summary_fg_stdv": 566.7540283203125,
  "tsnr": 41.83584213256836
}