{
  "aor": 0.003055833333333333,
  "aqi": 0.003429023630952381,
  "bids_meta": {
    "AcquisitionMatrixPE": 64,
    "ConversionSoftware": "dcm2niix",
    "ConversionSoftwareVersion": "v1.0.20171017 (OpenJPEG build) GCC4.8.4",
    "DeviceSerialNumber": "0000000517353VH3",
    "EchoTime": 0.0279,
    "EffectiveEchoSpacing": 0.000608,
    "FlipAngle": 76,
    "ImageOrientationPatientDICOM": [
      1,
      0,
      0,
      0,
      1,
      0
    ],
    "ImageType": [
      "ORIGINAL",
      "PRIMARY",
      "EPI",
      "NONE"
    ],
    "InPlanePhaseEncodingDirectionDICOM": "COL",
    "InstitutionName": "Michigan_State_University",
    "MRAcquisitionType": "2D",
    "MagneticFieldStrength": 3,
    "Manufacturer": "GE",
    "ManufacturersModelName": "Signa_HDxt",
    "Modality": "MR",
    "PatientPosition": "HFS",
    "PercentPhaseFOV": 100,
    "PixelBandwidth": 7812.5,
    "ProtocolName": "fMRI",
    "ReconMatrixPE": 64,
    "RepetitionTime": 2,
    "SAR": 0.225736,
    "ScanOptions": "EPI_GEMS",
    "ScanningSequence": "EP_GR",
    "SequenceVariant": "SS",
    "SeriesDescription": "fMRI",
    "SliceThickness": 4,
    "SoftwareVersions": "24_LX_MR_Software_release:HD16.0_V02_1131.a",
    "SpacingBetweenSlices": 4,
    "StationName": "MR03MR03",
    "TaskName": "flanker",
    "TotalReadoutTime": 0.038304,
    "modality": "bold",
    "run_id": "02",
    "session_id": "ControlPre",
    "subject_id": "023",
    "task_id": "flanker"
  },
  "dummy_trs": 0,
  "dvars_nstd": 14.349798915988027,
  "dvars_std": 1.1888795825748504,
  "dvars_vstd": 0.9995364336526941,
  "efc": 0.4766497225002391,
  "fber": 10802.3876953125,
  "fd_mean": 0.12251252107266304,
  "fd_num": 2,
  "fd_perc": 1.1904761904761905,
  "fwhm_avg": 2.928526242424242,
  "fwhm_x": 2.8726923636363635,
  "fwhm_y": 3.2244363636363635,
  "fwhm_z": 2.68845,
  "gcor": 0.0497432,
  "gsr_x": -0.005746633280068636,
  "gsr_y": 0.00950213149189949,
  "provenance": {
    "md5sum": "138ab97982bd8252058f14dc8f329510",
    "settings": {
      "fd_thres": 0.5,
      "hmc_fsl": false
    },
    "software": "mriqc",
    "version": "0.10.4"
  },
  "size_t": 168,
  "size_x": 64,
  "size_y": 64,
  "size_z": 30,
  "snr": 4.927789852463532,
  "spacing_tr": 2.0,
  "spacing_x": 3.4375,
  "spacing_y": 3.4375,
  "spacing_z": 4.0,
  "summary_bg_k": 84.37408716759097,
  "summary_bg_mad": 10.872417449951172,
  "summary_bg_mean": 49.682525634765625,
  "summary_bg_median": 28.130952835083008,
  "summary_bg_n": 67914.0,
  "summary_bg_p05": 0.1011904776096344,
  "summary_bg_p95": 160.3276802062988,
  "summary_bg_stdv": 83.11180877685547,
  "summary_fg_k": 2.9940419044951447,
  "summary_fg_mad": 437.4295654296875,
  "summary_fg_mean": 2875.916259765625,
  "summary_fg_median": 2984.577392578125,
  "summary_fg_n": 27117.0,
  "summary_fg_p05": 1605.5988525390626,
  "summary_fg_p95": 3620.2298339843733,
  "summary_fg_stdv": 605.6513061523438,
  "tsnr": 94.70990753173828
}