{
  "bids_meta": {
    "AcquisitionMatrixPE": 256,
    "ConversionSoftware": "dcm2niix",
    "ConversionSoftwareVersion": "v1.0.20171017 (OpenJPEG build) GCC4.8.4",
    "DeviceSerialNumber": "0000000517353VH3",
    "EchoTime": 0.003828,
    "FlipAngle": 8,
    "ImageOrientationPatientDICOM": [
      0,
      1,
      0,
      0,
      0,
      -1
    ],
    "ImageType": [
      "ORIGINAL",
      "PRIMARY",
      "OTHER"
    ],
    "InPlanePhaseEncodingDirectionDICOM": "ROW",
    "InstitutionName": "Michigan_State_University",
    "InversionTime": 0.04,
    "MRAcquisitionType": "3D",
    "MagneticFieldStrength": 3,
    "Manufacturer": "GE",
    "ManufacturersModelName": "Signa_HDxt",
    "Modality": "MR",
    "PatientPosition": "HFS",
    "PercentPhaseFOV": 100,
    "PixelBandwidth": 162.734,
    "ProtocolName": "mprage_1mm_iso_20.83_bw",
    "ReconMatrixPE": 256,
    "RepetitionTime": 0.008596,
    "SAR": 0.306132,
    "ScanOptions": "NONE",
    "ScanningSequence": "RM",
    "SequenceVariant": "NONE",
    "SeriesDescription": "mprage_1mm_iso_20.83_bw",
    "SliceThickness": 1,
    "SoftwareVersions": "24_LX_MR_Software_release:HD16.0_V02_1131.a",
    "SpacingBetweenSlices": 1,
    "StationName": "MR03MR03",
    "modality": "T1w",
    "session_id": "ControlPre",
    "subject_id": "035"
  },
  "cjv": 0.29007261031395276,
  "cnr": 4.465162058589753,
  "efc": 0.6146680998732458,
  "fber": 61.45829772949219,
  "fwhm_avg": 3.9303733333333333,
  "fwhm_x": 3.82036,
  "fwhm_y": 4.0663,
  "fwhm_z": 3.90446,
  "icvs_csf": 0.21057026538322568,
  "icvs_gm": 0.4584449424120845,
  "icvs_wm": 0.33098479220468985,
  "inu_med": 1.2484381198883057,
  "inu_range": 0.3265334367752075,
  "provenance": {
    "md5sum": "7ddd09c33053753f112c162c86bae8ee",
    "settings": {
      "testing": false
    },
    "software": "mriqc",
    "version": "0.10.4",
    "warnings": {
      "large_rot_frame": true,
      "small_air_mask": false
    }
  },
  "qi_1": 0.0,
  "qi_2": 0.0009083904649300063,
  "rpve_csf": 23.997594496075664,
  "rpve_gm": 12.016665062266263,
  "rpve_wm": 19.20577466982563,
  "size_x": 180,
  "size_y": 256,
  "size_z": 256,
  "snr_csf": 2.7326236287204306,
  "snr_gm": 10.443332908174487,
  "snr_total": 10.306490389684855,
  "snr_wm": 17.743514632159645,
  "snrd_csf": 11.888634150096152,
  "snrd_gm": 25.022026606643106,
  "snrd_total": 25.67328827966661,
  "snrd_wm": 40.10920408226058,
  "spacing_x": 1.0,
  "spacing_y": 1.0,
  "spacing_z": 1.0,
  "summary_bg_k": 1.9719301609640736,
  "summary_bg_mad": 16.33395004272461,
  "summary_bg_mean": 60.83575439453125,
  "summary_bg_median": 59.380035400390625,
  "summary_bg_n": 2981464.0,
  "summary_bg_p05": 35.362006187438965,
  "summary_bg_p95": 92.81554794311523,
  "summary_bg_stdv": 18.762849807739258,
  "summary_csf_k": 0.030110048503805942,
  "summary_csf_mad": 115.75855255126953,
  "summary_csf_mean": 295.57879638671875,
  "summary_csf_median": 296.4090576171875,
  "summary_csf_n": 17143.0,
  "summary_csf_p05": 124.7456901550293,
  "summary_csf_p95": 469.8009887695312,
  "summary_csf_stdv": 108.46733856201172,
  "summary_gm_k": 0.0062937978007342466,
  "summary_gm_mad": 59.50968551635742,
  "summary_gm_mean": 623.03857421875,
  "summary_gm_median": 623.8526000976562,
  "summary_gm_n": 33954.0,
  "summary_gm_p05": 522.7943725585938,
  "summary_gm_p95": 719.6310058593749,
  "summary_gm_stdv": 59.736045837402344,
  "summary_wm_k": 0.8270759121588687,
  "summary_wm_mad": 49.602745056152344,
  "summary_wm_mean": 996.805908203125,
  "summary_wm_median": 1000.0081787109375,
  "summary_wm_n": 172055.0,
  "summary_wm_p05": 894.4031677246094,
  "summary_wm_p95": 1083.3989501953124,
  "summary_wm_stdv": 56.358917236328125,
  "tpm_overlap_csf": 0.20361582934856415,
  "tpm_overlap_gm": 0.5282171964645386,
  "tpm_overlap_wm": 0.539214551448822,
  "wm2max": 0.6123143996620313
}