{
  "aor": 0.004239583333333334,
  "aqi": 0.00706824505952381,
  "bids_meta": {
    "AcquisitionMatrixPE": 64,
    "ConversionSoftware": "dcm2niix",
    "ConversionSoftwareVersion": "v1.0.20171017 (OpenJPEG build) GCC4.8.4",
    "DeviceSerialNumber": "0000000517353VH3",
    "EchoTime": 0.0279,
    "EffectiveEchoSpacing": 0.000608,
    "FlipAngle": 76,
    "ImageOrientationPatientDICOM": [
      1,
      0,
      0,
      0,
      1,
      0
    ],
    "ImageType": [
      "ORIGINAL",
      "PRIMARY",
      "EPI",
      "NONE"
    ],
    "InPlanePhaseEncodingDirectionDICOM": "COL",
    "InstitutionName": "Michigan_State_University",
    "MRAcquisitionType": "2D",
    "MagneticFieldStrength": 3,
    "Manufacturer": "GE",
    "ManufacturersModelName": "Signa_HDxt",
    "Modality": "MR",
    "PatientPosition": "HFS",
    "PercentPhaseFOV": 100,
    "PixelBandwidth": 7812.5,
    "ProtocolName": "fMRI",
    "ReconMatrixPE": 64,
    "RepetitionTime": 2,
    "SAR": 0.225736,
    "ScanOptions": "EPI_GEMS",
    "ScanningSequence": "EP_GR",
    "SequenceVariant": "SS",
    "SeriesDescription": "fMRI",
    "SliceThickness": 4,
    "SoftwareVersions": "24_LX_MR_Software_release:HD16.0_V02_1131.a",
    "SpacingBetweenSlices": 4,
    "StationName": "MR03MR03",
    "TaskName": "flanker",
    "TotalReadoutTime": 0.038304,
    "modality": "bold",
    "run_id": "02",
    "session_id": "ControlPre",
    "subject_id": "019",
    "task_id": "flanker"
  },
  "dummy_trs": 0,
  "dvars_nstd": 18.060555172275446,
  "dvars_std": 1.2247201413173658,
  "dvars_vstd": 0.9521895073053891,
  "efc": 0.481489900616982,
  "fber": 13432.6953125,
  "fd_mean": 0.19146034360369746,
  "fd_num": 10,
  "fd_perc": 5.9523809523809526,
  "fwhm_avg": 2.9279436060606057,
  "fwhm_x": 2.8580567272727273,
  "fwhm_y": 3.1587490909090907,
  "fwhm_z": 2.767025,
  "gcor": 0.0577432,
  "gsr_x": -0.006766808219254017,
  "gsr_y": 0.0096360482275486,
  "provenance": {
    "md5sum": "b270ffba650557dbea5a57b5a8be7e52",
    "settings": {
      "fd_thres": 0.5,
      "hmc_fsl": false
    },
    "software": "mriqc",
    "version": "0.10.4"
  },
  "size_t": 168,
  "size_x": 64,
  "size_y": 64,
  "size_z": 30,
  "snr": 5.410123373599647,
  "spacing_tr": 2.0,
  "spacing_x": 3.4375,
  "spacing_y": 3.4375,
  "spacing_z": 4.0,
  "summary_bg_k": 114.24663501653518,
  "summary_bg_mad": 12.805093765258789,
  "summary_bg_mean": 60.58448791503906,
  "summary_bg_median": 32.28571319580078,
  "summary_bg_n": 68092.0,
  "summary_bg_p05": 0.9761905074119568,
  "summary_bg_p95": 183.40625762939445,
  "summary_bg_stdv": 127.11332702636719,
  "summary_fg_k": 2.8483889315199935,
  "summary_fg_mad": 528.596435546875,
  "summary_fg_mean": 3690.11181640625,
  "summary_fg_median": 3785.08056640625,
  "summary_fg_n": 27734.0,
  "summary_fg_p05": 2330.7045043945313,
  "summary_fg_p95": 4608.802880859375,
  "summary_fg_stdv": 699.6166381835938,
  "tsnr": 67.16043090820312
}