{
  "aor": 0.020174761904761904,
  "aqi": 0.005923628571428572,
  "bids_meta": {
    "AcquisitionMatrixPE": 64,
    "ConversionSoftware": "dcm2niix",
    "ConversionSoftwareVersion": "v1.0.20171017 (OpenJPEG build) GCC4.8.4",
    "DeviceSerialNumber": "0000000517353VH3",
    "EchoTime": 0.0279,
    "EffectiveEchoSpacing": 0.000608,
    "FlipAngle": 76,
    "ImageOrientationPatientDICOM": [
      1,
      0,
      0,
      0,
      1,
      0
    ],
    "ImageType": [
      "ORIGINAL",
      "PRIMARY",
      "EPI",
      "NONE"
    ],
    "InPlanePhaseEncodingDirectionDICOM": "COL",
    "InstitutionName": "Michigan_State_University",
    "MRAcquisitionType": "2D",
    "MagneticFieldStrength": 3,
    "Manufacturer": "GE",
    "ManufacturersModelName": "Signa_HDxt",
    "Modality": "MR",
    "PatientPosition": "HFS",
    "PercentPhaseFOV": 100,
    "PixelBandwidth": 7812.5,
    "ProtocolName": "fMRI",
    "ReconMatrixPE": 64,
    "RepetitionTime": 2,
    "SAR": 0.225736,
    "ScanOptions": "EPI_GEMS",
    "ScanningSequence": "EP_GR",
    "SequenceVariant": "SS",
    "SeriesDescription": "fMRI",
    "SliceThickness": 4,
    "SoftwareVersions": "24_LX_MR_Software_release:HD16.0_V02_1131.a",
    "SpacingBetweenSlices": 4,
    "StationName": "MR03MR03",
    "TaskName": "rest",
    "TotalReadoutTime": 0.038304,
    "modality": "bold",
    "session_id": "ControlPost",
    "subject_id": "036",
    "task_id": "rest"
  },
  "dummy_trs": 0,
  "dvars_nstd": 19.752424725449107,
  "dvars_std": 1.2452056999401195,
  "dvars_vstd": 1.1274058686227546,
  "efc": 0.4915567935907606,
  "fber": 2791.65185546875,
  "fd_mean": 0.11477453002452458,
  "fd_num": 6,
  "fd_perc": 3.5714285714285716,
  "fwhm_avg": 2.9441774242424246,
  "fwhm_x": 2.9352145454545457,
  "fwhm_y": 3.205992727272727,
  "fwhm_z": 2.691325,
  "gcor": 0.109044,
  "gsr_x": -0.005993644706904888,
  "gsr_y": 0.006744507234543562,
  "provenance": {
    "md5sum": "ddc0e0abcee34ddf7a63df60a9b38834",
    "settings": {
      "fd_thres": 0.5,
      "hmc_fsl": false
    },
    "software": "mriqc",
    "version": "0.10.4"
  },
  "size_t": 168,
  "size_x": 64,
  "size_y": 64,
  "size_z": 30,
  "snr": 5.112262898165084,
  "spacing_tr": 2.0,
  "spacing_x": 3.4375,
  "spacing_y": 3.4375,
  "spacing_z": 4.0,
  "summary_bg_k": 91.4437493885211,
  "summary_bg_mad": 12.372668266296387,
  "summary_bg_mean": 70.8099365234375,
  "summary_bg_median": 54.875,
  "summary_bg_n": 67795.0,
  "summary_bg_p05": 0.369047611951828,
  "summary_bg_p95": 155.17381286621082,
  "summary_bg_stdv": 93.85073852539062,
  "summary_fg_k": 2.6569573204377024,
  "summary_fg_mad": 450.5257568359375,
  "summary_fg_mean": 2920.447021484375,
  "summary_fg_median": 3009.047607421875,
  "summary_fg_n": 27061.0,
  "summary_fg_p05": 1759.202392578125,
  "summary_fg_p95": 3673.107177734375,
  "summary_fg_stdv": 588.5831909179688,
  "tsnr": 58.35883331298828
}