{
  "aor": 0.028092738095238094,
  "aqi": 0.012053395952380953,
  "bids_meta": {
    "AcquisitionMatrixPE": 64,
    "ConversionSoftware": "dcm2niix",
    "ConversionSoftwareVersion": "v1.0.20171017 (OpenJPEG build) GCC4.8.4",
    "DeviceSerialNumber": "0000000517353VH3",
    "EchoTime": 0.0279,
    "EffectiveEchoSpacing": 0.000608,
    "FlipAngle": 76,
    "ImageOrientationPatientDICOM": [
      1,
      0,
      0,
      0,
      1,
      0
    ],
    "ImageType": [
      "ORIGINAL",
      "PRIMARY",
      "EPI",
      "NONE"
    ],
    "InPlanePhaseEncodingDirectionDICOM": "COL",
    "InstitutionName": "Michigan_State_University",
    "MRAcquisitionType": "2D",
    "MagneticFieldStrength": 3,
    "Manufacturer": "GE",
    "ManufacturersModelName": "Signa_HDxt",
    "Modality": "MR",
    "PatientPosition": "HFS",
    "PercentPhaseFOV": 100,
    "PixelBandwidth": 7812.5,
    "ProtocolName": "fMRI",
    "ReconMatrixPE": 64,
    "RepetitionTime": 2,
    "SAR": 0.225736,
    "ScanOptions": "EPI_GEMS",
    "ScanningSequence": "EP_GR",
    "SequenceVariant": "SS",
    "SeriesDescription": "fMRI",
    "SliceThickness": 4,
    "SoftwareVersions": "24_LX_MR_Software_release:HD16.0_V02_1131.a",
    "SpacingBetweenSlices": 4,
    "StationName": "MR03MR03",
    "TaskName": "rest",
    "TotalReadoutTime": 0.038304,
    "modality": "bold",
    "session_id": "ExercisePost",
    "subject_id": "018",
    "task_id": "rest"
  },
  "dummy_trs": 0,
  "dvars_nstd": 25.30202324269461,
  "dvars_std": 1.258810206347306,
  "dvars_vstd": 1.1230846212574845,
  "efc": 0.45848876563669017,
  "fber": 12765.3759765625,
  "fd_mean": 0.3479257168600257,
  "fd_num": 19,
  "fd_perc": 11.30952380952381,
  "fwhm_avg": 2.897520484848485,
  "fwhm_x": 2.723950545454546,
  "fwhm_y": 3.2182109090909092,
  "fwhm_z": 2.7504,
  "gcor": 0.115726,
  "gsr_x": -0.010601519607007504,
  "gsr_y": 0.011267651803791523,
  "provenance": {
    "md5sum": "dc6131bd0c082715fbd25c03b9aae3b9",
    "settings": {
      "fd_thres": 0.5,
      "hmc_fsl": false
    },
    "software": "mriqc",
    "version": "0.10.4"
  },
  "size_t": 168,
  "size_x": 64,
  "size_y": 64,
  "size_z": 30,
  "snr": 5.5015265474877015,
  "spacing_tr": 2.0,
  "spacing_x": 3.4375,
  "spacing_y": 3.4375,
  "spacing_z": 4.0,
  "summary_bg_k": 107.78935072315846,
  "summary_bg_mad": 9.341275215148926,
  "summary_bg_mean": 45.06310272216797,
  "summary_bg_median": 24.717262268066406,
  "summary_bg_n": 71316.0,
  "summary_bg_p05": 0.6309524178504944,
  "summary_bg_p95": 126.27083587646484,
  "summary_bg_stdv": 90.39778900146484,
  "summary_fg_k": 3.3432735005967666,
  "summary_fg_mad": 414.5635986328125,
  "summary_fg_mean": 2785.410888671875,
  "summary_fg_median": 2859.8154296875,
  "summary_fg_n": 24429.0,
  "summary_fg_p05": 1818.9202880859375,
  "summary_fg_p95": 3453.763134765625,
  "summary_fg_stdv": 519.8115234375,
  "tsnr": 44.376129150390625
}