{
  "aor": 0.0027541666666666665,
  "aqi": 0.003954795059523809,
  "bids_meta": {
    "AcquisitionMatrixPE": 64,
    "ConversionSoftware": "dcm2niix",
    "ConversionSoftwareVersion": "v1.0.20171017 (OpenJPEG build) GCC4.8.4",
    "DeviceSerialNumber": "0000000517353VH3",
    "EchoTime": 0.0279,
    "EffectiveEchoSpacing": 0.000608,
    "FlipAngle": 76,
    "ImageOrientationPatientDICOM": [
      1,
      0,
      0,
      0,
      1,
      0
    ],
    "ImageType": [
      "ORIGINAL",
      "PRIMARY",
      "EPI",
      "NONE"
    ],
    "InPlanePhaseEncodingDirectionDICOM": "COL",
    "InstitutionName": "Michigan_State_University",
    "MRAcquisitionType": "2D",
    "MagneticFieldStrength": 3,
    "Manufacturer": "GE",
    "ManufacturersModelName": "Signa_HDxt",
    "Modality": "MR",
    "PatientPosition": "HFS",
    "PercentPhaseFOV": 100,
    "PixelBandwidth": 7812.5,
    "ProtocolName": "fMRI",
    "ReconMatrixPE": 64,
    "RepetitionTime": 2,
    "SAR": 0.225736,
    "ScanOptions": "EPI_GEMS",
    "ScanningSequence": "EP_GR",
    "SequenceVariant": "SS",
    "SeriesDescription": "fMRI",
    "SliceThickness": 4,
    "SoftwareVersions": "24_LX_MR_Software_release:HD16.0_V02_1131.a",
    "SpacingBetweenSlices": 4,
    "StationName": "MR03MR03",
    "TaskName": "rest",
    "TotalReadoutTime": 0.038304,
    "modality": "bold",
    "session_id": "ExercisePost",
    "subject_id": "027",
    "task_id": "rest"
  },
  "dummy_trs": 0,
  "dvars_nstd": 16.238099686107773,
  "dvars_std": 1.2432703156287424,
  "dvars_vstd": 0.9636299126946107,
  "efc": 0.46322945689868983,
  "fber": 11844.3603515625,
  "fd_mean": 0.11453076194524478,
  "fd_num": 2,
  "fd_perc": 1.1904761904761905,
  "fwhm_avg": 2.9172816666666663,
  "fwhm_x": 2.9141236363636365,
  "fwhm_y": 3.1325963636363636,
  "fwhm_z": 2.705125,
  "gcor": 0.0316178,
  "gsr_x": -0.0017309210961684585,
  "gsr_y": 0.007508411072194576,
  "provenance": {
    "md5sum": "eb77b0905b8479a62a22d950711845c0",
    "settings": {
      "fd_thres": 0.5,
      "hmc_fsl": false
    },
    "software": "mriqc",
    "version": "0.10.4"
  },
  "size_t": 168,
  "size_x": 64,
  "size_y": 64,
  "size_z": 30,
  "snr": 5.163193088094553,
  "spacing_tr": 2.0,
  "spacing_x": 3.4375,
  "spacing_y": 3.4375,
  "spacing_z": 4.0,
  "summary_bg_k": 86.71977910113722,
  "summary_bg_mad": 12.690370559692383,
  "summary_bg_mean": 55.38251876831055,
  "summary_bg_median": 26.625,
  "summary_bg_n": 71029.0,
  "summary_bg_p05": 0.1190476194024086,
  "summary_bg_p95": 182.37738952636673,
  "summary_bg_stdv": 109.84569549560547,
  "summary_fg_k": 2.513488503398645,
  "summary_fg_mad": 471.23370361328125,
  "summary_fg_mean": 2879.482421875,
  "summary_fg_median": 2961.860107421875,
  "summary_fg_n": 24890.0,
  "summary_fg_p05": 1778.7756225585938,
  "summary_fg_p95": 3624.8345092773434,
  "summary_fg_stdv": 573.6373901367188,
  "tsnr": 82.92726135253906
}