{
  "aor": 0.018142083333333333,
  "aqi": 0.012358066785714286,
  "bids_meta": {
    "AcquisitionMatrixPE": 64,
    "ConversionSoftware": "dcm2niix",
    "ConversionSoftwareVersion": "v1.0.20171017 (OpenJPEG build) GCC4.8.4",
    "DeviceSerialNumber": "0000000517353VH3",
    "EchoTime": 0.0279,
    "EffectiveEchoSpacing": 0.000608,
    "FlipAngle": 76,
    "ImageOrientationPatientDICOM": [
      1,
      0,
      0,
      0,
      1,
      0
    ],
    "ImageType": [
      "ORIGINAL",
      "PRIMARY",
      "EPI",
      "NONE"
    ],
    "InPlanePhaseEncodingDirectionDICOM": "COL",
    "InstitutionName": "Michigan_State_University",
    "MRAcquisitionType": "2D",
    "MagneticFieldStrength": 3,
    "Manufacturer": "GE",
    "ManufacturersModelName": "Signa_HDxt",
    "Modality": "MR",
    "PatientPosition": "HFS",
    "PercentPhaseFOV": 100,
    "PixelBandwidth": 7812.5,
    "ProtocolName": "fMRI",
    "ReconMatrixPE": 64,
    "RepetitionTime": 2,
    "SAR": 0.225736,
    "ScanOptions": "EPI_GEMS",
    "ScanningSequence": "EP_GR",
    "SequenceVariant": "SS",
    "SeriesDescription": "fMRI",
    "SliceThickness": 4,
    "SoftwareVersions": "24_LX_MR_Software_release:HD16.0_V02_1131.a",
    "SpacingBetweenSlices": 4,
    "StationName": "MR03MR03",
    "TaskName": "rest",
    "TotalReadoutTime": 0.038304,
    "modality": "bold",
    "session_id": "ControlPre",
    "subject_id": "029",
    "task_id": "rest"
  },
  "dummy_trs": 0,
  "dvars_nstd": 23.448099947305394,
  "dvars_std": 1.0661936718562877,
  "dvars_vstd": 1.007122083532934,
  "efc": 0.4800284125713316,
  "fber": 8811.103515625,
  "fd_mean": 0.25832890248689644,
  "fd_num": 22,
  "fd_perc": 13.095238095238095,
  "fwhm_avg": 2.94486596969697,
  "fwhm_x": 2.8380538181818182,
  "fwhm_y": 3.2934690909090913,
  "fwhm_z": 2.703075,
  "gcor": 0.117219,
  "gsr_x": -0.010173700749874115,
  "gsr_y": 0.014346254989504814,
  "provenance": {
    "md5sum": "7223a7d5838785bd75441d694fd53f30",
    "settings": {
      "fd_thres": 0.5,
      "hmc_fsl": false
    },
    "software": "mriqc",
    "version": "0.10.4"
  },
  "size_t": 168,
  "size_x": 64,
  "size_y": 64,
  "size_z": 30,
  "snr": 5.234235753924947,
  "spacing_tr": 2.0,
  "spacing_x": 3.4375,
  "spacing_y": 3.4375,
  "spacing_z": 4.0,
  "summary_bg_k": 70.4163472955417,
  "summary_bg_mad": 12.655070304870605,
  "summary_bg_mean": 60.539066314697266,
  "summary_bg_median": 33.851192474365234,
  "summary_bg_n": 68354.0,
  "summary_bg_p05": 0.7083333730697632,
  "summary_bg_p95": 201.6949493408201,
  "summary_bg_stdv": 105.86328887939453,
  "summary_fg_k": 2.2457469584336414,
  "summary_fg_mad": 472.036865234375,
  "summary_fg_mean": 3155.6162109375,
  "summary_fg_median": 3242.27099609375,
  "summary_fg_n": 26872.0,
  "summary_fg_p05": 1966.0069213867187,
  "summary_fg_p95": 3995.672656249999,
  "summary_fg_stdv": 619.4238891601562,
  "tsnr": 42.221221923828125
}