{
  "aor": 0.002926309523809524,
  "aqi": 0.003727653988095238,
  "bids_meta": {
    "AcquisitionMatrixPE": 64,
    "ConversionSoftware": "dcm2niix",
    "ConversionSoftwareVersion": "v1.0.20171017 (OpenJPEG build) GCC4.8.4",
    "DeviceSerialNumber": "0000000517353VH3",
    "EchoTime": 0.0279,
    "EffectiveEchoSpacing": 0.000608,
    "FlipAngle": 76,
    "ImageOrientationPatientDICOM": [
      1,
      0,
      0,
      0,
      1,
      0
    ],
    "ImageType": [
      "ORIGINAL",
      "PRIMARY",
      "EPI",
      "NONE"
    ],
    "InPlanePhaseEncodingDirectionDICOM": "COL",
    "InstitutionName": "Michigan_State_University",
    "MRAcquisitionType": "2D",
    "MagneticFieldStrength": 3,
    "Manufacturer": "GE",
    "ManufacturersModelName": "Signa_HDxt",
    "Modality": "MR",
    "PatientPosition": "HFS",
    "PercentPhaseFOV": 100,
    "PixelBandwidth": 7812.5,
    "ProtocolName": "fMRI",
    "ReconMatrixPE": 64,
    "RepetitionTime": 2,
    "SAR": 0.225736,
    "ScanOptions": "EPI_GEMS",
    "ScanningSequence": "EP_GR",
    "SequenceVariant": "SS",
    "SeriesDescription": "fMRI",
    "SliceThickness": 4,
    "SoftwareVersions": "24_LX_MR_Software_release:HD16.0_V02_1131.a",
    "SpacingBetweenSlices": 4,
    "StationName": "MR03MR03",
    "TaskName": "flanker",
    "TotalReadoutTime": 0.038304,
    "modality": "bold",
    "run_id": "01",
    "session_id": "ExercisePost",
    "subject_id": "046",
    "task_id": "flanker"
  },
  "dummy_trs": 0,
  "dvars_nstd": 18.38343049802395,
  "dvars_std": 1.390196778802395,
  "dvars_vstd": 0.9702164304191624,
  "efc": 0.48724094210243607,
  "fber": 9975.484375,
  "fd_mean": 0.09714485750362539,
  "fd_num": 1,
  "fd_perc": 0.5952380952380952,
  "fwhm_avg": 2.9529634848484854,
  "fwhm_x": 2.8940218181818183,
  "fwhm_y": 3.2216436363636367,
  "fwhm_z": 2.743225,
  "gcor": 0.0267816,
  "gsr_x": -0.004439502023160458,
  "gsr_y": 0.00852918066084385,
  "provenance": {
    "md5sum": "3e985440810b299e53d3ef58006a1890",
    "settings": {
      "fd_thres": 0.5,
      "hmc_fsl": false
    },
    "software": "mriqc",
    "version": "0.10.4"
  },
  "size_t": 168,
  "size_x": 64,
  "size_y": 64,
  "size_z": 30,
  "snr": 4.770808483388335,
  "spacing_tr": 2.0,
  "spacing_x": 3.4375,
  "spacing_y": 3.4375,
  "spacing_z": 4.0,
  "summary_bg_k": 59.56990716681848,
  "summary_bg_mad": 14.084724426269531,
  "summary_bg_mean": 59.04570770263672,
  "summary_bg_median": 27.83333396911621,
  "summary_bg_n": 67339.0,
  "summary_bg_p05": 0.0476190485060215,
  "summary_bg_p95": 209.61191101074203,
  "summary_bg_stdv": 109.94856262207031,
  "summary_fg_k": 2.1583562050713105,
  "summary_fg_mad": 459.9422302246094,
  "summary_fg_mean": 2751.2431640625,
  "summary_fg_median": 2848.58935546875,
  "summary_fg_n": 27325.0,
  "summary_fg_p05": 1550.5119384765626,
  "summary_fg_p95": 3530.256103515625,
  "summary_fg_stdv": 597.076416015625,
  "tsnr": 83.74482727050781
}