{
  "aor": 0.008126309523809523,
  "aqi": 0.010444663511904761,
  "bids_meta": {
    "AcquisitionMatrixPE": 64,
    "ConversionSoftware": "dcm2niix",
    "ConversionSoftwareVersion": "v1.0.20171017 (OpenJPEG build) GCC4.8.4",
    "DeviceSerialNumber": "0000000517353VH3",
    "EchoTime": 0.0279,
    "EffectiveEchoSpacing": 0.000608,
    "FlipAngle": 76,
    "ImageOrientationPatientDICOM": [
      1,
      0,
      0,
      0,
      1,
      0
    ],
    "ImageType": [
      "ORIGINAL",
      "PRIMARY",
      "EPI",
      "NONE"
    ],
    "InPlanePhaseEncodingDirectionDICOM": "COL",
    "InstitutionName": "Michigan_State_University",
    "MRAcquisitionType": "2D",
    "MagneticFieldStrength": 3,
    "Manufacturer": "GE",
    "ManufacturersModelName": "Signa_HDxt",
    "Modality": "MR",
    "PatientPosition": "HFS",
    "PercentPhaseFOV": 100,
    "PixelBandwidth": 7812.5,
    "ProtocolName": "fMRI",
    "ReconMatrixPE": 64,
    "RepetitionTime": 2,
    "SAR": 0.225736,
    "ScanOptions": "EPI_GEMS",
    "ScanningSequence": "EP_GR",
    "SequenceVariant": "SS",
    "SeriesDescription": "fMRI",
    "SliceThickness": 4,
    "SoftwareVersions": "24_LX_MR_Software_release:HD16.0_V02_1131.a",
    "SpacingBetweenSlices": 4,
    "StationName": "MR03MR03",
    "TaskName": "rest",
    "TotalReadoutTime": 0.038304,
    "modality": "bold",
    "session_id": "ExercisePre",
    "subject_id": "058",
    "task_id": "rest"
  },
  "dummy_trs": 0,
  "dvars_nstd": 27.17518299928144,
  "dvars_std": 1.2334990763473057,
  "dvars_vstd": 1.1081083399401197,
  "efc": 0.46908361050659286,
  "fber": 13313.544921875,
  "fd_mean": 0.3774581093867067,
  "fd_num": 40,
  "fd_perc": 23.80952380952381,
  "fwhm_avg": 2.92109896969697,
  "fwhm_x": 2.8106996363636365,
  "fwhm_y": 3.252247272727273,
  "fwhm_z": 2.70035,
  "gcor": 0.0545363,
  "gsr_x": -0.006404896732419729,
  "gsr_y": 0.0077240425162017345,
  "provenance": {
    "md5sum": "3887633a832e06c4e4e1bb3ffb51221c",
    "settings": {
      "fd_thres": 0.5,
      "hmc_fsl": false
    },
    "software": "mriqc",
    "version": "0.10.4"
  },
  "size_t": 168,
  "size_x": 64,
  "size_y": 64,
  "size_z": 30,
  "snr": 5.634741733366781,
  "spacing_tr": 2.0,
  "spacing_x": 3.4375,
  "spacing_y": 3.4375,
  "spacing_z": 4.0,
  "summary_bg_k": 109.3357892781745,
  "summary_bg_mad": 15.664400100708008,
  "summary_bg_mean": 61.15607833862305,
  "summary_bg_median": 35.30357360839844,
  "summary_bg_n": 69735.0,
  "summary_bg_p05": 0.6190476417541504,
  "summary_bg_p95": 176.30535888671878,
  "summary_bg_stdv": 100.8609848022461,
  "summary_fg_k": 3.5197923073389648,
  "summary_fg_mad": 569.4608154296875,
  "summary_fg_mean": 4033.05615234375,
  "summary_fg_median": 4135.51220703125,
  "summary_fg_n": 26009.0,
  "summary_fg_p05": 2646.62861328125,
  "summary_fg_p95": 4961.8404296875,
  "summary_fg_stdv": 733.9169921875,
  "tsnr": 60.11516571044922
}