{
  "bids_meta": {
    "AcquisitionMatrixPE": 256,
    "ConversionSoftware": "dcm2niix",
    "ConversionSoftwareVersion": "v1.0.20171017 (OpenJPEG build) GCC4.8.4",
    "DeviceSerialNumber": "0000000517353VH3",
    "EchoTime": 0.003828,
    "FlipAngle": 8,
    "ImageOrientationPatientDICOM": [
      0,
      1,
      0,
      0,
      0,
      -1
    ],
    "ImageType": [
      "ORIGINAL",
      "PRIMARY",
      "OTHER"
    ],
    "InPlanePhaseEncodingDirectionDICOM": "ROW",
    "InstitutionName": "Michigan_State_University",
    "InversionTime": 0.04,
    "MRAcquisitionType": "3D",
    "MagneticFieldStrength": 3,
    "Manufacturer": "GE",
    "ManufacturersModelName": "Signa_HDxt",
    "Modality": "MR",
    "PatientPosition": "HFS",
    "PercentPhaseFOV": 100,
    "PixelBandwidth": 162.734,
    "ProtocolName": "mprage_1mm_iso_20.83_bw",
    "ReconMatrixPE": 256,
    "RepetitionTime": 0.008596,
    "SAR": 0.306132,
    "ScanOptions": "NONE",
    "ScanningSequence": "RM",
    "SequenceVariant": "NONE",
    "SeriesDescription": "mprage_1mm_iso_20.83_bw",
    "SliceThickness": 1,
    "SoftwareVersions": "24_LX_MR_Software_release:HD16.0_V02_1131.a",
    "SpacingBetweenSlices": 1,
    "StationName": "MR03MR03",
    "modality": "T1w",
    "session_id": "ControlPre",
    "subject_id": "014"
  },
  "cjv": 0.2722076737141064,
  "cnr": 4.645146122379485,
  "efc": 0.5649756877944814,
  "fber": 95.2838363647461,
  "fwhm_avg": 3.7958233333333333,
  "fwhm_x": 3.67904,
  "fwhm_y": 4.02479,
  "fwhm_z": 3.68364,
  "icvs_csf": 0.2022370744764943,
  "icvs_gm": 0.46321691430403267,
  "icvs_wm": 0.334546011219473,
  "inu_med": 1.1219723224639893,
  "inu_range": 0.327939224243164,
  "provenance": {
    "md5sum": "a8d930d5f10e6a1381dd2b1b4d7c1547",
    "settings": {
      "testing": false
    },
    "software": "mriqc",
    "version": "0.10.4",
    "warnings": {
      "large_rot_frame": true,
      "small_air_mask": false
    }
  },
  "qi_1": 0.0,
  "qi_2": 0.0007390411446331779,
  "rpve_csf": 29.33756889045947,
  "rpve_gm": 14.298433842278271,
  "rpve_wm": 22.868661810451588,
  "size_x": 180,
  "size_y": 256,
  "size_z": 256,
  "snr_csf": 2.4537864862974565,
  "snr_gm": 10.394378603925764,
  "snr_total": 10.556051648786491,
  "snr_wm": 18.819989856136253,
  "snrd_csf": 13.756204772938155,
  "snrd_gm": 31.012774027308833,
  "snrd_total": 31.52598952112382,
  "snrd_wm": 49.80898976312447,
  "spacing_x": 1.0,
  "spacing_y": 1.0,
  "spacing_z": 1.0,
  "summary_bg_k": 0.9445973236201719,
  "summary_bg_mad": 13.153180122375488,
  "summary_bg_mean": 49.8298454284668,
  "summary_bg_median": 48.599735260009766,
  "summary_bg_n": 2936683.0,
  "summary_bg_p05": 30.064423179626466,
  "summary_bg_p95": 73.98093795776366,
  "summary_bg_stdv": 13.726670265197754,
  "summary_csf_k": -0.07861302309525486,
  "summary_csf_mad": 126.40147399902344,
  "summary_csf_mean": 281.444091796875,
  "summary_csf_median": 276.1834716796875,
  "summary_csf_n": 8122.0,
  "summary_csf_p05": 111.48371505737305,
  "summary_csf_p95": 465.75429687499997,
  "summary_csf_stdv": 112.54706573486328,
  "summary_gm_k": 0.2355882602283863,
  "summary_gm_mad": 57.830718994140625,
  "summary_gm_mean": 623.3633422851562,
  "summary_gm_median": 622.643798828125,
  "summary_gm_n": 29727.0,
  "summary_gm_p05": 525.7082946777343,
  "summary_gm_p95": 724.4738586425781,
  "summary_gm_stdv": 59.90096664428711,
  "summary_wm_k": 1.4170340838813429,
  "summary_wm_mad": 44.89278793334961,
  "summary_wm_mean": 996.3038940429688,
  "summary_wm_median": 1000.015625,
  "summary_wm_n": 142606.0,
  "summary_wm_p05": 899.0380554199219,
  "summary_wm_p95": 1075.140380859375,
  "summary_wm_stdv": 53.13563537597656,
  "tpm_overlap_csf": 0.2217210829257965,
  "tpm_overlap_gm": 0.5399011373519897,
  "tpm_overlap_wm": 0.5500774383544922,
  "wm2max": 0.6167959566872456
}