{
  "bids_meta": {
    "AcquisitionMatrixPE": 256,
    "ConversionSoftware": "dcm2niix",
    "ConversionSoftwareVersion": "v1.0.20171017 (OpenJPEG build) GCC4.8.4",
    "DeviceSerialNumber": "0000000517353VH3",
    "EchoTime": 0.003828,
    "FlipAngle": 8,
    "ImageOrientationPatientDICOM": [
      0,
      1,
      0,
      0,
      0,
      -1
    ],
    "ImageType": [
      "ORIGINAL",
      "PRIMARY",
      "OTHER"
    ],
    "InPlanePhaseEncodingDirectionDICOM": "ROW",
    "InstitutionName": "Michigan_State_University",
    "InversionTime": 0.04,
    "MRAcquisitionType": "3D",
    "MagneticFieldStrength": 3,
    "Manufacturer": "GE",
    "ManufacturersModelName": "Signa_HDxt",
    "Modality": "MR",
    "PatientPosition": "HFS",
    "PercentPhaseFOV": 100,
    "PixelBandwidth": 162.734,
    "ProtocolName": "mprage_1mm_iso_20.83_bw",
    "ReconMatrixPE": 256,
    "RepetitionTime": 0.008596,
    "SAR": 0.306132,
    "ScanOptions": "NONE",
    "ScanningSequence": "RM",
    "SequenceVariant": "NONE",
    "SeriesDescription": "mprage_1mm_iso_20.83_bw",
    "SliceThickness": 1,
    "SoftwareVersions": "24_LX_MR_Software_release:HD16.0_V02_1131.a",
    "SpacingBetweenSlices": 1,
    "StationName": "MR03MR03",
    "modality": "T1w",
    "session_id": "ExercisePre",
    "subject_id": "033"
  },
  "cjv": 0.273825135534788,
  "cnr": 4.550524720012314,
  "efc": 0.5932575009869896,
  "fber": 77.34131622314453,
  "fwhm_avg": 3.93913,
  "fwhm_x": 3.78076,
  "fwhm_y": 4.09054,
  "fwhm_z": 3.94609,
  "icvs_csf": 0.1829140568041327,
  "icvs_gm": 0.4788307831141221,
  "icvs_wm": 0.3382551600817452,
  "inu_med": 0.8102772235870361,
  "inu_range": 0.2881066858768462,
  "provenance": {
    "md5sum": "d225711da1a9852dbc9252d645ac1ed7",
    "settings": {
      "testing": false
    },
    "software": "mriqc",
    "version": "0.10.4",
    "warnings": {
      "large_rot_frame": true,
      "small_air_mask": false
    }
  },
  "qi_1": 0.0,
  "qi_2": 0.0006574334760000218,
  "rpve_csf": 29.065146701087226,
  "rpve_gm": 12.981156263877018,
  "rpve_wm": 20.630509739453984,
  "size_x": 180,
  "size_y": 256,
  "size_z": 256,
  "snr_csf": 2.764645459767779,
  "snr_gm": 10.469347506706265,
  "snr_total": 11.559811668963484,
  "snr_wm": 21.445442040416406,
  "snrd_csf": 12.240024614638727,
  "snrd_gm": 23.810502058848392,
  "snrd_total": 24.41662020928376,
  "snrd_wm": 37.19933395436416,
  "spacing_x": 1.0,
  "spacing_y": 1.0,
  "spacing_z": 1.0,
  "summary_bg_k": 1.2771094937252476,
  "summary_bg_mad": 17.61168670654297,
  "summary_bg_mean": 59.68748092651367,
  "summary_bg_median": 57.830081939697266,
  "summary_bg_n": 2918454.0,
  "summary_bg_p05": 33.47399768829345,
  "summary_bg_p95": 92.46265144348146,
  "summary_bg_stdv": 18.541582107543945,
  "summary_csf_k": 0.3505090369217365,
  "summary_csf_mad": 129.0334930419922,
  "summary_csf_mean": 339.8283386230469,
  "summary_csf_median": 329.0421447753906,
  "summary_csf_n": 11625.0,
  "summary_csf_p05": 166.77776794433595,
  "summary_csf_p95": 536.5532592773437,
  "summary_csf_stdv": 119.01272583007812,
  "summary_gm_k": 0.4816336537041317,
  "summary_gm_mad": 56.91386413574219,
  "summary_gm_mean": 643.3540649414062,
  "summary_gm_median": 640.085205078125,
  "summary_gm_n": 42132.0,
  "summary_gm_p05": 548.0689697265625,
  "summary_gm_p95": 749.9454345703125,
  "summary_gm_stdv": 61.13825225830078,
  "summary_wm_k": 1.140841860653115,
  "summary_wm_mad": 41.64262771606445,
  "summary_wm_mean": 998.08447265625,
  "summary_wm_median": 1000.0101318359375,
  "summary_wm_n": 166060.0,
  "summary_wm_p05": 917.6649658203125,
  "summary_wm_p95": 1069.6371337890625,
  "summary_wm_stdv": 46.630287170410156,
  "tpm_overlap_csf": 0.21639369428157806,
  "tpm_overlap_gm": 0.5443375110626221,
  "tpm_overlap_wm": 0.5499956011772156,
  "wm2max": 0.7097651511759637
}