{
  "aor": 0.0071669047619047615,
  "aqi": 0.0028505527976190473,
  "bids_meta": {
    "AcquisitionMatrixPE": 64,
    "ConversionSoftware": "dcm2niix",
    "ConversionSoftwareVersion": "v1.0.20171017 (OpenJPEG build) GCC4.8.4",
    "DeviceSerialNumber": "0000000517353VH3",
    "EchoTime": 0.0279,
    "EffectiveEchoSpacing": 0.000608,
    "FlipAngle": 76,
    "ImageOrientationPatientDICOM": [
      1,
      0,
      0,
      0,
      1,
      0
    ],
    "ImageType": [
      "ORIGINAL",
      "PRIMARY",
      "EPI",
      "NONE"
    ],
    "InPlanePhaseEncodingDirectionDICOM": "COL",
    "InstitutionName": "Michigan_State_University",
    "MRAcquisitionType": "2D",
    "MagneticFieldStrength": 3,
    "Manufacturer": "GE",
    "ManufacturersModelName": "Signa_HDxt",
    "Modality": "MR",
    "PatientPosition": "HFS",
    "PercentPhaseFOV": 100,
    "PixelBandwidth": 7812.5,
    "ProtocolName": "fMRI",
    "ReconMatrixPE": 64,
    "RepetitionTime": 2,
    "SAR": 0.225736,
    "ScanOptions": "EPI_GEMS",
    "ScanningSequence": "EP_GR",
    "SequenceVariant": "SS",
    "SeriesDescription": "fMRI",
    "SliceThickness": 4,
    "SoftwareVersions": "24_LX_MR_Software_release:HD16.0_V02_1131.a",
    "SpacingBetweenSlices": 4,
    "StationName": "MR03MR03",
    "TaskName": "flanker",
    "TotalReadoutTime": 0.038304,
    "modality": "bold",
    "run_id": "01",
    "session_id": "ControlPost",
    "subject_id": "034",
    "task_id": "flanker"
  },
  "dummy_trs": 0,
  "dvars_nstd": 20.070345701856287,
  "dvars_std": 1.2799977632934132,
  "dvars_vstd": 1.0331284697604792,
  "efc": 0.49161598648641425,
  "fber": 11291.150390625,
  "fd_mean": 0.23429660579524914,
  "fd_num": 9,
  "fd_perc": 5.357142857142857,
  "fwhm_avg": 2.986840696969697,
  "fwhm_x": 2.865320727272727,
  "fwhm_y": 3.413876363636364,
  "fwhm_z": 2.681325,
  "gcor": 0.0500896,
  "gsr_x": -0.008426554501056671,
  "gsr_y": 0.01702946424484253,
  "provenance": {
    "md5sum": "288046ec48b57d27180510ca8e0f031f",
    "settings": {
      "fd_thres": 0.5,
      "hmc_fsl": false
    },
    "software": "mriqc",
    "version": "0.10.4"
  },
  "size_t": 168,
  "size_x": 64,
  "size_y": 64,
  "size_z": 30,
  "snr": 4.7927230654424715,
  "spacing_tr": 2.0,
  "spacing_x": 3.4375,
  "spacing_y": 3.4375,
  "spacing_z": 4.0,
  "summary_bg_k": 62.615756280792866,
  "summary_bg_mad": 12.33736801147461,
  "summary_bg_mean": 60.72606658935547,
  "summary_bg_median": 28.1011905670166,
  "summary_bg_n": 66391.0,
  "summary_bg_p05": 0.0535714291036129,
  "summary_bg_p95": 243.83928680419922,
  "summary_bg_stdv": 121.75308227539062,
  "summary_fg_k": 1.9367858709014936,
  "summary_fg_mad": 511.52838134765625,
  "summary_fg_mean": 3015.44287109375,
  "summary_fg_median": 3078.693359375,
  "summary_fg_n": 28262.0,
  "summary_fg_p05": 1810.2270629882812,
  "summary_fg_p95": 3930.083703613281,
  "summary_fg_stdv": 642.35693359375,
  "tsnr": 85.54430389404297
}