{
  "aor": 0.01813035714285714,
  "aqi": 0.01071320505952381,
  "bids_meta": {
    "AcquisitionMatrixPE": 64,
    "ConversionSoftware": "dcm2niix",
    "ConversionSoftwareVersion": "v1.0.20171017 (OpenJPEG build) GCC4.8.4",
    "DeviceSerialNumber": "0000000517353VH3",
    "EchoTime": 0.0279,
    "EffectiveEchoSpacing": 0.000608,
    "FlipAngle": 76,
    "ImageOrientationPatientDICOM": [
      1,
      0,
      0,
      0,
      1,
      0
    ],
    "ImageType": [
      "ORIGINAL",
      "PRIMARY",
      "EPI",
      "NONE"
    ],
    "InPlanePhaseEncodingDirectionDICOM": "COL",
    "InstitutionName": "Michigan_State_University",
    "MRAcquisitionType": "2D",
    "MagneticFieldStrength": 3,
    "Manufacturer": "GE",
    "ManufacturersModelName": "Signa_HDxt",
    "Modality": "MR",
    "PatientPosition": "HFS",
    "PercentPhaseFOV": 100,
    "PixelBandwidth": 7812.5,
    "ProtocolName": "fMRI",
    "ReconMatrixPE": 64,
    "RepetitionTime": 2,
    "SAR": 0.225736,
    "ScanOptions": "EPI_GEMS",
    "ScanningSequence": "EP_GR",
    "SequenceVariant": "SS",
    "SeriesDescription": "fMRI",
    "SliceThickness": 4,
    "SoftwareVersions": "24_LX_MR_Software_release:HD16.0_V02_1131.a",
    "SpacingBetweenSlices": 4,
    "StationName": "MR03MR03",
    "TaskName": "rest",
    "TotalReadoutTime": 0.038304,
    "modality": "bold",
    "session_id": "ControlPre",
    "subject_id": "058",
    "task_id": "rest"
  },
  "dummy_trs": 0,
  "dvars_nstd": 26.71610592401196,
  "dvars_std": 1.261799187604791,
  "dvars_vstd": 1.0850503285029944,
  "efc": 0.4616331802111292,
  "fber": 13697.4326171875,
  "fd_mean": 0.3456007610924039,
  "fd_num": 31,
  "fd_perc": 18.452380952380953,
  "fwhm_avg": 2.958103787878788,
  "fwhm_x": 2.8551418181818184,
  "fwhm_y": 3.2292945454545454,
  "fwhm_z": 2.789875,
  "gcor": 0.0739434,
  "gsr_x": -0.0057807378470897675,
  "gsr_y": 0.007536244112998247,
  "provenance": {
    "md5sum": "4ec29c684d41481729362caf41cd9385",
    "settings": {
      "fd_thres": 0.5,
      "hmc_fsl": false
    },
    "software": "mriqc",
    "version": "0.10.4"
  },
  "size_t": 168,
  "size_x": 64,
  "size_y": 64,
  "size_z": 30,
  "snr": 5.359239141813813,
  "spacing_tr": 2.0,
  "spacing_x": 3.4375,
  "spacing_y": 3.4375,
  "spacing_z": 4.0,
  "summary_bg_k": 84.38496671711586,
  "summary_bg_mad": 15.179021835327148,
  "summary_bg_mean": 58.784061431884766,
  "summary_bg_median": 35.07143020629883,
  "summary_bg_n": 70523.0,
  "summary_bg_p05": 0.5178571343421936,
  "summary_bg_p95": 157.6970214843747,
  "summary_bg_stdv": 94.11564636230469,
  "summary_fg_k": 3.730653991388186,
  "summary_fg_mad": 569.37646484375,
  "summary_fg_mean": 4027.365966796875,
  "summary_fg_median": 4161.52685546875,
  "summary_fg_n": 25402.0,
  "summary_fg_p05": 2553.08701171875,
  "summary_fg_p95": 4974.186572265625,
  "summary_fg_stdv": 776.4992065429688,
  "tsnr": 51.410736083984375
}