{
  "aor": 0.02935547619047619,
  "aqi": 0.01005250011904762,
  "bids_meta": {
    "AcquisitionMatrixPE": 64,
    "ConversionSoftware": "dcm2niix",
    "ConversionSoftwareVersion": "v1.0.20171017 (OpenJPEG build) GCC4.8.4",
    "DeviceSerialNumber": "0000000517353VH3",
    "EchoTime": 0.0279,
    "EffectiveEchoSpacing": 0.000608,
    "FlipAngle": 76,
    "ImageOrientationPatientDICOM": [
      1,
      0,
      0,
      0,
      1,
      0
    ],
    "ImageType": [
      "ORIGINAL",
      "PRIMARY",
      "EPI",
      "NONE"
    ],
    "InPlanePhaseEncodingDirectionDICOM": "COL",
    "InstitutionName": "Michigan_State_University",
    "MRAcquisitionType": "2D",
    "MagneticFieldStrength": 3,
    "Manufacturer": "GE",
    "ManufacturersModelName": "Signa_HDxt",
    "Modality": "MR",
    "PatientPosition": "HFS",
    "PercentPhaseFOV": 100,
    "PixelBandwidth": 7812.5,
    "ProtocolName": "fMRI",
    "ReconMatrixPE": 64,
    "RepetitionTime": 2,
    "SAR": 0.225736,
    "ScanOptions": "EPI_GEMS",
    "ScanningSequence": "EP_GR",
    "SequenceVariant": "SS",
    "SeriesDescription": "fMRI",
    "SliceThickness": 4,
    "SoftwareVersions": "24_LX_MR_Software_release:HD16.0_V02_1131.a",
    "SpacingBetweenSlices": 4,
    "StationName": "MR03MR03",
    "TaskName": "rest",
    "TotalReadoutTime": 0.038304,
    "modality": "bold",
    "session_id": "ExercisePre",
    "subject_id": "036",
    "task_id": "rest"
  },
  "dummy_trs": 0,
  "dvars_nstd": 16.20406460928144,
  "dvars_std": 0.9545227017964075,
  "dvars_vstd": 0.8729516985628744,
  "efc": 0.47696431847729015,
  "fber": 10598.5166015625,
  "fd_mean": 0.15573782494173768,
  "fd_num": 9,
  "fd_perc": 5.357142857142857,
  "fwhm_avg": 2.963885303030303,
  "fwhm_x": 2.9554327272727274,
  "fwhm_y": 3.2070981818181816,
  "fwhm_z": 2.729125,
  "gcor": 0.0444729,
  "gsr_x": -0.006714676506817341,
  "gsr_y": 0.006827172357589006,
  "provenance": {
    "md5sum": "3a93a1a8a9555022bc3764f0552b3eaa",
    "settings": {
      "fd_thres": 0.5,
      "hmc_fsl": false
    },
    "software": "mriqc",
    "version": "0.10.4"
  },
  "size_t": 168,
  "size_x": 64,
  "size_y": 64,
  "size_z": 30,
  "snr": 5.079147425367215,
  "spacing_tr": 2.0,
  "spacing_x": 3.4375,
  "spacing_y": 3.4375,
  "spacing_z": 4.0,
  "summary_bg_k": 91.67276594559151,
  "summary_bg_mad": 12.51386833190918,
  "summary_bg_mean": 51.04679870605469,
  "summary_bg_median": 29.2261905670166,
  "summary_bg_n": 68172.0,
  "summary_bg_p05": 0.4821428656578064,
  "summary_bg_p95": 149.07946701049798,
  "summary_bg_stdv": 91.14453125,
  "summary_fg_k": 2.6816593382972025,
  "summary_fg_mad": 464.1162109375,
  "summary_fg_mean": 2993.774169921875,
  "summary_fg_median": 3074.77685546875,
  "summary_fg_n": 26918.0,
  "summary_fg_p05": 1808.3770812988284,
  "summary_fg_p95": 3790.1824584960937,
  "summary_fg_stdv": 605.3613891601562,
  "tsnr": 53.68794250488281
}