{
  "aor": 0.022965833333333335,
  "aqi": 0.01916276970238095,
  "bids_meta": {
    "AcquisitionMatrixPE": 64,
    "ConversionSoftware": "dcm2niix",
    "ConversionSoftwareVersion": "v1.0.20171017 (OpenJPEG build) GCC4.8.4",
    "DeviceSerialNumber": "0000000517353VH3",
    "EchoTime": 0.0279,
    "EffectiveEchoSpacing": 0.000608,
    "FlipAngle": 76,
    "ImageOrientationPatientDICOM": [
      1,
      0,
      0,
      0,
      1,
      0
    ],
    "ImageType": [
      "ORIGINAL",
      "PRIMARY",
      "EPI",
      "NONE"
    ],
    "InPlanePhaseEncodingDirectionDICOM": "COL",
    "InstitutionName": "Michigan_State_University",
    "MRAcquisitionType": "2D",
    "MagneticFieldStrength": 3,
    "Manufacturer": "GE",
    "ManufacturersModelName": "Signa_HDxt",
    "Modality": "MR",
    "PatientPosition": "HFS",
    "PercentPhaseFOV": 100,
    "PixelBandwidth": 7812.5,
    "ProtocolName": "fMRI",
    "ReconMatrixPE": 64,
    "RepetitionTime": 2,
    "SAR": 0.225736,
    "ScanOptions": "EPI_GEMS",
    "ScanningSequence": "EP_GR",
    "SequenceVariant": "SS",
    "SeriesDescription": "fMRI",
    "SliceThickness": 4,
    "SoftwareVersions": "24_LX_MR_Software_release:HD16.0_V02_1131.a",
    "SpacingBetweenSlices": 4,
    "StationName": "MR03MR03",
    "TaskName": "rest",
    "TotalReadoutTime": 0.038304,
    "modality": "bold",
    "session_id": "ControlPost",
    "subject_id": "038",
    "task_id": "rest"
  },
  "dummy_trs": 0,
  "dvars_nstd": 29.80109102862276,
  "dvars_std": 1.0552038226946105,
  "dvars_vstd": 1.0803449327544914,
  "efc": 0.48190442917841225,
  "fber": 5437.18994140625,
  "fd_mean": 0.556041518693264,
  "fd_num": 49,
  "fd_perc": 29.166666666666668,
  "fwhm_avg": 2.975892606060606,
  "fwhm_x": 2.850103272727273,
  "fwhm_y": 3.3185745454545454,
  "fwhm_z": 2.759,
  "gcor": 0.0791321,
  "gsr_x": -0.008238795213401318,
  "gsr_y": 0.007952813990414143,
  "provenance": {
    "md5sum": "6b630a6b8ccfb5062925cf26b144b4aa",
    "settings": {
      "fd_thres": 0.5,
      "hmc_fsl": false
    },
    "software": "mriqc",
    "version": "0.10.4"
  },
  "size_t": 168,
  "size_x": 64,
  "size_y": 64,
  "size_z": 30,
  "snr": 5.531436552028825,
  "spacing_tr": 2.0,
  "spacing_x": 3.4375,
  "spacing_y": 3.4375,
  "spacing_z": 4.0,
  "summary_bg_k": 67.23537575694185,
  "summary_bg_mad": 12.34619426727295,
  "summary_bg_mean": 63.82155990600586,
  "summary_bg_median": 40.238094329833984,
  "summary_bg_n": 69458.0,
  "summary_bg_p05": 1.2023810148239136,
  "summary_bg_p95": 197.10803985595697,
  "summary_bg_stdv": 97.97909545898438,
  "summary_fg_k": 2.956960872314543,
  "summary_fg_mad": 434.4198303222656,
  "summary_fg_mean": 2972.8876953125,
  "summary_fg_median": 3049.3037109375,
  "summary_fg_n": 26385.0,
  "summary_fg_p05": 1936.8178955078124,
  "summary_fg_p95": 3701.088232421875,
  "summary_fg_stdv": 551.2575073242188,
  "tsnr": 35.14263916015625
}