{
  "aor": 0.001132202380952381,
  "aqi": 0.003121277857142857,
  "bids_meta": {
    "AcquisitionMatrixPE": 64,
    "ConversionSoftware": "dcm2niix",
    "ConversionSoftwareVersion": "v1.0.20171017 (OpenJPEG build) GCC4.8.4",
    "DeviceSerialNumber": "0000000517353VH3",
    "EchoTime": 0.0279,
    "EffectiveEchoSpacing": 0.000608,
    "FlipAngle": 76,
    "ImageOrientationPatientDICOM": [
      1,
      0,
      0,
      0,
      1,
      0
    ],
    "ImageType": [
      "ORIGINAL",
      "PRIMARY",
      "EPI",
      "NONE"
    ],
    "InPlanePhaseEncodingDirectionDICOM": "COL",
    "InstitutionName": "Michigan_State_University",
    "MRAcquisitionType": "2D",
    "MagneticFieldStrength": 3,
    "Manufacturer": "GE",
    "ManufacturersModelName": "Signa_HDxt",
    "Modality": "MR",
    "PatientPosition": "HFS",
    "PercentPhaseFOV": 100,
    "PixelBandwidth": 7812.5,
    "ProtocolName": "fMRI",
    "ReconMatrixPE": 64,
    "RepetitionTime": 2,
    "SAR": 0.225736,
    "ScanOptions": "EPI_GEMS",
    "ScanningSequence": "EP_GR",
    "SequenceVariant": "SS",
    "SeriesDescription": "fMRI",
    "SliceThickness": 4,
    "SoftwareVersions": "24_LX_MR_Software_release:HD16.0_V02_1131.a",
    "SpacingBetweenSlices": 4,
    "StationName": "MR03MR03",
    "TaskName": "rest",
    "TotalReadoutTime": 0.038304,
    "modality": "bold",
    "session_id": "ExercisePost",
    "subject_id": "005",
    "task_id": "rest"
  },
  "dummy_trs": 0,
  "dvars_nstd": 16.05482480640719,
  "dvars_std": 1.1930932164670653,
  "dvars_vstd": 0.9815354131736523,
  "efc": 0.5112830340745174,
  "fber": 10549.2158203125,
  "fd_mean": 0.15138877791244704,
  "fd_num": 0,
  "fd_perc": 0.0,
  "fwhm_avg": 2.8548256969696975,
  "fwhm_x": 2.658411636363636,
  "fwhm_y": 3.072465454545455,
  "fwhm_z": 2.8336,
  "gcor": 0.0223617,
  "gsr_x": -0.008214754052460194,
  "gsr_y": 0.010377916507422924,
  "provenance": {
    "md5sum": "2194a752d3b82f10b4a56b008255edb3",
    "settings": {
      "fd_thres": 0.5,
      "hmc_fsl": false
    },
    "software": "mriqc",
    "version": "0.10.4"
  },
  "size_t": 168,
  "size_x": 64,
  "size_y": 64,
  "size_z": 30,
  "snr": 5.319839350849424,
  "spacing_tr": 2.0,
  "spacing_x": 3.4375,
  "spacing_y": 3.4375,
  "spacing_z": 4.0,
  "summary_bg_k": 104.0578658064477,
  "summary_bg_mad": 16.76752281188965,
  "summary_bg_mean": 70.35549926757812,
  "summary_bg_median": 37.28571319580078,
  "summary_bg_n": 64225.0,
  "summary_bg_p05": 0.02976190485060215,
  "summary_bg_p95": 221.4452362060547,
  "summary_bg_stdv": 128.06747436523438,
  "summary_fg_k": 2.3176588193598544,
  "summary_fg_mad": 633.9273681640625,
  "summary_fg_mean": 3839.345947265625,
  "summary_fg_median": 3894.7412109375,
  "summary_fg_n": 30948.0,
  "summary_fg_p05": 2604.7675048828123,
  "summary_fg_p95": 4889.799609375,
  "summary_fg_stdv": 732.1044921875,
  "tsnr": 92.27920532226562
}