{
  "bids_meta": {
    "AcquisitionMatrixPE": 256,
    "ConversionSoftware": "dcm2niix",
    "ConversionSoftwareVersion": "v1.0.20171017 (OpenJPEG build) GCC4.8.4",
    "DeviceSerialNumber": "0000000517353VH3",
    "EchoTime": 0.003828,
    "FlipAngle": 8,
    "ImageOrientationPatientDICOM": [
      0,
      1,
      0,
      0,
      0,
      -1
    ],
    "ImageType": [
      "ORIGINAL",
      "PRIMARY",
      "OTHER"
    ],
    "InPlanePhaseEncodingDirectionDICOM": "ROW",
    "InstitutionName": "Michigan_State_University",
    "InversionTime": 0.04,
    "MRAcquisitionType": "3D",
    "MagneticFieldStrength": 3,
    "Manufacturer": "GE",
    "ManufacturersModelName": "Signa_HDxt",
    "Modality": "MR",
    "PatientPosition": "HFS",
    "PercentPhaseFOV": 100,
    "PixelBandwidth": 162.734,
    "ProtocolName": "mprage_1mm_iso_20.83_bw",
    "ReconMatrixPE": 256,
    "RepetitionTime": 0.008596,
    "SAR": 0.306132,
    "ScanOptions": "NONE",
    "ScanningSequence": "RM",
    "SequenceVariant": "NONE",
    "SeriesDescription": "mprage_1mm_iso_20.83_bw",
    "SliceThickness": 1,
    "SoftwareVersions": "24_LX_MR_Software_release:HD16.0_V02_1131.a",
    "SpacingBetweenSlices": 1,
    "StationName": "MR03MR03",
    "modality": "T1w",
    "session_id": "ControlPre",
    "subject_id": "043"
  },
  "cjv": 0.25740841629868144,
  "cnr": 4.628642193540666,
  "efc": 0.5764791893317065,
  "fber": 111.84467315673828,
  "fwhm_avg": 3.928473333333334,
  "fwhm_x": 3.85002,
  "fwhm_y": 4.1409,
  "fwhm_z": 3.7945,
  "icvs_csf": 0.17822518016745148,
  "icvs_gm": 0.48255934278813123,
  "icvs_wm": 0.33921547704441724,
  "inu_med": 1.0610742568969727,
  "inu_range": 0.32981624603271475,
  "provenance": {
    "md5sum": "b152a90e59a7c835a7b8a0b550214dc8",
    "settings": {
      "testing": false
    },
    "software": "mriqc",
    "version": "0.10.4",
    "warnings": {
      "large_rot_frame": true,
      "small_air_mask": false
    }
  },
  "qi_1": 0.0,
  "qi_2": 0.0010801077417940722,
  "rpve_csf": 28.460605073397485,
  "rpve_gm": 12.290239955009097,
  "rpve_wm": 19.610641880582225,
  "size_x": 180,
  "size_y": 256,
  "size_z": 256,
  "snr_csf": 2.7614543890219467,
  "snr_gm": 11.439079499451612,
  "snr_total": 10.506383900532606,
  "snr_wm": 17.31861781312426,
  "snrd_csf": 16.349965248848548,
  "snrd_gm": 33.23724051386767,
  "snrd_total": 34.203283010371514,
  "snrd_wm": 53.02264326839832,
  "spacing_x": 1.0,
  "spacing_y": 1.0,
  "spacing_z": 1.0,
  "summary_bg_k": 0.7282909813437621,
  "summary_bg_mad": 12.35579776763916,
  "summary_bg_mean": 49.85182189941406,
  "summary_bg_median": 48.73928451538086,
  "summary_bg_n": 2806845.0,
  "summary_bg_p05": 31.244652175903322,
  "summary_bg_p95": 72.30170135498045,
  "summary_bg_stdv": 12.739259719848633,
  "summary_csf_k": 0.27640750726547436,
  "summary_csf_mad": 126.06482696533203,
  "summary_csf_mean": 315.1157531738281,
  "summary_csf_median": 308.3584899902344,
  "summary_csf_n": 12148.0,
  "summary_csf_p05": 154.93108367919922,
  "summary_csf_p95": 495.5937393188476,
  "summary_csf_stdv": 111.66065216064453,
  "summary_gm_k": 0.1414547945563016,
  "summary_gm_mad": 54.24348068237305,
  "summary_gm_mean": 625.6177368164062,
  "summary_gm_median": 626.8505859375,
  "summary_gm_n": 49607.0,
  "summary_gm_p05": 533.8871215820312,
  "summary_gm_p95": 713.1145874023437,
  "summary_gm_stdv": 54.79848861694336,
  "summary_wm_k": 1.7106777735243233,
  "summary_wm_mad": 41.80858612060547,
  "summary_wm_mean": 988.5536499023438,
  "summary_wm_median": 1000.0010375976562,
  "summary_wm_n": 177997.0,
  "summary_wm_p05": 863.0750122070312,
  "summary_wm_p95": 1060.9804443359376,
  "summary_wm_stdv": 57.74122619628906,
  "tpm_overlap_csf": 0.21180735528469086,
  "tpm_overlap_gm": 0.5362427234649658,
  "tpm_overlap_wm": 0.5366131663322449,
  "wm2max": 0.6012354326609826
}