{
  "aor": 0.03451642857142857,
  "aqi": 0.02981754416666666,
  "bids_meta": {
    "AcquisitionMatrixPE": 64,
    "ConversionSoftware": "dcm2niix",
    "ConversionSoftwareVersion": "v1.0.20171017 (OpenJPEG build) GCC4.8.4",
    "DeviceSerialNumber": "0000000517353VH3",
    "EchoTime": 0.0279,
    "EffectiveEchoSpacing": 0.000608,
    "FlipAngle": 76,
    "ImageOrientationPatientDICOM": [
      1,
      0,
      0,
      0,
      1,
      0
    ],
    "ImageType": [
      "ORIGINAL",
      "PRIMARY",
      "EPI",
      "NONE"
    ],
    "InPlanePhaseEncodingDirectionDICOM": "COL",
    "InstitutionName": "Michigan_State_University",
    "MRAcquisitionType": "2D",
    "MagneticFieldStrength": 3,
    "Manufacturer": "GE",
    "ManufacturersModelName": "Signa_HDxt",
    "Modality": "MR",
    "PatientPosition": "HFS",
    "PercentPhaseFOV": 100,
    "PixelBandwidth": 7812.5,
    "ProtocolName": "fMRI",
    "ReconMatrixPE": 64,
    "RepetitionTime": 2,
    "SAR": 0.225736,
    "ScanOptions": "EPI_GEMS",
    "ScanningSequence": "EP_GR",
    "SequenceVariant": "SS",
    "SeriesDescription": "fMRI",
    "SliceThickness": 4,
    "SoftwareVersions": "24_LX_MR_Software_release:HD16.0_V02_1131.a",
    "SpacingBetweenSlices": 4,
    "StationName": "MR03MR03",
    "TaskName": "rest",
    "TotalReadoutTime": 0.038304,
    "modality": "bold",
    "session_id": "ControlPost",
    "subject_id": "027",
    "task_id": "rest"
  },
  "dummy_trs": 0,
  "dvars_nstd": 49.40377502113774,
  "dvars_std": 1.1981847295209578,
  "dvars_vstd": 1.1685217125748495,
  "efc": 0.46411871723771214,
  "fber": 10442.0302734375,
  "fd_mean": 1.1525157043559722,
  "fd_num": 89,
  "fd_perc": 52.976190476190474,
  "fwhm_avg": 2.9899851515151514,
  "fwhm_x": 2.972741818181818,
  "fwhm_y": 3.2411636363636367,
  "fwhm_z": 2.75605,
  "gcor": 0.0972523,
  "gsr_x": -0.0022278628312051296,
  "gsr_y": 0.008255614899098873,
  "provenance": {
    "md5sum": "a5a9f0b348c24101fe08639185b76458",
    "settings": {
      "fd_thres": 0.5,
      "hmc_fsl": false
    },
    "software": "mriqc",
    "version": "0.10.4"
  },
  "size_t": 168,
  "size_x": 64,
  "size_y": 64,
  "size_z": 30,
  "snr": 5.206118038416595,
  "spacing_tr": 2.0,
  "spacing_x": 3.4375,
  "spacing_y": 3.4375,
  "spacing_z": 4.0,
  "summary_bg_k": 73.48317189752844,
  "summary_bg_mad": 12.046146392822266,
  "summary_bg_mean": 52.994380950927734,
  "summary_bg_median": 27.392858505249023,
  "summary_bg_n": 70873.0,
  "summary_bg_p05": 0.8571428656578064,
  "summary_bg_p95": 167.8999999999999,
  "summary_bg_stdv": 96.7542953491211,
  "summary_fg_k": 2.424897189342274,
  "summary_fg_mad": 444.3173522949219,
  "summary_fg_mean": 2779.839111328125,
  "summary_fg_median": 2867.9912109375,
  "summary_fg_n": 24900.0,
  "summary_fg_p05": 1708.1462097167969,
  "summary_fg_p95": 3477.5164306640627,
  "summary_fg_stdv": 550.8775634765625,
  "tsnr": 24.62590980529785
}