{
  "aor": 0.06211940476190476,
  "aqi": 0.04261224595238095,
  "bids_meta": {
    "AcquisitionMatrixPE": 64,
    "ConversionSoftware": "dcm2niix",
    "ConversionSoftwareVersion": "v1.0.20171017 (OpenJPEG build) GCC4.8.4",
    "DeviceSerialNumber": "0000000517353VH3",
    "EchoTime": 0.0279,
    "EffectiveEchoSpacing": 0.000608,
    "FlipAngle": 76,
    "ImageOrientationPatientDICOM": [
      1,
      0,
      0,
      0,
      1,
      0
    ],
    "ImageType": [
      "ORIGINAL",
      "PRIMARY",
      "EPI",
      "NONE"
    ],
    "InPlanePhaseEncodingDirectionDICOM": "COL",
    "InstitutionName": "Michigan_State_University",
    "MRAcquisitionType": "2D",
    "MagneticFieldStrength": 3,
    "Manufacturer": "GE",
    "ManufacturersModelName": "Signa_HDxt",
    "Modality": "MR",
    "PatientPosition": "HFS",
    "PercentPhaseFOV": 100,
    "PixelBandwidth": 7812.5,
    "ProtocolName": "fMRI",
    "ReconMatrixPE": 64,
    "RepetitionTime": 2,
    "SAR": 0.225736,
    "ScanOptions": "EPI_GEMS",
    "ScanningSequence": "EP_GR",
    "SequenceVariant": "SS",
    "SeriesDescription": "fMRI",
    "SliceThickness": 4,
    "SoftwareVersions": "24_LX_MR_Software_release:HD16.0_V02_1131.a",
    "SpacingBetweenSlices": 4,
    "StationName": "MR03MR03",
    "TaskName": "rest",
    "TotalReadoutTime": 0.038304,
    "modality": "bold",
    "session_id": "ControlPre",
    "subject_id": "010",
    "task_id": "rest"
  },
  "dummy_trs": 0,
  "dvars_nstd": 56.35354638251496,
  "dvars_std": 1.3376241685628751,
  "dvars_vstd": 1.399452315029941,
  "efc": 0.45836583340309617,
  "fber": 13599.8173828125,
  "fd_mean": 1.52320992101525,
  "fd_num": 77,
  "fd_perc": 45.833333333333336,
  "fwhm_avg": 2.9377283939393934,
  "fwhm_x": 2.8950574545454546,
  "fwhm_y": 3.259752727272727,
  "fwhm_z": 2.658375,
  "gcor": 0.143922,
  "gsr_x": -0.008803069591522217,
  "gsr_y": 0.012082486413419247,
  "provenance": {
    "md5sum": "59d25648638eb3fde9a0fb249209310b",
    "settings": {
      "fd_thres": 0.5,
      "hmc_fsl": false
    },
    "software": "mriqc",
    "version": "0.10.4"
  },
  "size_t": 168,
  "size_x": 64,
  "size_y": 64,
  "size_z": 30,
  "snr": 5.4901949626909285,
  "spacing_tr": 2.0,
  "spacing_x": 3.4375,
  "spacing_y": 3.4375,
  "spacing_z": 4.0,
  "summary_bg_k": 82.36916958383763,
  "summary_bg_mad": 16.185073852539062,
  "summary_bg_mean": 72.9814453125,
  "summary_bg_median": 39.94047546386719,
  "summary_bg_n": 70927.0,
  "summary_bg_p05": 2.404762029647827,
  "summary_bg_p95": 224.06785583496088,
  "summary_bg_stdv": 128.3177490234375,
  "summary_fg_k": 3.230849538955402,
  "summary_fg_mad": 619.0305786132812,
  "summary_fg_mean": 4588.39111328125,
  "summary_fg_median": 4717.625,
  "summary_fg_n": 24771.0,
  "summary_fg_p05": 2928.02978515625,
  "summary_fg_p95": 5719.23828125,
  "summary_fg_stdv": 859.2645263671875,
  "tsnr": 21.471065521240234
}