{
  "aor": 0.033620535714285714,
  "aqi": 0.025501822857142854,
  "bids_meta": {
    "AcquisitionMatrixPE": 64,
    "ConversionSoftware": "dcm2niix",
    "ConversionSoftwareVersion": "v1.0.20171017 (OpenJPEG build) GCC4.8.4",
    "DeviceSerialNumber": "0000000517353VH3",
    "EchoTime": 0.0279,
    "EffectiveEchoSpacing": 0.000608,
    "FlipAngle": 76,
    "ImageOrientationPatientDICOM": [
      1,
      0,
      0,
      0,
      1,
      0
    ],
    "ImageType": [
      "ORIGINAL",
      "PRIMARY",
      "EPI",
      "NONE"
    ],
    "InPlanePhaseEncodingDirectionDICOM": "COL",
    "InstitutionName": "Michigan_State_University",
    "MRAcquisitionType": "2D",
    "MagneticFieldStrength": 3,
    "Manufacturer": "GE",
    "ManufacturersModelName": "Signa_HDxt",
    "Modality": "MR",
    "PatientPosition": "HFS",
    "PercentPhaseFOV": 100,
    "PixelBandwidth": 7812.5,
    "ProtocolName": "fMRI",
    "ReconMatrixPE": 64,
    "RepetitionTime": 2,
    "SAR": 0.225736,
    "ScanOptions": "EPI_GEMS",
    "ScanningSequence": "EP_GR",
    "SequenceVariant": "SS",
    "SeriesDescription": "fMRI",
    "SliceThickness": 4,
    "SoftwareVersions": "24_LX_MR_Software_release:HD16.0_V02_1131.a",
    "SpacingBetweenSlices": 4,
    "StationName": "MR03MR03",
    "TaskName": "rest",
    "TotalReadoutTime": 0.038304,
    "modality": "bold",
    "session_id": "ControlPost",
    "subject_id": "037",
    "task_id": "rest"
  },
  "dummy_trs": 0,
  "dvars_nstd": 42.14754422688621,
  "dvars_std": 1.2024167155089813,
  "dvars_vstd": 1.1600137160479047,
  "efc": 0.4928754995763628,
  "fber": 9335.5322265625,
  "fd_mean": 0.8493804732340339,
  "fd_num": 63,
  "fd_perc": 37.5,
  "fwhm_avg": 2.945054666666667,
  "fwhm_x": 2.8439767272727274,
  "fwhm_y": 3.246487272727273,
  "fwhm_z": 2.7447,
  "gcor": 0.0968347,
  "gsr_x": -0.005189444869756699,
  "gsr_y": 0.012918571941554546,
  "provenance": {
    "md5sum": "a6590c6ae5d0deedd2e518c9389c1d96",
    "settings": {
      "fd_thres": 0.5,
      "hmc_fsl": false
    },
    "software": "mriqc",
    "version": "0.10.4"
  },
  "size_t": 168,
  "size_x": 64,
  "size_y": 64,
  "size_z": 30,
  "snr": 5.209496214732986,
  "spacing_tr": 2.0,
  "spacing_x": 3.4375,
  "spacing_y": 3.4375,
  "spacing_z": 4.0,
  "summary_bg_k": 53.96098017672735,
  "summary_bg_mad": 14.345057487487793,
  "summary_bg_mean": 61.45160675048828,
  "summary_bg_median": 30.389881134033203,
  "summary_bg_n": 66862.0,
  "summary_bg_p05": 0.9345238208770752,
  "summary_bg_p95": 221.30803680419913,
  "summary_bg_stdv": 107.62393951416016,
  "summary_fg_k": 2.6333275849662376,
  "summary_fg_mad": 436.9439697265625,
  "summary_fg_mean": 2913.26904296875,
  "summary_fg_median": 2998.568359375,
  "summary_fg_n": 28092.0,
  "summary_fg_p05": 1786.2008911132812,
  "summary_fg_p95": 3676.048266601562,
  "summary_fg_stdv": 575.5863647460938,
  "tsnr": 27.55025291442871
}