{
  "bids_meta": {
    "AcquisitionMatrixPE": 256,
    "ConversionSoftware": "dcm2niix",
    "ConversionSoftwareVersion": "v1.0.20171017 (OpenJPEG build) GCC4.8.4",
    "DeviceSerialNumber": "0000000517353VH3",
    "EchoTime": 0.003828,
    "FlipAngle": 8,
    "ImageOrientationPatientDICOM": [
      0,
      1,
      0,
      0,
      0,
      -1
    ],
    "ImageType": [
      "ORIGINAL",
      "PRIMARY",
      "OTHER"
    ],
    "InPlanePhaseEncodingDirectionDICOM": "ROW",
    "InstitutionName": "Michigan_State_University",
    "InversionTime": 0.04,
    "MRAcquisitionType": "3D",
    "MagneticFieldStrength": 3,
    "Manufacturer": "GE",
    "ManufacturersModelName": "Signa_HDxt",
    "Modality": "MR",
    "PatientPosition": "HFS",
    "PercentPhaseFOV": 100,
    "PixelBandwidth": 162.734,
    "ProtocolName": "mprage_1mm_iso_20.83_bw",
    "ReconMatrixPE": 256,
    "RepetitionTime": 0.008596,
    "SAR": 0.306132,
    "ScanOptions": "NONE",
    "ScanningSequence": "RM",
    "SequenceVariant": "NONE",
    "SeriesDescription": "mprage_1mm_iso_20.83_bw",
    "SliceThickness": 1,
    "SoftwareVersions": "24_LX_MR_Software_release:HD16.0_V02_1131.a",
    "SpacingBetweenSlices": 1,
    "StationName": "MR03MR03",
    "modality": "T1w",
    "session_id": "ControlPre",
    "subject_id": "037"
  },
  "cjv": 0.2865329239263429,
  "cnr": 4.318026361459292,
  "efc": 0.6030140473855046,
  "fber": 98.46269226074219,
  "fwhm_avg": 3.8321233333333335,
  "fwhm_x": 3.71381,
  "fwhm_y": 4.07394,
  "fwhm_z": 3.70862,
  "icvs_csf": 0.20395579297279925,
  "icvs_gm": 0.46223098386671696,
  "icvs_wm": 0.3338132231604838,
  "inu_med": 1.0420567989349365,
  "inu_range": 0.307700514793396,
  "provenance": {
    "md5sum": "e73b14cf4e64028f556ce87132ac77b5",
    "settings": {
      "testing": false
    },
    "software": "mriqc",
    "version": "0.10.4",
    "warnings": {
      "large_rot_frame": true,
      "small_air_mask": false
    }
  },
  "qi_1": 0.0,
  "qi_2": 0.0007119922849376576,
  "rpve_csf": 22.943275099565604,
  "rpve_gm": 11.316915240841299,
  "rpve_wm": 18.22726473311907,
  "size_x": 180,
  "size_y": 256,
  "size_z": 256,
  "snr_csf": 2.828939730454625,
  "snr_gm": 11.195969711044576,
  "snr_total": 10.276021049728293,
  "snr_wm": 16.803153707685677,
  "snrd_csf": 14.993169339979623,
  "snrd_gm": 29.140456658711425,
  "snrd_total": 29.924310395868314,
  "snrd_wm": 45.639305188913895,
  "spacing_x": 1.0,
  "spacing_y": 1.0,
  "spacing_z": 1.0,
  "summary_bg_k": 0.6135549598248367,
  "summary_bg_mad": 14.354785919189453,
  "summary_bg_mean": 53.350257873535156,
  "summary_bg_median": 52.126529693603516,
  "summary_bg_n": 2917323.0,
  "summary_bg_p05": 31.978240966796875,
  "summary_bg_p95": 79.09611358642577,
  "summary_bg_stdv": 14.665569305419922,
  "summary_csf_k": 0.10603307071375667,
  "summary_csf_mad": 124.4921875,
  "summary_csf_mean": 341.0550537109375,
  "summary_csf_median": 328.5174560546875,
  "summary_csf_n": 12803.0,
  "summary_csf_p05": 170.5371856689453,
  "summary_csf_p95": 533.4950866699219,
  "summary_csf_stdv": 116.12287902832031,
  "summary_gm_k": 0.39693129894943624,
  "summary_gm_mad": 54.29922103881836,
  "summary_gm_mean": 638.6339111328125,
  "summary_gm_median": 638.5006713867188,
  "summary_gm_n": 44499.0,
  "summary_gm_p05": 545.2521423339844,
  "summary_gm_p95": 733.3715209960938,
  "summary_gm_stdv": 57.02886962890625,
  "summary_wm_k": 0.6166758510765331,
  "summary_wm_mad": 49.28489685058594,
  "summary_wm_mean": 990.3905029296875,
  "summary_wm_median": 1000.00927734375,
  "summary_wm_n": 187286.0,
  "summary_wm_p05": 871.4849090576172,
  "summary_wm_p95": 1072.1683044433594,
  "summary_wm_stdv": 59.513031005859375,
  "tpm_overlap_csf": 0.20177939534187317,
  "tpm_overlap_gm": 0.5279900431632996,
  "tpm_overlap_wm": 0.5287679433822632,
  "wm2max": 0.540904830953902
}