{
  "bids_meta": {
    "AcquisitionMatrixPE": 256,
    "ConversionSoftware": "dcm2niix",
    "ConversionSoftwareVersion": "v1.0.20171017 (OpenJPEG build) GCC4.8.4",
    "DeviceSerialNumber": "0000000517353VH3",
    "EchoTime": 0.003828,
    "FlipAngle": 8,
    "ImageOrientationPatientDICOM": [
      0,
      1,
      0,
      0,
      0,
      -1
    ],
    "ImageType": [
      "ORIGINAL",
      "PRIMARY",
      "OTHER"
    ],
    "InPlanePhaseEncodingDirectionDICOM": "ROW",
    "InstitutionName": "Michigan_State_University",
    "InversionTime": 0.04,
    "MRAcquisitionType": "3D",
    "MagneticFieldStrength": 3,
    "Manufacturer": "GE",
    "ManufacturersModelName": "Signa_HDxt",
    "Modality": "MR",
    "PatientPosition": "HFS",
    "PercentPhaseFOV": 100,
    "PixelBandwidth": 162.734,
    "ProtocolName": "mprage_1mm_iso_20.83_bw",
    "ReconMatrixPE": 256,
    "RepetitionTime": 0.008596,
    "SAR": 0.306132,
    "ScanOptions": "NONE",
    "ScanningSequence": "RM",
    "SequenceVariant": "NONE",
    "SeriesDescription": "mprage_1mm_iso_20.83_bw",
    "SliceThickness": 1,
    "SoftwareVersions": "24_LX_MR_Software_release:HD16.0_V02_1131.a",
    "SpacingBetweenSlices": 1,
    "StationName": "MR03MR03",
    "modality": "T1w",
    "session_id": "ControlPre",
    "subject_id": "044"
  },
  "cjv": 0.2541433268200588,
  "cnr": 4.828642118123567,
  "efc": 0.5892052092320417,
  "fber": 90.39642333984375,
  "fwhm_avg": 3.6221366666666666,
  "fwhm_x": 3.60751,
  "fwhm_y": 3.84903,
  "fwhm_z": 3.40987,
  "icvs_csf": 0.16526316109249067,
  "icvs_gm": 0.5071137802610012,
  "icvs_wm": 0.3276230586465082,
  "inu_med": 0.9932659864425659,
  "inu_range": 0.3250557690858842,
  "provenance": {
    "md5sum": "a51c39cc455c98ea45ff5057f48bd4b0",
    "settings": {
      "testing": false
    },
    "software": "mriqc",
    "version": "0.10.4",
    "warnings": {
      "large_rot_frame": true,
      "small_air_mask": false
    }
  },
  "qi_1": 0.0,
  "qi_2": 0.0008207154442530656,
  "rpve_csf": 32.27593670656011,
  "rpve_gm": 12.522928142926895,
  "rpve_wm": 20.748775642455726,
  "size_x": 180,
  "size_y": 256,
  "size_z": 256,
  "snr_csf": 2.514589460458454,
  "snr_gm": 10.541728044382467,
  "snr_total": 10.596297218482787,
  "snr_wm": 18.732574150607444,
  "snrd_csf": 13.835401735248977,
  "snrd_gm": 29.413777325024235,
  "snrd_total": 30.41690191108803,
  "snrd_wm": 48.00152667299088,
  "spacing_x": 1.0,
  "spacing_y": 1.0,
  "spacing_z": 1.0,
  "summary_bg_k": 0.8561287120582182,
  "summary_bg_mad": 13.648374557495117,
  "summary_bg_mean": 52.607582092285156,
  "summary_bg_median": 51.475685119628906,
  "summary_bg_n": 2887019.0,
  "summary_bg_p05": 31.924871253967282,
  "summary_bg_p95": 77.43398513793947,
  "summary_bg_stdv": 14.238178253173828,
  "summary_csf_k": 0.7234001660172664,
  "summary_csf_mad": 119.94236755371094,
  "summary_csf_mean": 302.6654968261719,
  "summary_csf_median": 288.231201171875,
  "summary_csf_n": 9674.0,
  "summary_csf_p05": 136.06024703979494,
  "summary_csf_p95": 490.55540313720707,
  "summary_csf_stdv": 114.61763763427734,
  "summary_gm_k": 0.7294163498562667,
  "summary_gm_mad": 52.815895080566406,
  "summary_gm_mean": 616.0188598632812,
  "summary_gm_median": 612.7735595703125,
  "summary_gm_n": 53393.0,
  "summary_gm_p05": 526.7547119140625,
  "summary_gm_p95": 718.5602050781249,
  "summary_gm_stdv": 58.12783432006836,
  "summary_wm_k": 1.0926404350069117,
  "summary_wm_mad": 45.597618103027344,
  "summary_wm_mean": 993.2689819335938,
  "summary_wm_median": 1000.0098266601562,
  "summary_wm_n": 160520.0,
  "summary_wm_p05": 890.2947021484374,
  "summary_wm_p95": 1068.1652893066407,
  "summary_wm_stdv": 53.383304595947266,
  "tpm_overlap_csf": 0.2116088718175888,
  "tpm_overlap_gm": 0.5484973788261414,
  "tpm_overlap_wm": 0.529570460319519,
  "wm2max": 0.6473247138167944
}