{
  "aor": 0.010362440476190475,
  "aqi": 0.0030899544047619043,
  "bids_meta": {
    "AcquisitionMatrixPE": 64,
    "ConversionSoftware": "dcm2niix",
    "ConversionSoftwareVersion": "v1.0.20171017 (OpenJPEG build) GCC4.8.4",
    "DeviceSerialNumber": "0000000517353VH3",
    "EchoTime": 0.0279,
    "EffectiveEchoSpacing": 0.000608,
    "FlipAngle": 76,
    "ImageOrientationPatientDICOM": [
      1,
      0,
      0,
      0,
      1,
      0
    ],
    "ImageType": [
      "ORIGINAL",
      "PRIMARY",
      "EPI",
      "NONE"
    ],
    "InPlanePhaseEncodingDirectionDICOM": "COL",
    "InstitutionName": "Michigan_State_University",
    "MRAcquisitionType": "2D",
    "MagneticFieldStrength": 3,
    "Manufacturer": "GE",
    "ManufacturersModelName": "Signa_HDxt",
    "Modality": "MR",
    "PatientPosition": "HFS",
    "PercentPhaseFOV": 100,
    "PixelBandwidth": 7812.5,
    "ProtocolName": "fMRI",
    "ReconMatrixPE": 64,
    "RepetitionTime": 2,
    "SAR": 0.225736,
    "ScanOptions": "EPI_GEMS",
    "ScanningSequence": "EP_GR",
    "SequenceVariant": "SS",
    "SeriesDescription": "fMRI",
    "SliceThickness": 4,
    "SoftwareVersions": "24_LX_MR_Software_release:HD16.0_V02_1131.a",
    "SpacingBetweenSlices": 4,
    "StationName": "MR03MR03",
    "TaskName": "rest",
    "TotalReadoutTime": 0.038304,
    "modality": "bold",
    "session_id": "ExercisePost",
    "subject_id": "012",
    "task_id": "rest"
  },
  "dummy_trs": 0,
  "dvars_nstd": 14.231352372514971,
  "dvars_std": 1.244660634011976,
  "dvars_vstd": 1.036574077964072,
  "efc": 0.48943262443769403,
  "fber": 11644.7080078125,
  "fd_mean": 0.09766595625642818,
  "fd_num": 3,
  "fd_perc": 1.7857142857142858,
  "fwhm_avg": 2.877801424242424,
  "fwhm_x": 2.8535883636363635,
  "fwhm_y": 3.1650909090909094,
  "fwhm_z": 2.614725,
  "gcor": 0.0788846,
  "gsr_x": -0.009037154726684093,
  "gsr_y": 0.014224888756871223,
  "provenance": {
    "md5sum": "8f78a1c0541ce42ab611da60f4d31e9b",
    "settings": {
      "fd_thres": 0.5,
      "hmc_fsl": false
    },
    "software": "mriqc",
    "version": "0.10.4"
  },
  "size_t": 168,
  "size_x": 64,
  "size_y": 64,
  "size_z": 30,
  "snr": 5.0129368832389165,
  "spacing_tr": 2.0,
  "spacing_x": 3.4375,
  "spacing_y": 3.4375,
  "spacing_z": 4.0,
  "summary_bg_k": 46.46638024305826,
  "summary_bg_mad": 18.56783103942871,
  "summary_bg_mean": 82.54057312011719,
  "summary_bg_median": 39.125,
  "summary_bg_n": 66308.0,
  "summary_bg_p05": 0.1547619104385376,
  "summary_bg_p95": 335.64971618652305,
  "summary_bg_stdv": 144.53099060058594,
  "summary_fg_k": 2.4435874543912295,
  "summary_fg_mad": 684.821044921875,
  "summary_fg_mean": 4206.26513671875,
  "summary_fg_median": 4307.52978515625,
  "summary_fg_n": 28129.0,
  "summary_fg_p05": 2562.10712890625,
  "summary_fg_p95": 5371.866894531249,
  "summary_fg_stdv": 859.2673950195312,
  "tsnr": 86.15591430664062
}