{
  "aor": 0.027760535714285717,
  "aqi": 0.019068023095238095,
  "bids_meta": {
    "AcquisitionMatrixPE": 64,
    "ConversionSoftware": "dcm2niix",
    "ConversionSoftwareVersion": "v1.0.20171017 (OpenJPEG build) GCC4.8.4",
    "DeviceSerialNumber": "0000000517353VH3",
    "EchoTime": 0.0279,
    "EffectiveEchoSpacing": 0.000608,
    "FlipAngle": 76,
    "ImageOrientationPatientDICOM": [
      1,
      0,
      0,
      0,
      1,
      0
    ],
    "ImageType": [
      "ORIGINAL",
      "PRIMARY",
      "EPI",
      "NONE"
    ],
    "InPlanePhaseEncodingDirectionDICOM": "COL",
    "InstitutionName": "Michigan_State_University",
    "MRAcquisitionType": "2D",
    "MagneticFieldStrength": 3,
    "Manufacturer": "GE",
    "ManufacturersModelName": "Signa_HDxt",
    "Modality": "MR",
    "PatientPosition": "HFS",
    "PercentPhaseFOV": 100,
    "PixelBandwidth": 7812.5,
    "ProtocolName": "fMRI",
    "ReconMatrixPE": 64,
    "RepetitionTime": 2,
    "SAR": 0.225736,
    "ScanOptions": "EPI_GEMS",
    "ScanningSequence": "EP_GR",
    "SequenceVariant": "SS",
    "SeriesDescription": "fMRI",
    "SliceThickness": 4,
    "SoftwareVersions": "24_LX_MR_Software_release:HD16.0_V02_1131.a",
    "SpacingBetweenSlices": 4,
    "StationName": "MR03MR03",
    "TaskName": "flanker",
    "TotalReadoutTime": 0.038304,
    "modality": "bold",
    "run_id": "01",
    "session_id": "ExercisePre",
    "subject_id": "058",
    "task_id": "flanker"
  },
  "dummy_trs": 0,
  "dvars_nstd": 33.85809898952096,
  "dvars_std": 1.1806943641317362,
  "dvars_vstd": 1.1092268280239523,
  "efc": 0.47065373772217795,
  "fber": 12905.3984375,
  "fd_mean": 0.6862217587623334,
  "fd_num": 77,
  "fd_perc": 45.833333333333336,
  "fwhm_avg": 2.960365212121212,
  "fwhm_x": 2.8409338181818184,
  "fwhm_y": 3.288261818181818,
  "fwhm_z": 2.7519,
  "gcor": 0.116066,
  "gsr_x": -0.006794837769120932,
  "gsr_y": 0.008021962828934193,
  "provenance": {
    "md5sum": "0a54a2874fc9935fca89f04b807060ba",
    "settings": {
      "fd_thres": 0.5,
      "hmc_fsl": false
    },
    "software": "mriqc",
    "version": "0.10.4"
  },
  "size_t": 168,
  "size_x": 64,
  "size_y": 64,
  "size_z": 30,
  "snr": 5.5494346443724885,
  "spacing_tr": 2.0,
  "spacing_x": 3.4375,
  "spacing_y": 3.4375,
  "spacing_z": 4.0,
  "summary_bg_k": 81.43473430771232,
  "summary_bg_mad": 15.902674674987793,
  "summary_bg_mean": 62.47342300415039,
  "summary_bg_median": 35.6726188659668,
  "summary_bg_n": 69630.0,
  "summary_bg_p05": 1.2321429252624512,
  "summary_bg_p95": 179.82322006225598,
  "summary_bg_stdv": 104.21134948730469,
  "summary_fg_k": 3.612056818077578,
  "summary_fg_mad": 567.620361328125,
  "summary_fg_mean": 4006.49072265625,
  "summary_fg_median": 4117.77392578125,
  "summary_fg_n": 26110.0,
  "summary_fg_p05": 2595.287329101562,
  "summary_fg_p95": 4932.910839843749,
  "summary_fg_stdv": 742.0026245117188,
  "tsnr": 34.71087646484375
}