{
  "aor": 0.036831249999999996,
  "aqi": 0.013198660595238096,
  "bids_meta": {
    "AcquisitionMatrixPE": 64,
    "ConversionSoftware": "dcm2niix",
    "ConversionSoftwareVersion": "v1.0.20171017 (OpenJPEG build) GCC4.8.4",
    "DeviceSerialNumber": "0000000517353VH3",
    "EchoTime": 0.0279,
    "EffectiveEchoSpacing": 0.000608,
    "FlipAngle": 76,
    "ImageOrientationPatientDICOM": [
      1,
      0,
      0,
      0,
      1,
      0
    ],
    "ImageType": [
      "ORIGINAL",
      "PRIMARY",
      "EPI",
      "NONE"
    ],
    "InPlanePhaseEncodingDirectionDICOM": "COL",
    "InstitutionName": "Michigan_State_University",
    "MRAcquisitionType": "2D",
    "MagneticFieldStrength": 3,
    "Manufacturer": "GE",
    "ManufacturersModelName": "Signa_HDxt",
    "Modality": "MR",
    "PatientPosition": "HFS",
    "PercentPhaseFOV": 100,
    "PixelBandwidth": 7812.5,
    "ProtocolName": "fMRI",
    "ReconMatrixPE": 64,
    "RepetitionTime": 2,
    "SAR": 0.225736,
    "ScanOptions": "EPI_GEMS",
    "ScanningSequence": "EP_GR",
    "SequenceVariant": "SS",
    "SeriesDescription": "fMRI",
    "SliceThickness": 4,
    "SoftwareVersions": "24_LX_MR_Software_release:HD16.0_V02_1131.a",
    "SpacingBetweenSlices": 4,
    "StationName": "MR03MR03",
    "TaskName": "flanker",
    "TotalReadoutTime": 0.038304,
    "modality": "bold",
    "run_id": "01",
    "session_id": "ExercisePost",
    "subject_id": "038",
    "task_id": "flanker"
  },
  "dummy_trs": 0,
  "dvars_nstd": 25.092665672514958,
  "dvars_std": 1.2314001985029948,
  "dvars_vstd": 1.1901599222754486,
  "efc": 0.4864895607974665,
  "fber": 2767.05322265625,
  "fd_mean": 0.42047812601242923,
  "fd_num": 28,
  "fd_perc": 16.666666666666668,
  "fwhm_avg": 2.970565303030303,
  "fwhm_x": 2.870458181818182,
  "fwhm_y": 3.3439127272727274,
  "fwhm_z": 2.697325,
  "gcor": 0.0895914,
  "gsr_x": -0.008119787089526653,
  "gsr_y": 0.010995945893228054,
  "provenance": {
    "md5sum": "0d11a0c3c788afc165b247d48907786f",
    "settings": {
      "fd_thres": 0.5,
      "hmc_fsl": false
    },
    "software": "mriqc",
    "version": "0.10.4"
  },
  "size_t": 168,
  "size_x": 64,
  "size_y": 64,
  "size_z": 30,
  "snr": 5.422204768904668,
  "spacing_tr": 2.0,
  "spacing_x": 3.4375,
  "spacing_y": 3.4375,
  "spacing_z": 4.0,
  "summary_bg_k": 94.01880896638268,
  "summary_bg_mad": 12.355022430419922,
  "summary_bg_mean": 73.24654388427734,
  "summary_bg_median": 54.64881134033203,
  "summary_bg_n": 69396.0,
  "summary_bg_p05": 0.7842262238264084,
  "summary_bg_p95": 192.04911041259766,
  "summary_bg_stdv": 97.54422760009766,
  "summary_fg_k": 2.7437828334449144,
  "summary_fg_mad": 428.8604431152344,
  "summary_fg_mean": 2894.620361328125,
  "summary_fg_median": 2972.327392578125,
  "summary_fg_n": 26215.0,
  "summary_fg_p05": 1867.0053833007814,
  "summary_fg_p95": 3620.8238281249996,
  "summary_fg_stdv": 548.1664428710938,
  "tsnr": 37.591819763183594
}