{
  "aor": 0.011888214285714285,
  "aqi": 0.003691630654761905,
  "bids_meta": {
    "AcquisitionMatrixPE": 64,
    "ConversionSoftware": "dcm2niix",
    "ConversionSoftwareVersion": "v1.0.20171017 (OpenJPEG build) GCC4.8.4",
    "DeviceSerialNumber": "0000000517353VH3",
    "EchoTime": 0.0279,
    "EffectiveEchoSpacing": 0.000608,
    "FlipAngle": 76,
    "ImageOrientationPatientDICOM": [
      1,
      0,
      0,
      0,
      1,
      0
    ],
    "ImageType": [
      "ORIGINAL",
      "PRIMARY",
      "EPI",
      "NONE"
    ],
    "InPlanePhaseEncodingDirectionDICOM": "COL",
    "InstitutionName": "Michigan_State_University",
    "MRAcquisitionType": "2D",
    "MagneticFieldStrength": 3,
    "Manufacturer": "GE",
    "ManufacturersModelName": "Signa_HDxt",
    "Modality": "MR",
    "PatientPosition": "HFS",
    "PercentPhaseFOV": 100,
    "PixelBandwidth": 7812.5,
    "ProtocolName": "fMRI",
    "ReconMatrixPE": 64,
    "RepetitionTime": 2,
    "SAR": 0.225736,
    "ScanOptions": "EPI_GEMS",
    "ScanningSequence": "EP_GR",
    "SequenceVariant": "SS",
    "SeriesDescription": "fMRI",
    "SliceThickness": 4,
    "SoftwareVersions": "24_LX_MR_Software_release:HD16.0_V02_1131.a",
    "SpacingBetweenSlices": 4,
    "StationName": "MR03MR03",
    "TaskName": "flanker",
    "TotalReadoutTime": 0.038304,
    "modality": "bold",
    "run_id": "01",
    "session_id": "ExercisePost",
    "subject_id": "012",
    "task_id": "flanker"
  },
  "dummy_trs": 0,
  "dvars_nstd": 16.221934683952092,
  "dvars_std": 1.2517933496407185,
  "dvars_vstd": 1.0442328364670668,
  "efc": 0.4920471259056108,
  "fber": 11096.314453125,
  "fd_mean": 0.2388635609188155,
  "fd_num": 11,
  "fd_perc": 6.5476190476190474,
  "fwhm_avg": 2.8761930909090907,
  "fwhm_x": 2.8497920000000003,
  "fwhm_y": 3.1520872727272726,
  "fwhm_z": 2.6267,
  "gcor": 0.060548,
  "gsr_x": -0.010034848935902119,
  "gsr_y": 0.01701306365430355,
  "provenance": {
    "md5sum": "c234f17557be9b123d679fcedd26f05d",
    "settings": {
      "fd_thres": 0.5,
      "hmc_fsl": false
    },
    "software": "mriqc",
    "version": "0.10.4"
  },
  "size_t": 168,
  "size_x": 64,
  "size_y": 64,
  "size_z": 30,
  "snr": 4.99947058527282,
  "spacing_tr": 2.0,
  "spacing_x": 3.4375,
  "spacing_y": 3.4375,
  "spacing_z": 4.0,
  "summary_bg_k": 38.12793469833494,
  "summary_bg_mad": 20.624059677124023,
  "summary_bg_mean": 88.97792053222656,
  "summary_bg_median": 40.25,
  "summary_bg_n": 66331.0,
  "summary_bg_p05": 0.5178571343421936,
  "summary_bg_p95": 344.83929443359375,
  "summary_bg_stdv": 147.57518005371094,
  "summary_fg_k": 2.4729299540415672,
  "summary_fg_mad": 688.3335571289062,
  "summary_fg_mean": 4213.9931640625,
  "summary_fg_median": 4313.61328125,
  "summary_fg_n": 28183.0,
  "summary_fg_p05": 2564.7673583984374,
  "summary_fg_p95": 5388.621337890625,
  "summary_fg_stdv": 862.7987060546875,
  "tsnr": 80.08149719238281
}