{
  "aor": 0.029442261904761905,
  "aqi": 0.037743988809523815,
  "bids_meta": {
    "AcquisitionMatrixPE": 64,
    "ConversionSoftware": "dcm2niix",
    "ConversionSoftwareVersion": "v1.0.20171017 (OpenJPEG build) GCC4.8.4",
    "DeviceSerialNumber": "0000000517353VH3",
    "EchoTime": 0.0279,
    "EffectiveEchoSpacing": 0.000608,
    "FlipAngle": 76,
    "ImageOrientationPatientDICOM": [
      1,
      0,
      0,
      0,
      1,
      0
    ],
    "ImageType": [
      "ORIGINAL",
      "PRIMARY",
      "EPI",
      "NONE"
    ],
    "InPlanePhaseEncodingDirectionDICOM": "COL",
    "InstitutionName": "Michigan_State_University",
    "MRAcquisitionType": "2D",
    "MagneticFieldStrength": 3,
    "Manufacturer": "GE",
    "ManufacturersModelName": "Signa_HDxt",
    "Modality": "MR",
    "PatientPosition": "HFS",
    "PercentPhaseFOV": 100,
    "PixelBandwidth": 7812.5,
    "ProtocolName": "fMRI",
    "ReconMatrixPE": 64,
    "RepetitionTime": 2,
    "SAR": 0.225736,
    "ScanOptions": "EPI_GEMS",
    "ScanningSequence": "EP_GR",
    "SequenceVariant": "SS",
    "SeriesDescription": "fMRI",
    "SliceThickness": 4,
    "SoftwareVersions": "24_LX_MR_Software_release:HD16.0_V02_1131.a",
    "SpacingBetweenSlices": 4,
    "StationName": "MR03MR03",
    "TaskName": "flanker",
    "TotalReadoutTime": 0.038304,
    "modality": "bold",
    "run_id": "01",
    "session_id": "ControlPre",
    "subject_id": "036",
    "task_id": "flanker"
  },
  "dummy_trs": 0,
  "dvars_nstd": 28.711192599580833,
  "dvars_std": 0.7237402825149697,
  "dvars_vstd": 0.8410132023353297,
  "efc": 0.4753346417823426,
  "fber": 13069.455078125,
  "fd_mean": 0.5705476977369253,
  "fd_num": 23,
  "fd_perc": 13.69047619047619,
  "fwhm_avg": 3.0476718181818185,
  "fwhm_x": 2.975738181818182,
  "fwhm_y": 3.424727272727273,
  "fwhm_z": 2.74255,
  "gcor": 0.095353,
  "gsr_x": -0.006568013224750757,
  "gsr_y": 0.009114029817283154,
  "provenance": {
    "md5sum": "3c04d4b5bcb5a0c8d7082171abb7dfd4",
    "settings": {
      "fd_thres": 0.5,
      "hmc_fsl": false
    },
    "software": "mriqc",
    "version": "0.10.4"
  },
  "size_t": 168,
  "size_x": 64,
  "size_y": 64,
  "size_z": 30,
  "snr": 5.143244554244202,
  "spacing_tr": 2.0,
  "spacing_x": 3.4375,
  "spacing_y": 3.4375,
  "spacing_z": 4.0,
  "summary_bg_k": 81.5181741517311,
  "summary_bg_mad": 15.373172760009766,
  "summary_bg_mean": 49.592002868652344,
  "summary_bg_median": 25.9761905670166,
  "summary_bg_n": 68596.0,
  "summary_bg_p05": 2.552083373069763,
  "summary_bg_p95": 159.44345474243164,
  "summary_bg_stdv": 96.81436920166016,
  "summary_fg_k": 2.3458480068947276,
  "summary_fg_mad": 464.3013610839844,
  "summary_fg_mean": 2907.65625,
  "summary_fg_median": 2983.7353515625,
  "summary_fg_n": 26732.0,
  "summary_fg_p05": 1796.413995361328,
  "summary_fg_p95": 3681.6917480468737,
  "summary_fg_stdv": 580.1162109375,
  "tsnr": 26.238685607910156
}