{
  "aor": 0.018903392857142858,
  "aqi": 0.009609870714285715,
  "bids_meta": {
    "AcquisitionMatrixPE": 64,
    "ConversionSoftware": "dcm2niix",
    "ConversionSoftwareVersion": "v1.0.20171017 (OpenJPEG build) GCC4.8.4",
    "DeviceSerialNumber": "0000000517353VH3",
    "EchoTime": 0.0279,
    "EffectiveEchoSpacing": 0.000608,
    "FlipAngle": 76,
    "ImageOrientationPatientDICOM": [
      1,
      0,
      0,
      0,
      1,
      0
    ],
    "ImageType": [
      "ORIGINAL",
      "PRIMARY",
      "EPI",
      "NONE"
    ],
    "InPlanePhaseEncodingDirectionDICOM": "COL",
    "InstitutionName": "Michigan_State_University",
    "MRAcquisitionType": "2D",
    "MagneticFieldStrength": 3,
    "Manufacturer": "GE",
    "ManufacturersModelName": "Signa_HDxt",
    "Modality": "MR",
    "PatientPosition": "HFS",
    "PercentPhaseFOV": 100,
    "PixelBandwidth": 7812.5,
    "ProtocolName": "fMRI",
    "ReconMatrixPE": 64,
    "RepetitionTime": 2,
    "SAR": 0.225736,
    "ScanOptions": "EPI_GEMS",
    "ScanningSequence": "EP_GR",
    "SequenceVariant": "SS",
    "SeriesDescription": "fMRI",
    "SliceThickness": 4,
    "SoftwareVersions": "24_LX_MR_Software_release:HD16.0_V02_1131.a",
    "SpacingBetweenSlices": 4,
    "StationName": "MR03MR03",
    "TaskName": "flanker",
    "TotalReadoutTime": 0.038304,
    "modality": "bold",
    "run_id": "02",
    "session_id": "ControlPre",
    "subject_id": "014",
    "task_id": "flanker"
  },
  "dummy_trs": 0,
  "dvars_nstd": 21.400427504491027,
  "dvars_std": 1.1187988574251497,
  "dvars_vstd": 1.001167636227545,
  "efc": 0.4465175076509848,
  "fber": 12794.8095703125,
  "fd_mean": 0.19951912513275338,
  "fd_num": 12,
  "fd_perc": 7.142857142857143,
  "fwhm_avg": 2.9467142727272724,
  "fwhm_x": 2.8700887272727273,
  "fwhm_y": 3.273629090909091,
  "fwhm_z": 2.696425,
  "gcor": 0.0531877,
  "gsr_x": -0.007963201031088829,
  "gsr_y": 0.007623841054737568,
  "provenance": {
    "md5sum": "2ff0f2b52399159656226f8a44db0177",
    "settings": {
      "fd_thres": 0.5,
      "hmc_fsl": false
    },
    "software": "mriqc",
    "version": "0.10.4"
  },
  "size_t": 168,
  "size_x": 64,
  "size_y": 64,
  "size_z": 30,
  "snr": 5.186082172188007,
  "spacing_tr": 2.0,
  "spacing_x": 3.4375,
  "spacing_y": 3.4375,
  "spacing_z": 4.0,
  "summary_bg_k": 82.4553725574497,
  "summary_bg_mad": 14.596574783325195,
  "summary_bg_mean": 64.60236358642578,
  "summary_bg_median": 33.83928680419922,
  "summary_bg_n": 72682.0,
  "summary_bg_p05": 0.4345238208770752,
  "summary_bg_p95": 200.18303680419913,
  "summary_bg_stdv": 119.35391998291016,
  "summary_fg_k": 2.8514566723512296,
  "summary_fg_mad": 584.357421875,
  "summary_fg_mean": 3791.255859375,
  "summary_fg_median": 3913.8095703125,
  "summary_fg_n": 23181.0,
  "summary_fg_p05": 2273.58349609375,
  "summary_fg_p95": 4725.119140625,
  "summary_fg_stdv": 754.6593017578125,
  "tsnr": 49.350833892822266
}