{
  "aor": 0.037233273809523806,
  "aqi": 0.03647369083333333,
  "bids_meta": {
    "AcquisitionMatrixPE": 64,
    "ConversionSoftware": "dcm2niix",
    "ConversionSoftwareVersion": "v1.0.20171017 (OpenJPEG build) GCC4.8.4",
    "DeviceSerialNumber": "0000000517353VH3",
    "EchoTime": 0.0279,
    "EffectiveEchoSpacing": 0.000608,
    "FlipAngle": 76,
    "ImageOrientationPatientDICOM": [
      1,
      0,
      0,
      0,
      1,
      0
    ],
    "ImageType": [
      "ORIGINAL",
      "PRIMARY",
      "EPI",
      "NONE"
    ],
    "InPlanePhaseEncodingDirectionDICOM": "COL",
    "InstitutionName": "Michigan_State_University",
    "MRAcquisitionType": "2D",
    "MagneticFieldStrength": 3,
    "Manufacturer": "GE",
    "ManufacturersModelName": "Signa_HDxt",
    "Modality": "MR",
    "PatientPosition": "HFS",
    "PercentPhaseFOV": 100,
    "PixelBandwidth": 7812.5,
    "ProtocolName": "fMRI",
    "ReconMatrixPE": 64,
    "RepetitionTime": 2,
    "SAR": 0.225736,
    "ScanOptions": "EPI_GEMS",
    "ScanningSequence": "EP_GR",
    "SequenceVariant": "SS",
    "SeriesDescription": "fMRI",
    "SliceThickness": 4,
    "SoftwareVersions": "24_LX_MR_Software_release:HD16.0_V02_1131.a",
    "SpacingBetweenSlices": 4,
    "StationName": "MR03MR03",
    "TaskName": "flanker",
    "TotalReadoutTime": 0.038304,
    "modality": "bold",
    "run_id": "01",
    "session_id": "ControlPost",
    "subject_id": "027",
    "task_id": "flanker"
  },
  "dummy_trs": 0,
  "dvars_nstd": 61.27554414982035,
  "dvars_std": 1.225370927844311,
  "dvars_vstd": 1.4414066494610775,
  "efc": 0.45967535735819787,
  "fber": 11638.9443359375,
  "fd_mean": 1.3303562581416464,
  "fd_num": 124,
  "fd_perc": 73.80952380952381,
  "fwhm_avg": 3.035087878787879,
  "fwhm_x": 3.0393600000000003,
  "fwhm_y": 3.313803636363636,
  "fwhm_z": 2.7521,
  "gcor": 0.171933,
  "gsr_x": -0.0019104158272966743,
  "gsr_y": 0.010376781225204468,
  "provenance": {
    "md5sum": "91268ae89459725738fb8602d8085dbe",
    "settings": {
      "fd_thres": 0.5,
      "hmc_fsl": false
    },
    "software": "mriqc",
    "version": "0.10.4"
  },
  "size_t": 168,
  "size_x": 64,
  "size_y": 64,
  "size_z": 30,
  "snr": 5.090719311850252,
  "spacing_tr": 2.0,
  "spacing_x": 3.4375,
  "spacing_y": 3.4375,
  "spacing_z": 4.0,
  "summary_bg_k": 71.21162529731748,
  "summary_bg_mad": 12.83156967163086,
  "summary_bg_mean": 52.36359786987305,
  "summary_bg_median": 25.755952835083008,
  "summary_bg_n": 71250.0,
  "summary_bg_p05": 0.8452380895614624,
  "summary_bg_p95": 169.45237731933594,
  "summary_bg_stdv": 99.28013610839844,
  "summary_fg_k": 2.456804812095279,
  "summary_fg_mad": 445.78656005859375,
  "summary_fg_mean": 2752.893310546875,
  "summary_fg_median": 2849.756103515625,
  "summary_fg_n": 24621.0,
  "summary_fg_p05": 1653.3511962890625,
  "summary_fg_p95": 3456.34521484375,
  "summary_fg_stdv": 559.7830200195312,
  "tsnr": 20.248023986816406
}