{
  "aor": 0.022213690476190477,
  "aqi": 0.01699490464285714,
  "bids_meta": {
    "AcquisitionMatrixPE": 64,
    "ConversionSoftware": "dcm2niix",
    "ConversionSoftwareVersion": "v1.0.20171017 (OpenJPEG build) GCC4.8.4",
    "DeviceSerialNumber": "0000000517353VH3",
    "EchoTime": 0.0279,
    "EffectiveEchoSpacing": 0.000608,
    "FlipAngle": 76,
    "ImageOrientationPatientDICOM": [
      1,
      0,
      0,
      0,
      1,
      0
    ],
    "ImageType": [
      "ORIGINAL",
      "PRIMARY",
      "EPI",
      "NONE"
    ],
    "InPlanePhaseEncodingDirectionDICOM": "COL",
    "InstitutionName": "Michigan_State_University",
    "MRAcquisitionType": "2D",
    "MagneticFieldStrength": 3,
    "Manufacturer": "GE",
    "ManufacturersModelName": "Signa_HDxt",
    "Modality": "MR",
    "PatientPosition": "HFS",
    "PercentPhaseFOV": 100,
    "PixelBandwidth": 7812.5,
    "ProtocolName": "fMRI",
    "ReconMatrixPE": 64,
    "RepetitionTime": 2,
    "SAR": 0.225736,
    "ScanOptions": "EPI_GEMS",
    "ScanningSequence": "EP_GR",
    "SequenceVariant": "SS",
    "SeriesDescription": "fMRI",
    "SliceThickness": 4,
    "SoftwareVersions": "24_LX_MR_Software_release:HD16.0_V02_1131.a",
    "SpacingBetweenSlices": 4,
    "StationName": "MR03MR03",
    "TaskName": "flanker",
    "TotalReadoutTime": 0.038304,
    "modality": "bold",
    "run_id": "01",
    "session_id": "ControlPost",
    "subject_id": "038",
    "task_id": "flanker"
  },
  "dummy_trs": 0,
  "dvars_nstd": 27.93938192485029,
  "dvars_std": 1.0318206898203597,
  "dvars_vstd": 1.1250671907185634,
  "efc": 0.48240141772249256,
  "fber": 5436.14794921875,
  "fd_mean": 0.5476974159217841,
  "fd_num": 48,
  "fd_perc": 28.571428571428573,
  "fwhm_avg": 2.985777515151515,
  "fwhm_x": 2.8764043636363636,
  "fwhm_y": 3.3283781818181817,
  "fwhm_z": 2.75255,
  "gcor": 0.073612,
  "gsr_x": -0.007975847460329533,
  "gsr_y": 0.0077036526054143906,
  "provenance": {
    "md5sum": "884cb977c9bb556142db2683fded60a0",
    "settings": {
      "fd_thres": 0.5,
      "hmc_fsl": false
    },
    "software": "mriqc",
    "version": "0.10.4"
  },
  "size_t": 168,
  "size_x": 64,
  "size_y": 64,
  "size_z": 30,
  "snr": 5.503991010306781,
  "spacing_tr": 2.0,
  "spacing_x": 3.4375,
  "spacing_y": 3.4375,
  "spacing_z": 4.0,
  "summary_bg_k": 77.0867901851671,
  "summary_bg_mad": 12.54917049407959,
  "summary_bg_mean": 63.09333038330078,
  "summary_bg_median": 40.19643020629883,
  "summary_bg_n": 69141.0,
  "summary_bg_p05": 1.2202380895614624,
  "summary_bg_p95": 191.48809814453125,
  "summary_bg_stdv": 99.31501007080078,
  "summary_fg_k": 2.972275606845754,
  "summary_fg_mad": 430.2637634277344,
  "summary_fg_mean": 2964.964599609375,
  "summary_fg_median": 3044.202392578125,
  "summary_fg_n": 26563.0,
  "summary_fg_p05": 1905.138757324219,
  "summary_fg_p95": 3691.3702392578125,
  "summary_fg_stdv": 553.07958984375,
  "tsnr": 37.90745162963867
}