{
  "aor": 0.013954523809523809,
  "aqi": 0.011097156607142857,
  "bids_meta": {
    "AcquisitionMatrixPE": 64,
    "ConversionSoftware": "dcm2niix",
    "ConversionSoftwareVersion": "v1.0.20171017 (OpenJPEG build) GCC4.8.4",
    "DeviceSerialNumber": "0000000517353VH3",
    "EchoTime": 0.0279,
    "EffectiveEchoSpacing": 0.000608,
    "FlipAngle": 76,
    "ImageOrientationPatientDICOM": [
      1,
      0,
      0,
      0,
      1,
      0
    ],
    "ImageType": [
      "ORIGINAL",
      "PRIMARY",
      "EPI",
      "NONE"
    ],
    "InPlanePhaseEncodingDirectionDICOM": "COL",
    "InstitutionName": "Michigan_State_University",
    "MRAcquisitionType": "2D",
    "MagneticFieldStrength": 3,
    "Manufacturer": "GE",
    "ManufacturersModelName": "Signa_HDxt",
    "Modality": "MR",
    "PatientPosition": "HFS",
    "PercentPhaseFOV": 100,
    "PixelBandwidth": 7812.5,
    "ProtocolName": "fMRI",
    "ReconMatrixPE": 64,
    "RepetitionTime": 2,
    "SAR": 0.225736,
    "ScanOptions": "EPI_GEMS",
    "ScanningSequence": "EP_GR",
    "SequenceVariant": "SS",
    "SeriesDescription": "fMRI",
    "SliceThickness": 4,
    "SoftwareVersions": "24_LX_MR_Software_release:HD16.0_V02_1131.a",
    "SpacingBetweenSlices": 4,
    "StationName": "MR03MR03",
    "TaskName": "rest",
    "TotalReadoutTime": 0.038304,
    "modality": "bold",
    "session_id": "ExercisePost",
    "subject_id": "023",
    "task_id": "rest"
  },
  "dummy_trs": 0,
  "dvars_nstd": 16.87745804718563,
  "dvars_std": 1.0809554975449103,
  "dvars_vstd": 1.0006539108982038,
  "efc": 0.48182841741782884,
  "fber": 5559.10107421875,
  "fd_mean": 0.15204605292376408,
  "fd_num": 5,
  "fd_perc": 2.9761904761904763,
  "fwhm_avg": 2.966746303030303,
  "fwhm_x": 2.898426181818182,
  "fwhm_y": 3.270312727272727,
  "fwhm_z": 2.7315,
  "gcor": 0.0306069,
  "gsr_x": -0.0063468278385698795,
  "gsr_y": 0.009950351901352406,
  "provenance": {
    "md5sum": "699f1f8b724d48c7f16692fa7a3c2664",
    "settings": {
      "fd_thres": 0.5,
      "hmc_fsl": false
    },
    "software": "mriqc",
    "version": "0.10.4"
  },
  "size_t": 168,
  "size_x": 64,
  "size_y": 64,
  "size_z": 30,
  "snr": 5.110099468979328,
  "spacing_tr": 2.0,
  "spacing_x": 3.4375,
  "spacing_y": 3.4375,
  "spacing_z": 4.0,
  "summary_bg_k": 93.60552794750346,
  "summary_bg_mad": 12.452096939086914,
  "summary_bg_mean": 58.352699279785156,
  "summary_bg_median": 39.238094329833984,
  "summary_bg_n": 68019.0,
  "summary_bg_p05": 0.386904776096344,
  "summary_bg_p95": 166.0458389282226,
  "summary_bg_stdv": 81.87272644042969,
  "summary_fg_k": 3.1555236188275515,
  "summary_fg_mad": 428.1278076171875,
  "summary_fg_mean": 2904.407958984375,
  "summary_fg_median": 3009.511962890625,
  "summary_fg_n": 26996.0,
  "summary_fg_p05": 1713.0149536132812,
  "summary_fg_p95": 3630.83642578125,
  "summary_fg_stdv": 588.9232177734375,
  "tsnr": 51.892799377441406
}