{
  "aor": 0.014109166666666667,
  "aqi": 0.015546359821428572,
  "bids_meta": {
    "AcquisitionMatrixPE": 64,
    "ConversionSoftware": "dcm2niix",
    "ConversionSoftwareVersion": "v1.0.20171017 (OpenJPEG build) GCC4.8.4",
    "DeviceSerialNumber": "0000000517353VH3",
    "EchoTime": 0.0279,
    "EffectiveEchoSpacing": 0.000608,
    "FlipAngle": 76,
    "ImageOrientationPatientDICOM": [
      1,
      0,
      0,
      0,
      1,
      0
    ],
    "ImageType": [
      "ORIGINAL",
      "PRIMARY",
      "EPI",
      "NONE"
    ],
    "InPlanePhaseEncodingDirectionDICOM": "COL",
    "InstitutionName": "Michigan_State_University",
    "MRAcquisitionType": "2D",
    "MagneticFieldStrength": 3,
    "Manufacturer": "GE",
    "ManufacturersModelName": "Signa_HDxt",
    "Modality": "MR",
    "PatientPosition": "HFS",
    "PercentPhaseFOV": 100,
    "PixelBandwidth": 7812.5,
    "ProtocolName": "fMRI",
    "ReconMatrixPE": 64,
    "RepetitionTime": 2,
    "SAR": 0.225736,
    "ScanOptions": "EPI_GEMS",
    "ScanningSequence": "EP_GR",
    "SequenceVariant": "SS",
    "SeriesDescription": "fMRI",
    "SliceThickness": 4,
    "SoftwareVersions": "24_LX_MR_Software_release:HD16.0_V02_1131.a",
    "SpacingBetweenSlices": 4,
    "StationName": "MR03MR03",
    "TaskName": "flanker",
    "TotalReadoutTime": 0.038304,
    "modality": "bold",
    "run_id": "01",
    "session_id": "ExercisePre",
    "subject_id": "036",
    "task_id": "flanker"
  },
  "dummy_trs": 0,
  "dvars_nstd": 23.074472547245513,
  "dvars_std": 0.9135781864071851,
  "dvars_vstd": 0.905295191257485,
  "efc": 0.47774110637150863,
  "fber": 9998.060546875,
  "fd_mean": 0.40912140207819087,
  "fd_num": 39,
  "fd_perc": 23.214285714285715,
  "fwhm_avg": 2.991858939393939,
  "fwhm_x": 2.9906327272727276,
  "fwhm_y": 3.280669090909091,
  "fwhm_z": 2.704275,
  "gcor": 0.0531168,
  "gsr_x": -0.006144715938717127,
  "gsr_y": 0.007337778341025114,
  "provenance": {
    "md5sum": "1f886f1bdb092373324592982917857d",
    "settings": {
      "fd_thres": 0.5,
      "hmc_fsl": false
    },
    "software": "mriqc",
    "version": "0.10.4"
  },
  "size_t": 168,
  "size_x": 64,
  "size_y": 64,
  "size_z": 30,
  "snr": 5.149514107853074,
  "spacing_tr": 2.0,
  "spacing_x": 3.4375,
  "spacing_y": 3.4375,
  "spacing_z": 4.0,
  "summary_bg_k": 86.3255562673361,
  "summary_bg_mad": 12.602116584777832,
  "summary_bg_mean": 52.079891204833984,
  "summary_bg_median": 30.267858505249023,
  "summary_bg_n": 68085.0,
  "summary_bg_p05": 0.910714328289032,
  "summary_bg_p95": 151.54524230957026,
  "summary_bg_stdv": 91.37946319580078,
  "summary_fg_k": 2.7310255487488853,
  "summary_fg_mad": 458.3800048828125,
  "summary_fg_mean": 2997.1015625,
  "summary_fg_median": 3081.482177734375,
  "summary_fg_n": 26971.0,
  "summary_fg_p05": 1820.6190795898438,
  "summary_fg_p95": 3781.5626220703125,
  "summary_fg_stdv": 598.3914184570312,
  "tsnr": 41.12934112548828
}