{
  "bids_meta": {
    "AcquisitionMatrixPE": 256,
    "ConversionSoftware": "dcm2niix",
    "ConversionSoftwareVersion": "v1.0.20171017 (OpenJPEG build) GCC4.8.4",
    "DeviceSerialNumber": "0000000517353VH3",
    "EchoTime": 0.003828,
    "FlipAngle": 8,
    "ImageOrientationPatientDICOM": [
      0,
      1,
      0,
      0,
      0,
      -1
    ],
    "ImageType": [
      "ORIGINAL",
      "PRIMARY",
      "OTHER"
    ],
    "InPlanePhaseEncodingDirectionDICOM": "ROW",
    "InstitutionName": "Michigan_State_University",
    "InversionTime": 0.04,
    "MRAcquisitionType": "3D",
    "MagneticFieldStrength": 3,
    "Manufacturer": "GE",
    "ManufacturersModelName": "Signa_HDxt",
    "Modality": "MR",
    "PatientPosition": "HFS",
    "PercentPhaseFOV": 100,
    "PixelBandwidth": 162.734,
    "ProtocolName": "mprage_1mm_iso_20.83_bw",
    "ReconMatrixPE": 256,
    "RepetitionTime": 0.008596,
    "SAR": 0.306132,
    "ScanOptions": "NONE",
    "ScanningSequence": "RM",
    "SequenceVariant": "NONE",
    "SeriesDescription": "mprage_1mm_iso_20.83_bw",
    "SliceThickness": 1,
    "SoftwareVersions": "24_LX_MR_Software_release:HD16.0_V02_1131.a",
    "SpacingBetweenSlices": 1,
    "StationName": "MR03MR03",
    "modality": "T1w",
    "session_id": "ExercisePre",
    "subject_id": "052"
  },
  "cjv": 0.24665879638469718,
  "cnr": 4.778719734579285,
  "efc": 0.5944579927356832,
  "fber": 95.24781799316406,
  "fwhm_avg": 3.8542699999999996,
  "fwhm_x": 3.74075,
  "fwhm_y": 4.04721,
  "fwhm_z": 3.77485,
  "icvs_csf": 0.1930981893220242,
  "icvs_gm": 0.4755080163643083,
  "icvs_wm": 0.33139379431366756,
  "inu_med": 0.9448355436325073,
  "inu_range": 0.277922546863556,
  "provenance": {
    "md5sum": "5079af77dac38aeb6c2ee467c3e69992",
    "settings": {
      "testing": false
    },
    "software": "mriqc",
    "version": "0.10.4",
    "warnings": {
      "large_rot_frame": true,
      "small_air_mask": false
    }
  },
  "qi_1": 0.0,
  "qi_2": 0.0010151977119769115,
  "rpve_csf": 23.076270332929816,
  "rpve_gm": 10.858979435007942,
  "rpve_wm": 17.853810333132635,
  "size_x": 180,
  "size_y": 256,
  "size_z": 256,
  "snr_csf": 2.443888339788761,
  "snr_gm": 10.45249452068033,
  "snr_total": 9.773973185729544,
  "snr_wm": 16.42553669671954,
  "snrd_csf": 15.938506010951535,
  "snrd_gm": 30.792417736331323,
  "snrd_total": 32.79028396638328,
  "snrd_wm": 51.63992815186698,
  "spacing_x": 1.0,
  "spacing_y": 1.0,
  "spacing_z": 1.0,
  "summary_bg_k": 1.0348385970920813,
  "summary_bg_mad": 12.686756134033203,
  "summary_bg_mean": 52.778751373291016,
  "summary_bg_median": 51.96168518066406,
  "summary_bg_n": 2927606.0,
  "summary_bg_p05": 33.099968910217285,
  "summary_bg_p95": 75.51643180847168,
  "summary_bg_stdv": 13.271771430969238,
  "summary_csf_k": 0.9626695952909778,
  "summary_csf_mad": 133.80482482910156,
  "summary_csf_mean": 313.2169494628906,
  "summary_csf_median": 308.650146484375,
  "summary_csf_n": 12083.0,
  "summary_csf_p05": 128.15918579101563,
  "summary_csf_p95": 514.9523071289062,
  "summary_csf_stdv": 126.28947448730469,
  "summary_gm_k": 0.11882679610235458,
  "summary_gm_mad": 56.06519317626953,
  "summary_gm_mean": 595.8043212890625,
  "summary_gm_median": 596.2970581054688,
  "summary_gm_n": 54608.0,
  "summary_gm_p05": 500.8169204711914,
  "summary_gm_p95": 688.9879974365234,
  "summary_gm_stdv": 57.04777908325195,
  "summary_wm_k": 1.9474622361324263,
  "summary_wm_mad": 43.51424789428711,
  "summary_wm_mean": 989.3204345703125,
  "summary_wm_median": 1000.0103759765625,
  "summary_wm_n": 199541.0,
  "summary_wm_p05": 854.5672607421875,
  "summary_wm_p95": 1066.2352294921875,
  "summary_wm_stdv": 60.881290435791016,
  "tpm_overlap_csf": 0.19240304827690125,
  "tpm_overlap_gm": 0.521120548248291,
  "tpm_overlap_wm": 0.5187807083129883,
  "wm2max": 0.698916777338992
}