{
  "aor": 0.038358095238095226,
  "aqi": 0.028674819702380956,
  "bids_meta": {
    "AcquisitionMatrixPE": 64,
    "ConversionSoftware": "dcm2niix",
    "ConversionSoftwareVersion": "v1.0.20171017 (OpenJPEG build) GCC4.8.4",
    "DeviceSerialNumber": "0000000517353VH3",
    "EchoTime": 0.0279,
    "EffectiveEchoSpacing": 0.000608,
    "FlipAngle": 76,
    "ImageOrientationPatientDICOM": [
      1,
      0,
      0,
      0,
      1,
      0
    ],
    "ImageType": [
      "ORIGINAL",
      "PRIMARY",
      "EPI",
      "NONE"
    ],
    "InPlanePhaseEncodingDirectionDICOM": "COL",
    "InstitutionName": "Michigan_State_University",
    "MRAcquisitionType": "2D",
    "MagneticFieldStrength": 3,
    "Manufacturer": "GE",
    "ManufacturersModelName": "Signa_HDxt",
    "Modality": "MR",
    "PatientPosition": "HFS",
    "PercentPhaseFOV": 100,
    "PixelBandwidth": 7812.5,
    "ProtocolName": "fMRI",
    "ReconMatrixPE": 64,
    "RepetitionTime": 2,
    "SAR": 0.225736,
    "ScanOptions": "EPI_GEMS",
    "ScanningSequence": "EP_GR",
    "SequenceVariant": "SS",
    "SeriesDescription": "fMRI",
    "SliceThickness": 4,
    "SoftwareVersions": "24_LX_MR_Software_release:HD16.0_V02_1131.a",
    "SpacingBetweenSlices": 4,
    "StationName": "MR03MR03",
    "TaskName": "rest",
    "TotalReadoutTime": 0.038304,
    "modality": "bold",
    "session_id": "ExercisePost",
    "subject_id": "056",
    "task_id": "rest"
  },
  "dummy_trs": 0,
  "dvars_nstd": 39.01514064203593,
  "dvars_std": 1.0909242505988022,
  "dvars_vstd": 1.120789886646707,
  "efc": 0.498429290840256,
  "fber": 9784.04296875,
  "fd_mean": 0.9529902138949622,
  "fd_num": 60,
  "fd_perc": 35.714285714285715,
  "fwhm_avg": 2.9797130000000003,
  "fwhm_x": 2.8047912727272726,
  "fwhm_y": 3.3480727272727275,
  "fwhm_z": 2.786275,
  "gcor": 0.11929,
  "gsr_x": -0.008062103763222694,
  "gsr_y": 0.01968938671052456,
  "provenance": {
    "md5sum": "00323f7e4e37c6e1e6262c889851a88c",
    "settings": {
      "fd_thres": 0.5,
      "hmc_fsl": false
    },
    "software": "mriqc",
    "version": "0.10.4"
  },
  "size_t": 168,
  "size_x": 64,
  "size_y": 64,
  "size_z": 30,
  "snr": 5.217974295207778,
  "spacing_tr": 2.0,
  "spacing_x": 3.4375,
  "spacing_y": 3.4375,
  "spacing_z": 4.0,
  "summary_bg_k": 79.42590074025168,
  "summary_bg_mad": 14.781896591186523,
  "summary_bg_mean": 63.50790023803711,
  "summary_bg_median": 27.8511905670166,
  "summary_bg_n": 66641.0,
  "summary_bg_p05": 2.261904716491699,
  "summary_bg_p95": 221.64881896972656,
  "summary_bg_stdv": 140.13125610351562,
  "summary_fg_k": 2.4611180988334995,
  "summary_fg_mad": 459.33306884765625,
  "summary_fg_mean": 2752.65087890625,
  "summary_fg_median": 2811.47314453125,
  "summary_fg_n": 28480.0,
  "summary_fg_p05": 1778.8131713867188,
  "summary_fg_p95": 3478.760302734375,
  "summary_fg_stdv": 538.7960205078125,
  "tsnr": 25.411762237548828
}