{
  "aor": 0.009476309523809524,
  "aqi": 0.007725597202380953,
  "bids_meta": {
    "AcquisitionMatrixPE": 64,
    "ConversionSoftware": "dcm2niix",
    "ConversionSoftwareVersion": "v1.0.20171017 (OpenJPEG build) GCC4.8.4",
    "DeviceSerialNumber": "0000000517353VH3",
    "EchoTime": 0.0279,
    "EffectiveEchoSpacing": 0.000608,
    "FlipAngle": 76,
    "ImageOrientationPatientDICOM": [
      1,
      0,
      0,
      0,
      1,
      0
    ],
    "ImageType": [
      "ORIGINAL",
      "PRIMARY",
      "EPI",
      "NONE"
    ],
    "InPlanePhaseEncodingDirectionDICOM": "COL",
    "InstitutionName": "Michigan_State_University",
    "MRAcquisitionType": "2D",
    "MagneticFieldStrength": 3,
    "Manufacturer": "GE",
    "ManufacturersModelName": "Signa_HDxt",
    "Modality": "MR",
    "PatientPosition": "HFS",
    "PercentPhaseFOV": 100,
    "PixelBandwidth": 7812.5,
    "ProtocolName": "fMRI",
    "ReconMatrixPE": 64,
    "RepetitionTime": 2,
    "SAR": 0.225736,
    "ScanOptions": "EPI_GEMS",
    "ScanningSequence": "EP_GR",
    "SequenceVariant": "SS",
    "SeriesDescription": "fMRI",
    "SliceThickness": 4,
    "SoftwareVersions": "24_LX_MR_Software_release:HD16.0_V02_1131.a",
    "SpacingBetweenSlices": 4,
    "StationName": "MR03MR03",
    "TaskName": "rest",
    "TotalReadoutTime": 0.038304,
    "modality": "bold",
    "session_id": "ControlPre",
    "subject_id": "019",
    "task_id": "rest"
  },
  "dummy_trs": 0,
  "dvars_nstd": 21.94773717437125,
  "dvars_std": 1.2259693922754493,
  "dvars_vstd": 1.011169806886228,
  "efc": 0.4822470764072188,
  "fber": 13543.57421875,
  "fd_mean": 0.23182586983392853,
  "fd_num": 5,
  "fd_perc": 2.9761904761904763,
  "fwhm_avg": 2.931506181818181,
  "fwhm_x": 2.8453003636363636,
  "fwhm_y": 3.1546181818181815,
  "fwhm_z": 2.7946,
  "gcor": 0.0413641,
  "gsr_x": -0.008074345998466015,
  "gsr_y": 0.012026451528072357,
  "provenance": {
    "md5sum": "00e1bae8a35153eb6d26693d95965d8c",
    "settings": {
      "fd_thres": 0.5,
      "hmc_fsl": false
    },
    "software": "mriqc",
    "version": "0.10.4"
  },
  "size_t": 168,
  "size_x": 64,
  "size_y": 64,
  "size_z": 30,
  "snr": 5.476174283604994,
  "spacing_tr": 2.0,
  "spacing_x": 3.4375,
  "spacing_y": 3.4375,
  "spacing_z": 4.0,
  "summary_bg_k": 181.26457734287052,
  "summary_bg_mad": 13.15368366241455,
  "summary_bg_mean": 63.031490325927734,
  "summary_bg_median": 32.38095474243164,
  "summary_bg_n": 67938.0,
  "summary_bg_p05": 0.7014881014823935,
  "summary_bg_p95": 174.33392791748,
  "summary_bg_stdv": 156.18692016601562,
  "summary_fg_k": 2.799940095963523,
  "summary_fg_mad": 534.0364990234375,
  "summary_fg_mean": 3730.157958984375,
  "summary_fg_median": 3815.8662109375,
  "summary_fg_n": 27770.0,
  "summary_fg_p05": 2391.8711914062496,
  "summary_fg_p95": 4661.772436523437,
  "summary_fg_stdv": 696.7998657226562,
  "tsnr": 66.74325561523438
}