{
  "aor": 0.02457136904761905,
  "aqi": 0.007202454047619047,
  "bids_meta": {
    "AcquisitionMatrixPE": 64,
    "ConversionSoftware": "dcm2niix",
    "ConversionSoftwareVersion": "v1.0.20171017 (OpenJPEG build) GCC4.8.4",
    "DeviceSerialNumber": "0000000517353VH3",
    "EchoTime": 0.0279,
    "EffectiveEchoSpacing": 0.000608,
    "FlipAngle": 76,
    "ImageOrientationPatientDICOM": [
      1,
      0,
      0,
      0,
      1,
      0
    ],
    "ImageType": [
      "ORIGINAL",
      "PRIMARY",
      "EPI",
      "NONE"
    ],
    "InPlanePhaseEncodingDirectionDICOM": "COL",
    "InstitutionName": "Michigan_State_University",
    "MRAcquisitionType": "2D",
    "MagneticFieldStrength": 3,
    "Manufacturer": "GE",
    "ManufacturersModelName": "Signa_HDxt",
    "Modality": "MR",
    "PatientPosition": "HFS",
    "PercentPhaseFOV": 100,
    "PixelBandwidth": 7812.5,
    "ProtocolName": "fMRI",
    "ReconMatrixPE": 64,
    "RepetitionTime": 2,
    "SAR": 0.225736,
    "ScanOptions": "EPI_GEMS",
    "ScanningSequence": "EP_GR",
    "SequenceVariant": "SS",
    "SeriesDescription": "fMRI",
    "SliceThickness": 4,
    "SoftwareVersions": "24_LX_MR_Software_release:HD16.0_V02_1131.a",
    "SpacingBetweenSlices": 4,
    "StationName": "MR03MR03",
    "TaskName": "flanker",
    "TotalReadoutTime": 0.038304,
    "modality": "bold",
    "run_id": "01",
    "session_id": "ControlPre",
    "subject_id": "046",
    "task_id": "flanker"
  },
  "dummy_trs": 0,
  "dvars_nstd": 19.206195374610772,
  "dvars_std": 1.2218264768862277,
  "dvars_vstd": 1.0238295773053887,
  "efc": 0.49395330355139044,
  "fber": 10216.05859375,
  "fd_mean": 0.16221868105294243,
  "fd_num": 8,
  "fd_perc": 4.761904761904762,
  "fwhm_avg": 3.0453118181818177,
  "fwhm_x": 2.99968,
  "fwhm_y": 3.4539054545454544,
  "fwhm_z": 2.68235,
  "gcor": 0.0988301,
  "gsr_x": -0.006457142997533083,
  "gsr_y": 0.006283904891461134,
  "provenance": {
    "md5sum": "6a1365908b465fd2a8c703bcd73fc4c6",
    "settings": {
      "fd_thres": 0.5,
      "hmc_fsl": false
    },
    "software": "mriqc",
    "version": "0.10.4"
  },
  "size_t": 168,
  "size_x": 64,
  "size_y": 64,
  "size_z": 30,
  "snr": 4.635156058792347,
  "spacing_tr": 2.0,
  "spacing_x": 3.4375,
  "spacing_y": 3.4375,
  "spacing_z": 4.0,
  "summary_bg_k": 57.99784165754839,
  "summary_bg_mad": 14.322998046875,
  "summary_bg_mean": 60.28213119506836,
  "summary_bg_median": 27.8988094329834,
  "summary_bg_n": 65789.0,
  "summary_bg_p05": 0.2440476268529892,
  "summary_bg_p95": 215.62619323730448,
  "summary_bg_stdv": 113.65100860595703,
  "summary_fg_k": 1.553336012390779,
  "summary_fg_mad": 495.974609375,
  "summary_fg_mean": 2807.482177734375,
  "summary_fg_median": 2918.821533203125,
  "summary_fg_n": 28161.0,
  "summary_fg_p05": 1513.136962890625,
  "summary_fg_p95": 3613.226318359375,
  "summary_fg_stdv": 629.7025756835938,
  "tsnr": 50.10868835449219
}