{
  "bids_meta": {
    "AcquisitionMatrixPE": 256,
    "ConversionSoftware": "dcm2niix",
    "ConversionSoftwareVersion": "v1.0.20171017 (OpenJPEG build) GCC4.8.4",
    "DeviceSerialNumber": "0000000517353VH3",
    "EchoTime": 0.003828,
    "FlipAngle": 8,
    "ImageOrientationPatientDICOM": [
      0,
      1,
      0,
      0,
      0,
      -1
    ],
    "ImageType": [
      "ORIGINAL",
      "PRIMARY",
      "OTHER"
    ],
    "InPlanePhaseEncodingDirectionDICOM": "ROW",
    "InstitutionName": "Michigan_State_University",
    "InversionTime": 0.04,
    "MRAcquisitionType": "3D",
    "MagneticFieldStrength": 3,
    "Manufacturer": "GE",
    "ManufacturersModelName": "Signa_HDxt",
    "Modality": "MR",
    "PatientPosition": "HFS",
    "PercentPhaseFOV": 100,
    "PixelBandwidth": 162.734,
    "ProtocolName": "mprage_1mm_iso_20.83_bw",
    "ReconMatrixPE": 256,
    "RepetitionTime": 0.008596,
    "SAR": 0.306132,
    "ScanOptions": "NONE",
    "ScanningSequence": "RM",
    "SequenceVariant": "NONE",
    "SeriesDescription": "mprage_1mm_iso_20.83_bw",
    "SliceThickness": 1,
    "SoftwareVersions": "24_LX_MR_Software_release:HD16.0_V02_1131.a",
    "SpacingBetweenSlices": 1,
    "StationName": "MR03MR03",
    "modality": "T1w",
    "session_id": "ControlPre",
    "subject_id": "049"
  },
  "cjv": 0.3524353803669741,
  "cnr": 3.6540942299942625,
  "efc": 0.6106898618293188,
  "fber": 76.42745971679688,
  "fwhm_avg": 3.7874800000000004,
  "fwhm_x": 3.57933,
  "fwhm_y": 3.97081,
  "fwhm_z": 3.8123,
  "icvs_csf": 0.1827722311299788,
  "icvs_gm": 0.478570190076074,
  "icvs_wm": 0.3386575787939472,
  "inu_med": 1.245926856994629,
  "inu_range": 0.4309226155281065,
  "provenance": {
    "md5sum": "11337875103bf826f54b1d3ac0ff4b58",
    "settings": {
      "testing": false
    },
    "software": "mriqc",
    "version": "0.10.4",
    "warnings": {
      "large_rot_frame": true,
      "small_air_mask": false
    }
  },
  "qi_1": 0.0,
  "qi_2": 0.0008048662561922488,
  "rpve_csf": 28.988402259640853,
  "rpve_gm": 12.304238537707668,
  "rpve_wm": 18.838834526304943,
  "size_x": 180,
  "size_y": 256,
  "size_z": 256,
  "snr_csf": 2.5260750908850014,
  "snr_gm": 10.537226563400887,
  "snr_total": 9.289832969686708,
  "snr_wm": 14.806197254774236,
  "snrd_csf": 10.495957547710535,
  "snrd_gm": 21.451199328758143,
  "snrd_total": 21.645714222103333,
  "snrd_wm": 32.98998578984133,
  "spacing_x": 1.0,
  "spacing_y": 1.0,
  "spacing_z": 1.0,
  "summary_bg_k": 3.9457714839509563,
  "summary_bg_mad": 19.858915328979492,
  "summary_bg_mean": 67.8701400756836,
  "summary_bg_median": 60.936119079589844,
  "summary_bg_n": 2691006.0,
  "summary_bg_p05": 36.63618183135986,
  "summary_bg_p95": 125.07433700561523,
  "summary_bg_stdv": 28.157442092895508,
  "summary_csf_k": 0.26060896065079486,
  "summary_csf_mad": 132.62725830078125,
  "summary_csf_mean": 324.0947570800781,
  "summary_csf_median": 318.16021728515625,
  "summary_csf_n": 8622.0,
  "summary_csf_p05": 132.0429275512695,
  "summary_csf_p95": 533.5937805175781,
  "summary_csf_stdv": 125.943115234375,
  "summary_gm_k": 0.09351224605382935,
  "summary_gm_mad": 60.969482421875,
  "summary_gm_mean": 650.6314086914062,
  "summary_gm_median": 650.2425537109375,
  "summary_gm_n": 31597.0,
  "summary_gm_p05": 550.1140747070312,
  "summary_gm_p95": 753.0435180664062,
  "summary_gm_stdv": 61.70810317993164,
  "summary_wm_k": 0.6858002697110774,
  "summary_wm_mad": 62.3022346496582,
  "summary_wm_mean": 1002.2325439453125,
  "summary_wm_median": 1000.013671875,
  "summary_wm_n": 155829.0,
  "summary_wm_p05": 894.0535888671875,
  "summary_wm_p95": 1116.314208984375,
  "summary_wm_stdv": 67.53999328613281,
  "tpm_overlap_csf": 0.1887534260749817,
  "tpm_overlap_gm": 0.5261802673339844,
  "tpm_overlap_wm": 0.5169028639793396,
  "wm2max": 0.5861497633118694
}