{
  "aor": 0.024002321428571425,
  "aqi": 0.009584993511904762,
  "bids_meta": {
    "AcquisitionMatrixPE": 64,
    "ConversionSoftware": "dcm2niix",
    "ConversionSoftwareVersion": "v1.0.20171017 (OpenJPEG build) GCC4.8.4",
    "DeviceSerialNumber": "0000000517353VH3",
    "EchoTime": 0.0279,
    "EffectiveEchoSpacing": 0.000608,
    "FlipAngle": 76,
    "ImageOrientationPatientDICOM": [
      1,
      0,
      0,
      0,
      1,
      0
    ],
    "ImageType": [
      "ORIGINAL",
      "PRIMARY",
      "EPI",
      "NONE"
    ],
    "InPlanePhaseEncodingDirectionDICOM": "COL",
    "InstitutionName": "Michigan_State_University",
    "MRAcquisitionType": "2D",
    "MagneticFieldStrength": 3,
    "Manufacturer": "GE",
    "ManufacturersModelName": "Signa_HDxt",
    "Modality": "MR",
    "PatientPosition": "HFS",
    "PercentPhaseFOV": 100,
    "PixelBandwidth": 7812.5,
    "ProtocolName": "fMRI",
    "ReconMatrixPE": 64,
    "RepetitionTime": 2,
    "SAR": 0.225736,
    "ScanOptions": "EPI_GEMS",
    "ScanningSequence": "EP_GR",
    "SequenceVariant": "SS",
    "SeriesDescription": "fMRI",
    "SliceThickness": 4,
    "SoftwareVersions": "24_LX_MR_Software_release:HD16.0_V02_1131.a",
    "SpacingBetweenSlices": 4,
    "StationName": "MR03MR03",
    "TaskName": "flanker",
    "TotalReadoutTime": 0.038304,
    "modality": "bold",
    "run_id": "02",
    "session_id": "ExercisePre",
    "subject_id": "030",
    "task_id": "flanker"
  },
  "dummy_trs": 0,
  "dvars_nstd": 19.77119195658683,
  "dvars_std": 1.081541270658683,
  "dvars_vstd": 1.0368268307784432,
  "efc": 0.47873995677035563,
  "fber": 11117.025390625,
  "fd_mean": 0.26454253602499517,
  "fd_num": 15,
  "fd_perc": 8.928571428571429,
  "fwhm_avg": 2.906195303030303,
  "fwhm_x": 2.8538327272727275,
  "fwhm_y": 3.147578181818182,
  "fwhm_z": 2.717175,
  "gcor": 0.0827107,
  "gsr_x": -0.007600799202919006,
  "gsr_y": 0.008680968545377254,
  "provenance": {
    "md5sum": "bc84118394ba32b4d270863ce1114748",
    "settings": {
      "fd_thres": 0.5,
      "hmc_fsl": false
    },
    "software": "mriqc",
    "version": "0.10.4"
  },
  "size_t": 168,
  "size_x": 64,
  "size_y": 64,
  "size_z": 30,
  "snr": 5.232515516647777,
  "spacing_tr": 2.0,
  "spacing_x": 3.4375,
  "spacing_y": 3.4375,
  "spacing_z": 4.0,
  "summary_bg_k": 73.99357042579275,
  "summary_bg_mad": 12.743321418762207,
  "summary_bg_mean": 50.670448303222656,
  "summary_bg_median": 28.1011905670166,
  "summary_bg_n": 68104.0,
  "summary_bg_p05": 0.29851190298795754,
  "summary_bg_p95": 152.22530364990234,
  "summary_bg_stdv": 88.81259155273438,
  "summary_fg_k": 2.9437351204545426,
  "summary_fg_mad": 448.893310546875,
  "summary_fg_mean": 2955.261474609375,
  "summary_fg_median": 3029.035888671875,
  "summary_fg_n": 26833.0,
  "summary_fg_p05": 1842.2893310546874,
  "summary_fg_p95": 3714.789306640625,
  "summary_fg_stdv": 578.8763427734375,
  "tsnr": 47.44440841674805
}