{
  "aor": 0.019254698795180724,
  "aqi": 0.00270857206626506,
  "bids_meta": {
    "AcquisitionMatrixPE": 64,
    "ConversionSoftware": "dcm2niix",
    "ConversionSoftwareVersion": "v1.0.20171017 (OpenJPEG build) GCC4.8.4",
    "DeviceSerialNumber": "0000000517353VH3",
    "EchoTime": 0.0279,
    "EffectiveEchoSpacing": 0.000608,
    "FlipAngle": 76,
    "ImageOrientationPatientDICOM": [
      1,
      0,
      0,
      0,
      1,
      0
    ],
    "ImageType": [
      "ORIGINAL",
      "PRIMARY",
      "EPI",
      "NONE"
    ],
    "InPlanePhaseEncodingDirectionDICOM": "COL",
    "InstitutionName": "Michigan_State_University",
    "MRAcquisitionType": "2D",
    "MagneticFieldStrength": 3,
    "Manufacturer": "GE",
    "ManufacturersModelName": "Signa_HDxt",
    "Modality": "MR",
    "PatientPosition": "HFS",
    "PercentPhaseFOV": 100,
    "PixelBandwidth": 7812.5,
    "ProtocolName": "fMRI",
    "ReconMatrixPE": 64,
    "RepetitionTime": 2,
    "SAR": 0.225736,
    "ScanOptions": "EPI_GEMS",
    "ScanningSequence": "EP_GR",
    "SequenceVariant": "SS",
    "SeriesDescription": "fMRI",
    "SliceThickness": 4,
    "SoftwareVersions": "24_LX_MR_Software_release:HD16.0_V02_1131.a",
    "SpacingBetweenSlices": 4,
    "StationName": "MR03MR03",
    "TaskName": "rest",
    "TotalReadoutTime": 0.038304,
    "modality": "bold",
    "session_id": "ExercisePost",
    "subject_id": "036",
    "task_id": "rest"
  },
  "dummy_trs": 2,
  "dvars_nstd": 14.934979606545458,
  "dvars_std": 1.4632498858181813,
  "dvars_vstd": 1.13176904630303,
  "efc": 0.4799588490328149,
  "fber": 11864.3525390625,
  "fd_mean": 0.07001125159733179,
  "fd_num": 2,
  "fd_perc": 1.2048192771084338,
  "fwhm_avg": 2.9428727272727273,
  "fwhm_x": 2.915229090909091,
  "fwhm_y": 3.234589090909091,
  "fwhm_z": 2.6788,
  "gcor": 0.0694178,
  "gsr_x": -0.005711246281862259,
  "gsr_y": 0.007284368854016066,
  "provenance": {
    "md5sum": "e3c530198d6d03d9a742de9b3ed08b54",
    "settings": {
      "fd_thres": 0.5,
      "hmc_fsl": false
    },
    "software": "mriqc",
    "version": "0.10.4"
  },
  "size_t": 166,
  "size_x": 64,
  "size_y": 64,
  "size_z": 30,
  "snr": 5.018356881412615,
  "spacing_tr": 2.0,
  "spacing_x": 3.4375,
  "spacing_y": 3.4375,
  "spacing_z": 4.0,
  "summary_bg_k": 86.50659302525324,
  "summary_bg_mad": 12.039443969726562,
  "summary_bg_mean": 52.15552520751953,
  "summary_bg_median": 27.789155960083008,
  "summary_bg_n": 67767.0,
  "summary_bg_p05": 0.09036144614219666,
  "summary_bg_p95": 158.1379409790038,
  "summary_bg_stdv": 101.47541809082031,
  "summary_fg_k": 2.5383318975407834,
  "summary_fg_mad": 478.8001708984375,
  "summary_fg_mean": 3001.5947265625,
  "summary_fg_median": 3084.4697265625,
  "summary_fg_n": 27241.0,
  "summary_fg_p05": 1804.367431640625,
  "summary_fg_p95": 3814.505859375,
  "summary_fg_stdv": 614.6260986328125,
  "tsnr": 95.96990203857422
}