{
  "aor": 0.0021564285714285713,
  "aqi": 0.005336949880952381,
  "bids_meta": {
    "AcquisitionMatrixPE": 64,
    "ConversionSoftware": "dcm2niix",
    "ConversionSoftwareVersion": "v1.0.20171017 (OpenJPEG build) GCC4.8.4",
    "DeviceSerialNumber": "0000000517353VH3",
    "EchoTime": 0.0279,
    "EffectiveEchoSpacing": 0.000608,
    "FlipAngle": 76,
    "ImageOrientationPatientDICOM": [
      1,
      0,
      0,
      0,
      1,
      0
    ],
    "ImageType": [
      "ORIGINAL",
      "PRIMARY",
      "EPI",
      "NONE"
    ],
    "InPlanePhaseEncodingDirectionDICOM": "COL",
    "InstitutionName": "Michigan_State_University",
    "MRAcquisitionType": "2D",
    "MagneticFieldStrength": 3,
    "Manufacturer": "GE",
    "ManufacturersModelName": "Signa_HDxt",
    "Modality": "MR",
    "PatientPosition": "HFS",
    "PercentPhaseFOV": 100,
    "PixelBandwidth": 7812.5,
    "ProtocolName": "fMRI",
    "ReconMatrixPE": 64,
    "RepetitionTime": 2,
    "SAR": 0.225736,
    "ScanOptions": "EPI_GEMS",
    "ScanningSequence": "EP_GR",
    "SequenceVariant": "SS",
    "SeriesDescription": "fMRI",
    "SliceThickness": 4,
    "SoftwareVersions": "24_LX_MR_Software_release:HD16.0_V02_1131.a",
    "SpacingBetweenSlices": 4,
    "StationName": "MR03MR03",
    "TaskName": "rest",
    "TotalReadoutTime": 0.038304,
    "modality": "bold",
    "session_id": "ControlPost",
    "subject_id": "042",
    "task_id": "rest"
  },
  "dummy_trs": 0,
  "dvars_nstd": 17.98090717185629,
  "dvars_std": 1.1578902793413175,
  "dvars_vstd": 0.9624159967065868,
  "efc": 0.4751401550845246,
  "fber": 11312.9404296875,
  "fd_mean": 0.2046488321993966,
  "fd_num": 2,
  "fd_perc": 1.1904761904761905,
  "fwhm_avg": 2.9961127272727275,
  "fwhm_x": 2.8643781818181817,
  "fwhm_y": 3.41376,
  "fwhm_z": 2.7102,
  "gcor": 0.0339825,
  "gsr_x": -0.010485564358532429,
  "gsr_y": 0.014310142956674099,
  "provenance": {
    "md5sum": "4be896562e34dc9eaad4b56baf0a81b6",
    "settings": {
      "fd_thres": 0.5,
      "hmc_fsl": false
    },
    "software": "mriqc",
    "version": "0.10.4"
  },
  "size_t": 168,
  "size_x": 64,
  "size_y": 64,
  "size_z": 30,
  "snr": 4.985961114950084,
  "spacing_tr": 2.0,
  "spacing_x": 3.4375,
  "spacing_y": 3.4375,
  "spacing_z": 4.0,
  "summary_bg_k": 76.93812290862631,
  "summary_bg_mad": 12.34619426727295,
  "summary_bg_mean": 52.85010528564453,
  "summary_bg_median": 26.404762268066406,
  "summary_bg_n": 68621.0,
  "summary_bg_p05": 0.261904776096344,
  "summary_bg_p95": 180.5595245361328,
  "summary_bg_stdv": 91.34080505371094,
  "summary_fg_k": 2.2082454008431673,
  "summary_fg_mad": 479.85150146484375,
  "summary_fg_mean": 2804.98486328125,
  "summary_fg_median": 2877.7412109375,
  "summary_fg_n": 26762.0,
  "summary_fg_p05": 1717.247088623047,
  "summary_fg_p95": 3571.359338378904,
  "summary_fg_stdv": 577.1580200195312,
  "tsnr": 67.1846694946289
}