{
  "aor": 0.012666666666666668,
  "aqi": 0.0038804310595238097,
  "bids_meta": {
    "AcquisitionMatrixPE": 64,
    "ConversionSoftware": "dcm2niix",
    "ConversionSoftwareVersion": "v1.0.20171017 (OpenJPEG build) GCC4.8.4",
    "DeviceSerialNumber": "0000000517353VH3",
    "EchoTime": 0.0279,
    "EffectiveEchoSpacing": 0.000608,
    "FlipAngle": 76,
    "ImageOrientationPatientDICOM": [
      1,
      0,
      0,
      0,
      1,
      0
    ],
    "ImageType": [
      "ORIGINAL",
      "PRIMARY",
      "EPI",
      "NONE"
    ],
    "InPlanePhaseEncodingDirectionDICOM": "COL",
    "InstitutionName": "Michigan_State_University",
    "MRAcquisitionType": "2D",
    "MagneticFieldStrength": 3,
    "Manufacturer": "GE",
    "ManufacturersModelName": "Signa_HDxt",
    "Modality": "MR",
    "PatientPosition": "HFS",
    "PercentPhaseFOV": 100,
    "PixelBandwidth": 7812.5,
    "ProtocolName": "fMRI",
    "ReconMatrixPE": 64,
    "RepetitionTime": 2,
    "SAR": 0.225736,
    "ScanOptions": "EPI_GEMS",
    "ScanningSequence": "EP_GR",
    "SequenceVariant": "SS",
    "SeriesDescription": "fMRI",
    "SliceThickness": 4,
    "SoftwareVersions": "24_LX_MR_Software_release:HD16.0_V02_1131.a",
    "SpacingBetweenSlices": 4,
    "StationName": "MR03MR03",
    "TaskName": "rest",
    "TotalReadoutTime": 0.038304,
    "modality": "bold",
    "session_id": "ExercisePre",
    "subject_id": "037",
    "task_id": "rest"
  },
  "dummy_trs": 0,
  "dvars_nstd": 16.043061593652688,
  "dvars_std": 1.277966148622754,
  "dvars_vstd": 1.0536920914371255,
  "efc": 0.4882737868148513,
  "fber": 11493.5771484375,
  "fd_mean": 0.14501327595742813,
  "fd_num": 6,
  "fd_perc": 3.5714285714285716,
  "fwhm_avg": 2.9150311818181813,
  "fwhm_x": 2.8033221818181815,
  "fwhm_y": 3.2173963636363636,
  "fwhm_z": 2.724375,
  "gcor": 0.0667934,
  "gsr_x": -0.005913307424634695,
  "gsr_y": 0.011899404227733612,
  "provenance": {
    "md5sum": "c6f4377e48e2a866f9a134599af10fd8",
    "settings": {
      "fd_thres": 0.5,
      "hmc_fsl": false
    },
    "software": "mriqc",
    "version": "0.10.4"
  },
  "size_t": 168,
  "size_x": 64,
  "size_y": 64,
  "size_z": 30,
  "snr": 5.137335632299889,
  "spacing_tr": 2.0,
  "spacing_x": 3.4375,
  "spacing_y": 3.4375,
  "spacing_z": 4.0,
  "summary_bg_k": 59.881176230401024,
  "summary_bg_mad": 13.696422576904297,
  "summary_bg_mean": 60.188087463378906,
  "summary_bg_median": 28.434524536132812,
  "summary_bg_n": 67147.0,
  "summary_bg_p05": 0.125,
  "summary_bg_p95": 212.19107055664057,
  "summary_bg_stdv": 113.30570983886719,
  "summary_fg_k": 2.544497407377989,
  "summary_fg_mad": 469.0933837890625,
  "summary_fg_mean": 3017.949462890625,
  "summary_fg_median": 3103.035888671875,
  "summary_fg_n": 27859.0,
  "summary_fg_p05": 1837.6464477539062,
  "summary_fg_p95": 3823.4190673828125,
  "summary_fg_stdv": 604.0057373046875,
  "tsnr": 82.11271667480469
}