{
  "aor": 0.013553571428571429,
  "aqi": 0.004659841130952381,
  "bids_meta": {
    "AcquisitionMatrixPE": 64,
    "ConversionSoftware": "dcm2niix",
    "ConversionSoftwareVersion": "v1.0.20171017 (OpenJPEG build) GCC4.8.4",
    "DeviceSerialNumber": "0000000517353VH3",
    "EchoTime": 0.0279,
    "EffectiveEchoSpacing": 0.000608,
    "FlipAngle": 76,
    "ImageOrientationPatientDICOM": [
      1,
      0,
      0,
      0,
      1,
      0
    ],
    "ImageType": [
      "ORIGINAL",
      "PRIMARY",
      "EPI",
      "NONE"
    ],
    "InPlanePhaseEncodingDirectionDICOM": "COL",
    "InstitutionName": "Michigan_State_University",
    "MRAcquisitionType": "2D",
    "MagneticFieldStrength": 3,
    "Manufacturer": "GE",
    "ManufacturersModelName": "Signa_HDxt",
    "Modality": "MR",
    "PatientPosition": "HFS",
    "PercentPhaseFOV": 100,
    "PixelBandwidth": 7812.5,
    "ProtocolName": "fMRI",
    "ReconMatrixPE": 64,
    "RepetitionTime": 2,
    "SAR": 0.225736,
    "ScanOptions": "EPI_GEMS",
    "ScanningSequence": "EP_GR",
    "SequenceVariant": "SS",
    "SeriesDescription": "fMRI",
    "SliceThickness": 4,
    "SoftwareVersions": "24_LX_MR_Software_release:HD16.0_V02_1131.a",
    "SpacingBetweenSlices": 4,
    "StationName": "MR03MR03",
    "TaskName": "rest",
    "TotalReadoutTime": 0.038304,
    "modality": "bold",
    "session_id": "ExercisePre",
    "subject_id": "026",
    "task_id": "rest"
  },
  "dummy_trs": 0,
  "dvars_nstd": 18.644591971137718,
  "dvars_std": 1.2227075997604793,
  "dvars_vstd": 1.074076628383234,
  "efc": 0.4832748695170933,
  "fber": 8981.572265625,
  "fd_mean": 0.19379589680556317,
  "fd_num": 3,
  "fd_perc": 1.7857142857142858,
  "fwhm_avg": 2.9042836060606056,
  "fwhm_x": 2.757794909090909,
  "fwhm_y": 3.3529309090909094,
  "fwhm_z": 2.602125,
  "gcor": 0.0460017,
  "gsr_x": -0.009437307715415955,
  "gsr_y": 0.015777017921209335,
  "provenance": {
    "md5sum": "f5c187a097fce38928ed89c0a9a644b3",
    "settings": {
      "fd_thres": 0.5,
      "hmc_fsl": false
    },
    "software": "mriqc",
    "version": "0.10.4"
  },
  "size_t": 168,
  "size_x": 64,
  "size_y": 64,
  "size_z": 30,
  "snr": 5.17959646824811,
  "spacing_tr": 2.0,
  "spacing_x": 3.4375,
  "spacing_y": 3.4375,
  "spacing_z": 4.0,
  "summary_bg_k": 86.69880847890852,
  "summary_bg_mad": 10.634140968322754,
  "summary_bg_mean": 53.93413162231445,
  "summary_bg_median": 29.0238094329834,
  "summary_bg_n": 67695.0,
  "summary_bg_p05": 0.1190476194024086,
  "summary_bg_p95": 178.5267944335936,
  "summary_bg_stdv": 95.78311157226562,
  "summary_fg_k": 2.365770554636354,
  "summary_fg_mad": 446.88079833984375,
  "summary_fg_mean": 2774.2255859375,
  "summary_fg_median": 2835.73828125,
  "summary_fg_n": 27376.0,
  "summary_fg_p05": 1781.2321472167969,
  "summary_fg_p95": 3533.9510498046875,
  "summary_fg_stdv": 547.4724731445312,
  "tsnr": 72.73987579345703
}