{
  "aor": 0.010867619047619048,
  "aqi": 0.012720762142857143,
  "bids_meta": {
    "AcquisitionMatrixPE": 64,
    "ConversionSoftware": "dcm2niix",
    "ConversionSoftwareVersion": "v1.0.20171017 (OpenJPEG build) GCC4.8.4",
    "DeviceSerialNumber": "0000000517353VH3",
    "EchoTime": 0.0279,
    "EffectiveEchoSpacing": 0.000608,
    "FlipAngle": 76,
    "ImageOrientationPatientDICOM": [
      1,
      0,
      0,
      0,
      1,
      0
    ],
    "ImageType": [
      "ORIGINAL",
      "PRIMARY",
      "EPI",
      "NONE"
    ],
    "InPlanePhaseEncodingDirectionDICOM": "COL",
    "InstitutionName": "Michigan_State_University",
    "MRAcquisitionType": "2D",
    "MagneticFieldStrength": 3,
    "Manufacturer": "GE",
    "ManufacturersModelName": "Signa_HDxt",
    "Modality": "MR",
    "PatientPosition": "HFS",
    "PercentPhaseFOV": 100,
    "PixelBandwidth": 7812.5,
    "ProtocolName": "fMRI",
    "ReconMatrixPE": 64,
    "RepetitionTime": 2,
    "SAR": 0.225736,
    "ScanOptions": "EPI_GEMS",
    "ScanningSequence": "EP_GR",
    "SequenceVariant": "SS",
    "SeriesDescription": "fMRI",
    "SliceThickness": 4,
    "SoftwareVersions": "24_LX_MR_Software_release:HD16.0_V02_1131.a",
    "SpacingBetweenSlices": 4,
    "StationName": "MR03MR03",
    "TaskName": "rest",
    "TotalReadoutTime": 0.038304,
    "modality": "bold",
    "session_id": "ExercisePre",
    "subject_id": "029",
    "task_id": "rest"
  },
  "dummy_trs": 0,
  "dvars_nstd": 20.548056351317367,
  "dvars_std": 1.0068299283832338,
  "dvars_vstd": 0.930943013772455,
  "efc": 0.4811557222512584,
  "fber": 4952.08935546875,
  "fd_mean": 0.16722050508161154,
  "fd_num": 8,
  "fd_perc": 4.761904761904762,
  "fwhm_avg": 2.9694420000000004,
  "fwhm_x": 2.849986909090909,
  "fwhm_y": 3.290589090909091,
  "fwhm_z": 2.76775,
  "gcor": 0.0575461,
  "gsr_x": -0.009915808215737343,
  "gsr_y": 0.012093443423509598,
  "provenance": {
    "md5sum": "83e1bfabb11d8eb7145d3d347d73aba8",
    "settings": {
      "fd_thres": 0.5,
      "hmc_fsl": false
    },
    "software": "mriqc",
    "version": "0.10.4"
  },
  "size_t": 168,
  "size_x": 64,
  "size_y": 64,
  "size_z": 30,
  "snr": 5.114278233185011,
  "spacing_tr": 2.0,
  "spacing_x": 3.4375,
  "spacing_y": 3.4375,
  "spacing_z": 4.0,
  "summary_bg_k": 70.0471989780276,
  "summary_bg_mad": 13.061020851135254,
  "summary_bg_mean": 64.55620574951172,
  "summary_bg_median": 43.708335876464844,
  "summary_bg_n": 68562.0,
  "summary_bg_p05": 0.8392857313156128,
  "summary_bg_p95": 191.22024383544885,
  "summary_bg_stdv": 92.98432159423828,
  "summary_fg_k": 1.8996804063290167,
  "summary_fg_mad": 484.3740234375,
  "summary_fg_mean": 3077.427490234375,
  "summary_fg_median": 3152.34814453125,
  "summary_fg_n": 26604.0,
  "summary_fg_p05": 1927.2458435058595,
  "summary_fg_p95": 3952.655651855469,
  "summary_fg_stdv": 616.3702392578125,
  "tsnr": 46.37476348876953
}