{
  "aor": 0.01592113095238095,
  "aqi": 0.010885009404761906,
  "bids_meta": {
    "AcquisitionMatrixPE": 64,
    "ConversionSoftware": "dcm2niix",
    "ConversionSoftwareVersion": "v1.0.20171017 (OpenJPEG build) GCC4.8.4",
    "DeviceSerialNumber": "0000000517353VH3",
    "EchoTime": 0.0279,
    "EffectiveEchoSpacing": 0.000608,
    "FlipAngle": 76,
    "ImageOrientationPatientDICOM": [
      1,
      0,
      0,
      0,
      1,
      0
    ],
    "ImageType": [
      "ORIGINAL",
      "PRIMARY",
      "EPI",
      "NONE"
    ],
    "InPlanePhaseEncodingDirectionDICOM": "COL",
    "InstitutionName": "Michigan_State_University",
    "MRAcquisitionType": "2D",
    "MagneticFieldStrength": 3,
    "Manufacturer": "GE",
    "ManufacturersModelName": "Signa_HDxt",
    "Modality": "MR",
    "PatientPosition": "HFS",
    "PercentPhaseFOV": 100,
    "PixelBandwidth": 7812.5,
    "ProtocolName": "fMRI",
    "ReconMatrixPE": 64,
    "RepetitionTime": 2,
    "SAR": 0.225736,
    "ScanOptions": "EPI_GEMS",
    "ScanningSequence": "EP_GR",
    "SequenceVariant": "SS",
    "SeriesDescription": "fMRI",
    "SliceThickness": 4,
    "SoftwareVersions": "24_LX_MR_Software_release:HD16.0_V02_1131.a",
    "SpacingBetweenSlices": 4,
    "StationName": "MR03MR03",
    "TaskName": "rest",
    "TotalReadoutTime": 0.038304,
    "modality": "bold",
    "session_id": "ControlPre",
    "subject_id": "049",
    "task_id": "rest"
  },
  "dummy_trs": 0,
  "dvars_nstd": 24.716057874850307,
  "dvars_std": 1.161939481437126,
  "dvars_vstd": 1.1012734777245508,
  "efc": 0.46699602089898296,
  "fber": 14617.423828125,
  "fd_mean": 0.35253114198711216,
  "fd_num": 23,
  "fd_perc": 13.69047619047619,
  "fwhm_avg": 2.962802151515152,
  "fwhm_x": 2.8481396363636367,
  "fwhm_y": 3.345541818181818,
  "fwhm_z": 2.694725,
  "gcor": 0.0833843,
  "gsr_x": -0.010706862434744835,
  "gsr_y": 0.00907380785793066,
  "provenance": {
    "md5sum": "e20bd2a4d548bb7c10c66b26c16db8d5",
    "settings": {
      "fd_thres": 0.5,
      "hmc_fsl": false
    },
    "software": "mriqc",
    "version": "0.10.4"
  },
  "size_t": 168,
  "size_x": 64,
  "size_y": 64,
  "size_z": 30,
  "snr": 5.659441084489109,
  "spacing_tr": 2.0,
  "spacing_x": 3.4375,
  "spacing_y": 3.4375,
  "spacing_z": 4.0,
  "summary_bg_k": 132.12046418685074,
  "summary_bg_mad": 14.953985214233398,
  "summary_bg_mean": 66.46977233886719,
  "summary_bg_median": 37.032737731933594,
  "summary_bg_n": 69406.0,
  "summary_bg_p05": 0.8809524178504944,
  "summary_bg_p95": 180.8154754638672,
  "summary_bg_stdv": 128.45506286621094,
  "summary_fg_k": 3.267951627337048,
  "summary_fg_mad": 662.687744140625,
  "summary_fg_mean": 4470.6708984375,
  "summary_fg_median": 4565.625,
  "summary_fg_n": 26197.0,
  "summary_fg_p05": 3004.34638671875,
  "summary_fg_p95": 5513.74521484375,
  "summary_fg_stdv": 806.7117919921875,
  "tsnr": 47.67254638671875
}