{
  "aor": 0.02048202380952381,
  "aqi": 0.036688425000000004,
  "bids_meta": {
    "AcquisitionMatrixPE": 64,
    "ConversionSoftware": "dcm2niix",
    "ConversionSoftwareVersion": "v1.0.20171017 (OpenJPEG build) GCC4.8.4",
    "DeviceSerialNumber": "0000000517353VH3",
    "EchoTime": 0.0279,
    "EffectiveEchoSpacing": 0.000608,
    "FlipAngle": 76,
    "ImageOrientationPatientDICOM": [
      1,
      0,
      0,
      0,
      1,
      0
    ],
    "ImageType": [
      "ORIGINAL",
      "PRIMARY",
      "EPI",
      "NONE"
    ],
    "InPlanePhaseEncodingDirectionDICOM": "COL",
    "InstitutionName": "Michigan_State_University",
    "MRAcquisitionType": "2D",
    "MagneticFieldStrength": 3,
    "Manufacturer": "GE",
    "ManufacturersModelName": "Signa_HDxt",
    "Modality": "MR",
    "PatientPosition": "HFS",
    "PercentPhaseFOV": 100,
    "PixelBandwidth": 7812.5,
    "ProtocolName": "fMRI",
    "ReconMatrixPE": 64,
    "RepetitionTime": 2,
    "SAR": 0.225736,
    "ScanOptions": "EPI_GEMS",
    "ScanningSequence": "EP_GR",
    "SequenceVariant": "SS",
    "SeriesDescription": "fMRI",
    "SliceThickness": 4,
    "SoftwareVersions": "24_LX_MR_Software_release:HD16.0_V02_1131.a",
    "SpacingBetweenSlices": 4,
    "StationName": "MR03MR03",
    "TaskName": "flanker",
    "TotalReadoutTime": 0.038304,
    "modality": "bold",
    "run_id": "02",
    "session_id": "ExercisePre",
    "subject_id": "019",
    "task_id": "flanker"
  },
  "dummy_trs": 0,
  "dvars_nstd": 35.432918508203585,
  "dvars_std": 0.9905730216167667,
  "dvars_vstd": 0.9339236296407188,
  "efc": 0.4722066597738155,
  "fber": 13438.4951171875,
  "fd_mean": 0.9003468228492292,
  "fd_num": 62,
  "fd_perc": 36.904761904761905,
  "fwhm_avg": 3.0176701515151514,
  "fwhm_x": 2.93952,
  "fwhm_y": 3.2804654545454546,
  "fwhm_z": 2.833025,
  "gcor": 0.0868652,
  "gsr_x": -0.004567889496684074,
  "gsr_y": 0.007176946382969618,
  "provenance": {
    "md5sum": "49ccade9efa09c9d008ad778fbb6ff62",
    "settings": {
      "fd_thres": 0.5,
      "hmc_fsl": false
    },
    "software": "mriqc",
    "version": "0.10.4"
  },
  "size_t": 168,
  "size_x": 64,
  "size_y": 64,
  "size_z": 30,
  "snr": 5.587674167710228,
  "spacing_tr": 2.0,
  "spacing_x": 3.4375,
  "spacing_y": 3.4375,
  "spacing_z": 4.0,
  "summary_bg_k": 116.24877723510566,
  "summary_bg_mad": 14.508323669433594,
  "summary_bg_mean": 58.9555778503418,
  "summary_bg_median": 32.48214340209961,
  "summary_bg_n": 69188.0,
  "summary_bg_p05": 4.674702668190005,
  "summary_bg_p95": 177.43988037109355,
  "summary_bg_stdv": 115.21067810058594,
  "summary_fg_k": 2.8032574490302906,
  "summary_fg_mad": 531.9631958007812,
  "summary_fg_mean": 3696.1416015625,
  "summary_fg_median": 3781.9345703125,
  "summary_fg_n": 26665.0,
  "summary_fg_p05": 2423.28701171875,
  "summary_fg_p95": 4593.16796875,
  "summary_fg_stdv": 676.822509765625,
  "tsnr": 27.895030975341797
}