{
  "bids_meta": {
    "AcquisitionMatrixPE": 256,
    "ConversionSoftware": "dcm2niix",
    "ConversionSoftwareVersion": "v1.0.20171017 (OpenJPEG build) GCC4.8.4",
    "DeviceSerialNumber": "0000000517353VH3",
    "EchoTime": 0.003828,
    "FlipAngle": 8,
    "ImageOrientationPatientDICOM": [
      0,
      1,
      0,
      0,
      0,
      -1
    ],
    "ImageType": [
      "ORIGINAL",
      "PRIMARY",
      "OTHER"
    ],
    "InPlanePhaseEncodingDirectionDICOM": "ROW",
    "InstitutionName": "Michigan_State_University",
    "InversionTime": 0.04,
    "MRAcquisitionType": "3D",
    "MagneticFieldStrength": 3,
    "Manufacturer": "GE",
    "ManufacturersModelName": "Signa_HDxt",
    "Modality": "MR",
    "PatientPosition": "HFS",
    "PercentPhaseFOV": 100,
    "PixelBandwidth": 162.734,
    "ProtocolName": "mprage_1mm_iso_20.83_bw",
    "ReconMatrixPE": 256,
    "RepetitionTime": 0.008596,
    "SAR": 0.306132,
    "ScanOptions": "NONE",
    "ScanningSequence": "RM",
    "SequenceVariant": "NONE",
    "SeriesDescription": "mprage_1mm_iso_20.83_bw",
    "SliceThickness": 1,
    "SoftwareVersions": "24_LX_MR_Software_release:HD16.0_V02_1131.a",
    "SpacingBetweenSlices": 1,
    "StationName": "MR03MR03",
    "modality": "T1w",
    "session_id": "ExercisePre",
    "subject_id": "010"
  },
  "cjv": 0.294508595967264,
  "cnr": 4.34733278751667,
  "efc": 0.6006259940135095,
  "fber": 71.59132385253906,
  "fwhm_avg": 3.892146666666667,
  "fwhm_x": 3.76038,
  "fwhm_y": 4.17034,
  "fwhm_z": 3.74572,
  "icvs_csf": 0.20053494278170247,
  "icvs_gm": 0.46967696232020406,
  "icvs_wm": 0.32978809489809346,
  "inu_med": 1.0863101482391357,
  "inu_range": 0.39585917592048636,
  "provenance": {
    "md5sum": "59cb8aceedf84a4d81e482c3529534d0",
    "settings": {
      "testing": false
    },
    "software": "mriqc",
    "version": "0.10.4",
    "warnings": {
      "large_rot_frame": true,
      "small_air_mask": false
    }
  },
  "qi_1": 0.0,
  "qi_2": 0.0005486267886677623,
  "rpve_csf": 27.236307180947016,
  "rpve_gm": 13.124681925224486,
  "rpve_wm": 21.223621357148808,
  "size_x": 180,
  "size_y": 256,
  "size_z": 256,
  "snr_csf": 2.2531326059388803,
  "snr_gm": 10.319131277181839,
  "snr_total": 9.906636160094658,
  "snr_wm": 17.147644597163254,
  "snrd_csf": 10.91321882163503,
  "snrd_gm": 24.37472283153811,
  "snrd_total": 24.742220865499988,
  "snrd_wm": 38.93872094332682,
  "spacing_x": 1.0,
  "spacing_y": 1.0,
  "spacing_z": 1.0,
  "summary_bg_k": 1.1050510053820393,
  "summary_bg_mad": 16.824932098388672,
  "summary_bg_mean": 59.197872161865234,
  "summary_bg_median": 57.16649627685547,
  "summary_bg_n": 2947596.0,
  "summary_bg_p05": 34.2945671081543,
  "summary_bg_p95": 91.43732452392578,
  "summary_bg_stdv": 17.929868698120117,
  "summary_csf_k": -0.029382375473565148,
  "summary_csf_mad": 134.855712890625,
  "summary_csf_mean": 292.4664001464844,
  "summary_csf_median": 280.26861572265625,
  "summary_csf_n": 8944.0,
  "summary_csf_p05": 111.3714973449707,
  "summary_csf_p95": 505.40397644042974,
  "summary_csf_stdv": 124.3836898803711,
  "summary_gm_k": 0.22288162231693542,
  "summary_gm_mad": 57.84809112548828,
  "summary_gm_mean": 627.1498413085938,
  "summary_gm_median": 625.981201171875,
  "summary_gm_n": 29056.0,
  "summary_gm_p05": 529.1339416503906,
  "summary_gm_p95": 730.3463134765625,
  "summary_gm_stdv": 60.661155700683594,
  "summary_wm_k": 1.4246900065488726,
  "summary_wm_mad": 52.30588912963867,
  "summary_wm_mean": 998.090576171875,
  "summary_wm_median": 1000.007568359375,
  "summary_wm_n": 153699.0,
  "summary_wm_p05": 898.3248046875,
  "summary_wm_p95": 1087.7540527343751,
  "summary_wm_stdv": 58.317298889160156,
  "tpm_overlap_csf": 0.2034771740436554,
  "tpm_overlap_gm": 0.5275136828422546,
  "tpm_overlap_wm": 0.5352588295936584,
  "wm2max": 0.6838831743426766
}