{
  "aor": 0.04237565476190476,
  "aqi": 0.11300523690476191,
  "bids_meta": {
    "AcquisitionMatrixPE": 64,
    "ConversionSoftware": "dcm2niix",
    "ConversionSoftwareVersion": "v1.0.20171017 (OpenJPEG build) GCC4.8.4",
    "DeviceSerialNumber": "0000000517353VH3",
    "EchoTime": 0.0279,
    "EffectiveEchoSpacing": 0.000608,
    "FlipAngle": 76,
    "ImageOrientationPatientDICOM": [
      1,
      0,
      0,
      0,
      1,
      0
    ],
    "ImageType": [
      "ORIGINAL",
      "PRIMARY",
      "EPI",
      "NONE"
    ],
    "InPlanePhaseEncodingDirectionDICOM": "COL",
    "InstitutionName": "Michigan_State_University",
    "MRAcquisitionType": "2D",
    "MagneticFieldStrength": 3,
    "Manufacturer": "GE",
    "ManufacturersModelName": "Signa_HDxt",
    "Modality": "MR",
    "PatientPosition": "HFS",
    "PercentPhaseFOV": 100,
    "PixelBandwidth": 7812.5,
    "ProtocolName": "fMRI",
    "ReconMatrixPE": 64,
    "RepetitionTime": 2,
    "SAR": 0.225736,
    "ScanOptions": "EPI_GEMS",
    "ScanningSequence": "EP_GR",
    "SequenceVariant": "SS",
    "SeriesDescription": "fMRI",
    "SliceThickness": 4,
    "SoftwareVersions": "24_LX_MR_Software_release:HD16.0_V02_1131.a",
    "SpacingBetweenSlices": 4,
    "StationName": "MR03MR03",
    "TaskName": "flanker",
    "TotalReadoutTime": 0.038304,
    "modality": "bold",
    "run_id": "02",
    "session_id": "ControlPre",
    "subject_id": "010",
    "task_id": "flanker"
  },
  "dummy_trs": 0,
  "dvars_nstd": 122.77985807532932,
  "dvars_std": 1.259556072035928,
  "dvars_vstd": 1.2632260338922159,
  "efc": 0.4575214728960682,
  "fber": 12781.505859375,
  "fd_mean": 4.741833969435158,
  "fd_num": 144,
  "fd_perc": 85.71428571428571,
  "fwhm_avg": 3.0718477272727274,
  "fwhm_x": 2.983069090909091,
  "fwhm_y": 3.419549090909091,
  "fwhm_z": 2.812925,
  "gcor": 0.124048,
  "gsr_x": -0.007501780521124601,
  "gsr_y": 0.009854729287326336,
  "provenance": {
    "md5sum": "514c4043e5d92916fe69de8d8e630fe4",
    "settings": {
      "fd_thres": 0.5,
      "hmc_fsl": false
    },
    "software": "mriqc",
    "version": "0.10.4"
  },
  "size_t": 168,
  "size_x": 64,
  "size_y": 64,
  "size_z": 30,
  "snr": 5.57816789933611,
  "spacing_tr": 2.0,
  "spacing_x": 3.4375,
  "spacing_y": 3.4375,
  "spacing_z": 4.0,
  "summary_bg_k": 62.002545509842435,
  "summary_bg_mad": 19.57387924194336,
  "summary_bg_mean": 71.20930480957031,
  "summary_bg_median": 40.67857360839844,
  "summary_bg_n": 71434.0,
  "summary_bg_p05": 6.25595235824585,
  "summary_bg_p95": 232.95744094848575,
  "summary_bg_stdv": 112.56697845458984,
  "summary_fg_k": 3.1731661162332303,
  "summary_fg_mad": 595.0353393554688,
  "summary_fg_mean": 4500.9609375,
  "summary_fg_median": 4627.5,
  "summary_fg_n": 24584.0,
  "summary_fg_p05": 2910.9992431640626,
  "summary_fg_p95": 5592.291040039063,
  "summary_fg_stdv": 829.5565795898438,
  "tsnr": 12.655267715454102
}