{
  "aor": 0.026562976190476196,
  "aqi": 0.009387168095238096,
  "bids_meta": {
    "AcquisitionMatrixPE": 64,
    "ConversionSoftware": "dcm2niix",
    "ConversionSoftwareVersion": "v1.0.20171017 (OpenJPEG build) GCC4.8.4",
    "DeviceSerialNumber": "0000000517353VH3",
    "EchoTime": 0.0279,
    "EffectiveEchoSpacing": 0.000608,
    "FlipAngle": 76,
    "ImageOrientationPatientDICOM": [
      1,
      0,
      0,
      0,
      1,
      0
    ],
    "ImageType": [
      "ORIGINAL",
      "PRIMARY",
      "EPI",
      "NONE"
    ],
    "InPlanePhaseEncodingDirectionDICOM": "COL",
    "InstitutionName": "Michigan_State_University",
    "MRAcquisitionType": "2D",
    "MagneticFieldStrength": 3,
    "Manufacturer": "GE",
    "ManufacturersModelName": "Signa_HDxt",
    "Modality": "MR",
    "PatientPosition": "HFS",
    "PercentPhaseFOV": 100,
    "PixelBandwidth": 7812.5,
    "ProtocolName": "fMRI",
    "ReconMatrixPE": 64,
    "RepetitionTime": 2,
    "SAR": 0.225736,
    "ScanOptions": "EPI_GEMS",
    "ScanningSequence": "EP_GR",
    "SequenceVariant": "SS",
    "SeriesDescription": "fMRI",
    "SliceThickness": 4,
    "SoftwareVersions": "24_LX_MR_Software_release:HD16.0_V02_1131.a",
    "SpacingBetweenSlices": 4,
    "StationName": "MR03MR03",
    "TaskName": "rest",
    "TotalReadoutTime": 0.038304,
    "modality": "bold",
    "session_id": "ExercisePre",
    "subject_id": "050",
    "task_id": "rest"
  },
  "dummy_trs": 0,
  "dvars_nstd": 19.660706302694614,
  "dvars_std": 1.199380986946108,
  "dvars_vstd": 1.1342491632934133,
  "efc": 0.45288014962757556,
  "fber": 12783.927734375,
  "fd_mean": 0.2443603346971786,
  "fd_num": 19,
  "fd_perc": 11.30952380952381,
  "fwhm_avg": 3.0273825757575756,
  "fwhm_x": 2.964072727272727,
  "fwhm_y": 3.2832,
  "fwhm_z": 2.834875,
  "gcor": 0.0918951,
  "gsr_x": -0.00902489572763443,
  "gsr_y": 0.011710562743246555,
  "provenance": {
    "md5sum": "a270b8885d4b0ee39120e42eab145529",
    "settings": {
      "fd_thres": 0.5,
      "hmc_fsl": false
    },
    "software": "mriqc",
    "version": "0.10.4"
  },
  "size_t": 168,
  "size_x": 64,
  "size_y": 64,
  "size_z": 30,
  "snr": 5.19296382710209,
  "spacing_tr": 2.0,
  "spacing_x": 3.4375,
  "spacing_y": 3.4375,
  "spacing_z": 4.0,
  "summary_bg_k": 119.73973244660883,
  "summary_bg_mad": 10.439992904663086,
  "summary_bg_mean": 50.751060485839844,
  "summary_bg_median": 25.059524536132812,
  "summary_bg_n": 72173.0,
  "summary_bg_p05": 0.4821428656578064,
  "summary_bg_p95": 169.8535766601562,
  "summary_bg_stdv": 104.66047668457031,
  "summary_fg_k": 2.713994204424952,
  "summary_fg_mad": 417.49786376953125,
  "summary_fg_mean": 2798.198486328125,
  "summary_fg_median": 2895.70263671875,
  "summary_fg_n": 23810.0,
  "summary_fg_p05": 1674.9789367675783,
  "summary_fg_p95": 3499.811401367187,
  "summary_fg_stdv": 557.6087036132812,
  "tsnr": 53.610328674316406
}