{
  "aor": 0.003936904761904762,
  "aqi": 0.009117061071428572,
  "bids_meta": {
    "AcquisitionMatrixPE": 64,
    "ConversionSoftware": "dcm2niix",
    "ConversionSoftwareVersion": "v1.0.20171017 (OpenJPEG build) GCC4.8.4",
    "DeviceSerialNumber": "0000000517353VH3",
    "EchoTime": 0.0279,
    "EffectiveEchoSpacing": 0.000608,
    "FlipAngle": 76,
    "ImageOrientationPatientDICOM": [
      1,
      0,
      0,
      0,
      1,
      0
    ],
    "ImageType": [
      "ORIGINAL",
      "PRIMARY",
      "EPI",
      "NONE"
    ],
    "InPlanePhaseEncodingDirectionDICOM": "COL",
    "InstitutionName": "Michigan_State_University",
    "MRAcquisitionType": "2D",
    "MagneticFieldStrength": 3,
    "Manufacturer": "GE",
    "ManufacturersModelName": "Signa_HDxt",
    "Modality": "MR",
    "PatientPosition": "HFS",
    "PercentPhaseFOV": 100,
    "PixelBandwidth": 7812.5,
    "ProtocolName": "fMRI",
    "ReconMatrixPE": 64,
    "RepetitionTime": 2,
    "SAR": 0.225736,
    "ScanOptions": "EPI_GEMS",
    "ScanningSequence": "EP_GR",
    "SequenceVariant": "SS",
    "SeriesDescription": "fMRI",
    "SliceThickness": 4,
    "SoftwareVersions": "24_LX_MR_Software_release:HD16.0_V02_1131.a",
    "SpacingBetweenSlices": 4,
    "StationName": "MR03MR03",
    "TaskName": "flanker",
    "TotalReadoutTime": 0.038304,
    "modality": "bold",
    "run_id": "02",
    "session_id": "ExercisePost",
    "subject_id": "022",
    "task_id": "flanker"
  },
  "dummy_trs": 0,
  "dvars_nstd": 18.45949596700599,
  "dvars_std": 1.1362153068862269,
  "dvars_vstd": 0.9262309490419163,
  "efc": 0.4751731985082028,
  "fber": 8981.8544921875,
  "fd_mean": 0.21597926331141287,
  "fd_num": 11,
  "fd_perc": 6.5476190476190474,
  "fwhm_avg": 2.959983121212122,
  "fwhm_x": 2.8941789090909094,
  "fwhm_y": 3.273745454545455,
  "fwhm_z": 2.712025,
  "gcor": 0.0350981,
  "gsr_x": -0.008110983297228813,
  "gsr_y": 0.010529699735343456,
  "provenance": {
    "md5sum": "c2b83830dcf182fce7753d8c5311d542",
    "settings": {
      "fd_thres": 0.5,
      "hmc_fsl": false
    },
    "software": "mriqc",
    "version": "0.10.4"
  },
  "size_t": 168,
  "size_x": 64,
  "size_y": 64,
  "size_z": 30,
  "snr": 5.093171658469505,
  "spacing_tr": 2.0,
  "spacing_x": 3.4375,
  "spacing_y": 3.4375,
  "spacing_z": 4.0,
  "summary_bg_k": 45.52476402131418,
  "summary_bg_mad": 17.57942771911621,
  "summary_bg_mean": 78.66606140136719,
  "summary_bg_median": 31.279762268066406,
  "summary_bg_n": 71112.0,
  "summary_bg_p05": 0.6190476417541504,
  "summary_bg_p95": 315.2827438354491,
  "summary_bg_stdv": 153.0788116455078,
  "summary_fg_k": 3.2269371463806014,
  "summary_fg_mad": 446.2104187011719,
  "summary_fg_mean": 2917.627197265625,
  "summary_fg_median": 3007.886962890625,
  "summary_fg_n": 24895.0,
  "summary_fg_p05": 1756.641735839844,
  "summary_fg_p95": 3665.720947265625,
  "summary_fg_stdv": 590.5606079101562,
  "tsnr": 58.91263198852539
}