{
  "aor": 0.0025414285714285717,
  "aqi": 0.004878628035714286,
  "bids_meta": {
    "AcquisitionMatrixPE": 64,
    "ConversionSoftware": "dcm2niix",
    "ConversionSoftwareVersion": "v1.0.20171017 (OpenJPEG build) GCC4.8.4",
    "DeviceSerialNumber": "0000000517353VH3",
    "EchoTime": 0.0279,
    "EffectiveEchoSpacing": 0.000608,
    "FlipAngle": 76,
    "ImageOrientationPatientDICOM": [
      1,
      0,
      0,
      0,
      1,
      0
    ],
    "ImageType": [
      "ORIGINAL",
      "PRIMARY",
      "EPI",
      "NONE"
    ],
    "InPlanePhaseEncodingDirectionDICOM": "COL",
    "InstitutionName": "Michigan_State_University",
    "MRAcquisitionType": "2D",
    "MagneticFieldStrength": 3,
    "Manufacturer": "GE",
    "ManufacturersModelName": "Signa_HDxt",
    "Modality": "MR",
    "PatientPosition": "HFS",
    "PercentPhaseFOV": 100,
    "PixelBandwidth": 7812.5,
    "ProtocolName": "fMRI",
    "ReconMatrixPE": 64,
    "RepetitionTime": 2,
    "SAR": 0.225736,
    "ScanOptions": "EPI_GEMS",
    "ScanningSequence": "EP_GR",
    "SequenceVariant": "SS",
    "SeriesDescription": "fMRI",
    "SliceThickness": 4,
    "SoftwareVersions": "24_LX_MR_Software_release:HD16.0_V02_1131.a",
    "SpacingBetweenSlices": 4,
    "StationName": "MR03MR03",
    "TaskName": "flanker",
    "TotalReadoutTime": 0.038304,
    "modality": "bold",
    "run_id": "01",
    "session_id": "ExercisePre",
    "subject_id": "033",
    "task_id": "flanker"
  },
  "dummy_trs": 0,
  "dvars_nstd": 21.78020866191617,
  "dvars_std": 1.2659465041317357,
  "dvars_vstd": 1.0040589194610787,
  "efc": 0.46219726592307403,
  "fber": 5413.6806640625,
  "fd_mean": 0.2603945882536822,
  "fd_num": 3,
  "fd_perc": 1.7857142857142858,
  "fwhm_avg": 3.035755757575758,
  "fwhm_x": 3.0324945454545458,
  "fwhm_y": 3.2952727272727276,
  "fwhm_z": 2.7795,
  "gcor": 0.0349733,
  "gsr_x": -0.005840290803462267,
  "gsr_y": 0.006689607631415129,
  "provenance": {
    "md5sum": "c83d68afe2b85bfc4991b9b32250eb6d",
    "settings": {
      "fd_thres": 0.5,
      "hmc_fsl": false
    },
    "software": "mriqc",
    "version": "0.10.4"
  },
  "size_t": 168,
  "size_x": 64,
  "size_y": 64,
  "size_z": 30,
  "snr": 5.063891641117315,
  "spacing_tr": 2.0,
  "spacing_x": 3.4375,
  "spacing_y": 3.4375,
  "spacing_z": 4.0,
  "summary_bg_k": 91.35591659396343,
  "summary_bg_mad": 10.625317573547363,
  "summary_bg_mean": 53.646446228027344,
  "summary_bg_median": 38.46428680419922,
  "summary_bg_n": 70975.0,
  "summary_bg_p05": 0.6904761791229248,
  "summary_bg_p95": 130.05119323730472,
  "summary_bg_stdv": 74.69397735595703,
  "summary_fg_k": 2.5908745066533827,
  "summary_fg_mad": 423.0708312988281,
  "summary_fg_mean": 2813.0771484375,
  "summary_fg_median": 2918.95849609375,
  "summary_fg_n": 24519.0,
  "summary_fg_p05": 1590.636962890625,
  "summary_fg_p95": 3521.356665039062,
  "summary_fg_stdv": 576.4141845703125,
  "tsnr": 80.033447265625
}