{
  "aor": 0.0054443452380952394,
  "aqi": 0.002994430238095238,
  "bids_meta": {
    "AcquisitionMatrixPE": 64,
    "ConversionSoftware": "dcm2niix",
    "ConversionSoftwareVersion": "v1.0.20171017 (OpenJPEG build) GCC4.8.4",
    "DeviceSerialNumber": "0000000517353VH3",
    "EchoTime": 0.0279,
    "EffectiveEchoSpacing": 0.000608,
    "FlipAngle": 76,
    "ImageOrientationPatientDICOM": [
      1,
      0,
      0,
      0,
      1,
      0
    ],
    "ImageType": [
      "ORIGINAL",
      "PRIMARY",
      "EPI",
      "NONE"
    ],
    "InPlanePhaseEncodingDirectionDICOM": "COL",
    "InstitutionName": "Michigan_State_University",
    "MRAcquisitionType": "2D",
    "MagneticFieldStrength": 3,
    "Manufacturer": "GE",
    "ManufacturersModelName": "Signa_HDxt",
    "Modality": "MR",
    "PatientPosition": "HFS",
    "PercentPhaseFOV": 100,
    "PixelBandwidth": 7812.5,
    "ProtocolName": "fMRI",
    "ReconMatrixPE": 64,
    "RepetitionTime": 2,
    "SAR": 0.225736,
    "ScanOptions": "EPI_GEMS",
    "ScanningSequence": "EP_GR",
    "SequenceVariant": "SS",
    "SeriesDescription": "fMRI",
    "SliceThickness": 4,
    "SoftwareVersions": "24_LX_MR_Software_release:HD16.0_V02_1131.a",
    "SpacingBetweenSlices": 4,
    "StationName": "MR03MR03",
    "TaskName": "flanker",
    "TotalReadoutTime": 0.038304,
    "modality": "bold",
    "run_id": "02",
    "session_id": "ExercisePre",
    "subject_id": "012",
    "task_id": "flanker"
  },
  "dummy_trs": 0,
  "dvars_nstd": 15.456472288143711,
  "dvars_std": 1.2716357189221552,
  "dvars_vstd": 1.0274740627544905,
  "efc": 0.48678915054344074,
  "fber": 11684.3759765625,
  "fd_mean": 0.19162130548455455,
  "fd_num": 1,
  "fd_perc": 0.5952380952380952,
  "fwhm_avg": 2.9013887878787883,
  "fwhm_x": 2.9149963636363636,
  "fwhm_y": 3.18592,
  "fwhm_z": 2.60325,
  "gcor": 0.0926848,
  "gsr_x": -0.00893480982631445,
  "gsr_y": 0.014348597265779972,
  "provenance": {
    "md5sum": "b36ac4d50266f782c6760c480e8aab39",
    "settings": {
      "fd_thres": 0.5,
      "hmc_fsl": false
    },
    "software": "mriqc",
    "version": "0.10.4"
  },
  "size_t": 168,
  "size_x": 64,
  "size_y": 64,
  "size_z": 30,
  "snr": 4.942816986298707,
  "spacing_tr": 2.0,
  "spacing_x": 3.4375,
  "spacing_y": 3.4375,
  "spacing_z": 4.0,
  "summary_bg_k": 54.377610816413316,
  "summary_bg_mad": 19.353252410888672,
  "summary_bg_mean": 82.87974548339844,
  "summary_bg_median": 40.25595474243164,
  "summary_bg_n": 66213.0,
  "summary_bg_p05": 0.2202381044626236,
  "summary_bg_p95": 324.61549072265535,
  "summary_bg_stdv": 141.7435760498047,
  "summary_fg_k": 2.328212273828697,
  "summary_fg_mad": 689.1632080078125,
  "summary_fg_mean": 4299.2880859375,
  "summary_fg_median": 4422.97607421875,
  "summary_fg_n": 28017.0,
  "summary_fg_p05": 2570.892919921875,
  "summary_fg_p95": 5502.0130859374985,
  "summary_fg_stdv": 894.8130493164062,
  "tsnr": 89.02010345458984
}