{
  "aor": 0.020057440476190475,
  "aqi": 0.012382833452380953,
  "bids_meta": {
    "AcquisitionMatrixPE": 64,
    "ConversionSoftware": "dcm2niix",
    "ConversionSoftwareVersion": "v1.0.20171017 (OpenJPEG build) GCC4.8.4",
    "DeviceSerialNumber": "0000000517353VH3",
    "EchoTime": 0.0279,
    "EffectiveEchoSpacing": 0.000608,
    "FlipAngle": 76,
    "ImageOrientationPatientDICOM": [
      1,
      0,
      0,
      0,
      1,
      0
    ],
    "ImageType": [
      "ORIGINAL",
      "PRIMARY",
      "EPI",
      "NONE"
    ],
    "InPlanePhaseEncodingDirectionDICOM": "COL",
    "InstitutionName": "Michigan_State_University",
    "MRAcquisitionType": "2D",
    "MagneticFieldStrength": 3,
    "Manufacturer": "GE",
    "ManufacturersModelName": "Signa_HDxt",
    "Modality": "MR",
    "PatientPosition": "HFS",
    "PercentPhaseFOV": 100,
    "PixelBandwidth": 7812.5,
    "ProtocolName": "fMRI",
    "ReconMatrixPE": 64,
    "RepetitionTime": 2,
    "SAR": 0.225736,
    "ScanOptions": "EPI_GEMS",
    "ScanningSequence": "EP_GR",
    "SequenceVariant": "SS",
    "SeriesDescription": "fMRI",
    "SliceThickness": 4,
    "SoftwareVersions": "24_LX_MR_Software_release:HD16.0_V02_1131.a",
    "SpacingBetweenSlices": 4,
    "StationName": "MR03MR03",
    "TaskName": "rest",
    "TotalReadoutTime": 0.038304,
    "modality": "bold",
    "session_id": "ControlPost",
    "subject_id": "029",
    "task_id": "rest"
  },
  "dummy_trs": 0,
  "dvars_nstd": 31.09233978431139,
  "dvars_std": 1.1256525162275457,
  "dvars_vstd": 1.1237475195209576,
  "efc": 0.5182269074963823,
  "fber": 628.4375610351562,
  "fd_mean": 0.2980691614968927,
  "fd_num": 24,
  "fd_perc": 14.285714285714286,
  "fwhm_avg": 3.0015320303030304,
  "fwhm_x": 2.834912,
  "fwhm_y": 3.370909090909091,
  "fwhm_z": 2.798775,
  "gcor": 0.137149,
  "gsr_x": -0.007891533896327019,
  "gsr_y": 0.011764721013605595,
  "provenance": {
    "md5sum": "30f0dd4d9fe617a19504617338dd4f80",
    "settings": {
      "fd_thres": 0.5,
      "hmc_fsl": false
    },
    "software": "mriqc",
    "version": "0.10.4"
  },
  "size_t": 168,
  "size_x": 64,
  "size_y": 64,
  "size_z": 30,
  "snr": 5.016909525524096,
  "spacing_tr": 2.0,
  "spacing_x": 3.4375,
  "spacing_y": 3.4375,
  "spacing_z": 4.0,
  "summary_bg_k": 45.62128303760497,
  "summary_bg_mad": 18.541351318359375,
  "summary_bg_mean": 129.35691833496094,
  "summary_bg_median": 119.17262268066406,
  "summary_bg_n": 69143.0,
  "summary_bg_p05": 1.1851190567016623,
  "summary_bg_p95": 262.73036193847645,
  "summary_bg_stdv": 99.25626373291016,
  "summary_fg_k": 1.2789054761960523,
  "summary_fg_mad": 524.1265258789062,
  "summary_fg_mean": 3026.230712890625,
  "summary_fg_median": 3109.34228515625,
  "summary_fg_n": 26758.0,
  "summary_fg_p05": 1819.4604003906252,
  "summary_fg_p95": 3878.4893188476562,
  "summary_fg_stdv": 619.7608642578125,
  "tsnr": 34.299049377441406
}