{
  "aor": 0.0013667261904761903,
  "aqi": 0.0019481257738095236,
  "bids_meta": {
    "AcquisitionMatrixPE": 64,
    "ConversionSoftware": "dcm2niix",
    "ConversionSoftwareVersion": "v1.0.20171017 (OpenJPEG build) GCC4.8.4",
    "DeviceSerialNumber": "0000000517353VH3",
    "EchoTime": 0.0279,
    "EffectiveEchoSpacing": 0.000608,
    "FlipAngle": 76,
    "ImageOrientationPatientDICOM": [
      1,
      0,
      0,
      0,
      1,
      0
    ],
    "ImageType": [
      "ORIGINAL",
      "PRIMARY",
      "EPI",
      "NONE"
    ],
    "InPlanePhaseEncodingDirectionDICOM": "COL",
    "InstitutionName": "Michigan_State_University",
    "MRAcquisitionType": "2D",
    "MagneticFieldStrength": 3,
    "Manufacturer": "GE",
    "ManufacturersModelName": "Signa_HDxt",
    "Modality": "MR",
    "PatientPosition": "HFS",
    "PercentPhaseFOV": 100,
    "PixelBandwidth": 7812.5,
    "ProtocolName": "fMRI",
    "ReconMatrixPE": 64,
    "RepetitionTime": 2,
    "SAR": 0.225736,
    "ScanOptions": "EPI_GEMS",
    "ScanningSequence": "EP_GR",
    "SequenceVariant": "SS",
    "SeriesDescription": "fMRI",
    "SliceThickness": 4,
    "SoftwareVersions": "24_LX_MR_Software_release:HD16.0_V02_1131.a",
    "SpacingBetweenSlices": 4,
    "StationName": "MR03MR03",
    "TaskName": "rest",
    "TotalReadoutTime": 0.038304,
    "modality": "bold",
    "session_id": "ControlPre",
    "subject_id": "024",
    "task_id": "rest"
  },
  "dummy_trs": 0,
  "dvars_nstd": 14.707429719880238,
  "dvars_std": 1.3125764001796407,
  "dvars_vstd": 0.988492541377245,
  "efc": 0.47564011515951127,
  "fber": 13674.0380859375,
  "fd_mean": 0.10688860710751469,
  "fd_num": 0,
  "fd_perc": 0.0,
  "fwhm_avg": 2.895212363636363,
  "fwhm_x": 2.7891607272727272,
  "fwhm_y": 3.2138763636363636,
  "fwhm_z": 2.6826,
  "gcor": 0.0345649,
  "gsr_x": -0.006216729525476694,
  "gsr_y": 0.008039696142077446,
  "provenance": {
    "md5sum": "5041eb7a6cc7e05298345df19ea118f9",
    "settings": {
      "fd_thres": 0.5,
      "hmc_fsl": false
    },
    "software": "mriqc",
    "version": "0.10.4"
  },
  "size_t": 168,
  "size_x": 64,
  "size_y": 64,
  "size_z": 30,
  "snr": 5.531304521129792,
  "spacing_tr": 2.0,
  "spacing_x": 3.4375,
  "spacing_y": 3.4375,
  "spacing_z": 4.0,
  "summary_bg_k": 93.74466753323536,
  "summary_bg_mad": 13.113969802856445,
  "summary_bg_mean": 57.44972610473633,
  "summary_bg_median": 31.1488094329834,
  "summary_bg_n": 68392.0,
  "summary_bg_p05": 0.1011904776096344,
  "summary_bg_p95": 183.07827682495105,
  "summary_bg_stdv": 101.86203002929688,
  "summary_fg_k": 3.2248096627956695,
  "summary_fg_mad": 511.8510437011719,
  "summary_fg_mean": 3596.749267578125,
  "summary_fg_median": 3692.60107421875,
  "summary_fg_n": 27122.0,
  "summary_fg_p05": 2325.268505859375,
  "summary_fg_p95": 4462.2064208984375,
  "summary_fg_stdv": 667.5700073242188,
  "tsnr": 127.35404968261719
}