{
  "aor": 0.008350833333333333,
  "aqi": 0.004732771071428572,
  "bids_meta": {
    "AcquisitionMatrixPE": 64,
    "ConversionSoftware": "dcm2niix",
    "ConversionSoftwareVersion": "v1.0.20171017 (OpenJPEG build) GCC4.8.4",
    "DeviceSerialNumber": "0000000517353VH3",
    "EchoTime": 0.0279,
    "EffectiveEchoSpacing": 0.000608,
    "FlipAngle": 76,
    "ImageOrientationPatientDICOM": [
      1,
      0,
      0,
      0,
      1,
      0
    ],
    "ImageType": [
      "ORIGINAL",
      "PRIMARY",
      "EPI",
      "NONE"
    ],
    "InPlanePhaseEncodingDirectionDICOM": "COL",
    "InstitutionName": "Michigan_State_University",
    "MRAcquisitionType": "2D",
    "MagneticFieldStrength": 3,
    "Manufacturer": "GE",
    "ManufacturersModelName": "Signa_HDxt",
    "Modality": "MR",
    "PatientPosition": "HFS",
    "PercentPhaseFOV": 100,
    "PixelBandwidth": 7812.5,
    "ProtocolName": "fMRI",
    "ReconMatrixPE": 64,
    "RepetitionTime": 2,
    "SAR": 0.225736,
    "ScanOptions": "EPI_GEMS",
    "ScanningSequence": "EP_GR",
    "SequenceVariant": "SS",
    "SeriesDescription": "fMRI",
    "SliceThickness": 4,
    "SoftwareVersions": "24_LX_MR_Software_release:HD16.0_V02_1131.a",
    "SpacingBetweenSlices": 4,
    "StationName": "MR03MR03",
    "TaskName": "flanker",
    "TotalReadoutTime": 0.038304,
    "modality": "bold",
    "run_id": "01",
    "session_id": "ExercisePost",
    "subject_id": "033",
    "task_id": "flanker"
  },
  "dummy_trs": 0,
  "dvars_nstd": 20.512226121556886,
  "dvars_std": 1.2857251087425157,
  "dvars_vstd": 1.0836352858682636,
  "efc": 0.4639647622214562,
  "fber": 4431.3017578125,
  "fd_mean": 0.2473531618585142,
  "fd_num": 4,
  "fd_perc": 2.380952380952381,
  "fwhm_avg": 3.029773939393939,
  "fwhm_x": 3.0516363636363635,
  "fwhm_y": 3.295185454545454,
  "fwhm_z": 2.7425,
  "gcor": 0.0271246,
  "gsr_x": -0.0049213021993637085,
  "gsr_y": 0.006746347993612289,
  "provenance": {
    "md5sum": "f937f16536ef5c80208ca36d5a992f1a",
    "settings": {
      "fd_thres": 0.5,
      "hmc_fsl": false
    },
    "software": "mriqc",
    "version": "0.10.4"
  },
  "size_t": 168,
  "size_x": 64,
  "size_y": 64,
  "size_z": 30,
  "snr": 4.984807588831376,
  "spacing_tr": 2.0,
  "spacing_x": 3.4375,
  "spacing_y": 3.4375,
  "spacing_z": 4.0,
  "summary_bg_k": 106.09054391480731,
  "summary_bg_mad": 10.342918395996094,
  "summary_bg_mean": 56.79238510131836,
  "summary_bg_median": 43.011905670166016,
  "summary_bg_n": 70671.0,
  "summary_bg_p05": 0.523809552192688,
  "summary_bg_p95": 128.26785278320312,
  "summary_bg_stdv": 74.22825622558594,
  "summary_fg_k": 2.763496095214694,
  "summary_fg_mad": 429.9988098144531,
  "summary_fg_mean": 2845.43798828125,
  "summary_fg_median": 2957.886962890625,
  "summary_fg_n": 24681.0,
  "summary_fg_p05": 1599.422607421875,
  "summary_fg_p95": 3561.369140625,
  "summary_fg_stdv": 593.3683471679688,
  "tsnr": 77.83831787109375
}