{
  "aor": 0.03272089285714286,
  "aqi": 0.022257290654761907,
  "bids_meta": {
    "AcquisitionMatrixPE": 64,
    "ConversionSoftware": "dcm2niix",
    "ConversionSoftwareVersion": "v1.0.20171017 (OpenJPEG build) GCC4.8.4",
    "DeviceSerialNumber": "0000000517353VH3",
    "EchoTime": 0.0279,
    "EffectiveEchoSpacing": 0.000608,
    "FlipAngle": 76,
    "ImageOrientationPatientDICOM": [
      1,
      0,
      0,
      0,
      1,
      0
    ],
    "ImageType": [
      "ORIGINAL",
      "PRIMARY",
      "EPI",
      "NONE"
    ],
    "InPlanePhaseEncodingDirectionDICOM": "COL",
    "InstitutionName": "Michigan_State_University",
    "MRAcquisitionType": "2D",
    "MagneticFieldStrength": 3,
    "Manufacturer": "GE",
    "ManufacturersModelName": "Signa_HDxt",
    "Modality": "MR",
    "PatientPosition": "HFS",
    "PercentPhaseFOV": 100,
    "PixelBandwidth": 7812.5,
    "ProtocolName": "fMRI",
    "ReconMatrixPE": 64,
    "RepetitionTime": 2,
    "SAR": 0.225736,
    "ScanOptions": "EPI_GEMS",
    "ScanningSequence": "EP_GR",
    "SequenceVariant": "SS",
    "SeriesDescription": "fMRI",
    "SliceThickness": 4,
    "SoftwareVersions": "24_LX_MR_Software_release:HD16.0_V02_1131.a",
    "SpacingBetweenSlices": 4,
    "StationName": "MR03MR03",
    "TaskName": "flanker",
    "TotalReadoutTime": 0.038304,
    "modality": "bold",
    "run_id": "01",
    "session_id": "ControlPre",
    "subject_id": "058",
    "task_id": "flanker"
  },
  "dummy_trs": 0,
  "dvars_nstd": 41.580831995808396,
  "dvars_std": 1.3140002582035921,
  "dvars_vstd": 1.1987797194610776,
  "efc": 0.4612631651826755,
  "fber": 13044.5810546875,
  "fd_mean": 0.7204420016416465,
  "fd_num": 81,
  "fd_perc": 48.214285714285715,
  "fwhm_avg": 3.0001621212121212,
  "fwhm_x": 2.911127272727273,
  "fwhm_y": 3.310109090909091,
  "fwhm_z": 2.77925,
  "gcor": 0.141019,
  "gsr_x": -0.00518051628023386,
  "gsr_y": 0.0068825786001980305,
  "provenance": {
    "md5sum": "c936077493dd5384478f9ff841b1cf85",
    "settings": {
      "fd_thres": 0.5,
      "hmc_fsl": false
    },
    "software": "mriqc",
    "version": "0.10.4"
  },
  "size_t": 168,
  "size_x": 64,
  "size_y": 64,
  "size_z": 30,
  "snr": 5.282557293077406,
  "spacing_tr": 2.0,
  "spacing_x": 3.4375,
  "spacing_y": 3.4375,
  "spacing_z": 4.0,
  "summary_bg_k": 85.20680811426372,
  "summary_bg_mad": 14.190624237060547,
  "summary_bg_mean": 57.761268615722656,
  "summary_bg_median": 35.50595474243164,
  "summary_bg_n": 70393.0,
  "summary_bg_p05": 1.023809552192688,
  "summary_bg_p95": 153.10595703124974,
  "summary_bg_stdv": 90.35466766357422,
  "summary_fg_k": 3.4330945278895237,
  "summary_fg_mad": 557.6788940429688,
  "summary_fg_mean": 3974.571533203125,
  "summary_fg_median": 4116.0654296875,
  "summary_fg_n": 25463.0,
  "summary_fg_p05": 2413.2684814453123,
  "summary_fg_p95": 4918.102978515624,
  "summary_fg_stdv": 779.1651611328125,
  "tsnr": 31.72893524169922
}