{
  "aor": 0.03280541666666666,
  "aqi": 0.010802321964285714,
  "bids_meta": {
    "AcquisitionMatrixPE": 64,
    "ConversionSoftware": "dcm2niix",
    "ConversionSoftwareVersion": "v1.0.20171017 (OpenJPEG build) GCC4.8.4",
    "DeviceSerialNumber": "0000000517353VH3",
    "EchoTime": 0.0279,
    "EffectiveEchoSpacing": 0.000608,
    "FlipAngle": 76,
    "ImageOrientationPatientDICOM": [
      1,
      0,
      0,
      0,
      1,
      0
    ],
    "ImageType": [
      "ORIGINAL",
      "PRIMARY",
      "EPI",
      "NONE"
    ],
    "InPlanePhaseEncodingDirectionDICOM": "COL",
    "InstitutionName": "Michigan_State_University",
    "MRAcquisitionType": "2D",
    "MagneticFieldStrength": 3,
    "Manufacturer": "GE",
    "ManufacturersModelName": "Signa_HDxt",
    "Modality": "MR",
    "PatientPosition": "HFS",
    "PercentPhaseFOV": 100,
    "PixelBandwidth": 7812.5,
    "ProtocolName": "fMRI",
    "ReconMatrixPE": 64,
    "RepetitionTime": 2,
    "SAR": 0.225736,
    "ScanOptions": "EPI_GEMS",
    "ScanningSequence": "EP_GR",
    "SequenceVariant": "SS",
    "SeriesDescription": "fMRI",
    "SliceThickness": 4,
    "SoftwareVersions": "24_LX_MR_Software_release:HD16.0_V02_1131.a",
    "SpacingBetweenSlices": 4,
    "StationName": "MR03MR03",
    "TaskName": "flanker",
    "TotalReadoutTime": 0.038304,
    "modality": "bold",
    "run_id": "01",
    "session_id": "ControlPost",
    "subject_id": "002",
    "task_id": "flanker"
  },
  "dummy_trs": 0,
  "dvars_nstd": 27.718522671556897,
  "dvars_std": 1.2502620792215577,
  "dvars_vstd": 1.2246983690419166,
  "efc": 0.5075323083339548,
  "fber": 11770.4521484375,
  "fd_mean": 0.49177173896298826,
  "fd_num": 36,
  "fd_perc": 21.428571428571427,
  "fwhm_avg": 2.876120696969697,
  "fwhm_x": 2.7328116363636363,
  "fwhm_y": 3.1598254545454547,
  "fwhm_z": 2.735725,
  "gcor": 0.0795515,
  "gsr_x": -0.012053102254867554,
  "gsr_y": 0.017983626574277878,
  "provenance": {
    "md5sum": "8ec6dc588c3e1469f0a55fb785d7c79b",
    "settings": {
      "fd_thres": 0.5,
      "hmc_fsl": false
    },
    "software": "mriqc",
    "version": "0.10.4"
  },
  "size_t": 168,
  "size_x": 64,
  "size_y": 64,
  "size_z": 30,
  "snr": 5.423975034869452,
  "spacing_tr": 2.0,
  "spacing_x": 3.4375,
  "spacing_y": 3.4375,
  "spacing_z": 4.0,
  "summary_bg_k": 105.40534011275805,
  "summary_bg_mad": 16.710166931152344,
  "summary_bg_mean": 80.56147003173828,
  "summary_bg_median": 38.770835876464844,
  "summary_bg_n": 64508.0,
  "summary_bg_p05": 0.4702380895614624,
  "summary_bg_p95": 262.7535705566405,
  "summary_bg_stdv": 159.97117614746094,
  "summary_fg_k": 2.1615620011205046,
  "summary_fg_mad": 662.5906982421875,
  "summary_fg_mean": 4194.90234375,
  "summary_fg_median": 4276.46435546875,
  "summary_fg_n": 30597.0,
  "summary_fg_p05": 2793.4654785156254,
  "summary_fg_p95": 5304.56572265625,
  "summary_fg_stdv": 788.4244384765625,
  "tsnr": 45.88948440551758
}