{
  "aor": 0.02470309523809524,
  "aqi": 0.005622526011904762,
  "bids_meta": {
    "AcquisitionMatrixPE": 64,
    "ConversionSoftware": "dcm2niix",
    "ConversionSoftwareVersion": "v1.0.20171017 (OpenJPEG build) GCC4.8.4",
    "DeviceSerialNumber": "0000000517353VH3",
    "EchoTime": 0.0279,
    "EffectiveEchoSpacing": 0.000608,
    "FlipAngle": 76,
    "ImageOrientationPatientDICOM": [
      1,
      0,
      0,
      0,
      1,
      0
    ],
    "ImageType": [
      "ORIGINAL",
      "PRIMARY",
      "EPI",
      "NONE"
    ],
    "InPlanePhaseEncodingDirectionDICOM": "COL",
    "InstitutionName": "Michigan_State_University",
    "MRAcquisitionType": "2D",
    "MagneticFieldStrength": 3,
    "Manufacturer": "GE",
    "ManufacturersModelName": "Signa_HDxt",
    "Modality": "MR",
    "PatientPosition": "HFS",
    "PercentPhaseFOV": 100,
    "PixelBandwidth": 7812.5,
    "ProtocolName": "fMRI",
    "ReconMatrixPE": 64,
    "RepetitionTime": 2,
    "SAR": 0.225736,
    "ScanOptions": "EPI_GEMS",
    "ScanningSequence": "EP_GR",
    "SequenceVariant": "SS",
    "SeriesDescription": "fMRI",
    "SliceThickness": 4,
    "SoftwareVersions": "24_LX_MR_Software_release:HD16.0_V02_1131.a",
    "SpacingBetweenSlices": 4,
    "StationName": "MR03MR03",
    "TaskName": "flanker",
    "TotalReadoutTime": 0.038304,
    "modality": "bold",
    "run_id": "01",
    "session_id": "ExercisePre",
    "subject_id": "009",
    "task_id": "flanker"
  },
  "dummy_trs": 0,
  "dvars_nstd": 22.481767569101798,
  "dvars_std": 1.3941487128143717,
  "dvars_vstd": 1.1982067986227547,
  "efc": 0.49647767848691887,
  "fber": 12039.8291015625,
  "fd_mean": 0.28882967720353975,
  "fd_num": 24,
  "fd_perc": 14.285714285714286,
  "fwhm_avg": 2.9933430303030306,
  "fwhm_x": 2.934341818181818,
  "fwhm_y": 3.216087272727273,
  "fwhm_z": 2.8296,
  "gcor": 0.100209,
  "gsr_x": -0.0051511903293430805,
  "gsr_y": 0.013075736351311207,
  "provenance": {
    "md5sum": "fb65a8ae56c9d9a0907c1e3951a144ad",
    "settings": {
      "fd_thres": 0.5,
      "hmc_fsl": false
    },
    "software": "mriqc",
    "version": "0.10.4"
  },
  "size_t": 168,
  "size_x": 64,
  "size_y": 64,
  "size_z": 30,
  "snr": 4.894008302121267,
  "spacing_tr": 2.0,
  "spacing_x": 3.4375,
  "spacing_y": 3.4375,
  "spacing_z": 4.0,
  "summary_bg_k": 66.98942996970888,
  "summary_bg_mad": 14.81719970703125,
  "summary_bg_mean": 68.88143920898438,
  "summary_bg_median": 32.744049072265625,
  "summary_bg_n": 65819.0,
  "summary_bg_p05": 0.1547619104385376,
  "summary_bg_p95": 223.02084350585935,
  "summary_bg_stdv": 128.41209411621094,
  "summary_fg_k": 2.3067963070158957,
  "summary_fg_mad": 579.5121459960938,
  "summary_fg_mean": 3563.186767578125,
  "summary_fg_median": 3673.3095703125,
  "summary_fg_n": 29149.0,
  "summary_fg_p05": 2090.79638671875,
  "summary_fg_p95": 4560.2322265625,
  "summary_fg_stdv": 750.5599365234375,
  "tsnr": 60.989845275878906
}