{
  "aor": 0.024696964285714287,
  "aqi": 0.009732293035714287,
  "bids_meta": {
    "AcquisitionMatrixPE": 64,
    "ConversionSoftware": "dcm2niix",
    "ConversionSoftwareVersion": "v1.0.20171017 (OpenJPEG build) GCC4.8.4",
    "DeviceSerialNumber": "0000000517353VH3",
    "EchoTime": 0.0279,
    "EffectiveEchoSpacing": 0.000608,
    "FlipAngle": 76,
    "ImageOrientationPatientDICOM": [
      1,
      0,
      0,
      0,
      1,
      0
    ],
    "ImageType": [
      "ORIGINAL",
      "PRIMARY",
      "EPI",
      "NONE"
    ],
    "InPlanePhaseEncodingDirectionDICOM": "COL",
    "InstitutionName": "Michigan_State_University",
    "MRAcquisitionType": "2D",
    "MagneticFieldStrength": 3,
    "Manufacturer": "GE",
    "ManufacturersModelName": "Signa_HDxt",
    "Modality": "MR",
    "PatientPosition": "HFS",
    "PercentPhaseFOV": 100,
    "PixelBandwidth": 7812.5,
    "ProtocolName": "fMRI",
    "ReconMatrixPE": 64,
    "RepetitionTime": 2,
    "SAR": 0.225736,
    "ScanOptions": "EPI_GEMS",
    "ScanningSequence": "EP_GR",
    "SequenceVariant": "SS",
    "SeriesDescription": "fMRI",
    "SliceThickness": 4,
    "SoftwareVersions": "24_LX_MR_Software_release:HD16.0_V02_1131.a",
    "SpacingBetweenSlices": 4,
    "StationName": "MR03MR03",
    "TaskName": "rest",
    "TotalReadoutTime": 0.038304,
    "modality": "bold",
    "session_id": "ControlPre",
    "subject_id": "028",
    "task_id": "rest"
  },
  "dummy_trs": 0,
  "dvars_nstd": 27.241813156706606,
  "dvars_std": 1.2450321550299401,
  "dvars_vstd": 1.1746429013772446,
  "efc": 0.4312917398707616,
  "fber": 6554.60986328125,
  "fd_mean": 0.3912704734312962,
  "fd_num": 28,
  "fd_perc": 16.666666666666668,
  "fwhm_avg": 3.12494696969697,
  "fwhm_x": 3.10528,
  "fwhm_y": 3.4838109090909093,
  "fwhm_z": 2.78575,
  "gcor": 0.0833136,
  "gsr_x": -0.006873458623886108,
  "gsr_y": 0.004420866724103689,
  "provenance": {
    "md5sum": "70407896d214f7e49e95c46ee9a61c32",
    "settings": {
      "fd_thres": 0.5,
      "hmc_fsl": false
    },
    "software": "mriqc",
    "version": "0.10.4"
  },
  "size_t": 168,
  "size_x": 64,
  "size_y": 64,
  "size_z": 30,
  "snr": 4.6492735362926965,
  "spacing_tr": 2.0,
  "spacing_x": 3.4375,
  "spacing_y": 3.4375,
  "spacing_z": 4.0,
  "summary_bg_k": 80.70667271832774,
  "summary_bg_mad": 12.319714546203613,
  "summary_bg_mean": 65.13279724121094,
  "summary_bg_median": 35.13095474243164,
  "summary_bg_n": 76520.0,
  "summary_bg_p05": 0.7797619104385376,
  "summary_bg_p95": 196.31190567016614,
  "summary_bg_stdv": 124.50212097167969,
  "summary_fg_k": 2.8460397261871435,
  "summary_fg_mad": 436.92645263671875,
  "summary_fg_mean": 2807.82666015625,
  "summary_fg_median": 2932.83935546875,
  "summary_fg_n": 20290.0,
  "summary_fg_p05": 1409.4931640625,
  "summary_fg_p95": 3542.528881835937,
  "summary_fg_stdv": 630.8011474609375,
  "tsnr": 46.6900634765625
}