{
  "bids_meta": {
    "AcquisitionMatrixPE": 256,
    "ConversionSoftware": "dcm2niix",
    "ConversionSoftwareVersion": "v1.0.20171017 (OpenJPEG build) GCC4.8.4",
    "DeviceSerialNumber": "0000000517353VH3",
    "EchoTime": 0.003828,
    "FlipAngle": 8,
    "ImageOrientationPatientDICOM": [
      0,
      1,
      0,
      0,
      0,
      -1
    ],
    "ImageType": [
      "ORIGINAL",
      "PRIMARY",
      "OTHER"
    ],
    "InPlanePhaseEncodingDirectionDICOM": "ROW",
    "InstitutionName": "Michigan_State_University",
    "InversionTime": 0.04,
    "MRAcquisitionType": "3D",
    "MagneticFieldStrength": 3,
    "Manufacturer": "GE",
    "ManufacturersModelName": "Signa_HDxt",
    "Modality": "MR",
    "PatientPosition": "HFS",
    "PercentPhaseFOV": 100,
    "PixelBandwidth": 162.734,
    "ProtocolName": "mprage_1mm_iso_20.83_bw",
    "ReconMatrixPE": 256,
    "RepetitionTime": 0.008596,
    "SAR": 0.306132,
    "ScanOptions": "NONE",
    "ScanningSequence": "RM",
    "SequenceVariant": "NONE",
    "SeriesDescription": "mprage_1mm_iso_20.83_bw",
    "SliceThickness": 1,
    "SoftwareVersions": "24_LX_MR_Software_release:HD16.0_V02_1131.a",
    "SpacingBetweenSlices": 1,
    "StationName": "MR03MR03",
    "modality": "T1w",
    "session_id": "ControlPre",
    "subject_id": "058"
  },
  "cjv": 0.2933661436132594,
  "cnr": 4.302262049919832,
  "efc": 0.5957515292631237,
  "fber": 90.22455596923828,
  "fwhm_avg": 4.110126666666667,
  "fwhm_x": 3.97536,
  "fwhm_y": 4.23291,
  "fwhm_z": 4.12211,
  "icvs_csf": 0.21727129909546444,
  "icvs_gm": 0.44270642755070305,
  "icvs_wm": 0.3400222733538325,
  "inu_med": 0.8361632227897644,
  "inu_range": 0.2938689053058624,
  "provenance": {
    "md5sum": "ccc2095710e4058109b1f8c537e4db30",
    "settings": {
      "testing": false
    },
    "software": "mriqc",
    "version": "0.10.4",
    "warnings": {
      "large_rot_frame": true,
      "small_air_mask": false
    }
  },
  "qi_1": 0.0,
  "qi_2": 0.0011869876654893353,
  "rpve_csf": 23.88524881698231,
  "rpve_gm": 12.721457028402957,
  "rpve_wm": 19.86370508730834,
  "size_x": 180,
  "size_y": 256,
  "size_z": 256,
  "snr_csf": 2.6415150665140206,
  "snr_gm": 10.115703235378593,
  "snr_total": 10.139244777309598,
  "snr_wm": 17.66051603003618,
  "snrd_csf": 11.64264849044434,
  "snrd_gm": 23.384433322768086,
  "snrd_total": 24.09544939706522,
  "snrd_wm": 37.259266377983224,
  "spacing_x": 1.0,
  "spacing_y": 1.0,
  "spacing_z": 1.0,
  "summary_bg_k": 2.409224427953922,
  "summary_bg_mad": 17.583511352539062,
  "summary_bg_mean": 53.84501647949219,
  "summary_bg_median": 49.69857406616211,
  "summary_bg_n": 3133561.0,
  "summary_bg_p05": 28.17641830444336,
  "summary_bg_p95": 94.21373748779297,
  "summary_bg_stdv": 20.892005920410156,
  "summary_csf_k": -0.2504609183900999,
  "summary_csf_mad": 133.88543701171875,
  "summary_csf_mean": 317.71441650390625,
  "summary_csf_median": 312.48248291015625,
  "summary_csf_n": 13042.0,
  "summary_csf_p05": 139.68367614746094,
  "summary_csf_p95": 512.2778320312499,
  "summary_csf_stdv": 118.29215240478516,
  "summary_gm_k": 0.31985555973925717,
  "summary_gm_mad": 59.96965026855469,
  "summary_gm_mean": 628.4130859375,
  "summary_gm_median": 627.625732421875,
  "summary_gm_n": 27870.0,
  "summary_gm_p05": 528.1348052978516,
  "summary_gm_p95": 731.9445129394531,
  "summary_gm_stdv": 62.043582916259766,
  "summary_wm_k": 0.8333820854085441,
  "summary_wm_mad": 49.27788543701172,
  "summary_wm_mean": 995.8399658203125,
  "summary_wm_median": 1000.0188598632812,
  "summary_wm_n": 175355.0,
  "summary_wm_p05": 891.0916320800782,
  "summary_wm_p95": 1081.421740722656,
  "summary_wm_stdv": 56.624393463134766,
  "tpm_overlap_csf": 0.20166879892349243,
  "tpm_overlap_gm": 0.5196388959884644,
  "tpm_overlap_wm": 0.5435361266136169,
  "wm2max": 0.7266891198541569
}