{
  "aor": 0.09206535714285714,
  "aqi": 0.06827292720238096,
  "bids_meta": {
    "AcquisitionMatrixPE": 64,
    "ConversionSoftware": "dcm2niix",
    "ConversionSoftwareVersion": "v1.0.20171017 (OpenJPEG build) GCC4.8.4",
    "DeviceSerialNumber": "0000000517353VH3",
    "EchoTime": 0.0279,
    "EffectiveEchoSpacing": 0.000608,
    "FlipAngle": 76,
    "ImageOrientationPatientDICOM": [
      1,
      0,
      0,
      0,
      1,
      0
    ],
    "ImageType": [
      "ORIGINAL",
      "PRIMARY",
      "EPI",
      "NONE"
    ],
    "InPlanePhaseEncodingDirectionDICOM": "COL",
    "InstitutionName": "Michigan_State_University",
    "MRAcquisitionType": "2D",
    "MagneticFieldStrength": 3,
    "Manufacturer": "GE",
    "ManufacturersModelName": "Signa_HDxt",
    "Modality": "MR",
    "PatientPosition": "HFS",
    "PercentPhaseFOV": 100,
    "PixelBandwidth": 7812.5,
    "ProtocolName": "fMRI",
    "ReconMatrixPE": 64,
    "RepetitionTime": 2,
    "SAR": 0.225736,
    "ScanOptions": "EPI_GEMS",
    "ScanningSequence": "EP_GR",
    "SequenceVariant": "SS",
    "SeriesDescription": "fMRI",
    "SliceThickness": 4,
    "SoftwareVersions": "24_LX_MR_Software_release:HD16.0_V02_1131.a",
    "SpacingBetweenSlices": 4,
    "StationName": "MR03MR03",
    "TaskName": "flanker",
    "TotalReadoutTime": 0.038304,
    "modality": "bold",
    "run_id": "02",
    "session_id": "ExercisePost",
    "subject_id": "058",
    "task_id": "flanker"
  },
  "dummy_trs": 0,
  "dvars_nstd": 74.78710706215571,
  "dvars_std": 1.390214621437126,
  "dvars_vstd": 2.7003643658682637,
  "efc": 0.45811539277831237,
  "fber": 13737.890625,
  "fd_mean": 1.6135762813519086,
  "fd_num": 96,
  "fd_perc": 57.142857142857146,
  "fwhm_avg": 3.0598563636363636,
  "fwhm_x": 3.0269381818181818,
  "fwhm_y": 3.543330909090909,
  "fwhm_z": 2.6093,
  "gcor": 0.207362,
  "gsr_x": -0.003293668618425727,
  "gsr_y": 0.0066647580824792385,
  "provenance": {
    "md5sum": "bb4b6f87593342df6a63adc01539da6c",
    "settings": {
      "fd_thres": 0.5,
      "hmc_fsl": false
    },
    "software": "mriqc",
    "version": "0.10.4"
  },
  "size_t": 168,
  "size_x": 64,
  "size_y": 64,
  "size_z": 30,
  "snr": 5.5151045003774,
  "spacing_tr": 2.0,
  "spacing_x": 3.4375,
  "spacing_y": 3.4375,
  "spacing_z": 4.0,
  "summary_bg_k": 77.01693222452401,
  "summary_bg_mad": 17.482351303100586,
  "summary_bg_mean": 59.15787124633789,
  "summary_bg_median": 35.10714340209961,
  "summary_bg_n": 70697.0,
  "summary_bg_p05": 2.547619104385376,
  "summary_bg_p95": 169.0476257324217,
  "summary_bg_stdv": 98.20487213134766,
  "summary_fg_k": 3.584441036510575,
  "summary_fg_mad": 547.1993408203125,
  "summary_fg_mean": 3953.343505859375,
  "summary_fg_median": 4081.96728515625,
  "summary_fg_n": 25080.0,
  "summary_fg_p05": 2492.598779296875,
  "summary_fg_p95": 4855.466528320312,
  "summary_fg_stdv": 740.1284790039062,
  "tsnr": 15.903436660766602
}