{
  "bids_meta": {
    "AcquisitionMatrixPE": 256,
    "ConversionSoftware": "dcm2niix",
    "ConversionSoftwareVersion": "v1.0.20171017 (OpenJPEG build) GCC4.8.4",
    "DeviceSerialNumber": "0000000517353VH3",
    "EchoTime": 0.003828,
    "FlipAngle": 8,
    "ImageOrientationPatientDICOM": [
      0,
      1,
      0,
      0,
      0,
      -1
    ],
    "ImageType": [
      "ORIGINAL",
      "PRIMARY",
      "OTHER"
    ],
    "InPlanePhaseEncodingDirectionDICOM": "ROW",
    "InstitutionName": "Michigan_State_University",
    "InversionTime": 0.04,
    "MRAcquisitionType": "3D",
    "MagneticFieldStrength": 3,
    "Manufacturer": "GE",
    "ManufacturersModelName": "Signa_HDxt",
    "Modality": "MR",
    "PatientPosition": "HFS",
    "PercentPhaseFOV": 100,
    "PixelBandwidth": 162.734,
    "ProtocolName": "mprage_1mm_iso_20.83_bw",
    "ReconMatrixPE": 256,
    "RepetitionTime": 0.008596,
    "SAR": 0.306132,
    "ScanOptions": "NONE",
    "ScanningSequence": "RM",
    "SequenceVariant": "NONE",
    "SeriesDescription": "mprage_1mm_iso_20.83_bw",
    "SliceThickness": 1,
    "SoftwareVersions": "24_LX_MR_Software_release:HD16.0_V02_1131.a",
    "SpacingBetweenSlices": 1,
    "StationName": "MR03MR03",
    "modality": "T1w",
    "session_id": "ControlPre",
    "subject_id": "023"
  },
  "cjv": 0.2780051535577345,
  "cnr": 4.388482124988936,
  "efc": 0.5789360024920038,
  "fber": 99.89046478271484,
  "fwhm_avg": 4.0087,
  "fwhm_x": 3.99685,
  "fwhm_y": 4.14073,
  "fwhm_z": 3.88852,
  "icvs_csf": 0.20388261103848623,
  "icvs_gm": 0.4570302415739375,
  "icvs_wm": 0.3390871473875763,
  "inu_med": 1.0001320838928223,
  "inu_range": 0.3224980443716049,
  "provenance": {
    "md5sum": "d20d9584c291279b2891fff548c6844a",
    "settings": {
      "testing": false
    },
    "software": "mriqc",
    "version": "0.10.4",
    "warnings": {
      "large_rot_frame": true,
      "small_air_mask": false
    }
  },
  "qi_1": 0.0,
  "qi_2": 0.002692653296622002,
  "rpve_csf": 24.024768858248134,
  "rpve_gm": 11.861617373776197,
  "rpve_wm": 18.619335044868176,
  "size_x": 180,
  "size_y": 256,
  "size_z": 256,
  "snr_csf": 2.9854053000176655,
  "snr_gm": 11.103447693039852,
  "snr_total": 10.075066985890652,
  "snr_wm": 16.136347964614444,
  "snrd_csf": 15.415763852972216,
  "snrd_gm": 28.98704532196747,
  "snrd_total": 30.23188487295206,
  "snrd_wm": 46.2928454439165,
  "spacing_x": 1.0,
  "spacing_y": 1.0,
  "spacing_z": 1.0,
  "summary_bg_k": 2.298505735024757,
  "summary_bg_mad": 14.152029991149902,
  "summary_bg_mean": 50.98088836669922,
  "summary_bg_median": 49.24546813964844,
  "summary_bg_n": 2977954.0,
  "summary_bg_p05": 29.856753635406495,
  "summary_bg_p95": 77.96519737243652,
  "summary_bg_stdv": 15.355896949768066,
  "summary_csf_k": -0.28429477356318733,
  "summary_csf_mad": 122.42449951171875,
  "summary_csf_mean": 328.7079772949219,
  "summary_csf_median": 333.0060119628906,
  "summary_csf_n": 14437.0,
  "summary_csf_p05": 146.6485107421875,
  "summary_csf_p95": 500.12712402343726,
  "summary_csf_stdv": 111.5407943725586,
  "summary_gm_k": 0.31309814586487716,
  "summary_gm_mad": 53.958885192871094,
  "summary_gm_mean": 626.2444458007812,
  "summary_gm_median": 626.1681518554688,
  "summary_gm_n": 42395.0,
  "summary_gm_p05": 533.3002075195313,
  "summary_gm_p95": 718.2019775390625,
  "summary_gm_stdv": 56.39336395263672,
  "summary_wm_k": 0.8568130591292751,
  "summary_wm_mad": 49.9688720703125,
  "summary_wm_mean": 989.9609985351562,
  "summary_wm_median": 1000.0020751953125,
  "summary_wm_n": 188235.0,
  "summary_wm_p05": 865.6685668945313,
  "summary_wm_p95": 1074.1946533203125,
  "summary_wm_stdv": 61.97185516357422,
  "tpm_overlap_csf": 0.19970948994159698,
  "tpm_overlap_gm": 0.5310162901878357,
  "tpm_overlap_wm": 0.545877993106842,
  "wm2max": 0.5791180014013753
}