{
  "aor": 0.010985119047619047,
  "aqi": 0.007130069107142856,
  "bids_meta": {
    "AcquisitionMatrixPE": 64,
    "ConversionSoftware": "dcm2niix",
    "ConversionSoftwareVersion": "v1.0.20171017 (OpenJPEG build) GCC4.8.4",
    "DeviceSerialNumber": "0000000517353VH3",
    "EchoTime": 0.0279,
    "EffectiveEchoSpacing": 0.000608,
    "FlipAngle": 76,
    "ImageOrientationPatientDICOM": [
      1,
      0,
      0,
      0,
      1,
      0
    ],
    "ImageType": [
      "ORIGINAL",
      "PRIMARY",
      "EPI",
      "NONE"
    ],
    "InPlanePhaseEncodingDirectionDICOM": "COL",
    "InstitutionName": "Michigan_State_University",
    "MRAcquisitionType": "2D",
    "MagneticFieldStrength": 3,
    "Manufacturer": "GE",
    "ManufacturersModelName": "Signa_HDxt",
    "Modality": "MR",
    "PatientPosition": "HFS",
    "PercentPhaseFOV": 100,
    "PixelBandwidth": 7812.5,
    "ProtocolName": "fMRI",
    "ReconMatrixPE": 64,
    "RepetitionTime": 2,
    "SAR": 0.225736,
    "ScanOptions": "EPI_GEMS",
    "ScanningSequence": "EP_GR",
    "SequenceVariant": "SS",
    "SeriesDescription": "fMRI",
    "SliceThickness": 4,
    "SoftwareVersions": "24_LX_MR_Software_release:HD16.0_V02_1131.a",
    "SpacingBetweenSlices": 4,
    "StationName": "MR03MR03",
    "TaskName": "rest",
    "TotalReadoutTime": 0.038304,
    "modality": "bold",
    "session_id": "ExercisePre",
    "subject_id": "018",
    "task_id": "rest"
  },
  "dummy_trs": 0,
  "dvars_nstd": 26.410216434131726,
  "dvars_std": 1.2923580579041922,
  "dvars_vstd": 1.061899176227545,
  "efc": 0.45650984491432406,
  "fber": 13851.240234375,
  "fd_mean": 0.32885142247146115,
  "fd_num": 18,
  "fd_perc": 10.714285714285714,
  "fwhm_avg": 2.9151196060606064,
  "fwhm_x": 2.7778938181818185,
  "fwhm_y": 3.27264,
  "fwhm_z": 2.694825,
  "gcor": 0.120812,
  "gsr_x": -0.008874104358255863,
  "gsr_y": 0.011430206708610058,
  "provenance": {
    "md5sum": "351b749957000ff70ac46b452b3fe668",
    "settings": {
      "fd_thres": 0.5,
      "hmc_fsl": false
    },
    "software": "mriqc",
    "version": "0.10.4"
  },
  "size_t": 168,
  "size_x": 64,
  "size_y": 64,
  "size_z": 30,
  "snr": 5.426976693425506,
  "spacing_tr": 2.0,
  "spacing_x": 3.4375,
  "spacing_y": 3.4375,
  "spacing_z": 4.0,
  "summary_bg_k": 116.47760362045996,
  "summary_bg_mad": 8.68381118774414,
  "summary_bg_mean": 41.41397476196289,
  "summary_bg_median": 23.666667938232422,
  "summary_bg_n": 70893.0,
  "summary_bg_p05": 0.2380952388048172,
  "summary_bg_p95": 111.12857360839813,
  "summary_bg_stdv": 81.01620483398438,
  "summary_fg_k": 3.5112667008888945,
  "summary_fg_mad": 409.84649658203125,
  "summary_fg_mean": 2774.07958984375,
  "summary_fg_median": 2857.318359375,
  "summary_fg_n": 24692.0,
  "summary_fg_p05": 1785.448260498047,
  "summary_fg_p95": 3442.2684448242185,
  "summary_fg_stdv": 526.4921264648438,
  "tsnr": 61.299354553222656
}