{
  "bids_meta": {
    "AcquisitionMatrixPE": 256,
    "ConversionSoftware": "dcm2niix",
    "ConversionSoftwareVersion": "v1.0.20171017 (OpenJPEG build) GCC4.8.4",
    "DeviceSerialNumber": "0000000517353VH3",
    "EchoTime": 0.003828,
    "FlipAngle": 8,
    "ImageOrientationPatientDICOM": [
      0,
      1,
      0,
      0,
      0,
      -1
    ],
    "ImageType": [
      "ORIGINAL",
      "PRIMARY",
      "OTHER"
    ],
    "InPlanePhaseEncodingDirectionDICOM": "ROW",
    "InstitutionName": "Michigan_State_University",
    "InversionTime": 0.04,
    "MRAcquisitionType": "3D",
    "MagneticFieldStrength": 3,
    "Manufacturer": "GE",
    "ManufacturersModelName": "Signa_HDxt",
    "Modality": "MR",
    "PatientPosition": "HFS",
    "PercentPhaseFOV": 100,
    "PixelBandwidth": 162.734,
    "ProtocolName": "mprage_1mm_iso_20.83_bw",
    "ReconMatrixPE": 256,
    "RepetitionTime": 0.008596,
    "SAR": 0.306132,
    "ScanOptions": "NONE",
    "ScanningSequence": "RM",
    "SequenceVariant": "NONE",
    "SeriesDescription": "mprage_1mm_iso_20.83_bw",
    "SliceThickness": 1,
    "SoftwareVersions": "24_LX_MR_Software_release:HD16.0_V02_1131.a",
    "SpacingBetweenSlices": 1,
    "StationName": "MR03MR03",
    "modality": "T1w",
    "session_id": "ExercisePre",
    "subject_id": "038"
  },
  "cjv": 0.24863244122268377,
  "cnr": 4.814040513635778,
  "efc": 0.5692744756177547,
  "fber": 117.60892486572266,
  "fwhm_avg": 3.863666666666667,
  "fwhm_x": 3.77823,
  "fwhm_y": 4.08202,
  "fwhm_z": 3.73075,
  "icvs_csf": 0.1927423763165988,
  "icvs_gm": 0.4733568910885578,
  "icvs_wm": 0.33390073259484343,
  "inu_med": 0.9694036841392517,
  "inu_range": 0.28055475950241093,
  "provenance": {
    "md5sum": "6c0c6815bdcd64444b863c31f52c765f",
    "settings": {
      "testing": false
    },
    "software": "mriqc",
    "version": "0.10.4",
    "warnings": {
      "large_rot_frame": true,
      "small_air_mask": false
    }
  },
  "qi_1": 0.0,
  "qi_2": 0.0008122676219813067,
  "rpve_csf": 26.25857951510309,
  "rpve_gm": 12.200044926553483,
  "rpve_wm": 19.818437312933106,
  "size_x": 180,
  "size_y": 256,
  "size_z": 256,
  "snr_csf": 2.69191639982586,
  "snr_gm": 10.680444864033,
  "snr_total": 10.555662559385247,
  "snr_wm": 18.294626414296882,
  "snrd_csf": 16.499585235621648,
  "snrd_gm": 32.889756997384524,
  "snrd_total": 34.334445054039854,
  "snrd_wm": 53.61399292911338,
  "spacing_x": 1.0,
  "spacing_y": 1.0,
  "spacing_z": 1.0,
  "summary_bg_k": 0.9397442407374612,
  "summary_bg_mad": 12.219552040100098,
  "summary_bg_mean": 46.288997650146484,
  "summary_bg_median": 45.26000213623047,
  "summary_bg_n": 2736642.0,
  "summary_bg_p05": 27.896396541595458,
  "summary_bg_p95": 68.35891532897948,
  "summary_bg_stdv": 12.673222541809082,
  "summary_csf_k": 0.48109024769504805,
  "summary_csf_mad": 121.46954345703125,
  "summary_csf_mean": 316.0733947753906,
  "summary_csf_median": 307.74896240234375,
  "summary_csf_n": 13521.0,
  "summary_csf_p05": 148.98312377929688,
  "summary_csf_p95": 501.86846923828125,
  "summary_csf_stdv": 114.31914520263672,
  "summary_gm_k": 0.27781996844179924,
  "summary_gm_mad": 55.029571533203125,
  "summary_gm_mean": 612.689208984375,
  "summary_gm_median": 613.4571533203125,
  "summary_gm_n": 40271.0,
  "summary_gm_p05": 514.9876708984375,
  "summary_gm_p95": 705.1651000976562,
  "summary_gm_stdv": 57.436702728271484,
  "summary_wm_k": 1.792329935114794,
  "summary_wm_mad": 41.07850646972656,
  "summary_wm_mean": 991.410888671875,
  "summary_wm_median": 1000.0039672851562,
  "summary_wm_n": 174141.0,
  "summary_wm_p05": 874.1053466796875,
  "summary_wm_p95": 1062.9522705078125,
  "summary_wm_stdv": 54.660919189453125,
  "tpm_overlap_csf": 0.21718208491802216,
  "tpm_overlap_gm": 0.5359986424446106,
  "tpm_overlap_wm": 0.5412901043891907,
  "wm2max": 0.6023863009573046
}