{
  "aor": 0.012566190476190474,
  "aqi": 0.01816276630952381,
  "bids_meta": {
    "AcquisitionMatrixPE": 64,
    "ConversionSoftware": "dcm2niix",
    "ConversionSoftwareVersion": "v1.0.20171017 (OpenJPEG build) GCC4.8.4",
    "DeviceSerialNumber": "0000000517353VH3",
    "EchoTime": 0.0279,
    "EffectiveEchoSpacing": 0.000608,
    "FlipAngle": 76,
    "ImageOrientationPatientDICOM": [
      1,
      0,
      0,
      0,
      1,
      0
    ],
    "ImageType": [
      "ORIGINAL",
      "PRIMARY",
      "EPI",
      "NONE"
    ],
    "InPlanePhaseEncodingDirectionDICOM": "COL",
    "InstitutionName": "Michigan_State_University",
    "MRAcquisitionType": "2D",
    "MagneticFieldStrength": 3,
    "Manufacturer": "GE",
    "ManufacturersModelName": "Signa_HDxt",
    "Modality": "MR",
    "PatientPosition": "HFS",
    "PercentPhaseFOV": 100,
    "PixelBandwidth": 7812.5,
    "ProtocolName": "fMRI",
    "ReconMatrixPE": 64,
    "RepetitionTime": 2,
    "SAR": 0.225736,
    "ScanOptions": "EPI_GEMS",
    "ScanningSequence": "EP_GR",
    "SequenceVariant": "SS",
    "SeriesDescription": "fMRI",
    "SliceThickness": 4,
    "SoftwareVersions": "24_LX_MR_Software_release:HD16.0_V02_1131.a",
    "SpacingBetweenSlices": 4,
    "StationName": "MR03MR03",
    "TaskName": "flanker",
    "TotalReadoutTime": 0.038304,
    "modality": "bold",
    "run_id": "02",
    "session_id": "ExercisePre",
    "subject_id": "018",
    "task_id": "flanker"
  },
  "dummy_trs": 0,
  "dvars_nstd": 29.50247692083832,
  "dvars_std": 1.0625708958682631,
  "dvars_vstd": 0.927284213532934,
  "efc": 0.45389792867829576,
  "fber": 13224.5986328125,
  "fd_mean": 0.5821190224154401,
  "fd_num": 57,
  "fd_perc": 33.92857142857143,
  "fwhm_avg": 2.9423657272727275,
  "fwhm_x": 2.804151272727273,
  "fwhm_y": 3.345570909090909,
  "fwhm_z": 2.677375,
  "gcor": 0.0723647,
  "gsr_x": -0.007900666445493698,
  "gsr_y": 0.009112397208809853,
  "provenance": {
    "md5sum": "d33ff3c6db1ce0253c68c6d28e3b2a2b",
    "settings": {
      "fd_thres": 0.5,
      "hmc_fsl": false
    },
    "software": "mriqc",
    "version": "0.10.4"
  },
  "size_t": 168,
  "size_x": 64,
  "size_y": 64,
  "size_z": 30,
  "snr": 5.516060134088088,
  "spacing_tr": 2.0,
  "spacing_x": 3.4375,
  "spacing_y": 3.4375,
  "spacing_z": 4.0,
  "summary_bg_k": 82.01041372397891,
  "summary_bg_mad": 9.257438659667969,
  "summary_bg_mean": 41.80608367919922,
  "summary_bg_median": 24.505952835083008,
  "summary_bg_n": 71572.0,
  "summary_bg_p05": 1.2380952835083008,
  "summary_bg_p95": 120.83214569091788,
  "summary_bg_stdv": 72.32378387451172,
  "summary_fg_k": 3.996759481141619,
  "summary_fg_mad": 396.2165832519531,
  "summary_fg_mean": 2785.636474609375,
  "summary_fg_median": 2872.110107421875,
  "summary_fg_n": 24286.0,
  "summary_fg_p05": 1815.7544860839844,
  "summary_fg_p95": 3433.6385498046875,
  "summary_fg_stdv": 520.6707153320312,
  "tsnr": 39.648014068603516
}