{
  "aor": 0.003761130952380952,
  "aqi": 0.00439032880952381,
  "bids_meta": {
    "AcquisitionMatrixPE": 64,
    "ConversionSoftware": "dcm2niix",
    "ConversionSoftwareVersion": "v1.0.20171017 (OpenJPEG build) GCC4.8.4",
    "DeviceSerialNumber": "0000000517353VH3",
    "EchoTime": 0.0279,
    "EffectiveEchoSpacing": 0.000608,
    "FlipAngle": 76,
    "ImageOrientationPatientDICOM": [
      1,
      0,
      0,
      0,
      1,
      0
    ],
    "ImageType": [
      "ORIGINAL",
      "PRIMARY",
      "EPI",
      "NONE"
    ],
    "InPlanePhaseEncodingDirectionDICOM": "COL",
    "InstitutionName": "Michigan_State_University",
    "MRAcquisitionType": "2D",
    "MagneticFieldStrength": 3,
    "Manufacturer": "GE",
    "ManufacturersModelName": "Signa_HDxt",
    "Modality": "MR",
    "PatientPosition": "HFS",
    "PercentPhaseFOV": 100,
    "PixelBandwidth": 7812.5,
    "ProtocolName": "fMRI",
    "ReconMatrixPE": 64,
    "RepetitionTime": 2,
    "SAR": 0.225736,
    "ScanOptions": "EPI_GEMS",
    "ScanningSequence": "EP_GR",
    "SequenceVariant": "SS",
    "SeriesDescription": "fMRI",
    "SliceThickness": 4,
    "SoftwareVersions": "24_LX_MR_Software_release:HD16.0_V02_1131.a",
    "SpacingBetweenSlices": 4,
    "StationName": "MR03MR03",
    "TaskName": "flanker",
    "TotalReadoutTime": 0.038304,
    "modality": "bold",
    "run_id": "02",
    "session_id": "ExercisePre",
    "subject_id": "052",
    "task_id": "flanker"
  },
  "dummy_trs": 0,
  "dvars_nstd": 15.579041337964078,
  "dvars_std": 1.2097049828742508,
  "dvars_vstd": 0.980437578982035,
  "efc": 0.4894446294225555,
  "fber": 11434.2890625,
  "fd_mean": 0.17447187114341825,
  "fd_num": 5,
  "fd_perc": 2.9761904761904763,
  "fwhm_avg": 2.8801446060606057,
  "fwhm_x": 2.7141992727272726,
  "fwhm_y": 3.210734545454545,
  "fwhm_z": 2.7155,
  "gcor": 0.0338834,
  "gsr_x": -0.006828049663454294,
  "gsr_y": 0.01432450208812952,
  "provenance": {
    "md5sum": "c6c9b1db9f579fe782c243ab137adfdc",
    "settings": {
      "fd_thres": 0.5,
      "hmc_fsl": false
    },
    "software": "mriqc",
    "version": "0.10.4"
  },
  "size_t": 168,
  "size_x": 64,
  "size_y": 64,
  "size_z": 30,
  "snr": 5.457150928339293,
  "spacing_tr": 2.0,
  "spacing_x": 3.4375,
  "spacing_y": 3.4375,
  "spacing_z": 4.0,
  "summary_bg_k": 153.8176716835582,
  "summary_bg_mad": 10.925365447998047,
  "summary_bg_mean": 51.217308044433594,
  "summary_bg_median": 26.1488094329834,
  "summary_bg_n": 67175.0,
  "summary_bg_p05": 0.3154762089252472,
  "summary_bg_p95": 154.43154907226548,
  "summary_bg_stdv": 107.50586700439453,
  "summary_fg_k": 2.462990890043568,
  "summary_fg_mad": 431.69317626953125,
  "summary_fg_mean": 2792.962646484375,
  "summary_fg_median": 2846.5654296875,
  "summary_fg_n": 28265.0,
  "summary_fg_p05": 1835.0488037109376,
  "summary_fg_p95": 3500.9190429687496,
  "summary_fg_stdv": 521.6119384765625,
  "tsnr": 78.67105865478516
}