{
  "aor": 0.004264940476190476,
  "aqi": 0.007273772916666667,
  "bids_meta": {
    "AcquisitionMatrixPE": 64,
    "ConversionSoftware": "dcm2niix",
    "ConversionSoftwareVersion": "v1.0.20171017 (OpenJPEG build) GCC4.8.4",
    "DeviceSerialNumber": "0000000517353VH3",
    "EchoTime": 0.0279,
    "EffectiveEchoSpacing": 0.000608,
    "FlipAngle": 76,
    "ImageOrientationPatientDICOM": [
      1,
      0,
      0,
      0,
      1,
      0
    ],
    "ImageType": [
      "ORIGINAL",
      "PRIMARY",
      "EPI",
      "NONE"
    ],
    "InPlanePhaseEncodingDirectionDICOM": "COL",
    "InstitutionName": "Michigan_State_University",
    "MRAcquisitionType": "2D",
    "MagneticFieldStrength": 3,
    "Manufacturer": "GE",
    "ManufacturersModelName": "Signa_HDxt",
    "Modality": "MR",
    "PatientPosition": "HFS",
    "PercentPhaseFOV": 100,
    "PixelBandwidth": 7812.5,
    "ProtocolName": "fMRI",
    "ReconMatrixPE": 64,
    "RepetitionTime": 2,
    "SAR": 0.225736,
    "ScanOptions": "EPI_GEMS",
    "ScanningSequence": "EP_GR",
    "SequenceVariant": "SS",
    "SeriesDescription": "fMRI",
    "SliceThickness": 4,
    "SoftwareVersions": "24_LX_MR_Software_release:HD16.0_V02_1131.a",
    "SpacingBetweenSlices": 4,
    "StationName": "MR03MR03",
    "TaskName": "rest",
    "TotalReadoutTime": 0.038304,
    "modality": "bold",
    "session_id": "ControlPost",
    "subject_id": "019",
    "task_id": "rest"
  },
  "dummy_trs": 0,
  "dvars_nstd": 17.15546115694611,
  "dvars_std": 1.2606651979640713,
  "dvars_vstd": 0.956915921856288,
  "efc": 0.47959055749228685,
  "fber": 13101.2392578125,
  "fd_mean": 0.1199524689949529,
  "fd_num": 5,
  "fd_perc": 2.9761904761904763,
  "fwhm_avg": 2.951770121212121,
  "fwhm_x": 2.8599040000000002,
  "fwhm_y": 3.144756363636364,
  "fwhm_z": 2.85065,
  "gcor": 0.0515314,
  "gsr_x": -0.007756535895168781,
  "gsr_y": 0.008542944677174091,
  "provenance": {
    "md5sum": "0358a9c5e83a6624f168c4a21dac4582",
    "settings": {
      "fd_thres": 0.5,
      "hmc_fsl": false
    },
    "software": "mriqc",
    "version": "0.10.4"
  },
  "size_t": 168,
  "size_x": 64,
  "size_y": 64,
  "size_z": 30,
  "snr": 5.298246005575119,
  "spacing_tr": 2.0,
  "spacing_x": 3.4375,
  "spacing_y": 3.4375,
  "spacing_z": 4.0,
  "summary_bg_k": 106.36775691486366,
  "summary_bg_mad": 13.28164291381836,
  "summary_bg_mean": 60.31564712524414,
  "summary_bg_median": 32.136905670166016,
  "summary_bg_n": 68298.0,
  "summary_bg_p05": 0.1547619104385376,
  "summary_bg_p95": 182.66756439208982,
  "summary_bg_stdv": 125.33660125732422,
  "summary_fg_k": 2.8202700261961224,
  "summary_fg_mad": 537.0813598632812,
  "summary_fg_mean": 3622.9677734375,
  "summary_fg_median": 3718.09521484375,
  "summary_fg_n": 27381.0,
  "summary_fg_p05": 2257.351318359375,
  "summary_fg_p95": 4538.982421875,
  "summary_fg_stdv": 701.746826171875,
  "tsnr": 69.30675506591797
}