{
  "aor": 0.024800297619047625,
  "aqi": 0.007845986666666667,
  "bids_meta": {
    "AcquisitionMatrixPE": 64,
    "ConversionSoftware": "dcm2niix",
    "ConversionSoftwareVersion": "v1.0.20171017 (OpenJPEG build) GCC4.8.4",
    "DeviceSerialNumber": "0000000517353VH3",
    "EchoTime": 0.0279,
    "EffectiveEchoSpacing": 0.000608,
    "FlipAngle": 76,
    "ImageOrientationPatientDICOM": [
      1,
      0,
      0,
      0,
      1,
      0
    ],
    "ImageType": [
      "ORIGINAL",
      "PRIMARY",
      "EPI",
      "NONE"
    ],
    "InPlanePhaseEncodingDirectionDICOM": "COL",
    "InstitutionName": "Michigan_State_University",
    "MRAcquisitionType": "2D",
    "MagneticFieldStrength": 3,
    "Manufacturer": "GE",
    "ManufacturersModelName": "Signa_HDxt",
    "Modality": "MR",
    "PatientPosition": "HFS",
    "PercentPhaseFOV": 100,
    "PixelBandwidth": 7812.5,
    "ProtocolName": "fMRI",
    "ReconMatrixPE": 64,
    "RepetitionTime": 2,
    "SAR": 0.225736,
    "ScanOptions": "EPI_GEMS",
    "ScanningSequence": "EP_GR",
    "SequenceVariant": "SS",
    "SeriesDescription": "fMRI",
    "SliceThickness": 4,
    "SoftwareVersions": "24_LX_MR_Software_release:HD16.0_V02_1131.a",
    "SpacingBetweenSlices": 4,
    "StationName": "MR03MR03",
    "TaskName": "flanker",
    "TotalReadoutTime": 0.038304,
    "modality": "bold",
    "run_id": "01",
    "session_id": "ExercisePre",
    "subject_id": "026",
    "task_id": "flanker"
  },
  "dummy_trs": 0,
  "dvars_nstd": 24.53796050395209,
  "dvars_std": 1.2409669786826345,
  "dvars_vstd": 1.1885932928742504,
  "efc": 0.48685330589570797,
  "fber": 6369.54248046875,
  "fd_mean": 0.3921979198453415,
  "fd_num": 37,
  "fd_perc": 22.023809523809526,
  "fwhm_avg": 2.919213090909091,
  "fwhm_x": 2.765108363636364,
  "fwhm_y": 3.367330909090909,
  "fwhm_z": 2.6252,
  "gcor": 0.103382,
  "gsr_x": -0.008978341706097126,
  "gsr_y": 0.014707568101584911,
  "provenance": {
    "md5sum": "af33fd35a07484feaf1e91f0869d7af8",
    "settings": {
      "fd_thres": 0.5,
      "hmc_fsl": false
    },
    "software": "mriqc",
    "version": "0.10.4"
  },
  "size_t": 168,
  "size_x": 64,
  "size_y": 64,
  "size_z": 30,
  "snr": 5.1554146271314565,
  "spacing_tr": 2.0,
  "spacing_x": 3.4375,
  "spacing_y": 3.4375,
  "spacing_z": 4.0,
  "summary_bg_k": 62.297462432968615,
  "summary_bg_mad": 12.628593444824219,
  "summary_bg_mean": 58.23107147216797,
  "summary_bg_median": 34.529762268066406,
  "summary_bg_n": 67673.0,
  "summary_bg_p05": 0.3666666686534903,
  "summary_bg_p95": 189.1285766601556,
  "summary_bg_stdv": 94.28490447998047,
  "summary_fg_k": 2.3190019690870125,
  "summary_fg_mad": 447.1985778808594,
  "summary_fg_mean": 2769.716552734375,
  "summary_fg_median": 2834.9345703125,
  "summary_fg_n": 27497.0,
  "summary_fg_p05": 1765.32265625,
  "summary_fg_p95": 3524.5416992187497,
  "summary_fg_stdv": 549.8845825195312,
  "tsnr": 45.85742950439453
}