{
  "aor": 0.04481857142857142,
  "aqi": 0.009110501726190476,
  "bids_meta": {
    "AcquisitionMatrixPE": 64,
    "ConversionSoftware": "dcm2niix",
    "ConversionSoftwareVersion": "v1.0.20171017 (OpenJPEG build) GCC4.8.4",
    "DeviceSerialNumber": "0000000517353VH3",
    "EchoTime": 0.0279,
    "EffectiveEchoSpacing": 0.000608,
    "FlipAngle": 76,
    "ImageOrientationPatientDICOM": [
      1,
      0,
      0,
      0,
      1,
      0
    ],
    "ImageType": [
      "ORIGINAL",
      "PRIMARY",
      "EPI",
      "NONE"
    ],
    "InPlanePhaseEncodingDirectionDICOM": "COL",
    "InstitutionName": "Michigan_State_University",
    "MRAcquisitionType": "2D",
    "MagneticFieldStrength": 3,
    "Manufacturer": "GE",
    "ManufacturersModelName": "Signa_HDxt",
    "Modality": "MR",
    "PatientPosition": "HFS",
    "PercentPhaseFOV": 100,
    "PixelBandwidth": 7812.5,
    "ProtocolName": "fMRI",
    "ReconMatrixPE": 64,
    "RepetitionTime": 2,
    "SAR": 0.225736,
    "ScanOptions": "EPI_GEMS",
    "ScanningSequence": "EP_GR",
    "SequenceVariant": "SS",
    "SeriesDescription": "fMRI",
    "SliceThickness": 4,
    "SoftwareVersions": "24_LX_MR_Software_release:HD16.0_V02_1131.a",
    "SpacingBetweenSlices": 4,
    "StationName": "MR03MR03",
    "TaskName": "flanker",
    "TotalReadoutTime": 0.038304,
    "modality": "bold",
    "run_id": "02",
    "session_id": "ControlPost",
    "subject_id": "024",
    "task_id": "flanker"
  },
  "dummy_trs": 0,
  "dvars_nstd": 20.187853402155685,
  "dvars_std": 1.259612955389222,
  "dvars_vstd": 1.1541822994011977,
  "efc": 0.4824876218340846,
  "fber": 12279.0,
  "fd_mean": 0.33407706564101486,
  "fd_num": 22,
  "fd_perc": 13.095238095238095,
  "fwhm_avg": 2.984880878787879,
  "fwhm_x": 2.8705076363636364,
  "fwhm_y": 3.3545599999999998,
  "fwhm_z": 2.729575,
  "gcor": 0.0461902,
  "gsr_x": -0.00693845609202981,
  "gsr_y": 0.008262521587312222,
  "provenance": {
    "md5sum": "6274d36005d36c5474759928421a88d1",
    "settings": {
      "fd_thres": 0.5,
      "hmc_fsl": false
    },
    "software": "mriqc",
    "version": "0.10.4"
  },
  "size_t": 168,
  "size_x": 64,
  "size_y": 64,
  "size_z": 30,
  "snr": 5.1298629448215465,
  "spacing_tr": 2.0,
  "spacing_x": 3.4375,
  "spacing_y": 3.4375,
  "spacing_z": 4.0,
  "summary_bg_k": 104.67042066825945,
  "summary_bg_mad": 12.51386833190918,
  "summary_bg_mean": 55.450565338134766,
  "summary_bg_median": 30.386905670166016,
  "summary_bg_n": 67237.0,
  "summary_bg_p05": 0.9047619104385376,
  "summary_bg_p95": 177.83691406249994,
  "summary_bg_stdv": 99.967041015625,
  "summary_fg_k": 2.2026848145317635,
  "summary_fg_mad": 523.6190185546875,
  "summary_fg_mean": 3363.743896484375,
  "summary_fg_median": 3437.9287109375,
  "summary_fg_n": 27720.0,
  "summary_fg_p05": 2118.323034667969,
  "summary_fg_p95": 4330.462744140625,
  "summary_fg_stdv": 670.1673583984375,
  "tsnr": 53.24346160888672
}