{
  "aor": 0.015948214285714284,
  "aqi": 0.017612932499999998,
  "bids_meta": {
    "AcquisitionMatrixPE": 64,
    "ConversionSoftware": "dcm2niix",
    "ConversionSoftwareVersion": "v1.0.20171017 (OpenJPEG build) GCC4.8.4",
    "DeviceSerialNumber": "0000000517353VH3",
    "EchoTime": 0.0279,
    "EffectiveEchoSpacing": 0.000608,
    "FlipAngle": 76,
    "ImageOrientationPatientDICOM": [
      1,
      0,
      0,
      0,
      1,
      0
    ],
    "ImageType": [
      "ORIGINAL",
      "PRIMARY",
      "EPI",
      "NONE"
    ],
    "InPlanePhaseEncodingDirectionDICOM": "COL",
    "InstitutionName": "Michigan_State_University",
    "MRAcquisitionType": "2D",
    "MagneticFieldStrength": 3,
    "Manufacturer": "GE",
    "ManufacturersModelName": "Signa_HDxt",
    "Modality": "MR",
    "PatientPosition": "HFS",
    "PercentPhaseFOV": 100,
    "PixelBandwidth": 7812.5,
    "ProtocolName": "fMRI",
    "ReconMatrixPE": 64,
    "RepetitionTime": 2,
    "SAR": 0.225736,
    "ScanOptions": "EPI_GEMS",
    "ScanningSequence": "EP_GR",
    "SequenceVariant": "SS",
    "SeriesDescription": "fMRI",
    "SliceThickness": 4,
    "SoftwareVersions": "24_LX_MR_Software_release:HD16.0_V02_1131.a",
    "SpacingBetweenSlices": 4,
    "StationName": "MR03MR03",
    "TaskName": "flanker",
    "TotalReadoutTime": 0.038304,
    "modality": "bold",
    "run_id": "01",
    "session_id": "ControlPost",
    "subject_id": "048",
    "task_id": "flanker"
  },
  "dummy_trs": 0,
  "dvars_nstd": 22.20458087233534,
  "dvars_std": 0.871904476347306,
  "dvars_vstd": 0.9036786249700601,
  "efc": 0.4472994362936712,
  "fber": 12714.74609375,
  "fd_mean": 0.4248736022982999,
  "fd_num": 30,
  "fd_perc": 17.857142857142858,
  "fwhm_avg": 2.9944177272727273,
  "fwhm_x": 2.943563636363636,
  "fwhm_y": 3.3368145454545455,
  "fwhm_z": 2.702875,
  "gcor": 0.0730782,
  "gsr_x": -0.006267094984650612,
  "gsr_y": 0.006679918617010117,
  "provenance": {
    "md5sum": "62b2a8eb22acb96453a3b37f7d2826df",
    "settings": {
      "fd_thres": 0.5,
      "hmc_fsl": false
    },
    "software": "mriqc",
    "version": "0.10.4"
  },
  "size_t": 168,
  "size_x": 64,
  "size_y": 64,
  "size_z": 30,
  "snr": 5.066411345039162,
  "spacing_tr": 2.0,
  "spacing_x": 3.4375,
  "spacing_y": 3.4375,
  "spacing_z": 4.0,
  "summary_bg_k": 79.16337614462985,
  "summary_bg_mad": 11.225419044494629,
  "summary_bg_mean": 44.37249755859375,
  "summary_bg_median": 24.196428298950195,
  "summary_bg_n": 72324.0,
  "summary_bg_p05": 1.8333333730697632,
  "summary_bg_p95": 140.86517868041935,
  "summary_bg_stdv": 77.34113311767578,
  "summary_fg_k": 2.5620685229726936,
  "summary_fg_mad": 402.68505859375,
  "summary_fg_mean": 2685.378173828125,
  "summary_fg_median": 2765.006103515625,
  "summary_fg_n": 23387.0,
  "summary_fg_p05": 1599.141711425781,
  "summary_fg_p95": 3407.59833984375,
  "summary_fg_stdv": 545.74072265625,
  "tsnr": 37.16278839111328
}