{
  "bids_meta": {
    "AcquisitionMatrixPE": 256,
    "ConversionSoftware": "dcm2niix",
    "ConversionSoftwareVersion": "v1.0.20171017 (OpenJPEG build) GCC4.8.4",
    "DeviceSerialNumber": "0000000517353VH3",
    "EchoTime": 0.003828,
    "FlipAngle": 8,
    "ImageOrientationPatientDICOM": [
      0,
      1,
      0,
      0,
      0,
      -1
    ],
    "ImageType": [
      "ORIGINAL",
      "PRIMARY",
      "OTHER"
    ],
    "InPlanePhaseEncodingDirectionDICOM": "ROW",
    "InstitutionName": "Michigan_State_University",
    "InversionTime": 0.04,
    "MRAcquisitionType": "3D",
    "MagneticFieldStrength": 3,
    "Manufacturer": "GE",
    "ManufacturersModelName": "Signa_HDxt",
    "Modality": "MR",
    "PatientPosition": "HFS",
    "PercentPhaseFOV": 100,
    "PixelBandwidth": 162.734,
    "ProtocolName": "mprage_1mm_iso_20.83_bw",
    "ReconMatrixPE": 256,
    "RepetitionTime": 0.008596,
    "SAR": 0.306132,
    "ScanOptions": "NONE",
    "ScanningSequence": "RM",
    "SequenceVariant": "NONE",
    "SeriesDescription": "mprage_1mm_iso_20.83_bw",
    "SliceThickness": 1,
    "SoftwareVersions": "24_LX_MR_Software_release:HD16.0_V02_1131.a",
    "SpacingBetweenSlices": 1,
    "StationName": "MR03MR03",
    "modality": "T1w",
    "session_id": "ExercisePre",
    "subject_id": "050"
  },
  "cjv": 0.2883701820570884,
  "cnr": 4.424431769125269,
  "efc": 0.5770634002432979,
  "fber": 106.77566528320312,
  "fwhm_avg": 3.85327,
  "fwhm_x": 3.60357,
  "fwhm_y": 4.1766,
  "fwhm_z": 3.77964,
  "icvs_csf": 0.18629583898051227,
  "icvs_gm": 0.48013529791011317,
  "icvs_wm": 0.33356886310937456,
  "inu_med": 0.8874161243438721,
  "inu_range": 0.3103475600481034,
  "provenance": {
    "md5sum": "1834379f8ff8414c94a04eac75bc8540",
    "settings": {
      "testing": false
    },
    "software": "mriqc",
    "version": "0.10.4",
    "warnings": {
      "large_rot_frame": true,
      "small_air_mask": false
    }
  },
  "qi_1": 0.0,
  "qi_2": 0.001090714405587621,
  "rpve_csf": 29.14344231697666,
  "rpve_gm": 13.107510277636989,
  "rpve_wm": 21.068309384519992,
  "size_x": 180,
  "size_y": 256,
  "size_z": 256,
  "snr_csf": 2.326651541708254,
  "snr_gm": 10.650393664177079,
  "snr_total": 10.941717053303215,
  "snr_wm": 19.84810595402431,
  "snrd_csf": 15.43196916013135,
  "snrd_gm": 32.2935816344179,
  "snrd_total": 32.57528161860217,
  "snrd_wm": 50.00029406125728,
  "spacing_x": 1.0,
  "spacing_y": 1.0,
  "spacing_z": 1.0,
  "summary_bg_k": 1.0201088450034224,
  "summary_bg_mad": 13.102852821350098,
  "summary_bg_mean": 51.28678512573242,
  "summary_bg_median": 50.339996337890625,
  "summary_bg_n": 2801848.0,
  "summary_bg_p05": 31.11295585632324,
  "summary_bg_p95": 75.10973892211913,
  "summary_bg_stdv": 13.805499076843262,
  "summary_csf_k": 1.393574468844169,
  "summary_csf_mad": 143.3929443359375,
  "summary_csf_mean": 321.27520751953125,
  "summary_csf_median": 308.642333984375,
  "summary_csf_n": 10797.0,
  "summary_csf_p05": 142.59908752441407,
  "summary_csf_p95": 539.0927734374995,
  "summary_csf_stdv": 132.64901733398438,
  "summary_gm_k": 0.20676408502270505,
  "summary_gm_mad": 58.84991455078125,
  "summary_gm_mean": 646.4539184570312,
  "summary_gm_median": 645.8778076171875,
  "summary_gm_n": 43941.0,
  "summary_gm_p05": 547.7691650390625,
  "summary_gm_p95": 748.0177001953125,
  "summary_gm_stdv": 60.64287185668945,
  "summary_wm_k": 1.033733019250005,
  "summary_wm_mad": 43.27281951904297,
  "summary_wm_mean": 996.7146606445312,
  "summary_wm_median": 1000.0154418945312,
  "summary_wm_n": 160939.0,
  "summary_wm_p05": 904.2967224121094,
  "summary_wm_p95": 1073.0878662109376,
  "summary_wm_stdv": 50.383262634277344,
  "tpm_overlap_csf": 0.2101425975561142,
  "tpm_overlap_gm": 0.5417741537094116,
  "tpm_overlap_wm": 0.53956139087677,
  "wm2max": 0.7075749825412994
}