{
  "aor": 0.007965952380952383,
  "aqi": 0.0031682201190476192,
  "bids_meta": {
    "AcquisitionMatrixPE": 64,
    "ConversionSoftware": "dcm2niix",
    "ConversionSoftwareVersion": "v1.0.20171017 (OpenJPEG build) GCC4.8.4",
    "DeviceSerialNumber": "0000000517353VH3",
    "EchoTime": 0.0279,
    "EffectiveEchoSpacing": 0.000608,
    "FlipAngle": 76,
    "ImageOrientationPatientDICOM": [
      1,
      0,
      0,
      0,
      1,
      0
    ],
    "ImageType": [
      "ORIGINAL",
      "PRIMARY",
      "EPI",
      "NONE"
    ],
    "InPlanePhaseEncodingDirectionDICOM": "COL",
    "InstitutionName": "Michigan_State_University",
    "MRAcquisitionType": "2D",
    "MagneticFieldStrength": 3,
    "Manufacturer": "GE",
    "ManufacturersModelName": "Signa_HDxt",
    "Modality": "MR",
    "PatientPosition": "HFS",
    "PercentPhaseFOV": 100,
    "PixelBandwidth": 7812.5,
    "ProtocolName": "fMRI",
    "ReconMatrixPE": 64,
    "RepetitionTime": 2,
    "SAR": 0.225736,
    "ScanOptions": "EPI_GEMS",
    "ScanningSequence": "EP_GR",
    "SequenceVariant": "SS",
    "SeriesDescription": "fMRI",
    "SliceThickness": 4,
    "SoftwareVersions": "24_LX_MR_Software_release:HD16.0_V02_1131.a",
    "SpacingBetweenSlices": 4,
    "StationName": "MR03MR03",
    "TaskName": "flanker",
    "TotalReadoutTime": 0.038304,
    "modality": "bold",
    "run_id": "02",
    "session_id": "ExercisePost",
    "subject_id": "050",
    "task_id": "flanker"
  },
  "dummy_trs": 0,
  "dvars_nstd": 14.462675283113777,
  "dvars_std": 1.2833072761676645,
  "dvars_vstd": 1.022694049401197,
  "efc": 0.46077078251149994,
  "fber": 12449.05859375,
  "fd_mean": 0.15246707787995142,
  "fd_num": 8,
  "fd_perc": 4.761904761904762,
  "fwhm_avg": 3.0390207575757575,
  "fwhm_x": 2.9935709090909093,
  "fwhm_y": 3.3665163636363635,
  "fwhm_z": 2.756975,
  "gcor": 0.0346548,
  "gsr_x": -0.0076484400779008865,
  "gsr_y": 0.01028590090572834,
  "provenance": {
    "md5sum": "5bcb85c5ae3cd56aba106a0dab97068e",
    "settings": {
      "fd_thres": 0.5,
      "hmc_fsl": false
    },
    "software": "mriqc",
    "version": "0.10.4"
  },
  "size_t": 168,
  "size_x": 64,
  "size_y": 64,
  "size_z": 30,
  "snr": 4.918498158265084,
  "spacing_tr": 2.0,
  "spacing_x": 3.4375,
  "spacing_y": 3.4375,
  "spacing_z": 4.0,
  "summary_bg_k": 79.92817572082062,
  "summary_bg_mad": 9.866365432739258,
  "summary_bg_mean": 51.160484313964844,
  "summary_bg_median": 25.053571701049805,
  "summary_bg_n": 70638.0,
  "summary_bg_p05": 0.2261904776096344,
  "summary_bg_p95": 180.94226074218744,
  "summary_bg_stdv": 102.59001159667969,
  "summary_fg_k": 2.204009323645055,
  "summary_fg_mad": 422.2947692871094,
  "summary_fg_mean": 2761.4501953125,
  "summary_fg_median": 2873.869140625,
  "summary_fg_n": 24787.0,
  "summary_fg_p05": 1546.0322021484376,
  "summary_fg_p95": 3491.555444335937,
  "summary_fg_stdv": 584.2863159179688,
  "tsnr": 93.68984985351562
}