{
  "aor": 0.015538511904761906,
  "aqi": 0.021609983333333332,
  "bids_meta": {
    "AcquisitionMatrixPE": 64,
    "ConversionSoftware": "dcm2niix",
    "ConversionSoftwareVersion": "v1.0.20171017 (OpenJPEG build) GCC4.8.4",
    "DeviceSerialNumber": "0000000517353VH3",
    "EchoTime": 0.0279,
    "EffectiveEchoSpacing": 0.000608,
    "FlipAngle": 76,
    "ImageOrientationPatientDICOM": [
      1,
      0,
      0,
      0,
      1,
      0
    ],
    "ImageType": [
      "ORIGINAL",
      "PRIMARY",
      "EPI",
      "NONE"
    ],
    "InPlanePhaseEncodingDirectionDICOM": "COL",
    "InstitutionName": "Michigan_State_University",
    "MRAcquisitionType": "2D",
    "MagneticFieldStrength": 3,
    "Manufacturer": "GE",
    "ManufacturersModelName": "Signa_HDxt",
    "Modality": "MR",
    "PatientPosition": "HFS",
    "PercentPhaseFOV": 100,
    "PixelBandwidth": 7812.5,
    "ProtocolName": "fMRI",
    "ReconMatrixPE": 64,
    "RepetitionTime": 2,
    "SAR": 0.225736,
    "ScanOptions": "EPI_GEMS",
    "ScanningSequence": "EP_GR",
    "SequenceVariant": "SS",
    "SeriesDescription": "fMRI",
    "SliceThickness": 4,
    "SoftwareVersions": "24_LX_MR_Software_release:HD16.0_V02_1131.a",
    "SpacingBetweenSlices": 4,
    "StationName": "MR03MR03",
    "TaskName": "flanker",
    "TotalReadoutTime": 0.038304,
    "modality": "bold",
    "run_id": "02",
    "session_id": "ControlPost",
    "subject_id": "042",
    "task_id": "flanker"
  },
  "dummy_trs": 0,
  "dvars_nstd": 33.04957220215567,
  "dvars_std": 0.9799232053892215,
  "dvars_vstd": 0.9329251767664674,
  "efc": 0.4743214686045272,
  "fber": 11083.4609375,
  "fd_mean": 0.7064451215901366,
  "fd_num": 58,
  "fd_perc": 34.523809523809526,
  "fwhm_avg": 3.047352151515152,
  "fwhm_x": 2.8933905454545457,
  "fwhm_y": 3.510690909090909,
  "fwhm_z": 2.737975,
  "gcor": 0.0771437,
  "gsr_x": -0.009046100080013275,
  "gsr_y": 0.01396691519767046,
  "provenance": {
    "md5sum": "bf47b7c65d983f97e93e9868341edb0a",
    "settings": {
      "fd_thres": 0.5,
      "hmc_fsl": false
    },
    "software": "mriqc",
    "version": "0.10.4"
  },
  "size_t": 168,
  "size_x": 64,
  "size_y": 64,
  "size_z": 30,
  "snr": 5.08174478552831,
  "spacing_tr": 2.0,
  "spacing_x": 3.4375,
  "spacing_y": 3.4375,
  "spacing_z": 4.0,
  "summary_bg_k": 68.91762553354961,
  "summary_bg_mad": 13.219871520996094,
  "summary_bg_mean": 52.68942642211914,
  "summary_bg_median": 26.81547737121582,
  "summary_bg_n": 68897.0,
  "summary_bg_p05": 1.3690476417541504,
  "summary_bg_p95": 180.69166870117178,
  "summary_bg_stdv": 86.8199462890625,
  "summary_fg_k": 2.293586706634531,
  "summary_fg_mad": 466.9844055175781,
  "summary_fg_mean": 2792.354248046875,
  "summary_fg_median": 2875.139892578125,
  "summary_fg_n": 26586.0,
  "summary_fg_p05": 1731.1950073242188,
  "summary_fg_p95": 3530.994140625,
  "summary_fg_stdv": 565.7674560546875,
  "tsnr": 30.231159210205078
}