{
  "aor": 0.0014095833333333332,
  "aqi": 0.0027578905357142857,
  "bids_meta": {
    "AcquisitionMatrixPE": 64,
    "ConversionSoftware": "dcm2niix",
    "ConversionSoftwareVersion": "v1.0.20171017 (OpenJPEG build) GCC4.8.4",
    "DeviceSerialNumber": "0000000517353VH3",
    "EchoTime": 0.0279,
    "EffectiveEchoSpacing": 0.000608,
    "FlipAngle": 76,
    "ImageOrientationPatientDICOM": [
      1,
      0,
      0,
      0,
      1,
      0
    ],
    "ImageType": [
      "ORIGINAL",
      "PRIMARY",
      "EPI",
      "NONE"
    ],
    "InPlanePhaseEncodingDirectionDICOM": "COL",
    "InstitutionName": "Michigan_State_University",
    "MRAcquisitionType": "2D",
    "MagneticFieldStrength": 3,
    "Manufacturer": "GE",
    "ManufacturersModelName": "Signa_HDxt",
    "Modality": "MR",
    "PatientPosition": "HFS",
    "PercentPhaseFOV": 100,
    "PixelBandwidth": 7812.5,
    "ProtocolName": "fMRI",
    "ReconMatrixPE": 64,
    "RepetitionTime": 2,
    "SAR": 0.225736,
    "ScanOptions": "EPI_GEMS",
    "ScanningSequence": "EP_GR",
    "SequenceVariant": "SS",
    "SeriesDescription": "fMRI",
    "SliceThickness": 4,
    "SoftwareVersions": "24_LX_MR_Software_release:HD16.0_V02_1131.a",
    "SpacingBetweenSlices": 4,
    "StationName": "MR03MR03",
    "TaskName": "flanker",
    "TotalReadoutTime": 0.038304,
    "modality": "bold",
    "run_id": "02",
    "session_id": "ExercisePre",
    "subject_id": "023",
    "task_id": "flanker"
  },
  "dummy_trs": 0,
  "dvars_nstd": 14.201314646407182,
  "dvars_std": 1.2252124734131735,
  "dvars_vstd": 0.9838211098802395,
  "efc": 0.4767335791024152,
  "fber": 11110.23828125,
  "fd_mean": 0.09446947198191392,
  "fd_num": 0,
  "fd_perc": 0.0,
  "fwhm_avg": 2.8945175757575754,
  "fwhm_x": 2.8390254545454545,
  "fwhm_y": 3.1895272727272728,
  "fwhm_z": 2.655,
  "gcor": 0.0277937,
  "gsr_x": -0.0058754985220730305,
  "gsr_y": 0.009261490777134895,
  "provenance": {
    "md5sum": "2fcd38d789783a6b5b27b6136c64f3ea",
    "settings": {
      "fd_thres": 0.5,
      "hmc_fsl": false
    },
    "software": "mriqc",
    "version": "0.10.4"
  },
  "size_t": 168,
  "size_x": 64,
  "size_y": 64,
  "size_z": 30,
  "snr": 5.28098834045941,
  "spacing_tr": 2.0,
  "spacing_x": 3.4375,
  "spacing_y": 3.4375,
  "spacing_z": 4.0,
  "summary_bg_k": 95.9164112456691,
  "summary_bg_mad": 11.61371898651123,
  "summary_bg_mean": 51.32175827026367,
  "summary_bg_median": 28.35714340209961,
  "summary_bg_n": 68106.0,
  "summary_bg_p05": 0.0595238097012043,
  "summary_bg_p95": 166.76041412353516,
  "summary_bg_stdv": 87.40228271484375,
  "summary_fg_k": 3.116517879818189,
  "summary_fg_mad": 434.58795166015625,
  "summary_fg_mean": 2954.85986328125,
  "summary_fg_median": 3054.95849609375,
  "summary_fg_n": 26824.0,
  "summary_fg_p05": 1806.3247680664062,
  "summary_fg_p95": 3678.8681518554686,
  "summary_fg_stdv": 578.4715576171875,
  "tsnr": 109.37252044677734
}