{
  "bids_meta": {
    "AcquisitionMatrixPE": 256,
    "ConversionSoftware": "dcm2niix",
    "ConversionSoftwareVersion": "v1.0.20171017 (OpenJPEG build) GCC4.8.4",
    "DeviceSerialNumber": "0000000517353VH3",
    "EchoTime": 0.003828,
    "FlipAngle": 8,
    "ImageOrientationPatientDICOM": [
      0,
      1,
      0,
      0,
      0,
      -1
    ],
    "ImageType": [
      "ORIGINAL",
      "PRIMARY",
      "OTHER"
    ],
    "InPlanePhaseEncodingDirectionDICOM": "ROW",
    "InstitutionName": "Michigan_State_University",
    "InversionTime": 0.04,
    "MRAcquisitionType": "3D",
    "MagneticFieldStrength": 3,
    "Manufacturer": "GE",
    "ManufacturersModelName": "Signa_HDxt",
    "Modality": "MR",
    "PatientPosition": "HFS",
    "PercentPhaseFOV": 100,
    "PixelBandwidth": 162.734,
    "ProtocolName": "mprage_1mm_iso_20.83_bw",
    "ReconMatrixPE": 256,
    "RepetitionTime": 0.008596,
    "SAR": 0.306132,
    "ScanOptions": "NONE",
    "ScanningSequence": "RM",
    "SequenceVariant": "NONE",
    "SeriesDescription": "mprage_1mm_iso_20.83_bw",
    "SliceThickness": 1,
    "SoftwareVersions": "24_LX_MR_Software_release:HD16.0_V02_1131.a",
    "SpacingBetweenSlices": 1,
    "StationName": "MR03MR03",
    "modality": "T1w",
    "session_id": "ExercisePre",
    "subject_id": "026"
  },
  "cjv": 0.24707546800162622,
  "cnr": 4.682208750641958,
  "efc": 0.5851691426357011,
  "fber": 86.4695816040039,
  "fwhm_avg": 3.7973466666666664,
  "fwhm_x": 3.69474,
  "fwhm_y": 4.06071,
  "fwhm_z": 3.63659,
  "icvs_csf": 0.16446583531309533,
  "icvs_gm": 0.5076822577196071,
  "icvs_wm": 0.32785190696729755,
  "inu_med": 1.042364478111267,
  "inu_range": 0.29812659621238713,
  "provenance": {
    "md5sum": "47fac836f9dc7805e3e50184782e97ff",
    "settings": {
      "testing": false
    },
    "software": "mriqc",
    "version": "0.10.4",
    "warnings": {
      "large_rot_frame": true,
      "small_air_mask": false
    }
  },
  "qi_1": 0.0,
  "qi_2": 0.0008721584903432397,
  "rpve_csf": 30.34850447724069,
  "rpve_gm": 11.799238951408102,
  "rpve_wm": 19.85615223105119,
  "size_x": 180,
  "size_y": 256,
  "size_z": 256,
  "snr_csf": 1.9542993156000958,
  "snr_gm": 10.49674344995607,
  "snr_total": 8.800481792876452,
  "snr_wm": 13.950402613073193,
  "snrd_csf": 10.727386893626438,
  "snrd_gm": 27.876896531044373,
  "snrd_total": 29.07956901124307,
  "snrd_wm": 48.6344236090584,
  "spacing_x": 1.0,
  "spacing_y": 1.0,
  "spacing_z": 1.0,
  "summary_bg_k": 0.5370185563990022,
  "summary_bg_mad": 13.470746994018555,
  "summary_bg_mean": 50.44243240356445,
  "summary_bg_median": 49.41492462158203,
  "summary_bg_n": 2676277.0,
  "summary_bg_p05": 30.236375045776366,
  "summary_bg_p95": 74.41383056640625,
  "summary_bg_stdv": 13.750226020812988,
  "summary_csf_k": 0.1790545457401138,
  "summary_csf_mad": 113.97550964355469,
  "summary_csf_mean": 247.85594177246094,
  "summary_csf_median": 220.57379150390625,
  "summary_csf_n": 7168.0,
  "summary_csf_p05": 105.89708824157715,
  "summary_csf_p95": 449.95830230712886,
  "summary_csf_stdv": 112.85804748535156,
  "summary_gm_k": 0.2840522277071238,
  "summary_gm_mad": 53.13153076171875,
  "summary_gm_mean": 575.0987548828125,
  "summary_gm_median": 573.1976318359375,
  "summary_gm_n": 53250.0,
  "summary_gm_p05": 488.4438140869141,
  "summary_gm_p95": 667.0439086914062,
  "summary_gm_stdv": 54.60667419433594,
  "summary_wm_k": 0.8760740652871073,
  "summary_wm_mad": 52.32299041748047,
  "summary_wm_mean": 982.8682250976562,
  "summary_wm_median": 1000.0086059570312,
  "summary_wm_n": 167871.0,
  "summary_wm_p05": 830.2304992675781,
  "summary_wm_p95": 1070.6038818359375,
  "summary_wm_stdv": 71.68292236328125,
  "tpm_overlap_csf": 0.22307096421718597,
  "tpm_overlap_gm": 0.5494062304496765,
  "tpm_overlap_wm": 0.5514728426933289,
  "wm2max": 0.6544497366250037
}