{
  "aor": 0.035107321428571425,
  "aqi": 0.009138207916666665,
  "bids_meta": {
    "AcquisitionMatrixPE": 64,
    "ConversionSoftware": "dcm2niix",
    "ConversionSoftwareVersion": "v1.0.20171017 (OpenJPEG build) GCC4.8.4",
    "DeviceSerialNumber": "0000000517353VH3",
    "EchoTime": 0.0279,
    "EffectiveEchoSpacing": 0.000608,
    "FlipAngle": 76,
    "ImageOrientationPatientDICOM": [
      1,
      0,
      0,
      0,
      1,
      0
    ],
    "ImageType": [
      "ORIGINAL",
      "PRIMARY",
      "EPI",
      "NONE"
    ],
    "InPlanePhaseEncodingDirectionDICOM": "COL",
    "InstitutionName": "Michigan_State_University",
    "MRAcquisitionType": "2D",
    "MagneticFieldStrength": 3,
    "Manufacturer": "GE",
    "ManufacturersModelName": "Signa_HDxt",
    "Modality": "MR",
    "PatientPosition": "HFS",
    "PercentPhaseFOV": 100,
    "PixelBandwidth": 7812.5,
    "ProtocolName": "fMRI",
    "ReconMatrixPE": 64,
    "RepetitionTime": 2,
    "SAR": 0.225736,
    "ScanOptions": "EPI_GEMS",
    "ScanningSequence": "EP_GR",
    "SequenceVariant": "SS",
    "SeriesDescription": "fMRI",
    "SliceThickness": 4,
    "SoftwareVersions": "24_LX_MR_Software_release:HD16.0_V02_1131.a",
    "SpacingBetweenSlices": 4,
    "StationName": "MR03MR03",
    "TaskName": "flanker",
    "TotalReadoutTime": 0.038304,
    "modality": "bold",
    "run_id": "01",
    "session_id": "ExercisePre",
    "subject_id": "008",
    "task_id": "flanker"
  },
  "dummy_trs": 0,
  "dvars_nstd": 22.497955624670656,
  "dvars_std": 1.2350108376646705,
  "dvars_vstd": 1.0788064665868262,
  "efc": 0.48351942651068264,
  "fber": 11087.9921875,
  "fd_mean": 0.32024289443593057,
  "fd_num": 23,
  "fd_perc": 13.69047619047619,
  "fwhm_avg": 2.8339731515151514,
  "fwhm_x": 2.7711185454545455,
  "fwhm_y": 3.068450909090909,
  "fwhm_z": 2.66235,
  "gcor": 0.0696009,
  "gsr_x": -0.007887033745646477,
  "gsr_y": 0.010113843716681004,
  "provenance": {
    "md5sum": "2fccf145e7766934e8a2f8b129fbb271",
    "settings": {
      "fd_thres": 0.5,
      "hmc_fsl": false
    },
    "software": "mriqc",
    "version": "0.10.4"
  },
  "size_t": 168,
  "size_x": 64,
  "size_y": 64,
  "size_z": 30,
  "snr": 5.399723888413371,
  "spacing_tr": 2.0,
  "spacing_x": 3.4375,
  "spacing_y": 3.4375,
  "spacing_z": 4.0,
  "summary_bg_k": 75.51006477002852,
  "summary_bg_mad": 18.19717788696289,
  "summary_bg_mean": 87.40066528320312,
  "summary_bg_median": 42.85714340209961,
  "summary_bg_n": 68199.0,
  "summary_bg_p05": 0.6607142686843872,
  "summary_bg_p95": 307.0851287841797,
  "summary_bg_stdv": 167.03846740722656,
  "summary_fg_k": 2.40548997968138,
  "summary_fg_mad": 738.949462890625,
  "summary_fg_mean": 4559.25,
  "summary_fg_median": 4604.9462890625,
  "summary_fg_n": 27228.0,
  "summary_fg_p05": 3095.464306640625,
  "summary_fg_p95": 5807.813085937498,
  "summary_fg_stdv": 852.7957763671875,
  "tsnr": 50.958099365234375
}