{
  "aor": 0.006889107142857143,
  "aqi": 0.0024997821666666665,
  "bids_meta": {
    "AcquisitionMatrixPE": 64,
    "ConversionSoftware": "dcm2niix",
    "ConversionSoftwareVersion": "v1.0.20171017 (OpenJPEG build) GCC4.8.4",
    "DeviceSerialNumber": "0000000517353VH3",
    "EchoTime": 0.0279,
    "EffectiveEchoSpacing": 0.000608,
    "FlipAngle": 76,
    "ImageOrientationPatientDICOM": [
      1,
      0,
      0,
      0,
      1,
      0
    ],
    "ImageType": [
      "ORIGINAL",
      "PRIMARY",
      "EPI",
      "NONE"
    ],
    "InPlanePhaseEncodingDirectionDICOM": "COL",
    "InstitutionName": "Michigan_State_University",
    "MRAcquisitionType": "2D",
    "MagneticFieldStrength": 3,
    "Manufacturer": "GE",
    "ManufacturersModelName": "Signa_HDxt",
    "Modality": "MR",
    "PatientPosition": "HFS",
    "PercentPhaseFOV": 100,
    "PixelBandwidth": 7812.5,
    "ProtocolName": "fMRI",
    "ReconMatrixPE": 64,
    "RepetitionTime": 2,
    "SAR": 0.225736,
    "ScanOptions": "EPI_GEMS",
    "ScanningSequence": "EP_GR",
    "SequenceVariant": "SS",
    "SeriesDescription": "fMRI",
    "SliceThickness": 4,
    "SoftwareVersions": "24_LX_MR_Software_release:HD16.0_V02_1131.a",
    "SpacingBetweenSlices": 4,
    "StationName": "MR03MR03",
    "TaskName": "rest",
    "TotalReadoutTime": 0.038304,
    "modality": "bold",
    "session_id": "ControlPre",
    "subject_id": "046",
    "task_id": "rest"
  },
  "dummy_trs": 0,
  "dvars_nstd": 16.70227256371257,
  "dvars_std": 1.5233349534131742,
  "dvars_vstd": 1.0849605831137725,
  "efc": 0.49552060781261453,
  "fber": 10114.05859375,
  "fd_mean": 0.07948909711029033,
  "fd_num": 0,
  "fd_perc": 0.0,
  "fwhm_avg": 3.0375927272727274,
  "fwhm_x": 2.9941527272727275,
  "fwhm_y": 3.4366254545454544,
  "fwhm_z": 2.682,
  "gcor": 0.021623,
  "gsr_x": -0.007165858987718821,
  "gsr_y": 0.006982927210628986,
  "provenance": {
    "md5sum": "d210d02308d82db7816525e4fc4032d7",
    "settings": {
      "fd_thres": 0.5,
      "hmc_fsl": false
    },
    "software": "mriqc",
    "version": "0.10.4"
  },
  "size_t": 168,
  "size_x": 64,
  "size_y": 64,
  "size_z": 30,
  "snr": 4.5479948937796255,
  "spacing_tr": 2.0,
  "spacing_x": 3.4375,
  "spacing_y": 3.4375,
  "spacing_z": 4.0,
  "summary_bg_k": 60.78391395177135,
  "summary_bg_mad": 14.667174339294434,
  "summary_bg_mean": 60.917877197265625,
  "summary_bg_median": 27.880952835083008,
  "summary_bg_n": 65461.0,
  "summary_bg_p05": 0.0476190485060215,
  "summary_bg_p95": 216.07142639160156,
  "summary_bg_stdv": 116.19749450683594,
  "summary_fg_k": 1.6011678847420336,
  "summary_fg_mad": 499.116455078125,
  "summary_fg_mean": 2796.346923828125,
  "summary_fg_median": 2911.3095703125,
  "summary_fg_n": 28395.0,
  "summary_fg_p05": 1490.1851806640625,
  "summary_fg_p95": 3616.199365234375,
  "summary_fg_stdv": 640.1190795898438,
  "tsnr": 105.63764953613281
}