{
  "aor": 0.046133630952380954,
  "aqi": 0.028625931785714286,
  "bids_meta": {
    "AcquisitionMatrixPE": 64,
    "ConversionSoftware": "dcm2niix",
    "ConversionSoftwareVersion": "v1.0.20171017 (OpenJPEG build) GCC4.8.4",
    "DeviceSerialNumber": "0000000517353VH3",
    "EchoTime": 0.0279,
    "EffectiveEchoSpacing": 0.000608,
    "FlipAngle": 76,
    "ImageOrientationPatientDICOM": [
      1,
      0,
      0,
      0,
      1,
      0
    ],
    "ImageType": [
      "ORIGINAL",
      "PRIMARY",
      "EPI",
      "NONE"
    ],
    "InPlanePhaseEncodingDirectionDICOM": "COL",
    "InstitutionName": "Michigan_State_University",
    "MRAcquisitionType": "2D",
    "MagneticFieldStrength": 3,
    "Manufacturer": "GE",
    "ManufacturersModelName": "Signa_HDxt",
    "Modality": "MR",
    "PatientPosition": "HFS",
    "PercentPhaseFOV": 100,
    "PixelBandwidth": 7812.5,
    "ProtocolName": "fMRI",
    "ReconMatrixPE": 64,
    "RepetitionTime": 2,
    "SAR": 0.225736,
    "ScanOptions": "EPI_GEMS",
    "ScanningSequence": "EP_GR",
    "SequenceVariant": "SS",
    "SeriesDescription": "fMRI",
    "SliceThickness": 4,
    "SoftwareVersions": "24_LX_MR_Software_release:HD16.0_V02_1131.a",
    "SpacingBetweenSlices": 4,
    "StationName": "MR03MR03",
    "TaskName": "flanker",
    "TotalReadoutTime": 0.038304,
    "modality": "bold",
    "run_id": "01",
    "session_id": "ExercisePost",
    "subject_id": "014",
    "task_id": "flanker"
  },
  "dummy_trs": 0,
  "dvars_nstd": 34.58623604580837,
  "dvars_std": 1.12787471005988,
  "dvars_vstd": 1.3343732017365273,
  "efc": 0.44615385169867056,
  "fber": 12639.099609375,
  "fd_mean": 0.6288299957186442,
  "fd_num": 45,
  "fd_perc": 26.785714285714285,
  "fwhm_avg": 2.977276575757576,
  "fwhm_x": 2.8385774545454545,
  "fwhm_y": 3.2967272727272725,
  "fwhm_z": 2.796525,
  "gcor": 0.0738647,
  "gsr_x": -0.008087542839348316,
  "gsr_y": 0.006248604506254196,
  "provenance": {
    "md5sum": "a23d322a69022a3ee12733839029d3bd",
    "settings": {
      "fd_thres": 0.5,
      "hmc_fsl": false
    },
    "software": "mriqc",
    "version": "0.10.4"
  },
  "size_t": 168,
  "size_x": 64,
  "size_y": 64,
  "size_z": 30,
  "snr": 5.2091556036396796,
  "spacing_tr": 2.0,
  "spacing_x": 3.4375,
  "spacing_y": 3.4375,
  "spacing_z": 4.0,
  "summary_bg_k": 70.80536350167857,
  "summary_bg_mad": 14.640697479248047,
  "summary_bg_mean": 66.93881225585938,
  "summary_bg_median": 33.83928680419922,
  "summary_bg_n": 73355.0,
  "summary_bg_p05": 1.6607142686843872,
  "summary_bg_p95": 219.838104248047,
  "summary_bg_stdv": 123.82718658447266,
  "summary_fg_k": 3.2157192802558603,
  "summary_fg_mad": 580.7388305664062,
  "summary_fg_mean": 3754.077392578125,
  "summary_fg_median": 3878.392822265625,
  "summary_fg_n": 22839.0,
  "summary_fg_p05": 2288.1327636718747,
  "summary_fg_p95": 4666.31083984375,
  "summary_fg_stdv": 744.517578125,
  "tsnr": 28.526899337768555
}