{
  "aor": 0.0026461904761904765,
  "aqi": 0.002189816130952381,
  "bids_meta": {
    "AcquisitionMatrixPE": 64,
    "ConversionSoftware": "dcm2niix",
    "ConversionSoftwareVersion": "v1.0.20171017 (OpenJPEG build) GCC4.8.4",
    "DeviceSerialNumber": "0000000517353VH3",
    "EchoTime": 0.0279,
    "EffectiveEchoSpacing": 0.000608,
    "FlipAngle": 76,
    "ImageOrientationPatientDICOM": [
      1,
      0,
      0,
      0,
      1,
      0
    ],
    "ImageType": [
      "ORIGINAL",
      "PRIMARY",
      "EPI",
      "NONE"
    ],
    "InPlanePhaseEncodingDirectionDICOM": "COL",
    "InstitutionName": "Michigan_State_University",
    "MRAcquisitionType": "2D",
    "MagneticFieldStrength": 3,
    "Manufacturer": "GE",
    "ManufacturersModelName": "Signa_HDxt",
    "Modality": "MR",
    "PatientPosition": "HFS",
    "PercentPhaseFOV": 100,
    "PixelBandwidth": 7812.5,
    "ProtocolName": "fMRI",
    "ReconMatrixPE": 64,
    "RepetitionTime": 2,
    "SAR": 0.225736,
    "ScanOptions": "EPI_GEMS",
    "ScanningSequence": "EP_GR",
    "SequenceVariant": "SS",
    "SeriesDescription": "fMRI",
    "SliceThickness": 4,
    "SoftwareVersions": "24_LX_MR_Software_release:HD16.0_V02_1131.a",
    "SpacingBetweenSlices": 4,
    "StationName": "MR03MR03",
    "TaskName": "flanker",
    "TotalReadoutTime": 0.038304,
    "modality": "bold",
    "run_id": "02",
    "session_id": "ControlPre",
    "subject_id": "044",
    "task_id": "flanker"
  },
  "dummy_trs": 0,
  "dvars_nstd": 14.230993653712579,
  "dvars_std": 1.3643183534131738,
  "dvars_vstd": 1.010960247784431,
  "efc": 0.4621569719639845,
  "fber": 12214.6103515625,
  "fd_mean": 0.09916609458213009,
  "fd_num": 0,
  "fd_perc": 0.0,
  "fwhm_avg": 2.94241,
  "fwhm_x": 2.9234618181818184,
  "fwhm_y": 3.220218181818182,
  "fwhm_z": 2.68355,
  "gcor": 0.0781744,
  "gsr_x": -0.005807306617498398,
  "gsr_y": 0.006887317169457674,
  "provenance": {
    "md5sum": "f1c122842f0a20c668fcf0a232e9a154",
    "settings": {
      "fd_thres": 0.5,
      "hmc_fsl": false
    },
    "software": "mriqc",
    "version": "0.10.4"
  },
  "size_t": 168,
  "size_x": 64,
  "size_y": 64,
  "size_z": 30,
  "snr": 5.079603497975282,
  "spacing_tr": 2.0,
  "spacing_x": 3.4375,
  "spacing_y": 3.4375,
  "spacing_z": 4.0,
  "summary_bg_k": 112.08133512015439,
  "summary_bg_mad": 10.598840713500977,
  "summary_bg_mean": 48.48927688598633,
  "summary_bg_median": 25.470237731933594,
  "summary_bg_n": 70301.0,
  "summary_bg_p05": 0.0833333358168602,
  "summary_bg_p95": 140.20237731933594,
  "summary_bg_stdv": 100.49201965332031,
  "summary_fg_k": 3.0897613565230087,
  "summary_fg_mad": 427.58489990234375,
  "summary_fg_mean": 2780.817626953125,
  "summary_fg_median": 2863.14013671875,
  "summary_fg_n": 25184.0,
  "summary_fg_p05": 1684.928869628906,
  "summary_fg_p95": 3500.3092041015625,
  "summary_fg_stdv": 563.64306640625,
  "tsnr": 109.67604064941406
}