{
  "aor": 0.021871369047619046,
  "aqi": 0.01556870369047619,
  "bids_meta": {
    "AcquisitionMatrixPE": 64,
    "ConversionSoftware": "dcm2niix",
    "ConversionSoftwareVersion": "v1.0.20171017 (OpenJPEG build) GCC4.8.4",
    "DeviceSerialNumber": "0000000517353VH3",
    "EchoTime": 0.0279,
    "EffectiveEchoSpacing": 0.000608,
    "FlipAngle": 76,
    "ImageOrientationPatientDICOM": [
      1,
      0,
      0,
      0,
      1,
      0
    ],
    "ImageType": [
      "ORIGINAL",
      "PRIMARY",
      "EPI",
      "NONE"
    ],
    "InPlanePhaseEncodingDirectionDICOM": "COL",
    "InstitutionName": "Michigan_State_University",
    "MRAcquisitionType": "2D",
    "MagneticFieldStrength": 3,
    "Manufacturer": "GE",
    "ManufacturersModelName": "Signa_HDxt",
    "Modality": "MR",
    "PatientPosition": "HFS",
    "PercentPhaseFOV": 100,
    "PixelBandwidth": 7812.5,
    "ProtocolName": "fMRI",
    "ReconMatrixPE": 64,
    "RepetitionTime": 2,
    "SAR": 0.225736,
    "ScanOptions": "EPI_GEMS",
    "ScanningSequence": "EP_GR",
    "SequenceVariant": "SS",
    "SeriesDescription": "fMRI",
    "SliceThickness": 4,
    "SoftwareVersions": "24_LX_MR_Software_release:HD16.0_V02_1131.a",
    "SpacingBetweenSlices": 4,
    "StationName": "MR03MR03",
    "TaskName": "rest",
    "TotalReadoutTime": 0.038304,
    "modality": "bold",
    "session_id": "ExercisePre",
    "subject_id": "008",
    "task_id": "rest"
  },
  "dummy_trs": 0,
  "dvars_nstd": 31.166482280000004,
  "dvars_std": 1.0659065913772454,
  "dvars_vstd": 1.0337317486227544,
  "efc": 0.47897863013275044,
  "fber": 11467.626953125,
  "fd_mean": 0.7119704020052364,
  "fd_num": 64,
  "fd_perc": 38.095238095238095,
  "fwhm_avg": 2.891512787878787,
  "fwhm_x": 2.838592,
  "fwhm_y": 3.1693963636363636,
  "fwhm_z": 2.66655,
  "gcor": 0.0884659,
  "gsr_x": -0.0061214640736579895,
  "gsr_y": 0.01162268128246069,
  "provenance": {
    "md5sum": "f1aaacc9fdbe3bf018915b6d8e973048",
    "settings": {
      "fd_thres": 0.5,
      "hmc_fsl": false
    },
    "software": "mriqc",
    "version": "0.10.4"
  },
  "size_t": 168,
  "size_x": 64,
  "size_y": 64,
  "size_z": 30,
  "snr": 5.248926054880726,
  "spacing_tr": 2.0,
  "spacing_x": 3.4375,
  "spacing_y": 3.4375,
  "spacing_z": 4.0,
  "summary_bg_k": 83.08854134385065,
  "summary_bg_mad": 18.629602432250977,
  "summary_bg_mean": 83.50611877441406,
  "summary_bg_median": 42.05952453613281,
  "summary_bg_n": 68580.0,
  "summary_bg_p05": 2.077380895614624,
  "summary_bg_p95": 295.81608581542963,
  "summary_bg_stdv": 156.28054809570312,
  "summary_fg_k": 2.7154447866501155,
  "summary_fg_mad": 735.3707275390625,
  "summary_fg_mean": 4526.41162109375,
  "summary_fg_median": 4587.72607421875,
  "summary_fg_n": 27009.0,
  "summary_fg_p05": 2991.0797363281254,
  "summary_fg_p95": 5770.2298828125,
  "summary_fg_stdv": 874.0151977539062,
  "tsnr": 35.57035827636719
}