{
  "aor": 0.03232857142857142,
  "aqi": 0.01015458744047619,
  "bids_meta": {
    "AcquisitionMatrixPE": 64,
    "ConversionSoftware": "dcm2niix",
    "ConversionSoftwareVersion": "v1.0.20171017 (OpenJPEG build) GCC4.8.4",
    "DeviceSerialNumber": "0000000517353VH3",
    "EchoTime": 0.0279,
    "EffectiveEchoSpacing": 0.000608,
    "FlipAngle": 76,
    "ImageOrientationPatientDICOM": [
      1,
      0,
      0,
      0,
      1,
      0
    ],
    "ImageType": [
      "ORIGINAL",
      "PRIMARY",
      "EPI",
      "NONE"
    ],
    "InPlanePhaseEncodingDirectionDICOM": "COL",
    "InstitutionName": "Michigan_State_University",
    "MRAcquisitionType": "2D",
    "MagneticFieldStrength": 3,
    "Manufacturer": "GE",
    "ManufacturersModelName": "Signa_HDxt",
    "Modality": "MR",
    "PatientPosition": "HFS",
    "PercentPhaseFOV": 100,
    "PixelBandwidth": 7812.5,
    "ProtocolName": "fMRI",
    "ReconMatrixPE": 64,
    "RepetitionTime": 2,
    "SAR": 0.225736,
    "ScanOptions": "EPI_GEMS",
    "ScanningSequence": "EP_GR",
    "SequenceVariant": "SS",
    "SeriesDescription": "fMRI",
    "SliceThickness": 4,
    "SoftwareVersions": "24_LX_MR_Software_release:HD16.0_V02_1131.a",
    "SpacingBetweenSlices": 4,
    "StationName": "MR03MR03",
    "TaskName": "rest",
    "TotalReadoutTime": 0.038304,
    "modality": "bold",
    "session_id": "ExercisePost",
    "subject_id": "009",
    "task_id": "rest"
  },
  "dummy_trs": 0,
  "dvars_nstd": 21.08419303005989,
  "dvars_std": 1.4741863656886238,
  "dvars_vstd": 1.3794307980838323,
  "efc": 0.48960868764389287,
  "fber": 12146.6025390625,
  "fd_mean": 0.3373218192525415,
  "fd_num": 10,
  "fd_perc": 5.9523809523809526,
  "fwhm_avg": 2.9898237575757576,
  "fwhm_x": 2.893882181818182,
  "fwhm_y": 3.199389090909091,
  "fwhm_z": 2.8762,
  "gcor": 0.0632075,
  "gsr_x": -0.004552680533379316,
  "gsr_y": 0.0070363241247832775,
  "provenance": {
    "md5sum": "ddcc00c8b9480148bbd946aab65d66ba",
    "settings": {
      "fd_thres": 0.5,
      "hmc_fsl": false
    },
    "software": "mriqc",
    "version": "0.10.4"
  },
  "size_t": 168,
  "size_x": 64,
  "size_y": 64,
  "size_z": 30,
  "snr": 5.016556530766716,
  "spacing_tr": 2.0,
  "spacing_x": 3.4375,
  "spacing_y": 3.4375,
  "spacing_z": 4.0,
  "summary_bg_k": 65.22254069606474,
  "summary_bg_mad": 13.700835227966309,
  "summary_bg_mean": 62.16297149658203,
  "summary_bg_median": 32.238094329833984,
  "summary_bg_n": 66684.0,
  "summary_bg_p05": 0.5654761791229248,
  "summary_bg_p95": 203.12410736083984,
  "summary_bg_stdv": 118.93649291992188,
  "summary_fg_k": 2.303677555506056,
  "summary_fg_mad": 567.9249877929688,
  "summary_fg_mean": 3521.056884765625,
  "summary_fg_median": 3619.8095703125,
  "summary_fg_n": 28429.0,
  "summary_fg_p05": 2148.79052734375,
  "summary_fg_p95": 4488.5048828125,
  "summary_fg_stdv": 721.5598754882812,
  "tsnr": 45.25749969482422
}