{
  "bids_meta": {
    "AcquisitionMatrixPE": 256,
    "ConversionSoftware": "dcm2niix",
    "ConversionSoftwareVersion": "v1.0.20171017 (OpenJPEG build) GCC4.8.4",
    "DeviceSerialNumber": "0000000517353VH3",
    "EchoTime": 0.003828,
    "FlipAngle": 8,
    "ImageOrientationPatientDICOM": [
      0,
      1,
      0,
      0,
      0,
      -1
    ],
    "ImageType": [
      "ORIGINAL",
      "PRIMARY",
      "OTHER"
    ],
    "InPlanePhaseEncodingDirectionDICOM": "ROW",
    "InstitutionName": "Michigan_State_University",
    "InversionTime": 0.04,
    "MRAcquisitionType": "3D",
    "MagneticFieldStrength": 3,
    "Manufacturer": "GE",
    "ManufacturersModelName": "Signa_HDxt",
    "Modality": "MR",
    "PatientPosition": "HFS",
    "PercentPhaseFOV": 100,
    "PixelBandwidth": 162.734,
    "ProtocolName": "mprage_1mm_iso_20.83_bw",
    "ReconMatrixPE": 256,
    "RepetitionTime": 0.008596,
    "SAR": 0.306132,
    "ScanOptions": "NONE",
    "ScanningSequence": "RM",
    "SequenceVariant": "NONE",
    "SeriesDescription": "mprage_1mm_iso_20.83_bw",
    "SliceThickness": 1,
    "SoftwareVersions": "24_LX_MR_Software_release:HD16.0_V02_1131.a",
    "SpacingBetweenSlices": 1,
    "StationName": "MR03MR03",
    "modality": "T1w",
    "session_id": "ExercisePre",
    "subject_id": "005"
  },
  "cjv": 0.3109775297599153,
  "cnr": 4.060897078301772,
  "efc": 0.6275616199893161,
  "fber": 53.081050872802734,
  "fwhm_avg": 4.119646666666667,
  "fwhm_x": 3.87569,
  "fwhm_y": 4.34012,
  "fwhm_z": 4.14313,
  "icvs_csf": 0.21994285041441,
  "icvs_gm": 0.43340286434169323,
  "icvs_wm": 0.34665428524389674,
  "inu_med": 1.3858799934387207,
  "inu_range": 0.33494729995727535,
  "provenance": {
    "md5sum": "dc943530eea0aa70ac03f9e50fd96e95",
    "settings": {
      "testing": false
    },
    "software": "mriqc",
    "version": "0.10.4",
    "warnings": {
      "large_rot_frame": true,
      "small_air_mask": false
    }
  },
  "qi_1": 0.00026123365593892626,
  "qi_2": 0.0006252855071692335,
  "rpve_csf": 20.05086385554177,
  "rpve_gm": 10.76854435985026,
  "rpve_wm": 16.17173126907776,
  "size_x": 180,
  "size_y": 256,
  "size_z": 256,
  "snr_csf": 2.3847117264860134,
  "snr_gm": 9.662482587765522,
  "snr_total": 9.273038493151349,
  "snr_wm": 15.771921165202514,
  "snrd_csf": 7.708504264961491,
  "snrd_gm": 18.849939478990816,
  "snrd_total": 19.1205727053781,
  "snrd_wm": 30.803274372181992,
  "spacing_x": 1.0,
  "spacing_y": 1.0,
  "spacing_z": 1.0,
  "summary_bg_k": 7.997107121111377,
  "summary_bg_mad": 21.268693923950195,
  "summary_bg_mean": 69.39460754394531,
  "summary_bg_median": 61.049007415771484,
  "summary_bg_n": 2641383.0,
  "summary_bg_p05": 35.77230377197266,
  "summary_bg_p95": 133.87490692138672,
  "summary_bg_stdv": 33.17574691772461,
  "summary_csf_k": -0.029572520110460854,
  "summary_csf_mad": 113.32952117919922,
  "summary_csf_mean": 260.4688720703125,
  "summary_csf_median": 250.25296020507812,
  "summary_csf_n": 25306.0,
  "summary_csf_p05": 108.31736946105957,
  "summary_csf_p95": 441.52423095703125,
  "summary_csf_stdv": 104.9384765625,
  "summary_gm_k": 0.02765670587699587,
  "summary_gm_mad": 62.767311096191406,
  "summary_gm_mean": 611.0219116210938,
  "summary_gm_median": 611.9544067382812,
  "summary_gm_n": 32210.0,
  "summary_gm_p05": 504.86204528808594,
  "summary_gm_p95": 714.1699371337891,
  "summary_gm_stdv": 63.33205795288086,
  "summary_wm_k": 0.7010806436462329,
  "summary_wm_mad": 57.910438537597656,
  "summary_wm_mean": 999.46630859375,
  "summary_wm_median": 1000.0137939453125,
  "summary_wm_n": 222107.0,
  "summary_wm_p05": 891.8879272460937,
  "summary_wm_p95": 1101.4390380859375,
  "summary_wm_stdv": 63.40454864501953,
  "tpm_overlap_csf": 0.22168435156345367,
  "tpm_overlap_gm": 0.5236702561378479,
  "tpm_overlap_wm": 0.56402587890625,
  "wm2max": 0.5097489927081311
}