{
  "aor": 0.023251130952380954,
  "aqi": 0.01144692875,
  "bids_meta": {
    "AcquisitionMatrixPE": 64,
    "ConversionSoftware": "dcm2niix",
    "ConversionSoftwareVersion": "v1.0.20171017 (OpenJPEG build) GCC4.8.4",
    "DeviceSerialNumber": "0000000517353VH3",
    "EchoTime": 0.0279,
    "EffectiveEchoSpacing": 0.000608,
    "FlipAngle": 76,
    "ImageOrientationPatientDICOM": [
      1,
      0,
      0,
      0,
      1,
      0
    ],
    "ImageType": [
      "ORIGINAL",
      "PRIMARY",
      "EPI",
      "NONE"
    ],
    "InPlanePhaseEncodingDirectionDICOM": "COL",
    "InstitutionName": "Michigan_State_University",
    "MRAcquisitionType": "2D",
    "MagneticFieldStrength": 3,
    "Manufacturer": "GE",
    "ManufacturersModelName": "Signa_HDxt",
    "Modality": "MR",
    "PatientPosition": "HFS",
    "PercentPhaseFOV": 100,
    "PixelBandwidth": 7812.5,
    "ProtocolName": "fMRI",
    "ReconMatrixPE": 64,
    "RepetitionTime": 2,
    "SAR": 0.225736,
    "ScanOptions": "EPI_GEMS",
    "ScanningSequence": "EP_GR",
    "SequenceVariant": "SS",
    "SeriesDescription": "fMRI",
    "SliceThickness": 4,
    "SoftwareVersions": "24_LX_MR_Software_release:HD16.0_V02_1131.a",
    "SpacingBetweenSlices": 4,
    "StationName": "MR03MR03",
    "TaskName": "flanker",
    "TotalReadoutTime": 0.038304,
    "modality": "bold",
    "run_id": "01",
    "session_id": "ControlPre",
    "subject_id": "025",
    "task_id": "flanker"
  },
  "dummy_trs": 0,
  "dvars_nstd": 29.710986942874246,
  "dvars_std": 1.2330223340718562,
  "dvars_vstd": 1.1380145216167656,
  "efc": 0.507490469178794,
  "fber": 11606.6318359375,
  "fd_mean": 0.40007524927991645,
  "fd_num": 31,
  "fd_perc": 18.452380952380953,
  "fwhm_avg": 2.9159410909090915,
  "fwhm_x": 2.8145105454545454,
  "fwhm_y": 3.2895127272727276,
  "fwhm_z": 2.6438,
  "gcor": 0.0808512,
  "gsr_x": -0.007737265899777412,
  "gsr_y": 0.013937549665570259,
  "provenance": {
    "md5sum": "5e4f1caad36159772b22e6ffa54a7031",
    "settings": {
      "fd_thres": 0.5,
      "hmc_fsl": false
    },
    "software": "mriqc",
    "version": "0.10.4"
  },
  "size_t": 168,
  "size_x": 64,
  "size_y": 64,
  "size_z": 30,
  "snr": 5.125911177257283,
  "spacing_tr": 2.0,
  "spacing_x": 3.4375,
  "spacing_y": 3.4375,
  "spacing_z": 4.0,
  "summary_bg_k": 69.21006727590631,
  "summary_bg_mad": 13.98764705657959,
  "summary_bg_mean": 56.342586517333984,
  "summary_bg_median": 32.43452453613281,
  "summary_bg_n": 63371.0,
  "summary_bg_p05": 0.761904776096344,
  "summary_bg_p95": 175.38095092773438,
  "summary_bg_stdv": 89.38867950439453,
  "summary_fg_k": 2.4032169260508267,
  "summary_fg_mad": 577.9678344726562,
  "summary_fg_mean": 3508.182861328125,
  "summary_fg_median": 3562.58349609375,
  "summary_fg_n": 31036.0,
  "summary_fg_p05": 2258.8140258789062,
  "summary_fg_p95": 4492.0579833984375,
  "summary_fg_stdv": 695.0034790039062,
  "tsnr": 43.12135314941406
}