{
  "aor": 0.05352690476190477,
  "aqi": 0.029447212023809528,
  "bids_meta": {
    "AcquisitionMatrixPE": 64,
    "ConversionSoftware": "dcm2niix",
    "ConversionSoftwareVersion": "v1.0.20171017 (OpenJPEG build) GCC4.8.4",
    "DeviceSerialNumber": "0000000517353VH3",
    "EchoTime": 0.0279,
    "EffectiveEchoSpacing": 0.000608,
    "FlipAngle": 76,
    "ImageOrientationPatientDICOM": [
      1,
      0,
      0,
      0,
      1,
      0
    ],
    "ImageType": [
      "ORIGINAL",
      "PRIMARY",
      "EPI",
      "NONE"
    ],
    "InPlanePhaseEncodingDirectionDICOM": "COL",
    "InstitutionName": "Michigan_State_University",
    "MRAcquisitionType": "2D",
    "MagneticFieldStrength": 3,
    "Manufacturer": "GE",
    "ManufacturersModelName": "Signa_HDxt",
    "Modality": "MR",
    "PatientPosition": "HFS",
    "PercentPhaseFOV": 100,
    "PixelBandwidth": 7812.5,
    "ProtocolName": "fMRI",
    "ReconMatrixPE": 64,
    "RepetitionTime": 2,
    "SAR": 0.225736,
    "ScanOptions": "EPI_GEMS",
    "ScanningSequence": "EP_GR",
    "SequenceVariant": "SS",
    "SeriesDescription": "fMRI",
    "SliceThickness": 4,
    "SoftwareVersions": "24_LX_MR_Software_release:HD16.0_V02_1131.a",
    "SpacingBetweenSlices": 4,
    "StationName": "MR03MR03",
    "TaskName": "flanker",
    "TotalReadoutTime": 0.038304,
    "modality": "bold",
    "run_id": "02",
    "session_id": "ExercisePre",
    "subject_id": "008",
    "task_id": "flanker"
  },
  "dummy_trs": 0,
  "dvars_nstd": 48.234930238203596,
  "dvars_std": 1.2754763739520956,
  "dvars_vstd": 1.3375906962275446,
  "efc": 0.4845318270904624,
  "fber": 10574.7529296875,
  "fd_mean": 1.087231383412134,
  "fd_num": 80,
  "fd_perc": 47.61904761904762,
  "fwhm_avg": 2.8938205151515155,
  "fwhm_x": 2.826490181818182,
  "fwhm_y": 3.1517963636363637,
  "fwhm_z": 2.703175,
  "gcor": 0.124696,
  "gsr_x": -0.0076306480914354324,
  "gsr_y": 0.00980838481336832,
  "provenance": {
    "md5sum": "4a77263db4224bb318ad1731cb3922b1",
    "settings": {
      "fd_thres": 0.5,
      "hmc_fsl": false
    },
    "software": "mriqc",
    "version": "0.10.4"
  },
  "size_t": 168,
  "size_x": 64,
  "size_y": 64,
  "size_z": 30,
  "snr": 5.3567898600938415,
  "spacing_tr": 2.0,
  "spacing_x": 3.4375,
  "spacing_y": 3.4375,
  "spacing_z": 4.0,
  "summary_bg_k": 71.83476385293991,
  "summary_bg_mad": 18.753156661987305,
  "summary_bg_mean": 87.4697036743164,
  "summary_bg_median": 43.42857360839844,
  "summary_bg_n": 68147.0,
  "summary_bg_p05": 2.1309523582458496,
  "summary_bg_p95": 305.93513488769526,
  "summary_bg_stdv": 163.08822631835938,
  "summary_fg_k": 2.6773331238018923,
  "summary_fg_mad": 722.931640625,
  "summary_fg_mean": 4512.802734375,
  "summary_fg_median": 4568.681640625,
  "summary_fg_n": 27290.0,
  "summary_fg_p05": 3025.069360351563,
  "summary_fg_p95": 5727.068920898437,
  "summary_fg_stdv": 852.8611450195312,
  "tsnr": 24.73581886291504
}