{
  "aor": 0.03586327380952382,
  "aqi": 0.021062066130952378,
  "bids_meta": {
    "AcquisitionMatrixPE": 64,
    "ConversionSoftware": "dcm2niix",
    "ConversionSoftwareVersion": "v1.0.20171017 (OpenJPEG build) GCC4.8.4",
    "DeviceSerialNumber": "0000000517353VH3",
    "EchoTime": 0.0279,
    "EffectiveEchoSpacing": 0.000608,
    "FlipAngle": 76,
    "ImageOrientationPatientDICOM": [
      1,
      0,
      0,
      0,
      1,
      0
    ],
    "ImageType": [
      "ORIGINAL",
      "PRIMARY",
      "EPI",
      "NONE"
    ],
    "InPlanePhaseEncodingDirectionDICOM": "COL",
    "InstitutionName": "Michigan_State_University",
    "MRAcquisitionType": "2D",
    "MagneticFieldStrength": 3,
    "Manufacturer": "GE",
    "ManufacturersModelName": "Signa_HDxt",
    "Modality": "MR",
    "PatientPosition": "HFS",
    "PercentPhaseFOV": 100,
    "PixelBandwidth": 7812.5,
    "ProtocolName": "fMRI",
    "ReconMatrixPE": 64,
    "RepetitionTime": 2,
    "SAR": 0.225736,
    "ScanOptions": "EPI_GEMS",
    "ScanningSequence": "EP_GR",
    "SequenceVariant": "SS",
    "SeriesDescription": "fMRI",
    "SliceThickness": 4,
    "SoftwareVersions": "24_LX_MR_Software_release:HD16.0_V02_1131.a",
    "SpacingBetweenSlices": 4,
    "StationName": "MR03MR03",
    "TaskName": "flanker",
    "TotalReadoutTime": 0.038304,
    "modality": "bold",
    "run_id": "02",
    "session_id": "ControlPre",
    "subject_id": "054",
    "task_id": "flanker"
  },
  "dummy_trs": 0,
  "dvars_nstd": 37.58090820994014,
  "dvars_std": 1.174612300598803,
  "dvars_vstd": 1.1571626537724555,
  "efc": 0.47258490594287966,
  "fber": 11734.626953125,
  "fd_mean": 0.6340738769488552,
  "fd_num": 57,
  "fd_perc": 33.92857142857143,
  "fwhm_avg": 2.95912503030303,
  "fwhm_x": 2.9028887272727273,
  "fwhm_y": 3.2276363636363636,
  "fwhm_z": 2.74685,
  "gcor": 0.106089,
  "gsr_x": -0.009026183746755123,
  "gsr_y": 0.010287085548043251,
  "provenance": {
    "md5sum": "dc061e45b7f75bba2253ba43d56b776d",
    "settings": {
      "fd_thres": 0.5,
      "hmc_fsl": false
    },
    "software": "mriqc",
    "version": "0.10.4"
  },
  "size_t": 168,
  "size_x": 64,
  "size_y": 64,
  "size_z": 30,
  "snr": 5.002198170665207,
  "spacing_tr": 2.0,
  "spacing_x": 3.4375,
  "spacing_y": 3.4375,
  "spacing_z": 4.0,
  "summary_bg_k": 162.69914582921905,
  "summary_bg_mad": 11.331315994262695,
  "summary_bg_mean": 43.190696716308594,
  "summary_bg_median": 25.672618865966797,
  "summary_bg_n": 68382.0,
  "summary_bg_p05": 1.0,
  "summary_bg_p95": 114.76696739196773,
  "summary_bg_stdv": 81.25592803955078,
  "summary_fg_k": 2.5200466731851847,
  "summary_fg_mad": 431.6842956542969,
  "summary_fg_mean": 2754.23583984375,
  "summary_fg_median": 2821.7412109375,
  "summary_fg_n": 26804.0,
  "summary_fg_p05": 1654.9627685546875,
  "summary_fg_p95": 3516.6080322265625,
  "summary_fg_stdv": 564.0897216796875,
  "tsnr": 30.248794555664062
}