{
  "aor": 0.010932321428571428,
  "aqi": 0.005371914285714285,
  "bids_meta": {
    "AcquisitionMatrixPE": 64,
    "ConversionSoftware": "dcm2niix",
    "ConversionSoftwareVersion": "v1.0.20171017 (OpenJPEG build) GCC4.8.4",
    "DeviceSerialNumber": "0000000517353VH3",
    "EchoTime": 0.0279,
    "EffectiveEchoSpacing": 0.000608,
    "FlipAngle": 76,
    "ImageOrientationPatientDICOM": [
      1,
      0,
      0,
      0,
      1,
      0
    ],
    "ImageType": [
      "ORIGINAL",
      "PRIMARY",
      "EPI",
      "NONE"
    ],
    "InPlanePhaseEncodingDirectionDICOM": "COL",
    "InstitutionName": "Michigan_State_University",
    "MRAcquisitionType": "2D",
    "MagneticFieldStrength": 3,
    "Manufacturer": "GE",
    "ManufacturersModelName": "Signa_HDxt",
    "Modality": "MR",
    "PatientPosition": "HFS",
    "PercentPhaseFOV": 100,
    "PixelBandwidth": 7812.5,
    "ProtocolName": "fMRI",
    "ReconMatrixPE": 64,
    "RepetitionTime": 2,
    "SAR": 0.225736,
    "ScanOptions": "EPI_GEMS",
    "ScanningSequence": "EP_GR",
    "SequenceVariant": "SS",
    "SeriesDescription": "fMRI",
    "SliceThickness": 4,
    "SoftwareVersions": "24_LX_MR_Software_release:HD16.0_V02_1131.a",
    "SpacingBetweenSlices": 4,
    "StationName": "MR03MR03",
    "TaskName": "rest",
    "TotalReadoutTime": 0.038304,
    "modality": "bold",
    "session_id": "ControlPost",
    "subject_id": "026",
    "task_id": "rest"
  },
  "dummy_trs": 0,
  "dvars_nstd": 17.73113618497006,
  "dvars_std": 1.1787250404790415,
  "dvars_vstd": 1.0335265455089824,
  "efc": 0.479064150792234,
  "fber": 13435.001953125,
  "fd_mean": 0.21542978341761732,
  "fd_num": 10,
  "fd_perc": 5.9523809523809526,
  "fwhm_avg": 2.917097484848485,
  "fwhm_x": 2.767348363636364,
  "fwhm_y": 3.287069090909091,
  "fwhm_z": 2.696875,
  "gcor": 0.0264518,
  "gsr_x": -0.008305181749165058,
  "gsr_y": 0.010560448281466961,
  "provenance": {
    "md5sum": "17cdfbdabaf213fa55e00b8bc99f6c8d",
    "settings": {
      "fd_thres": 0.5,
      "hmc_fsl": false
    },
    "software": "mriqc",
    "version": "0.10.4"
  },
  "size_t": 168,
  "size_x": 64,
  "size_y": 64,
  "size_z": 30,
  "snr": 5.1971417236573325,
  "spacing_tr": 2.0,
  "spacing_x": 3.4375,
  "spacing_y": 3.4375,
  "spacing_z": 4.0,
  "summary_bg_k": 57.58663492609432,
  "summary_bg_mad": 10.704743385314941,
  "summary_bg_mean": 50.15697479248047,
  "summary_bg_median": 25.58928680419922,
  "summary_bg_n": 67859.0,
  "summary_bg_p05": 0.25,
  "summary_bg_p95": 175.4404754638672,
  "summary_bg_stdv": 92.64231872558594,
  "summary_fg_k": 2.2481251002104985,
  "summary_fg_mad": 470.779052734375,
  "summary_fg_mean": 2967.263671875,
  "summary_fg_median": 3034.517822265625,
  "summary_fg_n": 27225.0,
  "summary_fg_p05": 1897.9,
  "summary_fg_p95": 3774.759521484375,
  "summary_fg_stdv": 583.871337890625,
  "tsnr": 69.94137573242188
}