{
  "aor": 0.014051369047619047,
  "aqi": 0.0085912125,
  "bids_meta": {
    "AcquisitionMatrixPE": 64,
    "ConversionSoftware": "dcm2niix",
    "ConversionSoftwareVersion": "v1.0.20171017 (OpenJPEG build) GCC4.8.4",
    "DeviceSerialNumber": "0000000517353VH3",
    "EchoTime": 0.0279,
    "EffectiveEchoSpacing": 0.000608,
    "FlipAngle": 76,
    "ImageOrientationPatientDICOM": [
      1,
      0,
      0,
      0,
      1,
      0
    ],
    "ImageType": [
      "ORIGINAL",
      "PRIMARY",
      "EPI",
      "NONE"
    ],
    "InPlanePhaseEncodingDirectionDICOM": "COL",
    "InstitutionName": "Michigan_State_University",
    "MRAcquisitionType": "2D",
    "MagneticFieldStrength": 3,
    "Manufacturer": "GE",
    "ManufacturersModelName": "Signa_HDxt",
    "Modality": "MR",
    "PatientPosition": "HFS",
    "PercentPhaseFOV": 100,
    "PixelBandwidth": 7812.5,
    "ProtocolName": "fMRI",
    "ReconMatrixPE": 64,
    "RepetitionTime": 2,
    "SAR": 0.225736,
    "ScanOptions": "EPI_GEMS",
    "ScanningSequence": "EP_GR",
    "SequenceVariant": "SS",
    "SeriesDescription": "fMRI",
    "SliceThickness": 4,
    "SoftwareVersions": "24_LX_MR_Software_release:HD16.0_V02_1131.a",
    "SpacingBetweenSlices": 4,
    "StationName": "MR03MR03",
    "TaskName": "flanker",
    "TotalReadoutTime": 0.038304,
    "modality": "bold",
    "run_id": "01",
    "session_id": "ControlPre",
    "subject_id": "048",
    "task_id": "flanker"
  },
  "dummy_trs": 0,
  "dvars_nstd": 16.51773911017964,
  "dvars_std": 1.029522312994012,
  "dvars_vstd": 0.956065596646707,
  "efc": 0.4493456919063743,
  "fber": 12369.0849609375,
  "fd_mean": 0.2705142886718903,
  "fd_num": 18,
  "fd_perc": 10.714285714285714,
  "fwhm_avg": 2.9740871212121207,
  "fwhm_x": 2.9169163636363633,
  "fwhm_y": 3.30912,
  "fwhm_z": 2.696225,
  "gcor": 0.0672991,
  "gsr_x": -0.007294610608369112,
  "gsr_y": 0.007334948517382145,
  "provenance": {
    "md5sum": "17f44b9305adb7ccac0b4e1ad18b1582",
    "settings": {
      "fd_thres": 0.5,
      "hmc_fsl": false
    },
    "software": "mriqc",
    "version": "0.10.4"
  },
  "size_t": 168,
  "size_x": 64,
  "size_y": 64,
  "size_z": 30,
  "snr": 4.981671496994792,
  "spacing_tr": 2.0,
  "spacing_x": 3.4375,
  "spacing_y": 3.4375,
  "spacing_z": 4.0,
  "summary_bg_k": 71.71641967170738,
  "summary_bg_mad": 10.77534294128418,
  "summary_bg_mean": 45.975467681884766,
  "summary_bg_median": 24.994047164916992,
  "summary_bg_n": 72053.0,
  "summary_bg_p05": 0.7833333611488364,
  "summary_bg_p95": 145.4345214843743,
  "summary_bg_stdv": 79.43745422363281,
  "summary_fg_k": 2.267158927106931,
  "summary_fg_mad": 424.90234375,
  "summary_fg_mean": 2738.873779296875,
  "summary_fg_median": 2831.8095703125,
  "summary_fg_n": 23664.0,
  "summary_fg_p05": 1591.92685546875,
  "summary_fg_p95": 3484.7468017578126,
  "summary_fg_stdv": 568.4336547851562,
  "tsnr": 53.086700439453125
}