{
  "aor": 0.004452857142857143,
  "aqi": 0.0054811047023809525,
  "bids_meta": {
    "AcquisitionMatrixPE": 64,
    "ConversionSoftware": "dcm2niix",
    "ConversionSoftwareVersion": "v1.0.20171017 (OpenJPEG build) GCC4.8.4",
    "DeviceSerialNumber": "0000000517353VH3",
    "EchoTime": 0.0279,
    "EffectiveEchoSpacing": 0.000608,
    "FlipAngle": 76,
    "ImageOrientationPatientDICOM": [
      1,
      0,
      0,
      0,
      1,
      0
    ],
    "ImageType": [
      "ORIGINAL",
      "PRIMARY",
      "EPI",
      "NONE"
    ],
    "InPlanePhaseEncodingDirectionDICOM": "COL",
    "InstitutionName": "Michigan_State_University",
    "MRAcquisitionType": "2D",
    "MagneticFieldStrength": 3,
    "Manufacturer": "GE",
    "ManufacturersModelName": "Signa_HDxt",
    "Modality": "MR",
    "PatientPosition": "HFS",
    "PercentPhaseFOV": 100,
    "PixelBandwidth": 7812.5,
    "ProtocolName": "fMRI",
    "ReconMatrixPE": 64,
    "RepetitionTime": 2,
    "SAR": 0.225736,
    "ScanOptions": "EPI_GEMS",
    "ScanningSequence": "EP_GR",
    "SequenceVariant": "SS",
    "SeriesDescription": "fMRI",
    "SliceThickness": 4,
    "SoftwareVersions": "24_LX_MR_Software_release:HD16.0_V02_1131.a",
    "SpacingBetweenSlices": 4,
    "StationName": "MR03MR03",
    "TaskName": "rest",
    "TotalReadoutTime": 0.038304,
    "modality": "bold",
    "session_id": "ControlPre",
    "subject_id": "042",
    "task_id": "rest"
  },
  "dummy_trs": 0,
  "dvars_nstd": 24.003882025628748,
  "dvars_std": 1.1904351705988023,
  "dvars_vstd": 1.0346198150299404,
  "efc": 0.47691671455217105,
  "fber": 9173.66015625,
  "fd_mean": 0.2740739397331565,
  "fd_num": 15,
  "fd_perc": 8.928571428571429,
  "fwhm_avg": 3.000694272727273,
  "fwhm_x": 2.864954181818182,
  "fwhm_y": 3.411403636363636,
  "fwhm_z": 2.725725,
  "gcor": 0.0848682,
  "gsr_x": -0.010407313704490662,
  "gsr_y": 0.01567237824201584,
  "provenance": {
    "md5sum": "12c5a94478790ad6c674715635e288aa",
    "settings": {
      "fd_thres": 0.5,
      "hmc_fsl": false
    },
    "software": "mriqc",
    "version": "0.10.4"
  },
  "size_t": 168,
  "size_x": 64,
  "size_y": 64,
  "size_z": 30,
  "snr": 5.0742292072331425,
  "spacing_tr": 2.0,
  "spacing_x": 3.4375,
  "spacing_y": 3.4375,
  "spacing_z": 4.0,
  "summary_bg_k": 88.28993717681375,
  "summary_bg_mad": 13.05219554901123,
  "summary_bg_mean": 56.804351806640625,
  "summary_bg_median": 29.946428298950195,
  "summary_bg_n": 68881.0,
  "summary_bg_p05": 0.2261904776096344,
  "summary_bg_p95": 186.67857360839844,
  "summary_bg_stdv": 96.79814147949219,
  "summary_fg_k": 2.340850196049842,
  "summary_fg_mad": 476.8419494628906,
  "summary_fg_mean": 2851.9873046875,
  "summary_fg_median": 2933.226318359375,
  "summary_fg_n": 26881.0,
  "summary_fg_p05": 1761.4881591796875,
  "summary_fg_p95": 3607.9345703125,
  "summary_fg_stdv": 578.0526733398438,
  "tsnr": 64.01940155029297
}