{
  "aor": 0.005802559523809524,
  "aqi": 0.0044315538095238095,
  "bids_meta": {
    "AcquisitionMatrixPE": 64,
    "ConversionSoftware": "dcm2niix",
    "ConversionSoftwareVersion": "v1.0.20171017 (OpenJPEG build) GCC4.8.4",
    "DeviceSerialNumber": "0000000517353VH3",
    "EchoTime": 0.0279,
    "EffectiveEchoSpacing": 0.000608,
    "FlipAngle": 76,
    "ImageOrientationPatientDICOM": [
      1,
      0,
      0,
      0,
      1,
      0
    ],
    "ImageType": [
      "ORIGINAL",
      "PRIMARY",
      "EPI",
      "NONE"
    ],
    "InPlanePhaseEncodingDirectionDICOM": "COL",
    "InstitutionName": "Michigan_State_University",
    "MRAcquisitionType": "2D",
    "MagneticFieldStrength": 3,
    "Manufacturer": "GE",
    "ManufacturersModelName": "Signa_HDxt",
    "Modality": "MR",
    "PatientPosition": "HFS",
    "PercentPhaseFOV": 100,
    "PixelBandwidth": 7812.5,
    "ProtocolName": "fMRI",
    "ReconMatrixPE": 64,
    "RepetitionTime": 2,
    "SAR": 0.225736,
    "ScanOptions": "EPI_GEMS",
    "ScanningSequence": "EP_GR",
    "SequenceVariant": "SS",
    "SeriesDescription": "fMRI",
    "SliceThickness": 4,
    "SoftwareVersions": "24_LX_MR_Software_release:HD16.0_V02_1131.a",
    "SpacingBetweenSlices": 4,
    "StationName": "MR03MR03",
    "TaskName": "flanker",
    "TotalReadoutTime": 0.038304,
    "modality": "bold",
    "run_id": "02",
    "session_id": "ControlPre",
    "subject_id": "022",
    "task_id": "flanker"
  },
  "dummy_trs": 0,
  "dvars_nstd": 17.432254009041923,
  "dvars_std": 1.1649838770059877,
  "dvars_vstd": 0.9652254858083835,
  "efc": 0.4713947780995935,
  "fber": 9725.041015625,
  "fd_mean": 0.20989368691178859,
  "fd_num": 6,
  "fd_perc": 3.5714285714285716,
  "fwhm_avg": 2.977615636363636,
  "fwhm_x": 2.9016087272727273,
  "fwhm_y": 3.287738181818182,
  "fwhm_z": 2.7435,
  "gcor": 0.0391231,
  "gsr_x": -0.00439010513946414,
  "gsr_y": 0.01220130268484354,
  "provenance": {
    "md5sum": "fdd9d9abe2fc137038c3c415a4ef556b",
    "settings": {
      "fd_thres": 0.5,
      "hmc_fsl": false
    },
    "software": "mriqc",
    "version": "0.10.4"
  },
  "size_t": 168,
  "size_x": 64,
  "size_y": 64,
  "size_z": 30,
  "snr": 4.92557046408083,
  "spacing_tr": 2.0,
  "spacing_x": 3.4375,
  "spacing_y": 3.4375,
  "spacing_z": 4.0,
  "summary_bg_k": 53.230575624094826,
  "summary_bg_mad": 14.075895309448242,
  "summary_bg_mean": 68.76897430419922,
  "summary_bg_median": 28.053571701049805,
  "summary_bg_n": 70875.0,
  "summary_bg_p05": 0.2738095223903656,
  "summary_bg_p95": 266.9589263916024,
  "summary_bg_stdv": 137.35643005371094,
  "summary_fg_k": 2.3263655895077173,
  "summary_fg_mad": 465.091552734375,
  "summary_fg_mean": 2762.262451171875,
  "summary_fg_median": 2834.9345703125,
  "summary_fg_n": 24946.0,
  "summary_fg_p05": 1670.4033203125,
  "summary_fg_p95": 3542.5894165039062,
  "summary_fg_stdv": 575.5430297851562,
  "tsnr": 74.87374877929688
}