{
  "aor": 0.0059561309523809515,
  "aqi": 0.006503843809523809,
  "bids_meta": {
    "AcquisitionMatrixPE": 64,
    "ConversionSoftware": "dcm2niix",
    "ConversionSoftwareVersion": "v1.0.20171017 (OpenJPEG build) GCC4.8.4",
    "DeviceSerialNumber": "0000000517353VH3",
    "EchoTime": 0.0279,
    "EffectiveEchoSpacing": 0.000608,
    "FlipAngle": 76,
    "ImageOrientationPatientDICOM": [
      1,
      0,
      0,
      0,
      1,
      0
    ],
    "ImageType": [
      "ORIGINAL",
      "PRIMARY",
      "EPI",
      "NONE"
    ],
    "InPlanePhaseEncodingDirectionDICOM": "COL",
    "InstitutionName": "Michigan_State_University",
    "MRAcquisitionType": "2D",
    "MagneticFieldStrength": 3,
    "Manufacturer": "GE",
    "ManufacturersModelName": "Signa_HDxt",
    "Modality": "MR",
    "PatientPosition": "HFS",
    "PercentPhaseFOV": 100,
    "PixelBandwidth": 7812.5,
    "ProtocolName": "fMRI",
    "ReconMatrixPE": 64,
    "RepetitionTime": 2,
    "SAR": 0.225736,
    "ScanOptions": "EPI_GEMS",
    "ScanningSequence": "EP_GR",
    "SequenceVariant": "SS",
    "SeriesDescription": "fMRI",
    "SliceThickness": 4,
    "SoftwareVersions": "24_LX_MR_Software_release:HD16.0_V02_1131.a",
    "SpacingBetweenSlices": 4,
    "StationName": "MR03MR03",
    "TaskName": "flanker",
    "TotalReadoutTime": 0.038304,
    "modality": "bold",
    "run_id": "01",
    "session_id": "ExercisePost",
    "subject_id": "030",
    "task_id": "flanker"
  },
  "dummy_trs": 0,
  "dvars_nstd": 18.020589805868262,
  "dvars_std": 1.0603742379041914,
  "dvars_vstd": 0.9335506819760481,
  "efc": 0.47903877391829414,
  "fber": 11324.931640625,
  "fd_mean": 0.24356593610941718,
  "fd_num": 14,
  "fd_perc": 8.333333333333334,
  "fwhm_avg": 2.941389030303031,
  "fwhm_x": 2.9001716363636367,
  "fwhm_y": 3.185745454545455,
  "fwhm_z": 2.73825,
  "gcor": 0.0536762,
  "gsr_x": -0.006789010018110275,
  "gsr_y": 0.009958252310752869,
  "provenance": {
    "md5sum": "db1de7bec76febb2e36f30cabe34f252",
    "settings": {
      "fd_thres": 0.5,
      "hmc_fsl": false
    },
    "software": "mriqc",
    "version": "0.10.4"
  },
  "size_t": 168,
  "size_x": 64,
  "size_y": 64,
  "size_z": 30,
  "snr": 5.109405458098291,
  "spacing_tr": 2.0,
  "spacing_x": 3.4375,
  "spacing_y": 3.4375,
  "spacing_z": 4.0,
  "summary_bg_k": 80.27102186436485,
  "summary_bg_mad": 12.3903169631958,
  "summary_bg_mean": 50.427406311035156,
  "summary_bg_median": 27.410715103149414,
  "summary_bg_n": 67879.0,
  "summary_bg_p05": 0.4464285671710968,
  "summary_bg_p95": 149.84227142333972,
  "summary_bg_stdv": 89.94641876220703,
  "summary_fg_k": 2.665591033084806,
  "summary_fg_mad": 455.873779296875,
  "summary_fg_mean": 2905.76416015625,
  "summary_fg_median": 2981.14599609375,
  "summary_fg_n": 26998.0,
  "summary_fg_p05": 1760.7851684570314,
  "summary_fg_p95": 3672.2229370117184,
  "summary_fg_stdv": 583.4515991210938,
  "tsnr": 64.60865783691406
}