{
  "bids_meta": {
    "AcquisitionMatrixPE": 256,
    "ConversionSoftware": "dcm2niix",
    "ConversionSoftwareVersion": "v1.0.20171017 (OpenJPEG build) GCC4.8.4",
    "DeviceSerialNumber": "0000000517353VH3",
    "EchoTime": 0.003828,
    "FlipAngle": 8,
    "ImageOrientationPatientDICOM": [
      0,
      1,
      0,
      0,
      0,
      -1
    ],
    "ImageType": [
      "ORIGINAL",
      "PRIMARY",
      "OTHER"
    ],
    "InPlanePhaseEncodingDirectionDICOM": "ROW",
    "InstitutionName": "Michigan_State_University",
    "InversionTime": 0.04,
    "MRAcquisitionType": "3D",
    "MagneticFieldStrength": 3,
    "Manufacturer": "GE",
    "ManufacturersModelName": "Signa_HDxt",
    "Modality": "MR",
    "PatientPosition": "HFS",
    "PercentPhaseFOV": 100,
    "PixelBandwidth": 162.734,
    "ProtocolName": "mprage_1mm_iso_20.83_bw",
    "ReconMatrixPE": 256,
    "RepetitionTime": 0.008596,
    "SAR": 0.306132,
    "ScanOptions": "NONE",
    "ScanningSequence": "RM",
    "SequenceVariant": "NONE",
    "SeriesDescription": "mprage_1mm_iso_20.83_bw",
    "SliceThickness": 1,
    "SoftwareVersions": "24_LX_MR_Software_release:HD16.0_V02_1131.a",
    "SpacingBetweenSlices": 1,
    "StationName": "MR03MR03",
    "modality": "T1w",
    "session_id": "ControlPre",
    "subject_id": "024"
  },
  "cjv": 0.2782733616495611,
  "cnr": 4.62258108180231,
  "efc": 0.5787106863163134,
  "fber": 87.0611572265625,
  "fwhm_avg": 4.068133333333333,
  "fwhm_x": 3.89879,
  "fwhm_y": 4.1989,
  "fwhm_z": 4.10671,
  "icvs_csf": 0.19597097098232344,
  "icvs_gm": 0.4709712739520816,
  "icvs_wm": 0.33305775506559493,
  "inu_med": 1.0685499906539917,
  "inu_range": 0.3532015323638915,
  "provenance": {
    "md5sum": "34c3558e33715acd924bad383ee0c20f",
    "settings": {
      "testing": false
    },
    "software": "mriqc",
    "version": "0.10.4",
    "warnings": {
      "large_rot_frame": true,
      "small_air_mask": false
    }
  },
  "qi_1": 0.0,
  "qi_2": 0.0008076463259202087,
  "rpve_csf": 25.588258464339482,
  "rpve_gm": 12.164901261622134,
  "rpve_wm": 19.669781356182597,
  "size_x": 180,
  "size_y": 256,
  "size_z": 256,
  "snr_csf": 2.4950839677355154,
  "snr_gm": 10.428997626785982,
  "snr_total": 10.421408065888514,
  "snr_wm": 18.340142603144045,
  "snrd_csf": 12.821834989349465,
  "snrd_gm": 26.252123958656853,
  "snrd_total": 27.153317701020836,
  "snrd_wm": 42.38599415505619,
  "spacing_x": 1.0,
  "spacing_y": 1.0,
  "spacing_z": 1.0,
  "summary_bg_k": 1.888413160709426,
  "summary_bg_mad": 15.456534385681152,
  "summary_bg_mean": 55.515342712402344,
  "summary_bg_median": 53.698917388916016,
  "summary_bg_n": 3099615.0,
  "summary_bg_p05": 32.48454399108887,
  "summary_bg_p95": 84.93394622802727,
  "summary_bg_stdv": 16.75379180908203,
  "summary_csf_k": -0.09845832906184837,
  "summary_csf_mad": 137.41566467285156,
  "summary_csf_mean": 302.71466064453125,
  "summary_csf_median": 302.5036315917969,
  "summary_csf_n": 10609.0,
  "summary_csf_p05": 115.03782653808594,
  "summary_csf_p95": 493.1301147460938,
  "summary_csf_stdv": 121.23414611816406,
  "summary_gm_k": 0.3056509299741186,
  "summary_gm_mad": 56.37852096557617,
  "summary_gm_mean": 621.7737426757812,
  "summary_gm_median": 619.3624267578125,
  "summary_gm_n": 39223.0,
  "summary_gm_p05": 527.8537109375,
  "summary_gm_p95": 724.74013671875,
  "summary_gm_stdv": 59.387733459472656,
  "summary_wm_k": 0.7814409546881325,
  "summary_wm_mad": 49.544559478759766,
  "summary_wm_mean": 999.2518920898438,
  "summary_wm_median": 1000.0064086914062,
  "summary_wm_n": 176729.0,
  "summary_wm_p05": 906.9926635742188,
  "summary_wm_p95": 1086.3060791015625,
  "summary_wm_stdv": 54.52539825439453,
  "tpm_overlap_csf": 0.20403006672859192,
  "tpm_overlap_gm": 0.5331375002861023,
  "tpm_overlap_wm": 0.545097827911377,
  "wm2max": 0.6050827185604343
}