{
  "bids_meta": {
    "AcquisitionMatrixPE": 256,
    "ConversionSoftware": "dcm2niix",
    "ConversionSoftwareVersion": "v1.0.20171017 (OpenJPEG build) GCC4.8.4",
    "DeviceSerialNumber": "0000000517353VH3",
    "EchoTime": 0.003828,
    "FlipAngle": 8,
    "ImageOrientationPatientDICOM": [
      0,
      1,
      0,
      0,
      0,
      -1
    ],
    "ImageType": [
      "ORIGINAL",
      "PRIMARY",
      "OTHER"
    ],
    "InPlanePhaseEncodingDirectionDICOM": "ROW",
    "InstitutionName": "Michigan_State_University",
    "InversionTime": 0.04,
    "MRAcquisitionType": "3D",
    "MagneticFieldStrength": 3,
    "Manufacturer": "GE",
    "ManufacturersModelName": "Signa_HDxt",
    "Modality": "MR",
    "PatientPosition": "HFS",
    "PercentPhaseFOV": 100,
    "PixelBandwidth": 162.734,
    "ProtocolName": "mprage_1mm_iso_20.83_bw",
    "ReconMatrixPE": 256,
    "RepetitionTime": 0.008596,
    "SAR": 0.306132,
    "ScanOptions": "NONE",
    "ScanningSequence": "RM",
    "SequenceVariant": "NONE",
    "SeriesDescription": "mprage_1mm_iso_20.83_bw",
    "SliceThickness": 1,
    "SoftwareVersions": "24_LX_MR_Software_release:HD16.0_V02_1131.a",
    "SpacingBetweenSlices": 1,
    "StationName": "MR03MR03",
    "modality": "T1w",
    "session_id": "ControlPre",
    "subject_id": "036"
  },
  "cjv": 0.2585182524435072,
  "cnr": 5.001825680603806,
  "efc": 0.5603726243889178,
  "fber": 135.21673583984375,
  "fwhm_avg": 3.9554766666666663,
  "fwhm_x": 3.80004,
  "fwhm_y": 4.18359,
  "fwhm_z": 3.8828,
  "icvs_csf": 0.1945731913655242,
  "icvs_gm": 0.4525760176914384,
  "icvs_wm": 0.3528507909430374,
  "inu_med": 0.7459981441497803,
  "inu_range": 0.23316314816474915,
  "provenance": {
    "md5sum": "892d595d25e959bd87664e396f372dc1",
    "settings": {
      "testing": false
    },
    "software": "mriqc",
    "version": "0.10.4",
    "warnings": {
      "large_rot_frame": true,
      "small_air_mask": false
    }
  },
  "qi_1": 0.0,
  "qi_2": 0.0008839130460125574,
  "rpve_csf": 24.77011754883034,
  "rpve_gm": 12.005517817608002,
  "rpve_wm": 18.423989195444225,
  "size_x": 180,
  "size_y": 256,
  "size_z": 256,
  "snr_csf": 2.7914906714251533,
  "snr_gm": 10.35265801586741,
  "snr_total": 12.285819045861826,
  "snr_wm": 23.713308450292914,
  "snrd_csf": 18.96518199927802,
  "snrd_gm": 34.695091226333254,
  "snrd_total": 36.359037585370395,
  "snrd_wm": 55.41683953049991,
  "spacing_x": 1.0,
  "spacing_y": 1.0,
  "spacing_z": 1.0,
  "summary_bg_k": 0.8726039982018552,
  "summary_bg_mad": 11.822071075439453,
  "summary_bg_mean": 43.378990173339844,
  "summary_bg_median": 42.30619812011719,
  "summary_bg_n": 3032375.0,
  "summary_bg_p05": 25.517342376708985,
  "summary_bg_p95": 65.16958465576171,
  "summary_bg_stdv": 12.38011646270752,
  "summary_csf_k": 3.0407499188952123,
  "summary_csf_mad": 132.41250610351562,
  "summary_csf_mean": 336.4803161621094,
  "summary_csf_median": 342.2306213378906,
  "summary_csf_n": 18636.0,
  "summary_csf_p05": 152.01768493652344,
  "summary_csf_p95": 518.9057312011719,
  "summary_csf_stdv": 122.59451293945312,
  "summary_gm_k": 0.19677669253256003,
  "summary_gm_mad": 59.189754486083984,
  "summary_gm_mean": 626.4169311523438,
  "summary_gm_median": 626.080078125,
  "summary_gm_n": 44158.0,
  "summary_gm_p05": 526.9338653564453,
  "summary_gm_p95": 725.4833251953125,
  "summary_gm_stdv": 60.474613189697266,
  "summary_wm_k": 1.0424399635624635,
  "summary_wm_mad": 37.477516174316406,
  "summary_wm_mean": 998.1856079101562,
  "summary_wm_median": 1000.00830078125,
  "summary_wm_n": 201824.0,
  "summary_wm_p05": 924.6662353515625,
  "summary_wm_p95": 1063.2852905273437,
  "summary_wm_stdv": 42.170658111572266,
  "tpm_overlap_csf": 0.21670733392238617,
  "tpm_overlap_gm": 0.5331752300262451,
  "tpm_overlap_wm": 0.5577138662338257,
  "wm2max": 0.7075300138773978
}