{
  "aor": 0.0024676190476190475,
  "aqi": 0.004211448392857143,
  "bids_meta": {
    "AcquisitionMatrixPE": 64,
    "ConversionSoftware": "dcm2niix",
    "ConversionSoftwareVersion": "v1.0.20171017 (OpenJPEG build) GCC4.8.4",
    "DeviceSerialNumber": "0000000517353VH3",
    "EchoTime": 0.0279,
    "EffectiveEchoSpacing": 0.000608,
    "FlipAngle": 76,
    "ImageOrientationPatientDICOM": [
      1,
      0,
      0,
      0,
      1,
      0
    ],
    "ImageType": [
      "ORIGINAL",
      "PRIMARY",
      "EPI",
      "NONE"
    ],
    "InPlanePhaseEncodingDirectionDICOM": "COL",
    "InstitutionName": "Michigan_State_University",
    "MRAcquisitionType": "2D",
    "MagneticFieldStrength": 3,
    "Manufacturer": "GE",
    "ManufacturersModelName": "Signa_HDxt",
    "Modality": "MR",
    "PatientPosition": "HFS",
    "PercentPhaseFOV": 100,
    "PixelBandwidth": 7812.5,
    "ProtocolName": "fMRI",
    "ReconMatrixPE": 64,
    "RepetitionTime": 2,
    "SAR": 0.225736,
    "ScanOptions": "EPI_GEMS",
    "ScanningSequence": "EP_GR",
    "SequenceVariant": "SS",
    "SeriesDescription": "fMRI",
    "SliceThickness": 4,
    "SoftwareVersions": "24_LX_MR_Software_release:HD16.0_V02_1131.a",
    "SpacingBetweenSlices": 4,
    "StationName": "MR03MR03",
    "TaskName": "rest",
    "TotalReadoutTime": 0.038304,
    "modality": "bold",
    "session_id": "ExercisePost",
    "subject_id": "020",
    "task_id": "rest"
  },
  "dummy_trs": 0,
  "dvars_nstd": 15.044796846766458,
  "dvars_std": 1.2545167114970057,
  "dvars_vstd": 0.9709115699999997,
  "efc": 0.4595865680147173,
  "fber": 14066.04296875,
  "fd_mean": 0.13129557030715666,
  "fd_num": 3,
  "fd_perc": 1.7857142857142858,
  "fwhm_avg": 2.9146875757575756,
  "fwhm_x": 2.8473309090909087,
  "fwhm_y": 3.197381818181818,
  "fwhm_z": 2.69935,
  "gcor": 0.0567633,
  "gsr_x": -0.009069977328181267,
  "gsr_y": 0.008881814777851105,
  "provenance": {
    "md5sum": "748565b439de6a56b90bb443a07f37a9",
    "settings": {
      "fd_thres": 0.5,
      "hmc_fsl": false
    },
    "software": "mriqc",
    "version": "0.10.4"
  },
  "size_t": 168,
  "size_x": 64,
  "size_y": 64,
  "size_z": 30,
  "snr": 5.64550048961512,
  "spacing_tr": 2.0,
  "spacing_x": 3.4375,
  "spacing_y": 3.4375,
  "spacing_z": 4.0,
  "summary_bg_k": 76.39717302732629,
  "summary_bg_mad": 13.211043357849121,
  "summary_bg_mean": 63.986122131347656,
  "summary_bg_median": 32.91666793823242,
  "summary_bg_n": 70791.0,
  "summary_bg_p05": 0.125,
  "summary_bg_p95": 200.88690185546875,
  "summary_bg_stdv": 118.64099884033203,
  "summary_fg_k": 4.237111516217294,
  "summary_fg_mad": 521.7523803710938,
  "summary_fg_mean": 3864.615478515625,
  "summary_fg_median": 3989.294921875,
  "summary_fg_n": 24718.0,
  "summary_fg_p05": 2499.1483398437504,
  "summary_fg_p95": 4709.0374755859375,
  "summary_fg_stdv": 706.6183471679688,
  "tsnr": 92.334228515625
}