{
  "aor": 0.017035238095238093,
  "aqi": 0.014942427083333334,
  "bids_meta": {
    "AcquisitionMatrixPE": 64,
    "ConversionSoftware": "dcm2niix",
    "ConversionSoftwareVersion": "v1.0.20171017 (OpenJPEG build) GCC4.8.4",
    "DeviceSerialNumber": "0000000517353VH3",
    "EchoTime": 0.0279,
    "EffectiveEchoSpacing": 0.000608,
    "FlipAngle": 76,
    "ImageOrientationPatientDICOM": [
      1,
      0,
      0,
      0,
      1,
      0
    ],
    "ImageType": [
      "ORIGINAL",
      "PRIMARY",
      "EPI",
      "NONE"
    ],
    "InPlanePhaseEncodingDirectionDICOM": "COL",
    "InstitutionName": "Michigan_State_University",
    "MRAcquisitionType": "2D",
    "MagneticFieldStrength": 3,
    "Manufacturer": "GE",
    "ManufacturersModelName": "Signa_HDxt",
    "Modality": "MR",
    "PatientPosition": "HFS",
    "PercentPhaseFOV": 100,
    "PixelBandwidth": 7812.5,
    "ProtocolName": "fMRI",
    "ReconMatrixPE": 64,
    "RepetitionTime": 2,
    "SAR": 0.225736,
    "ScanOptions": "EPI_GEMS",
    "ScanningSequence": "EP_GR",
    "SequenceVariant": "SS",
    "SeriesDescription": "fMRI",
    "SliceThickness": 4,
    "SoftwareVersions": "24_LX_MR_Software_release:HD16.0_V02_1131.a",
    "SpacingBetweenSlices": 4,
    "StationName": "MR03MR03",
    "TaskName": "rest",
    "TotalReadoutTime": 0.038304,
    "modality": "bold",
    "session_id": "ControlPre",
    "subject_id": "023",
    "task_id": "rest"
  },
  "dummy_trs": 0,
  "dvars_nstd": 20.319975499101783,
  "dvars_std": 0.9598615200000001,
  "dvars_vstd": 0.9612458667664672,
  "efc": 0.4751419380030684,
  "fber": 12605.25390625,
  "fd_mean": 0.3141471400573145,
  "fd_num": 18,
  "fd_perc": 10.714285714285714,
  "fwhm_avg": 2.962011515151515,
  "fwhm_x": 2.9014836363636367,
  "fwhm_y": 3.279650909090909,
  "fwhm_z": 2.7049,
  "gcor": 0.0833921,
  "gsr_x": -0.00653319526463747,
  "gsr_y": 0.009814515709877014,
  "provenance": {
    "md5sum": "5f1c04227f9c2da349123c2b623feb76",
    "settings": {
      "fd_thres": 0.5,
      "hmc_fsl": false
    },
    "software": "mriqc",
    "version": "0.10.4"
  },
  "size_t": 168,
  "size_x": 64,
  "size_y": 64,
  "size_z": 30,
  "snr": 5.026321238169179,
  "spacing_tr": 2.0,
  "spacing_x": 3.4375,
  "spacing_y": 3.4375,
  "spacing_z": 4.0,
  "summary_bg_k": 77.65100506791379,
  "summary_bg_mad": 11.675492286682129,
  "summary_bg_mean": 48.16871643066406,
  "summary_bg_median": 26.166667938232422,
  "summary_bg_n": 68023.0,
  "summary_bg_p05": 0.6315476536750815,
  "summary_bg_p95": 157.4815521240234,
  "summary_bg_stdv": 78.11371612548828,
  "summary_fg_k": 3.0184180774186604,
  "summary_fg_mad": 437.261962890625,
  "summary_fg_mean": 2887.730224609375,
  "summary_fg_median": 2990.52392578125,
  "summary_fg_n": 26967.0,
  "summary_fg_p05": 1687.8506225585938,
  "summary_fg_p95": 3629.256591796875,
  "summary_fg_stdv": 594.961669921875,
  "tsnr": 42.75332260131836
}