{
  "aor": 0.0016835119047619049,
  "aqi": 0.0030827958333333335,
  "bids_meta": {
    "AcquisitionMatrixPE": 64,
    "ConversionSoftware": "dcm2niix",
    "ConversionSoftwareVersion": "v1.0.20171017 (OpenJPEG build) GCC4.8.4",
    "DeviceSerialNumber": "0000000517353VH3",
    "EchoTime": 0.0279,
    "EffectiveEchoSpacing": 0.000608,
    "FlipAngle": 76,
    "ImageOrientationPatientDICOM": [
      1,
      0,
      0,
      0,
      1,
      0
    ],
    "ImageType": [
      "ORIGINAL",
      "PRIMARY",
      "EPI",
      "NONE"
    ],
    "InPlanePhaseEncodingDirectionDICOM": "COL",
    "InstitutionName": "Michigan_State_University",
    "MRAcquisitionType": "2D",
    "MagneticFieldStrength": 3,
    "Manufacturer": "GE",
    "ManufacturersModelName": "Signa_HDxt",
    "Modality": "MR",
    "PatientPosition": "HFS",
    "PercentPhaseFOV": 100,
    "PixelBandwidth": 7812.5,
    "ProtocolName": "fMRI",
    "ReconMatrixPE": 64,
    "RepetitionTime": 2,
    "SAR": 0.225736,
    "ScanOptions": "EPI_GEMS",
    "ScanningSequence": "EP_GR",
    "SequenceVariant": "SS",
    "SeriesDescription": "fMRI",
    "SliceThickness": 4,
    "SoftwareVersions": "24_LX_MR_Software_release:HD16.0_V02_1131.a",
    "SpacingBetweenSlices": 4,
    "StationName": "MR03MR03",
    "TaskName": "rest",
    "TotalReadoutTime": 0.038304,
    "modality": "bold",
    "session_id": "ControlPre",
    "subject_id": "002",
    "task_id": "rest"
  },
  "dummy_trs": 0,
  "dvars_nstd": 19.42646745610778,
  "dvars_std": 1.2216719502994011,
  "dvars_vstd": 0.9716837093413173,
  "efc": 0.4946798428579832,
  "fber": 8459.2890625,
  "fd_mean": 0.1443662971475704,
  "fd_num": 1,
  "fd_perc": 0.5952380952380952,
  "fwhm_avg": 2.762577227272727,
  "fwhm_x": 2.780226909090909,
  "fwhm_y": 3.0224872727272727,
  "fwhm_z": 2.4850175,
  "gcor": 0.0398935,
  "gsr_x": -0.010424014180898666,
  "gsr_y": 0.014404834248125553,
  "provenance": {
    "md5sum": "71a40afda4fbb26d4805c9e22f17b1ce",
    "settings": {
      "fd_thres": 0.5,
      "hmc_fsl": false
    },
    "software": "mriqc",
    "version": "0.10.4"
  },
  "size_t": 168,
  "size_x": 64,
  "size_y": 64,
  "size_z": 30,
  "snr": 4.241147723016683,
  "spacing_tr": 2.0,
  "spacing_x": 3.4375,
  "spacing_y": 3.4375,
  "spacing_z": 4.0,
  "summary_bg_k": 91.80491319788385,
  "summary_bg_mad": 16.290979385375977,
  "summary_bg_mean": 67.61505126953125,
  "summary_bg_median": 37.26785659790039,
  "summary_bg_n": 65915.0,
  "summary_bg_p05": 0.0714285746216774,
  "summary_bg_p95": 199.18630981445312,
  "summary_bg_stdv": 115.86061096191406,
  "summary_fg_k": 0.649138401499338,
  "summary_fg_mad": 733.2130126953125,
  "summary_fg_mean": 3517.263916015625,
  "summary_fg_median": 3537.71142578125,
  "summary_fg_n": 29384.0,
  "summary_fg_p05": 2069.992919921875,
  "summary_fg_p95": 4850.005859375,
  "summary_fg_stdv": 834.1259155273438,
  "tsnr": 80.54443359375
}