{
  "aor": 0.02131547619047619,
  "aqi": 0.008206926964285715,
  "bids_meta": {
    "AcquisitionMatrixPE": 64,
    "ConversionSoftware": "dcm2niix",
    "ConversionSoftwareVersion": "v1.0.20171017 (OpenJPEG build) GCC4.8.4",
    "DeviceSerialNumber": "0000000517353VH3",
    "EchoTime": 0.0279,
    "EffectiveEchoSpacing": 0.000608,
    "FlipAngle": 76,
    "ImageOrientationPatientDICOM": [
      1,
      0,
      0,
      0,
      1,
      0
    ],
    "ImageType": [
      "ORIGINAL",
      "PRIMARY",
      "EPI",
      "NONE"
    ],
    "InPlanePhaseEncodingDirectionDICOM": "COL",
    "InstitutionName": "Michigan_State_University",
    "MRAcquisitionType": "2D",
    "MagneticFieldStrength": 3,
    "Manufacturer": "GE",
    "ManufacturersModelName": "Signa_HDxt",
    "Modality": "MR",
    "PatientPosition": "HFS",
    "PercentPhaseFOV": 100,
    "PixelBandwidth": 7812.5,
    "ProtocolName": "fMRI",
    "ReconMatrixPE": 64,
    "RepetitionTime": 2,
    "SAR": 0.225736,
    "ScanOptions": "EPI_GEMS",
    "ScanningSequence": "EP_GR",
    "SequenceVariant": "SS",
    "SeriesDescription": "fMRI",
    "SliceThickness": 4,
    "SoftwareVersions": "24_LX_MR_Software_release:HD16.0_V02_1131.a",
    "SpacingBetweenSlices": 4,
    "StationName": "MR03MR03",
    "TaskName": "flanker",
    "TotalReadoutTime": 0.038304,
    "modality": "bold",
    "run_id": "02",
    "session_id": "ExercisePost",
    "subject_id": "034",
    "task_id": "flanker"
  },
  "dummy_trs": 0,
  "dvars_nstd": 27.03226932371258,
  "dvars_std": 1.2690746420359278,
  "dvars_vstd": 1.1477953731736525,
  "efc": 0.49261379684944406,
  "fber": 10787.4560546875,
  "fd_mean": 0.46006947455756225,
  "fd_num": 36,
  "fd_perc": 21.428571428571427,
  "fwhm_avg": 2.985052212121212,
  "fwhm_x": 2.817277090909091,
  "fwhm_y": 3.4206545454545454,
  "fwhm_z": 2.717225,
  "gcor": 0.0798007,
  "gsr_x": -0.010791176930069923,
  "gsr_y": 0.017676284536719322,
  "provenance": {
    "md5sum": "9fd0676fa63527ca2736fb978ef93617",
    "settings": {
      "fd_thres": 0.5,
      "hmc_fsl": false
    },
    "software": "mriqc",
    "version": "0.10.4"
  },
  "size_t": 168,
  "size_x": 64,
  "size_y": 64,
  "size_z": 30,
  "snr": 4.810831939447262,
  "spacing_tr": 2.0,
  "spacing_x": 3.4375,
  "spacing_y": 3.4375,
  "spacing_z": 4.0,
  "summary_bg_k": 71.69336477063516,
  "summary_bg_mad": 13.308120727539062,
  "summary_bg_mean": 62.6633186340332,
  "summary_bg_median": 28.988096237182617,
  "summary_bg_n": 66835.0,
  "summary_bg_p05": 0.2797619104385376,
  "summary_bg_p95": 243.06667022705068,
  "summary_bg_stdv": 126.49871063232422,
  "summary_fg_k": 1.8317170179426414,
  "summary_fg_mad": 524.479248046875,
  "summary_fg_mean": 3057.715576171875,
  "summary_fg_median": 3104.83935546875,
  "summary_fg_n": 27999.0,
  "summary_fg_p05": 1899.3095336914064,
  "summary_fg_p95": 4004.401171875,
  "summary_fg_stdv": 645.3735961914062,
  "tsnr": 47.651458740234375
}