{
  "aor": 0.03370541666666667,
  "aqi": 0.0066031397619047616,
  "bids_meta": {
    "AcquisitionMatrixPE": 64,
    "ConversionSoftware": "dcm2niix",
    "ConversionSoftwareVersion": "v1.0.20171017 (OpenJPEG build) GCC4.8.4",
    "DeviceSerialNumber": "0000000517353VH3",
    "EchoTime": 0.0279,
    "EffectiveEchoSpacing": 0.000608,
    "FlipAngle": 76,
    "ImageOrientationPatientDICOM": [
      1,
      0,
      0,
      0,
      1,
      0
    ],
    "ImageType": [
      "ORIGINAL",
      "PRIMARY",
      "EPI",
      "NONE"
    ],
    "InPlanePhaseEncodingDirectionDICOM": "COL",
    "InstitutionName": "Michigan_State_University",
    "MRAcquisitionType": "2D",
    "MagneticFieldStrength": 3,
    "Manufacturer": "GE",
    "ManufacturersModelName": "Signa_HDxt",
    "Modality": "MR",
    "PatientPosition": "HFS",
    "PercentPhaseFOV": 100,
    "PixelBandwidth": 7812.5,
    "ProtocolName": "fMRI",
    "ReconMatrixPE": 64,
    "RepetitionTime": 2,
    "SAR": 0.225736,
    "ScanOptions": "EPI_GEMS",
    "ScanningSequence": "EP_GR",
    "SequenceVariant": "SS",
    "SeriesDescription": "fMRI",
    "SliceThickness": 4,
    "SoftwareVersions": "24_LX_MR_Software_release:HD16.0_V02_1131.a",
    "SpacingBetweenSlices": 4,
    "StationName": "MR03MR03",
    "TaskName": "rest",
    "TotalReadoutTime": 0.038304,
    "modality": "bold",
    "session_id": "ControlPost",
    "subject_id": "023",
    "task_id": "rest"
  },
  "dummy_trs": 0,
  "dvars_nstd": 19.4914130024551,
  "dvars_std": 1.3239841259281433,
  "dvars_vstd": 1.2524080550299397,
  "efc": 0.4747590562457904,
  "fber": 11982.83203125,
  "fd_mean": 0.2676176677366988,
  "fd_num": 10,
  "fd_perc": 5.9523809523809526,
  "fwhm_avg": 3.0445730303030296,
  "fwhm_x": 2.9885672727272725,
  "fwhm_y": 3.4313018181818182,
  "fwhm_z": 2.71385,
  "gcor": 0.0656963,
  "gsr_x": -0.007008685264736414,
  "gsr_y": 0.009915045462548733,
  "provenance": {
    "md5sum": "ee1961b558fb6ea44a12a12c05867036",
    "settings": {
      "fd_thres": 0.5,
      "hmc_fsl": false
    },
    "software": "mriqc",
    "version": "0.10.4"
  },
  "size_t": 168,
  "size_x": 64,
  "size_y": 64,
  "size_z": 30,
  "snr": 4.40399551819711,
  "spacing_tr": 2.0,
  "spacing_x": 3.4375,
  "spacing_y": 3.4375,
  "spacing_z": 4.0,
  "summary_bg_k": 75.33330775987851,
  "summary_bg_mad": 11.154816627502441,
  "summary_bg_mean": 47.75939178466797,
  "summary_bg_median": 25.1488094329834,
  "summary_bg_n": 67603.0,
  "summary_bg_p05": 0.392857164144516,
  "summary_bg_p95": 155.22024536132812,
  "summary_bg_stdv": 84.23309326171875,
  "summary_fg_k": 1.5558122826421945,
  "summary_fg_mad": 465.6163635253906,
  "summary_fg_mean": 2712.03271484375,
  "summary_fg_median": 2820.506103515625,
  "summary_fg_n": 27089.0,
  "summary_fg_p05": 1422.0548095703125,
  "summary_fg_p95": 3597.957275390624,
  "summary_fg_stdv": 640.4307250976562,
  "tsnr": 48.290069580078125
}