{
  "aor": 0.01764125,
  "aqi": 0.024801789880952385,
  "bids_meta": {
    "AcquisitionMatrixPE": 64,
    "ConversionSoftware": "dcm2niix",
    "ConversionSoftwareVersion": "v1.0.20171017 (OpenJPEG build) GCC4.8.4",
    "DeviceSerialNumber": "0000000517353VH3",
    "EchoTime": 0.0279,
    "EffectiveEchoSpacing": 0.000608,
    "FlipAngle": 76,
    "ImageOrientationPatientDICOM": [
      1,
      0,
      0,
      0,
      1,
      0
    ],
    "ImageType": [
      "ORIGINAL",
      "PRIMARY",
      "EPI",
      "NONE"
    ],
    "InPlanePhaseEncodingDirectionDICOM": "COL",
    "InstitutionName": "Michigan_State_University",
    "MRAcquisitionType": "2D",
    "MagneticFieldStrength": 3,
    "Manufacturer": "GE",
    "ManufacturersModelName": "Signa_HDxt",
    "Modality": "MR",
    "PatientPosition": "HFS",
    "PercentPhaseFOV": 100,
    "PixelBandwidth": 7812.5,
    "ProtocolName": "fMRI",
    "ReconMatrixPE": 64,
    "RepetitionTime": 2,
    "SAR": 0.225736,
    "ScanOptions": "EPI_GEMS",
    "ScanningSequence": "EP_GR",
    "SequenceVariant": "SS",
    "SeriesDescription": "fMRI",
    "SliceThickness": 4,
    "SoftwareVersions": "24_LX_MR_Software_release:HD16.0_V02_1131.a",
    "SpacingBetweenSlices": 4,
    "StationName": "MR03MR03",
    "TaskName": "flanker",
    "TotalReadoutTime": 0.038304,
    "modality": "bold",
    "run_id": "02",
    "session_id": "ExercisePre",
    "subject_id": "054",
    "task_id": "flanker"
  },
  "dummy_trs": 0,
  "dvars_nstd": 30.961911029760458,
  "dvars_std": 1.0116892289221555,
  "dvars_vstd": 0.9463031792814373,
  "efc": 0.47094771127473917,
  "fber": 11758.33984375,
  "fd_mean": 0.6074048442414784,
  "fd_num": 61,
  "fd_perc": 36.30952380952381,
  "fwhm_avg": 2.9829715151515153,
  "fwhm_x": 2.939607272727273,
  "fwhm_y": 3.258007272727273,
  "fwhm_z": 2.7513,
  "gcor": 0.0999819,
  "gsr_x": -0.00886295922100544,
  "gsr_y": 0.010332194156944752,
  "provenance": {
    "md5sum": "77908405d4557b0ddfa3ae7dd9cbafc6",
    "settings": {
      "fd_thres": 0.5,
      "hmc_fsl": false
    },
    "software": "mriqc",
    "version": "0.10.4"
  },
  "size_t": 168,
  "size_x": 64,
  "size_y": 64,
  "size_z": 30,
  "snr": 4.890009037380697,
  "spacing_tr": 2.0,
  "spacing_x": 3.4375,
  "spacing_y": 3.4375,
  "spacing_z": 4.0,
  "summary_bg_k": 143.47340623897875,
  "summary_bg_mad": 11.43721866607666,
  "summary_bg_mean": 42.50749206542969,
  "summary_bg_median": 25.309524536132812,
  "summary_bg_n": 68772.0,
  "summary_bg_p05": 1.946428656578064,
  "summary_bg_p95": 119.95238494873047,
  "summary_bg_stdv": 75.47852325439453,
  "summary_fg_k": 2.761990058643762,
  "summary_fg_mad": 421.1826477050781,
  "summary_fg_mean": 2695.895751953125,
  "summary_fg_median": 2771.196533203125,
  "summary_fg_n": 26682.0,
  "summary_fg_p05": 1563.794110107422,
  "summary_fg_p95": 3440.036682128906,
  "summary_fg_stdv": 566.6951904296875,
  "tsnr": 32.424903869628906
}