{
  "aor": 0.03150071428571429,
  "aqi": 0.010058535833333335,
  "bids_meta": {
    "AcquisitionMatrixPE": 64,
    "ConversionSoftware": "dcm2niix",
    "ConversionSoftwareVersion": "v1.0.20171017 (OpenJPEG build) GCC4.8.4",
    "DeviceSerialNumber": "0000000517353VH3",
    "EchoTime": 0.0279,
    "EffectiveEchoSpacing": 0.000608,
    "FlipAngle": 76,
    "ImageOrientationPatientDICOM": [
      1,
      0,
      0,
      0,
      1,
      0
    ],
    "ImageType": [
      "ORIGINAL",
      "PRIMARY",
      "EPI",
      "NONE"
    ],
    "InPlanePhaseEncodingDirectionDICOM": "COL",
    "InstitutionName": "Michigan_State_University",
    "MRAcquisitionType": "2D",
    "MagneticFieldStrength": 3,
    "Manufacturer": "GE",
    "ManufacturersModelName": "Signa_HDxt",
    "Modality": "MR",
    "PatientPosition": "HFS",
    "PercentPhaseFOV": 100,
    "PixelBandwidth": 7812.5,
    "ProtocolName": "fMRI",
    "ReconMatrixPE": 64,
    "RepetitionTime": 2,
    "SAR": 0.225736,
    "ScanOptions": "EPI_GEMS",
    "ScanningSequence": "EP_GR",
    "SequenceVariant": "SS",
    "SeriesDescription": "fMRI",
    "SliceThickness": 4,
    "SoftwareVersions": "24_LX_MR_Software_release:HD16.0_V02_1131.a",
    "SpacingBetweenSlices": 4,
    "StationName": "MR03MR03",
    "TaskName": "flanker",
    "TotalReadoutTime": 0.038304,
    "modality": "bold",
    "run_id": "01",
    "session_id": "ExercisePost",
    "subject_id": "035",
    "task_id": "flanker"
  },
  "dummy_trs": 0,
  "dvars_nstd": 21.78986925706586,
  "dvars_std": 1.2817171811976047,
  "dvars_vstd": 1.2477969434131733,
  "efc": 0.47856252665993987,
  "fber": 7879.48486328125,
  "fd_mean": 0.3098919235499363,
  "fd_num": 21,
  "fd_perc": 12.5,
  "fwhm_avg": 2.9654342424242426,
  "fwhm_x": 2.9371927272727274,
  "fwhm_y": 3.21056,
  "fwhm_z": 2.74855,
  "gcor": 0.0666145,
  "gsr_x": -0.001150654861703515,
  "gsr_y": 0.007390912622213364,
  "provenance": {
    "md5sum": "859f91a4f839487f49b3b3d1f3cbbf1a",
    "settings": {
      "fd_thres": 0.5,
      "hmc_fsl": false
    },
    "software": "mriqc",
    "version": "0.10.4"
  },
  "size_t": 168,
  "size_x": 64,
  "size_y": 64,
  "size_z": 30,
  "snr": 5.270770423628779,
  "spacing_tr": 2.0,
  "spacing_x": 3.4375,
  "spacing_y": 3.4375,
  "spacing_z": 4.0,
  "summary_bg_k": 46.18880561178596,
  "summary_bg_mad": 15.787945747375488,
  "summary_bg_mean": 69.46672058105469,
  "summary_bg_median": 33.488094329833984,
  "summary_bg_n": 69815.0,
  "summary_bg_p05": 0.6904761791229248,
  "summary_bg_p95": 261.7791595458985,
  "summary_bg_stdv": 120.1673583984375,
  "summary_fg_k": 2.9473510363462063,
  "summary_fg_mad": 432.54052734375,
  "summary_fg_mean": 2914.57421875,
  "summary_fg_median": 3013.96435546875,
  "summary_fg_n": 25791.0,
  "summary_fg_p05": 1746.7440795898438,
  "summary_fg_p95": 3615.6339111328125,
  "summary_fg_stdv": 571.8150634765625,
  "tsnr": 51.8592643737793
}