{
  "aor": 0.010030654761904761,
  "aqi": 0.014936133690476189,
  "bids_meta": {
    "AcquisitionMatrixPE": 64,
    "ConversionSoftware": "dcm2niix",
    "ConversionSoftwareVersion": "v1.0.20171017 (OpenJPEG build) GCC4.8.4",
    "DeviceSerialNumber": "0000000517353VH3",
    "EchoTime": 0.0279,
    "EffectiveEchoSpacing": 0.000608,
    "FlipAngle": 76,
    "ImageOrientationPatientDICOM": [
      1,
      0,
      0,
      0,
      1,
      0
    ],
    "ImageType": [
      "ORIGINAL",
      "PRIMARY",
      "EPI",
      "NONE"
    ],
    "InPlanePhaseEncodingDirectionDICOM": "COL",
    "InstitutionName": "Michigan_State_University",
    "MRAcquisitionType": "2D",
    "MagneticFieldStrength": 3,
    "Manufacturer": "GE",
    "ManufacturersModelName": "Signa_HDxt",
    "Modality": "MR",
    "PatientPosition": "HFS",
    "PercentPhaseFOV": 100,
    "PixelBandwidth": 7812.5,
    "ProtocolName": "fMRI",
    "ReconMatrixPE": 64,
    "RepetitionTime": 2,
    "SAR": 0.225736,
    "ScanOptions": "EPI_GEMS",
    "ScanningSequence": "EP_GR",
    "SequenceVariant": "SS",
    "SeriesDescription": "fMRI",
    "SliceThickness": 4,
    "SoftwareVersions": "24_LX_MR_Software_release:HD16.0_V02_1131.a",
    "SpacingBetweenSlices": 4,
    "StationName": "MR03MR03",
    "TaskName": "rest",
    "TotalReadoutTime": 0.038304,
    "modality": "bold",
    "session_id": "ExercisePost",
    "subject_id": "038",
    "task_id": "rest"
  },
  "dummy_trs": 0,
  "dvars_nstd": 22.555129867544927,
  "dvars_std": 0.9181673468862271,
  "dvars_vstd": 0.9166599859880238,
  "efc": 0.49163785695388473,
  "fber": 1762.67333984375,
  "fd_mean": 0.24454186271925651,
  "fd_num": 11,
  "fd_perc": 6.5476190476190474,
  "fwhm_avg": 2.994431090909091,
  "fwhm_x": 2.8815359999999997,
  "fwhm_y": 3.342807272727273,
  "fwhm_z": 2.75895,
  "gcor": 0.0462181,
  "gsr_x": -0.0070813619531691074,
  "gsr_y": 0.009318170137703419,
  "provenance": {
    "md5sum": "6173a8ad6176909b253c5b2e57288d19",
    "settings": {
      "fd_thres": 0.5,
      "hmc_fsl": false
    },
    "software": "mriqc",
    "version": "0.10.4"
  },
  "size_t": 168,
  "size_x": 64,
  "size_y": 64,
  "size_z": 30,
  "snr": 5.373229904018558,
  "spacing_tr": 2.0,
  "spacing_x": 3.4375,
  "spacing_y": 3.4375,
  "spacing_z": 4.0,
  "summary_bg_k": 85.66966055351504,
  "summary_bg_mad": 12.981592178344727,
  "summary_bg_mean": 83.73843383789062,
  "summary_bg_median": 69.10118865966797,
  "summary_bg_n": 69687.0,
  "summary_bg_p05": 1.7101190805435191,
  "summary_bg_p95": 193.15595550537097,
  "summary_bg_stdv": 91.67337799072266,
  "summary_fg_k": 2.4671730077311036,
  "summary_fg_mad": 439.1016540527344,
  "summary_fg_mean": 2913.10009765625,
  "summary_fg_median": 2993.6845703125,
  "summary_fg_n": 26130.0,
  "summary_fg_p05": 1887.582763671875,
  "summary_fg_p95": 3659.3512695312497,
  "summary_fg_stdv": 557.1373901367188,
  "tsnr": 42.81682586669922
}