{
  "aor": 0.004654464285714285,
  "aqi": 0.003515356130952381,
  "bids_meta": {
    "AcquisitionMatrixPE": 64,
    "ConversionSoftware": "dcm2niix",
    "ConversionSoftwareVersion": "v1.0.20171017 (OpenJPEG build) GCC4.8.4",
    "DeviceSerialNumber": "0000000517353VH3",
    "EchoTime": 0.0279,
    "EffectiveEchoSpacing": 0.000608,
    "FlipAngle": 76,
    "ImageOrientationPatientDICOM": [
      1,
      0,
      0,
      0,
      1,
      0
    ],
    "ImageType": [
      "ORIGINAL",
      "PRIMARY",
      "EPI",
      "NONE"
    ],
    "InPlanePhaseEncodingDirectionDICOM": "COL",
    "InstitutionName": "Michigan_State_University",
    "MRAcquisitionType": "2D",
    "MagneticFieldStrength": 3,
    "Manufacturer": "GE",
    "ManufacturersModelName": "Signa_HDxt",
    "Modality": "MR",
    "PatientPosition": "HFS",
    "PercentPhaseFOV": 100,
    "PixelBandwidth": 7812.5,
    "ProtocolName": "fMRI",
    "ReconMatrixPE": 64,
    "RepetitionTime": 2,
    "SAR": 0.225736,
    "ScanOptions": "EPI_GEMS",
    "ScanningSequence": "EP_GR",
    "SequenceVariant": "SS",
    "SeriesDescription": "fMRI",
    "SliceThickness": 4,
    "SoftwareVersions": "24_LX_MR_Software_release:HD16.0_V02_1131.a",
    "SpacingBetweenSlices": 4,
    "StationName": "MR03MR03",
    "TaskName": "flanker",
    "TotalReadoutTime": 0.038304,
    "modality": "bold",
    "run_id": "02",
    "session_id": "ControlPre",
    "subject_id": "030",
    "task_id": "flanker"
  },
  "dummy_trs": 0,
  "dvars_nstd": 17.191959415568867,
  "dvars_std": 1.2782981786826344,
  "dvars_vstd": 1.0325574647305389,
  "efc": 0.4803129960862289,
  "fber": 12455.607421875,
  "fd_mean": 0.18751691538230317,
  "fd_num": 4,
  "fd_perc": 2.380952380952381,
  "fwhm_avg": 2.909553515151515,
  "fwhm_x": 2.8592087272727276,
  "fwhm_y": 3.194501818181818,
  "fwhm_z": 2.67495,
  "gcor": 0.090876,
  "gsr_x": -0.007859934121370316,
  "gsr_y": 0.010988024063408375,
  "provenance": {
    "md5sum": "534a05d756028161b2c5ea98f733232f",
    "settings": {
      "fd_thres": 0.5,
      "hmc_fsl": false
    },
    "software": "mriqc",
    "version": "0.10.4"
  },
  "size_t": 168,
  "size_x": 64,
  "size_y": 64,
  "size_z": 30,
  "snr": 5.284125165961544,
  "spacing_tr": 2.0,
  "spacing_x": 3.4375,
  "spacing_y": 3.4375,
  "spacing_z": 4.0,
  "summary_bg_k": 88.97070481611244,
  "summary_bg_mad": 11.32249641418457,
  "summary_bg_mean": 49.89866256713867,
  "summary_bg_median": 26.494047164916992,
  "summary_bg_n": 67667.0,
  "summary_bg_p05": 0.095238097012043,
  "summary_bg_p95": 159.29583740234372,
  "summary_bg_stdv": 95.13021850585938,
  "summary_fg_k": 2.4639236843918413,
  "summary_fg_mad": 460.82470703125,
  "summary_fg_mean": 2967.38720703125,
  "summary_fg_median": 3035.077392578125,
  "summary_fg_n": 27229.0,
  "summary_fg_p05": 1874.9678955078125,
  "summary_fg_p95": 3741.12744140625,
  "summary_fg_stdv": 574.365966796875,
  "tsnr": 83.06515502929688
}