{
  "aor": 0.035608690476190474,
  "aqi": 0.019653620833333336,
  "bids_meta": {
    "AcquisitionMatrixPE": 64,
    "ConversionSoftware": "dcm2niix",
    "ConversionSoftwareVersion": "v1.0.20171017 (OpenJPEG build) GCC4.8.4",
    "DeviceSerialNumber": "0000000517353VH3",
    "EchoTime": 0.0279,
    "EffectiveEchoSpacing": 0.000608,
    "FlipAngle": 76,
    "ImageOrientationPatientDICOM": [
      1,
      0,
      0,
      0,
      1,
      0
    ],
    "ImageType": [
      "ORIGINAL",
      "PRIMARY",
      "EPI",
      "NONE"
    ],
    "InPlanePhaseEncodingDirectionDICOM": "COL",
    "InstitutionName": "Michigan_State_University",
    "MRAcquisitionType": "2D",
    "MagneticFieldStrength": 3,
    "Manufacturer": "GE",
    "ManufacturersModelName": "Signa_HDxt",
    "Modality": "MR",
    "PatientPosition": "HFS",
    "PercentPhaseFOV": 100,
    "PixelBandwidth": 7812.5,
    "ProtocolName": "fMRI",
    "ReconMatrixPE": 64,
    "RepetitionTime": 2,
    "SAR": 0.225736,
    "ScanOptions": "EPI_GEMS",
    "ScanningSequence": "EP_GR",
    "SequenceVariant": "SS",
    "SeriesDescription": "fMRI",
    "SliceThickness": 4,
    "SoftwareVersions": "24_LX_MR_Software_release:HD16.0_V02_1131.a",
    "SpacingBetweenSlices": 4,
    "StationName": "MR03MR03",
    "TaskName": "flanker",
    "TotalReadoutTime": 0.038304,
    "modality": "bold",
    "run_id": "01",
    "session_id": "ExercisePost",
    "subject_id": "010",
    "task_id": "flanker"
  },
  "dummy_trs": 0,
  "dvars_nstd": 31.67947251221556,
  "dvars_std": 1.200587561676646,
  "dvars_vstd": 1.1806648249101797,
  "efc": 0.45658333087363706,
  "fber": 13782.5986328125,
  "fd_mean": 0.7755788026863016,
  "fd_num": 36,
  "fd_perc": 21.428571428571427,
  "fwhm_avg": 2.8880055454545452,
  "fwhm_x": 2.836229818181818,
  "fwhm_y": 3.201861818181818,
  "fwhm_z": 2.625925,
  "gcor": 0.116792,
  "gsr_x": -0.007548434194177389,
  "gsr_y": 0.008850217796862125,
  "provenance": {
    "md5sum": "bf1b5fefe1311d97ad79d9bba0b5f53b",
    "settings": {
      "fd_thres": 0.5,
      "hmc_fsl": false
    },
    "software": "mriqc",
    "version": "0.10.4"
  },
  "size_t": 168,
  "size_x": 64,
  "size_y": 64,
  "size_z": 30,
  "snr": 5.505225587842028,
  "spacing_tr": 2.0,
  "spacing_x": 3.4375,
  "spacing_y": 3.4375,
  "spacing_z": 4.0,
  "summary_bg_k": 89.12633427270885,
  "summary_bg_mad": 14.65834903717041,
  "summary_bg_mean": 70.26160430908203,
  "summary_bg_median": 39.238094329833984,
  "summary_bg_n": 71098.0,
  "summary_bg_p05": 1.797619104385376,
  "summary_bg_p95": 218.28155517578116,
  "summary_bg_stdv": 125.09125518798828,
  "summary_fg_k": 2.8973291221542405,
  "summary_fg_mad": 634.9902954101562,
  "summary_fg_mean": 4597.392578125,
  "summary_fg_median": 4696.63671875,
  "summary_fg_n": 24728.0,
  "summary_fg_p05": 2992.096215820313,
  "summary_fg_p95": 5761.37265625,
  "summary_fg_stdv": 853.1061401367188,
  "tsnr": 32.07585525512695
}