{
  "aor": 0.014462023809523808,
  "aqi": 0.013676761547619048,
  "bids_meta": {
    "AcquisitionMatrixPE": 64,
    "ConversionSoftware": "dcm2niix",
    "ConversionSoftwareVersion": "v1.0.20171017 (OpenJPEG build) GCC4.8.4",
    "DeviceSerialNumber": "0000000517353VH3",
    "EchoTime": 0.0279,
    "EffectiveEchoSpacing": 0.000608,
    "FlipAngle": 76,
    "ImageOrientationPatientDICOM": [
      1,
      0,
      0,
      0,
      1,
      0
    ],
    "ImageType": [
      "ORIGINAL",
      "PRIMARY",
      "EPI",
      "NONE"
    ],
    "InPlanePhaseEncodingDirectionDICOM": "COL",
    "InstitutionName": "Michigan_State_University",
    "MRAcquisitionType": "2D",
    "MagneticFieldStrength": 3,
    "Manufacturer": "GE",
    "ManufacturersModelName": "Signa_HDxt",
    "Modality": "MR",
    "PatientPosition": "HFS",
    "PercentPhaseFOV": 100,
    "PixelBandwidth": 7812.5,
    "ProtocolName": "fMRI",
    "ReconMatrixPE": 64,
    "RepetitionTime": 2,
    "SAR": 0.225736,
    "ScanOptions": "EPI_GEMS",
    "ScanningSequence": "EP_GR",
    "SequenceVariant": "SS",
    "SeriesDescription": "fMRI",
    "SliceThickness": 4,
    "SoftwareVersions": "24_LX_MR_Software_release:HD16.0_V02_1131.a",
    "SpacingBetweenSlices": 4,
    "StationName": "MR03MR03",
    "TaskName": "flanker",
    "TotalReadoutTime": 0.038304,
    "modality": "bold",
    "run_id": "01",
    "session_id": "ExercisePre",
    "subject_id": "027",
    "task_id": "flanker"
  },
  "dummy_trs": 0,
  "dvars_nstd": 24.621861160838325,
  "dvars_std": 1.051266865568862,
  "dvars_vstd": 0.9748597453892212,
  "efc": 0.46204964026764855,
  "fber": 12070.123046875,
  "fd_mean": 0.45276598084920483,
  "fd_num": 46,
  "fd_perc": 27.38095238095238,
  "fwhm_avg": 2.9776287878787877,
  "fwhm_x": 2.960814545454545,
  "fwhm_y": 3.2604218181818183,
  "fwhm_z": 2.71165,
  "gcor": 0.0637665,
  "gsr_x": -0.0008377362391911447,
  "gsr_y": 0.006547464057803154,
  "provenance": {
    "md5sum": "82e7bd3f666808cec1fe587ab960e51f",
    "settings": {
      "fd_thres": 0.5,
      "hmc_fsl": false
    },
    "software": "mriqc",
    "version": "0.10.4"
  },
  "size_t": 168,
  "size_x": 64,
  "size_y": 64,
  "size_z": 30,
  "snr": 5.211028179802387,
  "spacing_tr": 2.0,
  "spacing_x": 3.4375,
  "spacing_y": 3.4375,
  "spacing_z": 4.0,
  "summary_bg_k": 86.1627921208488,
  "summary_bg_mad": 12.372668266296387,
  "summary_bg_mean": 53.2333984375,
  "summary_bg_median": 26.35714340209961,
  "summary_bg_n": 70784.0,
  "summary_bg_p05": 0.4107142984867096,
  "summary_bg_p95": 174.6011962890625,
  "summary_bg_stdv": 102.46929931640625,
  "summary_fg_k": 2.820908120742776,
  "summary_fg_mad": 452.6085205078125,
  "summary_fg_mean": 2866.807373046875,
  "summary_fg_median": 2961.1787109375,
  "summary_fg_n": 24952.0,
  "summary_fg_p05": 1766.300927734375,
  "summary_fg_p95": 3577.156945800781,
  "summary_fg_stdv": 568.2409057617188,
  "tsnr": 42.786460876464844
}