{
  "aor": 0.015302380952380953,
  "aqi": 0.005738019880952381,
  "bids_meta": {
    "AcquisitionMatrixPE": 64,
    "ConversionSoftware": "dcm2niix",
    "ConversionSoftwareVersion": "v1.0.20171017 (OpenJPEG build) GCC4.8.4",
    "DeviceSerialNumber": "0000000517353VH3",
    "EchoTime": 0.0279,
    "EffectiveEchoSpacing": 0.000608,
    "FlipAngle": 76,
    "ImageOrientationPatientDICOM": [
      1,
      0,
      0,
      0,
      1,
      0
    ],
    "ImageType": [
      "ORIGINAL",
      "PRIMARY",
      "EPI",
      "NONE"
    ],
    "InPlanePhaseEncodingDirectionDICOM": "COL",
    "InstitutionName": "Michigan_State_University",
    "MRAcquisitionType": "2D",
    "MagneticFieldStrength": 3,
    "Manufacturer": "GE",
    "ManufacturersModelName": "Signa_HDxt",
    "Modality": "MR",
    "PatientPosition": "HFS",
    "PercentPhaseFOV": 100,
    "PixelBandwidth": 7812.5,
    "ProtocolName": "fMRI",
    "ReconMatrixPE": 64,
    "RepetitionTime": 2,
    "SAR": 0.225736,
    "ScanOptions": "EPI_GEMS",
    "ScanningSequence": "EP_GR",
    "SequenceVariant": "SS",
    "SeriesDescription": "fMRI",
    "SliceThickness": 4,
    "SoftwareVersions": "24_LX_MR_Software_release:HD16.0_V02_1131.a",
    "SpacingBetweenSlices": 4,
    "StationName": "MR03MR03",
    "TaskName": "rest",
    "TotalReadoutTime": 0.038304,
    "modality": "bold",
    "session_id": "ControlPost",
    "subject_id": "002",
    "task_id": "rest"
  },
  "dummy_trs": 0,
  "dvars_nstd": 19.812793594610778,
  "dvars_std": 1.1653637768263474,
  "dvars_vstd": 1.026475409221556,
  "efc": 0.5050741985376371,
  "fber": 12185.9072265625,
  "fd_mean": 0.25526833624840717,
  "fd_num": 13,
  "fd_perc": 7.738095238095238,
  "fwhm_avg": 2.8725795454545455,
  "fwhm_x": 2.738778181818182,
  "fwhm_y": 3.1447854545454548,
  "fwhm_z": 2.734175,
  "gcor": 0.0659097,
  "gsr_x": -0.010091663338243961,
  "gsr_y": 0.014005791395902634,
  "provenance": {
    "md5sum": "565d7a71fac8d9a9355a7bdebc5f883d",
    "settings": {
      "fd_thres": 0.5,
      "hmc_fsl": false
    },
    "software": "mriqc",
    "version": "0.10.4"
  },
  "size_t": 168,
  "size_x": 64,
  "size_y": 64,
  "size_z": 30,
  "snr": 5.339416908789072,
  "spacing_tr": 2.0,
  "spacing_x": 3.4375,
  "spacing_y": 3.4375,
  "spacing_z": 4.0,
  "summary_bg_k": 121.07712984079724,
  "summary_bg_mad": 15.946803092956543,
  "summary_bg_mean": 74.2368392944336,
  "summary_bg_median": 38.083335876464844,
  "summary_bg_n": 64493.0,
  "summary_bg_p05": 0.1785714328289032,
  "summary_bg_p95": 234.7154846191405,
  "summary_bg_stdv": 161.82003784179688,
  "summary_fg_k": 2.2366389429277644,
  "summary_fg_mad": 666.28857421875,
  "summary_fg_mean": 4201.546875,
  "summary_fg_median": 4285.9345703125,
  "summary_fg_n": 30642.0,
  "summary_fg_p05": 2769.1988281250005,
  "summary_fg_p95": 5327.807324218749,
  "summary_fg_stdv": 802.6840209960938,
  "tsnr": 67.90615844726562
}