{
  "aor": 0.007345059523809524,
  "aqi": 0.004969528392857143,
  "bids_meta": {
    "AcquisitionMatrixPE": 64,
    "ConversionSoftware": "dcm2niix",
    "ConversionSoftwareVersion": "v1.0.20171017 (OpenJPEG build) GCC4.8.4",
    "DeviceSerialNumber": "0000000517353VH3",
    "EchoTime": 0.0279,
    "EffectiveEchoSpacing": 0.000608,
    "FlipAngle": 76,
    "ImageOrientationPatientDICOM": [
      1,
      0,
      0,
      0,
      1,
      0
    ],
    "ImageType": [
      "ORIGINAL",
      "PRIMARY",
      "EPI",
      "NONE"
    ],
    "InPlanePhaseEncodingDirectionDICOM": "COL",
    "InstitutionName": "Michigan_State_University",
    "MRAcquisitionType": "2D",
    "MagneticFieldStrength": 3,
    "Manufacturer": "GE",
    "ManufacturersModelName": "Signa_HDxt",
    "Modality": "MR",
    "PatientPosition": "HFS",
    "PercentPhaseFOV": 100,
    "PixelBandwidth": 7812.5,
    "ProtocolName": "fMRI",
    "ReconMatrixPE": 64,
    "RepetitionTime": 2,
    "SAR": 0.225736,
    "ScanOptions": "EPI_GEMS",
    "ScanningSequence": "EP_GR",
    "SequenceVariant": "SS",
    "SeriesDescription": "fMRI",
    "SliceThickness": 4,
    "SoftwareVersions": "24_LX_MR_Software_release:HD16.0_V02_1131.a",
    "SpacingBetweenSlices": 4,
    "StationName": "MR03MR03",
    "TaskName": "rest",
    "TotalReadoutTime": 0.038304,
    "modality": "bold",
    "session_id": "ControlPre",
    "subject_id": "001",
    "task_id": "rest"
  },
  "dummy_trs": 0,
  "dvars_nstd": 15.968795342634724,
  "dvars_std": 1.18980785502994,
  "dvars_vstd": 1.0500667505988022,
  "efc": 0.49684415739359405,
  "fber": 6169.015625,
  "fd_mean": 0.19734220397800478,
  "fd_num": 10,
  "fd_perc": 5.9523809523809526,
  "fwhm_avg": 2.8577529393939387,
  "fwhm_x": 2.7684392727272726,
  "fwhm_y": 3.2948945454545453,
  "fwhm_z": 2.509925,
  "gcor": 0.0400195,
  "gsr_x": -0.004328455775976181,
  "gsr_y": 0.019346533343195915,
  "provenance": {
    "md5sum": "58a8b54f6431b8f4d2c6279671fcf03c",
    "settings": {
      "fd_thres": 0.5,
      "hmc_fsl": false
    },
    "software": "mriqc",
    "version": "0.10.4"
  },
  "size_t": 168,
  "size_x": 64,
  "size_y": 64,
  "size_z": 30,
  "snr": 5.077636260189012,
  "spacing_tr": 2.0,
  "spacing_x": 3.4375,
  "spacing_y": 3.4375,
  "spacing_z": 4.0,
  "summary_bg_k": 42.372887116800015,
  "summary_bg_mad": 30.702219009399414,
  "summary_bg_mean": 118.89813995361328,
  "summary_bg_median": 55.1726188659668,
  "summary_bg_n": 66619.0,
  "summary_bg_p05": 0.6547619104385376,
  "summary_bg_p95": 392.2089385986327,
  "summary_bg_stdv": 208.43270874023438,
  "summary_fg_k": 2.335450069712148,
  "summary_fg_mad": 716.1812133789062,
  "summary_fg_mean": 4350.38623046875,
  "summary_fg_median": 4405.72021484375,
  "summary_fg_n": 28020.0,
  "summary_fg_p05": 2813.476489257813,
  "summary_fg_p95": 5614.07197265625,
  "summary_fg_stdv": 867.656005859375,
  "tsnr": 73.32537841796875
}