{
  "aor": 0.04199517857142857,
  "aqi": 0.02701428613095238,
  "bids_meta": {
    "AcquisitionMatrixPE": 64,
    "ConversionSoftware": "dcm2niix",
    "ConversionSoftwareVersion": "v1.0.20171017 (OpenJPEG build) GCC4.8.4",
    "DeviceSerialNumber": "0000000517353VH3",
    "EchoTime": 0.0279,
    "EffectiveEchoSpacing": 0.000608,
    "FlipAngle": 76,
    "ImageOrientationPatientDICOM": [
      1,
      0,
      0,
      0,
      1,
      0
    ],
    "ImageType": [
      "ORIGINAL",
      "PRIMARY",
      "EPI",
      "NONE"
    ],
    "InPlanePhaseEncodingDirectionDICOM": "COL",
    "InstitutionName": "Michigan_State_University",
    "MRAcquisitionType": "2D",
    "MagneticFieldStrength": 3,
    "Manufacturer": "GE",
    "ManufacturersModelName": "Signa_HDxt",
    "Modality": "MR",
    "PatientPosition": "HFS",
    "PercentPhaseFOV": 100,
    "PixelBandwidth": 7812.5,
    "ProtocolName": "fMRI",
    "ReconMatrixPE": 64,
    "RepetitionTime": 2,
    "SAR": 0.225736,
    "ScanOptions": "EPI_GEMS",
    "ScanningSequence": "EP_GR",
    "SequenceVariant": "SS",
    "SeriesDescription": "fMRI",
    "SliceThickness": 4,
    "SoftwareVersions": "24_LX_MR_Software_release:HD16.0_V02_1131.a",
    "SpacingBetweenSlices": 4,
    "StationName": "MR03MR03",
    "TaskName": "rest",
    "TotalReadoutTime": 0.038304,
    "modality": "bold",
    "session_id": "ControlPre",
    "subject_id": "008",
    "task_id": "rest"
  },
  "dummy_trs": 0,
  "dvars_nstd": 38.1731266945509,
  "dvars_std": 1.0584581635329344,
  "dvars_vstd": 1.1194233430538922,
  "efc": 0.4753859601210946,
  "fber": 12001.853515625,
  "fd_mean": 1.2313198111659096,
  "fd_num": 53,
  "fd_perc": 31.547619047619047,
  "fwhm_avg": 2.9001363939393943,
  "fwhm_x": 2.8329105454545456,
  "fwhm_y": 3.147723636363636,
  "fwhm_z": 2.719775,
  "gcor": 0.149117,
  "gsr_x": -0.005139055661857128,
  "gsr_y": 0.011382665485143661,
  "provenance": {
    "md5sum": "2d6d4adab75e6c3e4bc3b593af7c8e9a",
    "settings": {
      "fd_thres": 0.5,
      "hmc_fsl": false
    },
    "software": "mriqc",
    "version": "0.10.4"
  },
  "size_t": 168,
  "size_x": 64,
  "size_y": 64,
  "size_z": 30,
  "snr": 5.41164667763783,
  "spacing_tr": 2.0,
  "spacing_x": 3.4375,
  "spacing_y": 3.4375,
  "spacing_z": 4.0,
  "summary_bg_k": 81.62112289249426,
  "summary_bg_mad": 16.10565185546875,
  "summary_bg_mean": 63.762664794921875,
  "summary_bg_median": 33.14881134033203,
  "summary_bg_n": 68930.0,
  "summary_bg_p05": 2.6157738447189347,
  "summary_bg_p95": 219.4113159179687,
  "summary_bg_stdv": 120.67914581298828,
  "summary_fg_k": 2.6889126727990655,
  "summary_fg_mad": 569.16943359375,
  "summary_fg_mean": 3639.3173828125,
  "summary_fg_median": 3683.3095703125,
  "summary_fg_n": 26569.0,
  "summary_fg_p05": 2453.371435546875,
  "summary_fg_p95": 4615.21083984375,
  "summary_fg_stdv": 680.6135864257812,
  "tsnr": 25.081165313720703
}