{
  "bids_meta": {
    "AcquisitionMatrixPE": 256,
    "ConversionSoftware": "dcm2niix",
    "ConversionSoftwareVersion": "v1.0.20171017 (OpenJPEG build) GCC4.8.4",
    "DeviceSerialNumber": "0000000517353VH3",
    "EchoTime": 0.003828,
    "FlipAngle": 8,
    "ImageOrientationPatientDICOM": [
      0,
      1,
      0,
      0,
      0,
      -1
    ],
    "ImageType": [
      "ORIGINAL",
      "PRIMARY",
      "OTHER"
    ],
    "InPlanePhaseEncodingDirectionDICOM": "ROW",
    "InstitutionName": "Michigan_State_University",
    "InversionTime": 0.04,
    "MRAcquisitionType": "3D",
    "MagneticFieldStrength": 3,
    "Manufacturer": "GE",
    "ManufacturersModelName": "Signa_HDxt",
    "Modality": "MR",
    "PatientPosition": "HFS",
    "PercentPhaseFOV": 100,
    "PixelBandwidth": 162.734,
    "ProtocolName": "mprage_1mm_iso_20.83_bw",
    "ReconMatrixPE": 256,
    "RepetitionTime": 0.008596,
    "SAR": 0.306132,
    "ScanOptions": "NONE",
    "ScanningSequence": "RM",
    "SequenceVariant": "NONE",
    "SeriesDescription": "mprage_1mm_iso_20.83_bw",
    "SliceThickness": 1,
    "SoftwareVersions": "24_LX_MR_Software_release:HD16.0_V02_1131.a",
    "SpacingBetweenSlices": 1,
    "StationName": "MR03MR03",
    "modality": "T1w",
    "session_id": "ControlPre",
    "subject_id": "041"
  },
  "cjv": 0.27606946418315287,
  "cnr": 4.663999136836314,
  "efc": 0.5802253794647285,
  "fber": 113.65739440917969,
  "fwhm_avg": 3.7633233333333336,
  "fwhm_x": 3.6423,
  "fwhm_y": 3.98397,
  "fwhm_z": 3.6637,
  "icvs_csf": 0.19455144224732518,
  "icvs_gm": 0.4603504332759584,
  "icvs_wm": 0.3450981244767164,
  "inu_med": 1.0386607646942139,
  "inu_range": 0.2980733305215836,
  "provenance": {
    "md5sum": "77e81048ba6c33110262ec2a781b896f",
    "settings": {
      "testing": false
    },
    "software": "mriqc",
    "version": "0.10.4",
    "warnings": {
      "large_rot_frame": true,
      "small_air_mask": false
    }
  },
  "qi_1": 0.0,
  "qi_2": 0.0010277253622586625,
  "rpve_csf": 24.479785924269454,
  "rpve_gm": 11.719413066803673,
  "rpve_wm": 18.18550748034063,
  "size_x": 180,
  "size_y": 256,
  "size_z": 256,
  "snr_csf": 2.476489954129722,
  "snr_gm": 10.804773151663463,
  "snr_total": 11.152864065699662,
  "snr_wm": 20.177329091305804,
  "snrd_csf": 15.434389449419513,
  "snrd_gm": 33.484243937133265,
  "snrd_total": 33.85474579237009,
  "snrd_wm": 52.64560399055749,
  "spacing_x": 1.0,
  "spacing_y": 1.0,
  "spacing_z": 1.0,
  "summary_bg_k": 0.8596514927017229,
  "summary_bg_mad": 12.444398880004883,
  "summary_bg_mean": 49.54563903808594,
  "summary_bg_median": 48.75248718261719,
  "summary_bg_n": 2913366.0,
  "summary_bg_p05": 30.3320255279541,
  "summary_bg_p95": 71.85658836364746,
  "summary_bg_stdv": 12.984062194824219,
  "summary_csf_k": 1.040333455808934,
  "summary_csf_mad": 129.02532958984375,
  "summary_csf_mean": 310.3245849609375,
  "summary_csf_median": 293.1781921386719,
  "summary_csf_n": 13707.0,
  "summary_csf_p05": 148.24933624267578,
  "summary_csf_p95": 505.8330841064452,
  "summary_csf_stdv": 118.3802490234375,
  "summary_gm_k": 0.05526813628126748,
  "summary_gm_mad": 58.10074234008789,
  "summary_gm_mean": 634.9304809570312,
  "summary_gm_median": 636.0374755859375,
  "summary_gm_n": 44228.0,
  "summary_gm_p05": 535.663296508789,
  "summary_gm_p95": 729.9020599365235,
  "summary_gm_stdv": 58.86567687988281,
  "summary_wm_k": 1.201865696164493,
  "summary_wm_mad": 42.380943298339844,
  "summary_wm_mean": 994.8915405273438,
  "summary_wm_median": 1000.0099487304688,
  "summary_wm_n": 189863.0,
  "summary_wm_p05": 900.5727172851563,
  "summary_wm_p95": 1065.7695190429688,
  "summary_wm_stdv": 49.560935974121094,
  "tpm_overlap_csf": 0.22000840306282043,
  "tpm_overlap_gm": 0.5380809903144836,
  "tpm_overlap_wm": 0.5536504983901978,
  "wm2max": 0.6630110555306884
}