{
  "aor": 0.0018717365269461076,
  "aqi": 0.002765230778443114,
  "bids_meta": {
    "AcquisitionMatrixPE": 64,
    "ConversionSoftware": "dcm2niix",
    "ConversionSoftwareVersion": "v1.0.20171017 (OpenJPEG build) GCC4.8.4",
    "DeviceSerialNumber": "0000000517353VH3",
    "EchoTime": 0.0279,
    "EffectiveEchoSpacing": 0.000608,
    "FlipAngle": 76,
    "ImageOrientationPatientDICOM": [
      1,
      0,
      0,
      0,
      1,
      0
    ],
    "ImageType": [
      "ORIGINAL",
      "PRIMARY",
      "EPI",
      "NONE"
    ],
    "InPlanePhaseEncodingDirectionDICOM": "COL",
    "InstitutionName": "Michigan_State_University",
    "MRAcquisitionType": "2D",
    "MagneticFieldStrength": 3,
    "Manufacturer": "GE",
    "ManufacturersModelName": "Signa_HDxt",
    "Modality": "MR",
    "PatientPosition": "HFS",
    "PercentPhaseFOV": 100,
    "PixelBandwidth": 7812.5,
    "ProtocolName": "fMRI",
    "ReconMatrixPE": 64,
    "RepetitionTime": 2,
    "SAR": 0.225736,
    "ScanOptions": "EPI_GEMS",
    "ScanningSequence": "EP_GR",
    "SequenceVariant": "SS",
    "SeriesDescription": "fMRI",
    "SliceThickness": 4,
    "SoftwareVersions": "24_LX_MR_Software_release:HD16.0_V02_1131.a",
    "SpacingBetweenSlices": 4,
    "StationName": "MR03MR03",
    "TaskName": "flanker",
    "TotalReadoutTime": 0.038304,
    "modality": "bold",
    "run_id": "01",
    "session_id": "ControlPost",
    "subject_id": "043",
    "task_id": "flanker"
  },
  "dummy_trs": 1,
  "dvars_nstd": 12.828072961626509,
  "dvars_std": 1.2492983853012047,
  "dvars_vstd": 1.0046683648192778,
  "efc": 0.474699536481737,
  "fber": 11903.4765625,
  "fd_mean": 0.09739828785286517,
  "fd_num": 0,
  "fd_perc": 0.0,
  "fwhm_avg": 2.9498051515151515,
  "fwhm_x": 2.924014545454545,
  "fwhm_y": 3.2828509090909095,
  "fwhm_z": 2.64255,
  "gcor": 0.053767,
  "gsr_x": -0.006486399564892054,
  "gsr_y": 0.010299861431121826,
  "provenance": {
    "md5sum": "0e0356987d631286c4bcb5cd2a046eee",
    "settings": {
      "fd_thres": 0.5,
      "hmc_fsl": false
    },
    "software": "mriqc",
    "version": "0.10.4"
  },
  "size_t": 167,
  "size_x": 64,
  "size_y": 64,
  "size_z": 30,
  "snr": 5.118159878326397,
  "spacing_tr": 2.0,
  "spacing_x": 3.4375,
  "spacing_y": 3.4375,
  "spacing_z": 4.0,
  "summary_bg_k": 55.598635553445995,
  "summary_bg_mad": 12.553290367126465,
  "summary_bg_mean": 56.29018783569336,
  "summary_bg_median": 27.9940128326416,
  "summary_bg_n": 68801.0,
  "summary_bg_p05": 0.15568862855434418,
  "summary_bg_p95": 204.9281463623047,
  "summary_bg_stdv": 102.41313171386719,
  "summary_fg_k": 3.197900348704879,
  "summary_fg_mad": 448.67828369140625,
  "summary_fg_mean": 2999.677001953125,
  "summary_fg_median": 3102.053955078125,
  "summary_fg_n": 26335.0,
  "summary_fg_p05": 1816.0432006835936,
  "summary_fg_p95": 3756.684619140625,
  "summary_fg_stdv": 606.0762329101562,
  "tsnr": 103.6127700805664
}