{
  "bids_meta": {
    "AcquisitionMatrixPE": 256,
    "ConversionSoftware": "dcm2niix",
    "ConversionSoftwareVersion": "v1.0.20171017 (OpenJPEG build) GCC4.8.4",
    "DeviceSerialNumber": "0000000517353VH3",
    "EchoTime": 0.003828,
    "FlipAngle": 8,
    "ImageOrientationPatientDICOM": [
      0,
      1,
      0,
      0,
      0,
      -1
    ],
    "ImageType": [
      "ORIGINAL",
      "PRIMARY",
      "OTHER"
    ],
    "InPlanePhaseEncodingDirectionDICOM": "ROW",
    "InstitutionName": "Michigan_State_University",
    "InversionTime": 0.04,
    "MRAcquisitionType": "3D",
    "MagneticFieldStrength": 3,
    "Manufacturer": "GE",
    "ManufacturersModelName": "Signa_HDxt",
    "Modality": "MR",
    "PatientPosition": "HFS",
    "PercentPhaseFOV": 100,
    "PixelBandwidth": 162.734,
    "ProtocolName": "mprage_1mm_iso_20.83_bw",
    "ReconMatrixPE": 256,
    "RepetitionTime": 0.008596,
    "SAR": 0.306132,
    "ScanOptions": "NONE",
    "ScanningSequence": "RM",
    "SequenceVariant": "NONE",
    "SeriesDescription": "mprage_1mm_iso_20.83_bw",
    "SliceThickness": 1,
    "SoftwareVersions": "24_LX_MR_Software_release:HD16.0_V02_1131.a",
    "SpacingBetweenSlices": 1,
    "StationName": "MR03MR03",
    "modality": "T1w",
    "session_id": "ExercisePre",
    "subject_id": "017"
  },
  "cjv": 0.2693994115969149,
  "cnr": 4.777413824034297,
  "efc": 0.5900842108689666,
  "fber": 105.775634765625,
  "fwhm_avg": 3.7758300000000005,
  "fwhm_x": 3.4956,
  "fwhm_y": 4.09205,
  "fwhm_z": 3.73984,
  "icvs_csf": 0.17748179444708526,
  "icvs_gm": 0.48423823841681224,
  "icvs_wm": 0.33827996713610253,
  "inu_med": 0.9885095357894897,
  "inu_range": 0.3478137254714966,
  "provenance": {
    "md5sum": "6a10f417f35d2d0f516aed1bc335af2f",
    "settings": {
      "testing": false
    },
    "software": "mriqc",
    "version": "0.10.4",
    "warnings": {
      "large_rot_frame": true,
      "small_air_mask": false
    }
  },
  "qi_1": 0.0,
  "qi_2": 0.0006959910199092297,
  "rpve_csf": 24.542969774954713,
  "rpve_gm": 10.482949744379466,
  "rpve_wm": 16.787952730152174,
  "size_x": 180,
  "size_y": 256,
  "size_z": 256,
  "snr_csf": 2.0827501238173336,
  "snr_gm": 9.894369971948361,
  "snr_total": 10.373536759959402,
  "snr_wm": 19.143490184112512,
  "snrd_csf": 12.237819996032304,
  "snrd_gm": 29.90119649563193,
  "snrd_total": 30.416442676853553,
  "snrd_wm": 49.11031153889643,
  "spacing_x": 1.0,
  "spacing_y": 1.0,
  "spacing_z": 1.0,
  "summary_bg_k": 0.6467746316604561,
  "summary_bg_mad": 13.340219497680664,
  "summary_bg_mean": 48.207393646240234,
  "summary_bg_median": 47.05032730102539,
  "summary_bg_n": 2600335.0,
  "summary_bg_p05": 28.32278747558594,
  "summary_bg_p95": 72.26354904174804,
  "summary_bg_stdv": 13.709546089172363,
  "summary_csf_k": 3.006247309391937,
  "summary_csf_mad": 120.60350036621094,
  "summary_csf_mean": 270.8099060058594,
  "summary_csf_median": 249.1927032470703,
  "summary_csf_n": 13237.0,
  "summary_csf_p05": 110.13466339111329,
  "summary_csf_p95": 481.83045043945305,
  "summary_csf_stdv": 119.64147186279297,
  "summary_gm_k": 0.16378258702875925,
  "summary_gm_mad": 60.13751220703125,
  "summary_gm_mean": 610.1122436523438,
  "summary_gm_median": 608.8633422851562,
  "summary_gm_n": 49168.0,
  "summary_gm_p05": 510.8986480712891,
  "summary_gm_p95": 713.7062072753906,
  "summary_gm_stdv": 61.53571701049805,
  "summary_wm_k": 1.1551804587890278,
  "summary_wm_mad": 45.23692321777344,
  "summary_wm_mean": 996.456298828125,
  "summary_wm_median": 1000.0090942382812,
  "summary_wm_n": 194259.0,
  "summary_wm_p05": 900.2196350097656,
  "summary_wm_p95": 1074.0316162109375,
  "summary_wm_stdv": 52.23741912841797,
  "tpm_overlap_csf": 0.20185938477516174,
  "tpm_overlap_gm": 0.5209564566612244,
  "tpm_overlap_wm": 0.5113101005554199,
  "wm2max": 0.6152888774538439
}