{
  "aor": 0.0021817857142857142,
  "aqi": 0.008956459761904763,
  "bids_meta": {
    "AcquisitionMatrixPE": 64,
    "ConversionSoftware": "dcm2niix",
    "ConversionSoftwareVersion": "v1.0.20171017 (OpenJPEG build) GCC4.8.4",
    "DeviceSerialNumber": "0000000517353VH3",
    "EchoTime": 0.0279,
    "EffectiveEchoSpacing": 0.000608,
    "FlipAngle": 76,
    "ImageOrientationPatientDICOM": [
      1,
      0,
      0,
      0,
      1,
      0
    ],
    "ImageType": [
      "ORIGINAL",
      "PRIMARY",
      "EPI",
      "NONE"
    ],
    "InPlanePhaseEncodingDirectionDICOM": "COL",
    "InstitutionName": "Michigan_State_University",
    "MRAcquisitionType": "2D",
    "MagneticFieldStrength": 3,
    "Manufacturer": "GE",
    "ManufacturersModelName": "Signa_HDxt",
    "Modality": "MR",
    "PatientPosition": "HFS",
    "PercentPhaseFOV": 100,
    "PixelBandwidth": 7812.5,
    "ProtocolName": "fMRI",
    "ReconMatrixPE": 64,
    "RepetitionTime": 2,
    "SAR": 0.225736,
    "ScanOptions": "EPI_GEMS",
    "ScanningSequence": "EP_GR",
    "SequenceVariant": "SS",
    "SeriesDescription": "fMRI",
    "SliceThickness": 4,
    "SoftwareVersions": "24_LX_MR_Software_release:HD16.0_V02_1131.a",
    "SpacingBetweenSlices": 4,
    "StationName": "MR03MR03",
    "TaskName": "rest",
    "TotalReadoutTime": 0.038304,
    "modality": "bold",
    "session_id": "ExercisePost",
    "subject_id": "026",
    "task_id": "rest"
  },
  "dummy_trs": 0,
  "dvars_nstd": 21.69577297616766,
  "dvars_std": 1.014105809580838,
  "dvars_vstd": 0.9193822381437127,
  "efc": 0.4873171618701829,
  "fber": 4256.8310546875,
  "fd_mean": 0.2666768691662723,
  "fd_num": 17,
  "fd_perc": 10.119047619047619,
  "fwhm_avg": 2.9703774848484845,
  "fwhm_x": 2.8448174545454545,
  "fwhm_y": 3.37664,
  "fwhm_z": 2.689675,
  "gcor": 0.0414206,
  "gsr_x": -0.007772535085678101,
  "gsr_y": 0.012986911460757256,
  "provenance": {
    "md5sum": "088556b68ce21f3450411af05a39ec04",
    "settings": {
      "fd_thres": 0.5,
      "hmc_fsl": false
    },
    "software": "mriqc",
    "version": "0.10.4"
  },
  "size_t": 168,
  "size_x": 64,
  "size_y": 64,
  "size_z": 30,
  "snr": 4.9894866299029506,
  "spacing_tr": 2.0,
  "spacing_x": 3.4375,
  "spacing_y": 3.4375,
  "spacing_z": 4.0,
  "summary_bg_k": 94.78209759927779,
  "summary_bg_mad": 10.934191703796387,
  "summary_bg_mean": 60.996944427490234,
  "summary_bg_median": 41.41666793823242,
  "summary_bg_n": 67624.0,
  "summary_bg_p05": 0.5663690418004995,
  "summary_bg_p95": 172.63928222656247,
  "summary_bg_stdv": 91.34418487548828,
  "summary_fg_k": 2.1704521931020206,
  "summary_fg_mad": 453.67193603515625,
  "summary_fg_mean": 2732.578369140625,
  "summary_fg_median": 2801.544677734375,
  "summary_fg_n": 27374.0,
  "summary_fg_p05": 1686.8622741699219,
  "summary_fg_p95": 3500.709008789063,
  "summary_fg_stdv": 561.4793090820312,
  "tsnr": 50.49394989013672
}