{
  "bids_meta": {
    "AcquisitionMatrixPE": 256,
    "ConversionSoftware": "dcm2niix",
    "ConversionSoftwareVersion": "v1.0.20171017 (OpenJPEG build) GCC4.8.4",
    "DeviceSerialNumber": "0000000517353VH3",
    "EchoTime": 0.003828,
    "FlipAngle": 8,
    "ImageOrientationPatientDICOM": [
      0,
      1,
      0,
      0,
      0,
      -1
    ],
    "ImageType": [
      "ORIGINAL",
      "PRIMARY",
      "OTHER"
    ],
    "InPlanePhaseEncodingDirectionDICOM": "ROW",
    "InstitutionName": "Michigan_State_University",
    "InversionTime": 0.04,
    "MRAcquisitionType": "3D",
    "MagneticFieldStrength": 3,
    "Manufacturer": "GE",
    "ManufacturersModelName": "Signa_HDxt",
    "Modality": "MR",
    "PatientPosition": "HFS",
    "PercentPhaseFOV": 100,
    "PixelBandwidth": 162.734,
    "ProtocolName": "mprage_1mm_iso_20.83_bw",
    "ReconMatrixPE": 256,
    "RepetitionTime": 0.008596,
    "SAR": 0.306132,
    "ScanOptions": "NONE",
    "ScanningSequence": "RM",
    "SequenceVariant": "NONE",
    "SeriesDescription": "mprage_1mm_iso_20.83_bw",
    "SliceThickness": 1,
    "SoftwareVersions": "24_LX_MR_Software_release:HD16.0_V02_1131.a",
    "SpacingBetweenSlices": 1,
    "StationName": "MR03MR03",
    "modality": "T1w",
    "session_id": "ExercisePre",
    "subject_id": "054"
  },
  "cjv": 0.25692623572408896,
  "cnr": 4.899638714870142,
  "efc": 0.5750024417113333,
  "fber": 111.49128723144531,
  "fwhm_avg": 3.689413333333333,
  "fwhm_x": 3.60223,
  "fwhm_y": 3.89221,
  "fwhm_z": 3.5738,
  "icvs_csf": 0.19321251102231157,
  "icvs_gm": 0.4651430771119903,
  "icvs_wm": 0.3416444118656981,
  "inu_med": 0.816685140132904,
  "inu_range": 0.2625608026981354,
  "provenance": {
    "md5sum": "a7508a9f4065b8794dd60965935843a7",
    "settings": {
      "testing": false
    },
    "software": "mriqc",
    "version": "0.10.4",
    "warnings": {
      "large_rot_frame": true,
      "small_air_mask": false
    }
  },
  "qi_1": 0.0,
  "qi_2": 0.000961357857970096,
  "rpve_csf": 25.23954350459108,
  "rpve_gm": 12.026216332633375,
  "rpve_wm": 19.3559454429253,
  "size_x": 180,
  "size_y": 256,
  "size_z": 256,
  "snr_csf": 2.3727572050855055,
  "snr_gm": 10.084641865620132,
  "snr_total": 11.710348629225729,
  "snr_wm": 22.673646816971555,
  "snrd_csf": 15.794639002880437,
  "snrd_gm": 33.45442528812385,
  "snrd_total": 34.318007659699646,
  "snrd_wm": 53.70495868809464,
  "spacing_x": 1.0,
  "spacing_y": 1.0,
  "spacing_z": 1.0,
  "summary_bg_k": 0.9855341382434588,
  "summary_bg_mad": 12.198925971984863,
  "summary_bg_mean": 48.68705368041992,
  "summary_bg_median": 47.91621017456055,
  "summary_bg_n": 3162428.0,
  "summary_bg_p05": 29.80775470733643,
  "summary_bg_p95": 70.50517501831054,
  "summary_bg_stdv": 12.729597091674805,
  "summary_csf_k": 0.40599558130775115,
  "summary_csf_mad": 145.41445922851562,
  "summary_csf_mean": 298.77484130859375,
  "summary_csf_median": 294.10308837890625,
  "summary_csf_n": 9136.0,
  "summary_csf_p05": 123.04522705078125,
  "summary_csf_p95": 494.6703414916992,
  "summary_csf_stdv": 123.94314575195312,
  "summary_gm_k": 0.310439219885732,
  "summary_gm_mad": 58.04038619995117,
  "summary_gm_mean": 623.66357421875,
  "summary_gm_median": 622.93603515625,
  "summary_gm_n": 38151.0,
  "summary_gm_p05": 522.3628540039062,
  "summary_gm_p95": 728.1742248535156,
  "summary_gm_stdv": 61.769954681396484,
  "summary_wm_k": 1.2595487462739872,
  "summary_wm_mad": 38.83976364135742,
  "summary_wm_mean": 997.2921142578125,
  "summary_wm_median": 1000.0098266601562,
  "summary_wm_n": 182314.0,
  "summary_wm_p05": 919.4185455322265,
  "summary_wm_p95": 1063.7267456054688,
  "summary_wm_stdv": 44.10437774658203,
  "tpm_overlap_csf": 0.20978061854839325,
  "tpm_overlap_gm": 0.5274969339370728,
  "tpm_overlap_wm": 0.5326118469238281,
  "wm2max": 0.7296406317694933
}