{
  "aor": 0.005272440476190476,
  "aqi": 0.007247655357142857,
  "bids_meta": {
    "AcquisitionMatrixPE": 64,
    "ConversionSoftware": "dcm2niix",
    "ConversionSoftwareVersion": "v1.0.20171017 (OpenJPEG build) GCC4.8.4",
    "DeviceSerialNumber": "0000000517353VH3",
    "EchoTime": 0.0279,
    "EffectiveEchoSpacing": 0.000608,
    "FlipAngle": 76,
    "ImageOrientationPatientDICOM": [
      1,
      0,
      0,
      0,
      1,
      0
    ],
    "ImageType": [
      "ORIGINAL",
      "PRIMARY",
      "EPI",
      "NONE"
    ],
    "InPlanePhaseEncodingDirectionDICOM": "COL",
    "InstitutionName": "Michigan_State_University",
    "MRAcquisitionType": "2D",
    "MagneticFieldStrength": 3,
    "Manufacturer": "GE",
    "ManufacturersModelName": "Signa_HDxt",
    "Modality": "MR",
    "PatientPosition": "HFS",
    "PercentPhaseFOV": 100,
    "PixelBandwidth": 7812.5,
    "ProtocolName": "fMRI",
    "ReconMatrixPE": 64,
    "RepetitionTime": 2,
    "SAR": 0.225736,
    "ScanOptions": "EPI_GEMS",
    "ScanningSequence": "EP_GR",
    "SequenceVariant": "SS",
    "SeriesDescription": "fMRI",
    "SliceThickness": 4,
    "SoftwareVersions": "24_LX_MR_Software_release:HD16.0_V02_1131.a",
    "SpacingBetweenSlices": 4,
    "StationName": "MR03MR03",
    "TaskName": "rest",
    "TotalReadoutTime": 0.038304,
    "modality": "bold",
    "session_id": "ControlPost",
    "subject_id": "018",
    "task_id": "rest"
  },
  "dummy_trs": 0,
  "dvars_nstd": 18.66192923910179,
  "dvars_std": 1.1330055225748497,
  "dvars_vstd": 0.9438513348502994,
  "efc": 0.4527026303712326,
  "fber": 12246.6640625,
  "fd_mean": 0.20610256977004057,
  "fd_num": 10,
  "fd_perc": 5.9523809523809526,
  "fwhm_avg": 2.959194636363636,
  "fwhm_x": 2.8260625454545454,
  "fwhm_y": 3.306996363636364,
  "fwhm_z": 2.744525,
  "gcor": 0.0449241,
  "gsr_x": -0.007720641326159239,
  "gsr_y": 0.009179899469017982,
  "provenance": {
    "md5sum": "6b09e9e6d8ce17b2b7b2a966781dad14",
    "settings": {
      "fd_thres": 0.5,
      "hmc_fsl": false
    },
    "software": "mriqc",
    "version": "0.10.4"
  },
  "size_t": 168,
  "size_x": 64,
  "size_y": 64,
  "size_z": 30,
  "snr": 5.294307758325316,
  "spacing_tr": 2.0,
  "spacing_x": 3.4375,
  "spacing_y": 3.4375,
  "spacing_z": 4.0,
  "summary_bg_k": 90.91310775215254,
  "summary_bg_mad": 9.689863204956055,
  "summary_bg_mean": 43.756317138671875,
  "summary_bg_median": 26.452381134033203,
  "summary_bg_n": 71354.0,
  "summary_bg_p05": 0.6586309432983404,
  "summary_bg_p95": 116.375,
  "summary_bg_stdv": 73.27440643310547,
  "summary_fg_k": 2.809810634254289,
  "summary_fg_mad": 445.7956237792969,
  "summary_fg_mean": 2930.701904296875,
  "summary_fg_median": 3028.39892578125,
  "summary_fg_n": 24172.0,
  "summary_fg_p05": 1783.732775878906,
  "summary_fg_p95": 3645.4916381835938,
  "summary_fg_stdv": 571.99853515625,
  "tsnr": 65.08413696289062
}