{
  "bids_meta": {
    "AcquisitionMatrixPE": 256,
    "ConversionSoftware": "dcm2niix",
    "ConversionSoftwareVersion": "v1.0.20171017 (OpenJPEG build) GCC4.8.4",
    "DeviceSerialNumber": "0000000517353VH3",
    "EchoTime": 0.003828,
    "FlipAngle": 8,
    "ImageOrientationPatientDICOM": [
      0,
      1,
      0,
      0,
      0,
      -1
    ],
    "ImageType": [
      "ORIGINAL",
      "PRIMARY",
      "OTHER"
    ],
    "InPlanePhaseEncodingDirectionDICOM": "ROW",
    "InstitutionName": "Michigan_State_University",
    "InversionTime": 0.04,
    "MRAcquisitionType": "3D",
    "MagneticFieldStrength": 3,
    "Manufacturer": "GE",
    "ManufacturersModelName": "Signa_HDxt",
    "Modality": "MR",
    "PatientPosition": "HFS",
    "PercentPhaseFOV": 100,
    "PixelBandwidth": 162.734,
    "ProtocolName": "mprage_1mm_iso_20.83_bw",
    "ReconMatrixPE": 256,
    "RepetitionTime": 0.008596,
    "SAR": 0.306132,
    "ScanOptions": "NONE",
    "ScanningSequence": "RM",
    "SequenceVariant": "NONE",
    "SeriesDescription": "mprage_1mm_iso_20.83_bw",
    "SliceThickness": 1,
    "SoftwareVersions": "24_LX_MR_Software_release:HD16.0_V02_1131.a",
    "SpacingBetweenSlices": 1,
    "StationName": "MR03MR03",
    "modality": "T1w",
    "session_id": "ControlPre",
    "subject_id": "033"
  },
  "cjv": 0.2626614604208946,
  "cnr": 4.783981375766009,
  "efc": 0.5821359120539734,
  "fber": 90.80362701416016,
  "fwhm_avg": 3.8909133333333337,
  "fwhm_x": 3.77575,
  "fwhm_y": 4.06729,
  "fwhm_z": 3.8297,
  "icvs_csf": 0.18192298666597986,
  "icvs_gm": 0.4792295424241125,
  "icvs_wm": 0.3388474709099077,
  "inu_med": 0.7871705293655396,
  "inu_range": 0.2722490668296813,
  "provenance": {
    "md5sum": "3d428100d68e17dc2e30e8cdc5db774f",
    "settings": {
      "testing": false
    },
    "software": "mriqc",
    "version": "0.10.4",
    "warnings": {
      "large_rot_frame": true,
      "small_air_mask": false
    }
  },
  "qi_1": 0.0,
  "qi_2": 0.0030420990787388014,
  "rpve_csf": 29.172336041577907,
  "rpve_gm": 12.961432414818775,
  "rpve_wm": 20.70868239459263,
  "size_x": 180,
  "size_y": 256,
  "size_z": 256,
  "snr_csf": 2.613199675972301,
  "snr_gm": 10.238832462968428,
  "snr_total": 11.367301899571217,
  "snr_wm": 21.249873559772926,
  "snrd_csf": 15.112629955019866,
  "snrd_gm": 28.532777739201755,
  "snrd_total": 29.778522052950517,
  "snrd_wm": 45.690158464629924,
  "spacing_x": 1.0,
  "spacing_y": 1.0,
  "spacing_z": 1.0,
  "summary_bg_k": 1.4732006308282921,
  "summary_bg_mad": 14.33881950378418,
  "summary_bg_mean": 51.29874038696289,
  "summary_bg_median": 49.920799255371094,
  "summary_bg_n": 2961983.0,
  "summary_bg_p05": 29.78679542541504,
  "summary_bg_p95": 77.58764572143554,
  "summary_bg_stdv": 15.064249992370605,
  "summary_csf_k": 0.4362179202665568,
  "summary_csf_mad": 141.67605590820312,
  "summary_csf_mean": 330.2882080078125,
  "summary_csf_median": 330.76666259765625,
  "summary_csf_n": 9932.0,
  "summary_csf_p05": 141.74229049682617,
  "summary_csf_p95": 527.2203979492188,
  "summary_csf_stdv": 126.56897735595703,
  "summary_gm_k": 0.4133771827443371,
  "summary_gm_mad": 57.10760498046875,
  "summary_gm_mean": 626.1941528320312,
  "summary_gm_median": 624.4903564453125,
  "summary_gm_n": 42049.0,
  "summary_gm_p05": 528.50361328125,
  "summary_gm_p95": 730.67978515625,
  "summary_gm_stdv": 60.991615295410156,
  "summary_wm_k": 1.1709067119601082,
  "summary_wm_mad": 41.52693557739258,
  "summary_wm_mean": 997.6858520507812,
  "summary_wm_median": 1000.010009765625,
  "summary_wm_n": 166166.0,
  "summary_wm_p05": 915.6562805175781,
  "summary_wm_p95": 1069.228271484375,
  "summary_wm_stdv": 47.05943298339844,
  "tpm_overlap_csf": 0.21571293473243713,
  "tpm_overlap_gm": 0.5440045595169067,
  "tpm_overlap_wm": 0.5500717163085938,
  "wm2max": 0.7261783932225984
}