{
  "aor": 0.037,
  "aqi": 0.02822965922619048,
  "bids_meta": {
    "AcquisitionMatrixPE": 64,
    "ConversionSoftware": "dcm2niix",
    "ConversionSoftwareVersion": "v1.0.20171017 (OpenJPEG build) GCC4.8.4",
    "DeviceSerialNumber": "0000000517353VH3",
    "EchoTime": 0.0279,
    "EffectiveEchoSpacing": 0.000608,
    "FlipAngle": 76,
    "ImageOrientationPatientDICOM": [
      1,
      0,
      0,
      0,
      1,
      0
    ],
    "ImageType": [
      "ORIGINAL",
      "PRIMARY",
      "EPI",
      "NONE"
    ],
    "InPlanePhaseEncodingDirectionDICOM": "COL",
    "InstitutionName": "Michigan_State_University",
    "MRAcquisitionType": "2D",
    "MagneticFieldStrength": 3,
    "Manufacturer": "GE",
    "ManufacturersModelName": "Signa_HDxt",
    "Modality": "MR",
    "PatientPosition": "HFS",
    "PercentPhaseFOV": 100,
    "PixelBandwidth": 7812.5,
    "ProtocolName": "fMRI",
    "ReconMatrixPE": 64,
    "RepetitionTime": 2,
    "SAR": 0.225736,
    "ScanOptions": "EPI_GEMS",
    "ScanningSequence": "EP_GR",
    "SequenceVariant": "SS",
    "SeriesDescription": "fMRI",
    "SliceThickness": 4,
    "SoftwareVersions": "24_LX_MR_Software_release:HD16.0_V02_1131.a",
    "SpacingBetweenSlices": 4,
    "StationName": "MR03MR03",
    "TaskName": "flanker",
    "TotalReadoutTime": 0.038304,
    "modality": "bold",
    "run_id": "02",
    "session_id": "ControlPost",
    "subject_id": "049",
    "task_id": "flanker"
  },
  "dummy_trs": 0,
  "dvars_nstd": 40.17554317413172,
  "dvars_std": 1.0750590847305392,
  "dvars_vstd": 1.2527995007185626,
  "efc": 0.4679990314410988,
  "fber": 13898.46875,
  "fd_mean": 0.9305913316508171,
  "fd_num": 56,
  "fd_perc": 33.333333333333336,
  "fwhm_avg": 3.03287803030303,
  "fwhm_x": 2.8926981818181816,
  "fwhm_y": 3.391010909090909,
  "fwhm_z": 2.814925,
  "gcor": 0.119174,
  "gsr_x": -0.009720013476908207,
  "gsr_y": 0.0067666275426745415,
  "provenance": {
    "md5sum": "d026e8cf11cfd8407aa1ab640e5dfaf3",
    "settings": {
      "fd_thres": 0.5,
      "hmc_fsl": false
    },
    "software": "mriqc",
    "version": "0.10.4"
  },
  "size_t": 168,
  "size_x": 64,
  "size_y": 64,
  "size_z": 30,
  "snr": 5.485461623177018,
  "spacing_tr": 2.0,
  "spacing_x": 3.4375,
  "spacing_y": 3.4375,
  "spacing_z": 4.0,
  "summary_bg_k": 99.70492383173459,
  "summary_bg_mad": 14.42448616027832,
  "summary_bg_mean": 64.66910552978516,
  "summary_bg_median": 35.85416793823242,
  "summary_bg_n": 69370.0,
  "summary_bg_p05": 1.446428656578064,
  "summary_bg_p95": 183.7916717529297,
  "summary_bg_stdv": 125.42926788330078,
  "summary_fg_k": 2.894551617320471,
  "summary_fg_mad": 632.7225952148438,
  "summary_fg_mean": 4232.10498046875,
  "summary_fg_median": 4302.119140625,
  "summary_fg_n": 26260.0,
  "summary_fg_p05": 2808.632800292969,
  "summary_fg_p95": 5310.843701171875,
  "summary_fg_stdv": 784.2616577148438,
  "tsnr": 25.44679832458496
}