{
  "bids_meta": {
    "AcquisitionMatrixPE": 256,
    "ConversionSoftware": "dcm2niix",
    "ConversionSoftwareVersion": "v1.0.20171017 (OpenJPEG build) GCC4.8.4",
    "DeviceSerialNumber": "0000000517353VH3",
    "EchoTime": 0.003828,
    "FlipAngle": 8,
    "ImageOrientationPatientDICOM": [
      0,
      1,
      0,
      0,
      0,
      -1
    ],
    "ImageType": [
      "ORIGINAL",
      "PRIMARY",
      "OTHER"
    ],
    "InPlanePhaseEncodingDirectionDICOM": "ROW",
    "InstitutionName": "Michigan_State_University",
    "InversionTime": 0.04,
    "MRAcquisitionType": "3D",
    "MagneticFieldStrength": 3,
    "Manufacturer": "GE",
    "ManufacturersModelName": "Signa_HDxt",
    "Modality": "MR",
    "PatientPosition": "HFS",
    "PercentPhaseFOV": 100,
    "PixelBandwidth": 162.734,
    "ProtocolName": "mprage_1mm_iso_20.83_bw",
    "ReconMatrixPE": 256,
    "RepetitionTime": 0.008596,
    "SAR": 0.306132,
    "ScanOptions": "NONE",
    "ScanningSequence": "RM",
    "SequenceVariant": "NONE",
    "SeriesDescription": "mprage_1mm_iso_20.83_bw",
    "SliceThickness": 1,
    "SoftwareVersions": "24_LX_MR_Software_release:HD16.0_V02_1131.a",
    "SpacingBetweenSlices": 1,
    "StationName": "MR03MR03",
    "modality": "T1w",
    "session_id": "ControlPre",
    "subject_id": "002"
  },
  "cjv": 0.3079055244752297,
  "cnr": 4.211956746615294,
  "efc": 0.600190671340372,
  "fber": 82.5101089477539,
  "fwhm_avg": 3.9742433333333334,
  "fwhm_x": 3.76495,
  "fwhm_y": 4.20098,
  "fwhm_z": 3.9568,
  "icvs_csf": 0.21255575404803118,
  "icvs_gm": 0.4468553892889467,
  "icvs_wm": 0.3405888566630222,
  "inu_med": 1.0878535509109497,
  "inu_range": 0.3329602390527726,
  "provenance": {
    "md5sum": "f5d928adfe84a2f65762d244a539b87c",
    "settings": {
      "testing": false
    },
    "software": "mriqc",
    "version": "0.10.4",
    "warnings": {
      "large_rot_frame": true,
      "small_air_mask": false
    }
  },
  "qi_1": 0.0,
  "qi_2": 0.000773922181914409,
  "rpve_csf": 21.07737863096012,
  "rpve_gm": 10.916126168827558,
  "rpve_wm": 16.9321441847481,
  "size_x": 180,
  "size_y": 256,
  "size_z": 256,
  "snr_csf": 2.311606961901501,
  "snr_gm": 9.954209012365656,
  "snr_total": 10.255315555117683,
  "snr_wm": 18.500130691085893,
  "snrd_csf": 10.634591928066468,
  "snrd_gm": 24.15443136482654,
  "snrd_total": 24.21482001363199,
  "snrd_wm": 37.85543674800295,
  "spacing_x": 1.0,
  "spacing_y": 1.0,
  "spacing_z": 1.0,
  "summary_bg_k": 1.49787509574276,
  "summary_bg_mad": 17.306617736816406,
  "summary_bg_mean": 56.893802642822266,
  "summary_bg_median": 54.150733947753906,
  "summary_bg_n": 2839324.0,
  "summary_bg_p05": 31.81832427978516,
  "summary_bg_p95": 91.55409774780276,
  "summary_bg_stdv": 18.795127868652344,
  "summary_csf_k": -0.30796533981518603,
  "summary_csf_mad": 141.1809844970703,
  "summary_csf_mean": 288.9930419921875,
  "summary_csf_median": 280.93206787109375,
  "summary_csf_n": 16895.0,
  "summary_csf_p05": 109.72936477661133,
  "summary_csf_p95": 487.6003814697266,
  "summary_csf_stdv": 121.52747344970703,
  "summary_gm_k": 0.2612708731751905,
  "summary_gm_mad": 61.48274612426758,
  "summary_gm_mean": 639.1170654296875,
  "summary_gm_median": 638.0831909179688,
  "summary_gm_n": 41433.0,
  "summary_gm_p05": 535.3977661132812,
  "summary_gm_p95": 746.6407104492188,
  "summary_gm_stdv": 64.10107421875,
  "summary_wm_k": 0.6919136207811367,
  "summary_wm_mad": 49.95964050292969,
  "summary_wm_mean": 1000.5260009765625,
  "summary_wm_median": 1000.0201416015625,
  "summary_wm_n": 213097.0,
  "summary_wm_p05": 912.1567626953125,
  "summary_wm_p95": 1089.0669921875,
  "summary_wm_stdv": 54.05463409423828,
  "tpm_overlap_csf": 0.21813024580478668,
  "tpm_overlap_gm": 0.5326378345489502,
  "tpm_overlap_wm": 0.5628867149353027,
  "wm2max": 0.6340922461881986
}