{
  "aor": 0.009994583333333333,
  "aqi": 0.005573168690476191,
  "bids_meta": {
    "AcquisitionMatrixPE": 64,
    "ConversionSoftware": "dcm2niix",
    "ConversionSoftwareVersion": "v1.0.20171017 (OpenJPEG build) GCC4.8.4",
    "DeviceSerialNumber": "0000000517353VH3",
    "EchoTime": 0.0279,
    "EffectiveEchoSpacing": 0.000608,
    "FlipAngle": 76,
    "ImageOrientationPatientDICOM": [
      1,
      0,
      0,
      0,
      1,
      0
    ],
    "ImageType": [
      "ORIGINAL",
      "PRIMARY",
      "EPI",
      "NONE"
    ],
    "InPlanePhaseEncodingDirectionDICOM": "COL",
    "InstitutionName": "Michigan_State_University",
    "MRAcquisitionType": "2D",
    "MagneticFieldStrength": 3,
    "Manufacturer": "GE",
    "ManufacturersModelName": "Signa_HDxt",
    "Modality": "MR",
    "PatientPosition": "HFS",
    "PercentPhaseFOV": 100,
    "PixelBandwidth": 7812.5,
    "ProtocolName": "fMRI",
    "ReconMatrixPE": 64,
    "RepetitionTime": 2,
    "SAR": 0.225736,
    "ScanOptions": "EPI_GEMS",
    "ScanningSequence": "EP_GR",
    "SequenceVariant": "SS",
    "SeriesDescription": "fMRI",
    "SliceThickness": 4,
    "SoftwareVersions": "24_LX_MR_Software_release:HD16.0_V02_1131.a",
    "SpacingBetweenSlices": 4,
    "StationName": "MR03MR03",
    "TaskName": "flanker",
    "TotalReadoutTime": 0.038304,
    "modality": "bold",
    "run_id": "01",
    "session_id": "ExercisePre",
    "subject_id": "037",
    "task_id": "flanker"
  },
  "dummy_trs": 0,
  "dvars_nstd": 19.39267639347306,
  "dvars_std": 1.1819654910179649,
  "dvars_vstd": 1.0021433617365265,
  "efc": 0.4911547157438278,
  "fber": 11343.1181640625,
  "fd_mean": 0.2335500313444777,
  "fd_num": 13,
  "fd_perc": 7.738095238095238,
  "fwhm_avg": 2.9147688484848486,
  "fwhm_x": 2.8360465454545456,
  "fwhm_y": 3.19936,
  "fwhm_z": 2.7089,
  "gcor": 0.081241,
  "gsr_x": -0.005986107047647238,
  "gsr_y": 0.012070334516465664,
  "provenance": {
    "md5sum": "08f3644db486696759c03f45da484bda",
    "settings": {
      "fd_thres": 0.5,
      "hmc_fsl": false
    },
    "software": "mriqc",
    "version": "0.10.4"
  },
  "size_t": 168,
  "size_x": 64,
  "size_y": 64,
  "size_z": 30,
  "snr": 5.150012703677783,
  "spacing_tr": 2.0,
  "spacing_x": 3.4375,
  "spacing_y": 3.4375,
  "spacing_z": 4.0,
  "summary_bg_k": 59.27827061432418,
  "summary_bg_mad": 14.623045921325684,
  "summary_bg_mean": 59.575618743896484,
  "summary_bg_median": 28.58928680419922,
  "summary_bg_n": 66720.0,
  "summary_bg_p05": 0.2202381044626236,
  "summary_bg_p95": 213.69731979370107,
  "summary_bg_stdv": 109.90689086914062,
  "summary_fg_k": 2.519978901592684,
  "summary_fg_mad": 456.8577880859375,
  "summary_fg_mean": 3001.8466796875,
  "summary_fg_median": 3091.4912109375,
  "summary_fg_n": 28130.0,
  "summary_fg_p05": 1816.508074951172,
  "summary_fg_p95": 3794.7265502929686,
  "summary_fg_stdv": 600.2774047851562,
  "tsnr": 69.65620422363281
}