{
  "aor": 0.004053154761904762,
  "aqi": 0.003107361309523809,
  "bids_meta": {
    "AcquisitionMatrixPE": 64,
    "ConversionSoftware": "dcm2niix",
    "ConversionSoftwareVersion": "v1.0.20171017 (OpenJPEG build) GCC4.8.4",
    "DeviceSerialNumber": "0000000517353VH3",
    "EchoTime": 0.0279,
    "EffectiveEchoSpacing": 0.000608,
    "FlipAngle": 76,
    "ImageOrientationPatientDICOM": [
      1,
      0,
      0,
      0,
      1,
      0
    ],
    "ImageType": [
      "ORIGINAL",
      "PRIMARY",
      "EPI",
      "NONE"
    ],
    "InPlanePhaseEncodingDirectionDICOM": "COL",
    "InstitutionName": "Michigan_State_University",
    "MRAcquisitionType": "2D",
    "MagneticFieldStrength": 3,
    "Manufacturer": "GE",
    "ManufacturersModelName": "Signa_HDxt",
    "Modality": "MR",
    "PatientPosition": "HFS",
    "PercentPhaseFOV": 100,
    "PixelBandwidth": 7812.5,
    "ProtocolName": "fMRI",
    "ReconMatrixPE": 64,
    "RepetitionTime": 2,
    "SAR": 0.225736,
    "ScanOptions": "EPI_GEMS",
    "ScanningSequence": "EP_GR",
    "SequenceVariant": "SS",
    "SeriesDescription": "fMRI",
    "SliceThickness": 4,
    "SoftwareVersions": "24_LX_MR_Software_release:HD16.0_V02_1131.a",
    "SpacingBetweenSlices": 4,
    "StationName": "MR03MR03",
    "TaskName": "rest",
    "TotalReadoutTime": 0.038304,
    "modality": "bold",
    "session_id": "ControlPost",
    "subject_id": "030",
    "task_id": "rest"
  },
  "dummy_trs": 0,
  "dvars_nstd": 13.21615042107784,
  "dvars_std": 1.1878420105389225,
  "dvars_vstd": 1.0115091727544916,
  "efc": 0.48330648660593645,
  "fber": 7607.95654296875,
  "fd_mean": 0.07917296502132255,
  "fd_num": 0,
  "fd_perc": 0.0,
  "fwhm_avg": 2.914768303030303,
  "fwhm_x": 2.8605003636363633,
  "fwhm_y": 3.2062545454545455,
  "fwhm_z": 2.67755,
  "gcor": 0.0418678,
  "gsr_x": -0.008100979030132294,
  "gsr_y": 0.012180780060589314,
  "provenance": {
    "md5sum": "c5566066f4fd7ebbae02234f8ed06989",
    "settings": {
      "fd_thres": 0.5,
      "hmc_fsl": false
    },
    "software": "mriqc",
    "version": "0.10.4"
  },
  "size_t": 168,
  "size_x": 64,
  "size_y": 64,
  "size_z": 30,
  "snr": 5.197599321202006,
  "spacing_tr": 2.0,
  "spacing_x": 3.4375,
  "spacing_y": 3.4375,
  "spacing_z": 4.0,
  "summary_bg_k": 93.18542935458171,
  "summary_bg_mad": 12.840398788452148,
  "summary_bg_mean": 57.20812225341797,
  "summary_bg_median": 34.113094329833984,
  "summary_bg_n": 67818.0,
  "summary_bg_p05": 0.1011904776096344,
  "summary_bg_p95": 158.22232818603484,
  "summary_bg_stdv": 94.87801361083984,
  "summary_fg_k": 2.536932885992986,
  "summary_fg_mad": 472.442626953125,
  "summary_fg_mean": 3001.53759765625,
  "summary_fg_median": 3069.6103515625,
  "summary_fg_n": 27180.0,
  "summary_fg_p05": 1859.1348449707032,
  "summary_fg_p95": 3793.615515136719,
  "summary_fg_stdv": 590.5714721679688,
  "tsnr": 92.02481079101562
}