{
  "aor": 0.04241988095238095,
  "aqi": 0.03168887696428571,
  "bids_meta": {
    "AcquisitionMatrixPE": 64,
    "ConversionSoftware": "dcm2niix",
    "ConversionSoftwareVersion": "v1.0.20171017 (OpenJPEG build) GCC4.8.4",
    "DeviceSerialNumber": "0000000517353VH3",
    "EchoTime": 0.0279,
    "EffectiveEchoSpacing": 0.000608,
    "FlipAngle": 76,
    "ImageOrientationPatientDICOM": [
      1,
      0,
      0,
      0,
      1,
      0
    ],
    "ImageType": [
      "ORIGINAL",
      "PRIMARY",
      "EPI",
      "NONE"
    ],
    "InPlanePhaseEncodingDirectionDICOM": "COL",
    "InstitutionName": "Michigan_State_University",
    "MRAcquisitionType": "2D",
    "MagneticFieldStrength": 3,
    "Manufacturer": "GE",
    "ManufacturersModelName": "Signa_HDxt",
    "Modality": "MR",
    "PatientPosition": "HFS",
    "PercentPhaseFOV": 100,
    "PixelBandwidth": 7812.5,
    "ProtocolName": "fMRI",
    "ReconMatrixPE": 64,
    "RepetitionTime": 2,
    "SAR": 0.225736,
    "ScanOptions": "EPI_GEMS",
    "ScanningSequence": "EP_GR",
    "SequenceVariant": "SS",
    "SeriesDescription": "fMRI",
    "SliceThickness": 4,
    "SoftwareVersions": "24_LX_MR_Software_release:HD16.0_V02_1131.a",
    "SpacingBetweenSlices": 4,
    "StationName": "MR03MR03",
    "TaskName": "flanker",
    "TotalReadoutTime": 0.038304,
    "modality": "bold",
    "run_id": "01",
    "session_id": "ExercisePre",
    "subject_id": "056",
    "task_id": "flanker"
  },
  "dummy_trs": 0,
  "dvars_nstd": 49.61919756592816,
  "dvars_std": 1.2623338949101792,
  "dvars_vstd": 1.2615850422155688,
  "efc": 0.49033626698630284,
  "fber": 9928.9716796875,
  "fd_mean": 1.180671348934576,
  "fd_num": 80,
  "fd_perc": 47.61904761904762,
  "fwhm_avg": 2.9963825757575755,
  "fwhm_x": 2.860509090909091,
  "fwhm_y": 3.3467636363636366,
  "fwhm_z": 2.781875,
  "gcor": 0.125111,
  "gsr_x": -0.005597866140305996,
  "gsr_y": 0.016757242381572723,
  "provenance": {
    "md5sum": "cfacf101940afc2a0a2b7a38d3719aa0",
    "settings": {
      "fd_thres": 0.5,
      "hmc_fsl": false
    },
    "software": "mriqc",
    "version": "0.10.4"
  },
  "size_t": 168,
  "size_x": 64,
  "size_y": 64,
  "size_z": 30,
  "snr": 5.126729304299377,
  "spacing_tr": 2.0,
  "spacing_x": 3.4375,
  "spacing_y": 3.4375,
  "spacing_z": 4.0,
  "summary_bg_k": 89.10526008406958,
  "summary_bg_mad": 14.60539722442627,
  "summary_bg_mean": 59.06135559082031,
  "summary_bg_median": 27.946428298950195,
  "summary_bg_n": 67271.0,
  "summary_bg_p05": 1.523809552192688,
  "summary_bg_p95": 197.82738494873047,
  "summary_bg_stdv": 128.95066833496094,
  "summary_fg_k": 2.515749540305209,
  "summary_fg_mad": 470.9998779296875,
  "summary_fg_mean": 2774.853515625,
  "summary_fg_median": 2833.27685546875,
  "summary_fg_n": 27888.0,
  "summary_fg_p05": 1783.5009338378907,
  "summary_fg_p95": 3514.336706542969,
  "summary_fg_stdv": 552.6381225585938,
  "tsnr": 23.552743911743164
}