{
  "bids_meta": {
    "AcquisitionMatrixPE": 256,
    "ConversionSoftware": "dcm2niix",
    "ConversionSoftwareVersion": "v1.0.20171017 (OpenJPEG build) GCC4.8.4",
    "DeviceSerialNumber": "0000000517353VH3",
    "EchoTime": 0.003828,
    "FlipAngle": 8,
    "ImageOrientationPatientDICOM": [
      0,
      1,
      0,
      0,
      0,
      -1
    ],
    "ImageType": [
      "ORIGINAL",
      "PRIMARY",
      "OTHER"
    ],
    "InPlanePhaseEncodingDirectionDICOM": "ROW",
    "InstitutionName": "Michigan_State_University",
    "InversionTime": 0.04,
    "MRAcquisitionType": "3D",
    "MagneticFieldStrength": 3,
    "Manufacturer": "GE",
    "ManufacturersModelName": "Signa_HDxt",
    "Modality": "MR",
    "PatientPosition": "HFS",
    "PercentPhaseFOV": 100,
    "PixelBandwidth": 162.734,
    "ProtocolName": "mprage_1mm_iso_20.83_bw",
    "ReconMatrixPE": 256,
    "RepetitionTime": 0.008596,
    "SAR": 0.306132,
    "ScanOptions": "NONE",
    "ScanningSequence": "RM",
    "SequenceVariant": "NONE",
    "SeriesDescription": "mprage_1mm_iso_20.83_bw",
    "SliceThickness": 1,
    "SoftwareVersions": "24_LX_MR_Software_release:HD16.0_V02_1131.a",
    "SpacingBetweenSlices": 1,
    "StationName": "MR03MR03",
    "modality": "T1w",
    "session_id": "ControlPre",
    "subject_id": "040"
  },
  "cjv": 0.3862355186508157,
  "cnr": 3.3193948991002586,
  "efc": 0.6260543190469744,
  "fber": 65.04811096191406,
  "fwhm_avg": 3.6985033333333335,
  "fwhm_x": 3.57575,
  "fwhm_y": 3.86707,
  "fwhm_z": 3.65269,
  "icvs_csf": 0.21807430694609486,
  "icvs_gm": 0.43138020966173174,
  "icvs_wm": 0.3505454833921734,
  "inu_med": 1.1985971927642822,
  "inu_range": 0.35154956579208374,
  "provenance": {
    "md5sum": "43bbd93270c5330415ef0de11df40f91",
    "settings": {
      "testing": false
    },
    "software": "mriqc",
    "version": "0.10.4",
    "warnings": {
      "large_rot_frame": true,
      "small_air_mask": false
    }
  },
  "qi_1": 4.612339457641592e-06,
  "qi_2": 0.001466303951164481,
  "rpve_csf": 21.65686436202248,
  "rpve_gm": 11.46574196406674,
  "rpve_wm": 16.506808387583668,
  "size_x": 180,
  "size_y": 256,
  "size_z": 256,
  "snr_csf": 2.618317791932877,
  "snr_gm": 9.785909663256257,
  "snr_total": 9.032017469377164,
  "snr_wm": 14.691824952942357,
  "snrd_csf": 8.945614083772512,
  "snrd_gm": 19.479450034760777,
  "snrd_total": 19.28699760711292,
  "snrd_wm": 29.435928702805466,
  "spacing_x": 1.0,
  "spacing_y": 1.0,
  "spacing_z": 1.0,
  "summary_bg_k": 4.052857201136999,
  "summary_bg_mad": 22.257125854492188,
  "summary_bg_mean": 71.6534194946289,
  "summary_bg_median": 61.92546081542969,
  "summary_bg_n": 2808935.0,
  "summary_bg_p05": 36.04483337402344,
  "summary_bg_p95": 143.476545715332,
  "summary_bg_stdv": 34.31979751586914,
  "summary_csf_k": 0.4729682450341248,
  "summary_csf_mad": 117.65863800048828,
  "summary_csf_mean": 313.23052978515625,
  "summary_csf_median": 303.9117736816406,
  "summary_csf_n": 22597.0,
  "summary_csf_p05": 139.5375946044922,
  "summary_csf_p95": 513.1640014648438,
  "summary_csf_stdv": 116.06881713867188,
  "summary_gm_k": 0.1564395662993725,
  "summary_gm_mad": 66.26676940917969,
  "summary_gm_mean": 663.59326171875,
  "summary_gm_median": 661.7806396484375,
  "summary_gm_n": 26888.0,
  "summary_gm_p05": 555.6552154541016,
  "summary_gm_p95": 777.821661376953,
  "summary_gm_stdv": 67.6246109008789,
  "summary_wm_k": 0.6966128410445087,
  "summary_wm_mad": 64.37899780273438,
  "summary_wm_mean": 1003.0620727539062,
  "summary_wm_median": 1000.0347900390625,
  "summary_wm_n": 208506.0,
  "summary_wm_p05": 897.1363220214844,
  "summary_wm_p95": 1119.6889953613281,
  "summary_wm_stdv": 68.06726837158203,
  "tpm_overlap_csf": 0.20725850760936737,
  "tpm_overlap_gm": 0.5159141421318054,
  "tpm_overlap_wm": 0.550724983215332,
  "wm2max": 0.6170050218438669
}