{
  "aor": 0.016938511904761908,
  "aqi": 0.006715132619047619,
  "bids_meta": {
    "AcquisitionMatrixPE": 64,
    "ConversionSoftware": "dcm2niix",
    "ConversionSoftwareVersion": "v1.0.20171017 (OpenJPEG build) GCC4.8.4",
    "DeviceSerialNumber": "0000000517353VH3",
    "EchoTime": 0.0279,
    "EffectiveEchoSpacing": 0.000608,
    "FlipAngle": 76,
    "ImageOrientationPatientDICOM": [
      1,
      0,
      0,
      0,
      1,
      0
    ],
    "ImageType": [
      "ORIGINAL",
      "PRIMARY",
      "EPI",
      "NONE"
    ],
    "InPlanePhaseEncodingDirectionDICOM": "COL",
    "InstitutionName": "Michigan_State_University",
    "MRAcquisitionType": "2D",
    "MagneticFieldStrength": 3,
    "Manufacturer": "GE",
    "ManufacturersModelName": "Signa_HDxt",
    "Modality": "MR",
    "PatientPosition": "HFS",
    "PercentPhaseFOV": 100,
    "PixelBandwidth": 7812.5,
    "ProtocolName": "fMRI",
    "ReconMatrixPE": 64,
    "RepetitionTime": 2,
    "SAR": 0.225736,
    "ScanOptions": "EPI_GEMS",
    "ScanningSequence": "EP_GR",
    "SequenceVariant": "SS",
    "SeriesDescription": "fMRI",
    "SliceThickness": 4,
    "SoftwareVersions": "24_LX_MR_Software_release:HD16.0_V02_1131.a",
    "SpacingBetweenSlices": 4,
    "StationName": "MR03MR03",
    "TaskName": "flanker",
    "TotalReadoutTime": 0.038304,
    "modality": "bold",
    "run_id": "02",
    "session_id": "ControlPost",
    "subject_id": "009",
    "task_id": "flanker"
  },
  "dummy_trs": 0,
  "dvars_nstd": 19.78115857275448,
  "dvars_std": 1.1732329797005983,
  "dvars_vstd": 1.0279340815568865,
  "efc": 0.496143856704904,
  "fber": 12112.5361328125,
  "fd_mean": 0.25000914909942856,
  "fd_num": 10,
  "fd_perc": 5.9523809523809526,
  "fwhm_avg": 2.9561236969696973,
  "fwhm_x": 2.876890181818182,
  "fwhm_y": 3.2041309090909094,
  "fwhm_z": 2.78735,
  "gcor": 0.162459,
  "gsr_x": -0.0042733363807201385,
  "gsr_y": 0.009366882964968681,
  "provenance": {
    "md5sum": "c0caa836a58aebb195fe2058fe047912",
    "settings": {
      "fd_thres": 0.5,
      "hmc_fsl": false
    },
    "software": "mriqc",
    "version": "0.10.4"
  },
  "size_t": 168,
  "size_x": 64,
  "size_y": 64,
  "size_z": 30,
  "snr": 5.17210634859293,
  "spacing_tr": 2.0,
  "spacing_x": 3.4375,
  "spacing_y": 3.4375,
  "spacing_z": 4.0,
  "summary_bg_k": 66.21477265517048,
  "summary_bg_mad": 16.64397621154785,
  "summary_bg_mean": 72.80419158935547,
  "summary_bg_median": 37.68452453613281,
  "summary_bg_n": 65708.0,
  "summary_bg_p05": 0.5416666865348816,
  "summary_bg_p95": 246.23215179443292,
  "summary_bg_stdv": 139.64810180664062,
  "summary_fg_k": 2.6155189503338274,
  "summary_fg_mad": 649.979736328125,
  "summary_fg_mean": 4140.36962890625,
  "summary_fg_median": 4245.3779296875,
  "summary_fg_n": 29074.0,
  "summary_fg_p05": 2587.5158203125,
  "summary_fg_p95": 5225.643530273437,
  "summary_fg_stdv": 820.8077392578125,
  "tsnr": 53.969295501708984
}