{
  "aor": 0.0020753571428571435,
  "aqi": 0.004365642023809523,
  "bids_meta": {
    "AcquisitionMatrixPE": 64,
    "ConversionSoftware": "dcm2niix",
    "ConversionSoftwareVersion": "v1.0.20171017 (OpenJPEG build) GCC4.8.4",
    "DeviceSerialNumber": "0000000517353VH3",
    "EchoTime": 0.0279,
    "EffectiveEchoSpacing": 0.000608,
    "FlipAngle": 76,
    "ImageOrientationPatientDICOM": [
      1,
      0,
      0,
      0,
      1,
      0
    ],
    "ImageType": [
      "ORIGINAL",
      "PRIMARY",
      "EPI",
      "NONE"
    ],
    "InPlanePhaseEncodingDirectionDICOM": "COL",
    "InstitutionName": "Michigan_State_University",
    "MRAcquisitionType": "2D",
    "MagneticFieldStrength": 3,
    "Manufacturer": "GE",
    "ManufacturersModelName": "Signa_HDxt",
    "Modality": "MR",
    "PatientPosition": "HFS",
    "PercentPhaseFOV": 100,
    "PixelBandwidth": 7812.5,
    "ProtocolName": "fMRI",
    "ReconMatrixPE": 64,
    "RepetitionTime": 2,
    "SAR": 0.225736,
    "ScanOptions": "EPI_GEMS",
    "ScanningSequence": "EP_GR",
    "SequenceVariant": "SS",
    "SeriesDescription": "fMRI",
    "SliceThickness": 4,
    "SoftwareVersions": "24_LX_MR_Software_release:HD16.0_V02_1131.a",
    "SpacingBetweenSlices": 4,
    "StationName": "MR03MR03",
    "TaskName": "flanker",
    "TotalReadoutTime": 0.038304,
    "modality": "bold",
    "run_id": "01",
    "session_id": "ControlPost",
    "subject_id": "024",
    "task_id": "flanker"
  },
  "dummy_trs": 0,
  "dvars_nstd": 15.04060091964072,
  "dvars_std": 1.1434506319760476,
  "dvars_vstd": 0.9260617501796401,
  "efc": 0.48154873692892697,
  "fber": 12538.7216796875,
  "fd_mean": 0.1715167985196212,
  "fd_num": 2,
  "fd_perc": 1.1904761904761905,
  "fwhm_avg": 2.981811909090909,
  "fwhm_x": 2.8801425454545453,
  "fwhm_y": 3.3338181818181822,
  "fwhm_z": 2.731475,
  "gcor": 0.0364929,
  "gsr_x": -0.006625826470553875,
  "gsr_y": 0.00857398472726345,
  "provenance": {
    "md5sum": "f8399852b50892df4eebc5715f9a72ca",
    "settings": {
      "fd_thres": 0.5,
      "hmc_fsl": false
    },
    "software": "mriqc",
    "version": "0.10.4"
  },
  "size_t": 168,
  "size_x": 64,
  "size_y": 64,
  "size_z": 30,
  "snr": 5.063760326664837,
  "spacing_tr": 2.0,
  "spacing_x": 3.4375,
  "spacing_y": 3.4375,
  "spacing_z": 4.0,
  "summary_bg_k": 122.2562203277853,
  "summary_bg_mad": 12.849218368530273,
  "summary_bg_mean": 55.44535827636719,
  "summary_bg_median": 30.2261905670166,
  "summary_bg_n": 67337.0,
  "summary_bg_p05": 0.523809552192688,
  "summary_bg_p95": 174.2095214843749,
  "summary_bg_stdv": 100.5343246459961,
  "summary_fg_k": 2.191027057030322,
  "summary_fg_mad": 534.9985961914062,
  "summary_fg_mean": 3373.99755859375,
  "summary_fg_median": 3450.40478515625,
  "summary_fg_n": 27727.0,
  "summary_fg_p05": 2103.975048828125,
  "summary_fg_p95": 4351.85888671875,
  "summary_fg_stdv": 681.3795166015625,
  "tsnr": 78.63250732421875
}