{
  "aor": 0.011584166666666666,
  "aqi": 0.006686139404761905,
  "bids_meta": {
    "AcquisitionMatrixPE": 64,
    "ConversionSoftware": "dcm2niix",
    "ConversionSoftwareVersion": "v1.0.20171017 (OpenJPEG build) GCC4.8.4",
    "DeviceSerialNumber": "0000000517353VH3",
    "EchoTime": 0.0279,
    "EffectiveEchoSpacing": 0.000608,
    "FlipAngle": 76,
    "ImageOrientationPatientDICOM": [
      1,
      0,
      0,
      0,
      1,
      0
    ],
    "ImageType": [
      "ORIGINAL",
      "PRIMARY",
      "EPI",
      "NONE"
    ],
    "InPlanePhaseEncodingDirectionDICOM": "COL",
    "InstitutionName": "Michigan_State_University",
    "MRAcquisitionType": "2D",
    "MagneticFieldStrength": 3,
    "Manufacturer": "GE",
    "ManufacturersModelName": "Signa_HDxt",
    "Modality": "MR",
    "PatientPosition": "HFS",
    "PercentPhaseFOV": 100,
    "PixelBandwidth": 7812.5,
    "ProtocolName": "fMRI",
    "ReconMatrixPE": 64,
    "RepetitionTime": 2,
    "SAR": 0.225736,
    "ScanOptions": "EPI_GEMS",
    "ScanningSequence": "EP_GR",
    "SequenceVariant": "SS",
    "SeriesDescription": "fMRI",
    "SliceThickness": 4,
    "SoftwareVersions": "24_LX_MR_Software_release:HD16.0_V02_1131.a",
    "SpacingBetweenSlices": 4,
    "StationName": "MR03MR03",
    "TaskName": "flanker",
    "TotalReadoutTime": 0.038304,
    "modality": "bold",
    "run_id": "02",
    "session_id": "ControlPost",
    "subject_id": "019",
    "task_id": "flanker"
  },
  "dummy_trs": 0,
  "dvars_nstd": 21.111253344191617,
  "dvars_std": 1.289382676646706,
  "dvars_vstd": 1.0465646914371258,
  "efc": 0.47906878638044786,
  "fber": 12937.080078125,
  "fd_mean": 0.28018461568443587,
  "fd_num": 22,
  "fd_perc": 13.095238095238095,
  "fwhm_avg": 2.9139497575757574,
  "fwhm_x": 2.8337192727272726,
  "fwhm_y": 3.10688,
  "fwhm_z": 2.80125,
  "gcor": 0.119344,
  "gsr_x": -0.0071301753632724285,
  "gsr_y": 0.007015014998614788,
  "provenance": {
    "md5sum": "896811d1e7d6fcb2165631d626f60eb8",
    "settings": {
      "fd_thres": 0.5,
      "hmc_fsl": false
    },
    "software": "mriqc",
    "version": "0.10.4"
  },
  "size_t": 168,
  "size_x": 64,
  "size_y": 64,
  "size_z": 30,
  "snr": 5.367559222020657,
  "spacing_tr": 2.0,
  "spacing_x": 3.4375,
  "spacing_y": 3.4375,
  "spacing_z": 4.0,
  "summary_bg_k": 103.67360030003132,
  "summary_bg_mad": 12.487390518188477,
  "summary_bg_mean": 60.15241622924805,
  "summary_bg_median": 32.06547546386719,
  "summary_bg_n": 68503.0,
  "summary_bg_p05": 0.255952388048172,
  "summary_bg_p95": 187.43452301025354,
  "summary_bg_stdv": 122.81147766113281,
  "summary_fg_k": 2.907281584028504,
  "summary_fg_mad": 526.6591796875,
  "summary_fg_mean": 3609.779296875,
  "summary_fg_median": 3697.256103515625,
  "summary_fg_n": 27208.0,
  "summary_fg_p05": 2268.90390625,
  "summary_fg_p95": 4517.831811523437,
  "summary_fg_stdv": 688.802490234375,
  "tsnr": 62.509300231933594
}