{
  "aor": 0.010482321428571428,
  "aqi": 0.009075915178571429,
  "bids_meta": {
    "AcquisitionMatrixPE": 64,
    "ConversionSoftware": "dcm2niix",
    "ConversionSoftwareVersion": "v1.0.20171017 (OpenJPEG build) GCC4.8.4",
    "DeviceSerialNumber": "0000000517353VH3",
    "EchoTime": 0.0279,
    "EffectiveEchoSpacing": 0.000608,
    "FlipAngle": 76,
    "ImageOrientationPatientDICOM": [
      1,
      0,
      0,
      0,
      1,
      0
    ],
    "ImageType": [
      "ORIGINAL",
      "PRIMARY",
      "EPI",
      "NONE"
    ],
    "InPlanePhaseEncodingDirectionDICOM": "COL",
    "InstitutionName": "Michigan_State_University",
    "MRAcquisitionType": "2D",
    "MagneticFieldStrength": 3,
    "Manufacturer": "GE",
    "ManufacturersModelName": "Signa_HDxt",
    "Modality": "MR",
    "PatientPosition": "HFS",
    "PercentPhaseFOV": 100,
    "PixelBandwidth": 7812.5,
    "ProtocolName": "fMRI",
    "ReconMatrixPE": 64,
    "RepetitionTime": 2,
    "SAR": 0.225736,
    "ScanOptions": "EPI_GEMS",
    "ScanningSequence": "EP_GR",
    "SequenceVariant": "SS",
    "SeriesDescription": "fMRI",
    "SliceThickness": 4,
    "SoftwareVersions": "24_LX_MR_Software_release:HD16.0_V02_1131.a",
    "SpacingBetweenSlices": 4,
    "StationName": "MR03MR03",
    "TaskName": "flanker",
    "TotalReadoutTime": 0.038304,
    "modality": "bold",
    "run_id": "01",
    "session_id": "ControlPost",
    "subject_id": "041",
    "task_id": "flanker"
  },
  "dummy_trs": 0,
  "dvars_nstd": 21.06806843000001,
  "dvars_std": 1.0722190146107782,
  "dvars_vstd": 0.9915276374850301,
  "efc": 0.4952400061491317,
  "fber": 2700.0,
  "fd_mean": 0.265870995325311,
  "fd_num": 15,
  "fd_perc": 8.928571428571429,
  "fwhm_avg": 2.939299727272727,
  "fwhm_x": 2.7866414545454545,
  "fwhm_y": 3.272232727272727,
  "fwhm_z": 2.759025,
  "gcor": 0.0464331,
  "gsr_x": -0.008116133511066437,
  "gsr_y": 0.011561266146600246,
  "provenance": {
    "md5sum": "7ee9a2bb414522e1c09f208a1bed8156",
    "settings": {
      "fd_thres": 0.5,
      "hmc_fsl": false
    },
    "software": "mriqc",
    "version": "0.10.4"
  },
  "size_t": 168,
  "size_x": 64,
  "size_y": 64,
  "size_z": 30,
  "snr": 5.036552289504472,
  "spacing_tr": 2.0,
  "spacing_x": 3.4375,
  "spacing_y": 3.4375,
  "spacing_z": 4.0,
  "summary_bg_k": 100.29011089840482,
  "summary_bg_mad": 10.890066146850586,
  "summary_bg_mean": 69.15013122558594,
  "summary_bg_median": 53.18452453613281,
  "summary_bg_n": 67697.0,
  "summary_bg_p05": 0.9333333492279063,
  "summary_bg_p95": 175.9833312988277,
  "summary_bg_stdv": 91.19385528564453,
  "summary_fg_k": 2.6340364515287984,
  "summary_fg_mad": 453.2792053222656,
  "summary_fg_mean": 2785.937255859375,
  "summary_fg_median": 2858.416748046875,
  "summary_fg_n": 27539.0,
  "summary_fg_p05": 1698.5821655273437,
  "summary_fg_p95": 3532.251953125,
  "summary_fg_stdv": 567.5241088867188,
  "tsnr": 52.898353576660156
}