{
  "aor": 0.02314958083832335,
  "aqi": 0.00806067233532934,
  "bids_meta": {
    "AcquisitionMatrixPE": 64,
    "ConversionSoftware": "dcm2niix",
    "ConversionSoftwareVersion": "v1.0.20171017 (OpenJPEG build) GCC4.8.4",
    "DeviceSerialNumber": "0000000517353VH3",
    "EchoTime": 0.0279,
    "EffectiveEchoSpacing": 0.000608,
    "FlipAngle": 76,
    "ImageOrientationPatientDICOM": [
      1,
      0,
      0,
      0,
      1,
      0
    ],
    "ImageType": [
      "ORIGINAL",
      "PRIMARY",
      "EPI",
      "NONE"
    ],
    "InPlanePhaseEncodingDirectionDICOM": "COL",
    "InstitutionName": "Michigan_State_University",
    "MRAcquisitionType": "2D",
    "MagneticFieldStrength": 3,
    "Manufacturer": "GE",
    "ManufacturersModelName": "Signa_HDxt",
    "Modality": "MR",
    "PatientPosition": "HFS",
    "PercentPhaseFOV": 100,
    "PixelBandwidth": 7812.5,
    "ProtocolName": "fMRI",
    "ReconMatrixPE": 64,
    "RepetitionTime": 2,
    "SAR": 0.225736,
    "ScanOptions": "EPI_GEMS",
    "ScanningSequence": "EP_GR",
    "SequenceVariant": "SS",
    "SeriesDescription": "fMRI",
    "SliceThickness": 4,
    "SoftwareVersions": "24_LX_MR_Software_release:HD16.0_V02_1131.a",
    "SpacingBetweenSlices": 4,
    "StationName": "MR03MR03",
    "TaskName": "flanker",
    "TotalReadoutTime": 0.038304,
    "modality": "bold",
    "run_id": "02",
    "session_id": "ControlPre",
    "subject_id": "040",
    "task_id": "flanker"
  },
  "dummy_trs": 1,
  "dvars_nstd": 20.418077773433737,
  "dvars_std": 1.2331055603614454,
  "dvars_vstd": 1.0594270482530121,
  "efc": 0.49363609262714186,
  "fber": 11129.6474609375,
  "fd_mean": 0.25822668802594934,
  "fd_num": 17,
  "fd_perc": 10.179640718562874,
  "fwhm_avg": 2.908643424242424,
  "fwhm_x": 2.8314152727272726,
  "fwhm_y": 3.19904,
  "fwhm_z": 2.695475,
  "gcor": 0.0647069,
  "gsr_x": -0.009083449840545654,
  "gsr_y": 0.013410083018243313,
  "provenance": {
    "md5sum": "c5d191f6cfb01e0b954e1936be23a5a2",
    "settings": {
      "fd_thres": 0.5,
      "hmc_fsl": false
    },
    "software": "mriqc",
    "version": "0.10.4"
  },
  "size_t": 167,
  "size_x": 64,
  "size_y": 64,
  "size_z": 30,
  "snr": 5.129854723797795,
  "spacing_tr": 2.0,
  "spacing_x": 3.4375,
  "spacing_y": 3.4375,
  "spacing_z": 4.0,
  "summary_bg_k": 104.98694315298204,
  "summary_bg_mad": 11.470191955566406,
  "summary_bg_mean": 51.647056579589844,
  "summary_bg_median": 26.718563079833984,
  "summary_bg_n": 66264.0,
  "summary_bg_p05": 0.28143712878227234,
  "summary_bg_p95": 163.18982315063477,
  "summary_bg_stdv": 107.11327362060547,
  "summary_fg_k": 2.0384649985788243,
  "summary_fg_mad": 455.1053161621094,
  "summary_fg_mean": 2830.0458984375,
  "summary_fg_median": 2893.251708984375,
  "summary_fg_n": 28773.0,
  "summary_fg_p05": 1767.618017578125,
  "summary_fg_p95": 3614.1211914062496,
  "summary_fg_stdv": 563.9928588867188,
  "tsnr": 56.300193786621094
}