{
  "aor": 0.0017736904761904762,
  "aqi": 0.003058710476190476,
  "bids_meta": {
    "AcquisitionMatrixPE": 64,
    "ConversionSoftware": "dcm2niix",
    "ConversionSoftwareVersion": "v1.0.20171017 (OpenJPEG build) GCC4.8.4",
    "DeviceSerialNumber": "0000000517353VH3",
    "EchoTime": 0.0279,
    "EffectiveEchoSpacing": 0.000608,
    "FlipAngle": 76,
    "ImageOrientationPatientDICOM": [
      1,
      0,
      0,
      0,
      1,
      0
    ],
    "ImageType": [
      "ORIGINAL",
      "PRIMARY",
      "EPI",
      "NONE"
    ],
    "InPlanePhaseEncodingDirectionDICOM": "COL",
    "InstitutionName": "Michigan_State_University",
    "MRAcquisitionType": "2D",
    "MagneticFieldStrength": 3,
    "Manufacturer": "GE",
    "ManufacturersModelName": "Signa_HDxt",
    "Modality": "MR",
    "PatientPosition": "HFS",
    "PercentPhaseFOV": 100,
    "PixelBandwidth": 7812.5,
    "ProtocolName": "fMRI",
    "ReconMatrixPE": 64,
    "RepetitionTime": 2,
    "SAR": 0.225736,
    "ScanOptions": "EPI_GEMS",
    "ScanningSequence": "EP_GR",
    "SequenceVariant": "SS",
    "SeriesDescription": "fMRI",
    "SliceThickness": 4,
    "SoftwareVersions": "24_LX_MR_Software_release:HD16.0_V02_1131.a",
    "SpacingBetweenSlices": 4,
    "StationName": "MR03MR03",
    "TaskName": "rest",
    "TotalReadoutTime": 0.038304,
    "modality": "bold",
    "session_id": "ExercisePre",
    "subject_id": "020",
    "task_id": "rest"
  },
  "dummy_trs": 0,
  "dvars_nstd": 16.092518121017957,
  "dvars_std": 1.3835706517365267,
  "dvars_vstd": 0.9771576380239524,
  "efc": 0.4554690067837709,
  "fber": 14430.3994140625,
  "fd_mean": 0.0966768698199285,
  "fd_num": 0,
  "fd_perc": 0.0,
  "fwhm_avg": 2.925150090909091,
  "fwhm_x": 2.864768,
  "fwhm_y": 3.1956072727272726,
  "fwhm_z": 2.715075,
  "gcor": 0.0753044,
  "gsr_x": -0.008376051671802998,
  "gsr_y": 0.008176644332706928,
  "provenance": {
    "md5sum": "a287eb3bd8e8d45cbf9824d83275653f",
    "settings": {
      "fd_thres": 0.5,
      "hmc_fsl": false
    },
    "software": "mriqc",
    "version": "0.10.4"
  },
  "size_t": 168,
  "size_x": 64,
  "size_y": 64,
  "size_z": 30,
  "snr": 5.433717582179904,
  "spacing_tr": 2.0,
  "spacing_x": 3.4375,
  "spacing_y": 3.4375,
  "spacing_z": 4.0,
  "summary_bg_k": 79.8921856735493,
  "summary_bg_mad": 12.328545570373535,
  "summary_bg_mean": 58.40499496459961,
  "summary_bg_median": 31.184524536132812,
  "summary_bg_n": 71070.0,
  "summary_bg_p05": 0.2083333432674408,
  "summary_bg_p95": 179.60298156738293,
  "summary_bg_stdv": 108.51033020019531,
  "summary_fg_k": 3.675748131198935,
  "summary_fg_mad": 522.030517578125,
  "summary_fg_mean": 3719.48095703125,
  "summary_fg_median": 3829.52392578125,
  "summary_fg_n": 24456.0,
  "summary_fg_p05": 2349.6651611328125,
  "summary_fg_p95": 4598.9151611328125,
  "summary_fg_stdv": 704.756103515625,
  "tsnr": 102.27516174316406
}