{
  "aor": 0.0015385714285714284,
  "aqi": 0.002717613630952381,
  "bids_meta": {
    "AcquisitionMatrixPE": 64,
    "ConversionSoftware": "dcm2niix",
    "ConversionSoftwareVersion": "v1.0.20171017 (OpenJPEG build) GCC4.8.4",
    "DeviceSerialNumber": "0000000517353VH3",
    "EchoTime": 0.0279,
    "EffectiveEchoSpacing": 0.000608,
    "FlipAngle": 76,
    "ImageOrientationPatientDICOM": [
      1,
      0,
      0,
      0,
      1,
      0
    ],
    "ImageType": [
      "ORIGINAL",
      "PRIMARY",
      "EPI",
      "NONE"
    ],
    "InPlanePhaseEncodingDirectionDICOM": "COL",
    "InstitutionName": "Michigan_State_University",
    "MRAcquisitionType": "2D",
    "MagneticFieldStrength": 3,
    "Manufacturer": "GE",
    "ManufacturersModelName": "Signa_HDxt",
    "Modality": "MR",
    "PatientPosition": "HFS",
    "PercentPhaseFOV": 100,
    "PixelBandwidth": 7812.5,
    "ProtocolName": "fMRI",
    "ReconMatrixPE": 64,
    "RepetitionTime": 2,
    "SAR": 0.225736,
    "ScanOptions": "EPI_GEMS",
    "ScanningSequence": "EP_GR",
    "SequenceVariant": "SS",
    "SeriesDescription": "fMRI",
    "SliceThickness": 4,
    "SoftwareVersions": "24_LX_MR_Software_release:HD16.0_V02_1131.a",
    "SpacingBetweenSlices": 4,
    "StationName": "MR03MR03",
    "TaskName": "rest",
    "TotalReadoutTime": 0.038304,
    "modality": "bold",
    "session_id": "ControlPre",
    "subject_id": "043",
    "task_id": "rest"
  },
  "dummy_trs": 0,
  "dvars_nstd": 13.375260392814372,
  "dvars_std": 1.2866153493413175,
  "dvars_vstd": 0.9734167803592815,
  "efc": 0.47609428394323167,
  "fber": 11930.75,
  "fd_mean": 0.07431888257912868,
  "fd_num": 0,
  "fd_perc": 0.0,
  "fwhm_avg": 2.9348775757575765,
  "fwhm_x": 2.9103127272727276,
  "fwhm_y": 3.26592,
  "fwhm_z": 2.6284,
  "gcor": 0.0487839,
  "gsr_x": -0.006862245034426451,
  "gsr_y": 0.010400664061307907,
  "provenance": {
    "md5sum": "d562456166af3d6e35540a9c0c9df5a0",
    "settings": {
      "fd_thres": 0.5,
      "hmc_fsl": false
    },
    "software": "mriqc",
    "version": "0.10.4"
  },
  "size_t": 168,
  "size_x": 64,
  "size_y": 64,
  "size_z": 30,
  "snr": 5.187747730279981,
  "spacing_tr": 2.0,
  "spacing_x": 3.4375,
  "spacing_y": 3.4375,
  "spacing_z": 4.0,
  "summary_bg_k": 72.76710157821948,
  "summary_bg_mad": 12.813919067382812,
  "summary_bg_mean": 55.413238525390625,
  "summary_bg_median": 28.154762268066406,
  "summary_bg_n": 68514.0,
  "summary_bg_p05": 0.1726190447807312,
  "summary_bg_p95": 195.43333969116205,
  "summary_bg_stdv": 97.76296997070312,
  "summary_fg_k": 3.084836615933522,
  "summary_fg_mad": 441.06982421875,
  "summary_fg_mean": 3021.87060546875,
  "summary_fg_median": 3125.98828125,
  "summary_fg_n": 26482.0,
  "summary_fg_p05": 1831.1562438964843,
  "summary_fg_p95": 3786.06484375,
  "summary_fg_stdv": 602.5599975585938,
  "tsnr": 103.63504028320312
}