{
  "aor": 0.02433392857142857,
  "aqi": 0.01409493148809524,
  "bids_meta": {
    "AcquisitionMatrixPE": 64,
    "ConversionSoftware": "dcm2niix",
    "ConversionSoftwareVersion": "v1.0.20171017 (OpenJPEG build) GCC4.8.4",
    "DeviceSerialNumber": "0000000517353VH3",
    "EchoTime": 0.0279,
    "EffectiveEchoSpacing": 0.000608,
    "FlipAngle": 76,
    "ImageOrientationPatientDICOM": [
      1,
      0,
      0,
      0,
      1,
      0
    ],
    "ImageType": [
      "ORIGINAL",
      "PRIMARY",
      "EPI",
      "NONE"
    ],
    "InPlanePhaseEncodingDirectionDICOM": "COL",
    "InstitutionName": "Michigan_State_University",
    "MRAcquisitionType": "2D",
    "MagneticFieldStrength": 3,
    "Manufacturer": "GE",
    "ManufacturersModelName": "Signa_HDxt",
    "Modality": "MR",
    "PatientPosition": "HFS",
    "PercentPhaseFOV": 100,
    "PixelBandwidth": 7812.5,
    "ProtocolName": "fMRI",
    "ReconMatrixPE": 64,
    "RepetitionTime": 2,
    "SAR": 0.225736,
    "ScanOptions": "EPI_GEMS",
    "ScanningSequence": "EP_GR",
    "SequenceVariant": "SS",
    "SeriesDescription": "fMRI",
    "SliceThickness": 4,
    "SoftwareVersions": "24_LX_MR_Software_release:HD16.0_V02_1131.a",
    "SpacingBetweenSlices": 4,
    "StationName": "MR03MR03",
    "TaskName": "rest",
    "TotalReadoutTime": 0.038304,
    "modality": "bold",
    "session_id": "ExercisePre",
    "subject_id": "025",
    "task_id": "rest"
  },
  "dummy_trs": 0,
  "dvars_nstd": 33.640650012694614,
  "dvars_std": 1.1497516407185628,
  "dvars_vstd": 1.13193563,
  "efc": 0.5071747143046895,
  "fber": 12015.953125,
  "fd_mean": 0.45551529783321854,
  "fd_num": 54,
  "fd_perc": 32.142857142857146,
  "fwhm_avg": 2.8526825151515154,
  "fwhm_x": 2.778935272727273,
  "fwhm_y": 3.171287272727273,
  "fwhm_z": 2.607825,
  "gcor": 0.0828488,
  "gsr_x": -0.008301309309899807,
  "gsr_y": 0.014634152874350548,
  "provenance": {
    "md5sum": "e7f6d56eb24c526fbfc7cb6e65002856",
    "settings": {
      "fd_thres": 0.5,
      "hmc_fsl": false
    },
    "software": "mriqc",
    "version": "0.10.4"
  },
  "size_t": 168,
  "size_x": 64,
  "size_y": 64,
  "size_z": 30,
  "snr": 5.316440280443547,
  "spacing_tr": 2.0,
  "spacing_x": 3.4375,
  "spacing_y": 3.4375,
  "spacing_z": 4.0,
  "summary_bg_k": 86.23877995159378,
  "summary_bg_mad": 12.637418746948242,
  "summary_bg_mean": 52.14775848388672,
  "summary_bg_median": 28.83333396911621,
  "summary_bg_n": 63563.0,
  "summary_bg_p05": 0.3095238208770752,
  "summary_bg_p95": 163.23452606201116,
  "summary_bg_stdv": 88.80909729003906,
  "summary_fg_k": 2.3028211619227825,
  "summary_fg_mad": 501.81689453125,
  "summary_fg_mean": 3185.1552734375,
  "summary_fg_median": 3220.244140625,
  "summary_fg_n": 30854.0,
  "summary_fg_p05": 2109.1202880859373,
  "summary_fg_p95": 4066.9339355468746,
  "summary_fg_stdv": 605.7045288085938,
  "tsnr": 37.904563903808594
}