{
  "aor": 0.02113029761904762,
  "aqi": 0.018311996666666667,
  "bids_meta": {
    "AcquisitionMatrixPE": 64,
    "ConversionSoftware": "dcm2niix",
    "ConversionSoftwareVersion": "v1.0.20171017 (OpenJPEG build) GCC4.8.4",
    "DeviceSerialNumber": "0000000517353VH3",
    "EchoTime": 0.0279,
    "EffectiveEchoSpacing": 0.000608,
    "FlipAngle": 76,
    "ImageOrientationPatientDICOM": [
      1,
      0,
      0,
      0,
      1,
      0
    ],
    "ImageType": [
      "ORIGINAL",
      "PRIMARY",
      "EPI",
      "NONE"
    ],
    "InPlanePhaseEncodingDirectionDICOM": "COL",
    "InstitutionName": "Michigan_State_University",
    "MRAcquisitionType": "2D",
    "MagneticFieldStrength": 3,
    "Manufacturer": "GE",
    "ManufacturersModelName": "Signa_HDxt",
    "Modality": "MR",
    "PatientPosition": "HFS",
    "PercentPhaseFOV": 100,
    "PixelBandwidth": 7812.5,
    "ProtocolName": "fMRI",
    "ReconMatrixPE": 64,
    "RepetitionTime": 2,
    "SAR": 0.225736,
    "ScanOptions": "EPI_GEMS",
    "ScanningSequence": "EP_GR",
    "SequenceVariant": "SS",
    "SeriesDescription": "fMRI",
    "SliceThickness": 4,
    "SoftwareVersions": "24_LX_MR_Software_release:HD16.0_V02_1131.a",
    "SpacingBetweenSlices": 4,
    "StationName": "MR03MR03",
    "TaskName": "flanker",
    "TotalReadoutTime": 0.038304,
    "modality": "bold",
    "run_id": "01",
    "session_id": "ExercisePre",
    "subject_id": "014",
    "task_id": "flanker"
  },
  "dummy_trs": 0,
  "dvars_nstd": 29.554561506526944,
  "dvars_std": 0.9946705364071863,
  "dvars_vstd": 0.98813483502994,
  "efc": 0.44610113674039265,
  "fber": 12735.0673828125,
  "fd_mean": 0.42217076873199993,
  "fd_num": 30,
  "fd_perc": 17.857142857142858,
  "fwhm_avg": 2.9615076363636366,
  "fwhm_x": 2.856104727272727,
  "fwhm_y": 3.3418181818181822,
  "fwhm_z": 2.6866,
  "gcor": 0.089596,
  "gsr_x": -0.0087932413443923,
  "gsr_y": 0.006739554926753044,
  "provenance": {
    "md5sum": "8fb25dfaa3c806d441a81722b8171d77",
    "settings": {
      "fd_thres": 0.5,
      "hmc_fsl": false
    },
    "software": "mriqc",
    "version": "0.10.4"
  },
  "size_t": 168,
  "size_x": 64,
  "size_y": 64,
  "size_z": 30,
  "snr": 5.251960516020151,
  "spacing_tr": 2.0,
  "spacing_x": 3.4375,
  "spacing_y": 3.4375,
  "spacing_z": 4.0,
  "summary_bg_k": 81.45102652972076,
  "summary_bg_mad": 14.737771034240723,
  "summary_bg_mean": 66.39556884765625,
  "summary_bg_median": 34.73214340209961,
  "summary_bg_n": 73012.0,
  "summary_bg_p05": 0.7592262148857127,
  "summary_bg_p95": 212.21102142333982,
  "summary_bg_stdv": 120.12447357177734,
  "summary_fg_k": 3.101884493650547,
  "summary_fg_mad": 602.0780639648438,
  "summary_fg_mean": 3871.489501953125,
  "summary_fg_median": 3997.297607421875,
  "summary_fg_n": 23057.0,
  "summary_fg_p05": 2352.116748046875,
  "summary_fg_p95": 4797.8978515625,
  "summary_fg_stdv": 761.0892944335938,
  "tsnr": 33.68446350097656
}