{
  "bids_meta": {
    "AcquisitionMatrixPE": 256,
    "ConversionSoftware": "dcm2niix",
    "ConversionSoftwareVersion": "v1.0.20171017 (OpenJPEG build) GCC4.8.4",
    "DeviceSerialNumber": "0000000517353VH3",
    "EchoTime": 0.003828,
    "FlipAngle": 8,
    "ImageOrientationPatientDICOM": [
      0,
      1,
      0,
      0,
      0,
      -1
    ],
    "ImageType": [
      "ORIGINAL",
      "PRIMARY",
      "OTHER"
    ],
    "InPlanePhaseEncodingDirectionDICOM": "ROW",
    "InstitutionName": "Michigan_State_University",
    "InversionTime": 0.04,
    "MRAcquisitionType": "3D",
    "MagneticFieldStrength": 3,
    "Manufacturer": "GE",
    "ManufacturersModelName": "Signa_HDxt",
    "Modality": "MR",
    "PatientPosition": "HFS",
    "PercentPhaseFOV": 100,
    "PixelBandwidth": 162.734,
    "ProtocolName": "mprage_1mm_iso_20.83_bw",
    "ReconMatrixPE": 256,
    "RepetitionTime": 0.008596,
    "SAR": 0.306132,
    "ScanOptions": "NONE",
    "ScanningSequence": "RM",
    "SequenceVariant": "NONE",
    "SeriesDescription": "mprage_1mm_iso_20.83_bw",
    "SliceThickness": 1,
    "SoftwareVersions": "24_LX_MR_Software_release:HD16.0_V02_1131.a",
    "SpacingBetweenSlices": 1,
    "StationName": "MR03MR03",
    "modality": "T1w",
    "session_id": "ControlPre",
    "subject_id": "048"
  },
  "cjv": 0.25716636488927747,
  "cnr": 4.494466125831139,
  "efc": 0.5731119162083617,
  "fber": 87.15098571777344,
  "fwhm_avg": 3.7634666666666665,
  "fwhm_x": 3.64931,
  "fwhm_y": 3.98954,
  "fwhm_z": 3.65155,
  "icvs_csf": 0.1861712178595969,
  "icvs_gm": 0.4871050596049164,
  "icvs_wm": 0.3267237225354867,
  "inu_med": 0.979128360748291,
  "inu_range": 0.3456488281488419,
  "provenance": {
    "md5sum": "78019227f4a2c613b6f632e51395992d",
    "settings": {
      "testing": false
    },
    "software": "mriqc",
    "version": "0.10.4",
    "warnings": {
      "large_rot_frame": true,
      "small_air_mask": false
    }
  },
  "qi_1": 0.0,
  "qi_2": 0.0033337073761517647,
  "rpve_csf": 30.14205199076612,
  "rpve_gm": 13.400887052760295,
  "rpve_wm": 22.05318248345455,
  "size_x": 180,
  "size_y": 256,
  "size_z": 256,
  "snr_csf": 2.17530341490017,
  "snr_gm": 10.368600624323086,
  "snr_total": 8.859249207914514,
  "snr_wm": 14.033843584520287,
  "snrd_csf": 12.168854985577232,
  "snrd_gm": 27.152417291936565,
  "snrd_total": 28.547057808356197,
  "snrd_wm": 46.31990114755479,
  "spacing_x": 1.0,
  "spacing_y": 1.0,
  "spacing_z": 1.0,
  "summary_bg_k": 0.5151323365730556,
  "summary_bg_mad": 14.143783569335938,
  "summary_bg_mean": 50.44358825683594,
  "summary_bg_median": 49.23197937011719,
  "summary_bg_n": 3001803.0,
  "summary_bg_p05": 29.72140712738037,
  "summary_bg_p95": 75.47451400756836,
  "summary_bg_stdv": 14.259730339050293,
  "summary_csf_k": 0.5848717129626948,
  "summary_csf_mad": 129.60922241210938,
  "summary_csf_mean": 277.2073974609375,
  "summary_csf_median": 262.7142333984375,
  "summary_csf_n": 6626.0,
  "summary_csf_p05": 114.30176162719727,
  "summary_csf_p95": 483.95569610595703,
  "summary_csf_stdv": 120.76219177246094,
  "summary_gm_k": 0.4073482381816582,
  "summary_gm_mad": 54.135887145996094,
  "summary_gm_mean": 585.8908081054688,
  "summary_gm_median": 586.1953735351562,
  "summary_gm_n": 36627.0,
  "summary_gm_p05": 492.7915924072266,
  "summary_gm_p95": 677.7800903320311,
  "summary_gm_stdv": 56.53485870361328,
  "summary_wm_k": 0.8516951868946143,
  "summary_wm_mad": 52.281639099121094,
  "summary_wm_mean": 983.1405639648438,
  "summary_wm_median": 1000.0034790039062,
  "summary_wm_n": 139785.0,
  "summary_wm_p05": 831.4878662109376,
  "summary_wm_p95": 1070.61396484375,
  "summary_wm_stdv": 71.25630950927734,
  "tpm_overlap_csf": 0.19601576030254364,
  "tpm_overlap_gm": 0.5274595022201538,
  "tpm_overlap_wm": 0.5113272666931152,
  "wm2max": 0.6845979520200646
}