{
  "bids_meta": {
    "AcquisitionMatrixPE": 256,
    "ConversionSoftware": "dcm2niix",
    "ConversionSoftwareVersion": "v1.0.20171017 (OpenJPEG build) GCC4.8.4",
    "DeviceSerialNumber": "0000000517353VH3",
    "EchoTime": 0.003828,
    "FlipAngle": 8,
    "ImageOrientationPatientDICOM": [
      0,
      1,
      0,
      0,
      0,
      -1
    ],
    "ImageType": [
      "ORIGINAL",
      "PRIMARY",
      "OTHER"
    ],
    "InPlanePhaseEncodingDirectionDICOM": "ROW",
    "InstitutionName": "Michigan_State_University",
    "InversionTime": 0.04,
    "MRAcquisitionType": "3D",
    "MagneticFieldStrength": 3,
    "Manufacturer": "GE",
    "ManufacturersModelName": "Signa_HDxt",
    "Modality": "MR",
    "PatientPosition": "HFS",
    "PercentPhaseFOV": 100,
    "PixelBandwidth": 162.734,
    "ProtocolName": "mprage_1mm_iso_20.83_bw",
    "ReconMatrixPE": 256,
    "RepetitionTime": 0.008596,
    "SAR": 0.306132,
    "ScanOptions": "NONE",
    "ScanningSequence": "RM",
    "SequenceVariant": "NONE",
    "SeriesDescription": "mprage_1mm_iso_20.83_bw",
    "SliceThickness": 1,
    "SoftwareVersions": "24_LX_MR_Software_release:HD16.0_V02_1131.a",
    "SpacingBetweenSlices": 1,
    "StationName": "MR03MR03",
    "modality": "T1w",
    "session_id": "ControlPre",
    "subject_id": "012"
  },
  "cjv": 0.38921056057479997,
  "cnr": 3.307744536994336,
  "efc": 0.6241919887710484,
  "fber": 68.98210906982422,
  "fwhm_avg": 4.022476666666666,
  "fwhm_x": 3.78949,
  "fwhm_y": 4.23091,
  "fwhm_z": 4.04703,
  "icvs_csf": 0.21419742995093366,
  "icvs_gm": 0.44323862374341666,
  "icvs_wm": 0.3425639463056497,
  "inu_med": 1.2325478792190552,
  "inu_range": 0.4094424009323119,
  "provenance": {
    "md5sum": "67373f5348c0a17c22fe57da589223fc",
    "settings": {
      "testing": false
    },
    "software": "mriqc",
    "version": "0.10.4",
    "warnings": {
      "large_rot_frame": true,
      "small_air_mask": false
    }
  },
  "qi_1": 0.0,
  "qi_2": 0.0008282269361917365,
  "rpve_csf": 22.82927810332001,
  "rpve_gm": 11.635693469918595,
  "rpve_wm": 17.116183531766353,
  "size_x": 180,
  "size_y": 256,
  "size_z": 256,
  "snr_csf": 2.8369287572772923,
  "snr_gm": 10.493379279933539,
  "snr_total": 9.002798995301559,
  "snr_wm": 13.678088948693842,
  "snrd_csf": 10.258478283548978,
  "snrd_gm": 20.264027888496564,
  "snrd_total": 20.313338831992535,
  "snrd_wm": 30.417510323932063,
  "spacing_x": 1.0,
  "spacing_y": 1.0,
  "spacing_z": 1.0,
  "summary_bg_k": 3.4666177450806774,
  "summary_bg_mad": 21.53864288330078,
  "summary_bg_mean": 68.47086334228516,
  "summary_bg_median": 61.838287353515625,
  "summary_bg_n": 2494932.0,
  "summary_bg_p05": 35.925848197937015,
  "summary_bg_p95": 125.1692371368408,
  "summary_bg_stdv": 28.434980392456055,
  "summary_csf_k": 0.17300674055742427,
  "summary_csf_mad": 123.60928344726562,
  "summary_csf_mean": 337.665283203125,
  "summary_csf_median": 337.263671875,
  "summary_csf_n": 20288.0,
  "summary_csf_p05": 147.0614311218262,
  "summary_csf_p95": 527.8788818359372,
  "summary_csf_stdv": 118.88044738769531,
  "summary_gm_k": 0.23325949821669223,
  "summary_gm_mad": 61.47722625732422,
  "summary_gm_mean": 667.3961791992188,
  "summary_gm_median": 666.2119140625,
  "summary_gm_n": 32207.0,
  "summary_gm_p05": 565.2365173339844,
  "summary_gm_p95": 775.0438537597655,
  "summary_gm_stdv": 63.48780059814453,
  "summary_wm_k": 0.8553126044935433,
  "summary_wm_mad": 68.44583892822266,
  "summary_wm_mean": 1005.130615234375,
  "summary_wm_median": 1000.023681640625,
  "summary_wm_n": 190564.0,
  "summary_wm_p05": 894.1578247070313,
  "summary_wm_p95": 1133.050634765625,
  "summary_wm_stdv": 73.11116790771484,
  "tpm_overlap_csf": 0.19148726761341095,
  "tpm_overlap_gm": 0.5133432149887085,
  "tpm_overlap_wm": 0.5348528027534485,
  "wm2max": 0.5379079381420895
}