{
  "aor": 0.0019464285714285716,
  "aqi": 0.002269866845238095,
  "bids_meta": {
    "AcquisitionMatrixPE": 64,
    "ConversionSoftware": "dcm2niix",
    "ConversionSoftwareVersion": "v1.0.20171017 (OpenJPEG build) GCC4.8.4",
    "DeviceSerialNumber": "0000000517353VH3",
    "EchoTime": 0.0279,
    "EffectiveEchoSpacing": 0.000608,
    "FlipAngle": 76,
    "ImageOrientationPatientDICOM": [
      1,
      0,
      0,
      0,
      1,
      0
    ],
    "ImageType": [
      "ORIGINAL",
      "PRIMARY",
      "EPI",
      "NONE"
    ],
    "InPlanePhaseEncodingDirectionDICOM": "COL",
    "InstitutionName": "Michigan_State_University",
    "MRAcquisitionType": "2D",
    "MagneticFieldStrength": 3,
    "Manufacturer": "GE",
    "ManufacturersModelName": "Signa_HDxt",
    "Modality": "MR",
    "PatientPosition": "HFS",
    "PercentPhaseFOV": 100,
    "PixelBandwidth": 7812.5,
    "ProtocolName": "fMRI",
    "ReconMatrixPE": 64,
    "RepetitionTime": 2,
    "SAR": 0.225736,
    "ScanOptions": "EPI_GEMS",
    "ScanningSequence": "EP_GR",
    "SequenceVariant": "SS",
    "SeriesDescription": "fMRI",
    "SliceThickness": 4,
    "SoftwareVersions": "24_LX_MR_Software_release:HD16.0_V02_1131.a",
    "SpacingBetweenSlices": 4,
    "StationName": "MR03MR03",
    "TaskName": "flanker",
    "TotalReadoutTime": 0.038304,
    "modality": "bold",
    "run_id": "01",
    "session_id": "ControlPre",
    "subject_id": "050",
    "task_id": "flanker"
  },
  "dummy_trs": 0,
  "dvars_nstd": 14.264048256586827,
  "dvars_std": 1.3367980390419159,
  "dvars_vstd": 0.9897847007185625,
  "efc": 0.45279284604954817,
  "fber": 12379.689453125,
  "fd_mean": 0.10941055195594618,
  "fd_num": 0,
  "fd_perc": 0.0,
  "fwhm_avg": 2.9878199999999997,
  "fwhm_x": 2.9536581818181817,
  "fwhm_y": 3.2201018181818184,
  "fwhm_z": 2.7897,
  "gcor": 0.0447252,
  "gsr_x": -0.008493834175169468,
  "gsr_y": 0.010791205801069736,
  "provenance": {
    "md5sum": "7fac0a72fff099eda749f628af456fad",
    "settings": {
      "fd_thres": 0.5,
      "hmc_fsl": false
    },
    "software": "mriqc",
    "version": "0.10.4"
  },
  "size_t": 168,
  "size_x": 64,
  "size_y": 64,
  "size_z": 30,
  "snr": 5.229068284102748,
  "spacing_tr": 2.0,
  "spacing_x": 3.4375,
  "spacing_y": 3.4375,
  "spacing_z": 4.0,
  "summary_bg_k": 97.9758733926165,
  "summary_bg_mad": 11.013617515563965,
  "summary_bg_mean": 52.505985260009766,
  "summary_bg_median": 25.797618865966797,
  "summary_bg_n": 72307.0,
  "summary_bg_p05": 0.0595238097012043,
  "summary_bg_p95": 188.82976837158182,
  "summary_bg_stdv": 104.62165832519531,
  "summary_fg_k": 2.843042100721643,
  "summary_fg_mad": 414.35693359375,
  "summary_fg_mean": 2829.759765625,
  "summary_fg_median": 2942.47900390625,
  "summary_fg_n": 23688.0,
  "summary_fg_p05": 1678.9949340820312,
  "summary_fg_p95": 3517.3209350585935,
  "summary_fg_stdv": 562.703857421875,
  "tsnr": 112.93266296386719
}