{
  "aor": 0.009952202380952381,
  "aqi": 0.006105854107142857,
  "bids_meta": {
    "AcquisitionMatrixPE": 64,
    "ConversionSoftware": "dcm2niix",
    "ConversionSoftwareVersion": "v1.0.20171017 (OpenJPEG build) GCC4.8.4",
    "DeviceSerialNumber": "0000000517353VH3",
    "EchoTime": 0.0279,
    "EffectiveEchoSpacing": 0.000608,
    "FlipAngle": 76,
    "ImageOrientationPatientDICOM": [
      1,
      0,
      0,
      0,
      1,
      0
    ],
    "ImageType": [
      "ORIGINAL",
      "PRIMARY",
      "EPI",
      "NONE"
    ],
    "InPlanePhaseEncodingDirectionDICOM": "COL",
    "InstitutionName": "Michigan_State_University",
    "MRAcquisitionType": "2D",
    "MagneticFieldStrength": 3,
    "Manufacturer": "GE",
    "ManufacturersModelName": "Signa_HDxt",
    "Modality": "MR",
    "PatientPosition": "HFS",
    "PercentPhaseFOV": 100,
    "PixelBandwidth": 7812.5,
    "ProtocolName": "fMRI",
    "ReconMatrixPE": 64,
    "RepetitionTime": 2,
    "SAR": 0.225736,
    "ScanOptions": "EPI_GEMS",
    "ScanningSequence": "EP_GR",
    "SequenceVariant": "SS",
    "SeriesDescription": "fMRI",
    "SliceThickness": 4,
    "SoftwareVersions": "24_LX_MR_Software_release:HD16.0_V02_1131.a",
    "SpacingBetweenSlices": 4,
    "StationName": "MR03MR03",
    "TaskName": "flanker",
    "TotalReadoutTime": 0.038304,
    "modality": "bold",
    "run_id": "01",
    "session_id": "ControlPre",
    "subject_id": "012",
    "task_id": "flanker"
  },
  "dummy_trs": 0,
  "dvars_nstd": 21.87255339167664,
  "dvars_std": 1.1665575458682629,
  "dvars_vstd": 1.0632103600598797,
  "efc": 0.49156214234639195,
  "fber": 11321.7568359375,
  "fd_mean": 0.3472059905591217,
  "fd_num": 31,
  "fd_perc": 18.452380952380953,
  "fwhm_avg": 2.9126196666666666,
  "fwhm_x": 2.8750894545454546,
  "fwhm_y": 3.2116945454545456,
  "fwhm_z": 2.651075,
  "gcor": 0.0454899,
  "gsr_x": -0.009480961598455906,
  "gsr_y": 0.013683341443538666,
  "provenance": {
    "md5sum": "9ede4107c30ba4a0567a0aa5cca742e9",
    "settings": {
      "fd_thres": 0.5,
      "hmc_fsl": false
    },
    "software": "mriqc",
    "version": "0.10.4"
  },
  "size_t": 168,
  "size_x": 64,
  "size_y": 64,
  "size_z": 30,
  "snr": 4.907553775950999,
  "spacing_tr": 2.0,
  "spacing_x": 3.4375,
  "spacing_y": 3.4375,
  "spacing_z": 4.0,
  "summary_bg_k": 43.141317609197934,
  "summary_bg_mad": 18.89435577392578,
  "summary_bg_mean": 83.71627044677734,
  "summary_bg_median": 39.4226188659668,
  "summary_bg_n": 66034.0,
  "summary_bg_p05": 0.5773809552192688,
  "summary_bg_p95": 333.6503021240233,
  "summary_bg_stdv": 146.189697265625,
  "summary_fg_k": 2.4180354155891735,
  "summary_fg_mad": 689.5953979492188,
  "summary_fg_mean": 4187.13330078125,
  "summary_fg_median": 4292.857421875,
  "summary_fg_n": 28355.0,
  "summary_fg_p05": 2508.704125976563,
  "summary_fg_p95": 5382.86484375,
  "summary_fg_stdv": 874.7294311523438,
  "tsnr": 61.15456008911133
}