{
  "aor": 0.004443630952380953,
  "aqi": 0.005604798869047619,
  "bids_meta": {
    "AcquisitionMatrixPE": 64,
    "ConversionSoftware": "dcm2niix",
    "ConversionSoftwareVersion": "v1.0.20171017 (OpenJPEG build) GCC4.8.4",
    "DeviceSerialNumber": "0000000517353VH3",
    "EchoTime": 0.0279,
    "EffectiveEchoSpacing": 0.000608,
    "FlipAngle": 76,
    "ImageOrientationPatientDICOM": [
      1,
      0,
      0,
      0,
      1,
      0
    ],
    "ImageType": [
      "ORIGINAL",
      "PRIMARY",
      "EPI",
      "NONE"
    ],
    "InPlanePhaseEncodingDirectionDICOM": "COL",
    "InstitutionName": "Michigan_State_University",
    "MRAcquisitionType": "2D",
    "MagneticFieldStrength": 3,
    "Manufacturer": "GE",
    "ManufacturersModelName": "Signa_HDxt",
    "Modality": "MR",
    "PatientPosition": "HFS",
    "PercentPhaseFOV": 100,
    "PixelBandwidth": 7812.5,
    "ProtocolName": "fMRI",
    "ReconMatrixPE": 64,
    "RepetitionTime": 2,
    "SAR": 0.225736,
    "ScanOptions": "EPI_GEMS",
    "ScanningSequence": "EP_GR",
    "SequenceVariant": "SS",
    "SeriesDescription": "fMRI",
    "SliceThickness": 4,
    "SoftwareVersions": "24_LX_MR_Software_release:HD16.0_V02_1131.a",
    "SpacingBetweenSlices": 4,
    "StationName": "MR03MR03",
    "TaskName": "flanker",
    "TotalReadoutTime": 0.038304,
    "modality": "bold",
    "run_id": "01",
    "session_id": "ExercisePost",
    "subject_id": "023",
    "task_id": "flanker"
  },
  "dummy_trs": 0,
  "dvars_nstd": 18.112968307724543,
  "dvars_std": 1.2016701079041918,
  "dvars_vstd": 1.0084846843712576,
  "efc": 0.48348058860173715,
  "fber": 4907.92236328125,
  "fd_mean": 0.14577399751578823,
  "fd_num": 2,
  "fd_perc": 1.1904761904761905,
  "fwhm_avg": 2.937901787878788,
  "fwhm_x": 2.8965294545454547,
  "fwhm_y": 3.241250909090909,
  "fwhm_z": 2.675925,
  "gcor": 0.0347169,
  "gsr_x": -0.0055265664122998714,
  "gsr_y": 0.009747072122991085,
  "provenance": {
    "md5sum": "ec8352288cc52ad5f617f514fc57ffdc",
    "settings": {
      "fd_thres": 0.5,
      "hmc_fsl": false
    },
    "software": "mriqc",
    "version": "0.10.4"
  },
  "size_t": 168,
  "size_x": 64,
  "size_y": 64,
  "size_z": 30,
  "snr": 5.09638675802687,
  "spacing_tr": 2.0,
  "spacing_x": 3.4375,
  "spacing_y": 3.4375,
  "spacing_z": 4.0,
  "summary_bg_k": 79.9787405375058,
  "summary_bg_mad": 12.29323959350586,
  "summary_bg_mean": 59.97685623168945,
  "summary_bg_median": 41.5476188659668,
  "summary_bg_n": 67885.0,
  "summary_bg_p05": 0.190476194024086,
  "summary_bg_p95": 166.0630950927734,
  "summary_bg_stdv": 80.0400390625,
  "summary_fg_k": 3.138252702536386,
  "summary_fg_mad": 422.7182922363281,
  "summary_fg_mean": 2895.128173828125,
  "summary_fg_median": 3004.261962890625,
  "summary_fg_n": 27063.0,
  "summary_fg_p05": 1697.5499877929692,
  "summary_fg_p95": 3618.2607910156244,
  "summary_fg_stdv": 589.4777221679688,
  "tsnr": 76.26974487304688
}