{
  "aor": 0.027447738095238098,
  "aqi": 0.040805522619047616,
  "bids_meta": {
    "AcquisitionMatrixPE": 64,
    "ConversionSoftware": "dcm2niix",
    "ConversionSoftwareVersion": "v1.0.20171017 (OpenJPEG build) GCC4.8.4",
    "DeviceSerialNumber": "0000000517353VH3",
    "EchoTime": 0.0279,
    "EffectiveEchoSpacing": 0.000608,
    "FlipAngle": 76,
    "ImageOrientationPatientDICOM": [
      1,
      0,
      0,
      0,
      1,
      0
    ],
    "ImageType": [
      "ORIGINAL",
      "PRIMARY",
      "EPI",
      "NONE"
    ],
    "InPlanePhaseEncodingDirectionDICOM": "COL",
    "InstitutionName": "Michigan_State_University",
    "MRAcquisitionType": "2D",
    "MagneticFieldStrength": 3,
    "Manufacturer": "GE",
    "ManufacturersModelName": "Signa_HDxt",
    "Modality": "MR",
    "PatientPosition": "HFS",
    "PercentPhaseFOV": 100,
    "PixelBandwidth": 7812.5,
    "ProtocolName": "fMRI",
    "ReconMatrixPE": 64,
    "RepetitionTime": 2,
    "SAR": 0.225736,
    "ScanOptions": "EPI_GEMS",
    "ScanningSequence": "EP_GR",
    "SequenceVariant": "SS",
    "SeriesDescription": "fMRI",
    "SliceThickness": 4,
    "SoftwareVersions": "24_LX_MR_Software_release:HD16.0_V02_1131.a",
    "SpacingBetweenSlices": 4,
    "StationName": "MR03MR03",
    "TaskName": "flanker",
    "TotalReadoutTime": 0.038304,
    "modality": "bold",
    "run_id": "02",
    "session_id": "ControlPre",
    "subject_id": "027",
    "task_id": "flanker"
  },
  "dummy_trs": 0,
  "dvars_nstd": 59.004965987664654,
  "dvars_std": 1.1758622613772454,
  "dvars_vstd": 1.1411063028742514,
  "efc": 0.4557765008019558,
  "fber": 10685.77734375,
  "fd_mean": 1.5875310935925537,
  "fd_num": 129,
  "fd_perc": 76.78571428571429,
  "fwhm_avg": 2.9972004545454545,
  "fwhm_x": 2.97088,
  "fwhm_y": 3.3389963636363635,
  "fwhm_z": 2.681725,
  "gcor": 0.107432,
  "gsr_x": -0.000443367229308933,
  "gsr_y": 0.009978621266782284,
  "provenance": {
    "md5sum": "aecdf09e088a6359cdc9bf34e241614b",
    "settings": {
      "fd_thres": 0.5,
      "hmc_fsl": false
    },
    "software": "mriqc",
    "version": "0.10.4"
  },
  "size_t": 168,
  "size_x": 64,
  "size_y": 64,
  "size_z": 30,
  "snr": 5.40158278265843,
  "spacing_tr": 2.0,
  "spacing_x": 3.4375,
  "spacing_y": 3.4375,
  "spacing_z": 4.0,
  "summary_bg_k": 73.3944120388033,
  "summary_bg_mad": 13.16692066192627,
  "summary_bg_mean": 51.750919342041016,
  "summary_bg_median": 27.08333396911621,
  "summary_bg_n": 71644.0,
  "summary_bg_p05": 1.8154761791229248,
  "summary_bg_p95": 164.3503036499023,
  "summary_bg_stdv": 90.82487487792969,
  "summary_fg_k": 2.9199794936512324,
  "summary_fg_mad": 414.88177490234375,
  "summary_fg_mean": 2747.33251953125,
  "summary_fg_median": 2839.702392578125,
  "summary_fg_n": 23957.0,
  "summary_fg_p05": 1742.7786376953125,
  "summary_fg_p95": 3398.8726074218753,
  "summary_fg_stdv": 525.7057495117188,
  "tsnr": 21.698190689086914
}