{
  "bids_meta": {
    "AcquisitionMatrixPE": 256,
    "ConversionSoftware": "dcm2niix",
    "ConversionSoftwareVersion": "v1.0.20171017 (OpenJPEG build) GCC4.8.4",
    "DeviceSerialNumber": "0000000517353VH3",
    "EchoTime": 0.003828,
    "FlipAngle": 8,
    "ImageOrientationPatientDICOM": [
      0,
      1,
      0,
      0,
      0,
      -1
    ],
    "ImageType": [
      "ORIGINAL",
      "PRIMARY",
      "OTHER"
    ],
    "InPlanePhaseEncodingDirectionDICOM": "ROW",
    "InstitutionName": "Michigan_State_University",
    "InversionTime": 0.04,
    "MRAcquisitionType": "3D",
    "MagneticFieldStrength": 3,
    "Manufacturer": "GE",
    "ManufacturersModelName": "Signa_HDxt",
    "Modality": "MR",
    "PatientPosition": "HFS",
    "PercentPhaseFOV": 100,
    "PixelBandwidth": 162.734,
    "ProtocolName": "mprage_1mm_iso_20.83_bw",
    "ReconMatrixPE": 256,
    "RepetitionTime": 0.008596,
    "SAR": 0.306132,
    "ScanOptions": "NONE",
    "ScanningSequence": "RM",
    "SequenceVariant": "NONE",
    "SeriesDescription": "mprage_1mm_iso_20.83_bw",
    "SliceThickness": 1,
    "SoftwareVersions": "24_LX_MR_Software_release:HD16.0_V02_1131.a",
    "SpacingBetweenSlices": 1,
    "StationName": "MR03MR03",
    "modality": "T1w",
    "session_id": "ExercisePre",
    "subject_id": "012"
  },
  "cjv": 0.2724223350553349,
  "cnr": 4.732856686791631,
  "efc": 0.5814632882187206,
  "fber": 109.86537170410156,
  "fwhm_avg": 3.8503899999999995,
  "fwhm_x": 3.73128,
  "fwhm_y": 4.0923,
  "fwhm_z": 3.72759,
  "icvs_csf": 0.20424798739028957,
  "icvs_gm": 0.4615979580131284,
  "icvs_wm": 0.33415405459658204,
  "inu_med": 0.9766010046005249,
  "inu_range": 0.2818305402994158,
  "provenance": {
    "md5sum": "dff0f95778bb2dfa11489f6fca73fa47",
    "settings": {
      "testing": false
    },
    "software": "mriqc",
    "version": "0.10.4",
    "warnings": {
      "large_rot_frame": true,
      "small_air_mask": false
    }
  },
  "qi_1": 0.0,
  "qi_2": 0.001469807622817368,
  "rpve_csf": 22.98211678975719,
  "rpve_gm": 11.46497929494085,
  "rpve_wm": 18.59329210328777,
  "size_x": 180,
  "size_y": 256,
  "size_z": 256,
  "snr_csf": 2.8374204250877995,
  "snr_gm": 10.558357416202186,
  "snr_total": 11.513304140286566,
  "snr_wm": 21.144134579569716,
  "snrd_csf": 16.306600017442243,
  "snrd_gm": 30.37949599977327,
  "snrd_total": 31.590468481187298,
  "snrd_wm": 48.08530942634638,
  "spacing_x": 1.0,
  "spacing_y": 1.0,
  "spacing_z": 1.0,
  "summary_bg_k": 2.5211495849368886,
  "summary_bg_mad": 13.624549865722656,
  "summary_bg_mean": 49.83246994018555,
  "summary_bg_median": 47.8104362487793,
  "summary_bg_n": 2875368.0,
  "summary_bg_p05": 29.280004215240478,
  "summary_bg_p95": 77.29500312805175,
  "summary_bg_stdv": 15.352051734924316,
  "summary_csf_k": 3.583556132836649,
  "summary_csf_mad": 125.9216079711914,
  "summary_csf_mean": 329.7804870605469,
  "summary_csf_median": 339.120361328125,
  "summary_csf_n": 12634.0,
  "summary_csf_p05": 131.0475196838379,
  "summary_csf_p95": 504.0231781005858,
  "summary_csf_stdv": 119.51240539550781,
  "summary_gm_k": 0.23705210101340235,
  "summary_gm_mad": 57.537391662597656,
  "summary_gm_mean": 633.0274047851562,
  "summary_gm_median": 631.7874755859375,
  "summary_gm_n": 45234.0,
  "summary_gm_p05": 534.9226684570312,
  "summary_gm_p95": 733.9165710449219,
  "summary_gm_stdv": 59.837005615234375,
  "summary_wm_k": 0.8641903240028377,
  "summary_wm_mad": 42.773719787597656,
  "summary_wm_mean": 998.148193359375,
  "summary_wm_median": 1000.006591796875,
  "summary_wm_n": 185868.0,
  "summary_wm_p05": 916.2882507324218,
  "summary_wm_p95": 1072.1559143066406,
  "summary_wm_stdv": 47.29462432861328,
  "tpm_overlap_csf": 0.20519588887691498,
  "tpm_overlap_gm": 0.5318025350570679,
  "tpm_overlap_wm": 0.5410726070404053,
  "wm2max": 0.6032618308371216
}