{
  "aor": 0.04398952380952381,
  "aqi": 0.06931861785714286,
  "bids_meta": {
    "AcquisitionMatrixPE": 64,
    "ConversionSoftware": "dcm2niix",
    "ConversionSoftwareVersion": "v1.0.20171017 (OpenJPEG build) GCC4.8.4",
    "DeviceSerialNumber": "0000000517353VH3",
    "EchoTime": 0.0279,
    "EffectiveEchoSpacing": 0.000608,
    "FlipAngle": 76,
    "ImageOrientationPatientDICOM": [
      1,
      0,
      0,
      0,
      1,
      0
    ],
    "ImageType": [
      "ORIGINAL",
      "PRIMARY",
      "EPI",
      "NONE"
    ],
    "InPlanePhaseEncodingDirectionDICOM": "COL",
    "InstitutionName": "Michigan_State_University",
    "MRAcquisitionType": "2D",
    "MagneticFieldStrength": 3,
    "Manufacturer": "GE",
    "ManufacturersModelName": "Signa_HDxt",
    "Modality": "MR",
    "PatientPosition": "HFS",
    "PercentPhaseFOV": 100,
    "PixelBandwidth": 7812.5,
    "ProtocolName": "fMRI",
    "ReconMatrixPE": 64,
    "RepetitionTime": 2,
    "SAR": 0.225736,
    "ScanOptions": "EPI_GEMS",
    "ScanningSequence": "EP_GR",
    "SequenceVariant": "SS",
    "SeriesDescription": "fMRI",
    "SliceThickness": 4,
    "SoftwareVersions": "24_LX_MR_Software_release:HD16.0_V02_1131.a",
    "SpacingBetweenSlices": 4,
    "StationName": "MR03MR03",
    "TaskName": "rest",
    "TotalReadoutTime": 0.038304,
    "modality": "bold",
    "session_id": "ExercisePre",
    "subject_id": "010",
    "task_id": "rest"
  },
  "dummy_trs": 0,
  "dvars_nstd": 76.73377628083837,
  "dvars_std": 1.219927859640718,
  "dvars_vstd": 1.234852831856287,
  "efc": 0.4574115856831528,
  "fber": 13016.7099609375,
  "fd_mean": 2.5029421723578404,
  "fd_num": 111,
  "fd_perc": 66.07142857142857,
  "fwhm_avg": 3.03008696969697,
  "fwhm_x": 2.927970909090909,
  "fwhm_y": 3.3462400000000003,
  "fwhm_z": 2.81605,
  "gcor": 0.108546,
  "gsr_x": -0.008597811684012413,
  "gsr_y": 0.010042217560112476,
  "provenance": {
    "md5sum": "e1f007231b6650dee830bbc1a6c6b7bb",
    "settings": {
      "fd_thres": 0.5,
      "hmc_fsl": false
    },
    "software": "mriqc",
    "version": "0.10.4"
  },
  "size_t": 168,
  "size_x": 64,
  "size_y": 64,
  "size_z": 30,
  "snr": 5.411022937045376,
  "spacing_tr": 2.0,
  "spacing_x": 3.4375,
  "spacing_y": 3.4375,
  "spacing_z": 4.0,
  "summary_bg_k": 96.17972702172185,
  "summary_bg_mad": 15.80560302734375,
  "summary_bg_mean": 69.50151062011719,
  "summary_bg_median": 38.720237731933594,
  "summary_bg_n": 71340.0,
  "summary_bg_p05": 5.9464287757873535,
  "summary_bg_p95": 219.27411804199255,
  "summary_bg_stdv": 123.71324920654297,
  "summary_fg_k": 3.0819731749377484,
  "summary_fg_mad": 602.8189697265625,
  "summary_fg_mean": 4357.59521484375,
  "summary_fg_median": 4459.8095703125,
  "summary_fg_n": 24693.0,
  "summary_fg_p05": 2804.966748046875,
  "summary_fg_p95": 5487.565624999999,
  "summary_fg_stdv": 824.1915283203125,
  "tsnr": 16.959829330444336
}