{
  "aor": 0.04412755952380952,
  "aqi": 0.013068598511904762,
  "bids_meta": {
    "AcquisitionMatrixPE": 64,
    "ConversionSoftware": "dcm2niix",
    "ConversionSoftwareVersion": "v1.0.20171017 (OpenJPEG build) GCC4.8.4",
    "DeviceSerialNumber": "0000000517353VH3",
    "EchoTime": 0.0279,
    "EffectiveEchoSpacing": 0.000608,
    "FlipAngle": 76,
    "ImageOrientationPatientDICOM": [
      1,
      0,
      0,
      0,
      1,
      0
    ],
    "ImageType": [
      "ORIGINAL",
      "PRIMARY",
      "EPI",
      "NONE"
    ],
    "InPlanePhaseEncodingDirectionDICOM": "COL",
    "InstitutionName": "Michigan_State_University",
    "MRAcquisitionType": "2D",
    "MagneticFieldStrength": 3,
    "Manufacturer": "GE",
    "ManufacturersModelName": "Signa_HDxt",
    "Modality": "MR",
    "PatientPosition": "HFS",
    "PercentPhaseFOV": 100,
    "PixelBandwidth": 7812.5,
    "ProtocolName": "fMRI",
    "ReconMatrixPE": 64,
    "RepetitionTime": 2,
    "SAR": 0.225736,
    "ScanOptions": "EPI_GEMS",
    "ScanningSequence": "EP_GR",
    "SequenceVariant": "SS",
    "SeriesDescription": "fMRI",
    "SliceThickness": 4,
    "SoftwareVersions": "24_LX_MR_Software_release:HD16.0_V02_1131.a",
    "SpacingBetweenSlices": 4,
    "StationName": "MR03MR03",
    "TaskName": "flanker",
    "TotalReadoutTime": 0.038304,
    "modality": "bold",
    "run_id": "01",
    "session_id": "ExercisePost",
    "subject_id": "025",
    "task_id": "flanker"
  },
  "dummy_trs": 0,
  "dvars_nstd": 32.6191165088024,
  "dvars_std": 1.2808325049700608,
  "dvars_vstd": 1.3486582822155688,
  "efc": 0.5089060470719419,
  "fber": 12277.890625,
  "fd_mean": 0.4759222743299724,
  "fd_num": 38,
  "fd_perc": 22.61904761904762,
  "fwhm_avg": 2.909422424242424,
  "fwhm_x": 2.8350690909090908,
  "fwhm_y": 3.3206981818181815,
  "fwhm_z": 2.5725,
  "gcor": 0.139493,
  "gsr_x": -0.008048098534345627,
  "gsr_y": 0.015445920638740063,
  "provenance": {
    "md5sum": "4166dd0e71e7ed6a4406877491e05f10",
    "settings": {
      "fd_thres": 0.5,
      "hmc_fsl": false
    },
    "software": "mriqc",
    "version": "0.10.4"
  },
  "size_t": 168,
  "size_x": 64,
  "size_y": 64,
  "size_z": 30,
  "snr": 5.184380691311162,
  "spacing_tr": 2.0,
  "spacing_x": 3.4375,
  "spacing_y": 3.4375,
  "spacing_z": 4.0,
  "summary_bg_k": 65.48940251661058,
  "summary_bg_mad": 12.478568077087402,
  "summary_bg_mean": 49.97069549560547,
  "summary_bg_median": 27.303571701049805,
  "summary_bg_n": 63125.0,
  "summary_bg_p05": 0.7142857313156128,
  "summary_bg_p95": 166.25595092773438,
  "summary_bg_stdv": 83.4002685546875,
  "summary_fg_k": 1.9253041870660637,
  "summary_fg_mad": 510.25372314453125,
  "summary_fg_mean": 3033.240966796875,
  "summary_fg_median": 3071.89599609375,
  "summary_fg_n": 31232.0,
  "summary_fg_p05": 1974.9250000000002,
  "summary_fg_p95": 3885.126000976562,
  "summary_fg_stdv": 592.51953125,
  "tsnr": 34.54890060424805
}