{
  "aor": 0.01997232142857143,
  "aqi": 0.01042391136904762,
  "bids_meta": {
    "AcquisitionMatrixPE": 64,
    "ConversionSoftware": "dcm2niix",
    "ConversionSoftwareVersion": "v1.0.20171017 (OpenJPEG build) GCC4.8.4",
    "DeviceSerialNumber": "0000000517353VH3",
    "EchoTime": 0.0279,
    "EffectiveEchoSpacing": 0.000608,
    "FlipAngle": 76,
    "ImageOrientationPatientDICOM": [
      1,
      0,
      0,
      0,
      1,
      0
    ],
    "ImageType": [
      "ORIGINAL",
      "PRIMARY",
      "EPI",
      "NONE"
    ],
    "InPlanePhaseEncodingDirectionDICOM": "COL",
    "InstitutionName": "Michigan_State_University",
    "MRAcquisitionType": "2D",
    "MagneticFieldStrength": 3,
    "Manufacturer": "GE",
    "ManufacturersModelName": "Signa_HDxt",
    "Modality": "MR",
    "PatientPosition": "HFS",
    "PercentPhaseFOV": 100,
    "PixelBandwidth": 7812.5,
    "ProtocolName": "fMRI",
    "ReconMatrixPE": 64,
    "RepetitionTime": 2,
    "SAR": 0.225736,
    "ScanOptions": "EPI_GEMS",
    "ScanningSequence": "EP_GR",
    "SequenceVariant": "SS",
    "SeriesDescription": "fMRI",
    "SliceThickness": 4,
    "SoftwareVersions": "24_LX_MR_Software_release:HD16.0_V02_1131.a",
    "SpacingBetweenSlices": 4,
    "StationName": "MR03MR03",
    "TaskName": "flanker",
    "TotalReadoutTime": 0.038304,
    "modality": "bold",
    "run_id": "01",
    "session_id": "ExercisePre",
    "subject_id": "025",
    "task_id": "flanker"
  },
  "dummy_trs": 0,
  "dvars_nstd": 32.19282041760479,
  "dvars_std": 1.2286819517964072,
  "dvars_vstd": 1.123291601437126,
  "efc": 0.5100715409240147,
  "fber": 11789.814453125,
  "fd_mean": 0.45074506141565973,
  "fd_num": 50,
  "fd_perc": 29.761904761904763,
  "fwhm_avg": 2.8632343636363635,
  "fwhm_x": 2.7957294545454543,
  "fwhm_y": 3.1749236363636366,
  "fwhm_z": 2.61905,
  "gcor": 0.0735104,
  "gsr_x": -0.009401478804647923,
  "gsr_y": 0.018619123846292496,
  "provenance": {
    "md5sum": "c3e76e589e1af0a154ca4f4277f5cec8",
    "settings": {
      "fd_thres": 0.5,
      "hmc_fsl": false
    },
    "software": "mriqc",
    "version": "0.10.4"
  },
  "size_t": 168,
  "size_x": 64,
  "size_y": 64,
  "size_z": 30,
  "snr": 5.224225007002748,
  "spacing_tr": 2.0,
  "spacing_x": 3.4375,
  "spacing_y": 3.4375,
  "spacing_z": 4.0,
  "summary_bg_k": 68.42774911173966,
  "summary_bg_mad": 12.866869926452637,
  "summary_bg_mean": 56.55644226074219,
  "summary_bg_median": 29.160715103149414,
  "summary_bg_n": 63422.0,
  "summary_bg_p05": 0.4404762089252472,
  "summary_bg_p95": 185.6874992370604,
  "summary_bg_stdv": 89.86194610595703,
  "summary_fg_k": 2.48638909209978,
  "summary_fg_mad": 504.7554931640625,
  "summary_fg_mean": 3191.829833984375,
  "summary_fg_median": 3233.011962890625,
  "summary_fg_n": 31027.0,
  "summary_fg_p05": 2096.25830078125,
  "summary_fg_p95": 4086.7406738281243,
  "summary_fg_stdv": 618.840087890625,
  "tsnr": 45.41463088989258
}