{
  "bids_meta": {
    "AcquisitionMatrixPE": 256,
    "ConversionSoftware": "dcm2niix",
    "ConversionSoftwareVersion": "v1.0.20171017 (OpenJPEG build) GCC4.8.4",
    "DeviceSerialNumber": "0000000517353VH3",
    "EchoTime": 0.003828,
    "FlipAngle": 8,
    "ImageOrientationPatientDICOM": [
      0,
      1,
      0,
      0,
      0,
      -1
    ],
    "ImageType": [
      "ORIGINAL",
      "PRIMARY",
      "OTHER"
    ],
    "InPlanePhaseEncodingDirectionDICOM": "ROW",
    "InstitutionName": "Michigan_State_University",
    "InversionTime": 0.04,
    "MRAcquisitionType": "3D",
    "MagneticFieldStrength": 3,
    "Manufacturer": "GE",
    "ManufacturersModelName": "Signa_HDxt",
    "Modality": "MR",
    "PatientPosition": "HFS",
    "PercentPhaseFOV": 100,
    "PixelBandwidth": 162.734,
    "ProtocolName": "mprage_1mm_iso_20.83_bw",
    "ReconMatrixPE": 256,
    "RepetitionTime": 0.008596,
    "SAR": 0.306132,
    "ScanOptions": "NONE",
    "ScanningSequence": "RM",
    "SequenceVariant": "NONE",
    "SeriesDescription": "mprage_1mm_iso_20.83_bw",
    "SliceThickness": 1,
    "SoftwareVersions": "24_LX_MR_Software_release:HD16.0_V02_1131.a",
    "SpacingBetweenSlices": 1,
    "StationName": "MR03MR03",
    "modality": "T1w",
    "session_id": "ExercisePre",
    "subject_id": "014"
  },
  "cjv": 0.26459356205142853,
  "cnr": 4.753817046907553,
  "efc": 0.5666938650827731,
  "fber": 102.44223022460938,
  "fwhm_avg": 3.8352766666666667,
  "fwhm_x": 3.71191,
  "fwhm_y": 4.01543,
  "fwhm_z": 3.77849,
  "icvs_csf": 0.19458937313410582,
  "icvs_gm": 0.4728804133488044,
  "icvs_wm": 0.33253021351708983,
  "inu_med": 1.1470003128051758,
  "inu_range": 0.3131332993507385,
  "provenance": {
    "md5sum": "e7494ef876c5450d19bb6751242556c5",
    "settings": {
      "testing": false
    },
    "software": "mriqc",
    "version": "0.10.4",
    "warnings": {
      "large_rot_frame": true,
      "small_air_mask": false
    }
  },
  "qi_1": 0.0,
  "qi_2": 0.0005613989548261594,
  "rpve_csf": 30.128007657610137,
  "rpve_gm": 14.172842963794595,
  "rpve_wm": 22.83359718352095,
  "size_x": 180,
  "size_y": 256,
  "size_z": 256,
  "snr_csf": 2.464562111453183,
  "snr_gm": 10.671629730475182,
  "snr_total": 10.557492868263026,
  "snr_wm": 18.536286762860712,
  "snrd_csf": 14.08377792580835,
  "snrd_gm": 31.548866978823945,
  "snrd_total": 32.21658540514742,
  "snrd_wm": 51.017111310809966,
  "spacing_x": 1.0,
  "spacing_y": 1.0,
  "spacing_z": 1.0,
  "summary_bg_k": 0.73251550119629,
  "summary_bg_mad": 12.841580390930176,
  "summary_bg_mean": 50.010013580322266,
  "summary_bg_median": 48.9879264831543,
  "summary_bg_n": 3012501.0,
  "summary_bg_p05": 30.592838287353516,
  "summary_bg_p95": 73.11499786376953,
  "summary_bg_stdv": 13.246988296508789,
  "summary_csf_k": 0.40638290638274777,
  "summary_csf_mad": 122.57891845703125,
  "summary_csf_mean": 282.5616760253906,
  "summary_csf_median": 276.0615539550781,
  "summary_csf_n": 8768.0,
  "summary_csf_p05": 117.33593673706055,
  "summary_csf_p95": 465.72814178466797,
  "summary_csf_stdv": 112.00602722167969,
  "summary_gm_k": 0.41049977785764913,
  "summary_gm_mad": 55.709022521972656,
  "summary_gm_mean": 619.580810546875,
  "summary_gm_median": 618.4014892578125,
  "summary_gm_n": 33768.0,
  "summary_gm_p05": 527.7219879150391,
  "summary_gm_p95": 717.9418487548828,
  "summary_gm_stdv": 57.94731903076172,
  "summary_wm_k": 1.4461784159918771,
  "summary_wm_mad": 45.261085510253906,
  "summary_wm_mean": 994.5759887695312,
  "summary_wm_median": 1000.0060424804688,
  "summary_wm_n": 143676.0,
  "summary_wm_p05": 892.3433685302734,
  "summary_wm_p95": 1071.5409240722656,
  "summary_wm_stdv": 53.9483757019043,
  "tpm_overlap_csf": 0.221213698387146,
  "tpm_overlap_gm": 0.5406021475791931,
  "tpm_overlap_wm": 0.5441676378250122,
  "wm2max": 0.5998018771187853
}