{
  "aor": 0.007356488095238095,
  "aqi": 0.004425819285714286,
  "bids_meta": {
    "AcquisitionMatrixPE": 64,
    "ConversionSoftware": "dcm2niix",
    "ConversionSoftwareVersion": "v1.0.20171017 (OpenJPEG build) GCC4.8.4",
    "DeviceSerialNumber": "0000000517353VH3",
    "EchoTime": 0.0279,
    "EffectiveEchoSpacing": 0.000608,
    "FlipAngle": 76,
    "ImageOrientationPatientDICOM": [
      1,
      0,
      0,
      0,
      1,
      0
    ],
    "ImageType": [
      "ORIGINAL",
      "PRIMARY",
      "EPI",
      "NONE"
    ],
    "InPlanePhaseEncodingDirectionDICOM": "COL",
    "InstitutionName": "Michigan_State_University",
    "MRAcquisitionType": "2D",
    "MagneticFieldStrength": 3,
    "Manufacturer": "GE",
    "ManufacturersModelName": "Signa_HDxt",
    "Modality": "MR",
    "PatientPosition": "HFS",
    "PercentPhaseFOV": 100,
    "PixelBandwidth": 7812.5,
    "ProtocolName": "fMRI",
    "ReconMatrixPE": 64,
    "RepetitionTime": 2,
    "SAR": 0.225736,
    "ScanOptions": "EPI_GEMS",
    "ScanningSequence": "EP_GR",
    "SequenceVariant": "SS",
    "SeriesDescription": "fMRI",
    "SliceThickness": 4,
    "SoftwareVersions": "24_LX_MR_Software_release:HD16.0_V02_1131.a",
    "SpacingBetweenSlices": 4,
    "StationName": "MR03MR03",
    "TaskName": "rest",
    "TotalReadoutTime": 0.038304,
    "modality": "bold",
    "session_id": "ExercisePre",
    "subject_id": "028",
    "task_id": "rest"
  },
  "dummy_trs": 0,
  "dvars_nstd": 16.926020422335327,
  "dvars_std": 1.1472109720958081,
  "dvars_vstd": 1.0486172540718561,
  "efc": 0.42391176457308655,
  "fber": 11880.3876953125,
  "fd_mean": 0.17422760777094348,
  "fd_num": 8,
  "fd_perc": 4.761904761904762,
  "fwhm_avg": 3.1122863636363634,
  "fwhm_x": 3.145978181818182,
  "fwhm_y": 3.4873309090909093,
  "fwhm_z": 2.70355,
  "gcor": 0.0662588,
  "gsr_x": -0.006526941433548927,
  "gsr_y": 0.0062403324991464615,
  "provenance": {
    "md5sum": "fc2adfba2649beeabbc16fa27d1601f9",
    "settings": {
      "fd_thres": 0.5,
      "hmc_fsl": false
    },
    "software": "mriqc",
    "version": "0.10.4"
  },
  "size_t": 168,
  "size_x": 64,
  "size_y": 64,
  "size_z": 30,
  "snr": 4.533846118373026,
  "spacing_tr": 2.0,
  "spacing_x": 3.4375,
  "spacing_y": 3.4375,
  "spacing_z": 4.0,
  "summary_bg_k": 82.98013963444025,
  "summary_bg_mad": 11.463690757751465,
  "summary_bg_mean": 59.00575637817383,
  "summary_bg_median": 27.303571701049805,
  "summary_bg_n": 76019.0,
  "summary_bg_p05": 0.4226190447807312,
  "summary_bg_p95": 186.82737884521433,
  "summary_bg_stdv": 128.2299346923828,
  "summary_fg_k": 2.3375652892934395,
  "summary_fg_mad": 473.978271484375,
  "summary_fg_mean": 2913.97119140625,
  "summary_fg_median": 3053.4345703125,
  "summary_fg_n": 20386.0,
  "summary_fg_p05": 1434.8377990722656,
  "summary_fg_p95": 3707.5506591796875,
  "summary_fg_stdv": 673.4590454101562,
  "tsnr": 73.0773696899414
}