{
  "bids_meta": {
    "AcquisitionMatrixPE": 256,
    "ConversionSoftware": "dcm2niix",
    "ConversionSoftwareVersion": "v1.0.20171017 (OpenJPEG build) GCC4.8.4",
    "DeviceSerialNumber": "0000000517353VH3",
    "EchoTime": 0.003828,
    "FlipAngle": 8,
    "ImageOrientationPatientDICOM": [
      0,
      1,
      0,
      0,
      0,
      -1
    ],
    "ImageType": [
      "ORIGINAL",
      "PRIMARY",
      "OTHER"
    ],
    "InPlanePhaseEncodingDirectionDICOM": "ROW",
    "InstitutionName": "Michigan_State_University",
    "InversionTime": 0.04,
    "MRAcquisitionType": "3D",
    "MagneticFieldStrength": 3,
    "Manufacturer": "GE",
    "ManufacturersModelName": "Signa_HDxt",
    "Modality": "MR",
    "PatientPosition": "HFS",
    "PercentPhaseFOV": 100,
    "PixelBandwidth": 162.734,
    "ProtocolName": "mprage_1mm_iso_20.83_bw",
    "ReconMatrixPE": 256,
    "RepetitionTime": 0.008596,
    "SAR": 0.306132,
    "ScanOptions": "NONE",
    "ScanningSequence": "RM",
    "SequenceVariant": "NONE",
    "SeriesDescription": "mprage_1mm_iso_20.83_bw",
    "SliceThickness": 1,
    "SoftwareVersions": "24_LX_MR_Software_release:HD16.0_V02_1131.a",
    "SpacingBetweenSlices": 1,
    "StationName": "MR03MR03",
    "modality": "T1w",
    "session_id": "ControlPre",
    "subject_id": "038"
  },
  "cjv": 0.29425992252151156,
  "cnr": 4.365912104247069,
  "efc": 0.5926512059391219,
  "fber": 83.79759216308594,
  "fwhm_avg": 3.943436666666667,
  "fwhm_x": 3.76624,
  "fwhm_y": 4.11007,
  "fwhm_z": 3.954,
  "icvs_csf": 0.197610543258541,
  "icvs_gm": 0.46717488925568834,
  "icvs_wm": 0.33521456748577066,
  "inu_med": 1.0342280864715576,
  "inu_range": 0.331528055667877,
  "provenance": {
    "md5sum": "a0c91618cfaef707e130882637ddd9cc",
    "settings": {
      "testing": false
    },
    "software": "mriqc",
    "version": "0.10.4",
    "warnings": {
      "large_rot_frame": true,
      "small_air_mask": false
    }
  },
  "qi_1": 0.0,
  "qi_2": 0.0008057087585860973,
  "rpve_csf": 25.6758751174286,
  "rpve_gm": 12.18478331560585,
  "rpve_wm": 19.36726042662099,
  "size_x": 180,
  "size_y": 256,
  "size_z": 256,
  "snr_csf": 2.5163041545115914,
  "snr_gm": 10.255298509212974,
  "snr_total": 10.585668370949646,
  "snr_wm": 18.985402449124372,
  "snrd_csf": 12.600982619918584,
  "snrd_gm": 26.89710780835072,
  "snrd_total": 27.24784792863043,
  "snrd_wm": 42.24545335762199,
  "spacing_x": 1.0,
  "spacing_y": 1.0,
  "spacing_z": 1.0,
  "summary_bg_k": 2.3621845837034092,
  "summary_bg_mad": 15.508091926574707,
  "summary_bg_mean": 55.34019088745117,
  "summary_bg_median": 53.231571197509766,
  "summary_bg_n": 2564023.0,
  "summary_bg_p05": 32.10947113037109,
  "summary_bg_p95": 85.79493865966796,
  "summary_bg_stdv": 17.213497161865234,
  "summary_csf_k": 0.417305881864126,
  "summary_csf_mad": 122.99517822265625,
  "summary_csf_mean": 307.6134338378906,
  "summary_csf_median": 298.2847595214844,
  "summary_csf_n": 14217.0,
  "summary_csf_p05": 131.3671417236328,
  "summary_csf_p95": 509.5486511230468,
  "summary_csf_stdv": 118.53665161132812,
  "summary_gm_k": 0.0890790447602865,
  "summary_gm_mad": 60.81501770019531,
  "summary_gm_mean": 636.979248046875,
  "summary_gm_median": 636.6961669921875,
  "summary_gm_n": 35236.0,
  "summary_gm_p05": 535.7540893554688,
  "summary_gm_p95": 741.3836975097656,
  "summary_gm_stdv": 62.08372497558594,
  "summary_wm_k": 1.11772394660405,
  "summary_wm_mad": 46.09523010253906,
  "summary_wm_mean": 1001.23779296875,
  "summary_wm_median": 1000.0152587890625,
  "summary_wm_n": 174178.0,
  "summary_wm_p05": 916.1235229492188,
  "summary_wm_p95": 1088.7734008789062,
  "summary_wm_stdv": 52.672698974609375,
  "tpm_overlap_csf": 0.21659159660339355,
  "tpm_overlap_gm": 0.5356251001358032,
  "tpm_overlap_wm": 0.5432983636856079,
  "wm2max": 0.603416527796256
}