{
  "bids_meta": {
    "AcquisitionMatrixPE": 256,
    "ConversionSoftware": "dcm2niix",
    "ConversionSoftwareVersion": "v1.0.20171017 (OpenJPEG build) GCC4.8.4",
    "DeviceSerialNumber": "0000000517353VH3",
    "EchoTime": 0.003828,
    "FlipAngle": 8,
    "ImageOrientationPatientDICOM": [
      0,
      1,
      0,
      0,
      0,
      -1
    ],
    "ImageType": [
      "ORIGINAL",
      "PRIMARY",
      "OTHER"
    ],
    "InPlanePhaseEncodingDirectionDICOM": "ROW",
    "InstitutionName": "Michigan_State_University",
    "InversionTime": 0.04,
    "MRAcquisitionType": "3D",
    "MagneticFieldStrength": 3,
    "Manufacturer": "GE",
    "ManufacturersModelName": "Signa_HDxt",
    "Modality": "MR",
    "PatientPosition": "HFS",
    "PercentPhaseFOV": 100,
    "PixelBandwidth": 162.734,
    "ProtocolName": "mprage_1mm_iso_20.83_bw",
    "ReconMatrixPE": 256,
    "RepetitionTime": 0.008596,
    "SAR": 0.306132,
    "ScanOptions": "NONE",
    "ScanningSequence": "RM",
    "SequenceVariant": "NONE",
    "SeriesDescription": "mprage_1mm_iso_20.83_bw",
    "SliceThickness": 1,
    "SoftwareVersions": "24_LX_MR_Software_release:HD16.0_V02_1131.a",
    "SpacingBetweenSlices": 1,
    "StationName": "MR03MR03",
    "modality": "T1w",
    "session_id": "ControlPre",
    "subject_id": "018"
  },
  "cjv": 0.2901724577363984,
  "cnr": 4.43143804449505,
  "efc": 0.5646150408085469,
  "fber": 125.7272720336914,
  "fwhm_avg": 4.0383000000000004,
  "fwhm_x": 3.71334,
  "fwhm_y": 4.42163,
  "fwhm_z": 3.97993,
  "icvs_csf": 0.1865994920666842,
  "icvs_gm": 0.4726011602592309,
  "icvs_wm": 0.34079934767408493,
  "inu_med": 0.7300113439559937,
  "inu_range": 0.25987269878387453,
  "provenance": {
    "md5sum": "e5c9413fd1eeb923692bc296eea4a204",
    "settings": {
      "testing": false
    },
    "software": "mriqc",
    "version": "0.10.4",
    "warnings": {
      "large_rot_frame": true,
      "small_air_mask": false
    }
  },
  "qi_1": 0.0,
  "qi_2": 0.0034592146993817777,
  "rpve_csf": 28.451770567505164,
  "rpve_gm": 12.999137393542966,
  "rpve_wm": 20.526039897612236,
  "size_x": 180,
  "size_y": 256,
  "size_z": 256,
  "snr_csf": 2.493083973290392,
  "snr_gm": 10.577755358031482,
  "snr_total": 11.167520705593972,
  "snr_wm": 20.431722785460043,
  "snrd_csf": 16.88435940048112,
  "snrd_gm": 32.1798454076026,
  "snrd_total": 32.92411612905376,
  "snrd_wm": 49.70814357907755,
  "spacing_x": 1.0,
  "spacing_y": 1.0,
  "spacing_z": 1.0,
  "summary_bg_k": 1.032512214567081,
  "summary_bg_mad": 13.179736137390137,
  "summary_bg_mean": 47.19697952270508,
  "summary_bg_median": 46.035797119140625,
  "summary_bg_n": 2698428.0,
  "summary_bg_p05": 27.148850440979004,
  "summary_bg_p95": 71.4215606689453,
  "summary_bg_stdv": 13.816766738891602,
  "summary_csf_k": 0.9268419019476082,
  "summary_csf_mad": 147.58303833007812,
  "summary_csf_mean": 350.24127197265625,
  "summary_csf_median": 339.671875,
  "summary_csf_n": 15049.0,
  "summary_csf_p05": 162.28333740234376,
  "summary_csf_p95": 572.7204589843745,
  "summary_csf_stdv": 136.2411346435547,
  "summary_gm_k": 0.27582140268471056,
  "summary_gm_mad": 58.24163818359375,
  "summary_gm_mean": 649.517822265625,
  "summary_gm_median": 647.3795166015625,
  "summary_gm_n": 49071.0,
  "summary_gm_p05": 552.38720703125,
  "summary_gm_p95": 755.0038146972656,
  "summary_gm_stdv": 61.201351165771484,
  "summary_wm_k": 0.7235471603175254,
  "summary_wm_mad": 44.080814361572266,
  "summary_wm_mean": 997.5245361328125,
  "summary_wm_median": 1000.005859375,
  "summary_wm_n": 174651.0,
  "summary_wm_p05": 909.8424377441406,
  "summary_wm_p95": 1072.8368530273438,
  "summary_wm_stdv": 48.94364547729492,
  "tpm_overlap_csf": 0.19884416460990906,
  "tpm_overlap_gm": 0.5327592492103577,
  "tpm_overlap_wm": 0.5413821339607239,
  "wm2max": 0.7289432302592639
}