{
  "aor": 0.013364107142857143,
  "aqi": 0.01171199005952381,
  "bids_meta": {
    "AcquisitionMatrixPE": 64,
    "ConversionSoftware": "dcm2niix",
    "ConversionSoftwareVersion": "v1.0.20171017 (OpenJPEG build) GCC4.8.4",
    "DeviceSerialNumber": "0000000517353VH3",
    "EchoTime": 0.0279,
    "EffectiveEchoSpacing": 0.000608,
    "FlipAngle": 76,
    "ImageOrientationPatientDICOM": [
      1,
      0,
      0,
      0,
      1,
      0
    ],
    "ImageType": [
      "ORIGINAL",
      "PRIMARY",
      "EPI",
      "NONE"
    ],
    "InPlanePhaseEncodingDirectionDICOM": "COL",
    "InstitutionName": "Michigan_State_University",
    "MRAcquisitionType": "2D",
    "MagneticFieldStrength": 3,
    "Manufacturer": "GE",
    "ManufacturersModelName": "Signa_HDxt",
    "Modality": "MR",
    "PatientPosition": "HFS",
    "PercentPhaseFOV": 100,
    "PixelBandwidth": 7812.5,
    "ProtocolName": "fMRI",
    "ReconMatrixPE": 64,
    "RepetitionTime": 2,
    "SAR": 0.225736,
    "ScanOptions": "EPI_GEMS",
    "ScanningSequence": "EP_GR",
    "SequenceVariant": "SS",
    "SeriesDescription": "fMRI",
    "SliceThickness": 4,
    "SoftwareVersions": "24_LX_MR_Software_release:HD16.0_V02_1131.a",
    "SpacingBetweenSlices": 4,
    "StationName": "MR03MR03",
    "TaskName": "flanker",
    "TotalReadoutTime": 0.038304,
    "modality": "bold",
    "run_id": "01",
    "session_id": "ExercisePre",
    "subject_id": "049",
    "task_id": "flanker"
  },
  "dummy_trs": 0,
  "dvars_nstd": 28.12228243982036,
  "dvars_std": 1.1777596540718562,
  "dvars_vstd": 1.1252850565868262,
  "efc": 0.464629612546434,
  "fber": 14087.59765625,
  "fd_mean": 0.5129364016362679,
  "fd_num": 56,
  "fd_perc": 33.333333333333336,
  "fwhm_avg": 2.9781166969696966,
  "fwhm_x": 2.874045090909091,
  "fwhm_y": 3.31968,
  "fwhm_z": 2.740625,
  "gcor": 0.0644261,
  "gsr_x": -0.009752895683050156,
  "gsr_y": 0.009922818280756474,
  "provenance": {
    "md5sum": "c21aa7e52fd2e15e1aeab519b8d0fbf0",
    "settings": {
      "fd_thres": 0.5,
      "hmc_fsl": false
    },
    "software": "mriqc",
    "version": "0.10.4"
  },
  "size_t": 168,
  "size_x": 64,
  "size_y": 64,
  "size_z": 30,
  "snr": 5.51215589773295,
  "spacing_tr": 2.0,
  "spacing_x": 3.4375,
  "spacing_y": 3.4375,
  "spacing_z": 4.0,
  "summary_bg_k": 137.42155108440653,
  "summary_bg_mad": 16.282150268554688,
  "summary_bg_mean": 64.37679290771484,
  "summary_bg_median": 36.14881134033203,
  "summary_bg_n": 69676.0,
  "summary_bg_p05": 1.3035714626312256,
  "summary_bg_p95": 177.7901840209961,
  "summary_bg_stdv": 123.11369323730469,
  "summary_fg_k": 2.878302437840177,
  "summary_fg_mad": 642.9107666015625,
  "summary_fg_mean": 4279.671875,
  "summary_fg_median": 4362.45263671875,
  "summary_fg_n": 26005.0,
  "summary_fg_p05": 2811.83935546875,
  "summary_fg_p95": 5343.740527343751,
  "summary_fg_stdv": 791.4088134765625,
  "tsnr": 44.446754455566406
}