{
  "aor": 0.014513214285714287,
  "aqi": 0.004359617321428572,
  "bids_meta": {
    "AcquisitionMatrixPE": 64,
    "ConversionSoftware": "dcm2niix",
    "ConversionSoftwareVersion": "v1.0.20171017 (OpenJPEG build) GCC4.8.4",
    "DeviceSerialNumber": "0000000517353VH3",
    "EchoTime": 0.0279,
    "EffectiveEchoSpacing": 0.000608,
    "FlipAngle": 76,
    "ImageOrientationPatientDICOM": [
      1,
      0,
      0,
      0,
      1,
      0
    ],
    "ImageType": [
      "ORIGINAL",
      "PRIMARY",
      "EPI",
      "NONE"
    ],
    "InPlanePhaseEncodingDirectionDICOM": "COL",
    "InstitutionName": "Michigan_State_University",
    "MRAcquisitionType": "2D",
    "MagneticFieldStrength": 3,
    "Manufacturer": "GE",
    "ManufacturersModelName": "Signa_HDxt",
    "Modality": "MR",
    "PatientPosition": "HFS",
    "PercentPhaseFOV": 100,
    "PixelBandwidth": 7812.5,
    "ProtocolName": "fMRI",
    "ReconMatrixPE": 64,
    "RepetitionTime": 2,
    "SAR": 0.225736,
    "ScanOptions": "EPI_GEMS",
    "ScanningSequence": "EP_GR",
    "SequenceVariant": "SS",
    "SeriesDescription": "fMRI",
    "SliceThickness": 4,
    "SoftwareVersions": "24_LX_MR_Software_release:HD16.0_V02_1131.a",
    "SpacingBetweenSlices": 4,
    "StationName": "MR03MR03",
    "TaskName": "rest",
    "TotalReadoutTime": 0.038304,
    "modality": "bold",
    "session_id": "ExercisePost",
    "subject_id": "034",
    "task_id": "rest"
  },
  "dummy_trs": 0,
  "dvars_nstd": 21.627607425389225,
  "dvars_std": 1.307211345688623,
  "dvars_vstd": 1.1015036376646714,
  "efc": 0.4922334408934364,
  "fber": 10844.2578125,
  "fd_mean": 0.22559093496499366,
  "fd_num": 12,
  "fd_perc": 7.142857142857143,
  "fwhm_avg": 2.9823993030303027,
  "fwhm_x": 2.8295301818181815,
  "fwhm_y": 3.399592727272727,
  "fwhm_z": 2.718075,
  "gcor": 0.0691408,
  "gsr_x": -0.012320293113589287,
  "gsr_y": 0.021557506173849106,
  "provenance": {
    "md5sum": "419e305916b4abb16c811e96f18ccdda",
    "settings": {
      "fd_thres": 0.5,
      "hmc_fsl": false
    },
    "software": "mriqc",
    "version": "0.10.4"
  },
  "size_t": 168,
  "size_x": 64,
  "size_y": 64,
  "size_z": 30,
  "snr": 4.7394173049897175,
  "spacing_tr": 2.0,
  "spacing_x": 3.4375,
  "spacing_y": 3.4375,
  "spacing_z": 4.0,
  "summary_bg_k": 116.22769046731815,
  "summary_bg_mad": 13.431668281555176,
  "summary_bg_mean": 65.38175964355469,
  "summary_bg_median": 28.880952835083008,
  "summary_bg_n": 66847.0,
  "summary_bg_p05": 0.0476190485060215,
  "summary_bg_p95": 244.4946502685545,
  "summary_bg_stdv": 150.86148071289062,
  "summary_fg_k": 1.9028165001439925,
  "summary_fg_mad": 528.5169067382812,
  "summary_fg_mean": 3050.476806640625,
  "summary_fg_median": 3098.01806640625,
  "summary_fg_n": 28008.0,
  "summary_fg_p05": 1880.043811035156,
  "summary_fg_p95": 4003.0373413085917,
  "summary_fg_stdv": 653.6589965820312,
  "tsnr": 67.27268981933594
}