{
  "bids_meta": {
    "AcquisitionMatrixPE": 256,
    "ConversionSoftware": "dcm2niix",
    "ConversionSoftwareVersion": "v1.0.20171017 (OpenJPEG build) GCC4.8.4",
    "DeviceSerialNumber": "0000000517353VH3",
    "EchoTime": 0.003828,
    "FlipAngle": 8,
    "ImageOrientationPatientDICOM": [
      0,
      1,
      0,
      0,
      0,
      -1
    ],
    "ImageType": [
      "ORIGINAL",
      "PRIMARY",
      "OTHER"
    ],
    "InPlanePhaseEncodingDirectionDICOM": "ROW",
    "InstitutionName": "Michigan_State_University",
    "InversionTime": 0.04,
    "MRAcquisitionType": "3D",
    "MagneticFieldStrength": 3,
    "Manufacturer": "GE",
    "ManufacturersModelName": "Signa_HDxt",
    "Modality": "MR",
    "PatientPosition": "HFS",
    "PercentPhaseFOV": 100,
    "PixelBandwidth": 162.734,
    "ProtocolName": "mprage_1mm_iso_20.83_bw",
    "ReconMatrixPE": 256,
    "RepetitionTime": 0.008596,
    "SAR": 0.306132,
    "ScanOptions": "NONE",
    "ScanningSequence": "RM",
    "SequenceVariant": "NONE",
    "SeriesDescription": "mprage_1mm_iso_20.83_bw",
    "SliceThickness": 1,
    "SoftwareVersions": "24_LX_MR_Software_release:HD16.0_V02_1131.a",
    "SpacingBetweenSlices": 1,
    "StationName": "MR03MR03",
    "modality": "T1w",
    "session_id": "ExercisePre",
    "subject_id": "035"
  },
  "cjv": 0.29976813693665233,
  "cnr": 4.216518982675175,
  "efc": 0.6030409393567644,
  "fber": 89.24042510986328,
  "fwhm_avg": 3.9427833333333333,
  "fwhm_x": 3.84219,
  "fwhm_y": 4.08914,
  "fwhm_z": 3.89702,
  "icvs_csf": 0.22101368723056092,
  "icvs_gm": 0.44095678044542674,
  "icvs_wm": 0.33802953232401234,
  "inu_med": 1.141400694847107,
  "inu_range": 0.315613752603531,
  "provenance": {
    "md5sum": "c20379eaeb6039d329fac55e5506977d",
    "settings": {
      "testing": false
    },
    "software": "mriqc",
    "version": "0.10.4",
    "warnings": {
      "large_rot_frame": true,
      "small_air_mask": false
    }
  },
  "qi_1": 0.0,
  "qi_2": 0.0016859008222045895,
  "rpve_csf": 23.457939798740423,
  "rpve_gm": 12.385251955192787,
  "rpve_wm": 19.15296568459126,
  "size_x": 180,
  "size_y": 256,
  "size_z": 256,
  "snr_csf": 3.0749349914315136,
  "snr_gm": 11.043108462675105,
  "snr_total": 11.398007723642259,
  "snr_wm": 20.075979716820157,
  "snrd_csf": 14.695901160023682,
  "snrd_gm": 28.668882612582134,
  "snrd_total": 28.86718490648818,
  "snrd_wm": 43.236770946858734,
  "spacing_x": 1.0,
  "spacing_y": 1.0,
  "spacing_z": 1.0,
  "summary_bg_k": 2.6153604790182614,
  "summary_bg_mad": 15.152527809143066,
  "summary_bg_mean": 54.196319580078125,
  "summary_bg_median": 51.72492218017578,
  "summary_bg_n": 2750276.0,
  "summary_bg_p05": 31.44843864440918,
  "summary_bg_p95": 85.66275215148926,
  "summary_bg_stdv": 17.293212890625,
  "summary_csf_k": -0.21648764570905987,
  "summary_csf_mad": 117.9144287109375,
  "summary_csf_mean": 335.7650146484375,
  "summary_csf_median": 339.8987731933594,
  "summary_csf_n": 18187.0,
  "summary_csf_p05": 152.6763427734375,
  "summary_csf_p95": 509.86247863769535,
  "summary_csf_stdv": 110.53548431396484,
  "summary_gm_k": 0.2087090169080863,
  "summary_gm_mad": 57.65217971801758,
  "summary_gm_mean": 663.2693481445312,
  "summary_gm_median": 663.0772705078125,
  "summary_gm_n": 32951.0,
  "summary_gm_p05": 564.1210632324219,
  "summary_gm_p95": 762.79345703125,
  "summary_gm_stdv": 60.04352951049805,
  "summary_wm_k": 1.059539082404532,
  "summary_wm_mad": 43.35109329223633,
  "summary_wm_mean": 998.3861083984375,
  "summary_wm_median": 1000.0152587890625,
  "summary_wm_n": 173517.0,
  "summary_wm_p05": 911.0689331054687,
  "summary_wm_p95": 1076.132958984375,
  "summary_wm_stdv": 49.81138610839844,
  "tpm_overlap_csf": 0.1997239589691162,
  "tpm_overlap_gm": 0.5184729695320129,
  "tpm_overlap_wm": 0.5406549572944641,
  "wm2max": 0.5940825378013713
}