{
  "aor": 0.006664107142857143,
  "aqi": 0.011775213214285714,
  "bids_meta": {
    "AcquisitionMatrixPE": 64,
    "ConversionSoftware": "dcm2niix",
    "ConversionSoftwareVersion": "v1.0.20171017 (OpenJPEG build) GCC4.8.4",
    "DeviceSerialNumber": "0000000517353VH3",
    "EchoTime": 0.0279,
    "EffectiveEchoSpacing": 0.000608,
    "FlipAngle": 76,
    "ImageOrientationPatientDICOM": [
      1,
      0,
      0,
      0,
      1,
      0
    ],
    "ImageType": [
      "ORIGINAL",
      "PRIMARY",
      "EPI",
      "NONE"
    ],
    "InPlanePhaseEncodingDirectionDICOM": "COL",
    "InstitutionName": "Michigan_State_University",
    "MRAcquisitionType": "2D",
    "MagneticFieldStrength": 3,
    "Manufacturer": "GE",
    "ManufacturersModelName": "Signa_HDxt",
    "Modality": "MR",
    "PatientPosition": "HFS",
    "PercentPhaseFOV": 100,
    "PixelBandwidth": 7812.5,
    "ProtocolName": "fMRI",
    "ReconMatrixPE": 64,
    "RepetitionTime": 2,
    "SAR": 0.225736,
    "ScanOptions": "EPI_GEMS",
    "ScanningSequence": "EP_GR",
    "SequenceVariant": "SS",
    "SeriesDescription": "fMRI",
    "SliceThickness": 4,
    "SoftwareVersions": "24_LX_MR_Software_release:HD16.0_V02_1131.a",
    "SpacingBetweenSlices": 4,
    "StationName": "MR03MR03",
    "TaskName": "flanker",
    "TotalReadoutTime": 0.038304,
    "modality": "bold",
    "run_id": "02",
    "session_id": "ExercisePost",
    "subject_id": "052",
    "task_id": "flanker"
  },
  "dummy_trs": 0,
  "dvars_nstd": 17.679501510658685,
  "dvars_std": 1.002781700419162,
  "dvars_vstd": 0.8827957202395208,
  "efc": 0.48942828600257077,
  "fber": 12252.015625,
  "fd_mean": 0.2580820445195297,
  "fd_num": 22,
  "fd_perc": 13.095238095238095,
  "fwhm_avg": 2.9130537272727275,
  "fwhm_x": 2.7835025454545455,
  "fwhm_y": 3.2350836363636364,
  "fwhm_z": 2.720575,
  "gcor": 0.0350662,
  "gsr_x": -0.004446398466825485,
  "gsr_y": 0.011927599087357521,
  "provenance": {
    "md5sum": "d7c499f7295b2561c1382e2becbbcbb5",
    "settings": {
      "fd_thres": 0.5,
      "hmc_fsl": false
    },
    "software": "mriqc",
    "version": "0.10.4"
  },
  "size_t": 168,
  "size_x": 64,
  "size_y": 64,
  "size_z": 30,
  "snr": 5.515515214650563,
  "spacing_tr": 2.0,
  "spacing_x": 3.4375,
  "spacing_y": 3.4375,
  "spacing_z": 4.0,
  "summary_bg_k": 142.21840482477924,
  "summary_bg_mad": 11.181290626525879,
  "summary_bg_mean": 47.9581184387207,
  "summary_bg_median": 25.619047164916992,
  "summary_bg_n": 66925.0,
  "summary_bg_p05": 0.9416666626930253,
  "summary_bg_p95": 138.63214111328102,
  "summary_bg_stdv": 102.38568878173828,
  "summary_fg_k": 3.073264060659751,
  "summary_fg_mad": 409.6307678222656,
  "summary_fg_mean": 2802.419677734375,
  "summary_fg_median": 2866.107177734375,
  "summary_fg_n": 28459.0,
  "summary_fg_p05": 1819.6738525390626,
  "summary_fg_p95": 3482.3072509765616,
  "summary_fg_stdv": 519.6353759765625,
  "tsnr": 54.48021697998047
}