{
  "bids_meta": {
    "AcquisitionMatrixPE": 256,
    "ConversionSoftware": "dcm2niix",
    "ConversionSoftwareVersion": "v1.0.20171017 (OpenJPEG build) GCC4.8.4",
    "DeviceSerialNumber": "0000000517353VH3",
    "EchoTime": 0.003828,
    "FlipAngle": 8,
    "ImageOrientationPatientDICOM": [
      0,
      1,
      0,
      0,
      0,
      -1
    ],
    "ImageType": [
      "ORIGINAL",
      "PRIMARY",
      "OTHER"
    ],
    "InPlanePhaseEncodingDirectionDICOM": "ROW",
    "InstitutionName": "Michigan_State_University",
    "InversionTime": 0.04,
    "MRAcquisitionType": "3D",
    "MagneticFieldStrength": 3,
    "Manufacturer": "GE",
    "ManufacturersModelName": "Signa_HDxt",
    "Modality": "MR",
    "PatientPosition": "HFS",
    "PercentPhaseFOV": 100,
    "PixelBandwidth": 162.734,
    "ProtocolName": "mprage_1mm_iso_20.83_bw",
    "ReconMatrixPE": 256,
    "RepetitionTime": 0.008596,
    "SAR": 0.306132,
    "ScanOptions": "NONE",
    "ScanningSequence": "RM",
    "SequenceVariant": "NONE",
    "SeriesDescription": "mprage_1mm_iso_20.83_bw",
    "SliceThickness": 1,
    "SoftwareVersions": "24_LX_MR_Software_release:HD16.0_V02_1131.a",
    "SpacingBetweenSlices": 1,
    "StationName": "MR03MR03",
    "modality": "T1w",
    "session_id": "ControlPre",
    "subject_id": "009"
  },
  "cjv": 0.3003496779500642,
  "cnr": 4.145767963813645,
  "efc": 0.59546996101936,
  "fber": 95.78917694091797,
  "fwhm_avg": 3.9080833333333334,
  "fwhm_x": 3.78913,
  "fwhm_y": 4.06827,
  "fwhm_z": 3.86685,
  "icvs_csf": 0.1904469506555089,
  "icvs_gm": 0.4749147260524582,
  "icvs_wm": 0.3346383232920329,
  "inu_med": 0.8567721843719482,
  "inu_range": 0.3194250464439392,
  "provenance": {
    "md5sum": "e7bf6fe1ef65732947827796408a96a9",
    "settings": {
      "testing": false
    },
    "software": "mriqc",
    "version": "0.10.4",
    "warnings": {
      "large_rot_frame": true,
      "small_air_mask": false
    }
  },
  "qi_1": 0.0,
  "qi_2": 0.0005330136519021189,
  "rpve_csf": 25.711449640303577,
  "rpve_gm": 11.77002130351584,
  "rpve_wm": 18.680322221548845,
  "size_x": 180,
  "size_y": 256,
  "size_z": 256,
  "snr_csf": 2.38307896868315,
  "snr_gm": 10.640416721025712,
  "snr_total": 10.058387400791954,
  "snr_wm": 17.151666512667,
  "snrd_csf": 13.718371624329741,
  "snrd_gm": 29.318006236628435,
  "snrd_total": 29.48549432776691,
  "snrd_wm": 45.42010512234256,
  "spacing_x": 1.0,
  "spacing_y": 1.0,
  "spacing_z": 1.0,
  "summary_bg_k": 1.35698488820882,
  "summary_bg_mad": 14.424042701721191,
  "summary_bg_mean": 52.061981201171875,
  "summary_bg_median": 50.60347366333008,
  "summary_bg_n": 2789638.0,
  "summary_bg_p05": 30.34277477264404,
  "summary_bg_p95": 78.90956916809081,
  "summary_bg_stdv": 15.268516540527344,
  "summary_csf_k": 0.060309513207471355,
  "summary_csf_mad": 138.7420654296875,
  "summary_csf_mean": 312.7716979980469,
  "summary_csf_median": 302.035400390625,
  "summary_csf_n": 15418.0,
  "summary_csf_p05": 128.53237686157226,
  "summary_csf_p95": 526.9536529541015,
  "summary_csf_stdv": 126.73755645751953,
  "summary_gm_k": 0.3165577758136586,
  "summary_gm_mad": 57.84664535522461,
  "summary_gm_mean": 647.39892578125,
  "summary_gm_median": 645.4902954101562,
  "summary_gm_n": 50331.0,
  "summary_gm_p05": 551.0151672363281,
  "summary_gm_p95": 751.3914794921875,
  "summary_gm_stdv": 60.66340255737305,
  "summary_wm_k": 0.8033812174011796,
  "summary_wm_mad": 48.63259506225586,
  "summary_wm_mean": 993.0557250976562,
  "summary_wm_median": 1000.0078735351562,
  "summary_wm_n": 188259.0,
  "summary_wm_p05": 877.8737670898437,
  "summary_wm_p95": 1075.886181640625,
  "summary_wm_stdv": 58.30367660522461,
  "tpm_overlap_csf": 0.21534916758537292,
  "tpm_overlap_gm": 0.5391786694526672,
  "tpm_overlap_wm": 0.5492941737174988,
  "wm2max": 0.6443694825676778
}