{
  "aor": 0.03212589285714285,
  "aqi": 0.016981984226190478,
  "bids_meta": {
    "AcquisitionMatrixPE": 64,
    "ConversionSoftware": "dcm2niix",
    "ConversionSoftwareVersion": "v1.0.20171017 (OpenJPEG build) GCC4.8.4",
    "DeviceSerialNumber": "0000000517353VH3",
    "EchoTime": 0.0279,
    "EffectiveEchoSpacing": 0.000608,
    "FlipAngle": 76,
    "ImageOrientationPatientDICOM": [
      1,
      0,
      0,
      0,
      1,
      0
    ],
    "ImageType": [
      "ORIGINAL",
      "PRIMARY",
      "EPI",
      "NONE"
    ],
    "InPlanePhaseEncodingDirectionDICOM": "COL",
    "InstitutionName": "Michigan_State_University",
    "MRAcquisitionType": "2D",
    "MagneticFieldStrength": 3,
    "Manufacturer": "GE",
    "ManufacturersModelName": "Signa_HDxt",
    "Modality": "MR",
    "PatientPosition": "HFS",
    "PercentPhaseFOV": 100,
    "PixelBandwidth": 7812.5,
    "ProtocolName": "fMRI",
    "ReconMatrixPE": 64,
    "RepetitionTime": 2,
    "SAR": 0.225736,
    "ScanOptions": "EPI_GEMS",
    "ScanningSequence": "EP_GR",
    "SequenceVariant": "SS",
    "SeriesDescription": "fMRI",
    "SliceThickness": 4,
    "SoftwareVersions": "24_LX_MR_Software_release:HD16.0_V02_1131.a",
    "SpacingBetweenSlices": 4,
    "StationName": "MR03MR03",
    "TaskName": "flanker",
    "TotalReadoutTime": 0.038304,
    "modality": "bold",
    "run_id": "02",
    "session_id": "ExercisePre",
    "subject_id": "042",
    "task_id": "flanker"
  },
  "dummy_trs": 0,
  "dvars_nstd": 27.10524796574849,
  "dvars_std": 0.9846383397604791,
  "dvars_vstd": 0.9718317958083829,
  "efc": 0.47887667690735497,
  "fber": 10642.111328125,
  "fd_mean": 0.581402269656869,
  "fd_num": 34,
  "fd_perc": 20.238095238095237,
  "fwhm_avg": 3.0980834848484853,
  "fwhm_x": 2.9558400000000002,
  "fwhm_y": 3.5607854545454543,
  "fwhm_z": 2.777625,
  "gcor": 0.125746,
  "gsr_x": -0.00950336642563343,
  "gsr_y": 0.016319986432790756,
  "provenance": {
    "md5sum": "4987f0d3fa14b3d595ca18adc739c326",
    "settings": {
      "fd_thres": 0.5,
      "hmc_fsl": false
    },
    "software": "mriqc",
    "version": "0.10.4"
  },
  "size_t": 168,
  "size_x": 64,
  "size_y": 64,
  "size_z": 30,
  "snr": 4.928278642299713,
  "spacing_tr": 2.0,
  "spacing_x": 3.4375,
  "spacing_y": 3.4375,
  "spacing_z": 4.0,
  "summary_bg_k": 86.52814501680695,
  "summary_bg_mad": 13.572868347167969,
  "summary_bg_mean": 55.11421585083008,
  "summary_bg_median": 27.446428298950195,
  "summary_bg_n": 68079.0,
  "summary_bg_p05": 1.1369048357009888,
  "summary_bg_p95": 185.69702148437497,
  "summary_bg_stdv": 97.16798400878906,
  "summary_fg_k": 2.4436386423254355,
  "summary_fg_mad": 484.56390380859375,
  "summary_fg_mean": 2802.16259765625,
  "summary_fg_median": 2880.3125,
  "summary_fg_n": 27286.0,
  "summary_fg_p05": 1697.7381286621094,
  "summary_fg_p95": 3573.8214721679688,
  "summary_fg_stdv": 584.4352416992188,
  "tsnr": 33.000274658203125
}