{
  "bids_meta": {
    "AcquisitionMatrixPE": 256,
    "ConversionSoftware": "dcm2niix",
    "ConversionSoftwareVersion": "v1.0.20171017 (OpenJPEG build) GCC4.8.4",
    "DeviceSerialNumber": "0000000517353VH3",
    "EchoTime": 0.003828,
    "FlipAngle": 8,
    "ImageOrientationPatientDICOM": [
      0,
      1,
      0,
      0,
      0,
      -1
    ],
    "ImageType": [
      "ORIGINAL",
      "PRIMARY",
      "OTHER"
    ],
    "InPlanePhaseEncodingDirectionDICOM": "ROW",
    "InstitutionName": "Michigan_State_University",
    "InversionTime": 0.04,
    "MRAcquisitionType": "3D",
    "MagneticFieldStrength": 3,
    "Manufacturer": "GE",
    "ManufacturersModelName": "Signa_HDxt",
    "Modality": "MR",
    "PatientPosition": "HFS",
    "PercentPhaseFOV": 100,
    "PixelBandwidth": 162.734,
    "ProtocolName": "mprage_1mm_iso_20.83_bw",
    "ReconMatrixPE": 256,
    "RepetitionTime": 0.008596,
    "SAR": 0.306132,
    "ScanOptions": "NONE",
    "ScanningSequence": "RM",
    "SequenceVariant": "NONE",
    "SeriesDescription": "mprage_1mm_iso_20.83_bw",
    "SliceThickness": 1,
    "SoftwareVersions": "24_LX_MR_Software_release:HD16.0_V02_1131.a",
    "SpacingBetweenSlices": 1,
    "StationName": "MR03MR03",
    "modality": "T1w",
    "session_id": "ControlPre",
    "subject_id": "025"
  },
  "cjv": 0.2767766849638525,
  "cnr": 4.61384766098092,
  "efc": 0.6185719049502052,
  "fber": 76.3979721069336,
  "fwhm_avg": 3.9621666666666666,
  "fwhm_x": 3.74466,
  "fwhm_y": 4.22329,
  "fwhm_z": 3.91855,
  "icvs_csf": 0.1972487074248164,
  "icvs_gm": 0.47221181537041157,
  "icvs_wm": 0.33053947720477206,
  "inu_med": 1.0297771692276,
  "inu_range": 0.32632865011692047,
  "provenance": {
    "md5sum": "bc07bfe15cde120229c17d5003704e76",
    "settings": {
      "testing": false
    },
    "software": "mriqc",
    "version": "0.10.4",
    "warnings": {
      "large_rot_frame": true,
      "small_air_mask": false
    }
  },
  "qi_1": 0.0,
  "qi_2": 0.0015880226594380603,
  "rpve_csf": 21.916037567671538,
  "rpve_gm": 10.401458851535914,
  "rpve_wm": 16.917785448322118,
  "size_x": 180,
  "size_y": 256,
  "size_z": 256,
  "snr_csf": 2.2565342160860813,
  "snr_gm": 9.900233956833167,
  "snr_total": 10.21736234576923,
  "snr_wm": 18.495318864388437,
  "snrd_csf": 9.84777010990527,
  "snrd_gm": 22.801505875511886,
  "snrd_total": 23.328238901033558,
  "snrd_wm": 37.33544071768351,
  "spacing_x": 1.0,
  "spacing_y": 1.0,
  "spacing_z": 1.0,
  "summary_bg_k": 2.2750021181932967,
  "summary_bg_mad": 17.547494888305664,
  "summary_bg_mean": 56.636390686035156,
  "summary_bg_median": 53.52495193481445,
  "summary_bg_n": 2619965.0,
  "summary_bg_p05": 31.06581153869629,
  "summary_bg_p95": 93.21530151367186,
  "summary_bg_stdv": 19.75057601928711,
  "summary_csf_k": -0.022811087206220826,
  "summary_csf_mad": 127.65260314941406,
  "summary_csf_mean": 278.4424133300781,
  "summary_csf_median": 263.76751708984375,
  "summary_csf_n": 21181.0,
  "summary_csf_p05": 116.51171112060547,
  "summary_csf_p95": 480.56396484375,
  "summary_csf_stdv": 116.88778686523438,
  "summary_gm_k": 0.21365994735471938,
  "summary_gm_mad": 59.70731735229492,
  "summary_gm_mean": 613.08203125,
  "summary_gm_median": 610.7267456054688,
  "summary_gm_n": 48841.0,
  "summary_gm_p05": 515.2003784179688,
  "summary_gm_p95": 718.2206420898438,
  "summary_gm_stdv": 61.68748092651367,
  "summary_wm_k": 0.9998351162966927,
  "summary_wm_mad": 48.03743362426758,
  "summary_wm_mean": 996.9794921875,
  "summary_wm_median": 1000.0108032226562,
  "summary_wm_n": 199875.0,
  "summary_wm_p05": 899.7044677734375,
  "summary_wm_p95": 1078.9133422851562,
  "summary_wm_stdv": 54.06818389892578,
  "tpm_overlap_csf": 0.2163722813129425,
  "tpm_overlap_gm": 0.5395950078964233,
  "tpm_overlap_wm": 0.5438985824584961,
  "wm2max": 0.5880903720978858
}