{
  "aor": 0.0026048214285714286,
  "aqi": 0.002766580476190476,
  "bids_meta": {
    "AcquisitionMatrixPE": 64,
    "ConversionSoftware": "dcm2niix",
    "ConversionSoftwareVersion": "v1.0.20171017 (OpenJPEG build) GCC4.8.4",
    "DeviceSerialNumber": "0000000517353VH3",
    "EchoTime": 0.0279,
    "EffectiveEchoSpacing": 0.000608,
    "FlipAngle": 76,
    "ImageOrientationPatientDICOM": [
      1,
      0,
      0,
      0,
      1,
      0
    ],
    "ImageType": [
      "ORIGINAL",
      "PRIMARY",
      "EPI",
      "NONE"
    ],
    "InPlanePhaseEncodingDirectionDICOM": "COL",
    "InstitutionName": "Michigan_State_University",
    "MRAcquisitionType": "2D",
    "MagneticFieldStrength": 3,
    "Manufacturer": "GE",
    "ManufacturersModelName": "Signa_HDxt",
    "Modality": "MR",
    "PatientPosition": "HFS",
    "PercentPhaseFOV": 100,
    "PixelBandwidth": 7812.5,
    "ProtocolName": "fMRI",
    "ReconMatrixPE": 64,
    "RepetitionTime": 2,
    "SAR": 0.225736,
    "ScanOptions": "EPI_GEMS",
    "ScanningSequence": "EP_GR",
    "SequenceVariant": "SS",
    "SeriesDescription": "fMRI",
    "SliceThickness": 4,
    "SoftwareVersions": "24_LX_MR_Software_release:HD16.0_V02_1131.a",
    "SpacingBetweenSlices": 4,
    "StationName": "MR03MR03",
    "TaskName": "rest",
    "TotalReadoutTime": 0.038304,
    "modality": "bold",
    "session_id": "ControlPost",
    "subject_id": "020",
    "task_id": "rest"
  },
  "dummy_trs": 0,
  "dvars_nstd": 15.918823464970057,
  "dvars_std": 1.420775758862275,
  "dvars_vstd": 1.0062347217365268,
  "efc": 0.45777229981986983,
  "fber": 14413.548828125,
  "fd_mean": 0.10541276261821712,
  "fd_num": 1,
  "fd_perc": 0.5952380952380952,
  "fwhm_avg": 2.930157515151515,
  "fwhm_x": 2.873888,
  "fwhm_y": 3.2139345454545456,
  "fwhm_z": 2.70265,
  "gcor": 0.0756565,
  "gsr_x": -0.010116279125213623,
  "gsr_y": 0.009341648779809475,
  "provenance": {
    "md5sum": "9c5167aba5d73fa9d62cceae282337a1",
    "settings": {
      "fd_thres": 0.5,
      "hmc_fsl": false
    },
    "software": "mriqc",
    "version": "0.10.4"
  },
  "size_t": 168,
  "size_x": 64,
  "size_y": 64,
  "size_z": 30,
  "snr": 5.528481588121986,
  "spacing_tr": 2.0,
  "spacing_x": 3.4375,
  "spacing_y": 3.4375,
  "spacing_z": 4.0,
  "summary_bg_k": 85.36120432472964,
  "summary_bg_mad": 13.519916534423828,
  "summary_bg_mean": 64.68121337890625,
  "summary_bg_median": 32.82143020629883,
  "summary_bg_n": 71031.0,
  "summary_bg_p05": 0.2678571343421936,
  "summary_bg_p95": 203.86012268066406,
  "summary_bg_stdv": 121.21355438232422,
  "summary_fg_k": 4.108892340961948,
  "summary_fg_mad": 522.8380737304688,
  "summary_fg_mean": 3879.92822265625,
  "summary_fg_median": 4006.071533203125,
  "summary_fg_n": 24545.0,
  "summary_fg_p05": 2473.798876953125,
  "summary_fg_p95": 4747.37646484375,
  "summary_fg_stdv": 724.6094360351562,
  "tsnr": 111.11302185058594
}