{
  "aor": 0.005500833333333333,
  "aqi": 0.0047577682738095236,
  "bids_meta": {
    "AcquisitionMatrixPE": 64,
    "ConversionSoftware": "dcm2niix",
    "ConversionSoftwareVersion": "v1.0.20171017 (OpenJPEG build) GCC4.8.4",
    "DeviceSerialNumber": "0000000517353VH3",
    "EchoTime": 0.0279,
    "EffectiveEchoSpacing": 0.000608,
    "FlipAngle": 76,
    "ImageOrientationPatientDICOM": [
      1,
      0,
      0,
      0,
      1,
      0
    ],
    "ImageType": [
      "ORIGINAL",
      "PRIMARY",
      "EPI",
      "NONE"
    ],
    "InPlanePhaseEncodingDirectionDICOM": "COL",
    "InstitutionName": "Michigan_State_University",
    "MRAcquisitionType": "2D",
    "MagneticFieldStrength": 3,
    "Manufacturer": "GE",
    "ManufacturersModelName": "Signa_HDxt",
    "Modality": "MR",
    "PatientPosition": "HFS",
    "PercentPhaseFOV": 100,
    "PixelBandwidth": 7812.5,
    "ProtocolName": "fMRI",
    "ReconMatrixPE": 64,
    "RepetitionTime": 2,
    "SAR": 0.225736,
    "ScanOptions": "EPI_GEMS",
    "ScanningSequence": "EP_GR",
    "SequenceVariant": "SS",
    "SeriesDescription": "fMRI",
    "SliceThickness": 4,
    "SoftwareVersions": "24_LX_MR_Software_release:HD16.0_V02_1131.a",
    "SpacingBetweenSlices": 4,
    "StationName": "MR03MR03",
    "TaskName": "rest",
    "TotalReadoutTime": 0.038304,
    "modality": "bold",
    "session_id": "ExercisePre",
    "subject_id": "038",
    "task_id": "rest"
  },
  "dummy_trs": 0,
  "dvars_nstd": 20.475697043413174,
  "dvars_std": 1.1055155920359276,
  "dvars_vstd": 1.0072813874850302,
  "efc": 0.49861129710826746,
  "fber": 1244.978759765625,
  "fd_mean": 0.10824719833828339,
  "fd_num": 4,
  "fd_perc": 2.380952380952381,
  "fwhm_avg": 2.983974424242424,
  "fwhm_x": 2.893216,
  "fwhm_y": 3.302807272727273,
  "fwhm_z": 2.7559,
  "gcor": 0.0526384,
  "gsr_x": -0.006235901266336441,
  "gsr_y": 0.008223291486501694,
  "provenance": {
    "md5sum": "1cb413837f4d928facdd7d775f65d361",
    "settings": {
      "fd_thres": 0.5,
      "hmc_fsl": false
    },
    "software": "mriqc",
    "version": "0.10.4"
  },
  "size_t": 168,
  "size_x": 64,
  "size_y": 64,
  "size_z": 30,
  "snr": 5.2597076887221945,
  "spacing_tr": 2.0,
  "spacing_x": 3.4375,
  "spacing_y": 3.4375,
  "spacing_z": 4.0,
  "summary_bg_k": 105.05408830283353,
  "summary_bg_mad": 12.22264575958252,
  "summary_bg_mean": 91.73090362548828,
  "summary_bg_median": 80.08333587646484,
  "summary_bg_n": 69330.0,
  "summary_bg_p05": 0.3630952537059784,
  "summary_bg_p95": 191.4315574645998,
  "summary_bg_stdv": 92.34857940673828,
  "summary_fg_k": 2.2959393814980746,
  "summary_fg_mad": 444.9218444824219,
  "summary_fg_mean": 2847.195556640625,
  "summary_fg_median": 2923.488037109375,
  "summary_fg_n": 26305.0,
  "summary_fg_p05": 1801.0511962890625,
  "summary_fg_p95": 3597.734521484375,
  "summary_fg_stdv": 555.8165283203125,
  "tsnr": 67.81877136230469
}