{
  "aor": 0.0972152380952381,
  "aqi": 0.012584143428571427,
  "bids_meta": {
    "AcquisitionMatrixPE": 64,
    "ConversionSoftware": "dcm2niix",
    "ConversionSoftwareVersion": "v1.0.20171017 (OpenJPEG build) GCC4.8.4",
    "DeviceSerialNumber": "0000000517353VH3",
    "EchoTime": 0.0279,
    "EffectiveEchoSpacing": 0.000608,
    "FlipAngle": 76,
    "ImageOrientationPatientDICOM": [
      1,
      0,
      0,
      0,
      1,
      0
    ],
    "ImageType": [
      "ORIGINAL",
      "PRIMARY",
      "EPI",
      "NONE"
    ],
    "InPlanePhaseEncodingDirectionDICOM": "COL",
    "InstitutionName": "Michigan_State_University",
    "MRAcquisitionType": "2D",
    "MagneticFieldStrength": 3,
    "Manufacturer": "GE",
    "ManufacturersModelName": "Signa_HDxt",
    "Modality": "MR",
    "PatientPosition": "HFS",
    "PercentPhaseFOV": 100,
    "PixelBandwidth": 7812.5,
    "ProtocolName": "fMRI",
    "ReconMatrixPE": 64,
    "RepetitionTime": 2,
    "SAR": 0.225736,
    "ScanOptions": "EPI_GEMS",
    "ScanningSequence": "EP_GR",
    "SequenceVariant": "SS",
    "SeriesDescription": "fMRI",
    "SliceThickness": 4,
    "SoftwareVersions": "24_LX_MR_Software_release:HD16.0_V02_1131.a",
    "SpacingBetweenSlices": 4,
    "StationName": "MR03MR03",
    "TaskName": "rest",
    "TotalReadoutTime": 0.038304,
    "modality": "bold",
    "session_id": "ExercisePre",
    "subject_id": "040",
    "task_id": "rest"
  },
  "dummy_trs": 0,
  "dvars_nstd": 29.968986464,
  "dvars_std": 2.2571471159999996,
  "dvars_vstd": 2.4876066065000004,
  "efc": 0.4949369991426153,
  "fber": 9954.775390625,
  "fd_mean": 1.0962934770339623,
  "fd_num": 4,
  "fd_perc": 19.047619047619047,
  "fwhm_avg": 2.9400761515151514,
  "fwhm_x": 2.8368843636363636,
  "fwhm_y": 3.2550690909090907,
  "fwhm_z": 2.728275,
  "gcor": 0.0899906,
  "gsr_x": -0.007900426164269447,
  "gsr_y": 0.012611111626029015,
  "provenance": {
    "md5sum": "76e7b522bc9124109793d8639f774a11",
    "settings": {
      "fd_thres": 0.5,
      "hmc_fsl": false
    },
    "software": "mriqc",
    "version": "0.10.4"
  },
  "size_t": 21,
  "size_x": 64,
  "size_y": 64,
  "size_z": 30,
  "snr": 5.057590162696595,
  "spacing_tr": 2.0,
  "spacing_x": 3.4375,
  "spacing_y": 3.4375,
  "spacing_z": 4.0,
  "summary_bg_k": 104.01407820142877,
  "summary_bg_mad": 11.578418731689453,
  "summary_bg_mean": 48.3323974609375,
  "summary_bg_median": 27.428571701049805,
  "summary_bg_n": 65581.0,
  "summary_bg_p05": 0.2380952388048172,
  "summary_bg_p95": 143.61904907226562,
  "summary_bg_stdv": 86.90925598144531,
  "summary_fg_k": 1.71023154837662,
  "summary_fg_mad": 478.5276184082031,
  "summary_fg_mean": 2740.226806640625,
  "summary_fg_median": 2804.619140625,
  "summary_fg_n": 29198.0,
  "summary_fg_p05": 1692.4547729492188,
  "summary_fg_p95": 3498.6262817382812,
  "summary_fg_stdv": 554.5271606445312,
  "tsnr": 37.119773864746094
}