{
  "aor": 0.006012619047619047,
  "aqi": 0.008990862142857143,
  "bids_meta": {
    "AcquisitionMatrixPE": 64,
    "ConversionSoftware": "dcm2niix",
    "ConversionSoftwareVersion": "v1.0.20171017 (OpenJPEG build) GCC4.8.4",
    "DeviceSerialNumber": "0000000517353VH3",
    "EchoTime": 0.0279,
    "EffectiveEchoSpacing": 0.000608,
    "FlipAngle": 76,
    "ImageOrientationPatientDICOM": [
      1,
      0,
      0,
      0,
      1,
      0
    ],
    "ImageType": [
      "ORIGINAL",
      "PRIMARY",
      "EPI",
      "NONE"
    ],
    "InPlanePhaseEncodingDirectionDICOM": "COL",
    "InstitutionName": "Michigan_State_University",
    "MRAcquisitionType": "2D",
    "MagneticFieldStrength": 3,
    "Manufacturer": "GE",
    "ManufacturersModelName": "Signa_HDxt",
    "Modality": "MR",
    "PatientPosition": "HFS",
    "PercentPhaseFOV": 100,
    "PixelBandwidth": 7812.5,
    "ProtocolName": "fMRI",
    "ReconMatrixPE": 64,
    "RepetitionTime": 2,
    "SAR": 0.225736,
    "ScanOptions": "EPI_GEMS",
    "ScanningSequence": "EP_GR",
    "SequenceVariant": "SS",
    "SeriesDescription": "fMRI",
    "SliceThickness": 4,
    "SoftwareVersions": "24_LX_MR_Software_release:HD16.0_V02_1131.a",
    "SpacingBetweenSlices": 4,
    "StationName": "MR03MR03",
    "TaskName": "flanker",
    "TotalReadoutTime": 0.038304,
    "modality": "bold",
    "run_id": "01",
    "session_id": "ExercisePost",
    "subject_id": "043",
    "task_id": "flanker"
  },
  "dummy_trs": 0,
  "dvars_nstd": 17.595457059760488,
  "dvars_std": 1.1027277731736527,
  "dvars_vstd": 0.9372938409580841,
  "efc": 0.47995855187972425,
  "fber": 8088.49169921875,
  "fd_mean": 0.22506445692381383,
  "fd_num": 11,
  "fd_perc": 6.5476190476190474,
  "fwhm_avg": 2.998126818181818,
  "fwhm_x": 2.94528,
  "fwhm_y": 3.3470254545454545,
  "fwhm_z": 2.702075,
  "gcor": 0.0411364,
  "gsr_x": -0.007314261049032211,
  "gsr_y": 0.010696247220039368,
  "provenance": {
    "md5sum": "946b2345f81b25bd672cc6de652974db",
    "settings": {
      "fd_thres": 0.5,
      "hmc_fsl": false
    },
    "software": "mriqc",
    "version": "0.10.4"
  },
  "size_t": 168,
  "size_x": 64,
  "size_y": 64,
  "size_z": 30,
  "snr": 5.11316355944838,
  "spacing_tr": 2.0,
  "spacing_x": 3.4375,
  "spacing_y": 3.4375,
  "spacing_z": 4.0,
  "summary_bg_k": 57.17695582558047,
  "summary_bg_mad": 11.807867050170898,
  "summary_bg_mean": 54.78343200683594,
  "summary_bg_median": 30.047618865966797,
  "summary_bg_n": 68643.0,
  "summary_bg_p05": 0.5833333730697632,
  "summary_bg_p95": 193.87976074218744,
  "summary_bg_stdv": 90.83000183105469,
  "summary_fg_k": 3.16033418125025,
  "summary_fg_mad": 395.8370666503906,
  "summary_fg_mean": 2665.40869140625,
  "summary_fg_median": 2764.166748046875,
  "summary_fg_n": 26511.0,
  "summary_fg_p05": 1598.3482666015625,
  "summary_fg_p95": 3336.631103515625,
  "summary_fg_stdv": 540.5879516601562,
  "tsnr": 61.593223571777344
}