{
  "aor": 0.02286345238095238,
  "aqi": 0.014628983214285714,
  "bids_meta": {
    "AcquisitionMatrixPE": 64,
    "ConversionSoftware": "dcm2niix",
    "ConversionSoftwareVersion": "v1.0.20171017 (OpenJPEG build) GCC4.8.4",
    "DeviceSerialNumber": "0000000517353VH3",
    "EchoTime": 0.0279,
    "EffectiveEchoSpacing": 0.000608,
    "FlipAngle": 76,
    "ImageOrientationPatientDICOM": [
      1,
      0,
      0,
      0,
      1,
      0
    ],
    "ImageType": [
      "ORIGINAL",
      "PRIMARY",
      "EPI",
      "NONE"
    ],
    "InPlanePhaseEncodingDirectionDICOM": "COL",
    "InstitutionName": "Michigan_State_University",
    "MRAcquisitionType": "2D",
    "MagneticFieldStrength": 3,
    "Manufacturer": "GE",
    "ManufacturersModelName": "Signa_HDxt",
    "Modality": "MR",
    "PatientPosition": "HFS",
    "PercentPhaseFOV": 100,
    "PixelBandwidth": 7812.5,
    "ProtocolName": "fMRI",
    "ReconMatrixPE": 64,
    "RepetitionTime": 2,
    "SAR": 0.225736,
    "ScanOptions": "EPI_GEMS",
    "ScanningSequence": "EP_GR",
    "SequenceVariant": "SS",
    "SeriesDescription": "fMRI",
    "SliceThickness": 4,
    "SoftwareVersions": "24_LX_MR_Software_release:HD16.0_V02_1131.a",
    "SpacingBetweenSlices": 4,
    "StationName": "MR03MR03",
    "TaskName": "rest",
    "TotalReadoutTime": 0.038304,
    "modality": "bold",
    "session_id": "ExercisePost",
    "subject_id": "019",
    "task_id": "rest"
  },
  "dummy_trs": 0,
  "dvars_nstd": 20.969369026467078,
  "dvars_std": 1.0948810472455097,
  "dvars_vstd": 1.0128805397005995,
  "efc": 0.4788020914816066,
  "fber": 13009.4814453125,
  "fd_mean": 0.27974661014731184,
  "fd_num": 21,
  "fd_perc": 12.5,
  "fwhm_avg": 2.915162090909091,
  "fwhm_x": 2.8600494545454542,
  "fwhm_y": 3.1170618181818184,
  "fwhm_z": 2.768375,
  "gcor": 0.0395459,
  "gsr_x": -0.005990511737763882,
  "gsr_y": 0.008662128821015358,
  "provenance": {
    "md5sum": "f855e1bb561fe978a0405a0e59a5fa78",
    "settings": {
      "fd_thres": 0.5,
      "hmc_fsl": false
    },
    "software": "mriqc",
    "version": "0.10.4"
  },
  "size_t": 168,
  "size_x": 64,
  "size_y": 64,
  "size_z": 30,
  "snr": 5.609676359902865,
  "spacing_tr": 2.0,
  "spacing_x": 3.4375,
  "spacing_y": 3.4375,
  "spacing_z": 4.0,
  "summary_bg_k": 178.16255767571283,
  "summary_bg_mad": 14.155318260192871,
  "summary_bg_mean": 61.71906280517578,
  "summary_bg_median": 32.863094329833984,
  "summary_bg_n": 68396.0,
  "summary_bg_p05": 0.992559552192688,
  "summary_bg_p95": 178.5372085571289,
  "summary_bg_stdv": 137.47906494140625,
  "summary_fg_k": 2.547286491168242,
  "summary_fg_mad": 540.0556030273438,
  "summary_fg_mean": 3708.216796875,
  "summary_fg_median": 3792.9375,
  "summary_fg_n": 27330.0,
  "summary_fg_p05": 2420.3605224609373,
  "summary_fg_p95": 4613.484155273438,
  "summary_fg_stdv": 676.1295776367188,
  "tsnr": 50.00481414794922
}