{
  "bids_meta": {
    "AcquisitionMatrixPE": 256,
    "ConversionSoftware": "dcm2niix",
    "ConversionSoftwareVersion": "v1.0.20171017 (OpenJPEG build) GCC4.8.4",
    "DeviceSerialNumber": "0000000517353VH3",
    "EchoTime": 0.003828,
    "FlipAngle": 8,
    "ImageOrientationPatientDICOM": [
      0,
      1,
      0,
      0,
      0,
      -1
    ],
    "ImageType": [
      "ORIGINAL",
      "PRIMARY",
      "OTHER"
    ],
    "InPlanePhaseEncodingDirectionDICOM": "ROW",
    "InstitutionName": "Michigan_State_University",
    "InversionTime": 0.04,
    "MRAcquisitionType": "3D",
    "MagneticFieldStrength": 3,
    "Manufacturer": "GE",
    "ManufacturersModelName": "Signa_HDxt",
    "Modality": "MR",
    "PatientPosition": "HFS",
    "PercentPhaseFOV": 100,
    "PixelBandwidth": 162.734,
    "ProtocolName": "mprage_1mm_iso_20.83_bw",
    "ReconMatrixPE": 256,
    "RepetitionTime": 0.008596,
    "SAR": 0.306132,
    "ScanOptions": "NONE",
    "ScanningSequence": "RM",
    "SequenceVariant": "NONE",
    "SeriesDescription": "mprage_1mm_iso_20.83_bw",
    "SliceThickness": 1,
    "SoftwareVersions": "24_LX_MR_Software_release:HD16.0_V02_1131.a",
    "SpacingBetweenSlices": 1,
    "StationName": "MR03MR03",
    "modality": "T1w",
    "session_id": "ExercisePre",
    "subject_id": "056"
  },
  "cjv": 0.35621414506798593,
  "cnr": 3.651128290806072,
  "efc": 0.6353767530122317,
  "fber": 60.66550064086914,
  "fwhm_avg": 3.9121366666666666,
  "fwhm_x": 3.64518,
  "fwhm_y": 4.3117,
  "fwhm_z": 3.77953,
  "icvs_csf": 0.18893166284414545,
  "icvs_gm": 0.46641295683157125,
  "icvs_wm": 0.34465538032428333,
  "inu_med": 0.9579539895057678,
  "inu_range": 0.3404605984687805,
  "provenance": {
    "md5sum": "a473e3e94b4c5867d790343ef0923bdd",
    "settings": {
      "testing": false
    },
    "software": "mriqc",
    "version": "0.10.4",
    "warnings": {
      "large_rot_frame": true,
      "small_air_mask": false
    }
  },
  "qi_1": 0.0,
  "qi_2": 0.0010658062282639122,
  "rpve_csf": 23.658693302130864,
  "rpve_gm": 10.808483736335052,
  "rpve_wm": 16.61946869970496,
  "size_x": 180,
  "size_y": 256,
  "size_z": 256,
  "snr_csf": 2.021863825771529,
  "snr_gm": 9.311353430078606,
  "snr_total": 9.070944913036449,
  "snr_wm": 15.879617483259212,
  "snrd_csf": 8.43099037647174,
  "snrd_gm": 20.394266292088027,
  "snrd_total": 20.15478771897948,
  "snrd_wm": 31.639106488378676,
  "spacing_x": 1.0,
  "spacing_y": 1.0,
  "spacing_z": 1.0,
  "summary_bg_k": 4.317932071438374,
  "summary_bg_mad": 20.706851959228516,
  "summary_bg_mean": 69.0152587890625,
  "summary_bg_median": 63.57537078857422,
  "summary_bg_n": 2649736.0,
  "summary_bg_p05": 37.48703384399414,
  "summary_bg_p95": 120.86156845092773,
  "summary_bg_stdv": 26.79012107849121,
  "summary_csf_k": 0.222978556354533,
  "summary_csf_mad": 143.16250610351562,
  "summary_csf_mean": 281.8985595703125,
  "summary_csf_median": 266.4777526855469,
  "summary_csf_n": 10601.0,
  "summary_csf_p05": 99.03901672363281,
  "summary_csf_p95": 510.29840087890625,
  "summary_csf_stdv": 131.79185485839844,
  "summary_gm_k": -0.017569734802246995,
  "summary_gm_mad": 69.24501037597656,
  "summary_gm_mean": 647.4318237304688,
  "summary_gm_median": 644.6002197265625,
  "summary_gm_n": 43722.0,
  "summary_gm_p05": 537.7812530517579,
  "summary_gm_p95": 766.670556640625,
  "summary_gm_stdv": 69.22654724121094,
  "summary_wm_k": 1.0750565117519857,
  "summary_wm_mad": 57.35881042480469,
  "summary_wm_mean": 1001.8622436523438,
  "summary_wm_median": 1000.01513671875,
  "summary_wm_n": 205876.0,
  "summary_wm_p05": 901.5870513916016,
  "summary_wm_p95": 1106.1603088378906,
  "summary_wm_stdv": 62.974609375,
  "tpm_overlap_csf": 0.20626884698867798,
  "tpm_overlap_gm": 0.5291256904602051,
  "tpm_overlap_wm": 0.5421068072319031,
  "wm2max": 0.6868830538534547
}