{
  "aor": 0.013704550898203594,
  "aqi": 0.008499409820359282,
  "bids_meta": {
    "AcquisitionMatrixPE": 64,
    "ConversionSoftware": "dcm2niix",
    "ConversionSoftwareVersion": "v1.0.20171017 (OpenJPEG build) GCC4.8.4",
    "DeviceSerialNumber": "0000000517353VH3",
    "EchoTime": 0.0279,
    "EffectiveEchoSpacing": 0.000608,
    "FlipAngle": 76,
    "ImageOrientationPatientDICOM": [
      1,
      0,
      0,
      0,
      1,
      0
    ],
    "ImageType": [
      "ORIGINAL",
      "PRIMARY",
      "EPI",
      "NONE"
    ],
    "InPlanePhaseEncodingDirectionDICOM": "COL",
    "InstitutionName": "Michigan_State_University",
    "MRAcquisitionType": "2D",
    "MagneticFieldStrength": 3,
    "Manufacturer": "GE",
    "ManufacturersModelName": "Signa_HDxt",
    "Modality": "MR",
    "PatientPosition": "HFS",
    "PercentPhaseFOV": 100,
    "PixelBandwidth": 7812.5,
    "ProtocolName": "fMRI",
    "ReconMatrixPE": 64,
    "RepetitionTime": 2,
    "SAR": 0.225736,
    "ScanOptions": "EPI_GEMS",
    "ScanningSequence": "EP_GR",
    "SequenceVariant": "SS",
    "SeriesDescription": "fMRI",
    "SliceThickness": 4,
    "SoftwareVersions": "24_LX_MR_Software_release:HD16.0_V02_1131.a",
    "SpacingBetweenSlices": 4,
    "StationName": "MR03MR03",
    "TaskName": "flanker",
    "TotalReadoutTime": 0.038304,
    "modality": "bold",
    "run_id": "01",
    "session_id": "ExercisePre",
    "subject_id": "023",
    "task_id": "flanker"
  },
  "dummy_trs": 1,
  "dvars_nstd": 17.9673233607229,
  "dvars_std": 1.0013280867469876,
  "dvars_vstd": 0.9694213501204817,
  "efc": 0.4774938155694855,
  "fber": 9718.994140625,
  "fd_mean": 0.19200410375856097,
  "fd_num": 15,
  "fd_perc": 8.982035928143713,
  "fwhm_avg": 2.8994097575757576,
  "fwhm_x": 2.8355810909090913,
  "fwhm_y": 3.199098181818182,
  "fwhm_z": 2.66355,
  "gcor": 0.0769594,
  "gsr_x": -0.005914451088756323,
  "gsr_y": 0.008951958268880844,
  "provenance": {
    "md5sum": "a70800a7009b9e7de3f1cd493b16c2e7",
    "settings": {
      "fd_thres": 0.5,
      "hmc_fsl": false
    },
    "software": "mriqc",
    "version": "0.10.4"
  },
  "size_t": 167,
  "size_x": 64,
  "size_y": 64,
  "size_z": 30,
  "snr": 5.326733773572083,
  "spacing_tr": 2.0,
  "spacing_x": 3.4375,
  "spacing_y": 3.4375,
  "spacing_z": 4.0,
  "summary_bg_k": 90.62574842509504,
  "summary_bg_mad": 12.251444816589355,
  "summary_bg_mean": 52.625335693359375,
  "summary_bg_median": 30.347307205200195,
  "summary_bg_n": 68184.0,
  "summary_bg_p05": 0.49101799726486206,
  "summary_bg_p95": 163.69281616210935,
  "summary_bg_stdv": 85.91021728515625,
  "summary_fg_k": 3.1242198032274375,
  "summary_fg_mad": 432.52496337890625,
  "summary_fg_mean": 2957.9306640625,
  "summary_fg_median": 3055.0927734375,
  "summary_fg_n": 26718.0,
  "summary_fg_p05": 1830.170098876953,
  "summary_fg_p95": 3678.2177246093747,
  "summary_fg_stdv": 573.5288696289062,
  "tsnr": 57.01029586791992
}