{
  "aor": 0.004521011904761905,
  "aqi": 0.0029058313095238096,
  "bids_meta": {
    "AcquisitionMatrixPE": 64,
    "ConversionSoftware": "dcm2niix",
    "ConversionSoftwareVersion": "v1.0.20171017 (OpenJPEG build) GCC4.8.4",
    "DeviceSerialNumber": "0000000517353VH3",
    "EchoTime": 0.0279,
    "EffectiveEchoSpacing": 0.000608,
    "FlipAngle": 76,
    "ImageOrientationPatientDICOM": [
      1,
      0,
      0,
      0,
      1,
      0
    ],
    "ImageType": [
      "ORIGINAL",
      "PRIMARY",
      "EPI",
      "NONE"
    ],
    "InPlanePhaseEncodingDirectionDICOM": "COL",
    "InstitutionName": "Michigan_State_University",
    "MRAcquisitionType": "2D",
    "MagneticFieldStrength": 3,
    "Manufacturer": "GE",
    "ManufacturersModelName": "Signa_HDxt",
    "Modality": "MR",
    "PatientPosition": "HFS",
    "PercentPhaseFOV": 100,
    "PixelBandwidth": 7812.5,
    "ProtocolName": "fMRI",
    "ReconMatrixPE": 64,
    "RepetitionTime": 2,
    "SAR": 0.225736,
    "ScanOptions": "EPI_GEMS",
    "ScanningSequence": "EP_GR",
    "SequenceVariant": "SS",
    "SeriesDescription": "fMRI",
    "SliceThickness": 4,
    "SoftwareVersions": "24_LX_MR_Software_release:HD16.0_V02_1131.a",
    "SpacingBetweenSlices": 4,
    "StationName": "MR03MR03",
    "TaskName": "flanker",
    "TotalReadoutTime": 0.038304,
    "modality": "bold",
    "run_id": "01",
    "session_id": "ControlPost",
    "subject_id": "030",
    "task_id": "flanker"
  },
  "dummy_trs": 0,
  "dvars_nstd": 15.115906472634737,
  "dvars_std": 1.1650888004790425,
  "dvars_vstd": 1.0232073709580833,
  "efc": 0.4854625700009368,
  "fber": 5844.72412109375,
  "fd_mean": 0.12032958396124252,
  "fd_num": 1,
  "fd_perc": 0.5952380952380952,
  "fwhm_avg": 2.935685515151515,
  "fwhm_x": 2.891813818181818,
  "fwhm_y": 3.237992727272727,
  "fwhm_z": 2.67725,
  "gcor": 0.0517638,
  "gsr_x": -0.007456588558852673,
  "gsr_y": 0.010720723308622837,
  "provenance": {
    "md5sum": "cac61f3fc6e2935e2c30fbd2736498c1",
    "settings": {
      "fd_thres": 0.5,
      "hmc_fsl": false
    },
    "software": "mriqc",
    "version": "0.10.4"
  },
  "size_t": 168,
  "size_x": 64,
  "size_y": 64,
  "size_z": 30,
  "snr": 5.1351693159193035,
  "spacing_tr": 2.0,
  "spacing_x": 3.4375,
  "spacing_y": 3.4375,
  "spacing_z": 4.0,
  "summary_bg_k": 93.85392757471087,
  "summary_bg_mad": 12.531516075134277,
  "summary_bg_mean": 58.91164779663086,
  "summary_bg_median": 38.613094329833984,
  "summary_bg_n": 67543.0,
  "summary_bg_p05": 0.095238097012043,
  "summary_bg_p95": 153.7970275878906,
  "summary_bg_stdv": 91.38555145263672,
  "summary_fg_k": 2.5443046644746907,
  "summary_fg_mad": 472.7470703125,
  "summary_fg_mean": 2987.172607421875,
  "summary_fg_median": 3058.20849609375,
  "summary_fg_n": 27331.0,
  "summary_fg_p05": 1830.9642944335938,
  "summary_fg_p95": 3780.163818359375,
  "summary_fg_stdv": 595.531005859375,
  "tsnr": 91.94573974609375
}