{
  "bids_meta": {
    "AcquisitionMatrixPE": 256,
    "ConversionSoftware": "dcm2niix",
    "ConversionSoftwareVersion": "v1.0.20171017 (OpenJPEG build) GCC4.8.4",
    "DeviceSerialNumber": "0000000517353VH3",
    "EchoTime": 0.003828,
    "FlipAngle": 8,
    "ImageOrientationPatientDICOM": [
      0,
      1,
      0,
      0,
      0,
      -1
    ],
    "ImageType": [
      "ORIGINAL",
      "PRIMARY",
      "OTHER"
    ],
    "InPlanePhaseEncodingDirectionDICOM": "ROW",
    "InstitutionName": "Michigan_State_University",
    "InversionTime": 0.04,
    "MRAcquisitionType": "3D",
    "MagneticFieldStrength": 3,
    "Manufacturer": "GE",
    "ManufacturersModelName": "Signa_HDxt",
    "Modality": "MR",
    "PatientPosition": "HFS",
    "PercentPhaseFOV": 100,
    "PixelBandwidth": 162.734,
    "ProtocolName": "mprage_1mm_iso_20.83_bw",
    "ReconMatrixPE": 256,
    "RepetitionTime": 0.008596,
    "SAR": 0.306132,
    "ScanOptions": "NONE",
    "ScanningSequence": "RM",
    "SequenceVariant": "NONE",
    "SeriesDescription": "mprage_1mm_iso_20.83_bw",
    "SliceThickness": 1,
    "SoftwareVersions": "24_LX_MR_Software_release:HD16.0_V02_1131.a",
    "SpacingBetweenSlices": 1,
    "StationName": "MR03MR03",
    "modality": "T1w",
    "session_id": "ControlPre",
    "subject_id": "001"
  },
  "cjv": 0.2919847893289253,
  "cnr": 4.403354536269154,
  "efc": 0.6448894446524743,
  "fber": 50.46220779418945,
  "fwhm_avg": 3.5544466666666668,
  "fwhm_x": 3.5288,
  "fwhm_y": 3.76836,
  "fwhm_z": 3.36618,
  "icvs_csf": 0.18243266312257223,
  "icvs_gm": 0.48570690250525644,
  "icvs_wm": 0.33186043437217133,
  "inu_med": 1.737154245376587,
  "inu_range": 0.308329504728317,
  "provenance": {
    "md5sum": "00eec52ec29d373bb232267eab3f869c",
    "settings": {
      "testing": false
    },
    "software": "mriqc",
    "version": "0.10.4",
    "warnings": {
      "large_rot_frame": true,
      "small_air_mask": false
    }
  },
  "qi_1": 0.0,
  "qi_2": 0.00041375304396148527,
  "rpve_csf": 25.496189830390218,
  "rpve_gm": 11.130915774728104,
  "rpve_wm": 18.37446597539604,
  "size_x": 180,
  "size_y": 256,
  "size_z": 256,
  "snr_csf": 2.2085307481204524,
  "snr_gm": 10.032784056088355,
  "snr_total": 8.827679996973332,
  "snr_wm": 14.24172518671119,
  "snrd_csf": 9.721671136461845,
  "snrd_gm": 23.51034278809644,
  "snrd_total": 24.37658720165744,
  "snrd_wm": 39.897747680414035,
  "spacing_x": 1.0,
  "spacing_y": 1.0,
  "spacing_z": 1.0,
  "summary_bg_k": 1.9088351055497172,
  "summary_bg_mad": 16.42047119140625,
  "summary_bg_mean": 61.409061431884766,
  "summary_bg_median": 59.297794342041016,
  "summary_bg_n": 2715533.0,
  "summary_bg_p05": 36.642669677734375,
  "summary_bg_p95": 93.68360443115235,
  "summary_bg_stdv": 17.91254425048828,
  "summary_csf_k": 0.6261596776305836,
  "summary_csf_mad": 119.56925964355469,
  "summary_csf_mean": 258.0820617675781,
  "summary_csf_median": 243.6659393310547,
  "summary_csf_n": 8669.0,
  "summary_csf_p05": 105.44785919189454,
  "summary_csf_p95": 445.8624328613281,
  "summary_csf_stdv": 110.32306671142578,
  "summary_gm_k": 0.08226416420373761,
  "summary_gm_mad": 57.3530158996582,
  "summary_gm_mean": 587.755126953125,
  "summary_gm_median": 589.2680053710938,
  "summary_gm_n": 44207.0,
  "summary_gm_p05": 488.5380035400391,
  "summary_gm_p95": 682.3504150390625,
  "summary_gm_stdv": 58.73358154296875,
  "summary_wm_k": 0.4809474086583303,
  "summary_wm_mad": 62.576011657714844,
  "summary_wm_mean": 991.056396484375,
  "summary_wm_median": 1000.0052490234375,
  "summary_wm_n": 179094.0,
  "summary_wm_p05": 859.5922668457031,
  "summary_wm_p95": 1091.549609375,
  "summary_wm_stdv": 70.21638488769531,
  "tpm_overlap_csf": 0.21211162209510803,
  "tpm_overlap_gm": 0.5316020846366882,
  "tpm_overlap_wm": 0.5210331082344055,
  "wm2max": 0.559928055372171
}