{
  "aor": 0.009013392857142857,
  "aqi": 0.009243567857142858,
  "bids_meta": {
    "AcquisitionMatrixPE": 64,
    "ConversionSoftware": "dcm2niix",
    "ConversionSoftwareVersion": "v1.0.20171017 (OpenJPEG build) GCC4.8.4",
    "DeviceSerialNumber": "0000000517353VH3",
    "EchoTime": 0.0279,
    "EffectiveEchoSpacing": 0.000608,
    "FlipAngle": 76,
    "ImageOrientationPatientDICOM": [
      1,
      0,
      0,
      0,
      1,
      0
    ],
    "ImageType": [
      "ORIGINAL",
      "PRIMARY",
      "EPI",
      "NONE"
    ],
    "InPlanePhaseEncodingDirectionDICOM": "COL",
    "InstitutionName": "Michigan_State_University",
    "MRAcquisitionType": "2D",
    "MagneticFieldStrength": 3,
    "Manufacturer": "GE",
    "ManufacturersModelName": "Signa_HDxt",
    "Modality": "MR",
    "PatientPosition": "HFS",
    "PercentPhaseFOV": 100,
    "PixelBandwidth": 7812.5,
    "ProtocolName": "fMRI",
    "ReconMatrixPE": 64,
    "RepetitionTime": 2,
    "SAR": 0.225736,
    "ScanOptions": "EPI_GEMS",
    "ScanningSequence": "EP_GR",
    "SequenceVariant": "SS",
    "SeriesDescription": "fMRI",
    "SliceThickness": 4,
    "SoftwareVersions": "24_LX_MR_Software_release:HD16.0_V02_1131.a",
    "SpacingBetweenSlices": 4,
    "StationName": "MR03MR03",
    "TaskName": "flanker",
    "TotalReadoutTime": 0.038304,
    "modality": "bold",
    "run_id": "01",
    "session_id": "ExercisePre",
    "subject_id": "038",
    "task_id": "flanker"
  },
  "dummy_trs": 0,
  "dvars_nstd": 21.219357205389233,
  "dvars_std": 1.0393711296407186,
  "dvars_vstd": 0.9759460337724551,
  "efc": 0.4888862193346417,
  "fber": 2338.77685546875,
  "fd_mean": 0.28219045819696303,
  "fd_num": 25,
  "fd_perc": 14.880952380952381,
  "fwhm_avg": 3.0104927878787877,
  "fwhm_x": 2.8989410909090907,
  "fwhm_y": 3.352087272727273,
  "fwhm_z": 2.78045,
  "gcor": 0.0591534,
  "gsr_x": -0.006823651026934385,
  "gsr_y": 0.008826425299048424,
  "provenance": {
    "md5sum": "8f119218f716358db3483515f4db026e",
    "settings": {
      "fd_thres": 0.5,
      "hmc_fsl": false
    },
    "software": "mriqc",
    "version": "0.10.4"
  },
  "size_t": 168,
  "size_x": 64,
  "size_y": 64,
  "size_z": 30,
  "snr": 5.255398026899794,
  "spacing_tr": 2.0,
  "spacing_x": 3.4375,
  "spacing_y": 3.4375,
  "spacing_z": 4.0,
  "summary_bg_k": 98.51020304101223,
  "summary_bg_mad": 12.196171760559082,
  "summary_bg_mean": 74.71922302246094,
  "summary_bg_median": 58.41071701049805,
  "summary_bg_n": 69256.0,
  "summary_bg_p05": 1.601190447807312,
  "summary_bg_p95": 187.14584350585938,
  "summary_bg_stdv": 91.25762176513672,
  "summary_fg_k": 2.390837960035138,
  "summary_fg_mad": 442.0449523925781,
  "summary_fg_mean": 2841.106689453125,
  "summary_fg_median": 2922.369140625,
  "summary_fg_n": 26369.0,
  "summary_fg_p05": 1787.9988281249998,
  "summary_fg_p95": 3580.0572265624996,
  "summary_fg_stdv": 556.0594482421875,
  "tsnr": 51.04857635498047
}