{
  "aor": 0.014708750000000001,
  "aqi": 0.007592690535714285,
  "bids_meta": {
    "AcquisitionMatrixPE": 64,
    "ConversionSoftware": "dcm2niix",
    "ConversionSoftwareVersion": "v1.0.20171017 (OpenJPEG build) GCC4.8.4",
    "DeviceSerialNumber": "0000000517353VH3",
    "EchoTime": 0.0279,
    "EffectiveEchoSpacing": 0.000608,
    "FlipAngle": 76,
    "ImageOrientationPatientDICOM": [
      1,
      0,
      0,
      0,
      1,
      0
    ],
    "ImageType": [
      "ORIGINAL",
      "PRIMARY",
      "EPI",
      "NONE"
    ],
    "InPlanePhaseEncodingDirectionDICOM": "COL",
    "InstitutionName": "Michigan_State_University",
    "MRAcquisitionType": "2D",
    "MagneticFieldStrength": 3,
    "Manufacturer": "GE",
    "ManufacturersModelName": "Signa_HDxt",
    "Modality": "MR",
    "PatientPosition": "HFS",
    "PercentPhaseFOV": 100,
    "PixelBandwidth": 7812.5,
    "ProtocolName": "fMRI",
    "ReconMatrixPE": 64,
    "RepetitionTime": 2,
    "SAR": 0.225736,
    "ScanOptions": "EPI_GEMS",
    "ScanningSequence": "EP_GR",
    "SequenceVariant": "SS",
    "SeriesDescription": "fMRI",
    "SliceThickness": 4,
    "SoftwareVersions": "24_LX_MR_Software_release:HD16.0_V02_1131.a",
    "SpacingBetweenSlices": 4,
    "StationName": "MR03MR03",
    "TaskName": "rest",
    "TotalReadoutTime": 0.038304,
    "modality": "bold",
    "session_id": "ControlPost",
    "subject_id": "049",
    "task_id": "rest"
  },
  "dummy_trs": 0,
  "dvars_nstd": 19.766512436526956,
  "dvars_std": 1.1627228467065867,
  "dvars_vstd": 1.0225960602994013,
  "efc": 0.4694327951033933,
  "fber": 14320.4453125,
  "fd_mean": 0.2548842566258415,
  "fd_num": 17,
  "fd_perc": 10.119047619047619,
  "fwhm_avg": 2.955994787878788,
  "fwhm_x": 2.8093643636363637,
  "fwhm_y": 3.27072,
  "fwhm_z": 2.7879,
  "gcor": 0.0860272,
  "gsr_x": -0.011493491008877754,
  "gsr_y": 0.007163552101701498,
  "provenance": {
    "md5sum": "10f881d807b58cee8e5af34bdfa988bf",
    "settings": {
      "fd_thres": 0.5,
      "hmc_fsl": false
    },
    "software": "mriqc",
    "version": "0.10.4"
  },
  "size_t": 168,
  "size_x": 64,
  "size_y": 64,
  "size_z": 30,
  "snr": 5.514672743022584,
  "spacing_tr": 2.0,
  "spacing_x": 3.4375,
  "spacing_y": 3.4375,
  "spacing_z": 4.0,
  "summary_bg_k": 93.33031179361545,
  "summary_bg_mad": 14.464200019836426,
  "summary_bg_mean": 68.38298797607422,
  "summary_bg_median": 35.470237731933594,
  "summary_bg_n": 69429.0,
  "summary_bg_p05": 0.380952388048172,
  "summary_bg_p95": 196.16785583496033,
  "summary_bg_stdv": 139.19041442871094,
  "summary_fg_k": 3.0403744789133578,
  "summary_fg_mad": 642.7301635742188,
  "summary_fg_mean": 4258.96630859375,
  "summary_fg_median": 4319.48828125,
  "summary_fg_n": 26184.0,
  "summary_fg_p05": 2886.90634765625,
  "summary_fg_p95": 5348.984692382812,
  "summary_fg_stdv": 783.2569580078125,
  "tsnr": 57.880165100097656
}