{
  "aor": 0.03177779761904762,
  "aqi": 0.00977041976190476,
  "bids_meta": {
    "AcquisitionMatrixPE": 64,
    "ConversionSoftware": "dcm2niix",
    "ConversionSoftwareVersion": "v1.0.20171017 (OpenJPEG build) GCC4.8.4",
    "DeviceSerialNumber": "0000000517353VH3",
    "EchoTime": 0.0279,
    "EffectiveEchoSpacing": 0.000608,
    "FlipAngle": 76,
    "ImageOrientationPatientDICOM": [
      1,
      0,
      0,
      0,
      1,
      0
    ],
    "ImageType": [
      "ORIGINAL",
      "PRIMARY",
      "EPI",
      "NONE"
    ],
    "InPlanePhaseEncodingDirectionDICOM": "COL",
    "InstitutionName": "Michigan_State_University",
    "MRAcquisitionType": "2D",
    "MagneticFieldStrength": 3,
    "Manufacturer": "GE",
    "ManufacturersModelName": "Signa_HDxt",
    "Modality": "MR",
    "PatientPosition": "HFS",
    "PercentPhaseFOV": 100,
    "PixelBandwidth": 7812.5,
    "ProtocolName": "fMRI",
    "ReconMatrixPE": 64,
    "RepetitionTime": 2,
    "SAR": 0.225736,
    "ScanOptions": "EPI_GEMS",
    "ScanningSequence": "EP_GR",
    "SequenceVariant": "SS",
    "SeriesDescription": "fMRI",
    "SliceThickness": 4,
    "SoftwareVersions": "24_LX_MR_Software_release:HD16.0_V02_1131.a",
    "SpacingBetweenSlices": 4,
    "StationName": "MR03MR03",
    "TaskName": "flanker",
    "TotalReadoutTime": 0.038304,
    "modality": "bold",
    "run_id": "01",
    "session_id": "ControlPre",
    "subject_id": "054",
    "task_id": "flanker"
  },
  "dummy_trs": 0,
  "dvars_nstd": 26.164640283832334,
  "dvars_std": 1.2868392605389214,
  "dvars_vstd": 1.1523714747305382,
  "efc": 0.47178835736813424,
  "fber": 12263.1884765625,
  "fd_mean": 0.33980575920551054,
  "fd_num": 28,
  "fd_perc": 16.666666666666668,
  "fwhm_avg": 2.911941363636364,
  "fwhm_x": 2.8734254545454543,
  "fwhm_y": 3.1797236363636365,
  "fwhm_z": 2.682675,
  "gcor": 0.0909046,
  "gsr_x": -0.009013759903609753,
  "gsr_y": 0.011443684808909893,
  "provenance": {
    "md5sum": "9935877d1b48758f625bfcadea194c5f",
    "settings": {
      "fd_thres": 0.5,
      "hmc_fsl": false
    },
    "software": "mriqc",
    "version": "0.10.4"
  },
  "size_t": 168,
  "size_x": 64,
  "size_y": 64,
  "size_z": 30,
  "snr": 5.013908758905035,
  "spacing_tr": 2.0,
  "spacing_x": 3.4375,
  "spacing_y": 3.4375,
  "spacing_z": 4.0,
  "summary_bg_k": 189.7215718534539,
  "summary_bg_mad": 10.338504791259766,
  "summary_bg_mean": 42.64992141723633,
  "summary_bg_median": 25.068452835083008,
  "summary_bg_n": 68530.0,
  "summary_bg_p05": 0.4345238208770752,
  "summary_bg_p95": 111.70565795898435,
  "summary_bg_stdv": 79.64915466308594,
  "summary_fg_k": 2.603658526752759,
  "summary_fg_mad": 428.33087158203125,
  "summary_fg_mean": 2764.344970703125,
  "summary_fg_median": 2832.892822265625,
  "summary_fg_n": 26705.0,
  "summary_fg_p05": 1655.7095703125,
  "summary_fg_p95": 3529.273974609375,
  "summary_fg_stdv": 564.9962768554688,
  "tsnr": 46.64916229248047
}