{
  "bids_meta": {
    "AcquisitionMatrixPE": 256,
    "ConversionSoftware": "dcm2niix",
    "ConversionSoftwareVersion": "v1.0.20171017 (OpenJPEG build) GCC4.8.4",
    "DeviceSerialNumber": "0000000517353VH3",
    "EchoTime": 0.003828,
    "FlipAngle": 8,
    "ImageOrientationPatientDICOM": [
      0,
      1,
      0,
      0,
      0,
      -1
    ],
    "ImageType": [
      "ORIGINAL",
      "PRIMARY",
      "OTHER"
    ],
    "InPlanePhaseEncodingDirectionDICOM": "ROW",
    "InstitutionName": "Michigan_State_University",
    "InversionTime": 0.04,
    "MRAcquisitionType": "3D",
    "MagneticFieldStrength": 3,
    "Manufacturer": "GE",
    "ManufacturersModelName": "Signa_HDxt",
    "Modality": "MR",
    "PatientPosition": "HFS",
    "PercentPhaseFOV": 100,
    "PixelBandwidth": 162.734,
    "ProtocolName": "mprage_1mm_iso_20.83_bw",
    "ReconMatrixPE": 256,
    "RepetitionTime": 0.008596,
    "SAR": 0.306132,
    "ScanOptions": "NONE",
    "ScanningSequence": "RM",
    "SequenceVariant": "NONE",
    "SeriesDescription": "mprage_1mm_iso_20.83_bw",
    "SliceThickness": 1,
    "SoftwareVersions": "24_LX_MR_Software_release:HD16.0_V02_1131.a",
    "SpacingBetweenSlices": 1,
    "StationName": "MR03MR03",
    "modality": "T1w",
    "session_id": "ControlPre",
    "subject_id": "022"
  },
  "cjv": 0.29038598554782885,
  "cnr": 4.351738420509524,
  "efc": 0.5996037632297861,
  "fber": 81.29347229003906,
  "fwhm_avg": 3.85759,
  "fwhm_x": 3.79442,
  "fwhm_y": 4.05932,
  "fwhm_z": 3.71903,
  "icvs_csf": 0.21228864452202484,
  "icvs_gm": 0.4562967098385878,
  "icvs_wm": 0.3314146456393874,
  "inu_med": 1.209787368774414,
  "inu_range": 0.3207189321517945,
  "provenance": {
    "md5sum": "6f2954813d8d2bc3684bd5c32ed7fe48",
    "settings": {
      "testing": false
    },
    "software": "mriqc",
    "version": "0.10.4",
    "warnings": {
      "large_rot_frame": true,
      "small_air_mask": false
    }
  },
  "qi_1": 0.0,
  "qi_2": 0.0006915750988185449,
  "rpve_csf": 26.812571721757376,
  "rpve_gm": 13.613594262155997,
  "rpve_wm": 21.542453670951204,
  "size_x": 180,
  "size_y": 256,
  "size_z": 256,
  "snr_csf": 2.8307251120944175,
  "snr_gm": 10.572644794521809,
  "snr_total": 11.081608775099753,
  "snr_wm": 19.84145641868303,
  "snrd_csf": 14.509922666705357,
  "snrd_gm": 31.91937121200417,
  "snrd_total": 31.867582995180797,
  "snrd_wm": 49.17345510683287,
  "spacing_x": 1.0,
  "spacing_y": 1.0,
  "spacing_z": 1.0,
  "summary_bg_k": 0.8674862205646927,
  "summary_bg_mad": 13.323065757751465,
  "summary_bg_mean": 53.508426666259766,
  "summary_bg_median": 52.53120803833008,
  "summary_bg_n": 3084008.0,
  "summary_bg_p05": 33.13413581848145,
  "summary_bg_p95": 77.5336009979248,
  "summary_bg_stdv": 13.849737167358398,
  "summary_csf_k": 0.5659689806473174,
  "summary_csf_mad": 102.39579010009766,
  "summary_csf_mean": 309.6902770996094,
  "summary_csf_median": 295.0784912109375,
  "summary_csf_n": 18471.0,
  "summary_csf_p05": 161.04680633544922,
  "summary_csf_p95": 495.1830291748047,
  "summary_csf_stdv": 104.23848724365234,
  "summary_gm_k": 0.16599631645930435,
  "summary_gm_mad": 59.391685485839844,
  "summary_gm_mean": 650.6831665039062,
  "summary_gm_median": 649.1226806640625,
  "summary_gm_n": 29849.0,
  "summary_gm_p05": 551.6877563476563,
  "summary_gm_p95": 754.8654663085936,
  "summary_gm_stdv": 61.39540481567383,
  "summary_wm_k": 1.1227244812438677,
  "summary_wm_mad": 42.50029754638672,
  "summary_wm_mean": 993.639404296875,
  "summary_wm_median": 1000.00732421875,
  "summary_wm_n": 156806.0,
  "summary_wm_p05": 895.7222595214844,
  "summary_wm_p95": 1064.2211303710938,
  "summary_wm_stdv": 50.39973449707031,
  "tpm_overlap_csf": 0.2201777994632721,
  "tpm_overlap_gm": 0.5344631671905518,
  "tpm_overlap_wm": 0.546205461025238,
  "wm2max": 0.5950146479178489
}