{
  "aor": 0.003339345238095238,
  "aqi": 0.005219908511904761,
  "bids_meta": {
    "AcquisitionMatrixPE": 64,
    "ConversionSoftware": "dcm2niix",
    "ConversionSoftwareVersion": "v1.0.20171017 (OpenJPEG build) GCC4.8.4",
    "DeviceSerialNumber": "0000000517353VH3",
    "EchoTime": 0.0279,
    "EffectiveEchoSpacing": 0.000608,
    "FlipAngle": 76,
    "ImageOrientationPatientDICOM": [
      1,
      0,
      0,
      0,
      1,
      0
    ],
    "ImageType": [
      "ORIGINAL",
      "PRIMARY",
      "EPI",
      "NONE"
    ],
    "InPlanePhaseEncodingDirectionDICOM": "COL",
    "InstitutionName": "Michigan_State_University",
    "MRAcquisitionType": "2D",
    "MagneticFieldStrength": 3,
    "Manufacturer": "GE",
    "ManufacturersModelName": "Signa_HDxt",
    "Modality": "MR",
    "PatientPosition": "HFS",
    "PercentPhaseFOV": 100,
    "PixelBandwidth": 7812.5,
    "ProtocolName": "fMRI",
    "ReconMatrixPE": 64,
    "RepetitionTime": 2,
    "SAR": 0.225736,
    "ScanOptions": "EPI_GEMS",
    "ScanningSequence": "EP_GR",
    "SequenceVariant": "SS",
    "SeriesDescription": "fMRI",
    "SliceThickness": 4,
    "SoftwareVersions": "24_LX_MR_Software_release:HD16.0_V02_1131.a",
    "SpacingBetweenSlices": 4,
    "StationName": "MR03MR03",
    "TaskName": "rest",
    "TotalReadoutTime": 0.038304,
    "modality": "bold",
    "session_id": "ExercisePre",
    "subject_id": "043",
    "task_id": "rest"
  },
  "dummy_trs": 0,
  "dvars_nstd": 13.787351905269457,
  "dvars_std": 1.1905826101796402,
  "dvars_vstd": 0.9636456897604788,
  "efc": 0.47785319251729463,
  "fber": 12140.9873046875,
  "fd_mean": 0.09553323018894201,
  "fd_num": 0,
  "fd_perc": 0.0,
  "fwhm_avg": 2.9562523636363633,
  "fwhm_x": 2.8980916363636364,
  "fwhm_y": 3.3044654545454546,
  "fwhm_z": 2.6662,
  "gcor": 0.0503993,
  "gsr_x": -0.0094666238874197,
  "gsr_y": 0.01264900341629982,
  "provenance": {
    "md5sum": "f58dd9f9059efb6b083a1df05ab38669",
    "settings": {
      "fd_thres": 0.5,
      "hmc_fsl": false
    },
    "software": "mriqc",
    "version": "0.10.4"
  },
  "size_t": 168,
  "size_x": 64,
  "size_y": 64,
  "size_z": 30,
  "snr": 5.201835431099857,
  "spacing_tr": 2.0,
  "spacing_x": 3.4375,
  "spacing_y": 3.4375,
  "spacing_z": 4.0,
  "summary_bg_k": 62.74036987635408,
  "summary_bg_mad": 11.61371898651123,
  "summary_bg_mean": 53.255741119384766,
  "summary_bg_median": 24.625,
  "summary_bg_n": 68740.0,
  "summary_bg_p05": 0.1607142835855484,
  "summary_bg_p95": 195.57767562866206,
  "summary_bg_stdv": 102.03351593017578,
  "summary_fg_k": 2.9559671561582226,
  "summary_fg_mad": 394.8311767578125,
  "summary_fg_mean": 2672.77587890625,
  "summary_fg_median": 2761.41064453125,
  "summary_fg_n": 26395.0,
  "summary_fg_p05": 1643.4191040039063,
  "summary_fg_p95": 3359.878002929687,
  "summary_fg_stdv": 530.8430786132812,
  "tsnr": 77.95945739746094
}