{
  "aor": 0.04449994047619048,
  "aqi": 0.04077061107142858,
  "bids_meta": {
    "AcquisitionMatrixPE": 64,
    "ConversionSoftware": "dcm2niix",
    "ConversionSoftwareVersion": "v1.0.20171017 (OpenJPEG build) GCC4.8.4",
    "DeviceSerialNumber": "0000000517353VH3",
    "EchoTime": 0.0279,
    "EffectiveEchoSpacing": 0.000608,
    "FlipAngle": 76,
    "ImageOrientationPatientDICOM": [
      1,
      0,
      0,
      0,
      1,
      0
    ],
    "ImageType": [
      "ORIGINAL",
      "PRIMARY",
      "EPI",
      "NONE"
    ],
    "InPlanePhaseEncodingDirectionDICOM": "COL",
    "InstitutionName": "Michigan_State_University",
    "MRAcquisitionType": "2D",
    "MagneticFieldStrength": 3,
    "Manufacturer": "GE",
    "ManufacturersModelName": "Signa_HDxt",
    "Modality": "MR",
    "PatientPosition": "HFS",
    "PercentPhaseFOV": 100,
    "PixelBandwidth": 7812.5,
    "ProtocolName": "fMRI",
    "ReconMatrixPE": 64,
    "RepetitionTime": 2,
    "SAR": 0.225736,
    "ScanOptions": "EPI_GEMS",
    "ScanningSequence": "EP_GR",
    "SequenceVariant": "SS",
    "SeriesDescription": "fMRI",
    "SliceThickness": 4,
    "SoftwareVersions": "24_LX_MR_Software_release:HD16.0_V02_1131.a",
    "SpacingBetweenSlices": 4,
    "StationName": "MR03MR03",
    "TaskName": "rest",
    "TotalReadoutTime": 0.038304,
    "modality": "bold",
    "session_id": "ControlPost",
    "subject_id": "008",
    "task_id": "rest"
  },
  "dummy_trs": 0,
  "dvars_nstd": 53.33814041898202,
  "dvars_std": 1.1910953827544903,
  "dvars_vstd": 1.1750585876047903,
  "efc": 0.4836528482483759,
  "fber": 11197.5517578125,
  "fd_mean": 1.621395654730195,
  "fd_num": 98,
  "fd_perc": 58.333333333333336,
  "fwhm_avg": 2.9487223939393936,
  "fwhm_x": 2.8551185454545456,
  "fwhm_y": 3.2389236363636367,
  "fwhm_z": 2.752125,
  "gcor": 0.124461,
  "gsr_x": -0.008212333545088768,
  "gsr_y": 0.01184042077511549,
  "provenance": {
    "md5sum": "d72a1b6f85c2648b013c0191a9223c25",
    "settings": {
      "fd_thres": 0.5,
      "hmc_fsl": false
    },
    "software": "mriqc",
    "version": "0.10.4"
  },
  "size_t": 168,
  "size_x": 64,
  "size_y": 64,
  "size_z": 30,
  "snr": 5.306065393043632,
  "spacing_tr": 2.0,
  "spacing_x": 3.4375,
  "spacing_y": 3.4375,
  "spacing_z": 4.0,
  "summary_bg_k": 60.67605172448636,
  "summary_bg_mad": 16.149776458740234,
  "summary_bg_mean": 69.09919738769531,
  "summary_bg_median": 34.494049072265625,
  "summary_bg_n": 68166.0,
  "summary_bg_p05": 3.8809523582458496,
  "summary_bg_p95": 250.51637649536133,
  "summary_bg_stdv": 122.89373779296875,
  "summary_fg_k": 2.534324216170009,
  "summary_fg_mad": 580.5406494140625,
  "summary_fg_mean": 3653.479248046875,
  "summary_fg_median": 3703.919921875,
  "summary_fg_n": 27366.0,
  "summary_fg_p05": 2417.6473999023438,
  "summary_fg_p95": 4645.0865478515625,
  "summary_fg_stdv": 698.0411987304688,
  "tsnr": 20.705137252807617
}