{
  "bids_meta": {
    "AcquisitionMatrixPE": 256,
    "ConversionSoftware": "dcm2niix",
    "ConversionSoftwareVersion": "v1.0.20171017 (OpenJPEG build) GCC4.8.4",
    "DeviceSerialNumber": "0000000517353VH3",
    "EchoTime": 0.003828,
    "FlipAngle": 8,
    "ImageOrientationPatientDICOM": [
      0,
      1,
      0,
      0,
      0,
      -1
    ],
    "ImageType": [
      "ORIGINAL",
      "PRIMARY",
      "OTHER"
    ],
    "InPlanePhaseEncodingDirectionDICOM": "ROW",
    "InstitutionName": "Michigan_State_University",
    "InversionTime": 0.04,
    "MRAcquisitionType": "3D",
    "MagneticFieldStrength": 3,
    "Manufacturer": "GE",
    "ManufacturersModelName": "Signa_HDxt",
    "Modality": "MR",
    "PatientPosition": "HFS",
    "PercentPhaseFOV": 100,
    "PixelBandwidth": 162.734,
    "ProtocolName": "mprage_1mm_iso_20.83_bw",
    "ReconMatrixPE": 256,
    "RepetitionTime": 0.008596,
    "SAR": 0.306132,
    "ScanOptions": "NONE",
    "ScanningSequence": "RM",
    "SequenceVariant": "NONE",
    "SeriesDescription": "mprage_1mm_iso_20.83_bw",
    "SliceThickness": 1,
    "SoftwareVersions": "24_LX_MR_Software_release:HD16.0_V02_1131.a",
    "SpacingBetweenSlices": 1,
    "StationName": "MR03MR03",
    "modality": "T1w",
    "session_id": "ControlPre",
    "subject_id": "026"
  },
  "cjv": 0.31384949814484303,
  "cnr": 4.067141731539611,
  "efc": 0.6010552645323743,
  "fber": 77.04547119140625,
  "fwhm_avg": 4.040073333333333,
  "fwhm_x": 3.83643,
  "fwhm_y": 4.35572,
  "fwhm_z": 3.92807,
  "icvs_csf": 0.20059744386245137,
  "icvs_gm": 0.47164191663734756,
  "icvs_wm": 0.327760639500201,
  "inu_med": 1.0773733854293823,
  "inu_range": 0.39184755086898804,
  "provenance": {
    "md5sum": "13f6f2a759e6b2738ad1e90f07039532",
    "settings": {
      "testing": false
    },
    "software": "mriqc",
    "version": "0.10.4",
    "warnings": {
      "large_rot_frame": true,
      "small_air_mask": false
    }
  },
  "qi_1": 0.0,
  "qi_2": 0.0009554595224148439,
  "rpve_csf": 25.61570463273966,
  "rpve_gm": 12.228073813415971,
  "rpve_wm": 19.586223906253135,
  "size_x": 180,
  "size_y": 256,
  "size_z": 256,
  "snr_csf": 2.3273497719980236,
  "snr_gm": 10.455794361685287,
  "snr_total": 9.642612120064895,
  "snr_wm": 16.14469222651137,
  "snrd_csf": 9.991994313366284,
  "snrd_gm": 24.026204230648016,
  "snrd_total": 23.91681904756852,
  "snrd_wm": 37.73225859869125,
  "spacing_x": 1.0,
  "spacing_y": 1.0,
  "spacing_z": 1.0,
  "summary_bg_k": 2.7428098222964445,
  "summary_bg_mad": 17.36309242248535,
  "summary_bg_mean": 59.54886245727539,
  "summary_bg_median": 56.184913635253906,
  "summary_bg_n": 2427845.0,
  "summary_bg_p05": 33.019968414306646,
  "summary_bg_p95": 98.80761413574218,
  "summary_bg_stdv": 20.77155113220215,
  "summary_csf_k": 0.766461362473875,
  "summary_csf_mad": 108.86875915527344,
  "summary_csf_mean": 283.8791198730469,
  "summary_csf_median": 264.8180236816406,
  "summary_csf_n": 14669.0,
  "summary_csf_p05": 132.24632568359374,
  "summary_csf_p95": 492.16879272460926,
  "summary_csf_stdv": 113.7813491821289,
  "summary_gm_k": 0.2647236621407165,
  "summary_gm_mad": 58.73517608642578,
  "summary_gm_mean": 639.0759887695312,
  "summary_gm_median": 636.7669677734375,
  "summary_gm_n": 41896.0,
  "summary_gm_p05": 542.7949371337891,
  "summary_gm_p95": 743.7073364257812,
  "summary_gm_stdv": 60.900142669677734,
  "summary_wm_k": 1.0672121040714755,
  "summary_wm_mad": 55.2712287902832,
  "summary_wm_mean": 999.5441284179688,
  "summary_wm_median": 1000.018798828125,
  "summary_wm_n": 168142.0,
  "summary_wm_p05": 895.3495880126953,
  "summary_wm_p95": 1098.7324523925781,
  "summary_wm_stdv": 61.94084167480469,
  "tpm_overlap_csf": 0.21951258182525635,
  "tpm_overlap_gm": 0.5379757285118103,
  "tpm_overlap_wm": 0.5481094121932983,
  "wm2max": 0.6542730224278118
}