{
  "aor": 0.03636904761904761,
  "aqi": 0.040749361607142855,
  "bids_meta": {
    "AcquisitionMatrixPE": 64,
    "ConversionSoftware": "dcm2niix",
    "ConversionSoftwareVersion": "v1.0.20171017 (OpenJPEG build) GCC4.8.4",
    "DeviceSerialNumber": "0000000517353VH3",
    "EchoTime": 0.0279,
    "EffectiveEchoSpacing": 0.000608,
    "FlipAngle": 76,
    "ImageOrientationPatientDICOM": [
      1,
      0,
      0,
      0,
      1,
      0
    ],
    "ImageType": [
      "ORIGINAL",
      "PRIMARY",
      "EPI",
      "NONE"
    ],
    "InPlanePhaseEncodingDirectionDICOM": "COL",
    "InstitutionName": "Michigan_State_University",
    "MRAcquisitionType": "2D",
    "MagneticFieldStrength": 3,
    "Manufacturer": "GE",
    "ManufacturersModelName": "Signa_HDxt",
    "Modality": "MR",
    "PatientPosition": "HFS",
    "PercentPhaseFOV": 100,
    "PixelBandwidth": 7812.5,
    "ProtocolName": "fMRI",
    "ReconMatrixPE": 64,
    "RepetitionTime": 2,
    "SAR": 0.225736,
    "ScanOptions": "EPI_GEMS",
    "ScanningSequence": "EP_GR",
    "SequenceVariant": "SS",
    "SeriesDescription": "fMRI",
    "SliceThickness": 4,
    "SoftwareVersions": "24_LX_MR_Software_release:HD16.0_V02_1131.a",
    "SpacingBetweenSlices": 4,
    "StationName": "MR03MR03",
    "TaskName": "rest",
    "TotalReadoutTime": 0.038304,
    "modality": "bold",
    "session_id": "ControlPost",
    "subject_id": "014",
    "task_id": "rest"
  },
  "dummy_trs": 0,
  "dvars_nstd": 45.45446823053892,
  "dvars_std": 1.0349026076646701,
  "dvars_vstd": 1.0992060588023957,
  "efc": 0.441661372413275,
  "fber": 12700.529296875,
  "fd_mean": 1.3754055636509923,
  "fd_num": 60,
  "fd_perc": 35.714285714285715,
  "fwhm_avg": 3.0359700000000003,
  "fwhm_x": 2.9538036363636366,
  "fwhm_y": 3.4231563636363633,
  "fwhm_z": 2.73095,
  "gcor": 0.112108,
  "gsr_x": -0.005965880583971739,
  "gsr_y": 0.007209132891148329,
  "provenance": {
    "md5sum": "706867168b0d582e163d81d268830eeb",
    "settings": {
      "fd_thres": 0.5,
      "hmc_fsl": false
    },
    "software": "mriqc",
    "version": "0.10.4"
  },
  "size_t": 168,
  "size_x": 64,
  "size_y": 64,
  "size_z": 30,
  "snr": 5.087269531051291,
  "spacing_tr": 2.0,
  "spacing_x": 3.4375,
  "spacing_y": 3.4375,
  "spacing_z": 4.0,
  "summary_bg_k": 87.87343553778958,
  "summary_bg_mad": 16.882251739501953,
  "summary_bg_mean": 61.309547424316406,
  "summary_bg_median": 33.238094329833984,
  "summary_bg_n": 73357.0,
  "summary_bg_p05": 3.814285707473756,
  "summary_bg_p95": 189.19523925781243,
  "summary_bg_stdv": 106.092529296875,
  "summary_fg_k": 3.10489227353012,
  "summary_fg_mad": 562.665283203125,
  "summary_fg_mean": 3665.92626953125,
  "summary_fg_median": 3799.976318359375,
  "summary_fg_n": 22771.0,
  "summary_fg_p05": 2141.1578369140625,
  "summary_fg_p95": 4562.95849609375,
  "summary_fg_stdv": 746.9415283203125,
  "tsnr": 21.542142868041992
}