{
  "aor": 0.0011958333333333335,
  "aqi": 0.002605540416666667,
  "bids_meta": {
    "AcquisitionMatrixPE": 64,
    "ConversionSoftware": "dcm2niix",
    "ConversionSoftwareVersion": "v1.0.20171017 (OpenJPEG build) GCC4.8.4",
    "DeviceSerialNumber": "0000000517353VH3",
    "EchoTime": 0.0279,
    "EffectiveEchoSpacing": 0.000608,
    "FlipAngle": 76,
    "ImageOrientationPatientDICOM": [
      1,
      0,
      0,
      0,
      1,
      0
    ],
    "ImageType": [
      "ORIGINAL",
      "PRIMARY",
      "EPI",
      "NONE"
    ],
    "InPlanePhaseEncodingDirectionDICOM": "COL",
    "InstitutionName": "Michigan_State_University",
    "MRAcquisitionType": "2D",
    "MagneticFieldStrength": 3,
    "Manufacturer": "GE",
    "ManufacturersModelName": "Signa_HDxt",
    "Modality": "MR",
    "PatientPosition": "HFS",
    "PercentPhaseFOV": 100,
    "PixelBandwidth": 7812.5,
    "ProtocolName": "fMRI",
    "ReconMatrixPE": 64,
    "RepetitionTime": 2,
    "SAR": 0.225736,
    "ScanOptions": "EPI_GEMS",
    "ScanningSequence": "EP_GR",
    "SequenceVariant": "SS",
    "SeriesDescription": "fMRI",
    "SliceThickness": 4,
    "SoftwareVersions": "24_LX_MR_Software_release:HD16.0_V02_1131.a",
    "SpacingBetweenSlices": 4,
    "StationName": "MR03MR03",
    "TaskName": "flanker",
    "TotalReadoutTime": 0.038304,
    "modality": "bold",
    "run_id": "02",
    "session_id": "ControlPre",
    "subject_id": "043",
    "task_id": "flanker"
  },
  "dummy_trs": 0,
  "dvars_nstd": 14.48827644718563,
  "dvars_std": 1.324832206586826,
  "dvars_vstd": 0.9894017246706595,
  "efc": 0.47772919053257434,
  "fber": 11583.572265625,
  "fd_mean": 0.09652137881461481,
  "fd_num": 0,
  "fd_perc": 0.0,
  "fwhm_avg": 2.9158258484848485,
  "fwhm_x": 2.8841425454545453,
  "fwhm_y": 3.24736,
  "fwhm_z": 2.615975,
  "gcor": 0.0690723,
  "gsr_x": -0.007412507198750973,
  "gsr_y": 0.01030800212174654,
  "provenance": {
    "md5sum": "54b79bb1b49904b64f8045fbf0ae9d1a",
    "settings": {
      "fd_thres": 0.5,
      "hmc_fsl": false
    },
    "software": "mriqc",
    "version": "0.10.4"
  },
  "size_t": 168,
  "size_x": 64,
  "size_y": 64,
  "size_z": 30,
  "snr": 5.248548555640725,
  "spacing_tr": 2.0,
  "spacing_x": 3.4375,
  "spacing_y": 3.4375,
  "spacing_z": 4.0,
  "summary_bg_k": 67.58722892569396,
  "summary_bg_mad": 13.016895294189453,
  "summary_bg_mean": 56.557743072509766,
  "summary_bg_median": 28.577381134033203,
  "summary_bg_n": 68430.0,
  "summary_bg_p05": 0.1547619104385376,
  "summary_bg_p95": 206.0,
  "summary_bg_stdv": 100.32035827636719,
  "summary_fg_k": 3.1647301340459073,
  "summary_fg_mad": 437.8266296386719,
  "summary_fg_mean": 3026.30126953125,
  "summary_fg_median": 3127.306640625,
  "summary_fg_n": 26476.0,
  "summary_fg_p05": 1857.6875915527344,
  "summary_fg_p95": 3783.1771240234375,
  "summary_fg_stdv": 595.8309326171875,
  "tsnr": 106.33849334716797
}