{
  "aor": 0.03435571428571428,
  "aqi": 0.019777975416666666,
  "bids_meta": {
    "AcquisitionMatrixPE": 64,
    "ConversionSoftware": "dcm2niix",
    "ConversionSoftwareVersion": "v1.0.20171017 (OpenJPEG build) GCC4.8.4",
    "DeviceSerialNumber": "0000000517353VH3",
    "EchoTime": 0.0279,
    "EffectiveEchoSpacing": 0.000608,
    "FlipAngle": 76,
    "ImageOrientationPatientDICOM": [
      1,
      0,
      0,
      0,
      1,
      0
    ],
    "ImageType": [
      "ORIGINAL",
      "PRIMARY",
      "EPI",
      "NONE"
    ],
    "InPlanePhaseEncodingDirectionDICOM": "COL",
    "InstitutionName": "Michigan_State_University",
    "MRAcquisitionType": "2D",
    "MagneticFieldStrength": 3,
    "Manufacturer": "GE",
    "ManufacturersModelName": "Signa_HDxt",
    "Modality": "MR",
    "PatientPosition": "HFS",
    "PercentPhaseFOV": 100,
    "PixelBandwidth": 7812.5,
    "ProtocolName": "fMRI",
    "ReconMatrixPE": 64,
    "RepetitionTime": 2,
    "SAR": 0.225736,
    "ScanOptions": "EPI_GEMS",
    "ScanningSequence": "EP_GR",
    "SequenceVariant": "SS",
    "SeriesDescription": "fMRI",
    "SliceThickness": 4,
    "SoftwareVersions": "24_LX_MR_Software_release:HD16.0_V02_1131.a",
    "SpacingBetweenSlices": 4,
    "StationName": "MR03MR03",
    "TaskName": "flanker",
    "TotalReadoutTime": 0.038304,
    "modality": "bold",
    "run_id": "02",
    "session_id": "ControlPost",
    "subject_id": "012",
    "task_id": "flanker"
  },
  "dummy_trs": 0,
  "dvars_nstd": 36.113482138502995,
  "dvars_std": 1.1251413624550894,
  "dvars_vstd": 1.1523319958682634,
  "efc": 0.49068022168870823,
  "fber": 11212.740234375,
  "fd_mean": 0.707080748812301,
  "fd_num": 63,
  "fd_perc": 37.5,
  "fwhm_avg": 2.920850878787879,
  "fwhm_x": 2.8862603636363633,
  "fwhm_y": 3.204567272727273,
  "fwhm_z": 2.671725,
  "gcor": 0.125741,
  "gsr_x": -0.010106229223310947,
  "gsr_y": 0.01367045845836401,
  "provenance": {
    "md5sum": "78a3cc0dd8fa68ac07b6e34ec8d305f4",
    "settings": {
      "fd_thres": 0.5,
      "hmc_fsl": false
    },
    "software": "mriqc",
    "version": "0.10.4"
  },
  "size_t": 168,
  "size_x": 64,
  "size_y": 64,
  "size_z": 30,
  "snr": 4.975418350076671,
  "spacing_tr": 2.0,
  "spacing_x": 3.4375,
  "spacing_y": 3.4375,
  "spacing_z": 4.0,
  "summary_bg_k": 41.50808177092514,
  "summary_bg_mad": 19.062028884887695,
  "summary_bg_mean": 85.69659423828125,
  "summary_bg_median": 39.82143020629883,
  "summary_bg_n": 66553.0,
  "summary_bg_p05": 1.2321429252624512,
  "summary_bg_p95": 353.6702331542948,
  "summary_bg_stdv": 150.64378356933594,
  "summary_fg_k": 2.50759173413922,
  "summary_fg_mad": 672.1045532226562,
  "summary_fg_mean": 4177.18701171875,
  "summary_fg_median": 4289.38720703125,
  "summary_fg_n": 28059.0,
  "summary_fg_p05": 2535.720263671875,
  "summary_fg_p95": 5341.064501953124,
  "summary_fg_stdv": 862.1005249023438,
  "tsnr": 29.879070281982422
}