{
  "aor": 0.03390184523809524,
  "aqi": 0.012404948511904762,
  "bids_meta": {
    "AcquisitionMatrixPE": 64,
    "ConversionSoftware": "dcm2niix",
    "ConversionSoftwareVersion": "v1.0.20171017 (OpenJPEG build) GCC4.8.4",
    "DeviceSerialNumber": "0000000517353VH3",
    "EchoTime": 0.0279,
    "EffectiveEchoSpacing": 0.000608,
    "FlipAngle": 76,
    "ImageOrientationPatientDICOM": [
      1,
      0,
      0,
      0,
      1,
      0
    ],
    "ImageType": [
      "ORIGINAL",
      "PRIMARY",
      "EPI",
      "NONE"
    ],
    "InPlanePhaseEncodingDirectionDICOM": "COL",
    "InstitutionName": "Michigan_State_University",
    "MRAcquisitionType": "2D",
    "MagneticFieldStrength": 3,
    "Manufacturer": "GE",
    "ManufacturersModelName": "Signa_HDxt",
    "Modality": "MR",
    "PatientPosition": "HFS",
    "PercentPhaseFOV": 100,
    "PixelBandwidth": 7812.5,
    "ProtocolName": "fMRI",
    "ReconMatrixPE": 64,
    "RepetitionTime": 2,
    "SAR": 0.225736,
    "ScanOptions": "EPI_GEMS",
    "ScanningSequence": "EP_GR",
    "SequenceVariant": "SS",
    "SeriesDescription": "fMRI",
    "SliceThickness": 4,
    "SoftwareVersions": "24_LX_MR_Software_release:HD16.0_V02_1131.a",
    "SpacingBetweenSlices": 4,
    "StationName": "MR03MR03",
    "TaskName": "rest",
    "TotalReadoutTime": 0.038304,
    "modality": "bold",
    "session_id": "ControlPost",
    "subject_id": "025",
    "task_id": "rest"
  },
  "dummy_trs": 0,
  "dvars_nstd": 32.81093360976048,
  "dvars_std": 1.2938881445508976,
  "dvars_vstd": 1.2222694820958082,
  "efc": 0.5071442858282089,
  "fber": 11499.966796875,
  "fd_mean": 0.5573870206023164,
  "fd_num": 47,
  "fd_perc": 27.976190476190474,
  "fwhm_avg": 2.8708721515151514,
  "fwhm_x": 2.7872232727272728,
  "fwhm_y": 3.1898181818181817,
  "fwhm_z": 2.635575,
  "gcor": 0.147898,
  "gsr_x": -0.00954674743115902,
  "gsr_y": 0.014093196950852871,
  "provenance": {
    "md5sum": "fd1592e3e8d6d6699dd3b7a60cf0002e",
    "settings": {
      "fd_thres": 0.5,
      "hmc_fsl": false
    },
    "software": "mriqc",
    "version": "0.10.4"
  },
  "size_t": 168,
  "size_x": 64,
  "size_y": 64,
  "size_z": 30,
  "snr": 5.225651049481866,
  "spacing_tr": 2.0,
  "spacing_x": 3.4375,
  "spacing_y": 3.4375,
  "spacing_z": 4.0,
  "summary_bg_k": 77.19134573794102,
  "summary_bg_mad": 14.658346176147461,
  "summary_bg_mean": 60.46055603027344,
  "summary_bg_median": 33.6726188659668,
  "summary_bg_n": 63506.0,
  "summary_bg_p05": 0.6607142686843872,
  "summary_bg_p95": 186.10268020629883,
  "summary_bg_stdv": 98.97398376464844,
  "summary_fg_k": 2.23976532274441,
  "summary_fg_mad": 592.7717895507812,
  "summary_fg_mean": 3644.056884765625,
  "summary_fg_median": 3695.074462890625,
  "summary_fg_n": 30736.0,
  "summary_fg_p05": 2375.3021850585938,
  "summary_fg_p95": 4664.6727294921875,
  "summary_fg_stdv": 707.0916748046875,
  "tsnr": 37.51288986206055
}