{
  "aor": 0.02139238095238095,
  "aqi": 0.011089490833333335,
  "bids_meta": {
    "AcquisitionMatrixPE": 64,
    "ConversionSoftware": "dcm2niix",
    "ConversionSoftwareVersion": "v1.0.20171017 (OpenJPEG build) GCC4.8.4",
    "DeviceSerialNumber": "0000000517353VH3",
    "EchoTime": 0.0279,
    "EffectiveEchoSpacing": 0.000608,
    "FlipAngle": 76,
    "ImageOrientationPatientDICOM": [
      1,
      0,
      0,
      0,
      1,
      0
    ],
    "ImageType": [
      "ORIGINAL",
      "PRIMARY",
      "EPI",
      "NONE"
    ],
    "InPlanePhaseEncodingDirectionDICOM": "COL",
    "InstitutionName": "Michigan_State_University",
    "MRAcquisitionType": "2D",
    "MagneticFieldStrength": 3,
    "Manufacturer": "GE",
    "ManufacturersModelName": "Signa_HDxt",
    "Modality": "MR",
    "PatientPosition": "HFS",
    "PercentPhaseFOV": 100,
    "PixelBandwidth": 7812.5,
    "ProtocolName": "fMRI",
    "ReconMatrixPE": 64,
    "RepetitionTime": 2,
    "SAR": 0.225736,
    "ScanOptions": "EPI_GEMS",
    "ScanningSequence": "EP_GR",
    "SequenceVariant": "SS",
    "SeriesDescription": "fMRI",
    "SliceThickness": 4,
    "SoftwareVersions": "24_LX_MR_Software_release:HD16.0_V02_1131.a",
    "SpacingBetweenSlices": 4,
    "StationName": "MR03MR03",
    "TaskName": "flanker",
    "TotalReadoutTime": 0.038304,
    "modality": "bold",
    "run_id": "02",
    "session_id": "ExercisePost",
    "subject_id": "026",
    "task_id": "flanker"
  },
  "dummy_trs": 0,
  "dvars_nstd": 27.769416009640736,
  "dvars_std": 1.1251672646706592,
  "dvars_vstd": 1.1036400205988024,
  "efc": 0.4911534974161562,
  "fber": 3443.024658203125,
  "fd_mean": 0.4591759166322844,
  "fd_num": 47,
  "fd_perc": 27.976190476190474,
  "fwhm_avg": 2.935786909090909,
  "fwhm_x": 2.785757090909091,
  "fwhm_y": 3.337803636363636,
  "fwhm_z": 2.6838,
  "gcor": 0.100659,
  "gsr_x": -0.0075969635508954525,
  "gsr_y": 0.010928312316536903,
  "provenance": {
    "md5sum": "dbc77469ea840256daed2c84b06b654c",
    "settings": {
      "fd_thres": 0.5,
      "hmc_fsl": false
    },
    "software": "mriqc",
    "version": "0.10.4"
  },
  "size_t": 168,
  "size_x": 64,
  "size_y": 64,
  "size_z": 30,
  "snr": 5.080692140678663,
  "spacing_tr": 2.0,
  "spacing_x": 3.4375,
  "spacing_y": 3.4375,
  "spacing_z": 4.0,
  "summary_bg_k": 58.50954896876803,
  "summary_bg_mad": 12.002017974853516,
  "summary_bg_mean": 65.12457275390625,
  "summary_bg_median": 46.05357360839844,
  "summary_bg_n": 67767.0,
  "summary_bg_p05": 0.898809552192688,
  "summary_bg_p95": 187.32917327880844,
  "summary_bg_stdv": 88.45623779296875,
  "summary_fg_k": 2.183593615647295,
  "summary_fg_mad": 444.91314697265625,
  "summary_fg_mean": 2724.4814453125,
  "summary_fg_median": 2793.419677734375,
  "summary_fg_n": 27296.0,
  "summary_fg_p05": 1717.1473083496094,
  "summary_fg_p95": 3478.0595703125,
  "summary_fg_stdv": 549.80078125,
  "tsnr": 40.90667724609375
}