{
  "bids_meta": {
    "AcquisitionMatrixPE": 256,
    "ConversionSoftware": "dcm2niix",
    "ConversionSoftwareVersion": "v1.0.20171017 (OpenJPEG build) GCC4.8.4",
    "DeviceSerialNumber": "0000000517353VH3",
    "EchoTime": 0.003828,
    "FlipAngle": 8,
    "ImageOrientationPatientDICOM": [
      0,
      1,
      0,
      0,
      0,
      -1
    ],
    "ImageType": [
      "ORIGINAL",
      "PRIMARY",
      "OTHER"
    ],
    "InPlanePhaseEncodingDirectionDICOM": "ROW",
    "InstitutionName": "Michigan_State_University",
    "InversionTime": 0.04,
    "MRAcquisitionType": "3D",
    "MagneticFieldStrength": 3,
    "Manufacturer": "GE",
    "ManufacturersModelName": "Signa_HDxt",
    "Modality": "MR",
    "PatientPosition": "HFS",
    "PercentPhaseFOV": 100,
    "PixelBandwidth": 162.734,
    "ProtocolName": "mprage_1mm_iso_20.83_bw",
    "ReconMatrixPE": 256,
    "RepetitionTime": 0.008596,
    "SAR": 0.306132,
    "ScanOptions": "NONE",
    "ScanningSequence": "RM",
    "SequenceVariant": "NONE",
    "SeriesDescription": "mprage_1mm_iso_20.83_bw",
    "SliceThickness": 1,
    "SoftwareVersions": "24_LX_MR_Software_release:HD16.0_V02_1131.a",
    "SpacingBetweenSlices": 1,
    "StationName": "MR03MR03",
    "modality": "T1w",
    "session_id": "ControlPre",
    "subject_id": "052"
  },
  "cjv": 0.2869538462170966,
  "cnr": 4.4860667681824955,
  "efc": 0.6049147612489307,
  "fber": 79.8055191040039,
  "fwhm_avg": 4.00463,
  "fwhm_x": 3.77559,
  "fwhm_y": 4.35983,
  "fwhm_z": 3.87847,
  "icvs_csf": 0.22774875036819792,
  "icvs_gm": 0.4436401202919656,
  "icvs_wm": 0.32861112933983655,
  "inu_med": 1.0712498426437378,
  "inu_range": 0.31235072910785666,
  "provenance": {
    "md5sum": "1c9edfcca425c5f22d9e4c5cb183e75c",
    "settings": {
      "testing": false
    },
    "software": "mriqc",
    "version": "0.10.4",
    "warnings": {
      "large_rot_frame": true,
      "small_air_mask": false
    }
  },
  "qi_1": 0.0,
  "qi_2": 0.0010464940819872434,
  "rpve_csf": 20.397737579493167,
  "rpve_gm": 11.144667054697985,
  "rpve_wm": 17.800478280501025,
  "size_x": 180,
  "size_y": 256,
  "size_z": 256,
  "snr_csf": 2.5075047818171776,
  "snr_gm": 10.597214678559329,
  "snr_total": 10.759693543142085,
  "snr_wm": 19.174361169049746,
  "snrd_csf": 13.010305354401963,
  "snrd_gm": 27.428372624259335,
  "snrd_total": 27.848656007212256,
  "snrd_wm": 43.10729004297547,
  "spacing_x": 1.0,
  "spacing_y": 1.0,
  "spacing_z": 1.0,
  "summary_bg_k": 0.8828252348945873,
  "summary_bg_mad": 15.197951316833496,
  "summary_bg_mean": 58.7899055480957,
  "summary_bg_median": 57.587120056152344,
  "summary_bg_n": 3010307.0,
  "summary_bg_p05": 35.870133590698245,
  "summary_bg_p95": 86.17275772094726,
  "summary_bg_stdv": 15.767895698547363,
  "summary_csf_k": 0.5719447623526657,
  "summary_csf_mad": 122.0854263305664,
  "summary_csf_mean": 309.12445068359375,
  "summary_csf_median": 301.81500244140625,
  "summary_csf_n": 16369.0,
  "summary_csf_p05": 127.66331634521487,
  "summary_csf_p95": 508.9559020996094,
  "summary_csf_stdv": 120.36100006103516,
  "summary_gm_k": 0.1541042431132369,
  "summary_gm_mad": 58.634681701660156,
  "summary_gm_mean": 636.6110229492188,
  "summary_gm_median": 636.2874755859375,
  "summary_gm_n": 42692.0,
  "summary_gm_p05": 537.9849578857422,
  "summary_gm_p95": 736.0735687255859,
  "summary_gm_stdv": 60.04219436645508,
  "summary_wm_k": 1.2731523107208869,
  "summary_wm_mad": 45.7367057800293,
  "summary_wm_mean": 999.2916870117188,
  "summary_wm_median": 1000.0093383789062,
  "summary_wm_n": 198485.0,
  "summary_wm_p05": 910.933251953125,
  "summary_wm_p95": 1081.8647216796874,
  "summary_wm_stdv": 52.1533317565918,
  "tpm_overlap_csf": 0.19424016773700714,
  "tpm_overlap_gm": 0.5087242722511292,
  "tpm_overlap_wm": 0.5219957232475281,
  "wm2max": 0.696499669544015
}