{
  "aor": 0.05460202380952381,
  "aqi": 0.0745998994047619,
  "bids_meta": {
    "AcquisitionMatrixPE": 64,
    "ConversionSoftware": "dcm2niix",
    "ConversionSoftwareVersion": "v1.0.20171017 (OpenJPEG build) GCC4.8.4",
    "DeviceSerialNumber": "0000000517353VH3",
    "EchoTime": 0.0279,
    "EffectiveEchoSpacing": 0.000608,
    "FlipAngle": 76,
    "ImageOrientationPatientDICOM": [
      1,
      0,
      0,
      0,
      1,
      0
    ],
    "ImageType": [
      "ORIGINAL",
      "PRIMARY",
      "EPI",
      "NONE"
    ],
    "InPlanePhaseEncodingDirectionDICOM": "COL",
    "InstitutionName": "Michigan_State_University",
    "MRAcquisitionType": "2D",
    "MagneticFieldStrength": 3,
    "Manufacturer": "GE",
    "ManufacturersModelName": "Signa_HDxt",
    "Modality": "MR",
    "PatientPosition": "HFS",
    "PercentPhaseFOV": 100,
    "PixelBandwidth": 7812.5,
    "ProtocolName": "fMRI",
    "ReconMatrixPE": 64,
    "RepetitionTime": 2,
    "SAR": 0.225736,
    "ScanOptions": "EPI_GEMS",
    "ScanningSequence": "EP_GR",
    "SequenceVariant": "SS",
    "SeriesDescription": "fMRI",
    "SliceThickness": 4,
    "SoftwareVersions": "24_LX_MR_Software_release:HD16.0_V02_1131.a",
    "SpacingBetweenSlices": 4,
    "StationName": "MR03MR03",
    "TaskName": "rest",
    "TotalReadoutTime": 0.038304,
    "modality": "bold",
    "session_id": "ExercisePost",
    "subject_id": "010",
    "task_id": "rest"
  },
  "dummy_trs": 0,
  "dvars_nstd": 81.93783513359278,
  "dvars_std": 1.3136857323353293,
  "dvars_vstd": 1.3709880411377244,
  "efc": 0.45538544733468544,
  "fber": 13830.130859375,
  "fd_mean": 3.242399761488575,
  "fd_num": 116,
  "fd_perc": 69.04761904761905,
  "fwhm_avg": 3.0333560606060606,
  "fwhm_x": 2.9424290909090907,
  "fwhm_y": 3.416989090909091,
  "fwhm_z": 2.74065,
  "gcor": 0.116253,
  "gsr_x": -0.0071916584856808186,
  "gsr_y": 0.012100218795239925,
  "provenance": {
    "md5sum": "272466402128004e6d199b3c19772020",
    "settings": {
      "fd_thres": 0.5,
      "hmc_fsl": false
    },
    "software": "mriqc",
    "version": "0.10.4"
  },
  "size_t": 168,
  "size_x": 64,
  "size_y": 64,
  "size_z": 30,
  "snr": 5.4227551747738145,
  "spacing_tr": 2.0,
  "spacing_x": 3.4375,
  "spacing_y": 3.4375,
  "spacing_z": 4.0,
  "summary_bg_k": 94.79924346736787,
  "summary_bg_mad": 16.970497131347656,
  "summary_bg_mean": 70.21308135986328,
  "summary_bg_median": 38.94643020629883,
  "summary_bg_n": 71299.0,
  "summary_bg_p05": 5.029761791229248,
  "summary_bg_p95": 217.06012115478458,
  "summary_bg_stdv": 128.5419464111328,
  "summary_fg_k": 3.254064870761084,
  "summary_fg_mad": 617.7376708984375,
  "summary_fg_mean": 4509.447265625,
  "summary_fg_median": 4634.66064453125,
  "summary_fg_n": 24688.0,
  "summary_fg_p05": 2840.0274169921877,
  "summary_fg_p95": 5622.049584960936,
  "summary_fg_stdv": 854.6516723632812,
  "tsnr": 16.02078628540039
}