{
  "aor": 0.026860535714285715,
  "aqi": 0.015022797142857142,
  "bids_meta": {
    "AcquisitionMatrixPE": 64,
    "ConversionSoftware": "dcm2niix",
    "ConversionSoftwareVersion": "v1.0.20171017 (OpenJPEG build) GCC4.8.4",
    "DeviceSerialNumber": "0000000517353VH3",
    "EchoTime": 0.0279,
    "EffectiveEchoSpacing": 0.000608,
    "FlipAngle": 76,
    "ImageOrientationPatientDICOM": [
      1,
      0,
      0,
      0,
      1,
      0
    ],
    "ImageType": [
      "ORIGINAL",
      "PRIMARY",
      "EPI",
      "NONE"
    ],
    "InPlanePhaseEncodingDirectionDICOM": "COL",
    "InstitutionName": "Michigan_State_University",
    "MRAcquisitionType": "2D",
    "MagneticFieldStrength": 3,
    "Manufacturer": "GE",
    "ManufacturersModelName": "Signa_HDxt",
    "Modality": "MR",
    "PatientPosition": "HFS",
    "PercentPhaseFOV": 100,
    "PixelBandwidth": 7812.5,
    "ProtocolName": "fMRI",
    "ReconMatrixPE": 64,
    "RepetitionTime": 2,
    "SAR": 0.225736,
    "ScanOptions": "EPI_GEMS",
    "ScanningSequence": "EP_GR",
    "SequenceVariant": "SS",
    "SeriesDescription": "fMRI",
    "SliceThickness": 4,
    "SoftwareVersions": "24_LX_MR_Software_release:HD16.0_V02_1131.a",
    "SpacingBetweenSlices": 4,
    "StationName": "MR03MR03",
    "TaskName": "flanker",
    "TotalReadoutTime": 0.038304,
    "modality": "bold",
    "run_id": "01",
    "session_id": "ControlPost",
    "subject_id": "012",
    "task_id": "flanker"
  },
  "dummy_trs": 0,
  "dvars_nstd": 31.55645199718562,
  "dvars_std": 1.11607877017964,
  "dvars_vstd": 1.1061350713772453,
  "efc": 0.4897873360819802,
  "fber": 11500.4970703125,
  "fd_mean": 0.6356994583652633,
  "fd_num": 61,
  "fd_perc": 36.30952380952381,
  "fwhm_avg": 2.92076696969697,
  "fwhm_x": 2.8772072727272726,
  "fwhm_y": 3.2152436363636365,
  "fwhm_z": 2.66985,
  "gcor": 0.096101,
  "gsr_x": -0.010067962110042572,
  "gsr_y": 0.013757280074059963,
  "provenance": {
    "md5sum": "36f9c50f55e84db8cfbb41df7c9fb352",
    "settings": {
      "fd_thres": 0.5,
      "hmc_fsl": false
    },
    "software": "mriqc",
    "version": "0.10.4"
  },
  "size_t": 168,
  "size_x": 64,
  "size_y": 64,
  "size_z": 30,
  "snr": 4.944589165574945,
  "spacing_tr": 2.0,
  "spacing_x": 3.4375,
  "spacing_y": 3.4375,
  "spacing_z": 4.0,
  "summary_bg_k": 40.661722371627455,
  "summary_bg_mad": 18.519290924072266,
  "summary_bg_mean": 84.54777526855469,
  "summary_bg_median": 39.30952453613281,
  "summary_bg_n": 66632.0,
  "summary_bg_p05": 0.8604166954755794,
  "summary_bg_p95": 345.5199356079101,
  "summary_bg_stdv": 148.0702362060547,
  "summary_fg_k": 2.5494654711650044,
  "summary_fg_mad": 672.0951538085938,
  "summary_fg_mean": 4188.2529296875,
  "summary_fg_median": 4301.21435546875,
  "summary_fg_n": 28049.0,
  "summary_fg_p05": 2500.991748046875,
  "summary_fg_p95": 5355.8013671875,
  "summary_fg_stdv": 869.8675537109375,
  "tsnr": 36.572357177734375
}