{
  "aor": 0.022148273809523805,
  "aqi": 0.014041451369047619,
  "bids_meta": {
    "AcquisitionMatrixPE": 64,
    "ConversionSoftware": "dcm2niix",
    "ConversionSoftwareVersion": "v1.0.20171017 (OpenJPEG build) GCC4.8.4",
    "DeviceSerialNumber": "0000000517353VH3",
    "EchoTime": 0.0279,
    "EffectiveEchoSpacing": 0.000608,
    "FlipAngle": 76,
    "ImageOrientationPatientDICOM": [
      1,
      0,
      0,
      0,
      1,
      0
    ],
    "ImageType": [
      "ORIGINAL",
      "PRIMARY",
      "EPI",
      "NONE"
    ],
    "InPlanePhaseEncodingDirectionDICOM": "COL",
    "InstitutionName": "Michigan_State_University",
    "MRAcquisitionType": "2D",
    "MagneticFieldStrength": 3,
    "Manufacturer": "GE",
    "ManufacturersModelName": "Signa_HDxt",
    "Modality": "MR",
    "PatientPosition": "HFS",
    "PercentPhaseFOV": 100,
    "PixelBandwidth": 7812.5,
    "ProtocolName": "fMRI",
    "ReconMatrixPE": 64,
    "RepetitionTime": 2,
    "SAR": 0.225736,
    "ScanOptions": "EPI_GEMS",
    "ScanningSequence": "EP_GR",
    "SequenceVariant": "SS",
    "SeriesDescription": "fMRI",
    "SliceThickness": 4,
    "SoftwareVersions": "24_LX_MR_Software_release:HD16.0_V02_1131.a",
    "SpacingBetweenSlices": 4,
    "StationName": "MR03MR03",
    "TaskName": "flanker",
    "TotalReadoutTime": 0.038304,
    "modality": "bold",
    "run_id": "01",
    "session_id": "ExercisePost",
    "subject_id": "022",
    "task_id": "flanker"
  },
  "dummy_trs": 0,
  "dvars_nstd": 22.01921443592815,
  "dvars_std": 1.1049450893413175,
  "dvars_vstd": 0.9713831108982037,
  "efc": 0.47435611665489474,
  "fber": 9115.79296875,
  "fd_mean": 0.28672128058264235,
  "fd_num": 22,
  "fd_perc": 13.095238095238095,
  "fwhm_avg": 2.954516636363637,
  "fwhm_x": 2.8958458181818183,
  "fwhm_y": 3.275229090909091,
  "fwhm_z": 2.692475,
  "gcor": 0.068768,
  "gsr_x": -0.007943272590637207,
  "gsr_y": 0.011547470465302467,
  "provenance": {
    "md5sum": "b4e773a63d1734d4a058fb6b7444e75e",
    "settings": {
      "fd_thres": 0.5,
      "hmc_fsl": false
    },
    "software": "mriqc",
    "version": "0.10.4"
  },
  "size_t": 168,
  "size_x": 64,
  "size_y": 64,
  "size_z": 30,
  "snr": 5.089436233933527,
  "spacing_tr": 2.0,
  "spacing_x": 3.4375,
  "spacing_y": 3.4375,
  "spacing_z": 4.0,
  "summary_bg_k": 49.72774094718875,
  "summary_bg_mad": 17.041099548339844,
  "summary_bg_mean": 76.80711364746094,
  "summary_bg_median": 31.0238094329834,
  "summary_bg_n": 71025.0,
  "summary_bg_p05": 0.6547619104385376,
  "summary_bg_p95": 304.17858276367195,
  "summary_bg_stdv": 147.03439331054688,
  "summary_fg_k": 3.1947802863529855,
  "summary_fg_mad": 450.993408203125,
  "summary_fg_mean": 2920.035400390625,
  "summary_fg_median": 3013.67578125,
  "summary_fg_n": 24938.0,
  "summary_fg_p05": 1764.404522705078,
  "summary_fg_p95": 3665.721545410156,
  "summary_fg_stdv": 592.1314697265625,
  "tsnr": 45.74687957763672
}