{
  "aor": 0.005817678571428571,
  "aqi": 0.004132317797619048,
  "bids_meta": {
    "AcquisitionMatrixPE": 64,
    "ConversionSoftware": "dcm2niix",
    "ConversionSoftwareVersion": "v1.0.20171017 (OpenJPEG build) GCC4.8.4",
    "DeviceSerialNumber": "0000000517353VH3",
    "EchoTime": 0.0279,
    "EffectiveEchoSpacing": 0.000608,
    "FlipAngle": 76,
    "ImageOrientationPatientDICOM": [
      1,
      0,
      0,
      0,
      1,
      0
    ],
    "ImageType": [
      "ORIGINAL",
      "PRIMARY",
      "EPI",
      "NONE"
    ],
    "InPlanePhaseEncodingDirectionDICOM": "COL",
    "InstitutionName": "Michigan_State_University",
    "MRAcquisitionType": "2D",
    "MagneticFieldStrength": 3,
    "Manufacturer": "GE",
    "ManufacturersModelName": "Signa_HDxt",
    "Modality": "MR",
    "PatientPosition": "HFS",
    "PercentPhaseFOV": 100,
    "PixelBandwidth": 7812.5,
    "ProtocolName": "fMRI",
    "ReconMatrixPE": 64,
    "RepetitionTime": 2,
    "SAR": 0.225736,
    "ScanOptions": "EPI_GEMS",
    "ScanningSequence": "EP_GR",
    "SequenceVariant": "SS",
    "SeriesDescription": "fMRI",
    "SliceThickness": 4,
    "SoftwareVersions": "24_LX_MR_Software_release:HD16.0_V02_1131.a",
    "SpacingBetweenSlices": 4,
    "StationName": "MR03MR03",
    "TaskName": "flanker",
    "TotalReadoutTime": 0.038304,
    "modality": "bold",
    "run_id": "02",
    "session_id": "ExercisePre",
    "subject_id": "041",
    "task_id": "flanker"
  },
  "dummy_trs": 0,
  "dvars_nstd": 15.399826026946116,
  "dvars_std": 1.1755045177844305,
  "dvars_vstd": 0.969229626287425,
  "efc": 0.4836051254620206,
  "fber": 11593.142578125,
  "fd_mean": 0.1621657616604997,
  "fd_num": 7,
  "fd_perc": 4.166666666666667,
  "fwhm_avg": 2.9556862424242425,
  "fwhm_x": 2.834132363636364,
  "fwhm_y": 3.2474763636363635,
  "fwhm_z": 2.78545,
  "gcor": 0.0366273,
  "gsr_x": -0.008282504044473171,
  "gsr_y": 0.014210580848157406,
  "provenance": {
    "md5sum": "9324335b2cd8ca8bdc4c226ea8342dff",
    "settings": {
      "fd_thres": 0.5,
      "hmc_fsl": false
    },
    "software": "mriqc",
    "version": "0.10.4"
  },
  "size_t": 168,
  "size_x": 64,
  "size_y": 64,
  "size_z": 30,
  "snr": 4.982562732853929,
  "spacing_tr": 2.0,
  "spacing_x": 3.4375,
  "spacing_y": 3.4375,
  "spacing_z": 4.0,
  "summary_bg_k": 104.32372612641218,
  "summary_bg_mad": 10.219367980957031,
  "summary_bg_mean": 47.42729949951172,
  "summary_bg_median": 26.678571701049805,
  "summary_bg_n": 67012.0,
  "summary_bg_p05": 0.125,
  "summary_bg_p95": 153.61458587646476,
  "summary_bg_stdv": 83.30853271484375,
  "summary_fg_k": 2.2540662419958704,
  "summary_fg_mad": 470.9556884765625,
  "summary_fg_mean": 2875.8994140625,
  "summary_fg_median": 2949.45556640625,
  "summary_fg_n": 27964.0,
  "summary_fg_p05": 1725.4077392578124,
  "summary_fg_p95": 3679.862866210937,
  "summary_fg_stdv": 591.9449462890625,
  "tsnr": 79.86660766601562
}