{
  "bids_meta": {
    "AcquisitionMatrixPE": 256,
    "ConversionSoftware": "dcm2niix",
    "ConversionSoftwareVersion": "v1.0.20171017 (OpenJPEG build) GCC4.8.4",
    "DeviceSerialNumber": "0000000517353VH3",
    "EchoTime": 0.003828,
    "FlipAngle": 8,
    "ImageOrientationPatientDICOM": [
      0,
      1,
      0,
      0,
      0,
      -1
    ],
    "ImageType": [
      "ORIGINAL",
      "PRIMARY",
      "OTHER"
    ],
    "InPlanePhaseEncodingDirectionDICOM": "ROW",
    "InstitutionName": "Michigan_State_University",
    "InversionTime": 0.04,
    "MRAcquisitionType": "3D",
    "MagneticFieldStrength": 3,
    "Manufacturer": "GE",
    "ManufacturersModelName": "Signa_HDxt",
    "Modality": "MR",
    "PatientPosition": "HFS",
    "PercentPhaseFOV": 100,
    "PixelBandwidth": 162.734,
    "ProtocolName": "mprage_1mm_iso_20.83_bw",
    "ReconMatrixPE": 256,
    "RepetitionTime": 0.008596,
    "SAR": 0.306132,
    "ScanOptions": "NONE",
    "ScanningSequence": "RM",
    "SequenceVariant": "NONE",
    "SeriesDescription": "mprage_1mm_iso_20.83_bw",
    "SliceThickness": 1,
    "SoftwareVersions": "24_LX_MR_Software_release:HD16.0_V02_1131.a",
    "SpacingBetweenSlices": 1,
    "StationName": "MR03MR03",
    "modality": "T1w",
    "session_id": "ExercisePre",
    "subject_id": "034"
  },
  "cjv": 0.27679275153354704,
  "cnr": 4.61240063037917,
  "efc": 0.6112876404085501,
  "fber": 88.81539154052734,
  "fwhm_avg": 3.8093233333333334,
  "fwhm_x": 3.61508,
  "fwhm_y": 4.02139,
  "fwhm_z": 3.7915,
  "icvs_csf": 0.183950333828091,
  "icvs_gm": 0.48441295085218417,
  "icvs_wm": 0.33163671531972483,
  "inu_med": 0.9092984199523926,
  "inu_range": 0.28885177373886095,
  "provenance": {
    "md5sum": "ff750b8c034ee2f21460593990ac893f",
    "settings": {
      "testing": false
    },
    "software": "mriqc",
    "version": "0.10.4",
    "warnings": {
      "large_rot_frame": true,
      "small_air_mask": false
    }
  },
  "qi_1": 0.0,
  "qi_2": 0.002668746301190861,
  "rpve_csf": 25.266560822559914,
  "rpve_gm": 11.297290909656788,
  "rpve_wm": 18.606533240365877,
  "size_x": 180,
  "size_y": 256,
  "size_z": 256,
  "snr_csf": 2.4377848434817655,
  "snr_gm": 10.906838623520306,
  "snr_total": 11.384162573515283,
  "snr_wm": 20.807864253543777,
  "snrd_csf": 14.323761035107836,
  "snrd_gm": 28.47606849508182,
  "snrd_total": 29.04269328231059,
  "snrd_wm": 44.328250316742114,
  "spacing_x": 1.0,
  "spacing_y": 1.0,
  "spacing_z": 1.0,
  "summary_bg_k": 0.6124260930743262,
  "summary_bg_mad": 14.779365539550781,
  "summary_bg_mean": 54.825599670410156,
  "summary_bg_median": 53.46238708496094,
  "summary_bg_n": 2775938.0,
  "summary_bg_p05": 32.625220489501956,
  "summary_bg_p95": 81.82740058898925,
  "summary_bg_stdv": 15.254321098327637,
  "summary_csf_k": -0.26689608294884426,
  "summary_csf_mad": 155.6333770751953,
  "summary_csf_mean": 325.480224609375,
  "summary_csf_median": 323.13287353515625,
  "summary_csf_n": 11627.0,
  "summary_csf_p05": 130.61942443847656,
  "summary_csf_p95": 535.0231689453125,
  "summary_csf_stdv": 132.546142578125,
  "summary_gm_k": 0.3585480658219229,
  "summary_gm_mad": 55.85697555541992,
  "summary_gm_mean": 643.4547729492188,
  "summary_gm_median": 642.3978881835938,
  "summary_gm_n": 48154.0,
  "summary_gm_p05": 548.7704803466797,
  "summary_gm_p95": 743.0559234619141,
  "summary_gm_stdv": 58.89802169799805,
  "summary_wm_k": 0.9318137706292098,
  "summary_wm_mad": 43.12767028808594,
  "summary_wm_mean": 997.84912109375,
  "summary_wm_median": 1000.0107421875,
  "summary_wm_n": 191052.0,
  "summary_wm_p05": 914.0081695556642,
  "summary_wm_p95": 1071.9865234375,
  "summary_wm_stdv": 48.05914306640625,
  "tpm_overlap_csf": 0.21052506566047668,
  "tpm_overlap_gm": 0.536909818649292,
  "tpm_overlap_wm": 0.5443926453590393,
  "wm2max": 0.6609482712100867
}