{
  "aor": 0.012638511904761904,
  "aqi": 0.017124779226190472,
  "bids_meta": {
    "AcquisitionMatrixPE": 64,
    "ConversionSoftware": "dcm2niix",
    "ConversionSoftwareVersion": "v1.0.20171017 (OpenJPEG build) GCC4.8.4",
    "DeviceSerialNumber": "0000000517353VH3",
    "EchoTime": 0.0279,
    "EffectiveEchoSpacing": 0.000608,
    "FlipAngle": 76,
    "ImageOrientationPatientDICOM": [
      1,
      0,
      0,
      0,
      1,
      0
    ],
    "ImageType": [
      "ORIGINAL",
      "PRIMARY",
      "EPI",
      "NONE"
    ],
    "InPlanePhaseEncodingDirectionDICOM": "COL",
    "InstitutionName": "Michigan_State_University",
    "MRAcquisitionType": "2D",
    "MagneticFieldStrength": 3,
    "Manufacturer": "GE",
    "ManufacturersModelName": "Signa_HDxt",
    "Modality": "MR",
    "PatientPosition": "HFS",
    "PercentPhaseFOV": 100,
    "PixelBandwidth": 7812.5,
    "ProtocolName": "fMRI",
    "ReconMatrixPE": 64,
    "RepetitionTime": 2,
    "SAR": 0.225736,
    "ScanOptions": "EPI_GEMS",
    "ScanningSequence": "EP_GR",
    "SequenceVariant": "SS",
    "SeriesDescription": "fMRI",
    "SliceThickness": 4,
    "SoftwareVersions": "24_LX_MR_Software_release:HD16.0_V02_1131.a",
    "SpacingBetweenSlices": 4,
    "StationName": "MR03MR03",
    "TaskName": "rest",
    "TotalReadoutTime": 0.038304,
    "modality": "bold",
    "session_id": "ControlPost",
    "subject_id": "058",
    "task_id": "rest"
  },
  "dummy_trs": 0,
  "dvars_nstd": 34.58351854790419,
  "dvars_std": 1.1980814379041913,
  "dvars_vstd": 1.0919837614371262,
  "efc": 0.4693595468665528,
  "fber": 12929.0400390625,
  "fd_mean": 0.495992706224097,
  "fd_num": 71,
  "fd_perc": 42.26190476190476,
  "fwhm_avg": 2.893435909090909,
  "fwhm_x": 2.7800000000000002,
  "fwhm_y": 3.181032727272727,
  "fwhm_z": 2.719275,
  "gcor": 0.0525586,
  "gsr_x": -0.006228428799659014,
  "gsr_y": 0.007565125823020935,
  "provenance": {
    "md5sum": "74b2bb82c3682ab9029c80539c48e679",
    "settings": {
      "fd_thres": 0.5,
      "hmc_fsl": false
    },
    "software": "mriqc",
    "version": "0.10.4"
  },
  "size_t": 168,
  "size_x": 64,
  "size_y": 64,
  "size_z": 30,
  "snr": 5.6563097643735185,
  "spacing_tr": 2.0,
  "spacing_x": 3.4375,
  "spacing_y": 3.4375,
  "spacing_z": 4.0,
  "summary_bg_k": 117.08745587126411,
  "summary_bg_mad": 16.357162475585938,
  "summary_bg_mean": 63.52409362792969,
  "summary_bg_median": 36.67857360839844,
  "summary_bg_n": 69910.0,
  "summary_bg_p05": 0.6190476417541504,
  "summary_bg_p95": 176.43779754638675,
  "summary_bg_stdv": 110.36862182617188,
  "summary_fg_k": 3.7445441748807706,
  "summary_fg_mad": 564.4345703125,
  "summary_fg_mean": 4122.58447265625,
  "summary_fg_median": 4231.482421875,
  "summary_fg_n": 25754.0,
  "summary_fg_p05": 2717.3290161132813,
  "summary_fg_p95": 5069.026928710937,
  "summary_fg_stdv": 748.0849609375,
  "tsnr": 42.263832092285156
}