{
  "bids_meta": {
    "AcquisitionMatrixPE": 256,
    "ConversionSoftware": "dcm2niix",
    "ConversionSoftwareVersion": "v1.0.20171017 (OpenJPEG build) GCC4.8.4",
    "DeviceSerialNumber": "0000000517353VH3",
    "EchoTime": 0.003828,
    "FlipAngle": 8,
    "ImageOrientationPatientDICOM": [
      0,
      1,
      0,
      0,
      0,
      -1
    ],
    "ImageType": [
      "ORIGINAL",
      "PRIMARY",
      "OTHER"
    ],
    "InPlanePhaseEncodingDirectionDICOM": "ROW",
    "InstitutionName": "Michigan_State_University",
    "InversionTime": 0.04,
    "MRAcquisitionType": "3D",
    "MagneticFieldStrength": 3,
    "Manufacturer": "GE",
    "ManufacturersModelName": "Signa_HDxt",
    "Modality": "MR",
    "PatientPosition": "HFS",
    "PercentPhaseFOV": 100,
    "PixelBandwidth": 162.734,
    "ProtocolName": "mprage_1mm_iso_20.83_bw",
    "ReconMatrixPE": 256,
    "RepetitionTime": 0.008596,
    "SAR": 0.306132,
    "ScanOptions": "NONE",
    "ScanningSequence": "RM",
    "SequenceVariant": "NONE",
    "SeriesDescription": "mprage_1mm_iso_20.83_bw",
    "SliceThickness": 1,
    "SoftwareVersions": "24_LX_MR_Software_release:HD16.0_V02_1131.a",
    "SpacingBetweenSlices": 1,
    "StationName": "MR03MR03",
    "modality": "T1w",
    "session_id": "ControlPre",
    "subject_id": "019"
  },
  "cjv": 0.3359341123705777,
  "cnr": 3.6768672321173326,
  "efc": 0.6133562627192375,
  "fber": 61.76721954345703,
  "fwhm_avg": 4.051713333333333,
  "fwhm_x": 3.90332,
  "fwhm_y": 4.18085,
  "fwhm_z": 4.07097,
  "icvs_csf": 0.21515369032435425,
  "icvs_gm": 0.44400024845035957,
  "icvs_wm": 0.34084606122528616,
  "inu_med": 1.1331738233566284,
  "inu_range": 0.3612121343612671,
  "provenance": {
    "md5sum": "8a1aea31fddd7c868531495c3a4685a7",
    "settings": {
      "testing": false
    },
    "software": "mriqc",
    "version": "0.10.4",
    "warnings": {
      "large_rot_frame": true,
      "small_air_mask": false
    }
  },
  "qi_1": 0.0,
  "qi_2": 0.0007174576911281416,
  "rpve_csf": 25.099710526824012,
  "rpve_gm": 12.965197741626836,
  "rpve_wm": 19.522876078462748,
  "size_x": 180,
  "size_y": 256,
  "size_z": 256,
  "snr_csf": 2.2160354381570544,
  "snr_gm": 10.135212660068671,
  "snr_total": 9.079468976995036,
  "snr_wm": 14.887158832759386,
  "snrd_csf": 7.672607145543887,
  "snrd_gm": 18.740679116198347,
  "snrd_total": 18.5531108962491,
  "snrd_wm": 29.246046427005066,
  "spacing_x": 1.0,
  "spacing_y": 1.0,
  "spacing_z": 1.0,
  "summary_bg_k": 5.768125780284288,
  "summary_bg_mad": 22.401409149169922,
  "summary_bg_mean": 72.31745910644531,
  "summary_bg_median": 64.70606231689453,
  "summary_bg_n": 2886801.0,
  "summary_bg_p05": 37.50921630859375,
  "summary_bg_p95": 135.3386688232422,
  "summary_bg_stdv": 32.16948318481445,
  "summary_csf_k": 0.07207915901372086,
  "summary_csf_mad": 120.94644165039062,
  "summary_csf_mean": 277.5545349121094,
  "summary_csf_median": 262.35333251953125,
  "summary_csf_n": 16350.0,
  "summary_csf_p05": 109.8349594116211,
  "summary_csf_p95": 490.79002532958987,
  "summary_csf_stdv": 118.38497924804688,
  "summary_gm_k": 0.11704122363439984,
  "summary_gm_mad": 61.523921966552734,
  "summary_gm_mean": 640.2453002929688,
  "summary_gm_median": 640.8095092773438,
  "summary_gm_n": 23755.0,
  "summary_gm_p05": 536.0684631347656,
  "summary_gm_p95": 744.8353576660156,
  "summary_gm_stdv": 63.22472381591797,
  "summary_wm_k": 1.4370874996778245,
  "summary_wm_mad": 59.14876174926758,
  "summary_wm_mean": 1003.3428344726562,
  "summary_wm_median": 1000.0248413085938,
  "summary_wm_n": 169036.0,
  "summary_wm_p05": 898.6393585205078,
  "summary_wm_p95": 1117.5265502929688,
  "summary_wm_stdv": 67.17345428466797,
  "tpm_overlap_csf": 0.22100543975830078,
  "tpm_overlap_gm": 0.52545565366745,
  "tpm_overlap_wm": 0.5605771541595459,
  "wm2max": 0.6441386214044443
}