{
  "aor": 0.0044536904761904765,
  "aqi": 0.0038151074404761906,
  "bids_meta": {
    "AcquisitionMatrixPE": 64,
    "ConversionSoftware": "dcm2niix",
    "ConversionSoftwareVersion": "v1.0.20171017 (OpenJPEG build) GCC4.8.4",
    "DeviceSerialNumber": "0000000517353VH3",
    "EchoTime": 0.0279,
    "EffectiveEchoSpacing": 0.000608,
    "FlipAngle": 76,
    "ImageOrientationPatientDICOM": [
      1,
      0,
      0,
      0,
      1,
      0
    ],
    "ImageType": [
      "ORIGINAL",
      "PRIMARY",
      "EPI",
      "NONE"
    ],
    "InPlanePhaseEncodingDirectionDICOM": "COL",
    "InstitutionName": "Michigan_State_University",
    "MRAcquisitionType": "2D",
    "MagneticFieldStrength": 3,
    "Manufacturer": "GE",
    "ManufacturersModelName": "Signa_HDxt",
    "Modality": "MR",
    "PatientPosition": "HFS",
    "PercentPhaseFOV": 100,
    "PixelBandwidth": 7812.5,
    "ProtocolName": "fMRI",
    "ReconMatrixPE": 64,
    "RepetitionTime": 2,
    "SAR": 0.225736,
    "ScanOptions": "EPI_GEMS",
    "ScanningSequence": "EP_GR",
    "SequenceVariant": "SS",
    "SeriesDescription": "fMRI",
    "SliceThickness": 4,
    "SoftwareVersions": "24_LX_MR_Software_release:HD16.0_V02_1131.a",
    "SpacingBetweenSlices": 4,
    "StationName": "MR03MR03",
    "TaskName": "rest",
    "TotalReadoutTime": 0.038304,
    "modality": "bold",
    "session_id": "ControlPre",
    "subject_id": "017",
    "task_id": "rest"
  },
  "dummy_trs": 0,
  "dvars_nstd": 13.176656814610778,
  "dvars_std": 1.158978587724551,
  "dvars_vstd": 0.972582729221557,
  "efc": 0.5018598935562817,
  "fber": 12341.8359375,
  "fd_mean": 0.12630963125142897,
  "fd_num": 2,
  "fd_perc": 1.1904761904761905,
  "fwhm_avg": 2.851755696969697,
  "fwhm_x": 2.677888,
  "fwhm_y": 3.2464290909090905,
  "fwhm_z": 2.63095,
  "gcor": 0.0734215,
  "gsr_x": -0.010607046075165272,
  "gsr_y": 0.01835833303630352,
  "provenance": {
    "md5sum": "c777fa78d2d2840223a30fce8e52bac3",
    "settings": {
      "fd_thres": 0.5,
      "hmc_fsl": false
    },
    "software": "mriqc",
    "version": "0.10.4"
  },
  "size_t": 168,
  "size_x": 64,
  "size_y": 64,
  "size_z": 30,
  "snr": 5.404831710247905,
  "spacing_tr": 2.0,
  "spacing_x": 3.4375,
  "spacing_y": 3.4375,
  "spacing_z": 4.0,
  "summary_bg_k": 89.49310996035483,
  "summary_bg_mad": 13.908219337463379,
  "summary_bg_mean": 59.62260818481445,
  "summary_bg_median": 34.89285659790039,
  "summary_bg_n": 64295.0,
  "summary_bg_p05": 0.392857164144516,
  "summary_bg_p95": 181.72500610351545,
  "summary_bg_stdv": 96.8866958618164,
  "summary_fg_k": 2.3052469595766896,
  "summary_fg_mad": 634.342041015625,
  "summary_fg_mean": 3907.388916015625,
  "summary_fg_median": 3970.375,
  "summary_fg_n": 30267.0,
  "summary_fg_p05": 2655.0870361328125,
  "summary_fg_p95": 4946.02626953125,
  "summary_fg_stdv": 734.585205078125,
  "tsnr": 81.93146514892578
}