{
  "bids_meta": {
    "AcquisitionMatrixPE": 256,
    "ConversionSoftware": "dcm2niix",
    "ConversionSoftwareVersion": "v1.0.20171017 (OpenJPEG build) GCC4.8.4",
    "DeviceSerialNumber": "0000000517353VH3",
    "EchoTime": 0.003828,
    "FlipAngle": 8,
    "ImageOrientationPatientDICOM": [
      0,
      1,
      0,
      0,
      0,
      -1
    ],
    "ImageType": [
      "ORIGINAL",
      "PRIMARY",
      "OTHER"
    ],
    "InPlanePhaseEncodingDirectionDICOM": "ROW",
    "InstitutionName": "Michigan_State_University",
    "InversionTime": 0.04,
    "MRAcquisitionType": "3D",
    "MagneticFieldStrength": 3,
    "Manufacturer": "GE",
    "ManufacturersModelName": "Signa_HDxt",
    "Modality": "MR",
    "PatientPosition": "HFS",
    "PercentPhaseFOV": 100,
    "PixelBandwidth": 162.734,
    "ProtocolName": "mprage_1mm_iso_20.83_bw",
    "ReconMatrixPE": 256,
    "RepetitionTime": 0.008596,
    "SAR": 0.306132,
    "ScanOptions": "NONE",
    "ScanningSequence": "RM",
    "SequenceVariant": "NONE",
    "SeriesDescription": "mprage_1mm_iso_20.83_bw",
    "SliceThickness": 1,
    "SoftwareVersions": "24_LX_MR_Software_release:HD16.0_V02_1131.a",
    "SpacingBetweenSlices": 1,
    "StationName": "MR03MR03",
    "modality": "T1w",
    "session_id": "ExercisePre",
    "subject_id": "036"
  },
  "cjv": 0.26189574576903374,
  "cnr": 4.843181161233462,
  "efc": 0.5641785114722775,
  "fber": 132.03671264648438,
  "fwhm_avg": 4.105393333333333,
  "fwhm_x": 3.91006,
  "fwhm_y": 4.39582,
  "fwhm_z": 4.0103,
  "icvs_csf": 0.20309282751065424,
  "icvs_gm": 0.4449934212090733,
  "icvs_wm": 0.35191375128027247,
  "inu_med": 0.7249148488044739,
  "inu_range": 0.24066749215126026,
  "provenance": {
    "md5sum": "d0de92b45451f5948509616f07a9d6bd",
    "settings": {
      "testing": false
    },
    "software": "mriqc",
    "version": "0.10.4",
    "warnings": {
      "large_rot_frame": true,
      "small_air_mask": false
    }
  },
  "qi_1": 0.0,
  "qi_2": 0.0009920988838453863,
  "rpve_csf": 24.035658598998637,
  "rpve_gm": 12.178677106330113,
  "rpve_wm": 18.589178016567207,
  "size_x": 180,
  "size_y": 256,
  "size_z": 256,
  "snr_csf": 2.7882273565784206,
  "snr_gm": 10.568380915735354,
  "snr_total": 11.552510161956407,
  "snr_wm": 21.30092221355545,
  "snrd_csf": 18.355222863915888,
  "snrd_gm": 34.860039327051666,
  "snrd_total": 36.23034950467196,
  "snrd_wm": 55.47578632304834,
  "spacing_x": 1.0,
  "spacing_y": 1.0,
  "spacing_z": 1.0,
  "summary_bg_k": 0.6823745082873738,
  "summary_bg_mad": 11.809503555297852,
  "summary_bg_mean": 43.66419219970703,
  "summary_bg_median": 42.72245788574219,
  "summary_bg_n": 2759205.0,
  "summary_bg_p05": 25.816899871826173,
  "summary_bg_p95": 64.9924087524414,
  "summary_bg_stdv": 12.176889419555664,
  "summary_csf_k": -0.000999913599484703,
  "summary_csf_mad": 136.27081298828125,
  "summary_csf_mean": 331.1029052734375,
  "summary_csf_median": 330.8716735839844,
  "summary_csf_n": 18489.0,
  "summary_csf_p05": 154.06301269531252,
  "summary_csf_p95": 515.2710693359373,
  "summary_csf_stdv": 118.6641845703125,
  "summary_gm_k": 0.15835018229264364,
  "summary_gm_mad": 59.15921401977539,
  "summary_gm_mean": 628.8526611328125,
  "summary_gm_median": 628.3878784179688,
  "summary_gm_n": 43167.0,
  "summary_gm_p05": 532.14814453125,
  "summary_gm_p95": 725.4240783691406,
  "summary_gm_stdv": 59.45854949951172,
  "summary_wm_k": 1.9806263152482124,
  "summary_wm_mad": 38.166465759277344,
  "summary_wm_mean": 995.7140502929688,
  "summary_wm_median": 1000.0078125,
  "summary_wm_n": 202700.0,
  "summary_wm_p05": 907.0987731933594,
  "summary_wm_p95": 1062.3337036132814,
  "summary_wm_stdv": 46.94657516479492,
  "tpm_overlap_csf": 0.22198835015296936,
  "tpm_overlap_gm": 0.5325616598129272,
  "tpm_overlap_wm": 0.5598403215408325,
  "wm2max": 0.7165798309905221
}