{
  "aor": 0.005839880952380951,
  "aqi": 0.003967012261904762,
  "bids_meta": {
    "AcquisitionMatrixPE": 64,
    "ConversionSoftware": "dcm2niix",
    "ConversionSoftwareVersion": "v1.0.20171017 (OpenJPEG build) GCC4.8.4",
    "DeviceSerialNumber": "0000000517353VH3",
    "EchoTime": 0.0279,
    "EffectiveEchoSpacing": 0.000608,
    "FlipAngle": 76,
    "ImageOrientationPatientDICOM": [
      1,
      0,
      0,
      0,
      1,
      0
    ],
    "ImageType": [
      "ORIGINAL",
      "PRIMARY",
      "EPI",
      "NONE"
    ],
    "InPlanePhaseEncodingDirectionDICOM": "COL",
    "InstitutionName": "Michigan_State_University",
    "MRAcquisitionType": "2D",
    "MagneticFieldStrength": 3,
    "Manufacturer": "GE",
    "ManufacturersModelName": "Signa_HDxt",
    "Modality": "MR",
    "PatientPosition": "HFS",
    "PercentPhaseFOV": 100,
    "PixelBandwidth": 7812.5,
    "ProtocolName": "fMRI",
    "ReconMatrixPE": 64,
    "RepetitionTime": 2,
    "SAR": 0.225736,
    "ScanOptions": "EPI_GEMS",
    "ScanningSequence": "EP_GR",
    "SequenceVariant": "SS",
    "SeriesDescription": "fMRI",
    "SliceThickness": 4,
    "SoftwareVersions": "24_LX_MR_Software_release:HD16.0_V02_1131.a",
    "SpacingBetweenSlices": 4,
    "StationName": "MR03MR03",
    "TaskName": "rest",
    "TotalReadoutTime": 0.038304,
    "modality": "bold",
    "session_id": "ExercisePre",
    "subject_id": "012",
    "task_id": "rest"
  },
  "dummy_trs": 0,
  "dvars_nstd": 16.553325818443106,
  "dvars_std": 1.2090052664071862,
  "dvars_vstd": 0.955751725508982,
  "efc": 0.48622164757095365,
  "fber": 11750.486328125,
  "fd_mean": 0.13485956252889666,
  "fd_num": 3,
  "fd_perc": 1.7857142857142858,
  "fwhm_avg": 2.8975924242424242,
  "fwhm_x": 2.9127854545454546,
  "fwhm_y": 3.1615418181818185,
  "fwhm_z": 2.61845,
  "gcor": 0.0684496,
  "gsr_x": -0.009675559587776661,
  "gsr_y": 0.014320459216833115,
  "provenance": {
    "md5sum": "42e0d8aa2c891da48d654f8b3e60f0fa",
    "settings": {
      "fd_thres": 0.5,
      "hmc_fsl": false
    },
    "software": "mriqc",
    "version": "0.10.4"
  },
  "size_t": 168,
  "size_x": 64,
  "size_y": 64,
  "size_z": 30,
  "snr": 4.974930697655758,
  "spacing_tr": 2.0,
  "spacing_x": 3.4375,
  "spacing_y": 3.4375,
  "spacing_z": 4.0,
  "summary_bg_k": 55.529381157749306,
  "summary_bg_mad": 19.45915412902832,
  "summary_bg_mean": 82.40064239501953,
  "summary_bg_median": 40.32143020629883,
  "summary_bg_n": 66246.0,
  "summary_bg_p05": 0.3035714328289032,
  "summary_bg_p95": 313.9479293823242,
  "summary_bg_stdv": 140.17678833007812,
  "summary_fg_k": 2.2861678021560614,
  "summary_fg_mad": 698.4641723632812,
  "summary_fg_mean": 4324.78076171875,
  "summary_fg_median": 4446.6962890625,
  "summary_fg_n": 27929.0,
  "summary_fg_p05": 2608.35126953125,
  "summary_fg_p95": 5532.82626953125,
  "summary_fg_stdv": 893.8047485351562,
  "tsnr": 80.98263549804688
}