{
  "bids_meta": {
    "AcquisitionMatrixPE": 256,
    "ConversionSoftware": "dcm2niix",
    "ConversionSoftwareVersion": "v1.0.20171017 (OpenJPEG build) GCC4.8.4",
    "DeviceSerialNumber": "0000000517353VH3",
    "EchoTime": 0.003828,
    "FlipAngle": 8,
    "ImageOrientationPatientDICOM": [
      0,
      1,
      0,
      0,
      0,
      -1
    ],
    "ImageType": [
      "ORIGINAL",
      "PRIMARY",
      "OTHER"
    ],
    "InPlanePhaseEncodingDirectionDICOM": "ROW",
    "InstitutionName": "Michigan_State_University",
    "InversionTime": 0.04,
    "MRAcquisitionType": "3D",
    "MagneticFieldStrength": 3,
    "Manufacturer": "GE",
    "ManufacturersModelName": "Signa_HDxt",
    "Modality": "MR",
    "PatientPosition": "HFS",
    "PercentPhaseFOV": 100,
    "PixelBandwidth": 162.734,
    "ProtocolName": "mprage_1mm_iso_20.83_bw",
    "ReconMatrixPE": 256,
    "RepetitionTime": 0.008596,
    "SAR": 0.306132,
    "ScanOptions": "NONE",
    "ScanningSequence": "RM",
    "SequenceVariant": "NONE",
    "SeriesDescription": "mprage_1mm_iso_20.83_bw",
    "SliceThickness": 1,
    "SoftwareVersions": "24_LX_MR_Software_release:HD16.0_V02_1131.a",
    "SpacingBetweenSlices": 1,
    "StationName": "MR03MR03",
    "modality": "T1w",
    "session_id": "ControlPre",
    "subject_id": "008"
  },
  "cjv": 0.3324987535459469,
  "cnr": 3.8050758169445893,
  "efc": 0.6176265227041637,
  "fber": 66.80757904052734,
  "fwhm_avg": 4.080743333333333,
  "fwhm_x": 3.83667,
  "fwhm_y": 4.29598,
  "fwhm_z": 4.10958,
  "icvs_csf": 0.2131268249349136,
  "icvs_gm": 0.4364072287120541,
  "icvs_wm": 0.3504659463530323,
  "inu_med": 1.083238124847412,
  "inu_range": 0.39807548224926004,
  "provenance": {
    "md5sum": "73d8d40d22b5a3d548f03caedac3bf99",
    "settings": {
      "testing": false
    },
    "software": "mriqc",
    "version": "0.10.4",
    "warnings": {
      "large_rot_frame": true,
      "small_air_mask": false
    }
  },
  "qi_1": 0.0,
  "qi_2": 0.0006307861155423974,
  "rpve_csf": 23.55017827286828,
  "rpve_gm": 12.143958650898675,
  "rpve_wm": 17.650132627194683,
  "size_x": 180,
  "size_y": 256,
  "size_z": 256,
  "snr_csf": 2.657015059492863,
  "snr_gm": 10.138243844442123,
  "snr_total": 9.534402000675842,
  "snr_wm": 15.807947098092539,
  "snrd_csf": 10.241192312164435,
  "snrd_gm": 21.16399860031323,
  "snrd_total": 21.4059135643593,
  "snrd_wm": 32.812549780600236,
  "spacing_x": 1.0,
  "spacing_y": 1.0,
  "spacing_z": 1.0,
  "summary_bg_k": 4.85485162308115,
  "summary_bg_mad": 19.96648406982422,
  "summary_bg_mean": 66.56134796142578,
  "summary_bg_median": 61.55760955810547,
  "summary_bg_n": 3176428.0,
  "summary_bg_p05": 36.374216651916505,
  "summary_bg_p95": 114.5195457458496,
  "summary_bg_stdv": 25.598512649536133,
  "summary_csf_k": 0.09661415739572199,
  "summary_csf_mad": 127.89640808105469,
  "summary_csf_mean": 319.3908996582031,
  "summary_csf_median": 312.119140625,
  "summary_csf_n": 21674.0,
  "summary_csf_p05": 144.73486938476563,
  "summary_csf_p95": 515.9854248046875,
  "summary_csf_stdv": 117.46713256835938,
  "summary_gm_k": 0.24649208956905078,
  "summary_gm_mad": 60.888492584228516,
  "summary_gm_mean": 646.134765625,
  "summary_gm_median": 645.01171875,
  "summary_gm_n": 29605.0,
  "summary_gm_p05": 542.1775756835938,
  "summary_gm_p95": 753.3183959960938,
  "summary_gm_stdv": 63.620567321777344,
  "summary_wm_k": 0.8889838284314386,
  "summary_wm_mad": 57.152217864990234,
  "summary_wm_mean": 1002.2200317382812,
  "summary_wm_median": 1000.022705078125,
  "summary_wm_n": 192981.0,
  "summary_wm_p05": 901.1056518554688,
  "summary_wm_p95": 1109.0938720703125,
  "summary_wm_stdv": 63.26059341430664,
  "tpm_overlap_csf": 0.20938898622989655,
  "tpm_overlap_gm": 0.5231320261955261,
  "tpm_overlap_wm": 0.5606870651245117,
  "wm2max": 0.656777347636315
}