{
  "bids_meta": {
    "AcquisitionMatrixPE": 256,
    "ConversionSoftware": "dcm2niix",
    "ConversionSoftwareVersion": "v1.0.20171017 (OpenJPEG build) GCC4.8.4",
    "DeviceSerialNumber": "0000000517353VH3",
    "EchoTime": 0.003828,
    "FlipAngle": 8,
    "ImageOrientationPatientDICOM": [
      0,
      1,
      0,
      0,
      0,
      -1
    ],
    "ImageType": [
      "ORIGINAL",
      "PRIMARY",
      "OTHER"
    ],
    "InPlanePhaseEncodingDirectionDICOM": "ROW",
    "InstitutionName": "Michigan_State_University",
    "InversionTime": 0.04,
    "MRAcquisitionType": "3D",
    "MagneticFieldStrength": 3,
    "Manufacturer": "GE",
    "ManufacturersModelName": "Signa_HDxt",
    "Modality": "MR",
    "PatientPosition": "HFS",
    "PercentPhaseFOV": 100,
    "PixelBandwidth": 162.734,
    "ProtocolName": "mprage_1mm_iso_20.83_bw",
    "ReconMatrixPE": 256,
    "RepetitionTime": 0.008596,
    "SAR": 0.306132,
    "ScanOptions": "NONE",
    "ScanningSequence": "RM",
    "SequenceVariant": "NONE",
    "SeriesDescription": "mprage_1mm_iso_20.83_bw",
    "SliceThickness": 1,
    "SoftwareVersions": "24_LX_MR_Software_release:HD16.0_V02_1131.a",
    "SpacingBetweenSlices": 1,
    "StationName": "MR03MR03",
    "modality": "T1w",
    "session_id": "ControlPre",
    "subject_id": "042"
  },
  "cjv": 0.26110889438175666,
  "cnr": 4.6321215414318155,
  "efc": 0.5652662296290055,
  "fber": 115.28330993652344,
  "fwhm_avg": 4.0276266666666665,
  "fwhm_x": 3.8918,
  "fwhm_y": 4.39625,
  "fwhm_z": 3.79483,
  "icvs_csf": 0.20121834542460715,
  "icvs_gm": 0.4510083263433196,
  "icvs_wm": 0.34777332823207324,
  "inu_med": 1.0673942565917969,
  "inu_range": 0.28236195743083947,
  "provenance": {
    "md5sum": "c0ff8bd03aaa7663632df6db664314ed",
    "settings": {
      "testing": false
    },
    "software": "mriqc",
    "version": "0.10.4",
    "warnings": {
      "large_rot_frame": true,
      "small_air_mask": false
    }
  },
  "qi_1": 0.0,
  "qi_2": 0.0009073680550670521,
  "rpve_csf": 24.628612485356214,
  "rpve_gm": 12.240847164519055,
  "rpve_wm": 18.832653940372015,
  "size_x": 180,
  "size_y": 256,
  "size_z": 256,
  "snr_csf": 2.7284908825051346,
  "snr_gm": 11.198887291693273,
  "snr_total": 10.07544190987452,
  "snr_wm": 16.298947555425155,
  "snrd_csf": 16.74640622267364,
  "snrd_gm": 34.2559909105911,
  "snrd_total": 35.59704245777962,
  "snrd_wm": 55.788730240074116,
  "spacing_x": 1.0,
  "spacing_y": 1.0,
  "spacing_z": 1.0,
  "summary_bg_k": 2.4364104689913306,
  "summary_bg_mad": 11.743230819702148,
  "summary_bg_mean": 46.70826721191406,
  "summary_bg_median": 45.398502349853516,
  "summary_bg_n": 2948105.0,
  "summary_bg_p05": 28.56855621337891,
  "summary_bg_p95": 69.55052947998047,
  "summary_bg_stdv": 13.134675025939941,
  "summary_csf_k": -0.33206772605710944,
  "summary_csf_mad": 124.89991760253906,
  "summary_csf_mean": 299.00299072265625,
  "summary_csf_median": 300.17706298828125,
  "summary_csf_n": 13090.0,
  "summary_csf_p05": 129.70699920654297,
  "summary_csf_p95": 475.37713012695315,
  "summary_csf_stdv": 110.01158142089844,
  "summary_gm_k": 0.04058454559330782,
  "summary_gm_mad": 54.517032623291016,
  "summary_gm_mean": 613.9431762695312,
  "summary_gm_median": 614.0339965820312,
  "summary_gm_n": 38378.0,
  "summary_gm_p05": 522.674169921875,
  "summary_gm_p95": 702.9638549804688,
  "summary_gm_stdv": 54.82919692993164,
  "summary_wm_k": 1.2672358124987513,
  "summary_wm_mad": 46.26354217529297,
  "summary_wm_mean": 989.2273559570312,
  "summary_wm_median": 1000.0054321289062,
  "summary_wm_n": 187802.0,
  "summary_wm_p05": 856.2866088867188,
  "summary_wm_p95": 1069.2676635742187,
  "summary_wm_stdv": 61.353824615478516,
  "tpm_overlap_csf": 0.2055465579032898,
  "tpm_overlap_gm": 0.5261529088020325,
  "tpm_overlap_wm": 0.5414004325866699,
  "wm2max": 0.5707712766124381
}