{
  "aor": 0.007572440476190475,
  "aqi": 0.007396549285714285,
  "bids_meta": {
    "AcquisitionMatrixPE": 64,
    "ConversionSoftware": "dcm2niix",
    "ConversionSoftwareVersion": "v1.0.20171017 (OpenJPEG build) GCC4.8.4",
    "DeviceSerialNumber": "0000000517353VH3",
    "EchoTime": 0.0279,
    "EffectiveEchoSpacing": 0.000608,
    "FlipAngle": 76,
    "ImageOrientationPatientDICOM": [
      1,
      0,
      0,
      0,
      1,
      0
    ],
    "ImageType": [
      "ORIGINAL",
      "PRIMARY",
      "EPI",
      "NONE"
    ],
    "InPlanePhaseEncodingDirectionDICOM": "COL",
    "InstitutionName": "Michigan_State_University",
    "MRAcquisitionType": "2D",
    "MagneticFieldStrength": 3,
    "Manufacturer": "GE",
    "ManufacturersModelName": "Signa_HDxt",
    "Modality": "MR",
    "PatientPosition": "HFS",
    "PercentPhaseFOV": 100,
    "PixelBandwidth": 7812.5,
    "ProtocolName": "fMRI",
    "ReconMatrixPE": 64,
    "RepetitionTime": 2,
    "SAR": 0.225736,
    "ScanOptions": "EPI_GEMS",
    "ScanningSequence": "EP_GR",
    "SequenceVariant": "SS",
    "SeriesDescription": "fMRI",
    "SliceThickness": 4,
    "SoftwareVersions": "24_LX_MR_Software_release:HD16.0_V02_1131.a",
    "SpacingBetweenSlices": 4,
    "StationName": "MR03MR03",
    "TaskName": "flanker",
    "TotalReadoutTime": 0.038304,
    "modality": "bold",
    "run_id": "02",
    "session_id": "ControlPre",
    "subject_id": "020",
    "task_id": "flanker"
  },
  "dummy_trs": 0,
  "dvars_nstd": 14.263357128263477,
  "dvars_std": 1.1253426034131737,
  "dvars_vstd": 0.9397653453293409,
  "efc": 0.4596597865362488,
  "fber": 14106.9091796875,
  "fd_mean": 0.15561255606307403,
  "fd_num": 7,
  "fd_perc": 4.166666666666667,
  "fwhm_avg": 2.9635263333333337,
  "fwhm_x": 2.8972712727272727,
  "fwhm_y": 3.253032727272727,
  "fwhm_z": 2.740275,
  "gcor": 0.0361649,
  "gsr_x": -0.009522125124931335,
  "gsr_y": 0.008793255314230919,
  "provenance": {
    "md5sum": "4d5722e4082199dc5d52ec27343e0a35",
    "settings": {
      "fd_thres": 0.5,
      "hmc_fsl": false
    },
    "software": "mriqc",
    "version": "0.10.4"
  },
  "size_t": 168,
  "size_x": 64,
  "size_y": 64,
  "size_z": 30,
  "snr": 5.4808582621655075,
  "spacing_tr": 2.0,
  "spacing_x": 3.4375,
  "spacing_y": 3.4375,
  "spacing_z": 4.0,
  "summary_bg_k": 72.21969215433354,
  "summary_bg_mad": 13.99647331237793,
  "summary_bg_mean": 65.1229019165039,
  "summary_bg_median": 33.25595474243164,
  "summary_bg_n": 70869.0,
  "summary_bg_p05": 0.8809524178504944,
  "summary_bg_p95": 209.38691101074141,
  "summary_bg_stdv": 121.26168060302734,
  "summary_fg_k": 4.3714011139927615,
  "summary_fg_mad": 520.8345947265625,
  "summary_fg_mean": 3894.22412109375,
  "summary_fg_median": 4019.892822265625,
  "summary_fg_n": 24803.0,
  "summary_fg_p05": 2460.5738525390625,
  "summary_fg_p95": 4766.92685546875,
  "summary_fg_stdv": 733.4274291992188,
  "tsnr": 73.62635040283203
}