{
  "aor": 0.024825595238095237,
  "aqi": 0.02683590375,
  "bids_meta": {
    "AcquisitionMatrixPE": 64,
    "ConversionSoftware": "dcm2niix",
    "ConversionSoftwareVersion": "v1.0.20171017 (OpenJPEG build) GCC4.8.4",
    "DeviceSerialNumber": "0000000517353VH3",
    "EchoTime": 0.0279,
    "EffectiveEchoSpacing": 0.000608,
    "FlipAngle": 76,
    "ImageOrientationPatientDICOM": [
      1,
      0,
      0,
      0,
      1,
      0
    ],
    "ImageType": [
      "ORIGINAL",
      "PRIMARY",
      "EPI",
      "NONE"
    ],
    "InPlanePhaseEncodingDirectionDICOM": "COL",
    "InstitutionName": "Michigan_State_University",
    "MRAcquisitionType": "2D",
    "MagneticFieldStrength": 3,
    "Manufacturer": "GE",
    "ManufacturersModelName": "Signa_HDxt",
    "Modality": "MR",
    "PatientPosition": "HFS",
    "PercentPhaseFOV": 100,
    "PixelBandwidth": 7812.5,
    "ProtocolName": "fMRI",
    "ReconMatrixPE": 64,
    "RepetitionTime": 2,
    "SAR": 0.225736,
    "ScanOptions": "EPI_GEMS",
    "ScanningSequence": "EP_GR",
    "SequenceVariant": "SS",
    "SeriesDescription": "fMRI",
    "SliceThickness": 4,
    "SoftwareVersions": "24_LX_MR_Software_release:HD16.0_V02_1131.a",
    "SpacingBetweenSlices": 4,
    "StationName": "MR03MR03",
    "TaskName": "flanker",
    "TotalReadoutTime": 0.038304,
    "modality": "bold",
    "run_id": "02",
    "session_id": "ControlPre",
    "subject_id": "026",
    "task_id": "flanker"
  },
  "dummy_trs": 0,
  "dvars_nstd": 41.76051770287427,
  "dvars_std": 1.09306392491018,
  "dvars_vstd": 1.1594679533532937,
  "efc": 0.4815057685920217,
  "fber": 12267.779296875,
  "fd_mean": 0.8736437033427065,
  "fd_num": 95,
  "fd_perc": 56.54761904761905,
  "fwhm_avg": 2.980165575757576,
  "fwhm_x": 2.8193076363636362,
  "fwhm_y": 3.3625890909090907,
  "fwhm_z": 2.7586,
  "gcor": 0.124302,
  "gsr_x": -0.008989405818283558,
  "gsr_y": 0.011426938697695732,
  "provenance": {
    "md5sum": "5ee351557f23594324ca1fb9f878914c",
    "settings": {
      "fd_thres": 0.5,
      "hmc_fsl": false
    },
    "software": "mriqc",
    "version": "0.10.4"
  },
  "size_t": 168,
  "size_x": 64,
  "size_y": 64,
  "size_z": 30,
  "snr": 5.093857057589895,
  "spacing_tr": 2.0,
  "spacing_x": 3.4375,
  "spacing_y": 3.4375,
  "spacing_z": 4.0,
  "summary_bg_k": 52.642633581370426,
  "summary_bg_mad": 12.54916763305664,
  "summary_bg_mean": 54.99304962158203,
  "summary_bg_median": 26.970237731933594,
  "summary_bg_n": 68128.0,
  "summary_bg_p05": 0.8392857313156128,
  "summary_bg_p95": 205.77560424804682,
  "summary_bg_stdv": 102.47097778320312,
  "summary_fg_k": 1.9388764620129644,
  "summary_fg_mad": 488.803955078125,
  "summary_fg_mean": 2973.14794921875,
  "summary_fg_median": 3052.0087890625,
  "summary_fg_n": 27138.0,
  "summary_fg_p05": 1867.9946533203124,
  "summary_fg_p95": 3795.671215820312,
  "summary_fg_stdv": 599.1437377929688,
  "tsnr": 25.487485885620117
}