{
  "aor": 0.028693392857142855,
  "aqi": 0.007704106785714286,
  "bids_meta": {
    "AcquisitionMatrixPE": 64,
    "ConversionSoftware": "dcm2niix",
    "ConversionSoftwareVersion": "v1.0.20171017 (OpenJPEG build) GCC4.8.4",
    "DeviceSerialNumber": "0000000517353VH3",
    "EchoTime": 0.0279,
    "EffectiveEchoSpacing": 0.000608,
    "FlipAngle": 76,
    "ImageOrientationPatientDICOM": [
      1,
      0,
      0,
      0,
      1,
      0
    ],
    "ImageType": [
      "ORIGINAL",
      "PRIMARY",
      "EPI",
      "NONE"
    ],
    "InPlanePhaseEncodingDirectionDICOM": "COL",
    "InstitutionName": "Michigan_State_University",
    "MRAcquisitionType": "2D",
    "MagneticFieldStrength": 3,
    "Manufacturer": "GE",
    "ManufacturersModelName": "Signa_HDxt",
    "Modality": "MR",
    "PatientPosition": "HFS",
    "PercentPhaseFOV": 100,
    "PixelBandwidth": 7812.5,
    "ProtocolName": "fMRI",
    "ReconMatrixPE": 64,
    "RepetitionTime": 2,
    "SAR": 0.225736,
    "ScanOptions": "EPI_GEMS",
    "ScanningSequence": "EP_GR",
    "SequenceVariant": "SS",
    "SeriesDescription": "fMRI",
    "SliceThickness": 4,
    "SoftwareVersions": "24_LX_MR_Software_release:HD16.0_V02_1131.a",
    "SpacingBetweenSlices": 4,
    "StationName": "MR03MR03",
    "TaskName": "flanker",
    "TotalReadoutTime": 0.038304,
    "modality": "bold",
    "run_id": "01",
    "session_id": "ExercisePre",
    "subject_id": "028",
    "task_id": "flanker"
  },
  "dummy_trs": 0,
  "dvars_nstd": 21.59278980437126,
  "dvars_std": 1.242537570958084,
  "dvars_vstd": 1.175201593532934,
  "efc": 0.42450752680449266,
  "fber": 12673.2431640625,
  "fd_mean": 0.34956542925519857,
  "fd_num": 20,
  "fd_perc": 11.904761904761905,
  "fwhm_avg": 3.0982786363636365,
  "fwhm_x": 3.115927272727273,
  "fwhm_y": 3.4654836363636363,
  "fwhm_z": 2.713425,
  "gcor": 0.0925937,
  "gsr_x": -0.0063465251587331295,
  "gsr_y": 0.0054665664210915565,
  "provenance": {
    "md5sum": "7334cd491d43146c2fc7ab6dddb84936",
    "settings": {
      "fd_thres": 0.5,
      "hmc_fsl": false
    },
    "software": "mriqc",
    "version": "0.10.4"
  },
  "size_t": 168,
  "size_x": 64,
  "size_y": 64,
  "size_z": 30,
  "snr": 4.587030481848605,
  "spacing_tr": 2.0,
  "spacing_x": 3.4375,
  "spacing_y": 3.4375,
  "spacing_z": 4.0,
  "summary_bg_k": 78.36917640238762,
  "summary_bg_mad": 11.825517654418945,
  "summary_bg_mean": 59.3717155456543,
  "summary_bg_median": 26.619047164916992,
  "summary_bg_n": 76151.0,
  "summary_bg_p05": 0.523809552192688,
  "summary_bg_p95": 196.9732208251953,
  "summary_bg_stdv": 130.36793518066406,
  "summary_fg_k": 2.466892502979289,
  "summary_fg_mad": 462.8013916015625,
  "summary_fg_mean": 2913.029052734375,
  "summary_fg_median": 3054.642822265625,
  "summary_fg_n": 20289.0,
  "summary_fg_p05": 1452.2107666015627,
  "summary_fg_p95": 3689.736865234375,
  "summary_fg_stdv": 665.9139404296875,
  "tsnr": 49.02147674560547
}