{
  "aor": 0.009807976190476192,
  "aqi": 0.0042835095833333335,
  "bids_meta": {
    "AcquisitionMatrixPE": 64,
    "ConversionSoftware": "dcm2niix",
    "ConversionSoftwareVersion": "v1.0.20171017 (OpenJPEG build) GCC4.8.4",
    "DeviceSerialNumber": "0000000517353VH3",
    "EchoTime": 0.0279,
    "EffectiveEchoSpacing": 0.000608,
    "FlipAngle": 76,
    "ImageOrientationPatientDICOM": [
      1,
      0,
      0,
      0,
      1,
      0
    ],
    "ImageType": [
      "ORIGINAL",
      "PRIMARY",
      "EPI",
      "NONE"
    ],
    "InPlanePhaseEncodingDirectionDICOM": "COL",
    "InstitutionName": "Michigan_State_University",
    "MRAcquisitionType": "2D",
    "MagneticFieldStrength": 3,
    "Manufacturer": "GE",
    "ManufacturersModelName": "Signa_HDxt",
    "Modality": "MR",
    "PatientPosition": "HFS",
    "PercentPhaseFOV": 100,
    "PixelBandwidth": 7812.5,
    "ProtocolName": "fMRI",
    "ReconMatrixPE": 64,
    "RepetitionTime": 2,
    "SAR": 0.225736,
    "ScanOptions": "EPI_GEMS",
    "ScanningSequence": "EP_GR",
    "SequenceVariant": "SS",
    "SeriesDescription": "fMRI",
    "SliceThickness": 4,
    "SoftwareVersions": "24_LX_MR_Software_release:HD16.0_V02_1131.a",
    "SpacingBetweenSlices": 4,
    "StationName": "MR03MR03",
    "TaskName": "flanker",
    "TotalReadoutTime": 0.038304,
    "modality": "bold",
    "run_id": "01",
    "session_id": "ExercisePre",
    "subject_id": "034",
    "task_id": "flanker"
  },
  "dummy_trs": 0,
  "dvars_nstd": 19.157666017904184,
  "dvars_std": 1.1902795126946106,
  "dvars_vstd": 1.0373272980838328,
  "efc": 0.49228318432080803,
  "fber": 10988.1728515625,
  "fd_mean": 0.29849618855253424,
  "fd_num": 29,
  "fd_perc": 17.261904761904763,
  "fwhm_avg": 2.9853532121212125,
  "fwhm_x": 2.803761454545455,
  "fwhm_y": 3.442298181818182,
  "fwhm_z": 2.71,
  "gcor": 0.0385881,
  "gsr_x": -0.010336984880268574,
  "gsr_y": 0.017882533371448517,
  "provenance": {
    "md5sum": "37a40ef20ca74da2a31e1fc8459ca018",
    "settings": {
      "fd_thres": 0.5,
      "hmc_fsl": false
    },
    "software": "mriqc",
    "version": "0.10.4"
  },
  "size_t": 168,
  "size_x": 64,
  "size_y": 64,
  "size_z": 30,
  "snr": 4.903095307665232,
  "spacing_tr": 2.0,
  "spacing_x": 3.4375,
  "spacing_y": 3.4375,
  "spacing_z": 4.0,
  "summary_bg_k": 71.29964693734043,
  "summary_bg_mad": 12.337370872497559,
  "summary_bg_mean": 57.87300491333008,
  "summary_bg_median": 26.994049072265625,
  "summary_bg_n": 66743.0,
  "summary_bg_p05": 0.2202381044626236,
  "summary_bg_p95": 223.62559509277312,
  "summary_bg_stdv": 113.86400604248047,
  "summary_fg_k": 1.8285748687895023,
  "summary_fg_mad": 489.7969665527344,
  "summary_fg_mean": 2856.60302734375,
  "summary_fg_median": 2915.321533203125,
  "summary_fg_n": 28081.0,
  "summary_fg_p05": 1761.09521484375,
  "summary_fg_p95": 3695.20849609375,
  "summary_fg_stdv": 594.577392578125,
  "tsnr": 70.47010803222656
}