{
  "aor": 0.01875613095238095,
  "aqi": 0.008587726785714286,
  "bids_meta": {
    "AcquisitionMatrixPE": 64,
    "ConversionSoftware": "dcm2niix",
    "ConversionSoftwareVersion": "v1.0.20171017 (OpenJPEG build) GCC4.8.4",
    "DeviceSerialNumber": "0000000517353VH3",
    "EchoTime": 0.0279,
    "EffectiveEchoSpacing": 0.000608,
    "FlipAngle": 76,
    "ImageOrientationPatientDICOM": [
      1,
      0,
      0,
      0,
      1,
      0
    ],
    "ImageType": [
      "ORIGINAL",
      "PRIMARY",
      "EPI",
      "NONE"
    ],
    "InPlanePhaseEncodingDirectionDICOM": "COL",
    "InstitutionName": "Michigan_State_University",
    "MRAcquisitionType": "2D",
    "MagneticFieldStrength": 3,
    "Manufacturer": "GE",
    "ManufacturersModelName": "Signa_HDxt",
    "Modality": "MR",
    "PatientPosition": "HFS",
    "PercentPhaseFOV": 100,
    "PixelBandwidth": 7812.5,
    "ProtocolName": "fMRI",
    "ReconMatrixPE": 64,
    "RepetitionTime": 2,
    "SAR": 0.225736,
    "ScanOptions": "EPI_GEMS",
    "ScanningSequence": "EP_GR",
    "SequenceVariant": "SS",
    "SeriesDescription": "fMRI",
    "SliceThickness": 4,
    "SoftwareVersions": "24_LX_MR_Software_release:HD16.0_V02_1131.a",
    "SpacingBetweenSlices": 4,
    "StationName": "MR03MR03",
    "TaskName": "rest",
    "TotalReadoutTime": 0.038304,
    "modality": "bold",
    "session_id": "ControlPre",
    "subject_id": "025",
    "task_id": "rest"
  },
  "dummy_trs": 0,
  "dvars_nstd": 23.942587252634727,
  "dvars_std": 1.1697313053892215,
  "dvars_vstd": 1.0706621934730538,
  "efc": 0.5074864278967613,
  "fber": 11750.69140625,
  "fd_mean": 0.2397203913618781,
  "fd_num": 14,
  "fd_perc": 8.333333333333334,
  "fwhm_avg": 2.8884285454545453,
  "fwhm_x": 2.792759272727273,
  "fwhm_y": 3.2474763636363635,
  "fwhm_z": 2.62505,
  "gcor": 0.0838661,
  "gsr_x": -0.007943558506667614,
  "gsr_y": 0.01378900371491909,
  "provenance": {
    "md5sum": "a7e79cb293723c779eabc2cc1d2577b8",
    "settings": {
      "fd_thres": 0.5,
      "hmc_fsl": false
    },
    "software": "mriqc",
    "version": "0.10.4"
  },
  "size_t": 168,
  "size_x": 64,
  "size_y": 64,
  "size_z": 30,
  "snr": 5.188354023050759,
  "spacing_tr": 2.0,
  "spacing_x": 3.4375,
  "spacing_y": 3.4375,
  "spacing_z": 4.0,
  "summary_bg_k": 71.8382202246261,
  "summary_bg_mad": 13.414017677307129,
  "summary_bg_mean": 55.89573669433594,
  "summary_bg_median": 32.19047546386719,
  "summary_bg_n": 63287.0,
  "summary_bg_p05": 0.3291666716337215,
  "summary_bg_p95": 172.2583312988281,
  "summary_bg_stdv": 87.57232666015625,
  "summary_fg_k": 2.4131599788732228,
  "summary_fg_mad": 573.4492797851562,
  "summary_fg_mean": 3511.715576171875,
  "summary_fg_median": 3565.75,
  "summary_fg_n": 31008.0,
  "summary_fg_p05": 2284.7565185546873,
  "summary_fg_p95": 4488.790771484375,
  "summary_fg_stdv": 687.249267578125,
  "tsnr": 50.24369812011719
}