{
  "bids_meta": {
    "AcquisitionMatrixPE": 256,
    "ConversionSoftware": "dcm2niix",
    "ConversionSoftwareVersion": "v1.0.20171017 (OpenJPEG build) GCC4.8.4",
    "DeviceSerialNumber": "0000000517353VH3",
    "EchoTime": 0.003828,
    "FlipAngle": 8,
    "ImageOrientationPatientDICOM": [
      0,
      1,
      0,
      0,
      0,
      -1
    ],
    "ImageType": [
      "ORIGINAL",
      "PRIMARY",
      "OTHER"
    ],
    "InPlanePhaseEncodingDirectionDICOM": "ROW",
    "InstitutionName": "Michigan_State_University",
    "InversionTime": 0.04,
    "MRAcquisitionType": "3D",
    "MagneticFieldStrength": 3,
    "Manufacturer": "GE",
    "ManufacturersModelName": "Signa_HDxt",
    "Modality": "MR",
    "PatientPosition": "HFS",
    "PercentPhaseFOV": 100,
    "PixelBandwidth": 162.734,
    "ProtocolName": "mprage_1mm_iso_20.83_bw",
    "ReconMatrixPE": 256,
    "RepetitionTime": 0.008596,
    "SAR": 0.306132,
    "ScanOptions": "NONE",
    "ScanningSequence": "RM",
    "SequenceVariant": "NONE",
    "SeriesDescription": "mprage_1mm_iso_20.83_bw",
    "SliceThickness": 1,
    "SoftwareVersions": "24_LX_MR_Software_release:HD16.0_V02_1131.a",
    "SpacingBetweenSlices": 1,
    "StationName": "MR03MR03",
    "modality": "T1w",
    "session_id": "ExercisePre",
    "subject_id": "028"
  },
  "cjv": 0.27110042157840764,
  "cnr": 3.905090118907503,
  "efc": 0.5565787974481277,
  "fber": 113.46627044677734,
  "fwhm_avg": 3.97313,
  "fwhm_x": 3.86914,
  "fwhm_y": 4.20129,
  "fwhm_z": 3.84896,
  "icvs_csf": 0.17765229157214638,
  "icvs_gm": 0.48526206112127673,
  "icvs_wm": 0.33708564730657686,
  "inu_med": 1.0088005065917969,
  "inu_range": 0.34144969284534465,
  "provenance": {
    "md5sum": "bba136da040309268975891d18af08a9",
    "settings": {
      "testing": false
    },
    "software": "mriqc",
    "version": "0.10.4",
    "warnings": {
      "large_rot_frame": true,
      "small_air_mask": false
    }
  },
  "qi_1": 0.0,
  "qi_2": 0.0009181533497098257,
  "rpve_csf": 34.74577818618369,
  "rpve_gm": 14.878929297856068,
  "rpve_wm": 23.703110252373264,
  "size_x": 180,
  "size_y": 256,
  "size_z": 256,
  "snr_csf": 2.9086555843404107,
  "snr_gm": 11.215550048101234,
  "snr_total": 8.850082598707754,
  "snr_wm": 12.426042163681618,
  "snrd_csf": 17.730828764405867,
  "snrd_gm": 32.368803308862965,
  "snrd_total": 34.21848318353821,
  "snrd_wm": 52.5558174773458,
  "spacing_x": 1.0,
  "spacing_y": 1.0,
  "spacing_z": 1.0,
  "summary_bg_k": 2.190120257760623,
  "summary_bg_mad": 12.46565055847168,
  "summary_bg_mean": 46.607276916503906,
  "summary_bg_median": 45.2818489074707,
  "summary_bg_n": 2820778.0,
  "summary_bg_p05": 27.717484760284425,
  "summary_bg_p95": 70.17282829284667,
  "summary_bg_stdv": 13.524575233459473,
  "summary_csf_k": -0.08558664131262139,
  "summary_csf_mad": 133.17227172851562,
  "summary_csf_mean": 335.89349365234375,
  "summary_csf_median": 337.37451171875,
  "summary_csf_n": 8130.0,
  "summary_csf_p05": 165.00285415649415,
  "summary_csf_p95": 520.2882080078125,
  "summary_csf_stdv": 115.98271179199219,
  "summary_gm_k": 0.2974048370978224,
  "summary_gm_mad": 53.359249114990234,
  "summary_gm_mean": 615.2473754882812,
  "summary_gm_median": 615.8995361328125,
  "summary_gm_n": 35148.0,
  "summary_gm_p05": 524.0131347656251,
  "summary_gm_p95": 703.4973205566406,
  "summary_gm_stdv": 54.914005279541016,
  "summary_wm_k": 0.8653066081587006,
  "summary_wm_mad": 50.77306365966797,
  "summary_wm_mean": 977.0411987304688,
  "summary_wm_median": 1000.00927734375,
  "summary_wm_n": 137194.0,
  "summary_wm_p05": 797.7406311035156,
  "summary_wm_p95": 1067.6231018066405,
  "summary_wm_stdv": 80.47660064697266,
  "tpm_overlap_csf": 0.19953598082065582,
  "tpm_overlap_gm": 0.5333942770957947,
  "tpm_overlap_wm": 0.5276904702186584,
  "wm2max": 0.6040153664567998
}