{
  "bids_meta": {
    "AcquisitionMatrixPE": 256,
    "ConversionSoftware": "dcm2niix",
    "ConversionSoftwareVersion": "v1.0.20171017 (OpenJPEG build) GCC4.8.4",
    "DeviceSerialNumber": "0000000517353VH3",
    "EchoTime": 0.003828,
    "FlipAngle": 8,
    "ImageOrientationPatientDICOM": [
      0,
      1,
      0,
      0,
      0,
      -1
    ],
    "ImageType": [
      "ORIGINAL",
      "PRIMARY",
      "OTHER"
    ],
    "InPlanePhaseEncodingDirectionDICOM": "ROW",
    "InstitutionName": "Michigan_State_University",
    "InversionTime": 0.04,
    "MRAcquisitionType": "3D",
    "MagneticFieldStrength": 3,
    "Manufacturer": "GE",
    "ManufacturersModelName": "Signa_HDxt",
    "Modality": "MR",
    "PatientPosition": "HFS",
    "PercentPhaseFOV": 100,
    "PixelBandwidth": 162.734,
    "ProtocolName": "mprage_1mm_iso_20.83_bw",
    "ReconMatrixPE": 256,
    "RepetitionTime": 0.008596,
    "SAR": 0.306132,
    "ScanOptions": "NONE",
    "ScanningSequence": "RM",
    "SequenceVariant": "NONE",
    "SeriesDescription": "mprage_1mm_iso_20.83_bw",
    "SliceThickness": 1,
    "SoftwareVersions": "24_LX_MR_Software_release:HD16.0_V02_1131.a",
    "SpacingBetweenSlices": 1,
    "StationName": "MR03MR03",
    "modality": "T1w",
    "session_id": "ControlPre",
    "subject_id": "034"
  },
  "cjv": 0.28368753264543,
  "cnr": 4.469343521669709,
  "efc": 0.6021761697448668,
  "fber": 100.342529296875,
  "fwhm_avg": 3.92737,
  "fwhm_x": 3.71114,
  "fwhm_y": 4.20038,
  "fwhm_z": 3.87059,
  "icvs_csf": 0.1803779166572785,
  "icvs_gm": 0.488579332055619,
  "icvs_wm": 0.3310427512871025,
  "inu_med": 0.8426206707954407,
  "inu_range": 0.2762276530265808,
  "provenance": {
    "md5sum": "c53cce9126288b6ad1609b55f3b877fc",
    "settings": {
      "testing": false
    },
    "software": "mriqc",
    "version": "0.10.4",
    "warnings": {
      "large_rot_frame": true,
      "small_air_mask": false
    }
  },
  "qi_1": 0.0,
  "qi_2": 0.0006787818853319313,
  "rpve_csf": 25.708958568597556,
  "rpve_gm": 11.186928477136197,
  "rpve_wm": 18.273500246500628,
  "size_x": 180,
  "size_y": 256,
  "size_z": 256,
  "snr_csf": 2.725744997757049,
  "snr_gm": 11.295397953081117,
  "snr_total": 11.054279706358633,
  "snr_wm": 19.141696168237733,
  "snrd_csf": 16.02627412212122,
  "snrd_gm": 29.11973654234247,
  "snrd_total": 30.048594737167008,
  "snrd_wm": 44.99977354703734,
  "spacing_x": 1.0,
  "spacing_y": 1.0,
  "spacing_z": 1.0,
  "summary_bg_k": 0.5466113666108483,
  "summary_bg_mad": 14.558774948120117,
  "summary_bg_mean": 52.167884826660156,
  "summary_bg_median": 50.76372528076172,
  "summary_bg_n": 2961267.0,
  "summary_bg_p05": 30.568610954284665,
  "summary_bg_p95": 78.74668655395507,
  "summary_bg_stdv": 14.938400268554688,
  "summary_csf_k": -0.1837931444920402,
  "summary_csf_mad": 146.5416717529297,
  "summary_csf_mean": 355.54248046875,
  "summary_csf_median": 356.14404296875,
  "summary_csf_n": 15827.0,
  "summary_csf_p05": 156.15074615478517,
  "summary_csf_p95": 564.0811950683593,
  "summary_csf_stdv": 130.65521240234375,
  "summary_gm_k": 0.436685620541716,
  "summary_gm_mad": 54.2908935546875,
  "summary_gm_mean": 648.8292236328125,
  "summary_gm_median": 647.1136474609375,
  "summary_gm_n": 60708.0,
  "summary_gm_p05": 558.3293212890626,
  "summary_gm_p95": 746.2997924804687,
  "summary_gm_stdv": 57.289554595947266,
  "summary_wm_k": 0.8466241492437243,
  "summary_wm_mad": 45.82081604003906,
  "summary_wm_mean": 996.394775390625,
  "summary_wm_median": 1000.0079345703125,
  "summary_wm_n": 196858.0,
  "summary_wm_p05": 900.8832244873047,
  "summary_wm_p95": 1075.2510681152344,
  "summary_wm_stdv": 52.24225616455078,
  "tpm_overlap_csf": 0.2034439891576767,
  "tpm_overlap_gm": 0.5393782258033752,
  "tpm_overlap_wm": 0.5401885509490967,
  "wm2max": 0.6729651473476455
}