{
  "bids_meta": {
    "AcquisitionMatrixPE": 256,
    "ConversionSoftware": "dcm2niix",
    "ConversionSoftwareVersion": "v1.0.20171017 (OpenJPEG build) GCC4.8.4",
    "DeviceSerialNumber": "0000000517353VH3",
    "EchoTime": 0.003828,
    "FlipAngle": 8,
    "ImageOrientationPatientDICOM": [
      0,
      1,
      0,
      0,
      0,
      -1
    ],
    "ImageType": [
      "ORIGINAL",
      "PRIMARY",
      "OTHER"
    ],
    "InPlanePhaseEncodingDirectionDICOM": "ROW",
    "InstitutionName": "Michigan_State_University",
    "InversionTime": 0.04,
    "MRAcquisitionType": "3D",
    "MagneticFieldStrength": 3,
    "Manufacturer": "GE",
    "ManufacturersModelName": "Signa_HDxt",
    "Modality": "MR",
    "PatientPosition": "HFS",
    "PercentPhaseFOV": 100,
    "PixelBandwidth": 162.734,
    "ProtocolName": "mprage_1mm_iso_20.83_bw",
    "ReconMatrixPE": 256,
    "RepetitionTime": 0.008596,
    "SAR": 0.306132,
    "ScanOptions": "NONE",
    "ScanningSequence": "RM",
    "SequenceVariant": "NONE",
    "SeriesDescription": "mprage_1mm_iso_20.83_bw",
    "SliceThickness": 1,
    "SoftwareVersions": "24_LX_MR_Software_release:HD16.0_V02_1131.a",
    "SpacingBetweenSlices": 1,
    "StationName": "MR03MR03",
    "modality": "T1w",
    "session_id": "ControlPre",
    "subject_id": "027"
  },
  "cjv": 0.2780238899698785,
  "cnr": 4.596881381158838,
  "efc": 0.5858085526991212,
  "fber": 91.71246337890625,
  "fwhm_avg": 4.024596666666667,
  "fwhm_x": 3.88363,
  "fwhm_y": 4.24032,
  "fwhm_z": 3.94984,
  "icvs_csf": 0.184646099184292,
  "icvs_gm": 0.47626954928532367,
  "icvs_wm": 0.3390843515303843,
  "inu_med": 1.0584499835968018,
  "inu_range": 0.3130009561777114,
  "provenance": {
    "md5sum": "3f71747d01d7ef1437ac2c7b8b38b4df",
    "settings": {
      "testing": false
    },
    "software": "mriqc",
    "version": "0.10.4",
    "warnings": {
      "large_rot_frame": true,
      "small_air_mask": false
    }
  },
  "qi_1": 0.0,
  "qi_2": 0.0010053089548278773,
  "rpve_csf": 28.713601389253398,
  "rpve_gm": 12.824587793777233,
  "rpve_wm": 20.144469180584327,
  "size_x": 180,
  "size_y": 256,
  "size_z": 256,
  "snr_csf": 2.47724000982687,
  "snr_gm": 10.440466863809792,
  "snr_total": 10.609352656550508,
  "snr_wm": 18.91035109601486,
  "snrd_csf": 12.37640557058825,
  "snrd_gm": 29.152557302048645,
  "snrd_total": 29.385580595665555,
  "snrd_wm": 46.62777891435976,
  "spacing_x": 1.0,
  "spacing_y": 1.0,
  "spacing_z": 1.0,
  "summary_bg_k": 2.7441095456338855,
  "summary_bg_mad": 14.050451278686523,
  "summary_bg_mean": 52.55193328857422,
  "summary_bg_median": 50.387107849121094,
  "summary_bg_n": 2824506.0,
  "summary_bg_p05": 31.07200574874878,
  "summary_bg_p95": 81.71359825134277,
  "summary_bg_stdv": 16.267276763916016,
  "summary_csf_k": 0.27090897819997206,
  "summary_csf_mad": 109.01557922363281,
  "summary_csf_mean": 283.37469482421875,
  "summary_csf_median": 265.431884765625,
  "summary_csf_n": 15642.0,
  "summary_csf_p05": 138.59789047241213,
  "summary_csf_p95": 475.589810180664,
  "summary_csf_stdv": 107.14480590820312,
  "summary_gm_k": 0.12156057113266394,
  "summary_gm_mad": 59.18672180175781,
  "summary_gm_mean": 627.4290161132812,
  "summary_gm_median": 625.223388671875,
  "summary_gm_n": 50389.0,
  "summary_gm_p05": 532.1699951171875,
  "summary_gm_p95": 728.7363525390624,
  "summary_gm_stdv": 59.88402557373047,
  "summary_wm_k": 1.1369258557018371,
  "summary_wm_mad": 45.01223373413086,
  "summary_wm_mean": 995.9830932617188,
  "summary_wm_median": 1000.007568359375,
  "summary_wm_n": 170408.0,
  "summary_wm_p05": 898.7596588134766,
  "summary_wm_p95": 1074.8596069335936,
  "summary_wm_stdv": 52.8813362121582,
  "tpm_overlap_csf": 0.22670812904834747,
  "tpm_overlap_gm": 0.5463855862617493,
  "tpm_overlap_wm": 0.5464922785758972,
  "wm2max": 0.6097776792042156
}