{
  "aor": 0.013966845238095237,
  "aqi": 0.0075620322619047615,
  "bids_meta": {
    "AcquisitionMatrixPE": 64,
    "ConversionSoftware": "dcm2niix",
    "ConversionSoftwareVersion": "v1.0.20171017 (OpenJPEG build) GCC4.8.4",
    "DeviceSerialNumber": "0000000517353VH3",
    "EchoTime": 0.0279,
    "EffectiveEchoSpacing": 0.000608,
    "FlipAngle": 76,
    "ImageOrientationPatientDICOM": [
      1,
      0,
      0,
      0,
      1,
      0
    ],
    "ImageType": [
      "ORIGINAL",
      "PRIMARY",
      "EPI",
      "NONE"
    ],
    "InPlanePhaseEncodingDirectionDICOM": "COL",
    "InstitutionName": "Michigan_State_University",
    "MRAcquisitionType": "2D",
    "MagneticFieldStrength": 3,
    "Manufacturer": "GE",
    "ManufacturersModelName": "Signa_HDxt",
    "Modality": "MR",
    "PatientPosition": "HFS",
    "PercentPhaseFOV": 100,
    "PixelBandwidth": 7812.5,
    "ProtocolName": "fMRI",
    "ReconMatrixPE": 64,
    "RepetitionTime": 2,
    "SAR": 0.225736,
    "ScanOptions": "EPI_GEMS",
    "ScanningSequence": "EP_GR",
    "SequenceVariant": "SS",
    "SeriesDescription": "fMRI",
    "SliceThickness": 4,
    "SoftwareVersions": "24_LX_MR_Software_release:HD16.0_V02_1131.a",
    "SpacingBetweenSlices": 4,
    "StationName": "MR03MR03",
    "TaskName": "rest",
    "TotalReadoutTime": 0.038304,
    "modality": "bold",
    "session_id": "ControlPost",
    "subject_id": "012",
    "task_id": "rest"
  },
  "dummy_trs": 0,
  "dvars_nstd": 21.389201346826347,
  "dvars_std": 1.161696518562875,
  "dvars_vstd": 1.000016190898204,
  "efc": 0.4895618860321185,
  "fber": 11573.8583984375,
  "fd_mean": 0.26694433207716783,
  "fd_num": 20,
  "fd_perc": 11.904761904761905,
  "fwhm_avg": 2.899374121212121,
  "fwhm_x": 2.853943272727273,
  "fwhm_y": 3.182429090909091,
  "fwhm_z": 2.66175,
  "gcor": 0.0709576,
  "gsr_x": -0.010775553993880749,
  "gsr_y": 0.014970450662076473,
  "provenance": {
    "md5sum": "3137dd3b0ce32f7a5d1cb7ef8ab4a42e",
    "settings": {
      "fd_thres": 0.5,
      "hmc_fsl": false
    },
    "software": "mriqc",
    "version": "0.10.4"
  },
  "size_t": 168,
  "size_x": 64,
  "size_y": 64,
  "size_z": 30,
  "snr": 4.9667698490892676,
  "spacing_tr": 2.0,
  "spacing_x": 3.4375,
  "spacing_y": 3.4375,
  "spacing_z": 4.0,
  "summary_bg_k": 47.98050891649278,
  "summary_bg_mad": 18.80610466003418,
  "summary_bg_mean": 86.00531768798828,
  "summary_bg_median": 39.345237731933594,
  "summary_bg_n": 66530.0,
  "summary_bg_p05": 0.4464285671710968,
  "summary_bg_p95": 343.1982131958001,
  "summary_bg_stdv": 156.65809631347656,
  "summary_fg_k": 2.432229402632105,
  "summary_fg_mad": 681.4678344726562,
  "summary_fg_mean": 4198.66064453125,
  "summary_fg_median": 4313.90478515625,
  "summary_fg_n": 28043.0,
  "summary_fg_p05": 2520.4691162109375,
  "summary_fg_p95": 5369.543603515625,
  "summary_fg_stdv": 868.5379028320312,
  "tsnr": 54.4338493347168
}