{
  "aor": 0.03663190476190476,
  "aqi": 0.02308817744047619,
  "bids_meta": {
    "AcquisitionMatrixPE": 64,
    "ConversionSoftware": "dcm2niix",
    "ConversionSoftwareVersion": "v1.0.20171017 (OpenJPEG build) GCC4.8.4",
    "DeviceSerialNumber": "0000000517353VH3",
    "EchoTime": 0.0279,
    "EffectiveEchoSpacing": 0.000608,
    "FlipAngle": 76,
    "ImageOrientationPatientDICOM": [
      1,
      0,
      0,
      0,
      1,
      0
    ],
    "ImageType": [
      "ORIGINAL",
      "PRIMARY",
      "EPI",
      "NONE"
    ],
    "InPlanePhaseEncodingDirectionDICOM": "COL",
    "InstitutionName": "Michigan_State_University",
    "MRAcquisitionType": "2D",
    "MagneticFieldStrength": 3,
    "Manufacturer": "GE",
    "ManufacturersModelName": "Signa_HDxt",
    "Modality": "MR",
    "PatientPosition": "HFS",
    "PercentPhaseFOV": 100,
    "PixelBandwidth": 7812.5,
    "ProtocolName": "fMRI",
    "ReconMatrixPE": 64,
    "RepetitionTime": 2,
    "SAR": 0.225736,
    "ScanOptions": "EPI_GEMS",
    "ScanningSequence": "EP_GR",
    "SequenceVariant": "SS",
    "SeriesDescription": "fMRI",
    "SliceThickness": 4,
    "SoftwareVersions": "24_LX_MR_Software_release:HD16.0_V02_1131.a",
    "SpacingBetweenSlices": 4,
    "StationName": "MR03MR03",
    "TaskName": "flanker",
    "TotalReadoutTime": 0.038304,
    "modality": "bold",
    "run_id": "02",
    "session_id": "ControlPost",
    "subject_id": "022",
    "task_id": "flanker"
  },
  "dummy_trs": 0,
  "dvars_nstd": 41.305100720658686,
  "dvars_std": 1.0994749416766456,
  "dvars_vstd": 1.161766486227545,
  "efc": 0.46806042326962316,
  "fber": 9908.60546875,
  "fd_mean": 0.8570271115335472,
  "fd_num": 88,
  "fd_perc": 52.38095238095238,
  "fwhm_avg": 3.02983196969697,
  "fwhm_x": 2.9284945454545457,
  "fwhm_y": 3.377076363636364,
  "fwhm_z": 2.783925,
  "gcor": 0.160391,
  "gsr_x": -0.0029228602070361376,
  "gsr_y": 0.009492218494415283,
  "provenance": {
    "md5sum": "b86ab4dcc7636b989f1d7316dc66b69f",
    "settings": {
      "fd_thres": 0.5,
      "hmc_fsl": false
    },
    "software": "mriqc",
    "version": "0.10.4"
  },
  "size_t": 168,
  "size_x": 64,
  "size_y": 64,
  "size_z": 30,
  "snr": 4.99493696137362,
  "spacing_tr": 2.0,
  "spacing_x": 3.4375,
  "spacing_y": 3.4375,
  "spacing_z": 4.0,
  "summary_bg_k": 48.11323744764153,
  "summary_bg_mad": 13.881747245788574,
  "summary_bg_mean": 67.04898071289062,
  "summary_bg_median": 28.08333396911621,
  "summary_bg_n": 71227.0,
  "summary_bg_p05": 0.9821428656578064,
  "summary_bg_p95": 264.83155822753906,
  "summary_bg_stdv": 125.06886291503906,
  "summary_fg_k": 2.072088818546585,
  "summary_fg_mad": 468.7274475097656,
  "summary_fg_mean": 2771.42529296875,
  "summary_fg_median": 2852.827392578125,
  "summary_fg_n": 24574.0,
  "summary_fg_p05": 1672.048260498047,
  "summary_fg_p95": 3535.123620605469,
  "summary_fg_stdv": 571.1322021484375,
  "tsnr": 24.958759307861328
}