{
  "aor": 0.013575357142857144,
  "aqi": 0.009658004345238095,
  "bids_meta": {
    "AcquisitionMatrixPE": 64,
    "ConversionSoftware": "dcm2niix",
    "ConversionSoftwareVersion": "v1.0.20171017 (OpenJPEG build) GCC4.8.4",
    "DeviceSerialNumber": "0000000517353VH3",
    "EchoTime": 0.0279,
    "EffectiveEchoSpacing": 0.000608,
    "FlipAngle": 76,
    "ImageOrientationPatientDICOM": [
      1,
      0,
      0,
      0,
      1,
      0
    ],
    "ImageType": [
      "ORIGINAL",
      "PRIMARY",
      "EPI",
      "NONE"
    ],
    "InPlanePhaseEncodingDirectionDICOM": "COL",
    "InstitutionName": "Michigan_State_University",
    "MRAcquisitionType": "2D",
    "MagneticFieldStrength": 3,
    "Manufacturer": "GE",
    "ManufacturersModelName": "Signa_HDxt",
    "Modality": "MR",
    "PatientPosition": "HFS",
    "PercentPhaseFOV": 100,
    "PixelBandwidth": 7812.5,
    "ProtocolName": "fMRI",
    "ReconMatrixPE": 64,
    "RepetitionTime": 2,
    "SAR": 0.225736,
    "ScanOptions": "EPI_GEMS",
    "ScanningSequence": "EP_GR",
    "SequenceVariant": "SS",
    "SeriesDescription": "fMRI",
    "SliceThickness": 4,
    "SoftwareVersions": "24_LX_MR_Software_release:HD16.0_V02_1131.a",
    "SpacingBetweenSlices": 4,
    "StationName": "MR03MR03",
    "TaskName": "flanker",
    "TotalReadoutTime": 0.038304,
    "modality": "bold",
    "run_id": "02",
    "session_id": "ControlPre",
    "subject_id": "017",
    "task_id": "flanker"
  },
  "dummy_trs": 0,
  "dvars_nstd": 21.417407840778452,
  "dvars_std": 1.0339849928742513,
  "dvars_vstd": 0.9788789449101797,
  "efc": 0.5052689526732367,
  "fber": 12076.880859375,
  "fd_mean": 0.35993448564083186,
  "fd_num": 24,
  "fd_perc": 14.285714285714286,
  "fwhm_avg": 2.876683303030303,
  "fwhm_x": 2.6984203636363633,
  "fwhm_y": 3.2670545454545454,
  "fwhm_z": 2.664575,
  "gcor": 0.0847219,
  "gsr_x": -0.01048270147293806,
  "gsr_y": 0.018149172887206078,
  "provenance": {
    "md5sum": "72f19f7104402db976bd76f20c47453d",
    "settings": {
      "fd_thres": 0.5,
      "hmc_fsl": false
    },
    "software": "mriqc",
    "version": "0.10.4"
  },
  "size_t": 168,
  "size_x": 64,
  "size_y": 64,
  "size_z": 30,
  "snr": 5.393874974491111,
  "spacing_tr": 2.0,
  "spacing_x": 3.4375,
  "spacing_y": 3.4375,
  "spacing_z": 4.0,
  "summary_bg_k": 81.99617398979,
  "summary_bg_mad": 13.616996765136719,
  "summary_bg_mean": 59.68266677856445,
  "summary_bg_median": 35.101192474365234,
  "summary_bg_n": 63822.0,
  "summary_bg_p05": 0.5773809552192688,
  "summary_bg_p95": 184.2250053405761,
  "summary_bg_stdv": 96.3824691772461,
  "summary_fg_k": 2.3821339992371504,
  "summary_fg_mad": 620.7781372070312,
  "summary_fg_mean": 3880.771728515625,
  "summary_fg_median": 3951.785888671875,
  "summary_fg_n": 30717.0,
  "summary_fg_p05": 2609.636865234375,
  "summary_fg_p95": 4911.3109374999985,
  "summary_fg_stdv": 732.6312866210938,
  "tsnr": 47.663543701171875
}