{
  "aor": 0.013930119047619047,
  "aqi": 0.011994180476190476,
  "bids_meta": {
    "AcquisitionMatrixPE": 64,
    "ConversionSoftware": "dcm2niix",
    "ConversionSoftwareVersion": "v1.0.20171017 (OpenJPEG build) GCC4.8.4",
    "DeviceSerialNumber": "0000000517353VH3",
    "EchoTime": 0.0279,
    "EffectiveEchoSpacing": 0.000608,
    "FlipAngle": 76,
    "ImageOrientationPatientDICOM": [
      1,
      0,
      0,
      0,
      1,
      0
    ],
    "ImageType": [
      "ORIGINAL",
      "PRIMARY",
      "EPI",
      "NONE"
    ],
    "InPlanePhaseEncodingDirectionDICOM": "COL",
    "InstitutionName": "Michigan_State_University",
    "MRAcquisitionType": "2D",
    "MagneticFieldStrength": 3,
    "Manufacturer": "GE",
    "ManufacturersModelName": "Signa_HDxt",
    "Modality": "MR",
    "PatientPosition": "HFS",
    "PercentPhaseFOV": 100,
    "PixelBandwidth": 7812.5,
    "ProtocolName": "fMRI",
    "ReconMatrixPE": 64,
    "RepetitionTime": 2,
    "SAR": 0.225736,
    "ScanOptions": "EPI_GEMS",
    "ScanningSequence": "EP_GR",
    "SequenceVariant": "SS",
    "SeriesDescription": "fMRI",
    "SliceThickness": 4,
    "SoftwareVersions": "24_LX_MR_Software_release:HD16.0_V02_1131.a",
    "SpacingBetweenSlices": 4,
    "StationName": "MR03MR03",
    "TaskName": "flanker",
    "TotalReadoutTime": 0.038304,
    "modality": "bold",
    "run_id": "02",
    "session_id": "ExercisePre",
    "subject_id": "022",
    "task_id": "flanker"
  },
  "dummy_trs": 0,
  "dvars_nstd": 22.18210095838323,
  "dvars_std": 1.1347940147305395,
  "dvars_vstd": 0.9996692411976046,
  "efc": 0.4760432033269522,
  "fber": 8968.4228515625,
  "fd_mean": 0.34915315089807497,
  "fd_num": 34,
  "fd_perc": 20.238095238095237,
  "fwhm_avg": 2.948806909090909,
  "fwhm_x": 2.857248,
  "fwhm_y": 3.2872727272727276,
  "fwhm_z": 2.7019,
  "gcor": 0.091118,
  "gsr_x": -0.007450368255376816,
  "gsr_y": 0.010473338887095451,
  "provenance": {
    "md5sum": "3f3f9313abe67cede6e764951a343e02",
    "settings": {
      "fd_thres": 0.5,
      "hmc_fsl": false
    },
    "software": "mriqc",
    "version": "0.10.4"
  },
  "size_t": 168,
  "size_x": 64,
  "size_y": 64,
  "size_z": 30,
  "snr": 5.2461995951830565,
  "spacing_tr": 2.0,
  "spacing_x": 3.4375,
  "spacing_y": 3.4375,
  "spacing_z": 4.0,
  "summary_bg_k": 45.77726023236885,
  "summary_bg_mad": 17.155824661254883,
  "summary_bg_mean": 78.52552032470703,
  "summary_bg_median": 31.255952835083008,
  "summary_bg_n": 70933.0,
  "summary_bg_p05": 0.5059524178504944,
  "summary_bg_p95": 313.64166259765614,
  "summary_bg_stdv": 151.9409637451172,
  "summary_fg_k": 3.0878382145296355,
  "summary_fg_mad": 442.76397705078125,
  "summary_fg_mean": 2909.66162109375,
  "summary_fg_median": 2990.880859375,
  "summary_fg_n": 25032.0,
  "summary_fg_p05": 1820.8988403320313,
  "summary_fg_p95": 3644.9726562499995,
  "summary_fg_stdv": 570.0928955078125,
  "tsnr": 46.04301071166992
}