{
  "aor": 0.02008595238095238,
  "aqi": 0.010079331964285714,
  "bids_meta": {
    "AcquisitionMatrixPE": 64,
    "ConversionSoftware": "dcm2niix",
    "ConversionSoftwareVersion": "v1.0.20171017 (OpenJPEG build) GCC4.8.4",
    "DeviceSerialNumber": "0000000517353VH3",
    "EchoTime": 0.0279,
    "EffectiveEchoSpacing": 0.000608,
    "FlipAngle": 76,
    "ImageOrientationPatientDICOM": [
      1,
      0,
      0,
      0,
      1,
      0
    ],
    "ImageType": [
      "ORIGINAL",
      "PRIMARY",
      "EPI",
      "NONE"
    ],
    "InPlanePhaseEncodingDirectionDICOM": "COL",
    "InstitutionName": "Michigan_State_University",
    "MRAcquisitionType": "2D",
    "MagneticFieldStrength": 3,
    "Manufacturer": "GE",
    "ManufacturersModelName": "Signa_HDxt",
    "Modality": "MR",
    "PatientPosition": "HFS",
    "PercentPhaseFOV": 100,
    "PixelBandwidth": 7812.5,
    "ProtocolName": "fMRI",
    "ReconMatrixPE": 64,
    "RepetitionTime": 2,
    "SAR": 0.225736,
    "ScanOptions": "EPI_GEMS",
    "ScanningSequence": "EP_GR",
    "SequenceVariant": "SS",
    "SeriesDescription": "fMRI",
    "SliceThickness": 4,
    "SoftwareVersions": "24_LX_MR_Software_release:HD16.0_V02_1131.a",
    "SpacingBetweenSlices": 4,
    "StationName": "MR03MR03",
    "TaskName": "rest",
    "TotalReadoutTime": 0.038304,
    "modality": "bold",
    "session_id": "ControlPre",
    "subject_id": "041",
    "task_id": "rest"
  },
  "dummy_trs": 0,
  "dvars_nstd": 23.503879147485033,
  "dvars_std": 1.104515861317365,
  "dvars_vstd": 1.0693476305988023,
  "efc": 0.493024402990078,
  "fber": 3133.650634765625,
  "fd_mean": 0.3889016895733349,
  "fd_num": 34,
  "fd_perc": 20.238095238095237,
  "fwhm_avg": 2.9998223636363637,
  "fwhm_x": 2.860840727272727,
  "fwhm_y": 3.3114763636363636,
  "fwhm_z": 2.82715,
  "gcor": 0.0519169,
  "gsr_x": -0.0070887235924601555,
  "gsr_y": 0.012835810892283916,
  "provenance": {
    "md5sum": "5ed0b13cae9bfa5c4d71b7505e3dd583",
    "settings": {
      "fd_thres": 0.5,
      "hmc_fsl": false
    },
    "software": "mriqc",
    "version": "0.10.4"
  },
  "size_t": 168,
  "size_x": 64,
  "size_y": 64,
  "size_z": 30,
  "snr": 4.905777846734126,
  "spacing_tr": 2.0,
  "spacing_x": 3.4375,
  "spacing_y": 3.4375,
  "spacing_z": 4.0,
  "summary_bg_k": 116.54824484915302,
  "summary_bg_mad": 9.972268104553223,
  "summary_bg_mean": 59.234779357910156,
  "summary_bg_median": 47.125,
  "summary_bg_n": 67075.0,
  "summary_bg_p05": 0.7083333730697632,
  "summary_bg_p95": 139.8154754638672,
  "summary_bg_stdv": 70.6656265258789,
  "summary_fg_k": 2.235025201762083,
  "summary_fg_mad": 444.8248291015625,
  "summary_fg_mean": 2665.5185546875,
  "summary_fg_median": 2734.67578125,
  "summary_fg_n": 27922.0,
  "summary_fg_p05": 1599.3098693847655,
  "summary_fg_p95": 3420.0167846679683,
  "summary_fg_stdv": 557.4298095703125,
  "tsnr": 45.139347076416016
}