{
  "aor": 0.0077231547619047635,
  "aqi": 0.0043435977976190475,
  "bids_meta": {
    "AcquisitionMatrixPE": 64,
    "ConversionSoftware": "dcm2niix",
    "ConversionSoftwareVersion": "v1.0.20171017 (OpenJPEG build) GCC4.8.4",
    "DeviceSerialNumber": "0000000517353VH3",
    "EchoTime": 0.0279,
    "EffectiveEchoSpacing": 0.000608,
    "FlipAngle": 76,
    "ImageOrientationPatientDICOM": [
      1,
      0,
      0,
      0,
      1,
      0
    ],
    "ImageType": [
      "ORIGINAL",
      "PRIMARY",
      "EPI",
      "NONE"
    ],
    "InPlanePhaseEncodingDirectionDICOM": "COL",
    "InstitutionName": "Michigan_State_University",
    "MRAcquisitionType": "2D",
    "MagneticFieldStrength": 3,
    "Manufacturer": "GE",
    "ManufacturersModelName": "Signa_HDxt",
    "Modality": "MR",
    "PatientPosition": "HFS",
    "PercentPhaseFOV": 100,
    "PixelBandwidth": 7812.5,
    "ProtocolName": "fMRI",
    "ReconMatrixPE": 64,
    "RepetitionTime": 2,
    "SAR": 0.225736,
    "ScanOptions": "EPI_GEMS",
    "ScanningSequence": "EP_GR",
    "SequenceVariant": "SS",
    "SeriesDescription": "fMRI",
    "SliceThickness": 4,
    "SoftwareVersions": "24_LX_MR_Software_release:HD16.0_V02_1131.a",
    "SpacingBetweenSlices": 4,
    "StationName": "MR03MR03",
    "TaskName": "flanker",
    "TotalReadoutTime": 0.038304,
    "modality": "bold",
    "run_id": "02",
    "session_id": "ExercisePre",
    "subject_id": "038",
    "task_id": "flanker"
  },
  "dummy_trs": 0,
  "dvars_nstd": 19.05089957443114,
  "dvars_std": 1.1616443002994001,
  "dvars_vstd": 1.033111051856288,
  "efc": 0.4869254843814222,
  "fber": 2692.00146484375,
  "fd_mean": 0.17926145597558268,
  "fd_num": 11,
  "fd_perc": 6.5476190476190474,
  "fwhm_avg": 2.9814566060606063,
  "fwhm_x": 2.879313454545455,
  "fwhm_y": 3.3143563636363638,
  "fwhm_z": 2.7507,
  "gcor": 0.0622241,
  "gsr_x": -0.0074637290090322495,
  "gsr_y": 0.008793904446065426,
  "provenance": {
    "md5sum": "665e22a07d4ac6ec86c6bec301de1dca",
    "settings": {
      "fd_thres": 0.5,
      "hmc_fsl": false
    },
    "software": "mriqc",
    "version": "0.10.4"
  },
  "size_t": 168,
  "size_x": 64,
  "size_y": 64,
  "size_z": 30,
  "snr": 5.279472211017818,
  "spacing_tr": 2.0,
  "spacing_x": 3.4375,
  "spacing_y": 3.4375,
  "spacing_z": 4.0,
  "summary_bg_k": 93.11345436689781,
  "summary_bg_mad": 11.11951732635498,
  "summary_bg_mean": 72.19139862060547,
  "summary_bg_median": 54.44643020629883,
  "summary_bg_n": 69345.0,
  "summary_bg_p05": 0.8571428656578064,
  "summary_bg_p95": 188.43809509277347,
  "summary_bg_stdv": 94.12036895751953,
  "summary_fg_k": 2.2918648418823944,
  "summary_fg_mad": 442.2391357421875,
  "summary_fg_mean": 2844.11572265625,
  "summary_fg_median": 2924.3125,
  "summary_fg_n": 26312.0,
  "summary_fg_p05": 1795.8553649902344,
  "summary_fg_p95": 3588.708740234375,
  "summary_fg_stdv": 553.8919067382812,
  "tsnr": 71.2614974975586
}