{
  "aor": 0.02499089285714286,
  "aqi": 0.007714267023809524,
  "bids_meta": {
    "AcquisitionMatrixPE": 64,
    "ConversionSoftware": "dcm2niix",
    "ConversionSoftwareVersion": "v1.0.20171017 (OpenJPEG build) GCC4.8.4",
    "DeviceSerialNumber": "0000000517353VH3",
    "EchoTime": 0.0279,
    "EffectiveEchoSpacing": 0.000608,
    "FlipAngle": 76,
    "ImageOrientationPatientDICOM": [
      1,
      0,
      0,
      0,
      1,
      0
    ],
    "ImageType": [
      "ORIGINAL",
      "PRIMARY",
      "EPI",
      "NONE"
    ],
    "InPlanePhaseEncodingDirectionDICOM": "COL",
    "InstitutionName": "Michigan_State_University",
    "MRAcquisitionType": "2D",
    "MagneticFieldStrength": 3,
    "Manufacturer": "GE",
    "ManufacturersModelName": "Signa_HDxt",
    "Modality": "MR",
    "PatientPosition": "HFS",
    "PercentPhaseFOV": 100,
    "PixelBandwidth": 7812.5,
    "ProtocolName": "fMRI",
    "ReconMatrixPE": 64,
    "RepetitionTime": 2,
    "SAR": 0.225736,
    "ScanOptions": "EPI_GEMS",
    "ScanningSequence": "EP_GR",
    "SequenceVariant": "SS",
    "SeriesDescription": "fMRI",
    "SliceThickness": 4,
    "SoftwareVersions": "24_LX_MR_Software_release:HD16.0_V02_1131.a",
    "SpacingBetweenSlices": 4,
    "StationName": "MR03MR03",
    "TaskName": "rest",
    "TotalReadoutTime": 0.038304,
    "modality": "bold",
    "session_id": "ExercisePost",
    "subject_id": "025",
    "task_id": "rest"
  },
  "dummy_trs": 0,
  "dvars_nstd": 27.432856371437126,
  "dvars_std": 1.2639895686227545,
  "dvars_vstd": 1.1472710789221554,
  "efc": 0.5107075673992013,
  "fber": 11548.11328125,
  "fd_mean": 0.3151252625450938,
  "fd_num": 27,
  "fd_perc": 16.071428571428573,
  "fwhm_avg": 2.8957287575757573,
  "fwhm_x": 2.7808930909090908,
  "fwhm_y": 3.2874181818181816,
  "fwhm_z": 2.618875,
  "gcor": 0.09789,
  "gsr_x": -0.008990068919956684,
  "gsr_y": 0.015151971019804478,
  "provenance": {
    "md5sum": "a91dba48db27ac12ecfe24b7ccfcb3d0",
    "settings": {
      "fd_thres": 0.5,
      "hmc_fsl": false
    },
    "software": "mriqc",
    "version": "0.10.4"
  },
  "size_t": 168,
  "size_x": 64,
  "size_y": 64,
  "size_z": 30,
  "snr": 5.121241453271919,
  "spacing_tr": 2.0,
  "spacing_x": 3.4375,
  "spacing_y": 3.4375,
  "spacing_z": 4.0,
  "summary_bg_k": 65.2089088271563,
  "summary_bg_mad": 11.640192985534668,
  "summary_bg_mean": 50.887691497802734,
  "summary_bg_median": 27.875,
  "summary_bg_n": 63063.0,
  "summary_bg_p05": 0.3154762089252472,
  "summary_bg_p95": 164.479766845703,
  "summary_bg_stdv": 84.40139770507812,
  "summary_fg_k": 2.002672486810524,
  "summary_fg_mad": 508.4089660644531,
  "summary_fg_mean": 3019.240478515625,
  "summary_fg_median": 3062.860107421875,
  "summary_fg_n": 31322.0,
  "summary_fg_p05": 1953.0982543945313,
  "summary_fg_p95": 3872.7373779296877,
  "summary_fg_stdv": 598.060302734375,
  "tsnr": 47.24089431762695
}