{
  "aor": 0.016047500000000003,
  "aqi": 0.013115718333333333,
  "bids_meta": {
    "AcquisitionMatrixPE": 64,
    "ConversionSoftware": "dcm2niix",
    "ConversionSoftwareVersion": "v1.0.20171017 (OpenJPEG build) GCC4.8.4",
    "DeviceSerialNumber": "0000000517353VH3",
    "EchoTime": 0.0279,
    "EffectiveEchoSpacing": 0.000608,
    "FlipAngle": 76,
    "ImageOrientationPatientDICOM": [
      1,
      0,
      0,
      0,
      1,
      0
    ],
    "ImageType": [
      "ORIGINAL",
      "PRIMARY",
      "EPI",
      "NONE"
    ],
    "InPlanePhaseEncodingDirectionDICOM": "COL",
    "InstitutionName": "Michigan_State_University",
    "MRAcquisitionType": "2D",
    "MagneticFieldStrength": 3,
    "Manufacturer": "GE",
    "ManufacturersModelName": "Signa_HDxt",
    "Modality": "MR",
    "PatientPosition": "HFS",
    "PercentPhaseFOV": 100,
    "PixelBandwidth": 7812.5,
    "ProtocolName": "fMRI",
    "ReconMatrixPE": 64,
    "RepetitionTime": 2,
    "SAR": 0.225736,
    "ScanOptions": "EPI_GEMS",
    "ScanningSequence": "EP_GR",
    "SequenceVariant": "SS",
    "SeriesDescription": "fMRI",
    "SliceThickness": 4,
    "SoftwareVersions": "24_LX_MR_Software_release:HD16.0_V02_1131.a",
    "SpacingBetweenSlices": 4,
    "StationName": "MR03MR03",
    "TaskName": "flanker",
    "TotalReadoutTime": 0.038304,
    "modality": "bold",
    "run_id": "02",
    "session_id": "ExercisePre",
    "subject_id": "046",
    "task_id": "flanker"
  },
  "dummy_trs": 0,
  "dvars_nstd": 24.360711555089818,
  "dvars_std": 1.0344471052694617,
  "dvars_vstd": 0.9267993922754493,
  "efc": 0.4876427822268964,
  "fber": 10220.455078125,
  "fd_mean": 0.28853322776741547,
  "fd_num": 18,
  "fd_perc": 10.714285714285714,
  "fwhm_avg": 3.0291484848484846,
  "fwhm_x": 2.9790545454545456,
  "fwhm_y": 3.341090909090909,
  "fwhm_z": 2.7673,
  "gcor": 0.0984103,
  "gsr_x": -0.004818927031010389,
  "gsr_y": 0.008737169206142426,
  "provenance": {
    "md5sum": "3e4d1d9fdd01f91eda6842d5e98f2e73",
    "settings": {
      "fd_thres": 0.5,
      "hmc_fsl": false
    },
    "software": "mriqc",
    "version": "0.10.4"
  },
  "size_t": 168,
  "size_x": 64,
  "size_y": 64,
  "size_z": 30,
  "snr": 4.752453662613403,
  "spacing_tr": 2.0,
  "spacing_x": 3.4375,
  "spacing_y": 3.4375,
  "spacing_z": 4.0,
  "summary_bg_k": 63.86538484309352,
  "summary_bg_mad": 13.528745651245117,
  "summary_bg_mean": 56.75244140625,
  "summary_bg_median": 27.404762268066406,
  "summary_bg_n": 66837.0,
  "summary_bg_p05": 0.4226190447807312,
  "summary_bg_p95": 201.57142639160156,
  "summary_bg_stdv": 105.98248291015625,
  "summary_fg_k": 2.0990138176284923,
  "summary_fg_mad": 451.14361572265625,
  "summary_fg_mean": 2739.826416015625,
  "summary_fg_median": 2849.381103515625,
  "summary_fg_n": 27595.0,
  "summary_fg_p05": 1506.9250854492186,
  "summary_fg_p95": 3505.2928466796875,
  "summary_fg_stdv": 599.5491333007812,
  "tsnr": 42.123802185058594
}