{
  "aor": 0.027793035714285715,
  "aqi": 0.013549565476190477,
  "bids_meta": {
    "AcquisitionMatrixPE": 64,
    "ConversionSoftware": "dcm2niix",
    "ConversionSoftwareVersion": "v1.0.20171017 (OpenJPEG build) GCC4.8.4",
    "DeviceSerialNumber": "0000000517353VH3",
    "EchoTime": 0.0279,
    "EffectiveEchoSpacing": 0.000608,
    "FlipAngle": 76,
    "ImageOrientationPatientDICOM": [
      1,
      0,
      0,
      0,
      1,
      0
    ],
    "ImageType": [
      "ORIGINAL",
      "PRIMARY",
      "EPI",
      "NONE"
    ],
    "InPlanePhaseEncodingDirectionDICOM": "COL",
    "InstitutionName": "Michigan_State_University",
    "MRAcquisitionType": "2D",
    "MagneticFieldStrength": 3,
    "Manufacturer": "GE",
    "ManufacturersModelName": "Signa_HDxt",
    "Modality": "MR",
    "PatientPosition": "HFS",
    "PercentPhaseFOV": 100,
    "PixelBandwidth": 7812.5,
    "ProtocolName": "fMRI",
    "ReconMatrixPE": 64,
    "RepetitionTime": 2,
    "SAR": 0.225736,
    "ScanOptions": "EPI_GEMS",
    "ScanningSequence": "EP_GR",
    "SequenceVariant": "SS",
    "SeriesDescription": "fMRI",
    "SliceThickness": 4,
    "SoftwareVersions": "24_LX_MR_Software_release:HD16.0_V02_1131.a",
    "SpacingBetweenSlices": 4,
    "StationName": "MR03MR03",
    "TaskName": "rest",
    "TotalReadoutTime": 0.038304,
    "modality": "bold",
    "session_id": "ExercisePre",
    "subject_id": "048",
    "task_id": "rest"
  },
  "dummy_trs": 0,
  "dvars_nstd": 24.430581755568866,
  "dvars_std": 1.0976348260479054,
  "dvars_vstd": 1.0360878997005991,
  "efc": 0.45678453323130336,
  "fber": 12536.2001953125,
  "fd_mean": 0.40672141405929385,
  "fd_num": 31,
  "fd_perc": 18.452380952380953,
  "fwhm_avg": 2.965621515151515,
  "fwhm_x": 2.873541818181818,
  "fwhm_y": 3.328872727272727,
  "fwhm_z": 2.69445,
  "gcor": 0.0596372,
  "gsr_x": -0.009859849698841572,
  "gsr_y": 0.010716269724071026,
  "provenance": {
    "md5sum": "8ec97f6226396513ab431348c93f8f18",
    "settings": {
      "fd_thres": 0.5,
      "hmc_fsl": false
    },
    "software": "mriqc",
    "version": "0.10.4"
  },
  "size_t": 168,
  "size_x": 64,
  "size_y": 64,
  "size_z": 30,
  "snr": 5.317798442037785,
  "spacing_tr": 2.0,
  "spacing_x": 3.4375,
  "spacing_y": 3.4375,
  "spacing_z": 4.0,
  "summary_bg_k": 93.49081137232074,
  "summary_bg_mad": 11.543118476867676,
  "summary_bg_mean": 55.126312255859375,
  "summary_bg_median": 26.33333396911621,
  "summary_bg_n": 71677.0,
  "summary_bg_p05": 1.1071429252624512,
  "summary_bg_p95": 179.5761901855468,
  "summary_bg_stdv": 113.14723205566406,
  "summary_fg_k": 2.723416963536839,
  "summary_fg_mad": 448.1516418457031,
  "summary_fg_mean": 2944.64599609375,
  "summary_fg_median": 3016.15478515625,
  "summary_fg_n": 24051.0,
  "summary_fg_p05": 1861.4226684570312,
  "summary_fg_p95": 3707.916748046875,
  "summary_fg_stdv": 567.1693115234375,
  "tsnr": 40.550926208496094
}