{
  "aor": 0.02569797619047619,
  "aqi": 0.013590471607142858,
  "bids_meta": {
    "AcquisitionMatrixPE": 64,
    "ConversionSoftware": "dcm2niix",
    "ConversionSoftwareVersion": "v1.0.20171017 (OpenJPEG build) GCC4.8.4",
    "DeviceSerialNumber": "0000000517353VH3",
    "EchoTime": 0.0279,
    "EffectiveEchoSpacing": 0.000608,
    "FlipAngle": 76,
    "ImageOrientationPatientDICOM": [
      1,
      0,
      0,
      0,
      1,
      0
    ],
    "ImageType": [
      "ORIGINAL",
      "PRIMARY",
      "EPI",
      "NONE"
    ],
    "InPlanePhaseEncodingDirectionDICOM": "COL",
    "InstitutionName": "Michigan_State_University",
    "MRAcquisitionType": "2D",
    "MagneticFieldStrength": 3,
    "Manufacturer": "GE",
    "ManufacturersModelName": "Signa_HDxt",
    "Modality": "MR",
    "PatientPosition": "HFS",
    "PercentPhaseFOV": 100,
    "PixelBandwidth": 7812.5,
    "ProtocolName": "fMRI",
    "ReconMatrixPE": 64,
    "RepetitionTime": 2,
    "SAR": 0.225736,
    "ScanOptions": "EPI_GEMS",
    "ScanningSequence": "EP_GR",
    "SequenceVariant": "SS",
    "SeriesDescription": "fMRI",
    "SliceThickness": 4,
    "SoftwareVersions": "24_LX_MR_Software_release:HD16.0_V02_1131.a",
    "SpacingBetweenSlices": 4,
    "StationName": "MR03MR03",
    "TaskName": "flanker",
    "TotalReadoutTime": 0.038304,
    "modality": "bold",
    "run_id": "02",
    "session_id": "ControlPre",
    "subject_id": "012",
    "task_id": "flanker"
  },
  "dummy_trs": 0,
  "dvars_nstd": 32.63265857035926,
  "dvars_std": 1.2076169870658682,
  "dvars_vstd": 1.229390996407186,
  "efc": 0.4918997676879669,
  "fber": 10937.771484375,
  "fd_mean": 0.6782679860102807,
  "fd_num": 80,
  "fd_perc": 47.61904761904762,
  "fwhm_avg": 2.920557606060606,
  "fwhm_x": 2.867121454545454,
  "fwhm_y": 3.2250763636363637,
  "fwhm_z": 2.669475,
  "gcor": 0.0910139,
  "gsr_x": -0.00943831168115139,
  "gsr_y": 0.013699312694370747,
  "provenance": {
    "md5sum": "594a1c275f586f7d3de62abf3de8414d",
    "settings": {
      "fd_thres": 0.5,
      "hmc_fsl": false
    },
    "software": "mriqc",
    "version": "0.10.4"
  },
  "size_t": 168,
  "size_x": 64,
  "size_y": 64,
  "size_z": 30,
  "snr": 4.949883833479324,
  "spacing_tr": 2.0,
  "spacing_x": 3.4375,
  "spacing_y": 3.4375,
  "spacing_z": 4.0,
  "summary_bg_k": 37.97950652532412,
  "summary_bg_mad": 22.04488182067871,
  "summary_bg_mean": 86.61900329589844,
  "summary_bg_median": 40.48214340209961,
  "summary_bg_n": 66253.0,
  "summary_bg_p05": 1.3428571462631247,
  "summary_bg_p95": 357.22382202148253,
  "summary_bg_stdv": 149.38534545898438,
  "summary_fg_k": 2.4032049033211145,
  "summary_fg_mad": 682.720947265625,
  "summary_fg_mean": 4172.39990234375,
  "summary_fg_median": 4277.982421875,
  "summary_fg_n": 28207.0,
  "summary_fg_p05": 2521.6709716796877,
  "summary_fg_p95": 5350.34599609375,
  "summary_fg_stdv": 864.2438354492188,
  "tsnr": 37.986473083496094
}