{
  "aor": 0.012020178571428572,
  "aqi": 0.005388872142857142,
  "bids_meta": {
    "AcquisitionMatrixPE": 64,
    "ConversionSoftware": "dcm2niix",
    "ConversionSoftwareVersion": "v1.0.20171017 (OpenJPEG build) GCC4.8.4",
    "DeviceSerialNumber": "0000000517353VH3",
    "EchoTime": 0.0279,
    "EffectiveEchoSpacing": 0.000608,
    "FlipAngle": 76,
    "ImageOrientationPatientDICOM": [
      1,
      0,
      0,
      0,
      1,
      0
    ],
    "ImageType": [
      "ORIGINAL",
      "PRIMARY",
      "EPI",
      "NONE"
    ],
    "InPlanePhaseEncodingDirectionDICOM": "COL",
    "InstitutionName": "Michigan_State_University",
    "MRAcquisitionType": "2D",
    "MagneticFieldStrength": 3,
    "Manufacturer": "GE",
    "ManufacturersModelName": "Signa_HDxt",
    "Modality": "MR",
    "PatientPosition": "HFS",
    "PercentPhaseFOV": 100,
    "PixelBandwidth": 7812.5,
    "ProtocolName": "fMRI",
    "ReconMatrixPE": 64,
    "RepetitionTime": 2,
    "SAR": 0.225736,
    "ScanOptions": "EPI_GEMS",
    "ScanningSequence": "EP_GR",
    "SequenceVariant": "SS",
    "SeriesDescription": "fMRI",
    "SliceThickness": 4,
    "SoftwareVersions": "24_LX_MR_Software_release:HD16.0_V02_1131.a",
    "SpacingBetweenSlices": 4,
    "StationName": "MR03MR03",
    "TaskName": "rest",
    "TotalReadoutTime": 0.038304,
    "modality": "bold",
    "session_id": "ExercisePost",
    "subject_id": "041",
    "task_id": "rest"
  },
  "dummy_trs": 0,
  "dvars_nstd": 18.04092741317365,
  "dvars_std": 1.2315926934730546,
  "dvars_vstd": 1.0648935998203595,
  "efc": 0.4858421830742179,
  "fber": 6864.69775390625,
  "fd_mean": 0.20754575495536395,
  "fd_num": 11,
  "fd_perc": 6.5476190476190474,
  "fwhm_avg": 2.9693286060606066,
  "fwhm_x": 2.8438312727272725,
  "fwhm_y": 3.283054545454546,
  "fwhm_z": 2.7811,
  "gcor": 0.0323093,
  "gsr_x": -0.007789586205035448,
  "gsr_y": 0.013352599926292896,
  "provenance": {
    "md5sum": "614948721941854b4feeed15e5cc8e9a",
    "settings": {
      "fd_thres": 0.5,
      "hmc_fsl": false
    },
    "software": "mriqc",
    "version": "0.10.4"
  },
  "size_t": 168,
  "size_x": 64,
  "size_y": 64,
  "size_z": 30,
  "snr": 4.997558740610937,
  "spacing_tr": 2.0,
  "spacing_x": 3.4375,
  "spacing_y": 3.4375,
  "spacing_z": 4.0,
  "summary_bg_k": 109.92389858448092,
  "summary_bg_mad": 11.331315994262695,
  "summary_bg_mean": 53.69147872924805,
  "summary_bg_median": 35.25,
  "summary_bg_n": 67237.0,
  "summary_bg_p05": 0.3154762089252472,
  "summary_bg_p95": 151.48691101074195,
  "summary_bg_stdv": 83.7077865600586,
  "summary_fg_k": 2.5405102263205217,
  "summary_fg_mad": 463.2914733886719,
  "summary_fg_mean": 2922.752197265625,
  "summary_fg_median": 3011.22314453125,
  "summary_fg_n": 27884.0,
  "summary_fg_p05": 1733.1098510742188,
  "summary_fg_p95": 3711.205212402343,
  "summary_fg_stdv": 602.5280151367188,
  "tsnr": 68.82450866699219
}