{
  "aor": 0.012262083333333335,
  "aqi": 0.009977453452380953,
  "bids_meta": {
    "AcquisitionMatrixPE": 64,
    "ConversionSoftware": "dcm2niix",
    "ConversionSoftwareVersion": "v1.0.20171017 (OpenJPEG build) GCC4.8.4",
    "DeviceSerialNumber": "0000000517353VH3",
    "EchoTime": 0.0279,
    "EffectiveEchoSpacing": 0.000608,
    "FlipAngle": 76,
    "ImageOrientationPatientDICOM": [
      1,
      0,
      0,
      0,
      1,
      0
    ],
    "ImageType": [
      "ORIGINAL",
      "PRIMARY",
      "EPI",
      "NONE"
    ],
    "InPlanePhaseEncodingDirectionDICOM": "COL",
    "InstitutionName": "Michigan_State_University",
    "MRAcquisitionType": "2D",
    "MagneticFieldStrength": 3,
    "Manufacturer": "GE",
    "ManufacturersModelName": "Signa_HDxt",
    "Modality": "MR",
    "PatientPosition": "HFS",
    "PercentPhaseFOV": 100,
    "PixelBandwidth": 7812.5,
    "ProtocolName": "fMRI",
    "ReconMatrixPE": 64,
    "RepetitionTime": 2,
    "SAR": 0.225736,
    "ScanOptions": "EPI_GEMS",
    "ScanningSequence": "EP_GR",
    "SequenceVariant": "SS",
    "SeriesDescription": "fMRI",
    "SliceThickness": 4,
    "SoftwareVersions": "24_LX_MR_Software_release:HD16.0_V02_1131.a",
    "SpacingBetweenSlices": 4,
    "StationName": "MR03MR03",
    "TaskName": "rest",
    "TotalReadoutTime": 0.038304,
    "modality": "bold",
    "session_id": "ControlPre",
    "subject_id": "033",
    "task_id": "rest"
  },
  "dummy_trs": 0,
  "dvars_nstd": 34.51287568802396,
  "dvars_std": 1.329430268083832,
  "dvars_vstd": 1.1321626722754485,
  "efc": 0.45776775337758313,
  "fber": 12948.029296875,
  "fd_mean": 0.4668562030716847,
  "fd_num": 54,
  "fd_perc": 32.142857142857146,
  "fwhm_avg": 3.0221807575757578,
  "fwhm_x": 3.047330909090909,
  "fwhm_y": 3.234036363636364,
  "fwhm_z": 2.785175,
  "gcor": 0.084744,
  "gsr_x": -0.006829557940363884,
  "gsr_y": 0.008581670001149178,
  "provenance": {
    "md5sum": "aa93e22deea397c3e8d7f1d06da76594",
    "settings": {
      "fd_thres": 0.5,
      "hmc_fsl": false
    },
    "software": "mriqc",
    "version": "0.10.4"
  },
  "size_t": 168,
  "size_x": 64,
  "size_y": 64,
  "size_z": 30,
  "snr": 5.076568988826419,
  "spacing_tr": 2.0,
  "spacing_x": 3.4375,
  "spacing_y": 3.4375,
  "spacing_z": 4.0,
  "summary_bg_k": 148.08430258389325,
  "summary_bg_mad": 10.854765892028809,
  "summary_bg_mean": 44.97216796875,
  "summary_bg_median": 25.309524536132812,
  "summary_bg_n": 70377.0,
  "summary_bg_p05": 0.1547619104385376,
  "summary_bg_p95": 117.50238189697254,
  "summary_bg_stdv": 93.80941772460938,
  "summary_fg_k": 2.98581635232196,
  "summary_fg_mad": 412.9224853515625,
  "summary_fg_mean": 2822.159423828125,
  "summary_fg_median": 2935.875,
  "summary_fg_n": 24896.0,
  "summary_fg_p05": 1594.7693481445312,
  "summary_fg_p95": 3510.3587036132812,
  "summary_fg_stdv": 578.30712890625,
  "tsnr": 52.45635223388672
}