{
  "aor": 0.003233571428571429,
  "aqi": 0.002195042857142857,
  "bids_meta": {
    "AcquisitionMatrixPE": 64,
    "ConversionSoftware": "dcm2niix",
    "ConversionSoftwareVersion": "v1.0.20171017 (OpenJPEG build) GCC4.8.4",
    "DeviceSerialNumber": "0000000517353VH3",
    "EchoTime": 0.0279,
    "EffectiveEchoSpacing": 0.000608,
    "FlipAngle": 76,
    "ImageOrientationPatientDICOM": [
      1,
      0,
      0,
      0,
      1,
      0
    ],
    "ImageType": [
      "ORIGINAL",
      "PRIMARY",
      "EPI",
      "NONE"
    ],
    "InPlanePhaseEncodingDirectionDICOM": "COL",
    "InstitutionName": "Michigan_State_University",
    "MRAcquisitionType": "2D",
    "MagneticFieldStrength": 3,
    "Manufacturer": "GE",
    "ManufacturersModelName": "Signa_HDxt",
    "Modality": "MR",
    "PatientPosition": "HFS",
    "PercentPhaseFOV": 100,
    "PixelBandwidth": 7812.5,
    "ProtocolName": "fMRI",
    "ReconMatrixPE": 64,
    "RepetitionTime": 2,
    "SAR": 0.225736,
    "ScanOptions": "EPI_GEMS",
    "ScanningSequence": "EP_GR",
    "SequenceVariant": "SS",
    "SeriesDescription": "fMRI",
    "SliceThickness": 4,
    "SoftwareVersions": "24_LX_MR_Software_release:HD16.0_V02_1131.a",
    "SpacingBetweenSlices": 4,
    "StationName": "MR03MR03",
    "TaskName": "rest",
    "TotalReadoutTime": 0.038304,
    "modality": "bold",
    "session_id": "ExercisePre",
    "subject_id": "009",
    "task_id": "rest"
  },
  "dummy_trs": 0,
  "dvars_nstd": 15.098578150538916,
  "dvars_std": 1.3505608872455093,
  "dvars_vstd": 1.0085661819760479,
  "efc": 0.49207291879387755,
  "fber": 12427.9169921875,
  "fd_mean": 0.08275116836011062,
  "fd_num": 1,
  "fd_perc": 0.5952380952380952,
  "fwhm_avg": 2.974647727272727,
  "fwhm_x": 2.9127272727272726,
  "fwhm_y": 3.184290909090909,
  "fwhm_z": 2.826925,
  "gcor": 0.039564,
  "gsr_x": -0.0028068784158676863,
  "gsr_y": 0.007972674444317818,
  "provenance": {
    "md5sum": "c41a4be209268f7d2aafc5f93b641581",
    "settings": {
      "fd_thres": 0.5,
      "hmc_fsl": false
    },
    "software": "mriqc",
    "version": "0.10.4"
  },
  "size_t": 168,
  "size_x": 64,
  "size_y": 64,
  "size_z": 30,
  "snr": 4.970545079913418,
  "spacing_tr": 2.0,
  "spacing_x": 3.4375,
  "spacing_y": 3.4375,
  "spacing_z": 4.0,
  "summary_bg_k": 77.94163975472387,
  "summary_bg_mad": 13.555222511291504,
  "summary_bg_mean": 62.63093185424805,
  "summary_bg_median": 32.25595474243164,
  "summary_bg_n": 66075.0,
  "summary_bg_p05": 0.0357142873108387,
  "summary_bg_p95": 199.14047698974576,
  "summary_bg_stdv": 127.4866943359375,
  "summary_fg_k": 2.2774127364768644,
  "summary_fg_mad": 579.5208129882812,
  "summary_fg_mean": 3573.602783203125,
  "summary_fg_median": 3675.821533203125,
  "summary_fg_n": 28851.0,
  "summary_fg_p05": 2141.5833740234375,
  "summary_fg_p95": 4558.181640625,
  "summary_fg_stdv": 739.5079956054688,
  "tsnr": 109.46197509765625
}