{
  "aor": 0.014177976190476192,
  "aqi": 0.003989838452380952,
  "bids_meta": {
    "AcquisitionMatrixPE": 64,
    "ConversionSoftware": "dcm2niix",
    "ConversionSoftwareVersion": "v1.0.20171017 (OpenJPEG build) GCC4.8.4",
    "DeviceSerialNumber": "0000000517353VH3",
    "EchoTime": 0.0279,
    "EffectiveEchoSpacing": 0.000608,
    "FlipAngle": 76,
    "ImageOrientationPatientDICOM": [
      1,
      0,
      0,
      0,
      1,
      0
    ],
    "ImageType": [
      "ORIGINAL",
      "PRIMARY",
      "EPI",
      "NONE"
    ],
    "InPlanePhaseEncodingDirectionDICOM": "COL",
    "InstitutionName": "Michigan_State_University",
    "MRAcquisitionType": "2D",
    "MagneticFieldStrength": 3,
    "Manufacturer": "GE",
    "ManufacturersModelName": "Signa_HDxt",
    "Modality": "MR",
    "PatientPosition": "HFS",
    "PercentPhaseFOV": 100,
    "PixelBandwidth": 7812.5,
    "ProtocolName": "fMRI",
    "ReconMatrixPE": 64,
    "RepetitionTime": 2,
    "SAR": 0.225736,
    "ScanOptions": "EPI_GEMS",
    "ScanningSequence": "EP_GR",
    "SequenceVariant": "SS",
    "SeriesDescription": "fMRI",
    "SliceThickness": 4,
    "SoftwareVersions": "24_LX_MR_Software_release:HD16.0_V02_1131.a",
    "SpacingBetweenSlices": 4,
    "StationName": "MR03MR03",
    "TaskName": "rest",
    "TotalReadoutTime": 0.038304,
    "modality": "bold",
    "session_id": "ExercisePost",
    "subject_id": "044",
    "task_id": "rest"
  },
  "dummy_trs": 0,
  "dvars_nstd": 17.324677067604796,
  "dvars_std": 1.4161702104191611,
  "dvars_vstd": 1.0939654770658682,
  "efc": 0.45955771444961707,
  "fber": 11925.1142578125,
  "fd_mean": 0.15939282642342412,
  "fd_num": 4,
  "fd_perc": 2.380952380952381,
  "fwhm_avg": 2.9710422727272725,
  "fwhm_x": 2.9433309090909088,
  "fwhm_y": 3.2511709090909093,
  "fwhm_z": 2.718625,
  "gcor": 0.060793,
  "gsr_x": -0.005180647596716881,
  "gsr_y": 0.0075893583707511425,
  "provenance": {
    "md5sum": "7166f71e0d8c6474645ba7cb64011a97",
    "settings": {
      "fd_thres": 0.5,
      "hmc_fsl": false
    },
    "software": "mriqc",
    "version": "0.10.4"
  },
  "size_t": 168,
  "size_x": 64,
  "size_y": 64,
  "size_z": 30,
  "snr": 5.047817259312446,
  "spacing_tr": 2.0,
  "spacing_x": 3.4375,
  "spacing_y": 3.4375,
  "spacing_z": 4.0,
  "summary_bg_k": 99.94733993769007,
  "summary_bg_mad": 10.881239891052246,
  "summary_bg_mean": 48.8554801940918,
  "summary_bg_median": 25.529762268066406,
  "summary_bg_n": 70878.0,
  "summary_bg_p05": 0.1488095223903656,
  "summary_bg_p95": 145.06101455688423,
  "summary_bg_stdv": 95.82478332519531,
  "summary_fg_k": 2.7984959854828535,
  "summary_fg_mad": 439.51666259765625,
  "summary_fg_mean": 2752.390869140625,
  "summary_fg_median": 2829.202392578125,
  "summary_fg_n": 24808.0,
  "summary_fg_p05": 1655.950036621094,
  "summary_fg_p95": 3479.8084472656237,
  "summary_fg_stdv": 560.4690551757812,
  "tsnr": 80.00312805175781
}