{
  "aor": 0.006864345238095239,
  "aqi": 0.0051989907142857145,
  "bids_meta": {
    "AcquisitionMatrixPE": 64,
    "ConversionSoftware": "dcm2niix",
    "ConversionSoftwareVersion": "v1.0.20171017 (OpenJPEG build) GCC4.8.4",
    "DeviceSerialNumber": "0000000517353VH3",
    "EchoTime": 0.0279,
    "EffectiveEchoSpacing": 0.000608,
    "FlipAngle": 76,
    "ImageOrientationPatientDICOM": [
      1,
      0,
      0,
      0,
      1,
      0
    ],
    "ImageType": [
      "ORIGINAL",
      "PRIMARY",
      "EPI",
      "NONE"
    ],
    "InPlanePhaseEncodingDirectionDICOM": "COL",
    "InstitutionName": "Michigan_State_University",
    "MRAcquisitionType": "2D",
    "MagneticFieldStrength": 3,
    "Manufacturer": "GE",
    "ManufacturersModelName": "Signa_HDxt",
    "Modality": "MR",
    "PatientPosition": "HFS",
    "PercentPhaseFOV": 100,
    "PixelBandwidth": 7812.5,
    "ProtocolName": "fMRI",
    "ReconMatrixPE": 64,
    "RepetitionTime": 2,
    "SAR": 0.225736,
    "ScanOptions": "EPI_GEMS",
    "ScanningSequence": "EP_GR",
    "SequenceVariant": "SS",
    "SeriesDescription": "fMRI",
    "SliceThickness": 4,
    "SoftwareVersions": "24_LX_MR_Software_release:HD16.0_V02_1131.a",
    "SpacingBetweenSlices": 4,
    "StationName": "MR03MR03",
    "TaskName": "rest",
    "TotalReadoutTime": 0.038304,
    "modality": "bold",
    "session_id": "ExercisePre",
    "subject_id": "035",
    "task_id": "rest"
  },
  "dummy_trs": 0,
  "dvars_nstd": 18.558959030119773,
  "dvars_std": 1.1821970514371254,
  "dvars_vstd": 1.0088117515568864,
  "efc": 0.47823429135602885,
  "fber": 10655.6494140625,
  "fd_mean": 0.19349574441695216,
  "fd_num": 9,
  "fd_perc": 5.357142857142857,
  "fwhm_avg": 3.0014616666666663,
  "fwhm_x": 2.9403054545454546,
  "fwhm_y": 3.2766545454545457,
  "fwhm_z": 2.787425,
  "gcor": 0.0439501,
  "gsr_x": -0.0019928172696381807,
  "gsr_y": 0.00970609299838543,
  "provenance": {
    "md5sum": "6afd6a750e4726ba51f1650fce332536",
    "settings": {
      "fd_thres": 0.5,
      "hmc_fsl": false
    },
    "software": "mriqc",
    "version": "0.10.4"
  },
  "size_t": 168,
  "size_x": 64,
  "size_y": 64,
  "size_z": 30,
  "snr": 5.032956998939804,
  "spacing_tr": 2.0,
  "spacing_x": 3.4375,
  "spacing_y": 3.4375,
  "spacing_z": 4.0,
  "summary_bg_k": 54.43940507756383,
  "summary_bg_mad": 15.911499977111816,
  "summary_bg_mean": 66.37747192382812,
  "summary_bg_median": 29.092262268066406,
  "summary_bg_n": 69344.0,
  "summary_bg_p05": 0.2857142984867096,
  "summary_bg_p95": 248.86993942260642,
  "summary_bg_stdv": 124.5550537109375,
  "summary_fg_k": 2.8207963752317085,
  "summary_fg_mad": 446.8811340332031,
  "summary_fg_mean": 2917.7685546875,
  "summary_fg_median": 3026.9287109375,
  "summary_fg_n": 26153.0,
  "summary_fg_p05": 1676.2678955078125,
  "summary_fg_p95": 3649.451220703125,
  "summary_fg_stdv": 601.4100341796875,
  "tsnr": 71.35830688476562
}