{
  "aor": 0.0076225,
  "aqi": 0.004498577738095238,
  "bids_meta": {
    "AcquisitionMatrixPE": 64,
    "ConversionSoftware": "dcm2niix",
    "ConversionSoftwareVersion": "v1.0.20171017 (OpenJPEG build) GCC4.8.4",
    "DeviceSerialNumber": "0000000517353VH3",
    "EchoTime": 0.0279,
    "EffectiveEchoSpacing": 0.000608,
    "FlipAngle": 76,
    "ImageOrientationPatientDICOM": [
      1,
      0,
      0,
      0,
      1,
      0
    ],
    "ImageType": [
      "ORIGINAL",
      "PRIMARY",
      "EPI",
      "NONE"
    ],
    "InPlanePhaseEncodingDirectionDICOM": "COL",
    "InstitutionName": "Michigan_State_University",
    "MRAcquisitionType": "2D",
    "MagneticFieldStrength": 3,
    "Manufacturer": "GE",
    "ManufacturersModelName": "Signa_HDxt",
    "Modality": "MR",
    "PatientPosition": "HFS",
    "PercentPhaseFOV": 100,
    "PixelBandwidth": 7812.5,
    "ProtocolName": "fMRI",
    "ReconMatrixPE": 64,
    "RepetitionTime": 2,
    "SAR": 0.225736,
    "ScanOptions": "EPI_GEMS",
    "ScanningSequence": "EP_GR",
    "SequenceVariant": "SS",
    "SeriesDescription": "fMRI",
    "SliceThickness": 4,
    "SoftwareVersions": "24_LX_MR_Software_release:HD16.0_V02_1131.a",
    "SpacingBetweenSlices": 4,
    "StationName": "MR03MR03",
    "TaskName": "flanker",
    "TotalReadoutTime": 0.038304,
    "modality": "bold",
    "run_id": "01",
    "session_id": "ControlPost",
    "subject_id": "046",
    "task_id": "flanker"
  },
  "dummy_trs": 0,
  "dvars_nstd": 20.686162714610774,
  "dvars_std": 1.3919740768862277,
  "dvars_vstd": 1.0079547288622759,
  "efc": 0.4858051875144343,
  "fber": 10224.931640625,
  "fd_mean": 0.16529940738995114,
  "fd_num": 6,
  "fd_perc": 3.5714285714285716,
  "fwhm_avg": 3.0001422727272726,
  "fwhm_x": 2.976058181818182,
  "fwhm_y": 3.2600436363636365,
  "fwhm_z": 2.764325,
  "gcor": 0.0671791,
  "gsr_x": -0.004310303833335638,
  "gsr_y": 0.008282667025923729,
  "provenance": {
    "md5sum": "21784ee368428b6a7c23b624abe469b8",
    "settings": {
      "fd_thres": 0.5,
      "hmc_fsl": false
    },
    "software": "mriqc",
    "version": "0.10.4"
  },
  "size_t": 168,
  "size_x": 64,
  "size_y": 64,
  "size_z": 30,
  "snr": 4.646526022293212,
  "spacing_tr": 2.0,
  "spacing_x": 3.4375,
  "spacing_y": 3.4375,
  "spacing_z": 4.0,
  "summary_bg_k": 53.31709386647788,
  "summary_bg_mad": 13.440494537353516,
  "summary_bg_mean": 56.35224533081055,
  "summary_bg_median": 27.595237731933594,
  "summary_bg_n": 66840.0,
  "summary_bg_p05": 0.255952388048172,
  "summary_bg_p95": 198.239288330078,
  "summary_bg_stdv": 102.10596466064453,
  "summary_fg_k": 1.9945444799115224,
  "summary_fg_mad": 470.8851013183594,
  "summary_fg_mean": 2764.3037109375,
  "summary_fg_median": 2864.96435546875,
  "summary_fg_n": 27503.0,
  "summary_fg_p05": 1514.6119750976563,
  "summary_fg_p95": 3574.0809814453123,
  "summary_fg_stdv": 616.57080078125,
  "tsnr": 73.03916931152344
}