{
  "aor": 0.003029523809523809,
  "aqi": 0.0047614954166666675,
  "bids_meta": {
    "AcquisitionMatrixPE": 64,
    "ConversionSoftware": "dcm2niix",
    "ConversionSoftwareVersion": "v1.0.20171017 (OpenJPEG build) GCC4.8.4",
    "DeviceSerialNumber": "0000000517353VH3",
    "EchoTime": 0.0279,
    "EffectiveEchoSpacing": 0.000608,
    "FlipAngle": 76,
    "ImageOrientationPatientDICOM": [
      1,
      0,
      0,
      0,
      1,
      0
    ],
    "ImageType": [
      "ORIGINAL",
      "PRIMARY",
      "EPI",
      "NONE"
    ],
    "InPlanePhaseEncodingDirectionDICOM": "COL",
    "InstitutionName": "Michigan_State_University",
    "MRAcquisitionType": "2D",
    "MagneticFieldStrength": 3,
    "Manufacturer": "GE",
    "ManufacturersModelName": "Signa_HDxt",
    "Modality": "MR",
    "PatientPosition": "HFS",
    "PercentPhaseFOV": 100,
    "PixelBandwidth": 7812.5,
    "ProtocolName": "fMRI",
    "ReconMatrixPE": 64,
    "RepetitionTime": 2,
    "SAR": 0.225736,
    "ScanOptions": "EPI_GEMS",
    "ScanningSequence": "EP_GR",
    "SequenceVariant": "SS",
    "SeriesDescription": "fMRI",
    "SliceThickness": 4,
    "SoftwareVersions": "24_LX_MR_Software_release:HD16.0_V02_1131.a",
    "SpacingBetweenSlices": 4,
    "StationName": "MR03MR03",
    "TaskName": "rest",
    "TotalReadoutTime": 0.038304,
    "modality": "bold",
    "session_id": "ControlPre",
    "subject_id": "037",
    "task_id": "rest"
  },
  "dummy_trs": 0,
  "dvars_nstd": 15.883345124131733,
  "dvars_std": 1.168111939700599,
  "dvars_vstd": 0.9573242557485033,
  "efc": 0.48901470833103056,
  "fber": 11516.828125,
  "fd_mean": 0.1360729830361551,
  "fd_num": 1,
  "fd_perc": 0.5952380952380952,
  "fwhm_avg": 2.916411151515151,
  "fwhm_x": 2.851720727272727,
  "fwhm_y": 3.190312727272727,
  "fwhm_z": 2.7072,
  "gcor": 0.0362511,
  "gsr_x": -0.0033881855197250843,
  "gsr_y": 0.01172166783362627,
  "provenance": {
    "md5sum": "079073606f63c9829cba29f5a64d77ee",
    "settings": {
      "fd_thres": 0.5,
      "hmc_fsl": false
    },
    "software": "mriqc",
    "version": "0.10.4"
  },
  "size_t": 168,
  "size_x": 64,
  "size_y": 64,
  "size_z": 30,
  "snr": 5.085779552624297,
  "spacing_tr": 2.0,
  "spacing_x": 3.4375,
  "spacing_y": 3.4375,
  "spacing_z": 4.0,
  "summary_bg_k": 65.24742190224575,
  "summary_bg_mad": 13.246343612670898,
  "summary_bg_mean": 56.99766159057617,
  "summary_bg_median": 28.0238094329834,
  "summary_bg_n": 66841.0,
  "summary_bg_p05": 0.0892857164144516,
  "summary_bg_p95": 199.50595092773438,
  "summary_bg_stdv": 104.35171508789062,
  "summary_fg_k": 2.791888408400678,
  "summary_fg_mad": 442.8832702636719,
  "summary_fg_mean": 2967.384765625,
  "summary_fg_median": 3067.476318359375,
  "summary_fg_n": 28047.0,
  "summary_fg_p05": 1748.7577636718754,
  "summary_fg_p95": 3742.9821777343736,
  "summary_fg_stdv": 603.136962890625,
  "tsnr": 80.08819580078125
}