{
  "bids_meta": {
    "AcquisitionMatrixPE": 256,
    "ConversionSoftware": "dcm2niix",
    "ConversionSoftwareVersion": "v1.0.20171017 (OpenJPEG build) GCC4.8.4",
    "DeviceSerialNumber": "0000000517353VH3",
    "EchoTime": 0.003828,
    "FlipAngle": 8,
    "ImageOrientationPatientDICOM": [
      0,
      1,
      0,
      0,
      0,
      -1
    ],
    "ImageType": [
      "ORIGINAL",
      "PRIMARY",
      "OTHER"
    ],
    "InPlanePhaseEncodingDirectionDICOM": "ROW",
    "InstitutionName": "Michigan_State_University",
    "InversionTime": 0.04,
    "MRAcquisitionType": "3D",
    "MagneticFieldStrength": 3,
    "Manufacturer": "GE",
    "ManufacturersModelName": "Signa_HDxt",
    "Modality": "MR",
    "PatientPosition": "HFS",
    "PercentPhaseFOV": 100,
    "PixelBandwidth": 162.734,
    "ProtocolName": "mprage_1mm_iso_20.83_bw",
    "ReconMatrixPE": 256,
    "RepetitionTime": 0.008596,
    "SAR": 0.306132,
    "ScanOptions": "NONE",
    "ScanningSequence": "RM",
    "SequenceVariant": "NONE",
    "SeriesDescription": "mprage_1mm_iso_20.83_bw",
    "SliceThickness": 1,
    "SoftwareVersions": "24_LX_MR_Software_release:HD16.0_V02_1131.a",
    "SpacingBetweenSlices": 1,
    "StationName": "MR03MR03",
    "modality": "T1w",
    "session_id": "ControlPre",
    "subject_id": "029"
  },
  "cjv": 0.31142969941146126,
  "cnr": 4.105479579028615,
  "efc": 0.596306425263606,
  "fber": 93.2881088256836,
  "fwhm_avg": 4.0295700000000005,
  "fwhm_x": 3.74757,
  "fwhm_y": 4.44738,
  "fwhm_z": 3.89376,
  "icvs_csf": 0.1866314297342818,
  "icvs_gm": 0.480873850829486,
  "icvs_wm": 0.3324947194362322,
  "inu_med": 1.076866865158081,
  "inu_range": 0.3478367447853087,
  "provenance": {
    "md5sum": "dcef42b4dc67b7679062e307a9a8f928",
    "settings": {
      "testing": false
    },
    "software": "mriqc",
    "version": "0.10.4",
    "warnings": {
      "large_rot_frame": true,
      "small_air_mask": false
    }
  },
  "qi_1": 0.0019234189659691286,
  "qi_2": 0.0007982470874466144,
  "rpve_csf": 27.671036957199988,
  "rpve_gm": 12.256269069286965,
  "rpve_wm": 19.29454810899168,
  "size_x": 180,
  "size_y": 256,
  "size_z": 256,
  "snr_csf": 2.5287321486380328,
  "snr_gm": 11.835494575837156,
  "snr_total": 10.345595316076897,
  "snr_wm": 16.672559223755503,
  "snrd_csf": 12.558535777919714,
  "snrd_gm": 28.404806080900176,
  "snrd_total": 28.144123129407472,
  "snrd_wm": 43.469027529402524,
  "spacing_x": 1.0,
  "spacing_y": 1.0,
  "spacing_z": 1.0,
  "summary_bg_k": 11.723862726403409,
  "summary_bg_mad": 15.071535110473633,
  "summary_bg_mean": 55.578643798828125,
  "summary_bg_median": 51.6441650390625,
  "summary_bg_n": 2641171.0,
  "summary_bg_p05": 31.55203628540039,
  "summary_bg_p95": 91.34200286865234,
  "summary_bg_stdv": 21.902742385864258,
  "summary_csf_k": 0.445918247695003,
  "summary_csf_mad": 113.76252746582031,
  "summary_csf_mean": 307.91204833984375,
  "summary_csf_median": 288.9114685058594,
  "summary_csf_n": 15249.0,
  "summary_csf_p05": 151.91092224121093,
  "summary_csf_p95": 510.02822265624985,
  "summary_csf_stdv": 114.24776458740234,
  "summary_gm_k": 0.14202067074763347,
  "summary_gm_mad": 54.26343536376953,
  "summary_gm_mean": 654.5171508789062,
  "summary_gm_median": 653.4578857421875,
  "summary_gm_n": 48792.0,
  "summary_gm_p05": 565.0603942871094,
  "summary_gm_p95": 746.752359008789,
  "summary_gm_stdv": 55.211143493652344,
  "summary_wm_k": 0.7199868394519888,
  "summary_wm_mad": 53.66415786743164,
  "summary_wm_mean": 995.8255615234375,
  "summary_wm_median": 1000.0131225585938,
  "summary_wm_n": 169513.0,
  "summary_wm_p05": 886.476611328125,
  "summary_wm_p95": 1086.5559326171874,
  "summary_wm_stdv": 59.97940444946289,
  "tpm_overlap_csf": 0.21657012403011322,
  "tpm_overlap_gm": 0.5428496599197388,
  "tpm_overlap_wm": 0.5387965440750122,
  "wm2max": 0.5516928659147939
}