{
  "aor": 0.007865357142857143,
  "aqi": 0.008438064761904762,
  "bids_meta": {
    "AcquisitionMatrixPE": 64,
    "ConversionSoftware": "dcm2niix",
    "ConversionSoftwareVersion": "v1.0.20171017 (OpenJPEG build) GCC4.8.4",
    "DeviceSerialNumber": "0000000517353VH3",
    "EchoTime": 0.0279,
    "EffectiveEchoSpacing": 0.000608,
    "FlipAngle": 76,
    "ImageOrientationPatientDICOM": [
      1,
      0,
      0,
      0,
      1,
      0
    ],
    "ImageType": [
      "ORIGINAL",
      "PRIMARY",
      "EPI",
      "NONE"
    ],
    "InPlanePhaseEncodingDirectionDICOM": "COL",
    "InstitutionName": "Michigan_State_University",
    "MRAcquisitionType": "2D",
    "MagneticFieldStrength": 3,
    "Manufacturer": "GE",
    "ManufacturersModelName": "Signa_HDxt",
    "Modality": "MR",
    "PatientPosition": "HFS",
    "PercentPhaseFOV": 100,
    "PixelBandwidth": 7812.5,
    "ProtocolName": "fMRI",
    "ReconMatrixPE": 64,
    "RepetitionTime": 2,
    "SAR": 0.225736,
    "ScanOptions": "EPI_GEMS",
    "ScanningSequence": "EP_GR",
    "SequenceVariant": "SS",
    "SeriesDescription": "fMRI",
    "SliceThickness": 4,
    "SoftwareVersions": "24_LX_MR_Software_release:HD16.0_V02_1131.a",
    "SpacingBetweenSlices": 4,
    "StationName": "MR03MR03",
    "TaskName": "flanker",
    "TotalReadoutTime": 0.038304,
    "modality": "bold",
    "run_id": "01",
    "session_id": "ControlPost",
    "subject_id": "036",
    "task_id": "flanker"
  },
  "dummy_trs": 0,
  "dvars_nstd": 18.749299168922153,
  "dvars_std": 0.9652588035329338,
  "dvars_vstd": 0.8927241270059882,
  "efc": 0.48634362891465766,
  "fber": 5222.33544921875,
  "fd_mean": 0.18670212080129922,
  "fd_num": 11,
  "fd_perc": 6.5476190476190474,
  "fwhm_avg": 2.9523116666666667,
  "fwhm_x": 2.9284654545454543,
  "fwhm_y": 3.2388945454545452,
  "fwhm_z": 2.689575,
  "gcor": 0.0816307,
  "gsr_x": -0.00824827328324318,
  "gsr_y": 0.010918067768216133,
  "provenance": {
    "md5sum": "3120da5818e820a7c391f1e6b0385bc1",
    "settings": {
      "fd_thres": 0.5,
      "hmc_fsl": false
    },
    "software": "mriqc",
    "version": "0.10.4"
  },
  "size_t": 168,
  "size_x": 64,
  "size_y": 64,
  "size_z": 30,
  "snr": 5.156897522281636,
  "spacing_tr": 2.0,
  "spacing_x": 3.4375,
  "spacing_y": 3.4375,
  "spacing_z": 4.0,
  "summary_bg_k": 86.25550988176782,
  "summary_bg_mad": 14.420074462890625,
  "summary_bg_mean": 64.02651977539062,
  "summary_bg_median": 40.57143020629883,
  "summary_bg_n": 67968.0,
  "summary_bg_p05": 0.8235119223594687,
  "summary_bg_p95": 177.75178527832026,
  "summary_bg_stdv": 98.96236419677734,
  "summary_fg_k": 2.648049526762776,
  "summary_fg_mad": 447.8515625,
  "summary_fg_mean": 2921.20361328125,
  "summary_fg_median": 3010.65478515625,
  "summary_fg_n": 26943.0,
  "summary_fg_p05": 1772.5191284179687,
  "summary_fg_p95": 3676.245263671874,
  "summary_fg_stdv": 583.8004150390625,
  "tsnr": 54.12984848022461
}