{
  "aor": 0.020321964285714283,
  "aqi": 0.006740661785714287,
  "bids_meta": {
    "AcquisitionMatrixPE": 64,
    "ConversionSoftware": "dcm2niix",
    "ConversionSoftwareVersion": "v1.0.20171017 (OpenJPEG build) GCC4.8.4",
    "DeviceSerialNumber": "0000000517353VH3",
    "EchoTime": 0.0279,
    "EffectiveEchoSpacing": 0.000608,
    "FlipAngle": 76,
    "ImageOrientationPatientDICOM": [
      1,
      0,
      0,
      0,
      1,
      0
    ],
    "ImageType": [
      "ORIGINAL",
      "PRIMARY",
      "EPI",
      "NONE"
    ],
    "InPlanePhaseEncodingDirectionDICOM": "COL",
    "InstitutionName": "Michigan_State_University",
    "MRAcquisitionType": "2D",
    "MagneticFieldStrength": 3,
    "Manufacturer": "GE",
    "ManufacturersModelName": "Signa_HDxt",
    "Modality": "MR",
    "PatientPosition": "HFS",
    "PercentPhaseFOV": 100,
    "PixelBandwidth": 7812.5,
    "ProtocolName": "fMRI",
    "ReconMatrixPE": 64,
    "RepetitionTime": 2,
    "SAR": 0.225736,
    "ScanOptions": "EPI_GEMS",
    "ScanningSequence": "EP_GR",
    "SequenceVariant": "SS",
    "SeriesDescription": "fMRI",
    "SliceThickness": 4,
    "SoftwareVersions": "24_LX_MR_Software_release:HD16.0_V02_1131.a",
    "SpacingBetweenSlices": 4,
    "StationName": "MR03MR03",
    "TaskName": "flanker",
    "TotalReadoutTime": 0.038304,
    "modality": "bold",
    "run_id": "01",
    "session_id": "ControlPre",
    "subject_id": "034",
    "task_id": "flanker"
  },
  "dummy_trs": 0,
  "dvars_nstd": 21.974716146586818,
  "dvars_std": 1.1888487771257485,
  "dvars_vstd": 1.0681142563473058,
  "efc": 0.49436842641900197,
  "fber": 11547.4189453125,
  "fd_mean": 0.2985316524634276,
  "fd_num": 18,
  "fd_perc": 10.714285714285714,
  "fwhm_avg": 3.037346606060606,
  "fwhm_x": 2.840200727272727,
  "fwhm_y": 3.5273890909090913,
  "fwhm_z": 2.74445,
  "gcor": 0.0758527,
  "gsr_x": -0.009808452799916267,
  "gsr_y": 0.01961752586066723,
  "provenance": {
    "md5sum": "23c104e042b81257612c16d22cca811b",
    "settings": {
      "fd_thres": 0.5,
      "hmc_fsl": false
    },
    "software": "mriqc",
    "version": "0.10.4"
  },
  "size_t": 168,
  "size_x": 64,
  "size_y": 64,
  "size_z": 30,
  "snr": 4.845399788881143,
  "spacing_tr": 2.0,
  "spacing_x": 3.4375,
  "spacing_y": 3.4375,
  "spacing_z": 4.0,
  "summary_bg_k": 48.93081959402481,
  "summary_bg_mad": 11.772566795349121,
  "summary_bg_mean": 62.1412353515625,
  "summary_bg_median": 27.33928680419922,
  "summary_bg_n": 66387.0,
  "summary_bg_p05": 0.4583333432674408,
  "summary_bg_p95": 260.5476287841795,
  "summary_bg_stdv": 124.27259063720703,
  "summary_fg_k": 1.6165856296118513,
  "summary_fg_mad": 518.650390625,
  "summary_fg_mean": 2948.11376953125,
  "summary_fg_median": 3020.90185546875,
  "summary_fg_n": 28356.0,
  "summary_fg_p05": 1777.4300842285156,
  "summary_fg_p95": 3823.1057739257812,
  "summary_fg_stdv": 623.4467163085938,
  "tsnr": 52.26179122924805
}