{
  "aor": 0.03430517857142858,
  "aqi": 0.02363589505952381,
  "bids_meta": {
    "AcquisitionMatrixPE": 64,
    "ConversionSoftware": "dcm2niix",
    "ConversionSoftwareVersion": "v1.0.20171017 (OpenJPEG build) GCC4.8.4",
    "DeviceSerialNumber": "0000000517353VH3",
    "EchoTime": 0.0279,
    "EffectiveEchoSpacing": 0.000608,
    "FlipAngle": 76,
    "ImageOrientationPatientDICOM": [
      1,
      0,
      0,
      0,
      1,
      0
    ],
    "ImageType": [
      "ORIGINAL",
      "PRIMARY",
      "EPI",
      "NONE"
    ],
    "InPlanePhaseEncodingDirectionDICOM": "COL",
    "InstitutionName": "Michigan_State_University",
    "MRAcquisitionType": "2D",
    "MagneticFieldStrength": 3,
    "Manufacturer": "GE",
    "ManufacturersModelName": "Signa_HDxt",
    "Modality": "MR",
    "PatientPosition": "HFS",
    "PercentPhaseFOV": 100,
    "PixelBandwidth": 7812.5,
    "ProtocolName": "fMRI",
    "ReconMatrixPE": 64,
    "RepetitionTime": 2,
    "SAR": 0.225736,
    "ScanOptions": "EPI_GEMS",
    "ScanningSequence": "EP_GR",
    "SequenceVariant": "SS",
    "SeriesDescription": "fMRI",
    "SliceThickness": 4,
    "SoftwareVersions": "24_LX_MR_Software_release:HD16.0_V02_1131.a",
    "SpacingBetweenSlices": 4,
    "StationName": "MR03MR03",
    "TaskName": "flanker",
    "TotalReadoutTime": 0.038304,
    "modality": "bold",
    "run_id": "01",
    "session_id": "ControlPre",
    "subject_id": "038",
    "task_id": "flanker"
  },
  "dummy_trs": 0,
  "dvars_nstd": 32.7934579334132,
  "dvars_std": 1.0665248985628752,
  "dvars_vstd": 1.1317676323952097,
  "efc": 0.4893725697980775,
  "fber": 11632.4658203125,
  "fd_mean": 0.5965006398811098,
  "fd_num": 54,
  "fd_perc": 32.142857142857146,
  "fwhm_avg": 3.01516496969697,
  "fwhm_x": 2.9016058181818183,
  "fwhm_y": 3.4361890909090906,
  "fwhm_z": 2.7077,
  "gcor": 0.0798118,
  "gsr_x": -0.012099860236048698,
  "gsr_y": 0.01283550076186657,
  "provenance": {
    "md5sum": "280549b4c999eab7708a21af0d5b69c9",
    "settings": {
      "fd_thres": 0.5,
      "hmc_fsl": false
    },
    "software": "mriqc",
    "version": "0.10.4"
  },
  "size_t": 168,
  "size_x": 64,
  "size_y": 64,
  "size_z": 30,
  "snr": 5.57395011252254,
  "spacing_tr": 2.0,
  "spacing_x": 3.4375,
  "spacing_y": 3.4375,
  "spacing_z": 4.0,
  "summary_bg_k": 66.48765510785364,
  "summary_bg_mad": 14.120020866394043,
  "summary_bg_mean": 62.77509689331055,
  "summary_bg_median": 27.83928680419922,
  "summary_bg_n": 67863.0,
  "summary_bg_p05": 1.0833333730697632,
  "summary_bg_p95": 234.452392578125,
  "summary_bg_stdv": 124.87694549560547,
  "summary_fg_k": 2.318276073633718,
  "summary_fg_mad": 439.935791015625,
  "summary_fg_mean": 2979.8544921875,
  "summary_fg_median": 3057.6875,
  "summary_fg_n": 27434.0,
  "summary_fg_p05": 1939.0607482910157,
  "summary_fg_p95": 3711.6711791992184,
  "summary_fg_stdv": 548.5574340820312,
  "tsnr": 31.353843688964844
}