{
  "aor": 0.004715952380952381,
  "aqi": 0.0069594829166666665,
  "bids_meta": {
    "AcquisitionMatrixPE": 64,
    "ConversionSoftware": "dcm2niix",
    "ConversionSoftwareVersion": "v1.0.20171017 (OpenJPEG build) GCC4.8.4",
    "DeviceSerialNumber": "0000000517353VH3",
    "EchoTime": 0.0279,
    "EffectiveEchoSpacing": 0.000608,
    "FlipAngle": 76,
    "ImageOrientationPatientDICOM": [
      1,
      0,
      0,
      0,
      1,
      0
    ],
    "ImageType": [
      "ORIGINAL",
      "PRIMARY",
      "EPI",
      "NONE"
    ],
    "InPlanePhaseEncodingDirectionDICOM": "COL",
    "InstitutionName": "Michigan_State_University",
    "MRAcquisitionType": "2D",
    "MagneticFieldStrength": 3,
    "Manufacturer": "GE",
    "ManufacturersModelName": "Signa_HDxt",
    "Modality": "MR",
    "PatientPosition": "HFS",
    "PercentPhaseFOV": 100,
    "PixelBandwidth": 7812.5,
    "ProtocolName": "fMRI",
    "ReconMatrixPE": 64,
    "RepetitionTime": 2,
    "SAR": 0.225736,
    "ScanOptions": "EPI_GEMS",
    "ScanningSequence": "EP_GR",
    "SequenceVariant": "SS",
    "SeriesDescription": "fMRI",
    "SliceThickness": 4,
    "SoftwareVersions": "24_LX_MR_Software_release:HD16.0_V02_1131.a",
    "SpacingBetweenSlices": 4,
    "StationName": "MR03MR03",
    "TaskName": "rest",
    "TotalReadoutTime": 0.038304,
    "modality": "bold",
    "session_id": "ExercisePost",
    "subject_id": "033",
    "task_id": "rest"
  },
  "dummy_trs": 0,
  "dvars_nstd": 30.110523395628725,
  "dvars_std": 1.1946533106586832,
  "dvars_vstd": 1.0317953965868263,
  "efc": 0.47385306618776557,
  "fber": 2421.203857421875,
  "fd_mean": 0.39443313559165927,
  "fd_num": 34,
  "fd_perc": 20.238095238095237,
  "fwhm_avg": 3.037087272727273,
  "fwhm_x": 3.06272,
  "fwhm_y": 3.2831418181818184,
  "fwhm_z": 2.7654,
  "gcor": 0.0502287,
  "gsr_x": -0.005134144332259893,
  "gsr_y": 0.0072506265714764595,
  "provenance": {
    "md5sum": "c5ef437fb7fcf07d0519eef68e57cbcd",
    "settings": {
      "fd_thres": 0.5,
      "hmc_fsl": false
    },
    "software": "mriqc",
    "version": "0.10.4"
  },
  "size_t": 168,
  "size_x": 64,
  "size_y": 64,
  "size_z": 30,
  "snr": 5.006157012115924,
  "spacing_tr": 2.0,
  "spacing_x": 3.4375,
  "spacing_y": 3.4375,
  "spacing_z": 4.0,
  "summary_bg_k": 124.89242102212592,
  "summary_bg_mad": 10.987142562866211,
  "summary_bg_mean": 69.61727142333984,
  "summary_bg_median": 58.083335876464844,
  "summary_bg_n": 70446.0,
  "summary_bg_p05": 0.648809552192688,
  "summary_bg_p95": 135.0595245361328,
  "summary_bg_stdv": 84.4001693725586,
  "summary_fg_k": 2.821410124154686,
  "summary_fg_mad": 426.0979309082031,
  "summary_fg_mean": 2848.546875,
  "summary_fg_median": 2961.89892578125,
  "summary_fg_n": 24899.0,
  "summary_fg_p05": 1603.130969238281,
  "summary_fg_p95": 3561.2792236328123,
  "summary_fg_stdv": 591.6393432617188,
  "tsnr": 60.73942565917969
}