{
  "aor": 0.004696190476190476,
  "aqi": 0.005214252678571428,
  "bids_meta": {
    "AcquisitionMatrixPE": 64,
    "ConversionSoftware": "dcm2niix",
    "ConversionSoftwareVersion": "v1.0.20171017 (OpenJPEG build) GCC4.8.4",
    "DeviceSerialNumber": "0000000517353VH3",
    "EchoTime": 0.0279,
    "EffectiveEchoSpacing": 0.000608,
    "FlipAngle": 76,
    "ImageOrientationPatientDICOM": [
      1,
      0,
      0,
      0,
      1,
      0
    ],
    "ImageType": [
      "ORIGINAL",
      "PRIMARY",
      "EPI",
      "NONE"
    ],
    "InPlanePhaseEncodingDirectionDICOM": "COL",
    "InstitutionName": "Michigan_State_University",
    "MRAcquisitionType": "2D",
    "MagneticFieldStrength": 3,
    "Manufacturer": "GE",
    "ManufacturersModelName": "Signa_HDxt",
    "Modality": "MR",
    "PatientPosition": "HFS",
    "PercentPhaseFOV": 100,
    "PixelBandwidth": 7812.5,
    "ProtocolName": "fMRI",
    "ReconMatrixPE": 64,
    "RepetitionTime": 2,
    "SAR": 0.225736,
    "ScanOptions": "EPI_GEMS",
    "ScanningSequence": "EP_GR",
    "SequenceVariant": "SS",
    "SeriesDescription": "fMRI",
    "SliceThickness": 4,
    "SoftwareVersions": "24_LX_MR_Software_release:HD16.0_V02_1131.a",
    "SpacingBetweenSlices": 4,
    "StationName": "MR03MR03",
    "TaskName": "rest",
    "TotalReadoutTime": 0.038304,
    "modality": "bold",
    "session_id": "ControlPost",
    "subject_id": "043",
    "task_id": "rest"
  },
  "dummy_trs": 0,
  "dvars_nstd": 16.64375734640719,
  "dvars_std": 1.1665458471257484,
  "dvars_vstd": 0.9970844997005986,
  "efc": 0.47419681288300747,
  "fber": 12156.1806640625,
  "fd_mean": 0.17915058246593163,
  "fd_num": 7,
  "fd_perc": 4.166666666666667,
  "fwhm_avg": 2.9589421212121216,
  "fwhm_x": 2.9171199999999997,
  "fwhm_y": 3.285556363636364,
  "fwhm_z": 2.67415,
  "gcor": 0.0635399,
  "gsr_x": -0.006645862478762865,
  "gsr_y": 0.010647561401128769,
  "provenance": {
    "md5sum": "a45703c614b1701589a5435baa9770a4",
    "settings": {
      "fd_thres": 0.5,
      "hmc_fsl": false
    },
    "software": "mriqc",
    "version": "0.10.4"
  },
  "size_t": 168,
  "size_x": 64,
  "size_y": 64,
  "size_z": 30,
  "snr": 5.156963730774597,
  "spacing_tr": 2.0,
  "spacing_x": 3.4375,
  "spacing_y": 3.4375,
  "spacing_z": 4.0,
  "summary_bg_k": 50.66675141627265,
  "summary_bg_mad": 12.615357398986816,
  "summary_bg_mean": 55.53240203857422,
  "summary_bg_median": 27.761905670166016,
  "summary_bg_n": 68794.0,
  "summary_bg_p05": 0.2202381044626236,
  "summary_bg_p95": 197.59524536132812,
  "summary_bg_stdv": 97.6815185546875,
  "summary_fg_k": 3.0183456141534792,
  "summary_fg_mad": 453.9099426269531,
  "summary_fg_mean": 3012.92529296875,
  "summary_fg_median": 3111.1728515625,
  "summary_fg_n": 26294.0,
  "summary_fg_p05": 1851.035467529297,
  "summary_fg_p95": 3776.687219238281,
  "summary_fg_stdv": 603.2839965820312,
  "tsnr": 72.9015884399414
}