{
  "aor": 0.0013444642857142856,
  "aqi": 0.0023878580357142858,
  "bids_meta": {
    "AcquisitionMatrixPE": 64,
    "ConversionSoftware": "dcm2niix",
    "ConversionSoftwareVersion": "v1.0.20171017 (OpenJPEG build) GCC4.8.4",
    "DeviceSerialNumber": "0000000517353VH3",
    "EchoTime": 0.0279,
    "EffectiveEchoSpacing": 0.000608,
    "FlipAngle": 76,
    "ImageOrientationPatientDICOM": [
      1,
      0,
      0,
      0,
      1,
      0
    ],
    "ImageType": [
      "ORIGINAL",
      "PRIMARY",
      "EPI",
      "NONE"
    ],
    "InPlanePhaseEncodingDirectionDICOM": "COL",
    "InstitutionName": "Michigan_State_University",
    "MRAcquisitionType": "2D",
    "MagneticFieldStrength": 3,
    "Manufacturer": "GE",
    "ManufacturersModelName": "Signa_HDxt",
    "Modality": "MR",
    "PatientPosition": "HFS",
    "PercentPhaseFOV": 100,
    "PixelBandwidth": 7812.5,
    "ProtocolName": "fMRI",
    "ReconMatrixPE": 64,
    "RepetitionTime": 2,
    "SAR": 0.225736,
    "ScanOptions": "EPI_GEMS",
    "ScanningSequence": "EP_GR",
    "SequenceVariant": "SS",
    "SeriesDescription": "fMRI",
    "SliceThickness": 4,
    "SoftwareVersions": "24_LX_MR_Software_release:HD16.0_V02_1131.a",
    "SpacingBetweenSlices": 4,
    "StationName": "MR03MR03",
    "TaskName": "flanker",
    "TotalReadoutTime": 0.038304,
    "modality": "bold",
    "run_id": "02",
    "session_id": "ControlPost",
    "subject_id": "043",
    "task_id": "flanker"
  },
  "dummy_trs": 0,
  "dvars_nstd": 12.315947127425149,
  "dvars_std": 1.210185614910179,
  "dvars_vstd": 0.9864806474251495,
  "efc": 0.4749873589653222,
  "fber": 11763.271484375,
  "fd_mean": 0.09048375893690484,
  "fd_num": 0,
  "fd_perc": 0.0,
  "fwhm_avg": 2.9332049696969698,
  "fwhm_x": 2.901911272727273,
  "fwhm_y": 3.2674036363636363,
  "fwhm_z": 2.6303,
  "gcor": 0.0689312,
  "gsr_x": -0.006584593094885349,
  "gsr_y": 0.010473313741385937,
  "provenance": {
    "md5sum": "ee59cd0a496f59cc51205e8397fb340c",
    "settings": {
      "fd_thres": 0.5,
      "hmc_fsl": false
    },
    "software": "mriqc",
    "version": "0.10.4"
  },
  "size_t": 168,
  "size_x": 64,
  "size_y": 64,
  "size_z": 30,
  "snr": 5.149430768401988,
  "spacing_tr": 2.0,
  "spacing_x": 3.4375,
  "spacing_y": 3.4375,
  "spacing_z": 4.0,
  "summary_bg_k": 55.255338301283665,
  "summary_bg_mad": 12.505044937133789,
  "summary_bg_mean": 56.60965347290039,
  "summary_bg_median": 28.166667938232422,
  "summary_bg_n": 68837.0,
  "summary_bg_p05": 0.02380952425301075,
  "summary_bg_p95": 209.51071472167962,
  "summary_bg_stdv": 102.48529052734375,
  "summary_fg_k": 3.0908125640065576,
  "summary_fg_mad": 447.048583984375,
  "summary_fg_mean": 3004.279052734375,
  "summary_fg_median": 3102.72021484375,
  "summary_fg_n": 26294.0,
  "summary_fg_p05": 1831.015216064453,
  "summary_fg_p95": 3766.298876953125,
  "summary_fg_stdv": 602.5250854492188,
  "tsnr": 107.27206420898438
}