{
  "aor": 0.01046151515151515,
  "aqi": 0.004755517696969697,
  "bids_meta": {
    "AcquisitionMatrixPE": 64,
    "ConversionSoftware": "dcm2niix",
    "ConversionSoftwareVersion": "v1.0.20171017 (OpenJPEG build) GCC4.8.4",
    "DeviceSerialNumber": "0000000517353VH3",
    "EchoTime": 0.0279,
    "EffectiveEchoSpacing": 0.000608,
    "FlipAngle": 76,
    "ImageOrientationPatientDICOM": [
      1,
      0,
      0,
      0,
      1,
      0
    ],
    "ImageType": [
      "ORIGINAL",
      "PRIMARY",
      "EPI",
      "NONE"
    ],
    "InPlanePhaseEncodingDirectionDICOM": "COL",
    "InstitutionName": "Michigan_State_University",
    "MRAcquisitionType": "2D",
    "MagneticFieldStrength": 3,
    "Manufacturer": "GE",
    "ManufacturersModelName": "Signa_HDxt",
    "Modality": "MR",
    "PatientPosition": "HFS",
    "PercentPhaseFOV": 100,
    "PixelBandwidth": 7812.5,
    "ProtocolName": "fMRI",
    "ReconMatrixPE": 64,
    "RepetitionTime": 2,
    "SAR": 0.225736,
    "ScanOptions": "EPI_GEMS",
    "ScanningSequence": "EP_GR",
    "SequenceVariant": "SS",
    "SeriesDescription": "fMRI",
    "SliceThickness": 4,
    "SoftwareVersions": "24_LX_MR_Software_release:HD16.0_V02_1131.a",
    "SpacingBetweenSlices": 4,
    "StationName": "MR03MR03",
    "TaskName": "rest",
    "TotalReadoutTime": 0.038304,
    "modality": "bold",
    "session_id": "ExercisePost",
    "subject_id": "014",
    "task_id": "rest"
  },
  "dummy_trs": 3,
  "dvars_nstd": 19.526208383109754,
  "dvars_std": 1.3404543371341455,
  "dvars_vstd": 1.0032058889024391,
  "efc": 0.44590510484650336,
  "fber": 12770.125,
  "fd_mean": 0.12508827618926685,
  "fd_num": 7,
  "fd_perc": 4.242424242424242,
  "fwhm_avg": 2.906050090909091,
  "fwhm_x": 2.7945570909090907,
  "fwhm_y": 3.215418181818182,
  "fwhm_z": 2.708175,
  "gcor": 0.0560178,
  "gsr_x": -0.008214001543819904,
  "gsr_y": 0.0061885579489171505,
  "provenance": {
    "md5sum": "98fe6ef431ec071f39e71da46e5083a8",
    "settings": {
      "fd_thres": 0.5,
      "hmc_fsl": false
    },
    "software": "mriqc",
    "version": "0.10.4"
  },
  "size_t": 165,
  "size_x": 64,
  "size_y": 64,
  "size_z": 30,
  "snr": 5.252498681248351,
  "spacing_tr": 2.0,
  "spacing_x": 3.4375,
  "spacing_y": 3.4375,
  "spacing_z": 4.0,
  "summary_bg_k": 72.13242652749794,
  "summary_bg_mad": 14.754138946533203,
  "summary_bg_mean": 66.24024963378906,
  "summary_bg_median": 33.6363639831543,
  "summary_bg_n": 73167.0,
  "summary_bg_p05": 0.4484848380088806,
  "summary_bg_p95": 214.764839172363,
  "summary_bg_stdv": 125.87857818603516,
  "summary_fg_k": 2.886257063757414,
  "summary_fg_mad": 588.296630859375,
  "summary_fg_mean": 3771.72021484375,
  "summary_fg_median": 3889.98779296875,
  "summary_fg_n": 22835.0,
  "summary_fg_p05": 2302.63271484375,
  "summary_fg_p95": 4683.260546875,
  "summary_fg_stdv": 740.5813598632812,
  "tsnr": 73.38117218017578
}