{
  "aor": 0.03528511904761905,
  "aqi": 0.012437796071428572,
  "bids_meta": {
    "AcquisitionMatrixPE": 64,
    "ConversionSoftware": "dcm2niix",
    "ConversionSoftwareVersion": "v1.0.20171017 (OpenJPEG build) GCC4.8.4",
    "DeviceSerialNumber": "0000000517353VH3",
    "EchoTime": 0.0279,
    "EffectiveEchoSpacing": 0.000608,
    "FlipAngle": 76,
    "ImageOrientationPatientDICOM": [
      1,
      0,
      0,
      0,
      1,
      0
    ],
    "ImageType": [
      "ORIGINAL",
      "PRIMARY",
      "EPI",
      "NONE"
    ],
    "InPlanePhaseEncodingDirectionDICOM": "COL",
    "InstitutionName": "Michigan_State_University",
    "MRAcquisitionType": "2D",
    "MagneticFieldStrength": 3,
    "Manufacturer": "GE",
    "ManufacturersModelName": "Signa_HDxt",
    "Modality": "MR",
    "PatientPosition": "HFS",
    "PercentPhaseFOV": 100,
    "PixelBandwidth": 7812.5,
    "ProtocolName": "fMRI",
    "ReconMatrixPE": 64,
    "RepetitionTime": 2,
    "SAR": 0.225736,
    "ScanOptions": "EPI_GEMS",
    "ScanningSequence": "EP_GR",
    "SequenceVariant": "SS",
    "SeriesDescription": "fMRI",
    "SliceThickness": 4,
    "SoftwareVersions": "24_LX_MR_Software_release:HD16.0_V02_1131.a",
    "SpacingBetweenSlices": 4,
    "StationName": "MR03MR03",
    "TaskName": "rest",
    "TotalReadoutTime": 0.038304,
    "modality": "bold",
    "session_id": "ControlPost",
    "subject_id": "028",
    "task_id": "rest"
  },
  "dummy_trs": 0,
  "dvars_nstd": 28.733476684251492,
  "dvars_std": 1.2304591332934136,
  "dvars_vstd": 1.2002011826347307,
  "efc": 0.4244975424606474,
  "fber": 9861.744140625,
  "fd_mean": 0.49177998619279795,
  "fd_num": 36,
  "fd_perc": 21.428571428571427,
  "fwhm_avg": 3.1070992424242427,
  "fwhm_x": 3.1197090909090908,
  "fwhm_y": 3.4203636363636365,
  "fwhm_z": 2.781225,
  "gcor": 0.148128,
  "gsr_x": -0.0042537786066532135,
  "gsr_y": 0.0035319686867296696,
  "provenance": {
    "md5sum": "3865b152070df10b77ff52a006ca0bb6",
    "settings": {
      "fd_thres": 0.5,
      "hmc_fsl": false
    },
    "software": "mriqc",
    "version": "0.10.4"
  },
  "size_t": 168,
  "size_x": 64,
  "size_y": 64,
  "size_z": 30,
  "snr": 4.637189416496234,
  "spacing_tr": 2.0,
  "spacing_x": 3.4375,
  "spacing_y": 3.4375,
  "spacing_z": 4.0,
  "summary_bg_k": 79.12182936930701,
  "summary_bg_mad": 12.002017974853516,
  "summary_bg_mean": 58.27552032470703,
  "summary_bg_median": 28.702381134033203,
  "summary_bg_n": 76404.0,
  "summary_bg_p05": 0.4523809552192688,
  "summary_bg_p95": 184.1333312988279,
  "summary_bg_stdv": 126.17329406738281,
  "summary_fg_k": 2.331598448050136,
  "summary_fg_mad": 446.5810852050781,
  "summary_fg_mean": 2805.683349609375,
  "summary_fg_median": 2929.422607421875,
  "summary_fg_n": 20087.0,
  "summary_fg_p05": 1424.0893310546876,
  "summary_fg_p95": 3578.6279541015624,
  "summary_fg_stdv": 631.7080078125,
  "tsnr": 34.87553405761719
}