{
  "aor": 0.008292202380952381,
  "aqi": 0.008041345297619048,
  "bids_meta": {
    "AcquisitionMatrixPE": 64,
    "ConversionSoftware": "dcm2niix",
    "ConversionSoftwareVersion": "v1.0.20171017 (OpenJPEG build) GCC4.8.4",
    "DeviceSerialNumber": "0000000517353VH3",
    "EchoTime": 0.0279,
    "EffectiveEchoSpacing": 0.000608,
    "FlipAngle": 76,
    "ImageOrientationPatientDICOM": [
      1,
      0,
      0,
      0,
      1,
      0
    ],
    "ImageType": [
      "ORIGINAL",
      "PRIMARY",
      "EPI",
      "NONE"
    ],
    "InPlanePhaseEncodingDirectionDICOM": "COL",
    "InstitutionName": "Michigan_State_University",
    "MRAcquisitionType": "2D",
    "MagneticFieldStrength": 3,
    "Manufacturer": "GE",
    "ManufacturersModelName": "Signa_HDxt",
    "Modality": "MR",
    "PatientPosition": "HFS",
    "PercentPhaseFOV": 100,
    "PixelBandwidth": 7812.5,
    "ProtocolName": "fMRI",
    "ReconMatrixPE": 64,
    "RepetitionTime": 2,
    "SAR": 0.225736,
    "ScanOptions": "EPI_GEMS",
    "ScanningSequence": "EP_GR",
    "SequenceVariant": "SS",
    "SeriesDescription": "fMRI",
    "SliceThickness": 4,
    "SoftwareVersions": "24_LX_MR_Software_release:HD16.0_V02_1131.a",
    "SpacingBetweenSlices": 4,
    "StationName": "MR03MR03",
    "TaskName": "flanker",
    "TotalReadoutTime": 0.038304,
    "modality": "bold",
    "run_id": "02",
    "session_id": "ControlPost",
    "subject_id": "001",
    "task_id": "flanker"
  },
  "dummy_trs": 0,
  "dvars_nstd": 20.526035446047906,
  "dvars_std": 1.093464510898204,
  "dvars_vstd": 0.9870038076646702,
  "efc": 0.502304137426775,
  "fber": 6132.03125,
  "fd_mean": 0.3336222924635417,
  "fd_num": 24,
  "fd_perc": 14.285714285714286,
  "fwhm_avg": 2.875533272727273,
  "fwhm_x": 2.782906181818182,
  "fwhm_y": 3.2488436363636364,
  "fwhm_z": 2.59485,
  "gcor": 0.0239019,
  "gsr_x": -0.004969174508005381,
  "gsr_y": 0.015402092598378658,
  "provenance": {
    "md5sum": "0eec778ab733f7768ccd7657183e4e93",
    "settings": {
      "fd_thres": 0.5,
      "hmc_fsl": false
    },
    "software": "mriqc",
    "version": "0.10.4"
  },
  "size_t": 168,
  "size_x": 64,
  "size_y": 64,
  "size_z": 30,
  "snr": 5.141436600725894,
  "spacing_tr": 2.0,
  "spacing_x": 3.4375,
  "spacing_y": 3.4375,
  "spacing_z": 4.0,
  "summary_bg_k": 42.73283843336273,
  "summary_bg_mad": 30.874309539794922,
  "summary_bg_mean": 116.83118438720703,
  "summary_bg_median": 52.2976188659668,
  "summary_bg_n": 66454.0,
  "summary_bg_p05": 1.2321429252624512,
  "summary_bg_p95": 386.43334960937494,
  "summary_bg_stdv": 205.4931182861328,
  "summary_fg_k": 2.0248424327954107,
  "summary_fg_mad": 680.2673950195312,
  "summary_fg_mean": 4142.88720703125,
  "summary_fg_median": 4193.408203125,
  "summary_fg_n": 28464.0,
  "summary_fg_p05": 2699.384057617188,
  "summary_fg_p95": 5363.558325195313,
  "summary_fg_stdv": 815.5958862304688,
  "tsnr": 56.545021057128906
}