{
  "aor": 0.0025644047619047617,
  "aqi": 0.0025705595833333335,
  "bids_meta": {
    "AcquisitionMatrixPE": 64,
    "ConversionSoftware": "dcm2niix",
    "ConversionSoftwareVersion": "v1.0.20171017 (OpenJPEG build) GCC4.8.4",
    "DeviceSerialNumber": "0000000517353VH3",
    "EchoTime": 0.0279,
    "EffectiveEchoSpacing": 0.000608,
    "FlipAngle": 76,
    "ImageOrientationPatientDICOM": [
      1,
      0,
      0,
      0,
      1,
      0
    ],
    "ImageType": [
      "ORIGINAL",
      "PRIMARY",
      "EPI",
      "NONE"
    ],
    "InPlanePhaseEncodingDirectionDICOM": "COL",
    "InstitutionName": "Michigan_State_University",
    "MRAcquisitionType": "2D",
    "MagneticFieldStrength": 3,
    "Manufacturer": "GE",
    "ManufacturersModelName": "Signa_HDxt",
    "Modality": "MR",
    "PatientPosition": "HFS",
    "PercentPhaseFOV": 100,
    "PixelBandwidth": 7812.5,
    "ProtocolName": "fMRI",
    "ReconMatrixPE": 64,
    "RepetitionTime": 2,
    "SAR": 0.225736,
    "ScanOptions": "EPI_GEMS",
    "ScanningSequence": "EP_GR",
    "SequenceVariant": "SS",
    "SeriesDescription": "fMRI",
    "SliceThickness": 4,
    "SoftwareVersions": "24_LX_MR_Software_release:HD16.0_V02_1131.a",
    "SpacingBetweenSlices": 4,
    "StationName": "MR03MR03",
    "TaskName": "rest",
    "TotalReadoutTime": 0.038304,
    "modality": "bold",
    "session_id": "ExercisePre",
    "subject_id": "041",
    "task_id": "rest"
  },
  "dummy_trs": 0,
  "dvars_nstd": 15.723297033293425,
  "dvars_std": 1.235022743173653,
  "dvars_vstd": 1.009756946287425,
  "efc": 0.48613823669841355,
  "fber": 6530.45263671875,
  "fd_mean": 0.12063626313125796,
  "fd_num": 0,
  "fd_perc": 0.0,
  "fwhm_avg": 2.9743515454545455,
  "fwhm_x": 2.8640523636363633,
  "fwhm_y": 3.2679272727272726,
  "fwhm_z": 2.791075,
  "gcor": 0.0355536,
  "gsr_x": -0.007427516859024763,
  "gsr_y": 0.013796493411064148,
  "provenance": {
    "md5sum": "bf0760355b28f8479e68a041d03fce9c",
    "settings": {
      "fd_thres": 0.5,
      "hmc_fsl": false
    },
    "software": "mriqc",
    "version": "0.10.4"
  },
  "size_t": 168,
  "size_x": 64,
  "size_y": 64,
  "size_z": 30,
  "snr": 4.833822645786142,
  "spacing_tr": 2.0,
  "spacing_x": 3.4375,
  "spacing_y": 3.4375,
  "spacing_z": 4.0,
  "summary_bg_k": 103.65083535183116,
  "summary_bg_mad": 10.722392082214355,
  "summary_bg_mean": 52.618106842041016,
  "summary_bg_median": 35.345237731933594,
  "summary_bg_n": 67071.0,
  "summary_bg_p05": 0.1011904776096344,
  "summary_bg_p95": 145.83631134033203,
  "summary_bg_stdv": 77.18338012695312,
  "summary_fg_k": 2.335298436393842,
  "summary_fg_mad": 474.2785339355469,
  "summary_fg_mean": 2869.929443359375,
  "summary_fg_median": 2950.3779296875,
  "summary_fg_n": 28032.0,
  "summary_fg_p05": 1675.6693481445313,
  "summary_fg_p95": 3690.336413574218,
  "summary_fg_stdv": 610.350341796875,
  "tsnr": 99.7072982788086
}