{
  "aor": 0.016903690476190475,
  "aqi": 0.024626069404761905,
  "bids_meta": {
    "AcquisitionMatrixPE": 64,
    "ConversionSoftware": "dcm2niix",
    "ConversionSoftwareVersion": "v1.0.20171017 (OpenJPEG build) GCC4.8.4",
    "DeviceSerialNumber": "0000000517353VH3",
    "EchoTime": 0.0279,
    "EffectiveEchoSpacing": 0.000608,
    "FlipAngle": 76,
    "ImageOrientationPatientDICOM": [
      1,
      0,
      0,
      0,
      1,
      0
    ],
    "ImageType": [
      "ORIGINAL",
      "PRIMARY",
      "EPI",
      "NONE"
    ],
    "InPlanePhaseEncodingDirectionDICOM": "COL",
    "InstitutionName": "Michigan_State_University",
    "MRAcquisitionType": "2D",
    "MagneticFieldStrength": 3,
    "Manufacturer": "GE",
    "ManufacturersModelName": "Signa_HDxt",
    "Modality": "MR",
    "PatientPosition": "HFS",
    "PercentPhaseFOV": 100,
    "PixelBandwidth": 7812.5,
    "ProtocolName": "fMRI",
    "ReconMatrixPE": 64,
    "RepetitionTime": 2,
    "SAR": 0.225736,
    "ScanOptions": "EPI_GEMS",
    "ScanningSequence": "EP_GR",
    "SequenceVariant": "SS",
    "SeriesDescription": "fMRI",
    "SliceThickness": 4,
    "SoftwareVersions": "24_LX_MR_Software_release:HD16.0_V02_1131.a",
    "SpacingBetweenSlices": 4,
    "StationName": "MR03MR03",
    "TaskName": "rest",
    "TotalReadoutTime": 0.038304,
    "modality": "bold",
    "session_id": "ControlPre",
    "subject_id": "038",
    "task_id": "rest"
  },
  "dummy_trs": 0,
  "dvars_nstd": 26.587639082994013,
  "dvars_std": 0.8895250701197607,
  "dvars_vstd": 0.8733808385628742,
  "efc": 0.4886386908101461,
  "fber": 11475.3115234375,
  "fd_mean": 0.5888595694048857,
  "fd_num": 44,
  "fd_perc": 26.19047619047619,
  "fwhm_avg": 3.0376039393939394,
  "fwhm_x": 2.9179927272727273,
  "fwhm_y": 3.483869090909091,
  "fwhm_z": 2.71095,
  "gcor": 0.0760188,
  "gsr_x": -0.012367311865091324,
  "gsr_y": 0.013998597860336304,
  "provenance": {
    "md5sum": "3264e7d2feb1a889e6083d116f2dde65",
    "settings": {
      "fd_thres": 0.5,
      "hmc_fsl": false
    },
    "software": "mriqc",
    "version": "0.10.4"
  },
  "size_t": 168,
  "size_x": 64,
  "size_y": 64,
  "size_z": 30,
  "snr": 5.420412849696403,
  "spacing_tr": 2.0,
  "spacing_x": 3.4375,
  "spacing_y": 3.4375,
  "spacing_z": 4.0,
  "summary_bg_k": 69.76336272845363,
  "summary_bg_mad": 14.137669563293457,
  "summary_bg_mean": 63.294063568115234,
  "summary_bg_median": 28.1488094329834,
  "summary_bg_n": 68045.0,
  "summary_bg_p05": 1.1321428537368792,
  "summary_bg_p95": 228.62857055664057,
  "summary_bg_stdv": 126.18896484375,
  "summary_fg_k": 2.5114923913227925,
  "summary_fg_mad": 454.9471435546875,
  "summary_fg_mean": 2995.41943359375,
  "summary_fg_median": 3075.818359375,
  "summary_fg_n": 27316.0,
  "summary_fg_p05": 1917.3661499023438,
  "summary_fg_p95": 3737.4895629882812,
  "summary_fg_stdv": 567.4405517578125,
  "tsnr": 33.20014953613281
}