{
  "aor": 0.03243452380952381,
  "aqi": 0.025153647738095235,
  "bids_meta": {
    "AcquisitionMatrixPE": 64,
    "ConversionSoftware": "dcm2niix",
    "ConversionSoftwareVersion": "v1.0.20171017 (OpenJPEG build) GCC4.8.4",
    "DeviceSerialNumber": "0000000517353VH3",
    "EchoTime": 0.0279,
    "EffectiveEchoSpacing": 0.000608,
    "FlipAngle": 76,
    "ImageOrientationPatientDICOM": [
      1,
      0,
      0,
      0,
      1,
      0
    ],
    "ImageType": [
      "ORIGINAL",
      "PRIMARY",
      "EPI",
      "NONE"
    ],
    "InPlanePhaseEncodingDirectionDICOM": "COL",
    "InstitutionName": "Michigan_State_University",
    "MRAcquisitionType": "2D",
    "MagneticFieldStrength": 3,
    "Manufacturer": "GE",
    "ManufacturersModelName": "Signa_HDxt",
    "Modality": "MR",
    "PatientPosition": "HFS",
    "PercentPhaseFOV": 100,
    "PixelBandwidth": 7812.5,
    "ProtocolName": "fMRI",
    "ReconMatrixPE": 64,
    "RepetitionTime": 2,
    "SAR": 0.225736,
    "ScanOptions": "EPI_GEMS",
    "ScanningSequence": "EP_GR",
    "SequenceVariant": "SS",
    "SeriesDescription": "fMRI",
    "SliceThickness": 4,
    "SoftwareVersions": "24_LX_MR_Software_release:HD16.0_V02_1131.a",
    "SpacingBetweenSlices": 4,
    "StationName": "MR03MR03",
    "TaskName": "rest",
    "TotalReadoutTime": 0.038304,
    "modality": "bold",
    "session_id": "ExercisePost",
    "subject_id": "058",
    "task_id": "rest"
  },
  "dummy_trs": 0,
  "dvars_nstd": 33.468656385508986,
  "dvars_std": 1.0940526392215564,
  "dvars_vstd": 1.075430417724551,
  "efc": 0.4683392122992531,
  "fber": 13001.646484375,
  "fd_mean": 0.5170775264190507,
  "fd_num": 52,
  "fd_perc": 30.952380952380953,
  "fwhm_avg": 2.955094515151515,
  "fwhm_x": 2.8754821818181817,
  "fwhm_y": 3.2714763636363635,
  "fwhm_z": 2.718325,
  "gcor": 0.119911,
  "gsr_x": -0.00622918363660574,
  "gsr_y": 0.006596938706934452,
  "provenance": {
    "md5sum": "b657838d2a02fc66c261f80f24d433c6",
    "settings": {
      "fd_thres": 0.5,
      "hmc_fsl": false
    },
    "software": "mriqc",
    "version": "0.10.4"
  },
  "size_t": 168,
  "size_x": 64,
  "size_y": 64,
  "size_z": 30,
  "snr": 5.5292438513621525,
  "spacing_tr": 2.0,
  "spacing_x": 3.4375,
  "spacing_y": 3.4375,
  "spacing_z": 4.0,
  "summary_bg_k": 92.41804422077591,
  "summary_bg_mad": 15.810009002685547,
  "summary_bg_mean": 62.42851257324219,
  "summary_bg_median": 36.36607360839844,
  "summary_bg_n": 69808.0,
  "summary_bg_p05": 2.386904716491699,
  "summary_bg_p95": 170.3127975463865,
  "summary_bg_stdv": 105.03507232666016,
  "summary_fg_k": 3.580830884486411,
  "summary_fg_mad": 568.7897338867188,
  "summary_fg_mean": 4077.59130859375,
  "summary_fg_median": 4189.63671875,
  "summary_fg_n": 25862.0,
  "summary_fg_p05": 2646.3114257812504,
  "summary_fg_p95": 5043.21435546875,
  "summary_fg_stdv": 757.7086181640625,
  "tsnr": 31.779552459716797
}