{
  "aor": 0.06877708333333332,
  "aqi": 0.03548698827380952,
  "bids_meta": {
    "AcquisitionMatrixPE": 64,
    "ConversionSoftware": "dcm2niix",
    "ConversionSoftwareVersion": "v1.0.20171017 (OpenJPEG build) GCC4.8.4",
    "DeviceSerialNumber": "0000000517353VH3",
    "EchoTime": 0.0279,
    "EffectiveEchoSpacing": 0.000608,
    "FlipAngle": 76,
    "ImageOrientationPatientDICOM": [
      1,
      0,
      0,
      0,
      1,
      0
    ],
    "ImageType": [
      "ORIGINAL",
      "PRIMARY",
      "EPI",
      "NONE"
    ],
    "InPlanePhaseEncodingDirectionDICOM": "COL",
    "InstitutionName": "Michigan_State_University",
    "MRAcquisitionType": "2D",
    "MagneticFieldStrength": 3,
    "Manufacturer": "GE",
    "ManufacturersModelName": "Signa_HDxt",
    "Modality": "MR",
    "PatientPosition": "HFS",
    "PercentPhaseFOV": 100,
    "PixelBandwidth": 7812.5,
    "ProtocolName": "fMRI",
    "ReconMatrixPE": 64,
    "RepetitionTime": 2,
    "SAR": 0.225736,
    "ScanOptions": "EPI_GEMS",
    "ScanningSequence": "EP_GR",
    "SequenceVariant": "SS",
    "SeriesDescription": "fMRI",
    "SliceThickness": 4,
    "SoftwareVersions": "24_LX_MR_Software_release:HD16.0_V02_1131.a",
    "SpacingBetweenSlices": 4,
    "StationName": "MR03MR03",
    "TaskName": "flanker",
    "TotalReadoutTime": 0.038304,
    "modality": "bold",
    "run_id": "01",
    "session_id": "ExercisePost",
    "subject_id": "056",
    "task_id": "flanker"
  },
  "dummy_trs": 0,
  "dvars_nstd": 56.88373774676647,
  "dvars_std": 1.4767261047305391,
  "dvars_vstd": 1.5743120413772453,
  "efc": 0.4997779201420848,
  "fber": 9805.1630859375,
  "fd_mean": 1.0930366839466008,
  "fd_num": 67,
  "fd_perc": 39.88095238095238,
  "fwhm_avg": 2.976184,
  "fwhm_x": 2.8061701818181817,
  "fwhm_y": 3.328581818181818,
  "fwhm_z": 2.7938,
  "gcor": 0.168229,
  "gsr_x": -0.007444287650287151,
  "gsr_y": 0.017881445586681366,
  "provenance": {
    "md5sum": "2354dd3dd55f57e8a1491825df162773",
    "settings": {
      "fd_thres": 0.5,
      "hmc_fsl": false
    },
    "software": "mriqc",
    "version": "0.10.4"
  },
  "size_t": 168,
  "size_x": 64,
  "size_y": 64,
  "size_z": 30,
  "snr": 5.187781962750422,
  "spacing_tr": 2.0,
  "spacing_x": 3.4375,
  "spacing_y": 3.4375,
  "spacing_z": 4.0,
  "summary_bg_k": 74.66199624062068,
  "summary_bg_mad": 13.405194282531738,
  "summary_bg_mean": 63.26100540161133,
  "summary_bg_median": 27.6488094329834,
  "summary_bg_n": 66462.0,
  "summary_bg_p05": 1.0714285373687744,
  "summary_bg_p95": 221.34316177368152,
  "summary_bg_stdv": 140.2900390625,
  "summary_fg_k": 2.5928575100452145,
  "summary_fg_mad": 457.2152099609375,
  "summary_fg_mean": 2739.6708984375,
  "summary_fg_median": 2798.46435546875,
  "summary_fg_n": 28595.0,
  "summary_fg_p05": 1769.81015625,
  "summary_fg_p95": 3464.172119140625,
  "summary_fg_stdv": 539.4242553710938,
  "tsnr": 20.303077697753906
}