{
  "aor": 0.005856904761904762,
  "aqi": 0.006060542797619048,
  "bids_meta": {
    "AcquisitionMatrixPE": 64,
    "ConversionSoftware": "dcm2niix",
    "ConversionSoftwareVersion": "v1.0.20171017 (OpenJPEG build) GCC4.8.4",
    "DeviceSerialNumber": "0000000517353VH3",
    "EchoTime": 0.0279,
    "EffectiveEchoSpacing": 0.000608,
    "FlipAngle": 76,
    "ImageOrientationPatientDICOM": [
      1,
      0,
      0,
      0,
      1,
      0
    ],
    "ImageType": [
      "ORIGINAL",
      "PRIMARY",
      "EPI",
      "NONE"
    ],
    "InPlanePhaseEncodingDirectionDICOM": "COL",
    "InstitutionName": "Michigan_State_University",
    "MRAcquisitionType": "2D",
    "MagneticFieldStrength": 3,
    "Manufacturer": "GE",
    "ManufacturersModelName": "Signa_HDxt",
    "Modality": "MR",
    "PatientPosition": "HFS",
    "PercentPhaseFOV": 100,
    "PixelBandwidth": 7812.5,
    "ProtocolName": "fMRI",
    "ReconMatrixPE": 64,
    "RepetitionTime": 2,
    "SAR": 0.225736,
    "ScanOptions": "EPI_GEMS",
    "ScanningSequence": "EP_GR",
    "SequenceVariant": "SS",
    "SeriesDescription": "fMRI",
    "SliceThickness": 4,
    "SoftwareVersions": "24_LX_MR_Software_release:HD16.0_V02_1131.a",
    "SpacingBetweenSlices": 4,
    "StationName": "MR03MR03",
    "TaskName": "rest",
    "TotalReadoutTime": 0.038304,
    "modality": "bold",
    "session_id": "ExercisePre",
    "subject_id": "049",
    "task_id": "rest"
  },
  "dummy_trs": 0,
  "dvars_nstd": 20.552959094071856,
  "dvars_std": 1.272010135928144,
  "dvars_vstd": 1.0425300837125746,
  "efc": 0.46539225595353845,
  "fber": 14180.419921875,
  "fd_mean": 0.2638587148737883,
  "fd_num": 17,
  "fd_perc": 10.119047619047619,
  "fwhm_avg": 2.967369393939394,
  "fwhm_x": 2.868523636363636,
  "fwhm_y": 3.298734545454545,
  "fwhm_z": 2.73485,
  "gcor": 0.0295175,
  "gsr_x": -0.01041844580322504,
  "gsr_y": 0.010243131779134274,
  "provenance": {
    "md5sum": "5f346512dee65e39072bbc4a8f972717",
    "settings": {
      "fd_thres": 0.5,
      "hmc_fsl": false
    },
    "software": "mriqc",
    "version": "0.10.4"
  },
  "size_t": 168,
  "size_x": 64,
  "size_y": 64,
  "size_z": 30,
  "snr": 5.469699523752364,
  "spacing_tr": 2.0,
  "spacing_x": 3.4375,
  "spacing_y": 3.4375,
  "spacing_z": 4.0,
  "summary_bg_k": 138.9544358705914,
  "summary_bg_mad": 16.891077041625977,
  "summary_bg_mean": 64.80062866210938,
  "summary_bg_median": 35.869049072265625,
  "summary_bg_n": 69594.0,
  "summary_bg_p05": 0.75,
  "summary_bg_p95": 174.33244094848575,
  "summary_bg_stdv": 128.8643341064453,
  "summary_fg_k": 2.947424032114588,
  "summary_fg_mad": 645.647216796875,
  "summary_fg_mean": 4273.71337890625,
  "summary_fg_median": 4356.22021484375,
  "summary_fg_n": 26051.0,
  "summary_fg_p05": 2821.892822265625,
  "summary_fg_p95": 5348.42578125,
  "summary_fg_stdv": 796.4124145507812,
  "tsnr": 68.02056121826172
}