{
  "aor": 0.00581892857142857,
  "aqi": 0.009392712976190477,
  "bids_meta": {
    "AcquisitionMatrixPE": 64,
    "ConversionSoftware": "dcm2niix",
    "ConversionSoftwareVersion": "v1.0.20171017 (OpenJPEG build) GCC4.8.4",
    "DeviceSerialNumber": "0000000517353VH3",
    "EchoTime": 0.0279,
    "EffectiveEchoSpacing": 0.000608,
    "FlipAngle": 76,
    "ImageOrientationPatientDICOM": [
      1,
      0,
      0,
      0,
      1,
      0
    ],
    "ImageType": [
      "ORIGINAL",
      "PRIMARY",
      "EPI",
      "NONE"
    ],
    "InPlanePhaseEncodingDirectionDICOM": "COL",
    "InstitutionName": "Michigan_State_University",
    "MRAcquisitionType": "2D",
    "MagneticFieldStrength": 3,
    "Manufacturer": "GE",
    "ManufacturersModelName": "Signa_HDxt",
    "Modality": "MR",
    "PatientPosition": "HFS",
    "PercentPhaseFOV": 100,
    "PixelBandwidth": 7812.5,
    "ProtocolName": "fMRI",
    "ReconMatrixPE": 64,
    "RepetitionTime": 2,
    "SAR": 0.225736,
    "ScanOptions": "EPI_GEMS",
    "ScanningSequence": "EP_GR",
    "SequenceVariant": "SS",
    "SeriesDescription": "fMRI",
    "SliceThickness": 4,
    "SoftwareVersions": "24_LX_MR_Software_release:HD16.0_V02_1131.a",
    "SpacingBetweenSlices": 4,
    "StationName": "MR03MR03",
    "TaskName": "flanker",
    "TotalReadoutTime": 0.038304,
    "modality": "bold",
    "run_id": "02",
    "session_id": "ControlPre",
    "subject_id": "033",
    "task_id": "flanker"
  },
  "dummy_trs": 0,
  "dvars_nstd": 23.011063809940115,
  "dvars_std": 1.1855279679640713,
  "dvars_vstd": 0.9531441375449106,
  "efc": 0.4583715090271272,
  "fber": 12419.18359375,
  "fd_mean": 0.3047578487399915,
  "fd_num": 11,
  "fd_perc": 6.5476190476190474,
  "fwhm_avg": 2.9942803030303033,
  "fwhm_x": 3.014778181818182,
  "fwhm_y": 3.2223127272727274,
  "fwhm_z": 2.74575,
  "gcor": 0.0347941,
  "gsr_x": -0.005898762494325638,
  "gsr_y": 0.007362789008766413,
  "provenance": {
    "md5sum": "a509fc185d4be7952fe1d31b779bd076",
    "settings": {
      "fd_thres": 0.5,
      "hmc_fsl": false
    },
    "software": "mriqc",
    "version": "0.10.4"
  },
  "size_t": 168,
  "size_x": 64,
  "size_y": 64,
  "size_z": 30,
  "snr": 5.197762143690915,
  "spacing_tr": 2.0,
  "spacing_x": 3.4375,
  "spacing_y": 3.4375,
  "spacing_z": 4.0,
  "summary_bg_k": 103.43244741397999,
  "summary_bg_mad": 10.969491958618164,
  "summary_bg_mean": 43.849002838134766,
  "summary_bg_median": 25.761905670166016,
  "summary_bg_n": 70435.0,
  "summary_bg_p05": 0.2321428656578064,
  "summary_bg_p95": 123.48273925781263,
  "summary_bg_stdv": 75.67645263671875,
  "summary_fg_k": 2.9176928257648447,
  "summary_fg_mad": 407.67144775390625,
  "summary_fg_mean": 2826.8974609375,
  "summary_fg_median": 2936.7529296875,
  "summary_fg_n": 24806.0,
  "summary_fg_p05": 1637.9866943359375,
  "summary_fg_p95": 3501.8572998046875,
  "summary_fg_stdv": 564.991943359375,
  "tsnr": 61.92088317871094
}